{
  "aor": [
    0.0005174666666666667,
    0.0004962,
    0.0006462666666666667,
    0.0009198666666666666
  ],
  "aqi": [
    0.009334181666666668,
    0.010926159866666667,
    0.01718844166666667,
    0.029561066000000007
  ],
  "bids_meta": {
    "AcquisitionDuration": 265.44,
    "AcquisitionMatrixPE": 108,
    "AcquisitionNumber": 1,
    "AcquisitionTime": "16:50:4.357500",
    "B0FieldSource": [
      "pilot005pepolarbold",
      "pilot005phasediff"
    ],
    "BandwidthPerPixelPhaseEncode": 34.294,
    "BaseResolution": 108,
    "BodyPartExamined": "BRAIN",
    "CogAtlasID": "https://www.cognitiveatlas.org/task/id/trm_4c8a834779883/",
    "CoilCombinationMethod": "Sum of Squares",
    "CoilString": "HeadNeck_64",
    "ConversionSoftware": "dcm2niix",
    "ConversionSoftwareVersion": "v1.0.20220720",
    "DerivedVendorReportedEchoSpacing": 0.000539993,
    "DeviceSerialNumber": "67014",
    "DwellTime": 2e-6,
    "EchoNumber": 4,
    "EchoTime": 0.08088,
    "EchoTrainLength": 40,
    "EffectiveEchoSpacing": 0.000269996,
    "FileSize": 0.08196845278143883,
    "FileSizeUnits": "GB",
    "FlipAngle": 80,
    "HeudiconvVersion": "1.0.0",
    "ImageComments": "Unaliased MB4/PE4/LB",
    "ImageOrientationPatientDICOM": [
      0.998233,
      0.0495591,
      0.0327836,
      -0.0484724,
      0.998274,
      -0.0331517
    ],
    "ImageType": [
      "ORIGINAL",
      "PRIMARY",
      "FMRI",
      "NONE"
    ],
    "ImageTypeText": [
      "ORIGINAL",
      "PRIMARY",
      "M",
      "MB",
      "TE4",
      "DIS2D"
    ],
    "ImagingFrequency": 123.248,
    "InPlanePhaseEncodingDirectionDICOM": "COL",
    "InstitutionAddress": "Rue du Bugnon 21,Lausanne,District,CH,1011",
    "InstitutionName": "CHUV",
    "MRAcquisitionType": "2D",
    "MTState": false,
    "MagneticFieldStrength": 3,
    "Manufacturer": "Siemens",
    "ManufacturersModelName": "MAGNETOM Prisma Fit",
    "MatrixCoilMode": "GRAPPA",
    "Modality": "MR",
    "MultibandAccelerationFactor": 4,
    "NonlinearGradientCorrection": true,
    "NumberOfVolumes": 150,
    "ParallelAcquisitionTechnique": "GRAPPA",
    "ParallelReductionFactorInPlane": 2,
    "PartialFourier": 0.75,
    "PartialFourierDirection": "PHASE",
    "PatientPosition": "HFS",
    "PercentPhaseFOV": 100,
    "PercentSampling": 100,
    "PhaseEncodingDirection": "j-",
    "PhaseResolution": 1,
    "PixelBandwidth": 2315,
    "ProcedureStepDescription": "RESEARCH Oscar",
    "ProtocolName": "cmrr_mbep2d_bold_me4_sms4_fa80",
    "PulseSequenceDetails": "%CustomerSeq%\\cmrr_mbep2d_bold",
    "PulseSequenceName": "epfid2d4_108",
    "ReceiveCoilActiveElements": "HC1-6",
    "ReceiveCoilName": "HeadNeck_64",
    "ReconMatrixPE": 108,
    "RefLinesPE": 26,
    "RepetitionTime": 1.573,
    "ScanOptions": "PFP\\FS",
    "ScanningSequence": "EP",
    "SequenceVariant": "SK\\SS",
    "SeriesDescription": "cmrr_mbep2d_bold_me4_sms4_fa80",
    "SeriesNumber": 5,
    "ShimSetting": [
      8230,
      -5624,
      -6018,
      699,
      -79,
      -124,
      41,
      44
    ],
    "SliceThickness": 2,
    "SliceTiming": [
      0,
      0.3325,
      0.665,
      0.9975,
      1.33,
      0.11,
      0.4425,
      0.775,
      1.1075,
      1.44,
      0.22,
      0.5525,
      0.8875,
      1.22,
      0,
      0.3325,
      0.665,
      0.9975,
      1.33,
      0.11,
      0.4425,
      0.775,
      1.1075,
      1.44,
      0.22,
      0.5525,
      0.8875,
      1.22,
      0,
      0.3325,
      0.665,
      0.9975,
      1.33,
      0.11,
      0.4425,
      0.775,
      1.1075,
      1.44,
      0.22,
      0.5525,
      0.8875,
      1.22,
      0,
      0.3325,
      0.665,
      0.9975,
      1.33,
      0.11,
      0.4425,
      0.775,
      1.1075,
      1.44,
      0.22,
      0.5525,
      0.8875,
      1.22
    ],
    "SoftwareVersions": "syngo MR XA30",
    "SpacingBetweenSlices": 2,
    "StationName": "LRG10884",
    "TaskName": "rest",
    "TotalReadoutTime": 0.0288896,
    "TxRefAmp": 243.446,
    "WipMemBlock": "f139d944-8f4a-4b5a-8ade-e062df939652||Sequence: R017 nxva30a/master r/d34922cc2+; Jun 27 2022 13:20:16 by eja",
    "acquisition": "fa80",
    "dataset": "HCPh",
    "datatype": "func",
    "extension": ".nii.gz",
    "modality": "bold",
    "session": "pilot005",
    "subject": "001",
    "suffix": "bold",
    "task": "rest"
  },
  "dummy_trs": 0,
  "dvars_nstd": 106.74445752630875,
  "dvars_std": 0.9988089944966445,
  "dvars_vstd": 0.9895664187919464,
  "efc": 0.5204,
  "fber": 99.6056,
  "fd_mean": 0.0730070143279597,
  "fd_num": 0,
  "fd_perc": 0.0,
  "fwhm_avg": 2.502265,
  "fwhm_x": 2.333475,
  "fwhm_y": 2.84931,
  "fwhm_z": 2.32401,
  "gcor": [
    0.00373243,
    0.00539417,
    0.00492947,
    0.00383105
  ],
  "gsr_x": -0.00046077079605311155,
  "gsr_y": 0.019090602174401283,
  "provenance": {
    "md5sum": "8d92cdfa777eec02e286a67df171b70d",
    "settings": {
      "fd_thres": 0.2,
      "testing": false
    },
    "software": "mriqc",
    "version": "24.1.0.dev15+g9586c867.d20240825"
  },
  "size_t": 150,
  "size_x": 108,
  "size_y": 108,
  "size_z": 56,
  "snr": 1.3501020037684404,
  "spacing_tr": 1.5729999542236328,
  "spacing_x": 2.0,
  "spacing_y": 2.0,
  "spacing_z": 2.0,
  "summary_bg_k": 242.5055,
  "summary_bg_mad": 2.0756,
  "summary_bg_mean": 20.7141,
  "summary_bg_median": 19.0,
  "summary_bg_n": 487567.0,
  "summary_bg_p05": 0.0,
  "summary_bg_p95": 33.0,
  "summary_bg_stdv": 11.5893,
  "summary_fg_k": 6.2845,
  "summary_fg_mad": 114.1208,
  "summary_fg_mean": 204.4337,
  "summary_fg_median": 189.0,
  "summary_fg_n": 165617.0,
  "summary_fg_p05": 28.0,
  "summary_fg_p95": 453.0,
  "summary_fg_stdv": 139.989,
  "tsnr": 10.677367769181728
}
