{
  "NumberOfShells": 4,
  "bValues": [
    0.0,
    700.0,
    1000.0,
    2000.0,
    3000.0
  ],
  "bValuesEstimation": [
    700.0,
    1000.0,
    2000.0,
    3000.0
  ],
  "bdiffs_max": 0.4505,
  "bdiffs_mean": 0.1852,
  "bdiffs_median": 0.1568,
  "bdiffs_min": 0.0005,
  "bids_meta": {
    "AcquisitionMatrixPE": 148,
    "AcquisitionNumber": 1,
    "AcquisitionTime": "22:27:18.955000",
    "BandwidthPerPixelPhaseEncode": 14.077,
    "BaseResolution": 146,
    "BodyPartExamined": "BRAIN",
    "CoilCombinationMethod": "Adaptive Combine",
    "CoilString": "HeadNeck_64_CS",
    "ConversionSoftware": "dcm2niix",
    "ConversionSoftwareVersion": "v1.0.20220720",
    "Deltas": [
      0.0272,
      0.0469
    ],
    "DerivedVendorReportedEchoSpacing": 0.000959971,
    "DeviceSerialNumber": "202009",
    "DiffusionScheme": "Monopolar",
    "DwellTime": 2.1e-6,
    "EchoTime": 0.121,
    "EchoTrainLength": 64,
    "EffectiveEchoSpacing": 0.000479986,
    "FileSize": 0.32927205972373486,
    "FileSizeUnits": "GB",
    "FlipAngle": 90,
    "HeudiconvVersion": "1.1.6.post8+ga0a3635",
    "ImageOrientationPatientDICOM": [
      0.999797,
      0.0140547,
      -0.0144699,
      -0.018848,
      0.906479,
      -0.421831
    ],
    "ImageType": [
      "ORIGINAL",
      "PRIMARY",
      "DIFFUSION",
      "NONE",
      "ND",
      "NORM",
      "MFSPLIT"
    ],
    "ImageTypeText": [
      "ORIGINAL",
      "PRIMARY",
      "DIFFUSION",
      "NONE"
    ],
    "ImagingFrequency": 123.198,
    "InPlanePhaseEncodingDirectionDICOM": "ROW",
    "InstitutionAddress": "Rue du Bugnon 46,Lausanne,,CH,1011",
    "InstitutionName": "CHUV Lausanne",
    "MRAcquisitionType": "2D",
    "MagneticFieldStrength": 3,
    "Manufacturer": "Siemens",
    "ManufacturersModelName": "MAGNETOM Vida Fit",
    "Modality": "MR",
    "MultibandAccelerationFactor": 3,
    "NonlinearGradientCorrection": false,
    "NumberOfVolumes": 280,
    "ParallelReductionFactorInPlane": 2,
    "PartialFourier": 0.875,
    "PatientPosition": "HFS",
    "PercentPhaseFOV": 101.37,
    "PercentSampling": 100,
    "PhaseEncodingDirection": "i",
    "PhaseEncodingSteps": 148,
    "PhaseResolution": 1,
    "PixelBandwidth": 1631,
    "ProcedureStepDescription": "RESEARCH Oscar",
    "ProtocolName": "dwi-dwi_acq-highres_dir-RL",
    "PulseSequenceDetails": "%SiemensSeq%\\ep2d_diff",
    "ReceiveCoilActiveElements": "HC1-7;NC1",
    "ReceiveCoilName": "HeadNeck_64_CS",
    "ReconMatrixPE": 148,
    "RefLinesPE": 54,
    "RepetitionTime": 7,
    "SAR": 0.155135,
    "ScanOptions": "PFP\\FS\\PER",
    "ScanningSequence": "GR\\EP",
    "SequenceName": "*ep_b0",
    "SequenceVariant": "SK",
    "SeriesDescription": "dwi-dwi_acq-highres_dir-RL",
    "SeriesNumber": 18,
    "ShimSetting": [
      216,
      -1098,
      2709,
      625,
      345,
      -69,
      -138,
      25
    ],
    "SliceThickness": 1.6,
    "SliceTiming": [
      0,
      -0.001,
      -0.001,
      -0.001,
      -0.001,
      -0.001,
      -0.001,
      -0.001,
      -0.001,
      -0.001,
      -0.001,
      -0.001,
      -0.001,
      -0.001,
      -0.001,
      -0.001,
      -0.001,
      -0.001,
      -0.001,
      -0.001,
      -0.001,
      -0.001,
      -0.001,
      -0.001,
      -0.001,
      -0.001,
      -0.001,
      -0.001,
      -0.001,
      -0.001,
      -0.001,
      -0.001,
      -0.001,
      -0.001,
      -0.001,
      -0.001,
      -0.001,
      -0.001,
      -0.001,
      -0.001,
      -0.001,
      -0.001,
      -0.001,
      -0.001,
      -0.001,
      -0.001,
      -0.001,
      -0.001,
      -0.001,
      -0.001,
      -0.001,
      -0.001,
      -0.001,
      -0.001,
      -0.001,
      -0.001,
      -0.001,
      -0.001,
      -0.001,
      -0.001,
      -0.001,
      -0.001,
      -0.001,
      -0.001,
      -0.001,
      -0.001,
      -0.001,
      -0.001,
      -0.001,
      -0.001,
      -0.001,
      -0.001,
      -0.001,
      -0.001,
      -0.001,
      -0.001,
      -0.001,
      -0.001,
      -0.001,
      -0.001,
      -0.001,
      -0.001,
      -0.001,
      -0.001,
      -0.001,
      -0.001,
      -0.001
    ],
    "SoftwareVersions": "syngo MR XA50",
    "SpacingBetweenSlices": 1.6,
    "StationName": "AWP202009",
    "TotalReadoutTime": 0.0705579,
    "TxRefAmp": 315.939,
    "VendorReportedEchoSpacing": 0.00096,
    "acquisition": "highres",
    "dataset": "HCPh",
    "datatype": "dwi",
    "direction": "RL",
    "extension": ".nii.gz",
    "modality": "dwi",
    "session": "21201030",
    "subject": "001",
    "suffix": "dwi"
  },
  "efc_shell01": 0.3386,
  "efc_shell02": 0.431,
  "efc_shell03": 0.4283,
  "efc_shell04": 0.4447,
  "efc_shell05": 0.4567,
  "fa_degenerate": 0.0,
  "fa_nans": 0.0,
  "fber_shell01": 19110.6191,
  "fber_shell02": 7324.6211,
  "fber_shell03": 6768.3892,
  "fber_shell04": 2154.7002,
  "fber_shell05": 1125.1514,
  "fd_mean": 33.7849,
  "fd_num": 265,
  "fd_perc": 94.64285714285714,
  "ndc": 0.5165,
  "provenance": {
    "md5sum": "c866a3ec1355692184af2a6b23bae284",
    "settings": {
      "testing": false
    },
    "software": "mriqc",
    "version": "24.1.0.dev15+g9586c867.d20240825"
  },
  "sigma_cc": 63.7519,
  "sigma_pca": 14.1191,
  "sigma_piesno": 0.3301,
  "snr_cc_shell0": 3.05,
  "snr_cc_shell1_best": 3.02,
  "snr_cc_shell1_worst": 3.02,
  "snr_cc_shell2_best": 2.07,
  "snr_cc_shell2_worst": 1.31,
  "snr_cc_shell3_best": 1.51,
  "snr_cc_shell3_worst": 1.23,
  "snr_cc_shell4_best": 0.95,
  "snr_cc_shell4_worst": 0.86,
  "spikes_global": 34.18,
  "spikes_slice_i": 192.32,
  "spikes_slice_j": 213.02,
  "spikes_slice_k": 223.46,
  "summary_bg_k": 796.4793,
  "summary_bg_mad": 1.4826,
  "summary_bg_mean": 8.1522,
  "summary_bg_median": 1.0,
  "summary_bg_n": 1514071.0,
  "summary_bg_p05": 0.0,
  "summary_bg_p95": 31.0,
  "summary_bg_stdv": 41.7288,
  "summary_fg_k": 11.9073,
  "summary_fg_mad": 100.817,
  "summary_fg_mean": 299.3094,
  "summary_fg_median": 219.0,
  "summary_fg_n": 365825.0,
  "summary_fg_p05": 79.0,
  "summary_fg_p95": 830.0,
  "summary_fg_stdv": 255.5507,
  "summary_wm_k": 25.2118,
  "summary_wm_mad": 59.3041,
  "summary_wm_mean": 199.0959,
  "summary_wm_median": 190.0,
  "summary_wm_n": 127512.0,
  "summary_wm_p05": 61.0,
  "summary_wm_p95": 338.0,
  "summary_wm_stdv": 99.6895
}
