{
  "aor": [
    0.00032490666666666666,
    0.00032345333333333334,
    0.0004292
  ],
  "aqi": [
    0.009963996479999999,
    0.014350180386666665,
    0.025249258400000002
  ],
  "bids_meta": {
    "AcquisitionDuration": 1230.47,
    "AcquisitionMatrixPE": 96,
    "AcquisitionNumber": 1,
    "AcquisitionTime": "00:32:54.322500",
    "BandwidthPerPixelPhaseEncode": 32.051,
    "BaseResolution": 96,
    "BodyPartExamined": "BRAIN",
    "CogAtlasID": "https://www.cognitiveatlas.org/task/id/trm_4c8a834779883/",
    "CoilCombinationMethod": "Sum of Squares",
    "CoilString": "HeadNeck_64_CS",
    "ConversionSoftware": "dcm2niix",
    "ConversionSoftwareVersion": "v1.0.20220720",
    "DerivedVendorReportedEchoSpacing": 0.000650006,
    "DeviceSerialNumber": "176240",
    "DwellTime": 2.4e-06,
    "EchoNumber": 1,
    "EchoTime": 0.0132,
    "EchoTrainLength": 35,
    "EffectiveEchoSpacing": 0.000325003,
    "FileSize": 0.6311827804893255,
    "FileSizeUnits": "GB",
    "FlipAngle": 64,
    "HeudiconvVersion": "1.1.6.post8+ga0a3635",
    "ImageComments": "Unaliased MB4/PE4/LB",
    "ImageOrientationPatientDICOM": [
      0.999753,
      0.0201594,
      0.00935686,
      -0.0193708,
      0.996777,
      -0.0778455
    ],
    "ImageType": [
      "ORIGINAL",
      "PRIMARY",
      "FMRI",
      "NONE"
    ],
    "ImageTypeText": [
      "ORIGINAL",
      "PRIMARY",
      "M",
      "MB",
      "TE1",
      "DIS2D"
    ],
    "ImagingFrequency": 123.261,
    "InPlanePhaseEncodingDirectionDICOM": "COL",
    "InstitutionAddress": "Rue de Bugnon 46,Lausanne,,CH,1011",
    "InstitutionName": "Radiologie-CHUV",
    "MRAcquisitionType": "2D",
    "MTState": false,
    "MagneticFieldStrength": 3,
    "Manufacturer": "Siemens",
    "ManufacturersModelName": "MAGNETOM Vida",
    "MatrixCoilMode": "GRAPPA",
    "Modality": "MR",
    "MultibandAccelerationFactor": 4,
    "NonlinearGradientCorrection": true,
    "NumberOfVolumes": 750,
    "ParallelAcquisitionTechnique": "GRAPPA",
    "ParallelReductionFactorInPlane": 2,
    "PartialFourier": 0.75,
    "PartialFourierDirection": "PHASE",
    "PatientPosition": "HFS",
    "PercentPhaseFOV": 100,
    "PercentSampling": 100,
    "PhaseEncodingDirection": "j",
    "PhaseResolution": 1,
    "PixelBandwidth": 2170,
    "ProcedureStepDescription": "RESEARCH Oscar",
    "ProtocolName": "func-bold_task-rest_dir-PA__cmrr_me4_s",
    "PulseSequenceDetails": "%CustomerSeq%\\cmrr_mbep2d_bold",
    "PulseSequenceName": "epfid2d3_96",
    "ReceiveCoilActiveElements": "HC1-7",
    "ReceiveCoilName": "HeadNeck_64_CS",
    "ReconMatrixPE": 96,
    "RefLinesPE": 22,
    "RepetitionTime": 1.6,
    "ScanOptions": "PFP\\FS",
    "ScanningSequence": "EP",
    "SequenceVariant": "SK\\SS",
    "SeriesDescription": "func-bold_task-rest_dir-PA__cmrr_me4_s",
    "SeriesNumber": 14,
    "ShimSetting": [
      -8777,
      8500,
      9460,
      512,
      -177,
      40,
      72,
      137
    ],
    "SliceThickness": 2.2,
    "SliceTiming": [
      0,
      0.8425,
      0.105,
      0.9475,
      0.21,
      1.0525,
      0.315,
      1.1575,
      0.42,
      1.2625,
      0.5275,
      1.37,
      0.6325,
      1.475,
      0.7375,
      0,
      0.8425,
      0.105,
      0.9475,
      0.21,
      1.0525,
      0.315,
      1.1575,
      0.42,
      1.2625,
      0.5275,
      1.37,
      0.6325,
      1.475,
      0.7375,
      0,
      0.8425,
      0.105,
      0.9475,
      0.21,
      1.0525,
      0.315,
      1.1575,
      0.42,
      1.2625,
      0.5275,
      1.37,
      0.6325,
      1.475,
      0.7375,
      0,
      0.8425,
      0.105,
      0.9475,
      0.21,
      1.0525,
      0.315,
      1.1575,
      0.42,
      1.2625,
      0.5275,
      1.37,
      0.6325,
      1.475,
      0.7375
    ],
    "SoftwareVersions": "syngo MR XA50",
    "SpacingBetweenSlices": 2.2,
    "StationName": "LRG08892",
    "TaskName": "rest",
    "TotalReadoutTime": 0.0308753,
    "TxRefAmp": 323.046,
    "WipMemBlock": "d8f2577f-6198-4e97-bac6-abff35489ef3||Sequence: R017 nxva50a/main r/da4fca61d; Oct  3 2023 08:23:56 by eja",
    "dataset": "HCPh",
    "datatype": "func",
    "direction": "PA",
    "extension": ".nii.gz",
    "modality": "bold",
    "part": "mag",
    "session": "20103034",
    "subject": "001",
    "suffix": "bold",
    "task": "rest"
  },
  "dummy_trs": 0,
  "dvars_nstd": 40.434626142576796,
  "dvars_std": 1.0032116620560743,
  "dvars_vstd": 0.9866492456208276,
  "efc": 0.6014,
  "fber": 238.8207,
  "fd_mean": 0.09635338612236562,
  "fd_num": 29,
  "fd_perc": 3.8666666666666667,
  "fwhm_avg": 3.2201854470640545,
  "fwhm_x": 2.966063255647054,
  "fwhm_y": 3.339052249181423,
  "fwhm_z": 3.3554408363636874,
  "gcor": [
    0.0301337,
    0.0167462,
    0.010359
  ],
  "gsr_x": -0.01460073422640562,
  "gsr_y": 0.09677743166685104,
  "provenance": {
    "md5sum": "86e623b3f46c73f2451bf289cfbcd468",
    "settings": {
      "fd_thres": 0.2,
      "testing": false
    },
    "software": "mriqc",
    "version": "24.0.1"
  },
  "size_t": 750,
  "size_x": 96,
  "size_y": 96,
  "size_z": 60,
  "snr": 2.5186021189928853,
  "spacing_tr": 1.600000023841858,
  "spacing_x": 2.197920083999634,
  "spacing_y": 2.197920083999634,
  "spacing_z": 2.200000047683716,
  "summary_bg_k": 12.7105,
  "summary_bg_mad": 206.7855,
  "summary_bg_mean": 1202.2212,
  "summary_bg_median": 463.0,
  "summary_bg_n": 416295.0,
  "summary_bg_p05": 0.0,
  "summary_bg_p95": 5485.0,
  "summary_bg_stdv": 1884.3066,
  "summary_fg_k": 1.4774,
  "summary_fg_mad": 2489.0879,
  "summary_fg_mean": 7563.6934,
  "summary_fg_median": 7153.0,
  "summary_fg_n": 136665.0,
  "summary_fg_p05": 3806.0,
  "summary_fg_p95": 12725.0,
  "summary_fg_stdv": 2840.0571,
  "tsnr": 30.908556551788934
}