{
  "NumberOfShells": 4,
  "bValues": [
    0.0,
    700.0,
    1000.0,
    2000.0,
    3000.0
  ],
  "bValuesEstimation": [
    700.0,
    1000.0,
    2000.0,
    3000.0
  ],
  "bdiffs_max": 0.4062,
  "bdiffs_mean": 0.1659,
  "bdiffs_median": 0.1516,
  "bdiffs_min": 0.0002,
  "bids_meta": {
    "AcquisitionMatrixPE": 148,
    "AcquisitionNumber": 1,
    "AcquisitionTime": "22:41:39.440000",
    "BandwidthPerPixelPhaseEncode": 14.077,
    "BaseResolution": 146,
    "BodyPartExamined": "BRAIN",
    "CoilCombinationMethod": "Adaptive Combine",
    "CoilString": "HeadNeck_64_CS",
    "ConversionSoftware": "dcm2niix",
    "ConversionSoftwareVersion": "v1.0.20220720",
    "Deltas": [
      0.0233,
      0.0475
    ],
    "DerivedVendorReportedEchoSpacing": 0.000959971,
    "DeviceSerialNumber": "176240",
    "DiffusionScheme": "Monopolar",
    "DwellTime": 2.1e-06,
    "EchoTime": 0.121,
    "EchoTrainLength": 64,
    "EffectiveEchoSpacing": 0.000479986,
    "FileSize": 0.3436656817793846,
    "FileSizeUnits": "GB",
    "FlipAngle": 90,
    "HeudiconvVersion": "1.1.6.post8+ga0a3635",
    "ImageOrientationPatientDICOM": [
      0.999271,
      0.0282125,
      0.025703,
      -0.0163956,
      0.925487,
      -0.378424
    ],
    "ImageType": [
      "ORIGINAL",
      "PRIMARY",
      "DIFFUSION",
      "NONE",
      "ND",
      "NORM",
      "MFSPLIT"
    ],
    "ImageTypeText": [
      "ORIGINAL",
      "PRIMARY",
      "DIFFUSION",
      "NONE"
    ],
    "ImagingFrequency": 123.261,
    "InPlanePhaseEncodingDirectionDICOM": "COL",
    "InstitutionAddress": "Rue de Bugnon 46,Lausanne,,CH,1011",
    "InstitutionName": "Radiologie-CHUV",
    "MRAcquisitionType": "2D",
    "MagneticFieldStrength": 3,
    "Manufacturer": "Siemens",
    "ManufacturersModelName": "MAGNETOM Vida",
    "Modality": "MR",
    "MultibandAccelerationFactor": 3,
    "NonlinearGradientCorrection": false,
    "NumberOfVolumes": 280,
    "ParallelReductionFactorInPlane": 2,
    "PartialFourier": 0.875,
    "PatientPosition": "HFS",
    "PercentPhaseFOV": 101.37,
    "PercentSampling": 100,
    "PhaseEncodingDirection": "j",
    "PhaseEncodingSteps": 148,
    "PhaseResolution": 1,
    "PixelBandwidth": 1631,
    "ProcedureStepDescription": "RESEARCH Oscar",
    "ProtocolName": "dwi-dwi_acq-highres_dir-PA",
    "PulseSequenceDetails": "%SiemensSeq%\\ep2d_diff",
    "ReceiveCoilActiveElements": "HC1-7;NC1",
    "ReceiveCoilName": "HeadNeck_64_CS",
    "ReconMatrixPE": 148,
    "RefLinesPE": 54,
    "RepetitionTime": 7,
    "SAR": 0.173313,
    "ScanOptions": "PFP\\FS\\PER",
    "ScanningSequence": "GR\\EP",
    "SequenceName": "*ep_b0",
    "SequenceVariant": "SK",
    "SeriesDescription": "dwi-dwi_acq-highres_dir-PA",
    "SeriesNumber": 18,
    "ShimSetting": [
      -8773,
      8488,
      9473,
      615,
      -190,
      -47,
      7,
      109
    ],
    "SliceThickness": 1.6,
    "SliceTiming": [
      0,
      -0.001,
      -0.001,
      -0.001,
      -0.001,
      -0.001,
      -0.001,
      -0.001,
      -0.001,
      -0.001,
      -0.001,
      -0.001,
      -0.001,
      -0.001,
      -0.001,
      -0.001,
      -0.001,
      -0.001,
      -0.001,
      -0.001,
      -0.001,
      -0.001,
      -0.001,
      -0.001,
      -0.001,
      -0.001,
      -0.001,
      -0.001,
      -0.001,
      -0.001,
      -0.001,
      -0.001,
      -0.001,
      -0.001,
      -0.001,
      -0.001,
      -0.001,
      -0.001,
      -0.001,
      -0.001,
      -0.001,
      -0.001,
      -0.001,
      -0.001,
      -0.001,
      -0.001,
      -0.001,
      -0.001,
      -0.001,
      -0.001,
      -0.001,
      -0.001,
      -0.001,
      -0.001,
      -0.001,
      -0.001,
      -0.001,
      -0.001,
      -0.001,
      -0.001,
      -0.001,
      -0.001,
      -0.001,
      -0.001,
      -0.001,
      -0.001,
      -0.001,
      -0.001,
      -0.001,
      -0.001,
      -0.001,
      -0.001,
      -0.001,
      -0.001,
      -0.001,
      -0.001,
      -0.001,
      -0.001,
      -0.001,
      -0.001,
      -0.001,
      -0.001,
      -0.001,
      -0.001,
      -0.001,
      -0.001,
      -0.001
    ],
    "SoftwareVersions": "syngo MR XA50",
    "SpacingBetweenSlices": 1.6,
    "StationName": "LRG08892",
    "TotalReadoutTime": 0.0705579,
    "TxRefAmp": 322.742,
    "VendorReportedEchoSpacing": 0.00096,
    "acquisition": "highres",
    "dataset": "HCPh",
    "datatype": "dwi",
    "direction": "PA",
    "extension": ".nii.gz",
    "modality": "dwi",
    "session": "20302034",
    "subject": "001",
    "suffix": "dwi"
  },
  "efc_shell01": 0.3427,
  "efc_shell02": 0.4431,
  "efc_shell03": 0.442,
  "efc_shell04": 0.4611,
  "efc_shell05": 0.4755,
  "fa_degenerate": 0.0,
  "fa_nans": 0.0,
  "fber_shell01": 13160.4619,
  "fber_shell02": 4468.5278,
  "fber_shell03": 3833.7471,
  "fber_shell04": 1263.2994,
  "fber_shell05": 741.5989,
  "fd_mean": 32.4677,
  "fd_num": 275,
  "fd_perc": 98.21428571428571,
  "ndc": 0.5982,
  "provenance": {
    "md5sum": "78595bfda61f2b93f9e386d3593373ee",
    "settings": {
      "testing": false
    },
    "software": "mriqc",
    "version": "24.0.1"
  },
  "sigma_cc": 56.3389,
  "sigma_pca": 14.7301,
  "sigma_piesno": 0.3301,
  "snr_cc_shell0": 3.34,
  "snr_cc_shell1_best": 3.38,
  "snr_cc_shell1_worst": 3.38,
  "snr_cc_shell2_best": 2.23,
  "snr_cc_shell2_worst": 1.42,
  "snr_cc_shell3_best": 1.71,
  "snr_cc_shell3_worst": 1.51,
  "snr_cc_shell4_best": 0.94,
  "snr_cc_shell4_worst": 0.98,
  "spikes_global": 34.54,
  "spikes_slice_i": 203.04,
  "spikes_slice_j": 188.1,
  "spikes_slice_k": 227.43,
  "summary_bg_k": 1763.5771,
  "summary_bg_mad": 1.4826,
  "summary_bg_mean": 9.4493,
  "summary_bg_median": 1.0,
  "summary_bg_n": 1506214.0,
  "summary_bg_p05": 0.0,
  "summary_bg_p95": 33.0,
  "summary_bg_stdv": 61.4107,
  "summary_fg_k": 14.6543,
  "summary_fg_mad": 94.8865,
  "summary_fg_mean": 292.2906,
  "summary_fg_median": 214.0,
  "summary_fg_n": 373682.0,
  "summary_fg_p05": 80.0,
  "summary_fg_p95": 799.0,
  "summary_fg_stdv": 246.3661,
  "summary_wm_k": 40.1278,
  "summary_wm_mad": 51.8911,
  "summary_wm_mean": 196.1817,
  "summary_wm_median": 185.0,
  "summary_wm_n": 126961.0,
  "summary_wm_p05": 66.0,
  "summary_wm_p95": 328.0,
  "summary_wm_stdv": 99.7622
}