{
  "bids_meta": {
    "AcquisitionMatrixPE": 216,
    "AcquisitionNumber": 1,
    "AcquisitionTime": "19:44:23.920000",
    "BaseResolution": 256,
    "BodyPartExamined": "BRAIN",
    "CoilCombinationMethod": "Adaptive Combine",
    "CoilString": "HeadNeck_64_CS",
    "ConversionSoftware": "dcm2niix",
    "ConversionSoftwareVersion": "v1.0.20220720",
    "DeviceSerialNumber": "176240",
    "DwellTime": 7.5e-6,
    "EchoTime": 0.00246,
    "FileSize": 0.009001683443784714,
    "FileSizeUnits": "GB",
    "FlipAngle": 8,
    "HeudiconvVersion": "1.1.6.post8+ga0a3635",
    "ImageOrientationPatientDICOM": [
      0.996557,
      -0.0344594,
      0.0754039,
      0.0370646,
      0.998754,
      -0.0334283
    ],
    "ImageType": [
      "ORIGINAL",
      "PRIMARY",
      "M",
      "NORM",
      "DIS2D",
      "FM3",
      "2",
      "FIL",
      "MFSPLIT"
    ],
    "ImageTypeText": [
      "ORIGINAL",
      "PRIMARY",
      "M",
      "NONE"
    ],
    "ImagingFrequency": 123.259,
    "InPlanePhaseEncodingDirectionDICOM": "ROW",
    "InstitutionAddress": "Rue de Bugnon 46,Lausanne,,CH,1011",
    "InstitutionName": "Radiologie-CHUV",
    "InversionTime": 0.9,
    "MRAcquisitionType": "3D",
    "MagneticFieldStrength": 3,
    "Manufacturer": "Siemens",
    "ManufacturersModelName": "MAGNETOM Vida",
    "MatrixCoilMode": "GRAPPA",
    "Modality": "MR",
    "NonlinearGradientCorrection": true,
    "NumberOfVolumes": 1,
    "ParallelReductionFactorInPlane": 2,
    "PartialFourier": 1,
    "PatientPosition": "HFS",
    "PercentPhaseFOV": 84.375,
    "PercentSampling": 100,
    "PhaseEncodingSteps": 216,
    "PhaseResolution": 1,
    "PixelBandwidth": 260,
    "ProcedureStepDescription": "Research Oscar",
    "ProtocolName": "anat-T1w__t1_mprage_tra_p2_iso_siemens_axial",
    "PulseSequenceDetails": "%SiemensSeq%\\tfl",
    "ReceiveCoilActiveElements": "HC1-7",
    "ReceiveCoilName": "HeadNeck_64_CS",
    "ReconMatrixPE": 216,
    "RefLinesPE": 24,
    "RepetitionTime": 2.2,
    "SAR": 0.0432212,
    "ScanOptions": "CG\\RG\\PER",
    "ScanningSequence": "GR",
    "SequenceName": "*tfl3d1_240",
    "SequenceVariant": "SK",
    "SeriesDescription": "anat-T1w__t1_mprage_tra_p2_iso_siemens_axial",
    "SeriesNumber": 5,
    "ShimSetting": [
      -8800,
      8432,
      9126,
      155,
      -100,
      12,
      214,
      33
    ],
    "SliceThickness": 0.9,
    "SoftwareVersions": "syngo MR XA31",
    "StationName": "LRG08892",
    "TxRefAmp": 316.948,
    "acquisition": "undistorted",
    "dataset": "HCPh",
    "datatype": "anat",
    "extension": ".nii.gz",
    "modality": "T1w",
    "session": "pilot20003034",
    "subject": "001",
    "suffix": "T1w"
  },
  "cjv": 0.5929688212927757,
  "cnr": 1.651154775185662,
  "efc": 0.5123,
  "fber": -1.0,
  "fwhm_avg": 4.688057284296674,
  "fwhm_x": 4.375916981871507,
  "fwhm_y": 5.191521418562426,
  "fwhm_z": 4.496733452456089,
  "icvs_csf": 0.27970896087354197,
  "icvs_gm": 0.37471924670517154,
  "icvs_wm": 0.3455717924212865,
  "inu_med": 0.5555538535118103,
  "inu_range": 0.2636222094297409,
  "provenance": {
    "md5sum": "be8beb05f2c2dd339c19f722ee9b09e9",
    "settings": {
      "testing": false
    },
    "software": "mriqc",
    "version": "24.1.0.dev15+g9586c867.d20240825",
    "warnings": {
      "large_rot_frame": true,
      "small_air_mask": false
    }
  },
  "qi_1": 0.0,
  "qi_2": 0.0012286362831408367,
  "rpve_csf": 5.363563562378299,
  "rpve_gm": 5.268714294834569,
  "rpve_wm": 5.35177186675959,
  "size_x": 216,
  "size_y": 256,
  "size_z": 208,
  "snr_csf": 1.729947439834236,
  "snr_gm": 5.26859349702244,
  "snr_total": 5.988947543724618,
  "snr_wm": 10.968301694317178,
  "snrd_csf": 71.40109904397706,
  "snrd_gm": 146.14260038240917,
  "snrd_total": 139.53138750796685,
  "snrd_wm": 201.05046309751432,
  "spacing_x": 0.8984379768371582,
  "spacing_y": 0.8984379768371582,
  "spacing_z": 0.8999999761581421,
  "summary_bg_k": 7.5029,
  "summary_bg_mad": 0.0,
  "summary_bg_mean": 1.5594,
  "summary_bg_median": 0.0,
  "summary_bg_n": 4190354.0,
  "summary_bg_p05": 0.0,
  "summary_bg_p95": 7.0,
  "summary_bg_stdv": 3.138,
  "summary_csf_k": -0.7766,
  "summary_csf_mad": 162.5938,
  "summary_csf_mean": 357.987,
  "summary_csf_median": 342.0,
  "summary_csf_n": 590034.585665917,
  "summary_csf_p05": 53.0,
  "summary_csf_p95": 702.0,
  "summary_csf_stdv": 197.6937,
  "summary_gm_k": 0.2222,
  "summary_gm_mad": 91.3552,
  "summary_gm_mean": 701.2677,
  "summary_gm_median": 700.0,
  "summary_gm_n": 790454.8884677665,
  "summary_gm_p05": 481.0,
  "summary_gm_p95": 950.0,
  "summary_gm_stdv": 132.8627,
  "summary_wm_k": 0.1281,
  "summary_wm_mad": 64.5956,
  "summary_wm_mean": 939.4272,
  "summary_wm_median": 963.0,
  "summary_wm_n": 728969.5286212376,
  "summary_wm_p05": 764.0,
  "summary_wm_p95": 1046.0,
  "summary_wm_stdv": 87.7984,
  "tpm_overlap_csf": 0.18872211139997055,
  "tpm_overlap_gm": 0.538268610218542,
  "tpm_overlap_wm": 0.5535804986738974,
  "wm2max": 0.5261403836903522
}
