{
  "bids_meta": {
    "AcquisitionMatrixPE": 320,
    "AcquisitionNumber": 1,
    "AcquisitionTime": "20:08:9.872500",
    "BaseResolution": 320,
    "BodyPartExamined": "BRAIN",
    "CoilCombinationMethod": "Adaptive Combine",
    "CoilString": "HeadNeck_64_CS",
    "ConversionSoftware": "dcm2niix",
    "ConversionSoftwareVersion": "v1.0.20220720",
    "DeviceSerialNumber": "176240",
    "DwellTime": 2.2e-06,
    "EchoTime": 0.413,
    "EchoTrainLength": 248,
    "FileSize": 0.015916207805275917,
    "FileSizeUnits": "GB",
    "FlipAngle": 120,
    "HeudiconvVersion": "1.1.6.post8+ga0a3635",
    "ImageOrientationPatientDICOM": [
      0.0241325,
      0.990624,
      0.134467,
      0.0793356,
      0.132184,
      -0.988045
    ],
    "ImageType": [
      "ORIGINAL",
      "PRIMARY",
      "M",
      "ND",
      "NORM",
      "MFSPLIT"
    ],
    "ImageTypeText": [
      "ORIGINAL",
      "PRIMARY",
      "M",
      "NONE"
    ],
    "ImagingFrequency": 123.259,
    "InPlanePhaseEncodingDirectionDICOM": "ROW",
    "InstitutionAddress": "Rue de Bugnon 46,Lausanne,,CH,1011",
    "InstitutionName": "Radiologie-CHUV",
    "MRAcquisitionType": "3D",
    "MagneticFieldStrength": 3,
    "Manufacturer": "Siemens",
    "ManufacturersModelName": "MAGNETOM Vida",
    "MatrixCoilMode": "GRAPPA",
    "Modality": "MR",
    "NonlinearGradientCorrection": false,
    "NumberOfVolumes": 1,
    "ParallelReductionFactorInPlane": 3,
    "PartialFourier": 1,
    "PatientPosition": "HFS",
    "PercentPhaseFOV": 100,
    "PercentSampling": 100,
    "PhaseEncodingDirection": "i",
    "PhaseEncodingSteps": 320,
    "PhaseResolution": 1,
    "PixelBandwidth": 710,
    "ProcedureStepDescription": "Research Oscar",
    "ProtocolName": "anat-T2w__space",
    "PulseSequenceDetails": "%SiemensSeq%\\space",
    "ReceiveCoilActiveElements": "HC1-7;NC1,2",
    "ReceiveCoilName": "HeadNeck_64_CS",
    "ReconMatrixPE": 320,
    "RefLinesPE": 24,
    "RepetitionTime": 3.2,
    "SAR": 0.142615,
    "ScanOptions": "PFP\\CG\\RG\\PER",
    "ScanningSequence": "SE",
    "SequenceName": "*spcR_282ns",
    "SequenceVariant": "SP\\SK",
    "SeriesDescription": "anat-T2w__space_ND",
    "SeriesNumber": 16,
    "ShimSetting": [
      -8800,
      8432,
      9126,
      155,
      -100,
      12,
      214,
      33
    ],
    "SliceThickness": 0.8,
    "SoftwareVersions": "syngo MR XA31",
    "StationName": "LRG08892",
    "TxRefAmp": 314.844,
    "acquisition": "original",
    "dataset": "HCPh",
    "datatype": "anat",
    "extension": ".nii.gz",
    "modality": "T2w",
    "session": "pilot20003034",
    "subject": "001",
    "suffix": "T2w"
  },
  "cjv": 1.6417468750000002,
  "cnr": 0.5990224084019187,
  "efc": 0.4638,
  "fber": -1.0,
  "fwhm_avg": 2.7116800767393063,
  "fwhm_x": 2.6107528125362167,
  "fwhm_y": 2.965524955810235,
  "fwhm_z": 2.5587624618714684,
  "icvs_csf": 0.27482379216026487,
  "icvs_gm": 0.33589396901426183,
  "icvs_wm": 0.3892822388254732,
  "inu_med": 0.9638476967811584,
  "inu_range": 0.3071791350841523,
  "provenance": {
    "md5sum": "36fc995f8cb085d4b4f87e821d8599f5",
    "settings": {
      "testing": false
    },
    "software": "mriqc",
    "version": "24.0.1",
    "warnings": {
      "large_rot_frame": true,
      "small_air_mask": false
    }
  },
  "qi_1": 0.0,
  "qi_2": 0.002761247519696645,
  "rpve_csf": 8.143227372290722,
  "rpve_gm": 7.993725791741106,
  "rpve_wm": 8.031448436387974,
  "size_x": 240,
  "size_y": 320,
  "size_z": 320,
  "snr_csf": 1.5206848975874139,
  "snr_gm": 4.076917861297394,
  "snr_total": 4.064277935183926,
  "snr_wm": 6.595231046666971,
  "snrd_csf": 44.48064791464597,
  "snrd_gm": 35.94610638410123,
  "snrd_total": 36.805764253740726,
  "snrd_wm": 29.99053846247499,
  "spacing_x": 0.800769031047821,
  "spacing_y": 0.800000011920929,
  "spacing_z": 0.800000011920929,
  "summary_bg_k": 943.9187,
  "summary_bg_mad": 0.0,
  "summary_bg_mean": 1.761,
  "summary_bg_median": 0.0,
  "summary_bg_n": 8177843.0,
  "summary_bg_p05": 0.0,
  "summary_bg_p95": 0.0,
  "summary_bg_stdv": 24.6409,
  "summary_csf_k": -1.3033,
  "summary_csf_mad": 1751.6295,
  "summary_csf_mean": 1722.8115,
  "summary_csf_median": 1673.0,
  "summary_csf_n": 818459.0570658967,
  "summary_csf_p05": 86.0,
  "summary_csf_p95": 3590.0,
  "summary_csf_stdv": 1100.1615,
  "summary_gm_k": 24.8153,
  "summary_gm_mad": 226.0209,
  "summary_gm_mean": 1356.5798,
  "summary_gm_median": 1352.0,
  "summary_gm_n": 1000333.5555213355,
  "summary_gm_p05": 882.0,
  "summary_gm_p95": 1918.0,
  "summary_gm_stdv": 331.6229,
  "summary_wm_k": 104.3883,
  "summary_wm_mad": 141.7304,
  "summary_wm_mean": 1139.9006,
  "summary_wm_median": 1128.0,
  "summary_wm_n": 1159330.3899096118,
  "summary_wm_p05": 903.0,
  "summary_wm_p95": 1407.0,
  "summary_wm_stdv": 171.0326,
  "tpm_overlap_csf": 0.21312305254952194,
  "tpm_overlap_gm": 0.4912435396908347,
  "tpm_overlap_wm": 0.5159439889480502,
  "wm2max": 0.28437575890987044
}