{
  "bids_meta": {
    "AcquisitionMatrixPE": 320,
    "AcquisitionNumber": 1,
    "AcquisitionTime": "20:08:9.872500",
    "BaseResolution": 320,
    "BodyPartExamined": "BRAIN",
    "CoilCombinationMethod": "Adaptive Combine",
    "CoilString": "HeadNeck_64_CS",
    "ConversionSoftware": "dcm2niix",
    "ConversionSoftwareVersion": "v1.0.20220720",
    "DeviceSerialNumber": "176240",
    "DwellTime": 2.2e-6,
    "EchoTime": 0.413,
    "EchoTrainLength": 248,
    "FileSize": 0.014933253638446331,
    "FileSizeUnits": "GB",
    "FlipAngle": 120,
    "HeudiconvVersion": "1.1.6.post8+ga0a3635",
    "ImageOrientationPatientDICOM": [
      0.0241325,
      0.990624,
      0.134467,
      0.0793356,
      0.132184,
      -0.988045
    ],
    "ImageType": [
      "ORIGINAL",
      "PRIMARY",
      "M",
      "NORM",
      "DIS3D",
      "MFSPLIT"
    ],
    "ImageTypeText": [
      "ORIGINAL",
      "PRIMARY",
      "M",
      "NONE"
    ],
    "ImagingFrequency": 123.259,
    "InPlanePhaseEncodingDirectionDICOM": "ROW",
    "InstitutionAddress": "Rue de Bugnon 46,Lausanne,,CH,1011",
    "InstitutionName": "Radiologie-CHUV",
    "MRAcquisitionType": "3D",
    "MagneticFieldStrength": 3,
    "Manufacturer": "Siemens",
    "ManufacturersModelName": "MAGNETOM Vida",
    "MatrixCoilMode": "GRAPPA",
    "Modality": "MR",
    "NonlinearGradientCorrection": true,
    "NumberOfVolumes": 1,
    "ParallelReductionFactorInPlane": 3,
    "PartialFourier": 1,
    "PatientPosition": "HFS",
    "PercentPhaseFOV": 100,
    "PercentSampling": 100,
    "PhaseEncodingDirection": "i",
    "PhaseEncodingSteps": 320,
    "PhaseResolution": 1,
    "PixelBandwidth": 710,
    "ProcedureStepDescription": "Research Oscar",
    "ProtocolName": "anat-T2w__space",
    "PulseSequenceDetails": "%SiemensSeq%\\space",
    "ReceiveCoilActiveElements": "HC1-7;NC1,2",
    "ReceiveCoilName": "HeadNeck_64_CS",
    "ReconMatrixPE": 320,
    "RefLinesPE": 24,
    "RepetitionTime": 3.2,
    "SAR": 0.142615,
    "ScanOptions": "PFP\\CG\\RG\\PER",
    "ScanningSequence": "SE",
    "SequenceName": "*spcR_282ns",
    "SequenceVariant": "SP\\SK",
    "SeriesDescription": "anat-T2w__space",
    "SeriesNumber": 17,
    "ShimSetting": [
      -8800,
      8432,
      9126,
      155,
      -100,
      12,
      214,
      33
    ],
    "SliceThickness": 0.8,
    "SoftwareVersions": "syngo MR XA31",
    "StationName": "LRG08892",
    "TxRefAmp": 314.844,
    "acquisition": "undistorted",
    "dataset": "HCPh",
    "datatype": "anat",
    "extension": ".nii.gz",
    "modality": "T2w",
    "session": "pilot20003034",
    "subject": "001",
    "suffix": "T2w"
  },
  "cjv": 1.5167234126984126,
  "cnr": 0.6210375020081291,
  "efc": 0.4739,
  "fber": -1.0,
  "fwhm_avg": 2.7182738863802762,
  "fwhm_x": 2.6300717414660197,
  "fwhm_y": 2.949662456046604,
  "fwhm_z": 2.5750874616282067,
  "icvs_csf": 0.2771541137874704,
  "icvs_gm": 0.33193289755970706,
  "icvs_wm": 0.3909129886528226,
  "inu_med": 1.0183982253074646,
  "inu_range": 0.3484412670135496,
  "provenance": {
    "md5sum": "3c9342d80b7a949c38869d87f07f32e5",
    "settings": {
      "testing": false
    },
    "software": "mriqc",
    "version": "24.1.0.dev15+g9586c867.d20240825",
    "warnings": {
      "large_rot_frame": true,
      "small_air_mask": false
    }
  },
  "qi_1": 0.0,
  "qi_2": 0.0022595989948951804,
  "rpve_csf": 8.229908130993545,
  "rpve_gm": 8.091756292057992,
  "rpve_wm": 8.134366410423544,
  "size_x": 240,
  "size_y": 320,
  "size_z": 320,
  "snr_csf": 1.4878701342734644,
  "snr_gm": 3.7220834770667666,
  "snr_total": 3.929047231485296,
  "snr_wm": 6.577188083115659,
  "snrd_csf": 41.0936686810469,
  "snrd_gm": 32.12350786038409,
  "snrd_total": 33.14106537058144,
  "snrd_wm": 26.206019570313337,
  "spacing_x": 0.800769031047821,
  "spacing_y": 0.800000011920929,
  "spacing_z": 0.800000011920929,
  "summary_bg_k": 844.0346,
  "summary_bg_mad": 0.0,
  "summary_bg_mean": 1.8049,
  "summary_bg_median": 0.0,
  "summary_bg_n": 8243739.0,
  "summary_bg_p05": 0.0,
  "summary_bg_p95": 0.0,
  "summary_bg_stdv": 27.8994,
  "summary_csf_k": -1.3103,
  "summary_csf_mad": 1888.522,
  "summary_csf_mean": 1794.8603,
  "summary_csf_median": 1750.0,
  "summary_csf_n": 816607.4360079607,
  "summary_csf_p05": 14.0,
  "summary_csf_p95": 3760.0,
  "summary_csf_stdv": 1176.1772,
  "summary_gm_k": 18.2089,
  "summary_gm_mad": 244.1513,
  "summary_gm_mean": 1375.7783,
  "summary_gm_median": 1368.0,
  "summary_gm_n": 978007.754237345,
  "summary_gm_p05": 849.0,
  "summary_gm_p95": 2007.0,
  "summary_gm_stdv": 367.5359,
  "summary_wm_k": 106.6601,
  "summary_wm_mad": 138.063,
  "summary_wm_mean": 1130.0966,
  "summary_wm_median": 1116.0,
  "summary_wm_n": 1151786.8127722589,
  "summary_wm_p05": 895.0,
  "summary_wm_p95": 1400.0,
  "summary_wm_stdv": 169.6773,
  "tpm_overlap_csf": 0.2102496288505823,
  "tpm_overlap_gm": 0.48024838951827126,
  "tpm_overlap_wm": 0.5121239058551699,
  "wm2max": 0.27520528741891814
}
