{
  "bids_meta": {
    "AcquisitionMatrixPE": 320,
    "AcquisitionNumber": 1,
    "AcquisitionTime": "12:31:17.270000",
    "BaseResolution": 320,
    "BodyPartExamined": "BRAIN",
    "CoilCombinationMethod": "Adaptive Combine",
    "CoilString": "HeadNeck_64_CS",
    "ConversionSoftware": "dcm2niix",
    "ConversionSoftwareVersion": "v1.0.20220720",
    "DeviceSerialNumber": "202009",
    "DwellTime": 2.2e-6,
    "EchoTime": 0.414,
    "EchoTrainLength": 250,
    "FileSize": 0.015100184828042984,
    "FileSizeUnits": "GB",
    "FlipAngle": 120,
    "HeudiconvVersion": "1.1.6.post8+ga0a3635",
    "ImageOrientationPatientDICOM": [
      -0.0463782,
      0.989507,
      0.136838,
      0.0296484,
      0.138289,
      -0.989948
    ],
    "ImageType": [
      "ORIGINAL",
      "PRIMARY",
      "M",
      "ND",
      "NORM",
      "MFSPLIT"
    ],
    "ImageTypeText": [
      "ORIGINAL",
      "PRIMARY",
      "M",
      "NONE"
    ],
    "ImagingFrequency": 123.198,
    "InPlanePhaseEncodingDirectionDICOM": "ROW",
    "InstitutionAddress": "Rue du Bugnon 46,Lausanne,,CH,1011",
    "InstitutionName": "CHUV Lausanne",
    "MRAcquisitionType": "3D",
    "MagneticFieldStrength": 3,
    "Manufacturer": "Siemens",
    "ManufacturersModelName": "MAGNETOM Vida Fit",
    "MatrixCoilMode": "GRAPPA",
    "Modality": "MR",
    "NonlinearGradientCorrection": false,
    "NumberOfVolumes": 1,
    "ParallelReductionFactorInPlane": 3,
    "PartialFourier": 1,
    "PatientPosition": "HFS",
    "PercentPhaseFOV": 100,
    "PercentSampling": 100,
    "PhaseEncodingDirection": "i",
    "PhaseEncodingSteps": 320,
    "PhaseResolution": 1,
    "PixelBandwidth": 710,
    "ProcedureStepDescription": "RESEARCH Oscar",
    "ProtocolName": "anat-T2w__space",
    "PulseSequenceDetails": "%SiemensSeq%\\space",
    "ReceiveCoilActiveElements": "HC1-7;NC1,2",
    "ReceiveCoilName": "HeadNeck_64_CS",
    "ReconMatrixPE": 320,
    "RefLinesPE": 24,
    "RepetitionTime": 3.2,
    "SAR": 0.147853,
    "ScanOptions": "PFP\\PER",
    "ScanningSequence": "SE",
    "SequenceName": "*spcR_282ns",
    "SequenceVariant": "SP\\SK",
    "SeriesDescription": "anat-T2w__space_ND",
    "SeriesNumber": 23,
    "ShimSetting": [
      232,
      -1112,
      2213,
      61,
      390,
      -73,
      60,
      -60
    ],
    "SliceThickness": 0.8,
    "SoftwareVersions": "syngo MR XA50",
    "StationName": "AWP202009",
    "TxRefAmp": 316.47,
    "acquisition": "original",
    "dataset": "HCPh",
    "datatype": "anat",
    "extension": ".nii.gz",
    "modality": "T2w",
    "session": "pilot20101030",
    "subject": "001",
    "suffix": "T2w"
  },
  "cjv": 1.6515831632653062,
  "cnr": 0.5947023749221996,
  "efc": 0.4646,
  "fber": -1.0,
  "fwhm_avg": 2.646388184959946,
  "fwhm_x": 2.526562462351286,
  "fwhm_y": 2.9012373702820806,
  "fwhm_z": 2.5113647222464706,
  "icvs_csf": 0.27658457645086976,
  "icvs_gm": 0.3434141720700098,
  "icvs_wm": 0.3800012514791204,
  "inu_med": 0.9888626635074615,
  "inu_range": 0.39157459139823914,
  "provenance": {
    "md5sum": "959cbf4916711ddd507c60748dad9fe6",
    "settings": {
      "testing": false
    },
    "software": "mriqc",
    "version": "24.1.0.dev15+g9586c867.d20240825",
    "warnings": {
      "large_rot_frame": true,
      "small_air_mask": false
    }
  },
  "qi_1": 0.0,
  "qi_2": 0.00331883637696655,
  "rpve_csf": 8.929921933360465,
  "rpve_gm": 8.765451280216217,
  "rpve_wm": 8.797259823011654,
  "size_x": 240,
  "size_y": 320,
  "size_z": 320,
  "snr_csf": 1.4670240266753745,
  "snr_gm": 4.758948407778695,
  "snr_total": 4.339163999467643,
  "snr_wm": 6.791519563948858,
  "snrd_csf": 28.800880831719,
  "snrd_gm": 24.32801676315658,
  "snrd_total": 24.631056334197396,
  "snrd_wm": 20.764271407716603,
  "spacing_x": 0.800000011920929,
  "spacing_y": 0.8343750238418579,
  "spacing_z": 0.8343750238418579,
  "summary_bg_k": 531.9322,
  "summary_bg_mad": 0.0,
  "summary_bg_mean": 2.7049,
  "summary_bg_median": 0.0,
  "summary_bg_n": 8838981.0,
  "summary_bg_p05": 0.0,
  "summary_bg_p95": 0.0,
  "summary_bg_stdv": 36.0314,
  "summary_csf_k": -1.351,
  "summary_csf_mad": 1715.1893,
  "summary_csf_mean": 1648.3454,
  "summary_csf_median": 1584.0,
  "summary_csf_n": 752759.7750058295,
  "summary_csf_p05": 86.0,
  "summary_csf_p95": 3465.0,
  "summary_csf_stdv": 1079.7362,
  "summary_gm_k": 48.5631,
  "summary_gm_mad": 190.7409,
  "summary_gm_mean": 1337.9546,
  "summary_gm_median": 1338.0,
  "summary_gm_n": 934644.9401423986,
  "summary_gm_p05": 920.0,
  "summary_gm_p95": 1793.0,
  "summary_gm_stdv": 281.1544,
  "summary_wm_k": 107.6131,
  "summary_wm_mad": 132.9694,
  "summary_wm_mean": 1152.5496,
  "summary_wm_median": 1142.0,
  "summary_wm_n": 1034221.2867974866,
  "summary_wm_p05": 915.0,
  "summary_wm_p95": 1413.0,
  "summary_wm_stdv": 168.1508,
  "tpm_overlap_csf": 0.20796981852035523,
  "tpm_overlap_gm": 0.5072528767498192,
  "tpm_overlap_wm": 0.5229029581348861,
  "wm2max": 0.2943494964351183
}
