{
  "bids_meta": {
    "AcquisitionMatrixPE": 216,
    "AcquisitionNumber": 1,
    "AcquisitionTime": "11:20:35.810000",
    "BaseResolution": 256,
    "BodyPartExamined": "BRAIN",
    "CoilCombinationMethod": "Adaptive Combine",
    "CoilString": "HeadNeck_64_CS",
    "ConversionSoftware": "dcm2niix",
    "ConversionSoftwareVersion": "v1.0.20220720",
    "DeviceSerialNumber": "202009",
    "DwellTime": 7.5e-06,
    "EchoTime": 0.00246,
    "FileSize": 0.00936705432832241,
    "FileSizeUnits": "GB",
    "FlipAngle": 8,
    "HeudiconvVersion": "1.1.6.post8+ga0a3635",
    "ImageOrientationPatientDICOM": [
      0.998481,
      0.0419151,
      0.0357531,
      -0.0408014,
      0.998676,
      -0.0313314
    ],
    "ImageType": [
      "ORIGINAL",
      "PRIMARY",
      "M",
      "NORM",
      "DIS2D",
      "FM3",
      "2",
      "FIL",
      "MFSPLIT"
    ],
    "ImageTypeText": [
      "ORIGINAL",
      "PRIMARY",
      "M",
      "NONE"
    ],
    "ImagingFrequency": 123.198,
    "InPlanePhaseEncodingDirectionDICOM": "ROW",
    "InstitutionAddress": "Rue du Bugnon 46,Lausanne,,CH,1011",
    "InstitutionName": "CHUV Lausanne",
    "InversionTime": 0.9,
    "MRAcquisitionType": "3D",
    "MagneticFieldStrength": 3,
    "Manufacturer": "Siemens",
    "ManufacturersModelName": "MAGNETOM Vida Fit",
    "MatrixCoilMode": "GRAPPA",
    "Modality": "MR",
    "NonlinearGradientCorrection": true,
    "NumberOfVolumes": 1,
    "ParallelReductionFactorInPlane": 2,
    "PartialFourier": 1,
    "PatientPosition": "HFS",
    "PercentPhaseFOV": 84.375,
    "PercentSampling": 100,
    "PhaseEncodingSteps": 216,
    "PhaseResolution": 1,
    "PixelBandwidth": 260,
    "ProcedureStepDescription": "RESEARCH Oscar",
    "ProtocolName": "anat-T1w__t1_mprage_tra_p2_iso_siemens_axial",
    "PulseSequenceDetails": "%SiemensSeq%\\tfl",
    "ReceiveCoilActiveElements": "HC1-7;NC1",
    "ReceiveCoilName": "HeadNeck_64_CS",
    "ReconMatrixPE": 216,
    "RefLinesPE": 24,
    "RepetitionTime": 2.2,
    "SAR": 0.0497053,
    "ScanOptions": "PER",
    "ScanningSequence": "GR",
    "SequenceName": "*tfl3d1_240",
    "SequenceVariant": "SK",
    "SeriesDescription": "anat-T1w__t1_mprage_tra_p2_iso_siemens_axial",
    "SeriesNumber": 5,
    "ShimSetting": [
      232,
      -1112,
      2213,
      61,
      390,
      -73,
      60,
      -60
    ],
    "SliceThickness": 0.9,
    "SoftwareVersions": "syngo MR XA50",
    "StationName": "AWP202009",
    "TxRefAmp": 316.47,
    "acquisition": "undistorted",
    "dataset": "HCPh",
    "datatype": "anat",
    "extension": ".nii.gz",
    "modality": "T1w",
    "session": "pilot20101030",
    "subject": "001",
    "suffix": "T1w"
  },
  "cjv": 0.595906374501992,
  "cnr": 1.5918610205833434,
  "efc": 0.5248,
  "fber": 17919.2769,
  "fwhm_avg": 4.739378870699281,
  "fwhm_x": 4.3898634092521815,
  "fwhm_y": 5.278906415661932,
  "fwhm_z": 4.54936678718373,
  "icvs_csf": 0.27355835259509464,
  "icvs_gm": 0.37733859524356983,
  "icvs_wm": 0.3491030521613356,
  "inu_med": 0.5135867297649384,
  "inu_range": 0.26172575950622556,
  "provenance": {
    "md5sum": "ce06fb08edae7d6a5fbbb783b874f216",
    "settings": {
      "testing": false
    },
    "software": "mriqc",
    "version": "24.0.1",
    "warnings": {
      "large_rot_frame": true,
      "small_air_mask": false
    }
  },
  "qi_1": 0.0,
  "qi_2": 0.0016236865538098316,
  "rpve_csf": 5.3638512006719035,
  "rpve_gm": 5.263316381587594,
  "rpve_wm": 5.344678619366962,
  "size_x": 216,
  "size_y": 256,
  "size_z": 208,
  "snr_csf": 1.6666115356788729,
  "snr_gm": 5.6181166530061475,
  "snr_total": 5.998789934503237,
  "snr_wm": 10.711641614824691,
  "snrd_csf": 7.527298248550113,
  "snrd_gm": 14.928087282838879,
  "snrd_total": 14.225258314720287,
  "snrd_wm": 20.220389412771873,
  "spacing_x": 0.8984379768371582,
  "spacing_y": 0.8984379768371582,
  "spacing_z": 0.8999999761581421,
  "summary_bg_k": 776.1611,
  "summary_bg_mad": 0.0,
  "summary_bg_mean": 3.354,
  "summary_bg_median": 0.0,
  "summary_bg_n": 3678792.0,
  "summary_bg_p05": 0.0,
  "summary_bg_p95": 11.0,
  "summary_bg_stdv": 31.0714,
  "summary_csf_k": 1.4881,
  "summary_csf_mad": 170.8346,
  "summary_csf_mean": 371.7928,
  "summary_csf_median": 357.0,
  "summary_csf_n": 576852.498811588,
  "summary_csf_p05": 39.0,
  "summary_csf_p95": 729.0,
  "summary_csf_stdv": 214.2069,
  "summary_gm_k": -0.3582,
  "summary_gm_mad": 84.3054,
  "summary_gm_mean": 711.8977,
  "summary_gm_median": 708.0,
  "summary_gm_n": 795693.8967478297,
  "summary_gm_p05": 505.0,
  "summary_gm_p95": 950.0,
  "summary_gm_stdv": 126.0208,
  "summary_wm_k": 0.0901,
  "summary_wm_mad": 65.2671,
  "summary_wm_mean": 935.0539,
  "summary_wm_median": 959.0,
  "summary_wm_n": 736153.6069786585,
  "summary_wm_p05": 757.0,
  "summary_wm_p95": 1044.0,
  "summary_wm_stdv": 89.5287,
  "tpm_overlap_csf": 0.1988579325744712,
  "tpm_overlap_gm": 0.5480756028092977,
  "tpm_overlap_wm": 0.5569702652893077,
  "wm2max": 0.47914290229975953
}