{
  "bids_meta": {
    "AcquisitionMatrixPE": 320,
    "AcquisitionNumber": 1,
    "AcquisitionTime": "12:31:17.270000",
    "BaseResolution": 320,
    "BodyPartExamined": "BRAIN",
    "CoilCombinationMethod": "Adaptive Combine",
    "CoilString": "HeadNeck_64_CS",
    "ConversionSoftware": "dcm2niix",
    "ConversionSoftwareVersion": "v1.0.20220720",
    "DeviceSerialNumber": "202009",
    "DwellTime": 2.2e-06,
    "EchoTime": 0.414,
    "EchoTrainLength": 250,
    "FileSize": 0.01412904728204012,
    "FileSizeUnits": "GB",
    "FlipAngle": 120,
    "HeudiconvVersion": "1.1.6.post8+ga0a3635",
    "ImageOrientationPatientDICOM": [
      -0.0463782,
      0.989507,
      0.136838,
      0.0296484,
      0.138289,
      -0.989948
    ],
    "ImageType": [
      "ORIGINAL",
      "PRIMARY",
      "M",
      "NORM",
      "DIS3D",
      "MFSPLIT"
    ],
    "ImageTypeText": [
      "ORIGINAL",
      "PRIMARY",
      "M",
      "NONE"
    ],
    "ImagingFrequency": 123.198,
    "InPlanePhaseEncodingDirectionDICOM": "ROW",
    "InstitutionAddress": "Rue du Bugnon 46,Lausanne,,CH,1011",
    "InstitutionName": "CHUV Lausanne",
    "MRAcquisitionType": "3D",
    "MagneticFieldStrength": 3,
    "Manufacturer": "Siemens",
    "ManufacturersModelName": "MAGNETOM Vida Fit",
    "MatrixCoilMode": "GRAPPA",
    "Modality": "MR",
    "NonlinearGradientCorrection": true,
    "NumberOfVolumes": 1,
    "ParallelReductionFactorInPlane": 3,
    "PartialFourier": 1,
    "PatientPosition": "HFS",
    "PercentPhaseFOV": 100,
    "PercentSampling": 100,
    "PhaseEncodingDirection": "i",
    "PhaseEncodingSteps": 320,
    "PhaseResolution": 1,
    "PixelBandwidth": 710,
    "ProcedureStepDescription": "RESEARCH Oscar",
    "ProtocolName": "anat-T2w__space",
    "PulseSequenceDetails": "%SiemensSeq%\\space",
    "ReceiveCoilActiveElements": "HC1-7;NC1,2",
    "ReceiveCoilName": "HeadNeck_64_CS",
    "ReconMatrixPE": 320,
    "RefLinesPE": 24,
    "RepetitionTime": 3.2,
    "SAR": 0.147853,
    "ScanOptions": "PFP\\PER",
    "ScanningSequence": "SE",
    "SequenceName": "*spcR_282ns",
    "SequenceVariant": "SP\\SK",
    "SeriesDescription": "anat-T2w__space",
    "SeriesNumber": 24,
    "ShimSetting": [
      232,
      -1112,
      2213,
      61,
      390,
      -73,
      60,
      -60
    ],
    "SliceThickness": 0.8,
    "SoftwareVersions": "syngo MR XA50",
    "StationName": "AWP202009",
    "TxRefAmp": 316.47,
    "acquisition": "undistorted",
    "dataset": "HCPh",
    "datatype": "anat",
    "extension": ".nii.gz",
    "modality": "T2w",
    "session": "pilot20101030",
    "subject": "001",
    "suffix": "T2w"
  },
  "cjv": 1.7937529126213592,
  "cnr": 0.5655780200582794,
  "efc": 0.4771,
  "fber": -1.0,
  "fwhm_avg": 2.6610559436987735,
  "fwhm_x": 2.5499874620022256,
  "fwhm_y": 2.9073736996947526,
  "fwhm_z": 2.5258066693993424,
  "icvs_csf": 0.2768758263101935,
  "icvs_gm": 0.33801070159199076,
  "icvs_wm": 0.38511347209781566,
  "inu_med": 1.040615975856781,
  "inu_range": 0.44453555941581724,
  "provenance": {
    "md5sum": "6008ef41bb9c01c84cd7f439f84b300a",
    "settings": {
      "testing": false
    },
    "software": "mriqc",
    "version": "24.0.1",
    "warnings": {
      "large_rot_frame": true,
      "small_air_mask": false
    }
  },
  "qi_1": 0.0,
  "qi_2": 0.0028691513401414423,
  "rpve_csf": 8.973712541222847,
  "rpve_gm": 8.817945348713643,
  "rpve_wm": 8.854389445084966,
  "size_x": 240,
  "size_y": 320,
  "size_z": 320,
  "snr_csf": 1.4207468177262599,
  "snr_gm": 4.190108675579115,
  "snr_total": 4.14524987926065,
  "snr_wm": 6.824894144476575,
  "snrd_csf": 29.15903424196647,
  "snrd_gm": 23.84773474434052,
  "snrd_total": 24.40247046964812,
  "snrd_wm": 20.20064242263737,
  "spacing_x": 0.800000011920929,
  "spacing_y": 0.8343750238418579,
  "spacing_z": 0.8343750238418579,
  "summary_bg_k": 526.8577,
  "summary_bg_mad": 0.0,
  "summary_bg_mean": 2.6368,
  "summary_bg_median": 0.0,
  "summary_bg_n": 8847191.0,
  "summary_bg_p05": 0.0,
  "summary_bg_p95": 0.0,
  "summary_bg_stdv": 37.0043,
  "summary_csf_k": -1.3664,
  "summary_csf_mad": 1855.7914,
  "summary_csf_mean": 1715.2545,
  "summary_csf_median": 1647.0,
  "summary_csf_n": 749644.0691885492,
  "summary_csf_p05": 0.0,
  "summary_csf_p95": 3618.0,
  "summary_csf_stdv": 1159.2487,
  "summary_gm_k": 28.6652,
  "summary_gm_mad": 237.3821,
  "summary_gm_mean": 1349.1733,
  "summary_gm_median": 1347.0,
  "summary_gm_n": 915167.3555163223,
  "summary_gm_p05": 875.0,
  "summary_gm_p95": 1875.0,
  "summary_gm_stdv": 321.4712,
  "summary_wm_k": 115.9103,
  "summary_wm_mad": 132.131,
  "summary_wm_mean": 1151.6824,
  "summary_wm_median": 1141.0,
  "summary_wm_n": 1042698.5778068578,
  "summary_wm_p05": 914.0,
  "summary_wm_p95": 1412.0,
  "summary_wm_stdv": 167.182,
  "tpm_overlap_csf": 0.20852798148098364,
  "tpm_overlap_gm": 0.494272337357264,
  "tpm_overlap_wm": 0.5161858436803091,
  "wm2max": 0.28291497452643005
}