{
  "aor": [
    0.0007816176470588236,
    0.0008738725490196079,
    0.0010065686274509803,
    0.0011533333333333333
  ],
  "aqi": [
    0.00911895044117647,
    0.011861298676470589,
    0.018064610637254903,
    0.028046411274509808
  ],
  "bids_meta": {
    "AcquisitionDuration": 361.475,
    "AcquisitionMatrixPE": 96,
    "AcquisitionNumber": 1,
    "AcquisitionTime": "10:56:36.295000",
    "B0FieldSource": [
      "005pepolarbold",
      "005phasediff"
    ],
    "BandwidthPerPixelPhaseEncode": 37.879,
    "BaseResolution": 96,
    "BodyPartExamined": "BRAIN",
    "CogAtlasID": "https://www.cognitiveatlas.org/id/trm_4c898a680e424/",
    "CoilCombinationMethod": "Sum of Squares",
    "CoilString": "HeadNeck_64",
    "ConversionSoftware": "dcm2niix",
    "ConversionSoftwareVersion": "v1.0.20220720",
    "DerivedVendorReportedEchoSpacing": 0.000549997,
    "DeviceSerialNumber": "67014",
    "DwellTime": 2.3e-6,
    "EchoNumber": 2,
    "EchoTime": 0.03304,
    "EchoTrainLength": 35,
    "EffectiveEchoSpacing": 0.000274998,
    "FileSize": 0.114932706579566,
    "FileSizeUnits": "GB",
    "FlipAngle": 64,
    "HeudiconvVersion": "1.0.0",
    "ImageComments": "Unaliased MB4/PE4/LB",
    "ImageOrientationPatientDICOM": [
      0.998823,
      -0.0108809,
      0.0472612,
      0.0278997,
      0.926022,
      -0.376438
    ],
    "ImageType": [
      "ORIGINAL",
      "PRIMARY",
      "FMRI",
      "NONE"
    ],
    "ImageTypeText": [
      "ORIGINAL",
      "PRIMARY",
      "M",
      "MB",
      "TE2",
      "DIS2D"
    ],
    "ImagingFrequency": 123.248,
    "InPlanePhaseEncodingDirectionDICOM": "COL",
    "InstitutionAddress": "Rue du Bugnon 21,Lausanne,District,CH,1011",
    "InstitutionName": "CHUV",
    "MRAcquisitionType": "2D",
    "MTState": false,
    "MagneticFieldStrength": 3,
    "Manufacturer": "Siemens",
    "ManufacturersModelName": "MAGNETOM Prisma Fit",
    "MatrixCoilMode": "GRAPPA",
    "Modality": "MR",
    "MultibandAccelerationFactor": 4,
    "NonlinearGradientCorrection": true,
    "NumberOfVolumes": 207,
    "ParallelAcquisitionTechnique": "GRAPPA",
    "ParallelReductionFactorInPlane": 2,
    "PartialFourier": 0.75,
    "PartialFourierDirection": "PHASE",
    "PatientPosition": "HFS",
    "PercentPhaseFOV": 100,
    "PercentSampling": 100,
    "PhaseEchoTime1": 0.0126,
    "PhaseEchoTime2": 0.03304,
    "PhaseEncodingDirection": "j",
    "PhaseResolution": 1,
    "PixelBandwidth": 2264,
    "ProcedureStepDescription": "https://www.axonlab.org/hcph-sops/",
    "ProtocolName": "func-bold_task-bht_dir-PA__cmrr_me4_sms4",
    "PulseSequenceDetails": "%CustomerSeq%\\cmrr_mbep2d_bold",
    "PulseSequenceName": "epfid2d4_96",
    "ReceiveCoilActiveElements": "HC1-7",
    "ReceiveCoilName": "HeadNeck_64",
    "ReconMatrixPE": 96,
    "RefLinesPE": 22,
    "RepetitionTime": 1.6,
    "ScanOptions": "PFP\\FS",
    "ScanningSequence": "EP",
    "SequenceVariant": "SK\\SS",
    "SeriesDescription": "func-bold_task-bht_dir-PA__cmrr_me4_sms4",
    "SeriesNumber": 23,
    "ShimSetting": [
      8233,
      -5614,
      -6010,
      701,
      -76,
      -186,
      -11,
      59
    ],
    "SliceThickness": 2.2,
    "SliceTiming": [
      0,
      0.845,
      0.1075,
      0.95,
      0.2125,
      1.055,
      0.3175,
      1.16,
      0.4225,
      1.265,
      0.5275,
      1.37,
      0.6325,
      1.475,
      0.7375,
      0,
      0.845,
      0.1075,
      0.95,
      0.2125,
      1.055,
      0.3175,
      1.16,
      0.4225,
      1.265,
      0.5275,
      1.37,
      0.6325,
      1.475,
      0.7375,
      0,
      0.845,
      0.1075,
      0.95,
      0.2125,
      1.055,
      0.3175,
      1.16,
      0.4225,
      1.265,
      0.5275,
      1.37,
      0.6325,
      1.475,
      0.7375,
      0,
      0.845,
      0.1075,
      0.95,
      0.2125,
      1.055,
      0.3175,
      1.16,
      0.4225,
      1.265,
      0.5275,
      1.37,
      0.6325,
      1.475,
      0.7375
    ],
    "SoftwareVersions": "syngo MR XA30",
    "SpacingBetweenSlices": 2.2,
    "StationName": "LRG10884",
    "TaskName": "Breath-holding Task (BHT)",
    "TotalReadoutTime": 0.0261249,
    "TxRefAmp": 240.229,
    "WipMemBlock": "fdb7fd53-d49c-4cda-84cc-48897d957509||Sequence: R017 nxva30a/master r/d34922cc2+; Jun 27 2022 13:20:16 by eja",
    "dataset": "HCPh",
    "datatype": "func",
    "direction": "PA",
    "extension": ".nii.gz",
    "modality": "bold",
    "part": "mag",
    "session": "005",
    "subject": "001",
    "suffix": "bold",
    "task": "bht"
  },
  "dummy_trs": 3,
  "dvars_nstd": 45.295647268522174,
  "dvars_std": 1.0234723363546803,
  "dvars_vstd": 0.9790559190640398,
  "efc": 0.5228,
  "fber": 554.2703,
  "fd_mean": 0.16098191194204373,
  "fd_num": 74,
  "fd_perc": 36.27450980392157,
  "fwhm_avg": 3.0942748645655342,
  "fwhm_x": 2.915456320112987,
  "fwhm_y": 3.3320319757363936,
  "fwhm_z": 3.035336297847221,
  "gcor": [
    0.0103734,
    0.0134944,
    0.0141373,
    0.0121616
  ],
  "gsr_x": 0.01191970705986023,
  "gsr_y": 0.0379909984767437,
  "provenance": {
    "md5sum": "71146849ca8b23521546062d6f05ce8a",
    "settings": {
      "fd_thres": 0.2,
      "testing": false
    },
    "software": "mriqc",
    "version": "24.1.0.dev15+g9586c867.d20240825"
  },
  "size_t": 204,
  "size_x": 96,
  "size_y": 96,
  "size_z": 60,
  "snr": 2.0827297916683247,
  "spacing_tr": 1.600000023841858,
  "spacing_x": 2.197920083999634,
  "spacing_y": 2.197920083999634,
  "spacing_z": 2.200000047683716,
  "summary_bg_k": 42.1326,
  "summary_bg_mad": 5.8214,
  "summary_bg_mean": 42.9561,
  "summary_bg_median": 21.0,
  "summary_bg_n": 415346.0,
  "summary_bg_p05": 0.0,
  "summary_bg_p95": 152.0,
  "summary_bg_stdv": 72.8119,
  "summary_fg_k": 0.8926,
  "summary_fg_mad": 218.7202,
  "summary_fg_mean": 517.8212,
  "summary_fg_median": 506.0,
  "summary_fg_n": 137614.0,
  "summary_fg_p05": 91.0,
  "summary_fg_p95": 926.0,
  "summary_fg_stdv": 242.9495,
  "tsnr": 28.106190270744264
}
