{
  "bids_meta": {
    "AcquisitionMatrixPE": 216,
    "AcquisitionNumber": 1,
    "AcquisitionTime": "22:14:40.825000",
    "BaseResolution": 256,
    "BodyPartExamined": "BRAIN",
    "CoilCombinationMethod": "Adaptive Combine",
    "CoilString": "HeadNeck_64_CS",
    "ConversionSoftware": "dcm2niix",
    "ConversionSoftwareVersion": "v1.0.20220720",
    "DeviceSerialNumber": "202009",
    "DwellTime": 7.5e-6,
    "EchoTime": 0.00246,
    "FileSize": 0.00947857741266489,
    "FileSizeUnits": "GB",
    "FlipAngle": 8,
    "HeudiconvVersion": "1.1.6.post8+ga0a3635",
    "ImageOrientationPatientDICOM": [
      0.999618,
      0.0276057,
      0.00111737,
      -0.0275727,
      0.999354,
      -0.0230516
    ],
    "ImageType": [
      "ORIGINAL",
      "PRIMARY",
      "M",
      "NORM",
      "DIS2D",
      "FM3",
      "2",
      "FIL",
      "MFSPLIT"
    ],
    "ImageTypeText": [
      "ORIGINAL",
      "PRIMARY",
      "M",
      "NONE"
    ],
    "ImagingFrequency": 123.198,
    "InPlanePhaseEncodingDirectionDICOM": "ROW",
    "InstitutionAddress": "Rue du Bugnon 46,Lausanne,,CH,1011",
    "InstitutionName": "CHUV Lausanne",
    "InversionTime": 0.9,
    "MRAcquisitionType": "3D",
    "MagneticFieldStrength": 3,
    "Manufacturer": "Siemens",
    "ManufacturersModelName": "MAGNETOM Vida Fit",
    "MatrixCoilMode": "GRAPPA",
    "Modality": "MR",
    "NonlinearGradientCorrection": true,
    "NumberOfVolumes": 1,
    "ParallelReductionFactorInPlane": 2,
    "PartialFourier": 1,
    "PatientPosition": "HFS",
    "PercentPhaseFOV": 84.375,
    "PercentSampling": 100,
    "PhaseEncodingSteps": 216,
    "PhaseResolution": 1,
    "PixelBandwidth": 260,
    "ProcedureStepDescription": "RESEARCH Oscar",
    "ProtocolName": "anat-T1w__t1_mprage_tra_p2_iso_siemens_axial",
    "PulseSequenceDetails": "%SiemensSeq%\\tfl",
    "ReceiveCoilActiveElements": "HC1-7;NC1",
    "ReceiveCoilName": "HeadNeck_64_CS",
    "ReconMatrixPE": 216,
    "RefLinesPE": 24,
    "RepetitionTime": 2.2,
    "SAR": 0.0464508,
    "ScanOptions": "PER",
    "ScanningSequence": "GR",
    "SequenceName": "*tfl3d1_240",
    "SequenceVariant": "SK",
    "SeriesDescription": "anat-T1w__t1_mprage_tra_p2_iso_siemens_axial",
    "SeriesNumber": 5,
    "ShimSetting": [
      232,
      -1112,
      2213,
      61,
      390,
      -73,
      60,
      -60
    ],
    "SliceThickness": 0.9,
    "SoftwareVersions": "syngo MR XA50",
    "StationName": "AWP202009",
    "TxRefAmp": 315.598,
    "acquisition": "undistorted",
    "dataset": "HCPh",
    "datatype": "anat",
    "extension": ".nii.gz",
    "modality": "T1w",
    "session": "20202030",
    "subject": "001",
    "suffix": "T1w"
  },
  "cjv": 0.5911237154150198,
  "cnr": 1.6274789519115032,
  "efc": 0.5258,
  "fber": -1.0,
  "fwhm_avg": 4.6865482448698375,
  "fwhm_x": 4.321811967108968,
  "fwhm_y": 5.223599314580866,
  "fwhm_z": 4.51423345291968,
  "icvs_csf": 0.2731757653155023,
  "icvs_gm": 0.3782891214816324,
  "icvs_wm": 0.34853511320286523,
  "inu_med": 0.4976244121789932,
  "inu_range": 0.2310776337981224,
  "provenance": {
    "md5sum": "b405a6a153625c1a64a02b4c51c59e79",
    "settings": {
      "testing": false
    },
    "software": "mriqc",
    "version": "24.1.0.dev15+g9586c867.d20240825",
    "warnings": {
      "large_rot_frame": true,
      "small_air_mask": false
    }
  },
  "qi_1": 0.0,
  "qi_2": 0.0008972322064496874,
  "rpve_csf": 5.351487466456063,
  "rpve_gm": 5.250629971872783,
  "rpve_wm": 5.333382226654648,
  "size_x": 216,
  "size_y": 256,
  "size_z": 208,
  "snr_csf": 1.6558237398990652,
  "snr_gm": 5.614653461304615,
  "snr_total": 5.881101903541988,
  "snr_wm": 10.372828509422284,
  "snrd_csf": 30.95037295292891,
  "snrd_gm": 60.69039612557568,
  "snrd_total": 58.06797160163106,
  "snrd_wm": 82.56314572638858,
  "spacing_x": 0.8984379768371582,
  "spacing_y": 0.8984379768371582,
  "spacing_z": 0.8999999761581421,
  "summary_bg_k": 4295.766,
  "summary_bg_mad": 0.0,
  "summary_bg_mean": 1.5521,
  "summary_bg_median": 0.0,
  "summary_bg_n": 3553763.0,
  "summary_bg_p05": 0.0,
  "summary_bg_p95": 7.0,
  "summary_bg_stdv": 7.5779,
  "summary_csf_k": 2.5969,
  "summary_csf_mad": 170.373,
  "summary_csf_mean": 372.7649,
  "summary_csf_median": 358.0,
  "summary_csf_n": 577118.2249781342,
  "summary_csf_p05": 36.0,
  "summary_csf_p95": 728.0,
  "summary_csf_stdv": 216.2064,
  "summary_gm_k": -0.4798,
  "summary_gm_mad": 82.8878,
  "summary_gm_mean": 706.2292,
  "summary_gm_median": 702.0,
  "summary_gm_n": 799183.4343938718,
  "summary_gm_p05": 502.0,
  "summary_gm_p95": 944.0,
  "summary_gm_stdv": 125.0299,
  "summary_wm_k": 0.1986,
  "summary_wm_mad": 66.6665,
  "summary_wm_mean": 930.2088,
  "summary_wm_median": 955.0,
  "summary_wm_n": 736324.342834287,
  "summary_wm_p05": 746.0,
  "summary_wm_p95": 1042.0,
  "summary_wm_stdv": 92.0674,
  "tpm_overlap_csf": 0.19956991500301605,
  "tpm_overlap_gm": 0.5513720698305812,
  "tpm_overlap_wm": 0.5577336489083785,
  "wm2max": 0.49427229704768005
}
