{
  "bids_meta": {
    "AcquisitionMatrixPE": 320,
    "AcquisitionNumber": 1,
    "AcquisitionTime": "23:25:3.875000",
    "BaseResolution": 320,
    "BodyPartExamined": "BRAIN",
    "CoilCombinationMethod": "Adaptive Combine",
    "CoilString": "HeadNeck_64_CS",
    "ConversionSoftware": "dcm2niix",
    "ConversionSoftwareVersion": "v1.0.20220720",
    "DeviceSerialNumber": "202009",
    "DwellTime": 2.2e-6,
    "EchoTime": 0.414,
    "EchoTrainLength": 250,
    "FileSize": 0.01521359197795391,
    "FileSizeUnits": "GB",
    "FlipAngle": 120,
    "HeudiconvVersion": "1.1.6.post8+ga0a3635",
    "ImageOrientationPatientDICOM": [
      -0.0274742,
      0.98922,
      0.143838,
      -0.00286772,
      0.143814,
      -0.989601
    ],
    "ImageType": [
      "ORIGINAL",
      "PRIMARY",
      "M",
      "ND",
      "NORM",
      "MFSPLIT"
    ],
    "ImageTypeText": [
      "ORIGINAL",
      "PRIMARY",
      "M",
      "NONE"
    ],
    "ImagingFrequency": 123.198,
    "InPlanePhaseEncodingDirectionDICOM": "ROW",
    "InstitutionAddress": "Rue du Bugnon 46,Lausanne,,CH,1011",
    "InstitutionName": "CHUV Lausanne",
    "MRAcquisitionType": "3D",
    "MagneticFieldStrength": 3,
    "Manufacturer": "Siemens",
    "ManufacturersModelName": "MAGNETOM Vida Fit",
    "MatrixCoilMode": "GRAPPA",
    "Modality": "MR",
    "NonlinearGradientCorrection": false,
    "NumberOfVolumes": 1,
    "ParallelReductionFactorInPlane": 3,
    "PartialFourier": 1,
    "PatientPosition": "HFS",
    "PercentPhaseFOV": 100,
    "PercentSampling": 100,
    "PhaseEncodingDirection": "i",
    "PhaseEncodingSteps": 320,
    "PhaseResolution": 1,
    "PixelBandwidth": 710,
    "ProcedureStepDescription": "RESEARCH Oscar",
    "ProtocolName": "anat-T2w__space",
    "PulseSequenceDetails": "%SiemensSeq%\\space",
    "ReceiveCoilActiveElements": "HC1-7;NC1,2",
    "ReceiveCoilName": "HeadNeck_64_CS",
    "ReconMatrixPE": 320,
    "RefLinesPE": 24,
    "RepetitionTime": 3.2,
    "SAR": 0.146178,
    "ScanOptions": "PFP\\PER",
    "ScanningSequence": "SE",
    "SequenceName": "*spcR_282ns",
    "SequenceVariant": "SP\\SK",
    "SeriesDescription": "anat-T2w__space_ND",
    "SeriesNumber": 23,
    "ShimSetting": [
      232,
      -1112,
      2213,
      61,
      390,
      -73,
      60,
      -60
    ],
    "SliceThickness": 0.8,
    "SoftwareVersions": "syngo MR XA50",
    "StationName": "AWP202009",
    "TxRefAmp": 315.598,
    "acquisition": "original",
    "dataset": "HCPh",
    "datatype": "anat",
    "extension": ".nii.gz",
    "modality": "T2w",
    "session": "20202030",
    "subject": "001",
    "suffix": "T2w"
  },
  "cjv": 1.6173206349206348,
  "cnr": 0.6068676546809406,
  "efc": 0.452,
  "fber": -1.0,
  "fwhm_avg": 2.634840151500361,
  "fwhm_x": 2.5086374626183887,
  "fwhm_y": 2.891014149600421,
  "fwhm_z": 2.5048688422822747,
  "icvs_csf": 0.2765897623761412,
  "icvs_gm": 0.3458071338854091,
  "icvs_wm": 0.3776031037384497,
  "inu_med": 0.9878063797950745,
  "inu_range": 0.32405853271484375,
  "provenance": {
    "md5sum": "1bcb5d8b730b33f9972b243d44c4ff05",
    "settings": {
      "testing": false
    },
    "software": "mriqc",
    "version": "24.1.0.dev15+g9586c867.d20240825",
    "warnings": {
      "large_rot_frame": true,
      "small_air_mask": false
    }
  },
  "qi_1": 0.0,
  "qi_2": 0.0025869291452824705,
  "rpve_csf": 8.869639528820235,
  "rpve_gm": 8.704578989683716,
  "rpve_wm": 8.735079373684753,
  "size_x": 240,
  "size_y": 320,
  "size_z": 320,
  "snr_csf": 1.4506887673266389,
  "snr_gm": 4.965068201203751,
  "snr_total": 4.447062374204761,
  "snr_wm": 6.925430154083894,
  "snrd_csf": 48.92019440306972,
  "snrd_gm": 42.49012922063189,
  "snrd_total": 42.59783550509484,
  "snrd_wm": 36.3831828915829,
  "spacing_x": 0.800000011920929,
  "spacing_y": 0.8343750238418579,
  "spacing_z": 0.8343750238418579,
  "summary_bg_k": 1280.2522,
  "summary_bg_mad": 0.0,
  "summary_bg_mean": 1.778,
  "summary_bg_median": 0.0,
  "summary_bg_n": 8781757.0,
  "summary_bg_p05": 0.0,
  "summary_bg_p95": 14.0,
  "summary_bg_stdv": 20.2754,
  "summary_csf_k": -1.3622,
  "summary_csf_mad": 1654.1292,
  "summary_csf_mean": 1583.65,
  "summary_csf_median": 1514.0,
  "summary_csf_n": 757883.8850239282,
  "summary_csf_p05": 85.0,
  "summary_csf_p95": 3384.0,
  "summary_csf_stdv": 1043.6415,
  "summary_gm_k": 51.0107,
  "summary_gm_mad": 178.4623,
  "summary_gm_mean": 1314.1654,
  "summary_gm_median": 1315.0,
  "summary_gm_n": 947546.4740508086,
  "summary_gm_p05": 918.0,
  "summary_gm_p95": 1739.0,
  "summary_gm_stdv": 264.8502,
  "summary_wm_k": 97.3558,
  "summary_wm_mad": 127.2113,
  "summary_wm_mean": 1135.4553,
  "summary_wm_median": 1126.0,
  "summary_wm_n": 1034670.6429040112,
  "summary_wm_p05": 906.0,
  "summary_wm_p95": 1388.0,
  "summary_wm_stdv": 162.5891,
  "tpm_overlap_csf": 0.20387233897972215,
  "tpm_overlap_gm": 0.5088553037383444,
  "tpm_overlap_wm": 0.5190364761960423,
  "wm2max": 0.30049502933829364
}
