{
  "bids_meta": {
    "AcquisitionMatrixPE": 320,
    "AcquisitionNumber": 1,
    "AcquisitionTime": "23:25:3.875000",
    "BaseResolution": 320,
    "BodyPartExamined": "BRAIN",
    "CoilCombinationMethod": "Adaptive Combine",
    "CoilString": "HeadNeck_64_CS",
    "ConversionSoftware": "dcm2niix",
    "ConversionSoftwareVersion": "v1.0.20220720",
    "DeviceSerialNumber": "202009",
    "DwellTime": 2.2e-06,
    "EchoTime": 0.414,
    "EchoTrainLength": 250,
    "FileSize": 0.014237447641789913,
    "FileSizeUnits": "GB",
    "FlipAngle": 120,
    "HeudiconvVersion": "1.1.6.post8+ga0a3635",
    "ImageOrientationPatientDICOM": [
      -0.0274742,
      0.98922,
      0.143838,
      -0.00286772,
      0.143814,
      -0.989601
    ],
    "ImageType": [
      "ORIGINAL",
      "PRIMARY",
      "M",
      "NORM",
      "DIS3D",
      "MFSPLIT"
    ],
    "ImageTypeText": [
      "ORIGINAL",
      "PRIMARY",
      "M",
      "NONE"
    ],
    "ImagingFrequency": 123.198,
    "InPlanePhaseEncodingDirectionDICOM": "ROW",
    "InstitutionAddress": "Rue du Bugnon 46,Lausanne,,CH,1011",
    "InstitutionName": "CHUV Lausanne",
    "MRAcquisitionType": "3D",
    "MagneticFieldStrength": 3,
    "Manufacturer": "Siemens",
    "ManufacturersModelName": "MAGNETOM Vida Fit",
    "MatrixCoilMode": "GRAPPA",
    "Modality": "MR",
    "NonlinearGradientCorrection": true,
    "NumberOfVolumes": 1,
    "ParallelReductionFactorInPlane": 3,
    "PartialFourier": 1,
    "PatientPosition": "HFS",
    "PercentPhaseFOV": 100,
    "PercentSampling": 100,
    "PhaseEncodingDirection": "i",
    "PhaseEncodingSteps": 320,
    "PhaseResolution": 1,
    "PixelBandwidth": 710,
    "ProcedureStepDescription": "RESEARCH Oscar",
    "ProtocolName": "anat-T2w__space",
    "PulseSequenceDetails": "%SiemensSeq%\\space",
    "ReceiveCoilActiveElements": "HC1-7;NC1,2",
    "ReceiveCoilName": "HeadNeck_64_CS",
    "ReconMatrixPE": 320,
    "RefLinesPE": 24,
    "RepetitionTime": 3.2,
    "SAR": 0.146178,
    "ScanOptions": "PFP\\PER",
    "ScanningSequence": "SE",
    "SequenceName": "*spcR_282ns",
    "SequenceVariant": "SP\\SK",
    "SeriesDescription": "anat-T2w__space",
    "SeriesNumber": 24,
    "ShimSetting": [
      232,
      -1112,
      2213,
      61,
      390,
      -73,
      60,
      -60
    ],
    "SliceThickness": 0.8,
    "SoftwareVersions": "syngo MR XA50",
    "StationName": "AWP202009",
    "TxRefAmp": 315.598,
    "acquisition": "undistorted",
    "dataset": "HCPh",
    "datatype": "anat",
    "extension": ".nii.gz",
    "modality": "T2w",
    "session": "20202030",
    "subject": "001",
    "suffix": "T2w"
  },
  "cjv": 1.6845305418719212,
  "cnr": 0.5927459584565962,
  "efc": 0.4588,
  "fber": -1.0,
  "fwhm_avg": 2.6532263558560163,
  "fwhm_x": 2.538687462170609,
  "fwhm_y": 2.895292801163554,
  "fwhm_z": 2.525698804233885,
  "icvs_csf": 0.27776530232823093,
  "icvs_gm": 0.3407530423137961,
  "icvs_wm": 0.3814816553579729,
  "inu_med": 1.0349981188774109,
  "inu_range": 0.3615795761346816,
  "provenance": {
    "md5sum": "9291c99c935fc373f026edd6a90b6e0f",
    "settings": {
      "testing": false
    },
    "software": "mriqc",
    "version": "24.0.1",
    "warnings": {
      "large_rot_frame": true,
      "small_air_mask": false
    }
  },
  "qi_1": 0.0,
  "qi_2": 0.0023147925840910663,
  "rpve_csf": 8.961009410686557,
  "rpve_gm": 8.803665768477728,
  "rpve_wm": 8.838111520369567,
  "size_x": 240,
  "size_y": 320,
  "size_z": 320,
  "snr_csf": 1.4037652793267756,
  "snr_gm": 4.433287603053365,
  "snr_total": 4.224861229754073,
  "snr_wm": 6.83753080688208,
  "snrd_csf": 46.80713239129941,
  "snrd_gm": 39.466585279774996,
  "snrd_total": 39.902461221619895,
  "snrd_wm": 33.4336659937853,
  "spacing_x": 0.800000011920929,
  "spacing_y": 0.8343750238418579,
  "spacing_z": 0.8343750238418579,
  "summary_bg_k": 1269.0484,
  "summary_bg_mad": 0.0,
  "summary_bg_mean": 1.5908,
  "summary_bg_median": 0.0,
  "summary_bg_n": 8860498.0,
  "summary_bg_p05": 0.0,
  "summary_bg_p95": 0.0,
  "summary_bg_stdv": 22.0445,
  "summary_csf_k": -1.3926,
  "summary_csf_mad": 1789.4008,
  "summary_csf_mean": 1648.834,
  "summary_csf_median": 1575.0,
  "summary_csf_n": 753228.3926486056,
  "summary_csf_p05": 0.0,
  "summary_csf_p95": 3556.0,
  "summary_csf_stdv": 1121.9817,
  "summary_gm_k": 32.9149,
  "summary_gm_mad": 213.8952,
  "summary_gm_mean": 1327.9122,
  "summary_gm_median": 1328.0,
  "summary_gm_n": 924035.018775837,
  "summary_gm_p05": 882.0,
  "summary_gm_p95": 1814.0,
  "summary_gm_stdv": 299.5518,
  "summary_wm_k": 118.77,
  "summary_wm_mad": 128.0645,
  "summary_wm_mean": 1136.0762,
  "summary_wm_median": 1125.0,
  "summary_wm_n": 1034480.5909222842,
  "summary_wm_p05": 904.0,
  "summary_wm_p95": 1393.0,
  "summary_wm_stdv": 164.533,
  "tpm_overlap_csf": 0.20558946432860636,
  "tpm_overlap_gm": 0.4990963376780086,
  "tpm_overlap_wm": 0.5156565164216687,
  "wm2max": 0.2905878550098763
}