{
  "bids_meta": {
    "AcquisitionMatrixPE": 320,
    "AcquisitionNumber": 1,
    "AcquisitionTime": "21:38:43.020000",
    "BaseResolution": 320,
    "BodyPartExamined": "BRAIN",
    "CoilCombinationMethod": "Adaptive Combine",
    "CoilString": "HeadNeck_64",
    "ConversionSoftware": "dcm2niix",
    "ConversionSoftwareVersion": "v1.0.20220720",
    "DeviceSerialNumber": "67014",
    "DwellTime": 2.2e-6,
    "EchoTime": 0.413,
    "EchoTrainLength": 248,
    "FileSize": 0.015256932936608791,
    "FileSizeUnits": "GB",
    "FlipAngle": 120,
    "HeudiconvVersion": "1.1.6.post8+ga0a3635",
    "ImageOrientationPatientDICOM": [
      -0.00954664,
      0.994963,
      0.0997908,
      0.0308264,
      0.100041,
      -0.994506
    ],
    "ImageType": [
      "ORIGINAL",
      "PRIMARY",
      "M",
      "NORM",
      "DIS3D",
      "MFSPLIT"
    ],
    "ImageTypeText": [
      "ORIGINAL",
      "PRIMARY",
      "M",
      "NONE"
    ],
    "ImagingFrequency": 123.248,
    "InPlanePhaseEncodingDirectionDICOM": "ROW",
    "InstitutionAddress": "Rue du Bugnon 21,Lausanne,District,CH,1011",
    "InstitutionName": "CHUV",
    "MRAcquisitionType": "3D",
    "MagneticFieldStrength": 3,
    "Manufacturer": "Siemens",
    "ManufacturersModelName": "MAGNETOM Prisma Fit",
    "MatrixCoilMode": "GRAPPA",
    "Modality": "MR",
    "NonlinearGradientCorrection": true,
    "NumberOfVolumes": 1,
    "ParallelReductionFactorInPlane": 3,
    "PartialFourier": 1,
    "PatientPosition": "HFS",
    "PercentPhaseFOV": 100,
    "PercentSampling": 100,
    "PhaseEncodingDirection": "i",
    "PhaseEncodingSteps": 320,
    "PhaseResolution": 1,
    "PixelBandwidth": 710,
    "ProcedureStepDescription": "RESEARCH Oscar",
    "ProtocolName": "anat-T2w__space",
    "PulseSequenceDetails": "%SiemensSeq%\\space",
    "ReceiveCoilActiveElements": "HC1-7;NC1,2",
    "ReceiveCoilName": "HeadNeck_64",
    "ReconMatrixPE": 320,
    "RefLinesPE": 24,
    "RepetitionTime": 3.2,
    "SAR": 0.114443,
    "ScanOptions": "PFP\\PER",
    "ScanningSequence": "SE",
    "SequenceName": "*spcR_282ns",
    "SequenceVariant": "SP\\SK",
    "SeriesDescription": "anat-T2w__space",
    "SeriesNumber": 24,
    "ShimSetting": [
      8228,
      -5666,
      -6274,
      307,
      -57,
      -153,
      48,
      21
    ],
    "SliceThickness": 0.8,
    "SoftwareVersions": "syngo MR XA30",
    "StationName": "LRG10884",
    "TxRefAmp": 242.674,
    "acquisition": "undistorted",
    "dataset": "HCPh",
    "datatype": "anat",
    "extension": ".nii.gz",
    "modality": "T2w",
    "session": "20301060",
    "subject": "001",
    "suffix": "T2w"
  },
  "cjv": 1.5752146017699116,
  "cnr": 0.6167064396517299,
  "efc": 0.4888,
  "fber": -1.0,
  "fwhm_avg": 2.546524962053821,
  "fwhm_x": 2.4152124640105295,
  "fwhm_y": 2.796224958333001,
  "fwhm_z": 2.428137463817932,
  "icvs_csf": 0.27508516420064794,
  "icvs_gm": 0.344466579420506,
  "icvs_wm": 0.3804482563788461,
  "inu_med": 1.025061011314392,
  "inu_range": 0.30073195695877075,
  "provenance": {
    "md5sum": "ea6b71547e1e87a0eba7f13c9a38fcff",
    "settings": {
      "testing": false
    },
    "software": "mriqc",
    "version": "24.1.0.dev15+g9586c867.d20240825",
    "warnings": {
      "large_rot_frame": true,
      "small_air_mask": false
    }
  },
  "qi_1": 0.0,
  "qi_2": 0.002276052348600798,
  "rpve_csf": 8.185143760938512,
  "rpve_gm": 8.025758540323213,
  "rpve_wm": 8.060408589659257,
  "size_x": 240,
  "size_y": 320,
  "size_z": 320,
  "snr_csf": 1.3782599032383698,
  "snr_gm": 4.319077729025668,
  "snr_total": 3.994925002940864,
  "snr_wm": 6.287437376558553,
  "snrd_csf": 30.554802994399278,
  "snrd_gm": 25.97538289387053,
  "snrd_total": 26.070391609649135,
  "snrd_wm": 21.680988940677597,
  "spacing_x": 0.800000011920929,
  "spacing_y": 0.800000011920929,
  "spacing_z": 0.800000011920929,
  "summary_bg_k": 759.286,
  "summary_bg_mad": 0.0,
  "summary_bg_mean": 4.1244,
  "summary_bg_median": 0.0,
  "summary_bg_n": 6810842.0,
  "summary_bg_p05": 0.0,
  "summary_bg_p95": 18.0,
  "summary_bg_stdv": 34.4777,
  "summary_csf_k": -1.4207,
  "summary_csf_mad": 1896.048,
  "summary_csf_mean": 1689.5358,
  "summary_csf_median": 1608.0,
  "summary_csf_n": 815695.1833450794,
  "summary_csf_p05": 0.0,
  "summary_csf_p95": 3703.0,
  "summary_csf_stdv": 1166.6878,
  "summary_gm_k": 34.6278,
  "summary_gm_mad": 213.9488,
  "summary_gm_mean": 1362.6404,
  "summary_gm_median": 1367.0,
  "summary_gm_n": 1021428.1474362412,
  "summary_gm_p05": 893.0,
  "summary_gm_p95": 1869.0,
  "summary_gm_stdv": 316.5026,
  "summary_wm_k": 104.2293,
  "summary_wm_mad": 142.0497,
  "summary_wm_mean": 1155.0599,
  "summary_wm_median": 1141.0,
  "summary_wm_n": 1128122.6711808536,
  "summary_wm_p05": 904.0,
  "summary_wm_p95": 1439.0,
  "summary_wm_stdv": 181.4729,
  "tpm_overlap_csf": 0.2112006581053931,
  "tpm_overlap_gm": 0.5055576068750958,
  "tpm_overlap_wm": 0.5250402301161653,
  "wm2max": 0.28603383853265796
}
