{
  "bids_meta": {
    "AcquisitionMatrixPE": 252,
    "AcquisitionNumber": 1,
    "AcquisitionTime": "20:27:24.835000",
    "BaseResolution": 288,
    "BodyPartExamined": "BRAIN",
    "CoilCombinationMethod": "Adaptive Combine",
    "CoilString": "HeadNeck_64",
    "ConversionSoftware": "dcm2niix",
    "ConversionSoftwareVersion": "v1.0.20220720",
    "DeviceSerialNumber": "67014",
    "DwellTime": 6.7e-6,
    "EchoTime": 0.00255,
    "FileSize": 0.011869767680764198,
    "FileSizeUnits": "GB",
    "FlipAngle": 8,
    "HeudiconvVersion": "1.1.6.post8+ga0a3635",
    "ImageOrientationPatientDICOM": [
      1,
      -1.1103e-11,
      4e-6,
      -4.897e-12,
      1,
      4e-6
    ],
    "ImageType": [
      "ORIGINAL",
      "PRIMARY",
      "M",
      "NORM",
      "DIS2D",
      "FM3",
      "2",
      "FIL",
      "MFSPLIT"
    ],
    "ImageTypeText": [
      "ORIGINAL",
      "PRIMARY",
      "M",
      "NONE"
    ],
    "ImagingFrequency": 123.248,
    "InPlanePhaseEncodingDirectionDICOM": "ROW",
    "InstitutionAddress": "Rue du Bugnon 21,Lausanne,District,CH,1011",
    "InstitutionName": "CHUV",
    "InversionTime": 0.9,
    "MRAcquisitionType": "3D",
    "MagneticFieldStrength": 3,
    "Manufacturer": "Siemens",
    "ManufacturersModelName": "MAGNETOM Prisma Fit",
    "MatrixCoilMode": "GRAPPA",
    "Modality": "MR",
    "NonlinearGradientCorrection": true,
    "NumberOfVolumes": 1,
    "ParallelReductionFactorInPlane": 2,
    "PartialFourier": 1,
    "PatientPosition": "HFS",
    "PercentPhaseFOV": 87.5,
    "PercentSampling": 100,
    "PhaseEncodingSteps": 252,
    "PhaseResolution": 1,
    "PixelBandwidth": 259,
    "ProcedureStepDescription": "RESEARCH Oscar",
    "ProtocolName": "anat-T1w__t1_mprage_tra_p2_iso_siemens_axial",
    "PulseSequenceDetails": "%SiemensSeq%\\tfl",
    "ReceiveCoilActiveElements": "HC1-7",
    "ReceiveCoilName": "HeadNeck_64",
    "ReconMatrixPE": 252,
    "RefLinesPE": 24,
    "RepetitionTime": 2.2,
    "SAR": 0.0365603,
    "ScanOptions": "PER",
    "ScanningSequence": "GR",
    "SequenceName": "*tfl3d1_16",
    "SequenceVariant": "SK",
    "SeriesDescription": "anat-T1w__t1_mprage_tra_p2_iso_siemens_axial",
    "SeriesNumber": 5,
    "ShimSetting": [
      8228,
      -5666,
      -6274,
      307,
      -57,
      -153,
      48,
      21
    ],
    "SliceThickness": 0.8,
    "SoftwareVersions": "syngo MR XA30",
    "StationName": "LRG10884",
    "TxRefAmp": 242.674,
    "acquisition": "undistorted",
    "dataset": "HCPh",
    "datatype": "anat",
    "extension": ".nii.gz",
    "modality": "T1w",
    "session": "20301060",
    "subject": "001",
    "suffix": "T1w"
  },
  "cjv": 0.6625700389105059,
  "cnr": 1.4060947685837648,
  "efc": 0.5369,
  "fber": -1.0,
  "fwhm_avg": 4.738733745724266,
  "fwhm_x": 4.357378077868449,
  "fwhm_y": 5.304898227163119,
  "fwhm_z": 4.55392493214123,
  "icvs_csf": 0.27447084369862923,
  "icvs_gm": 0.37428526170322274,
  "icvs_wm": 0.35124389459814803,
  "inu_med": 0.6169912219047546,
  "inu_range": 0.2830186009407043,
  "provenance": {
    "md5sum": "5098578f866fc6a944d0f4249d425f0b",
    "settings": {
      "testing": false
    },
    "software": "mriqc",
    "version": "24.1.0.dev15+g9586c867.d20240825",
    "warnings": {
      "large_rot_frame": true,
      "small_air_mask": false
    }
  },
  "qi_1": 0.0,
  "qi_2": 0.0014415787556365418,
  "rpve_csf": 4.550646376118409,
  "rpve_gm": 4.434148342767106,
  "rpve_wm": 4.514175982409723,
  "size_x": 252,
  "size_y": 288,
  "size_z": 192,
  "snr_csf": 1.4856138914692387,
  "snr_gm": 4.742779647246295,
  "snr_total": 5.095995281997612,
  "snr_wm": 9.0595923072773,
  "snrd_csf": 4.964132329095125,
  "snrd_gm": 11.367863033627835,
  "snrd_total": 10.650821697202984,
  "snrd_wm": 15.620469728885992,
  "spacing_x": 0.7986109852790833,
  "spacing_y": 0.7986109852790833,
  "spacing_z": 0.800000011920929,
  "summary_bg_k": 157.8559,
  "summary_bg_mad": 0.0,
  "summary_bg_mean": 7.0205,
  "summary_bg_median": 0.0,
  "summary_bg_n": 4325203.0,
  "summary_bg_p05": 0.0,
  "summary_bg_p95": 14.0,
  "summary_bg_stdv": 39.5922,
  "summary_csf_k": -0.8667,
  "summary_csf_mad": 171.4839,
  "summary_csf_mean": 318.9157,
  "summary_csf_median": 300.0,
  "summary_csf_n": 824883.4208963914,
  "summary_csf_p05": 24.0,
  "summary_csf_p95": 679.0,
  "summary_csf_stdv": 201.9366,
  "summary_gm_k": 1.5092,
  "summary_gm_mad": 91.4871,
  "summary_gm_mean": 687.6342,
  "summary_gm_median": 687.0,
  "summary_gm_n": 1124861.5805759532,
  "summary_gm_p05": 447.0,
  "summary_gm_p95": 954.0,
  "summary_gm_stdv": 144.8517,
  "summary_wm_k": 0.0287,
  "summary_wm_mad": 78.7934,
  "summary_wm_mean": 919.1169,
  "summary_wm_median": 944.0,
  "summary_wm_n": 1055614.000528315,
  "summary_wm_p05": 719.0,
  "summary_wm_p95": 1053.0,
  "summary_wm_stdv": 104.1989,
  "tpm_overlap_csf": 0.18794232196646216,
  "tpm_overlap_gm": 0.542736931885084,
  "tpm_overlap_wm": 0.54623657608567,
  "wm2max": 0.46180299455321305
}
