{
  "bids_meta": {
    "AcquisitionMatrixPE": 320,
    "AcquisitionNumber": 1,
    "AcquisitionTime": "21:38:43.020000",
    "BaseResolution": 320,
    "BodyPartExamined": "BRAIN",
    "CoilCombinationMethod": "Adaptive Combine",
    "CoilString": "HeadNeck_64",
    "ConversionSoftware": "dcm2niix",
    "ConversionSoftwareVersion": "v1.0.20220720",
    "DeviceSerialNumber": "67014",
    "DwellTime": 2.2e-6,
    "EchoTime": 0.413,
    "EchoTrainLength": 248,
    "FileSize": 0.016159464605152607,
    "FileSizeUnits": "GB",
    "FlipAngle": 120,
    "HeudiconvVersion": "1.1.6.post8+ga0a3635",
    "ImageOrientationPatientDICOM": [
      -0.00954664,
      0.994963,
      0.0997908,
      0.0308264,
      0.100041,
      -0.994506
    ],
    "ImageType": [
      "ORIGINAL",
      "PRIMARY",
      "M",
      "ND",
      "NORM",
      "MFSPLIT"
    ],
    "ImageTypeText": [
      "ORIGINAL",
      "PRIMARY",
      "M",
      "NONE"
    ],
    "ImagingFrequency": 123.248,
    "InPlanePhaseEncodingDirectionDICOM": "ROW",
    "InstitutionAddress": "Rue du Bugnon 21,Lausanne,District,CH,1011",
    "InstitutionName": "CHUV",
    "MRAcquisitionType": "3D",
    "MagneticFieldStrength": 3,
    "Manufacturer": "Siemens",
    "ManufacturersModelName": "MAGNETOM Prisma Fit",
    "MatrixCoilMode": "GRAPPA",
    "Modality": "MR",
    "NonlinearGradientCorrection": false,
    "NumberOfVolumes": 1,
    "ParallelReductionFactorInPlane": 3,
    "PartialFourier": 1,
    "PatientPosition": "HFS",
    "PercentPhaseFOV": 100,
    "PercentSampling": 100,
    "PhaseEncodingDirection": "i",
    "PhaseEncodingSteps": 320,
    "PhaseResolution": 1,
    "PixelBandwidth": 710,
    "ProcedureStepDescription": "RESEARCH Oscar",
    "ProtocolName": "anat-T2w__space",
    "PulseSequenceDetails": "%SiemensSeq%\\space",
    "ReceiveCoilActiveElements": "HC1-7;NC1,2",
    "ReceiveCoilName": "HeadNeck_64",
    "ReconMatrixPE": 320,
    "RefLinesPE": 24,
    "RepetitionTime": 3.2,
    "SAR": 0.114443,
    "ScanOptions": "PFP\\PER",
    "ScanningSequence": "SE",
    "SequenceName": "*spcR_282ns",
    "SequenceVariant": "SP\\SK",
    "SeriesDescription": "anat-T2w__space_ND",
    "SeriesNumber": 23,
    "ShimSetting": [
      8228,
      -5666,
      -6274,
      307,
      -57,
      -153,
      48,
      21
    ],
    "SliceThickness": 0.8,
    "SoftwareVersions": "syngo MR XA30",
    "StationName": "LRG10884",
    "TxRefAmp": 242.674,
    "acquisition": "original",
    "dataset": "HCPh",
    "datatype": "anat",
    "extension": ".nii.gz",
    "modality": "T2w",
    "session": "20301060",
    "subject": "001",
    "suffix": "T2w"
  },
  "cjv": 1.5559164251207729,
  "cnr": 0.6182375968618493,
  "efc": 0.4846,
  "fber": -1.0,
  "fwhm_avg": 2.666879126927071,
  "fwhm_x": 2.5179624624794354,
  "fwhm_y": 2.9320624563088646,
  "fwhm_z": 2.550612461992913,
  "icvs_csf": 0.27399525218653104,
  "icvs_gm": 0.3486774778703768,
  "icvs_wm": 0.3773272699430921,
  "inu_med": 1.0116254091262817,
  "inu_range": 0.33287897109985365,
  "provenance": {
    "md5sum": "85aeb9ea72a9e520c900fac0e75103d5",
    "settings": {
      "testing": false
    },
    "software": "mriqc",
    "version": "24.1.0.dev15+g9586c867.d20240825",
    "warnings": {
      "large_rot_frame": true,
      "small_air_mask": false
    }
  },
  "qi_1": 0.0,
  "qi_2": 0.002755872975806728,
  "rpve_csf": 8.175952482528253,
  "rpve_gm": 8.010804704549578,
  "rpve_wm": 8.042723933559875,
  "size_x": 240,
  "size_y": 320,
  "size_z": 320,
  "snr_csf": 1.4529741292091245,
  "snr_gm": 4.834707690521807,
  "snr_total": 4.255718172119171,
  "snr_wm": 6.479472696626583,
  "snrd_csf": 36.188075930273314,
  "snrd_gm": 31.618171469847773,
  "snrd_total": 31.540846521278812,
  "snrd_wm": 26.816292163715353,
  "spacing_x": 0.800000011920929,
  "spacing_y": 0.800000011920929,
  "spacing_z": 0.800000011920929,
  "summary_bg_k": 943.7558,
  "summary_bg_mad": 0.0,
  "summary_bg_mean": 4.1584,
  "summary_bg_median": 0.0,
  "summary_bg_n": 6757269.0,
  "summary_bg_p05": 0.0,
  "summary_bg_p95": 19.0,
  "summary_bg_stdv": 28.2417,
  "summary_csf_k": -1.3819,
  "summary_csf_mad": 1723.6141,
  "summary_csf_mean": 1629.0103,
  "summary_csf_median": 1560.0,
  "summary_csf_n": 813506.4259216143,
  "summary_csf_p05": 88.0,
  "summary_csf_p95": 3476.0,
  "summary_csf_stdv": 1073.6592,
  "summary_gm_k": 47.7345,
  "summary_gm_mad": 182.1839,
  "summary_gm_mean": 1359.9394,
  "summary_gm_median": 1363.0,
  "summary_gm_n": 1035241.9122525096,
  "summary_gm_p05": 936.0,
  "summary_gm_p95": 1807.0,
  "summary_gm_stdv": 281.9197,
  "summary_wm_k": 99.1936,
  "summary_wm_mad": 139.8908,
  "summary_wm_mean": 1166.8724,
  "summary_wm_median": 1156.0,
  "summary_wm_n": 1120304.6634004938,
  "summary_wm_p05": 920.0,
  "summary_wm_p95": 1440.0,
  "summary_wm_stdv": 178.4095,
  "tpm_overlap_csf": 0.21099638811048885,
  "tpm_overlap_gm": 0.5141359031730502,
  "tpm_overlap_wm": 0.5289109537690796,
  "wm2max": 0.2978505579444592
}
