{
  "NumberOfShells": 4,
  "bValues": [
    0.0,
    700.0,
    1000.0,
    2000.0,
    3000.0
  ],
  "bValuesEstimation": [
    700.0,
    1000.0,
    2000.0,
    3000.0
  ],
  "bdiffs_max": 0.33,
  "bdiffs_mean": 0.2489,
  "bdiffs_median": 0.275,
  "bdiffs_min": 0.0044,
  "bids_meta": {
    "AcquisitionMatrixPE": 146,
    "AcquisitionNumber": 1,
    "AcquisitionTime": "11:34:20.785000",
    "B0FieldSource": [
      "006pepolarb0",
      "006phasediff"
    ],
    "BandwidthPerPixelPhaseEncode": 19.569,
    "BaseResolution": 146,
    "BodyPartExamined": "BRAIN",
    "CoilCombinationMethod": "Adaptive Combine",
    "CoilString": "HeadNeck_64",
    "ConversionSoftware": "dcm2niix",
    "ConversionSoftwareVersion": "v1.0.20220720",
    "Deltas": [
      0.0233,
      0.0475
    ],
    "DerivedVendorReportedEchoSpacing": 0.000700017,
    "DeviceSerialNumber": "67014",
    "DiffusionScheme": "Monopolar",
    "DwellTime": 2.1e-6,
    "EchoTime": 0.098,
    "EchoTrainLength": 64,
    "EffectiveEchoSpacing": 0.000350008,
    "FileSize": 0.4418143406510353,
    "FileSizeUnits": "GB",
    "FlipAngle": 90,
    "HeudiconvVersion": "1.0.0",
    "ImageOrientationPatientDICOM": [
      0.999222,
      -0.0261329,
      0.0295338,
      0.0275617,
      0.998416,
      -0.0490552
    ],
    "ImageType": [
      "ORIGINAL",
      "PRIMARY",
      "DIFFUSION",
      "NONE",
      "ND",
      "MFSPLIT"
    ],
    "ImageTypeText": [
      "ORIGINAL",
      "PRIMARY",
      "DIFFUSION",
      "NONE"
    ],
    "ImagingFrequency": 123.248,
    "InPlanePhaseEncodingDirectionDICOM": "COL",
    "InstitutionAddress": "Rue du Bugnon 21,Lausanne,District,CH,1011",
    "InstitutionName": "CHUV",
    "MRAcquisitionType": "2D",
    "MagneticFieldStrength": 3,
    "Manufacturer": "Siemens",
    "ManufacturersModelName": "MAGNETOM Prisma Fit",
    "Modality": "MR",
    "MultibandAccelerationFactor": 3,
    "NonlinearGradientCorrection": false,
    "NumberOfVolumes": 280,
    "ParallelReductionFactorInPlane": 2,
    "PartialFourier": 0.875,
    "PatientPosition": "HFS",
    "PercentPhaseFOV": 100,
    "PercentSampling": 100,
    "PhaseEncodingDirection": "j",
    "PhaseEncodingSteps": 146,
    "PhaseResolution": 1,
    "PixelBandwidth": 1631,
    "ProcedureStepDescription": "RESEARCH Oscar",
    "ProtocolName": "dwi-dwi_acq-highres_dir-PA__trigger_monopolar",
    "PulseSequenceDetails": "%CustomerSeq%\\ep2d_diff_trigg",
    "ReceiveCoilActiveElements": "HC1-6",
    "ReceiveCoilName": "HeadNeck_64",
    "ReconMatrixPE": 146,
    "RefLinesPE": 54,
    "RepetitionTime": 7,
    "SAR": 0.172882,
    "ScanOptions": "PFP\\FS\\PER",
    "ScanningSequence": "GR\\EP",
    "SequenceName": "ep_b0",
    "SequenceVariant": "SK",
    "SeriesDescription": "dwi-dwi_acq-highres_dir-PA__trigger_monopolar",
    "SeriesNumber": 8,
    "ShimSetting": [
      8248,
      -5634,
      -6115,
      464,
      -80,
      -298,
      70,
      12
    ],
    "SliceThickness": 1.6,
    "SliceTiming": [
      0,
      6.1425,
      0.14,
      6.2825,
      0.28,
      6.4225,
      0.4175,
      6.5625,
      0.5575,
      6.7025,
      0.6975,
      6.8425,
      0.8375,
      6.9825,
      0.9775,
      7.12,
      1.1175,
      7.26,
      1.2575,
      7.4,
      1.395,
      7.54,
      1.535,
      7.68,
      1.675,
      7.82,
      1.815,
      7.96,
      1.955,
      8.0975,
      2.095,
      8.2375,
      2.235,
      8.3775,
      2.3725,
      8.5175,
      2.5125,
      8.6575,
      2.6525,
      8.7975,
      2.7925,
      8.9375,
      2.9325,
      9.075,
      3.0725,
      9.215,
      3.2125,
      9.355,
      3.35,
      9.495,
      3.49,
      9.635,
      3.63,
      9.775,
      3.77,
      9.915,
      3.91,
      10.0525,
      4.05,
      10.1925,
      4.19,
      10.3325,
      4.3275,
      10.4725,
      4.4675,
      10.6125,
      4.6075,
      10.7525,
      4.7475,
      10.8925,
      4.8875,
      11.03,
      5.0275,
      11.17,
      5.1675,
      11.31,
      5.305,
      11.45,
      5.445,
      11.59,
      5.585,
      11.73,
      5.725,
      11.87,
      5.865,
      12.0075,
      6.005
    ],
    "SoftwareVersions": "syngo MR XA30",
    "SpacingBetweenSlices": 1.6,
    "StationName": "LRG10884",
    "TotalReadoutTime": 0.0507512,
    "TxRefAmp": 250.135,
    "acquisition": "highres",
    "dataset": "HCPh",
    "datatype": "dwi",
    "direction": "PA",
    "extension": ".nii.gz",
    "modality": "dwi",
    "session": "006",
    "subject": "001",
    "suffix": "dwi"
  },
  "efc_shell01": 0.3878,
  "efc_shell02": 0.4852,
  "efc_shell03": 0.4937,
  "efc_shell04": 0.5491,
  "efc_shell05": 0.6003,
  "fa_degenerate": 0.0,
  "fa_nans": 0.0,
  "fber_shell01": 1177.6526,
  "fber_shell02": 418.5644,
  "fber_shell03": 300.6072,
  "fber_shell04": 99.2048,
  "fber_shell05": 46.4273,
  "fd_mean": 4.2292,
  "fd_num": 279,
  "fd_perc": 99.64285714285714,
  "ndc": 0.488,
  "provenance": {
    "md5sum": "3226d0049c5849c381fcd5d6bb5a5b03",
    "settings": {
      "testing": false
    },
    "software": "mriqc",
    "version": "24.1.0.dev15+g9586c867.d20240825"
  },
  "sigma_cc": 42.2542,
  "sigma_pca": 15.6877,
  "sigma_piesno": 1.6508,
  "snr_cc_shell0": 4.03,
  "snr_cc_shell1_best": 4.05,
  "snr_cc_shell1_worst": 4.05,
  "snr_cc_shell2_best": 2.54,
  "snr_cc_shell2_worst": 1.64,
  "snr_cc_shell3_best": 2.28,
  "snr_cc_shell3_worst": 1.45,
  "snr_cc_shell4_best": 1.58,
  "snr_cc_shell4_worst": 1.0,
  "spikes_global": 34.54,
  "spikes_slice_i": 200.19,
  "spikes_slice_j": 199.63,
  "spikes_slice_k": 192.34,
  "summary_bg_k": 637.001,
  "summary_bg_mad": 8.8956,
  "summary_bg_mean": 28.4844,
  "summary_bg_median": 9.0,
  "summary_bg_n": 1493259.0,
  "summary_bg_p05": 2.0,
  "summary_bg_p95": 109.0,
  "summary_bg_stdv": 101.0127,
  "summary_fg_k": 9.3655,
  "summary_fg_mad": 177.9123,
  "summary_fg_mean": 400.0959,
  "summary_fg_median": 310.0,
  "summary_fg_n": 361233.0,
  "summary_fg_p05": 96.0,
  "summary_fg_p95": 1065.0,
  "summary_fg_stdv": 328.1794,
  "summary_wm_k": 8.7075,
  "summary_wm_mad": 87.4735,
  "summary_wm_mean": 220.8507,
  "summary_wm_median": 217.0,
  "summary_wm_n": 105238.0,
  "summary_wm_p05": 83.0,
  "summary_wm_p95": 369.0,
  "summary_wm_stdv": 92.6354
}
