{
  "NumberOfShells": 4,
  "bValues": [
    0.0,
    700.0,
    1000.0,
    2000.0,
    3000.0
  ],
  "bValuesEstimation": [
    700.0,
    1000.0,
    2000.0,
    3000.0
  ],
  "bdiffs_max": 0.4112,
  "bdiffs_mean": 0.2241,
  "bdiffs_median": 0.2204,
  "bdiffs_min": 0.0056,
  "bids_meta": {
    "AcquisitionMatrixPE": 148,
    "AcquisitionNumber": 1,
    "AcquisitionTime": "23:23:32.937500",
    "BandwidthPerPixelPhaseEncode": 14.077,
    "BaseResolution": 146,
    "BodyPartExamined": "BRAIN",
    "CoilCombinationMethod": "Adaptive Combine",
    "CoilString": "HeadNeck_64_CS",
    "ConversionSoftware": "dcm2niix",
    "ConversionSoftwareVersion": "v1.0.20220720",
    "Deltas": [
      0.0272,
      0.0469
    ],
    "DerivedVendorReportedEchoSpacing": 0.000959971,
    "DeviceSerialNumber": "202009",
    "DiffusionScheme": "Monopolar",
    "DwellTime": 2.1e-06,
    "EchoTime": 0.121,
    "EchoTrainLength": 64,
    "EffectiveEchoSpacing": 0.000479986,
    "FileSize": 0.33795221988111734,
    "FileSizeUnits": "GB",
    "FlipAngle": 90,
    "HeudiconvVersion": "1.1.6.post8+ga0a3635",
    "ImageOrientationPatientDICOM": [
      0.999023,
      0.0436667,
      0.00681827,
      -0.0430942,
      0.99669,
      -0.0689382
    ],
    "ImageType": [
      "ORIGINAL",
      "PRIMARY",
      "DIFFUSION",
      "NONE",
      "ND",
      "NORM",
      "MFSPLIT"
    ],
    "ImageTypeText": [
      "ORIGINAL",
      "PRIMARY",
      "DIFFUSION",
      "NONE"
    ],
    "ImagingFrequency": 123.198,
    "InPlanePhaseEncodingDirectionDICOM": "ROW",
    "InstitutionAddress": "Rue du Bugnon 46,Lausanne,,CH,1011",
    "InstitutionName": "CHUV Lausanne",
    "MRAcquisitionType": "2D",
    "MagneticFieldStrength": 3,
    "Manufacturer": "Siemens",
    "ManufacturersModelName": "MAGNETOM Vida Fit",
    "Modality": "MR",
    "MultibandAccelerationFactor": 3,
    "NonlinearGradientCorrection": false,
    "NumberOfVolumes": 280,
    "ParallelReductionFactorInPlane": 2,
    "PartialFourier": 0.875,
    "PatientPosition": "HFS",
    "PercentPhaseFOV": 101.37,
    "PercentSampling": 100,
    "PhaseEncodingDirection": "i",
    "PhaseEncodingSteps": 148,
    "PhaseResolution": 1,
    "PixelBandwidth": 1631,
    "ProcedureStepDescription": "RESEARCH Oscar",
    "ProtocolName": "dwi-dwi_acq-highres_dir-RL",
    "PulseSequenceDetails": "%SiemensSeq%\\ep2d_diff",
    "ReceiveCoilActiveElements": "HC3-7;NC1",
    "ReceiveCoilName": "HeadNeck_64_CS",
    "ReconMatrixPE": 148,
    "RefLinesPE": 54,
    "RepetitionTime": 7,
    "SAR": 0.152114,
    "ScanOptions": "PFP\\FS\\PER",
    "ScanningSequence": "GR\\EP",
    "SequenceName": "*ep_b0",
    "SequenceVariant": "SK",
    "SeriesDescription": "dwi-dwi_acq-highres_dir-RL",
    "SeriesNumber": 18,
    "ShimSetting": [
      214,
      -1116,
      2594,
      543,
      492,
      -164,
      -116,
      -17
    ],
    "SliceThickness": 1.6,
    "SliceTiming": [
      0,
      -0.001,
      -0.001,
      -0.001,
      -0.001,
      -0.001,
      -0.001,
      -0.001,
      -0.001,
      -0.001,
      -0.001,
      -0.001,
      -0.001,
      -0.001,
      -0.001,
      -0.001,
      -0.001,
      -0.001,
      -0.001,
      -0.001,
      -0.001,
      -0.001,
      -0.001,
      -0.001,
      -0.001,
      -0.001,
      -0.001,
      -0.001,
      -0.001,
      -0.001,
      -0.001,
      -0.001,
      -0.001,
      -0.001,
      -0.001,
      -0.001,
      -0.001,
      -0.001,
      -0.001,
      -0.001,
      -0.001,
      -0.001,
      -0.001,
      -0.001,
      -0.001,
      -0.001,
      -0.001,
      -0.001,
      -0.001,
      -0.001,
      -0.001,
      -0.001,
      -0.001,
      -0.001,
      -0.001,
      -0.001,
      -0.001,
      -0.001,
      -0.001,
      -0.001,
      -0.001,
      -0.001,
      -0.001,
      -0.001,
      -0.001,
      -0.001,
      -0.001,
      -0.001,
      -0.001,
      -0.001,
      -0.001,
      -0.001,
      -0.001,
      -0.001,
      -0.001,
      -0.001,
      -0.001,
      -0.001,
      -0.001,
      -0.001,
      -0.001,
      -0.001,
      -0.001,
      -0.001,
      -0.001,
      -0.001,
      -0.001
    ],
    "SoftwareVersions": "syngo MR XA50",
    "SpacingBetweenSlices": 1.6,
    "StationName": "AWP202009",
    "TotalReadoutTime": 0.0705579,
    "TxRefAmp": 315.369,
    "VendorReportedEchoSpacing": 0.00096,
    "acquisition": "highres",
    "dataset": "HCPh",
    "datatype": "dwi",
    "direction": "RL",
    "extension": ".nii.gz",
    "modality": "dwi",
    "session": "20102030",
    "subject": "001",
    "suffix": "dwi"
  },
  "efc_shell01": 0.3478,
  "efc_shell02": 0.4403,
  "efc_shell03": 0.4353,
  "efc_shell04": 0.4529,
  "efc_shell05": 0.4676,
  "fa_degenerate": 0.0,
  "fa_nans": 0.0,
  "fber_shell01": 15799.7979,
  "fber_shell02": 6796.3638,
  "fber_shell03": 6812.7188,
  "fber_shell04": 2113.6277,
  "fber_shell05": 1105.6978,
  "fd_mean": 37.444,
  "fd_num": 278,
  "fd_perc": 99.28571428571429,
  "ndc": 0.5163,
  "provenance": {
    "md5sum": "5e027d7a3a0ebbb532f4585f1e07039a",
    "settings": {
      "testing": false
    },
    "software": "mriqc",
    "version": "24.0.1"
  },
  "sigma_cc": 56.3389,
  "sigma_pca": 15.585,
  "sigma_piesno": 0.3301,
  "snr_cc_shell0": 3.46,
  "snr_cc_shell1_best": 3.4,
  "snr_cc_shell1_worst": 3.4,
  "snr_cc_shell2_best": 2.43,
  "snr_cc_shell2_worst": 1.48,
  "snr_cc_shell3_best": 1.85,
  "snr_cc_shell3_worst": 1.57,
  "snr_cc_shell4_best": 1.3,
  "snr_cc_shell4_worst": 0.98,
  "spikes_global": 34.87,
  "spikes_slice_i": 182.76,
  "spikes_slice_j": 212.47,
  "spikes_slice_k": 225.78,
  "summary_bg_k": 485.7219,
  "summary_bg_mad": 1.4826,
  "summary_bg_mean": 9.8617,
  "summary_bg_median": 1.0,
  "summary_bg_n": 1515919.0,
  "summary_bg_p05": 0.0,
  "summary_bg_p95": 37.0,
  "summary_bg_stdv": 42.437,
  "summary_fg_k": 11.1101,
  "summary_fg_mad": 96.3691,
  "summary_fg_mean": 297.1929,
  "summary_fg_median": 222.0,
  "summary_fg_n": 363977.0,
  "summary_fg_p05": 84.0,
  "summary_fg_p95": 809.0,
  "summary_fg_stdv": 242.3873,
  "summary_wm_k": 29.7989,
  "summary_wm_mad": 54.8563,
  "summary_wm_mean": 195.1915,
  "summary_wm_median": 191.0,
  "summary_wm_n": 117698.0,
  "summary_wm_p05": 60.0,
  "summary_wm_p95": 312.0,
  "summary_wm_stdv": 89.9337
}