{
  "bids_meta": {
    "AcquisitionMatrixPE": 320,
    "AcquisitionNumber": 1,
    "AcquisitionTime": "23:18:56.882500",
    "BaseResolution": 320,
    "BodyPartExamined": "BRAIN",
    "CoilCombinationMethod": "Adaptive Combine",
    "CoilString": "HeadNeck_64_CS",
    "ConversionSoftware": "dcm2niix",
    "ConversionSoftwareVersion": "v1.0.20220720",
    "DeviceSerialNumber": "176240",
    "DwellTime": 2.2e-06,
    "EchoTime": 0.413,
    "EchoTrainLength": 248,
    "FileSize": 0.015151231549680233,
    "FileSizeUnits": "GB",
    "FlipAngle": 120,
    "HeudiconvVersion": "1.1.6.post8+ga0a3635",
    "ImageOrientationPatientDICOM": [
      -0.0255211,
      0.985051,
      0.170364,
      0.0433733,
      0.17135,
      -0.984255
    ],
    "ImageType": [
      "ORIGINAL",
      "PRIMARY",
      "M",
      "NORM",
      "DIS3D",
      "MFSPLIT"
    ],
    "ImageTypeText": [
      "ORIGINAL",
      "PRIMARY",
      "M",
      "NONE"
    ],
    "ImagingFrequency": 123.261,
    "InPlanePhaseEncodingDirectionDICOM": "ROW",
    "InstitutionAddress": "Rue de Bugnon 46,Lausanne,,CH,1011",
    "InstitutionName": "Radiologie-CHUV",
    "MRAcquisitionType": "3D",
    "MagneticFieldStrength": 3,
    "Manufacturer": "Siemens",
    "ManufacturersModelName": "MAGNETOM Vida",
    "MatrixCoilMode": "GRAPPA",
    "Modality": "MR",
    "NonlinearGradientCorrection": true,
    "NumberOfVolumes": 1,
    "ParallelReductionFactorInPlane": 3,
    "PartialFourier": 1,
    "PatientPosition": "HFS",
    "PercentPhaseFOV": 100,
    "PercentSampling": 100,
    "PhaseEncodingDirection": "i",
    "PhaseEncodingSteps": 320,
    "PhaseResolution": 1,
    "PixelBandwidth": 710,
    "ProcedureStepDescription": "RESEARCH Oscar",
    "ProtocolName": "anat-T2w__space",
    "PulseSequenceDetails": "%SiemensSeq%\\space",
    "ReceiveCoilActiveElements": "HC1-7;NC1,2",
    "ReceiveCoilName": "HeadNeck_64_CS",
    "ReconMatrixPE": 320,
    "RefLinesPE": 24,
    "RepetitionTime": 3.2,
    "SAR": 0.150943,
    "ScanOptions": "PFP\\PER",
    "ScanningSequence": "SE",
    "SequenceName": "*spcR_282ns",
    "SequenceVariant": "SP\\SK",
    "SeriesDescription": "anat-T2w__space",
    "SeriesNumber": 24,
    "ShimSetting": [
      -8778,
      8428,
      9145,
      105,
      -256,
      11,
      89,
      62
    ],
    "SliceThickness": 0.8,
    "SoftwareVersions": "syngo MR XA50",
    "StationName": "LRG08892",
    "TxRefAmp": 322.742,
    "acquisition": "undistorted",
    "dataset": "HCPh",
    "datatype": "anat",
    "extension": ".nii.gz",
    "modality": "T2w",
    "session": "20302034",
    "subject": "001",
    "suffix": "T2w"
  },
  "cjv": 1.5359447488584475,
  "cnr": 0.6343916607119812,
  "efc": 0.4713,
  "fber": -1.0,
  "fwhm_avg": 2.659058293710277,
  "fwhm_x": 2.51643746250216,
  "fwhm_y": 2.911812456610613,
  "fwhm_z": 2.5489249620180585,
  "icvs_csf": 0.27843616449347514,
  "icvs_gm": 0.3404040510317554,
  "icvs_wm": 0.3811597844747695,
  "inu_med": 1.0088523626327515,
  "inu_range": 0.2828597813844681,
  "provenance": {
    "md5sum": "85db1fabddd56c81678368ccf62d7fac",
    "settings": {
      "testing": false
    },
    "software": "mriqc",
    "version": "24.0.1",
    "warnings": {
      "large_rot_frame": true,
      "small_air_mask": false
    }
  },
  "qi_1": 0.0,
  "qi_2": 0.0023457766501448454,
  "rpve_csf": 8.234043580105308,
  "rpve_gm": 8.081657495903585,
  "rpve_wm": 8.116138330518762,
  "size_x": 240,
  "size_y": 320,
  "size_z": 320,
  "snr_csf": 1.382623492375175,
  "snr_gm": 4.418469390983123,
  "snr_total": 4.2020618987538425,
  "snr_wm": 6.80509281290323,
  "snrd_csf": 36.00983983827892,
  "snrd_gm": 30.878784354262287,
  "snrd_total": 30.901897216802904,
  "snrd_wm": 25.8170674578675,
  "spacing_x": 0.800000011920929,
  "spacing_y": 0.800000011920929,
  "spacing_z": 0.800000011920929,
  "summary_bg_k": 828.6125,
  "summary_bg_mad": 0.0,
  "summary_bg_mean": 1.9978,
  "summary_bg_median": 0.0,
  "summary_bg_n": 7545905.0,
  "summary_bg_p05": 0.0,
  "summary_bg_p95": 0.0,
  "summary_bg_stdv": 28.3451,
  "summary_csf_k": -1.4219,
  "summary_csf_mad": 1814.7301,
  "summary_csf_mean": 1634.2031,
  "summary_csf_median": 1558.0,
  "summary_csf_n": 820837.6098561995,
  "summary_csf_p05": 0.0,
  "summary_csf_p95": 3544.0,
  "summary_csf_stdv": 1126.8426,
  "summary_gm_k": 35.0752,
  "summary_gm_mad": 205.2912,
  "summary_gm_mean": 1335.1612,
  "summary_gm_median": 1336.0,
  "summary_gm_n": 1003520.674631408,
  "summary_gm_p05": 888.0,
  "summary_gm_p95": 1827.0,
  "summary_gm_stdv": 302.367,
  "summary_wm_k": 97.2293,
  "summary_wm_mad": 131.0807,
  "summary_wm_mean": 1129.1291,
  "summary_wm_median": 1117.0,
  "summary_wm_n": 1123669.7180868748,
  "summary_wm_p05": 899.0,
  "summary_wm_p95": 1390.0,
  "summary_wm_stdv": 164.1417,
  "tpm_overlap_csf": 0.20654977799353874,
  "tpm_overlap_gm": 0.500132477672511,
  "tpm_overlap_wm": 0.5194007570380523,
  "wm2max": 0.28720479637252316
}