{
  "bids_meta": {
    "AcquisitionMatrixPE": 216,
    "AcquisitionNumber": 1,
    "AcquisitionTime": "22:08:25.865000",
    "BaseResolution": 256,
    "BodyPartExamined": "BRAIN",
    "CoilCombinationMethod": "Adaptive Combine",
    "CoilString": "HeadNeck_64_CS",
    "ConversionSoftware": "dcm2niix",
    "ConversionSoftwareVersion": "v1.0.20220720",
    "DeviceSerialNumber": "176240",
    "DwellTime": 7.5e-06,
    "EchoTime": 0.00246,
    "FileSize": 0.009490658529102802,
    "FileSizeUnits": "GB",
    "FlipAngle": 8,
    "HeudiconvVersion": "1.1.6.post8+ga0a3635",
    "ImageOrientationPatientDICOM": [
      0.998733,
      0.0177112,
      0.047102,
      -0.0176073,
      0.999842,
      -0.00261966
    ],
    "ImageType": [
      "ORIGINAL",
      "PRIMARY",
      "M",
      "NORM",
      "DIS2D",
      "FM3",
      "2",
      "FIL",
      "MFSPLIT"
    ],
    "ImageTypeText": [
      "ORIGINAL",
      "PRIMARY",
      "M",
      "NONE"
    ],
    "ImagingFrequency": 123.261,
    "InPlanePhaseEncodingDirectionDICOM": "ROW",
    "InstitutionAddress": "Rue de Bugnon 46,Lausanne,,CH,1011",
    "InstitutionName": "Radiologie-CHUV",
    "InversionTime": 0.9,
    "MRAcquisitionType": "3D",
    "MagneticFieldStrength": 3,
    "Manufacturer": "Siemens",
    "ManufacturersModelName": "MAGNETOM Vida",
    "MatrixCoilMode": "GRAPPA",
    "Modality": "MR",
    "NonlinearGradientCorrection": true,
    "NumberOfVolumes": 1,
    "ParallelReductionFactorInPlane": 2,
    "PartialFourier": 1,
    "PatientPosition": "HFS",
    "PercentPhaseFOV": 84.375,
    "PercentSampling": 100,
    "PhaseEncodingSteps": 216,
    "PhaseResolution": 1,
    "PixelBandwidth": 260,
    "ProcedureStepDescription": "RESEARCH Oscar",
    "ProtocolName": "anat-T1w__t1_mprage_tra_p2_iso_siemens_axial",
    "PulseSequenceDetails": "%SiemensSeq%\\tfl",
    "ReceiveCoilActiveElements": "HC1-7;NC1",
    "ReceiveCoilName": "HeadNeck_64_CS",
    "ReconMatrixPE": 216,
    "RefLinesPE": 24,
    "RepetitionTime": 2.2,
    "SAR": 0.0489496,
    "ScanOptions": "PER",
    "ScanningSequence": "GR",
    "SequenceName": "*tfl3d1_240",
    "SequenceVariant": "SK",
    "SeriesDescription": "anat-T1w__t1_mprage_tra_p2_iso_siemens_axial",
    "SeriesNumber": 5,
    "ShimSetting": [
      -8778,
      8428,
      9145,
      105,
      -256,
      11,
      89,
      62
    ],
    "SliceThickness": 0.9,
    "SoftwareVersions": "syngo MR XA50",
    "StationName": "LRG08892",
    "TxRefAmp": 322.742,
    "acquisition": "undistorted",
    "dataset": "HCPh",
    "datatype": "anat",
    "extension": ".nii.gz",
    "modality": "T1w",
    "session": "20302034",
    "subject": "001",
    "suffix": "T1w"
  },
  "cjv": 0.6112004,
  "cnr": 1.5847876601259614,
  "efc": 0.5276,
  "fber": -1.0,
  "fwhm_avg": 4.682304698228598,
  "fwhm_x": 4.363027945233979,
  "fwhm_y": 5.203141586308176,
  "fwhm_z": 4.48074456314364,
  "icvs_csf": 0.27593194264076615,
  "icvs_gm": 0.37663347520346746,
  "icvs_wm": 0.34743458215576634,
  "inu_med": 0.5150118470191956,
  "inu_range": 0.21319733262062068,
  "provenance": {
    "md5sum": "1ee149c9696be38f2a7e2b6a9a32d510",
    "settings": {
      "testing": false
    },
    "software": "mriqc",
    "version": "24.0.1",
    "warnings": {
      "large_rot_frame": true,
      "small_air_mask": false
    }
  },
  "qi_1": 0.0,
  "qi_2": 0.0006501258519066178,
  "rpve_csf": 5.3479937223176,
  "rpve_gm": 5.242437187348166,
  "rpve_wm": 5.322129800966123,
  "size_x": 216,
  "size_y": 256,
  "size_z": 208,
  "snr_csf": 1.6493007086571807,
  "snr_gm": 5.552678176503869,
  "snr_total": 5.766350111485063,
  "snr_wm": 10.097071449294138,
  "snrd_csf": 65.36628248457235,
  "snrd_gm": 132.62176388488376,
  "snrd_total": 125.94659438260567,
  "snrd_wm": 179.8517367783609,
  "spacing_x": 0.8984379768371582,
  "spacing_y": 0.8984379768371582,
  "spacing_z": 0.8999999761581421,
  "summary_bg_k": 6.6265,
  "summary_bg_mad": 0.0,
  "summary_bg_mean": 1.7659,
  "summary_bg_median": 0.0,
  "summary_bg_n": 3537678.0,
  "summary_bg_p05": 0.0,
  "summary_bg_p95": 7.0,
  "summary_bg_stdv": 3.4678,
  "summary_csf_k": 0.0197,
  "summary_csf_mad": 172.8075,
  "summary_csf_mean": 360.388,
  "summary_csf_median": 346.0,
  "summary_csf_n": 583820.9438673339,
  "summary_csf_p05": 33.0,
  "summary_csf_p95": 714.0,
  "summary_csf_stdv": 209.7857,
  "summary_gm_k": -0.3636,
  "summary_gm_mad": 83.852,
  "summary_gm_mean": 706.1637,
  "summary_gm_median": 702.0,
  "summary_gm_n": 796886.7572232882,
  "summary_gm_p05": 500.0,
  "summary_gm_p95": 945.0,
  "summary_gm_stdv": 126.4254,
  "summary_wm_k": 0.1622,
  "summary_wm_mad": 68.9481,
  "summary_wm_mean": 927.4957,
  "summary_wm_median": 952.0,
  "summary_wm_n": 735107.3012609044,
  "summary_wm_p05": 741.0,
  "summary_wm_p95": 1043.0,
  "summary_wm_stdv": 94.2847,
  "tpm_overlap_csf": 0.19261675510719892,
  "tpm_overlap_gm": 0.5463146290535187,
  "tpm_overlap_wm": 0.554981640694077,
  "wm2max": 0.5037166703618813
}