{
  "bids_meta": {
    "AcquisitionMatrixPE": 320,
    "AcquisitionNumber": 1,
    "AcquisitionTime": "23:18:56.882500",
    "BaseResolution": 320,
    "BodyPartExamined": "BRAIN",
    "CoilCombinationMethod": "Adaptive Combine",
    "CoilString": "HeadNeck_64_CS",
    "ConversionSoftware": "dcm2niix",
    "ConversionSoftwareVersion": "v1.0.20220720",
    "DeviceSerialNumber": "176240",
    "DwellTime": 2.2e-06,
    "EchoTime": 0.413,
    "EchoTrainLength": 248,
    "FileSize": 0.016116168349981308,
    "FileSizeUnits": "GB",
    "FlipAngle": 120,
    "HeudiconvVersion": "1.1.6.post8+ga0a3635",
    "ImageOrientationPatientDICOM": [
      -0.0255211,
      0.985051,
      0.170364,
      0.0433733,
      0.17135,
      -0.984255
    ],
    "ImageType": [
      "ORIGINAL",
      "PRIMARY",
      "M",
      "ND",
      "NORM",
      "MFSPLIT"
    ],
    "ImageTypeText": [
      "ORIGINAL",
      "PRIMARY",
      "M",
      "NONE"
    ],
    "ImagingFrequency": 123.261,
    "InPlanePhaseEncodingDirectionDICOM": "ROW",
    "InstitutionAddress": "Rue de Bugnon 46,Lausanne,,CH,1011",
    "InstitutionName": "Radiologie-CHUV",
    "MRAcquisitionType": "3D",
    "MagneticFieldStrength": 3,
    "Manufacturer": "Siemens",
    "ManufacturersModelName": "MAGNETOM Vida",
    "MatrixCoilMode": "GRAPPA",
    "Modality": "MR",
    "NonlinearGradientCorrection": false,
    "NumberOfVolumes": 1,
    "ParallelReductionFactorInPlane": 3,
    "PartialFourier": 1,
    "PatientPosition": "HFS",
    "PercentPhaseFOV": 100,
    "PercentSampling": 100,
    "PhaseEncodingDirection": "i",
    "PhaseEncodingSteps": 320,
    "PhaseResolution": 1,
    "PixelBandwidth": 710,
    "ProcedureStepDescription": "RESEARCH Oscar",
    "ProtocolName": "anat-T2w__space",
    "PulseSequenceDetails": "%SiemensSeq%\\space",
    "ReceiveCoilActiveElements": "HC1-7;NC1,2",
    "ReceiveCoilName": "HeadNeck_64_CS",
    "ReconMatrixPE": 320,
    "RefLinesPE": 24,
    "RepetitionTime": 3.2,
    "SAR": 0.150943,
    "ScanOptions": "PFP\\PER",
    "ScanningSequence": "SE",
    "SequenceName": "*spcR_282ns",
    "SequenceVariant": "SP\\SK",
    "SeriesDescription": "anat-T2w__space_ND",
    "SeriesNumber": 23,
    "ShimSetting": [
      -8778,
      8428,
      9145,
      105,
      -256,
      11,
      89,
      62
    ],
    "SliceThickness": 0.8,
    "SoftwareVersions": "syngo MR XA50",
    "StationName": "LRG08892",
    "TxRefAmp": 322.742,
    "acquisition": "original",
    "dataset": "HCPh",
    "datatype": "anat",
    "extension": ".nii.gz",
    "modality": "T2w",
    "session": "20302034",
    "subject": "001",
    "suffix": "T2w"
  },
  "cjv": 1.547534,
  "cnr": 0.6317575265682255,
  "efc": 0.4627,
  "fber": -1.0,
  "fwhm_avg": 2.6443874605955564,
  "fwhm_x": 2.485399962964655,
  "fwhm_y": 2.92029995648414,
  "fwhm_z": 2.5274624623378745,
  "icvs_csf": 0.27577554385055114,
  "icvs_gm": 0.3455966623714268,
  "icvs_wm": 0.3786277937780219,
  "inu_med": 0.9638422429561615,
  "inu_range": 0.2796448618173599,
  "provenance": {
    "md5sum": "e978846361ba35c74c12ecfe73e35e07",
    "settings": {
      "testing": false
    },
    "software": "mriqc",
    "version": "24.0.1",
    "warnings": {
      "large_rot_frame": true,
      "small_air_mask": false
    }
  },
  "qi_1": 0.0,
  "qi_2": 0.002399426393568129,
  "rpve_csf": 8.126547149729134,
  "rpve_gm": 7.964828302052727,
  "rpve_wm": 7.99580890445656,
  "size_x": 240,
  "size_y": 320,
  "size_z": 320,
  "snr_csf": 1.441622101367912,
  "snr_gm": 4.904804669471121,
  "snr_total": 4.386384413717119,
  "snr_wm": 6.812726470312324,
  "snrd_csf": 46.76194551759229,
  "snrd_gm": 40.80481318432806,
  "snrd_total": 40.73279258617115,
  "snrd_wm": 34.6316190565931,
  "spacing_x": 0.800000011920929,
  "spacing_y": 0.800000011920929,
  "spacing_z": 0.800000011920929,
  "summary_bg_k": 1072.8147,
  "summary_bg_mad": 0.0,
  "summary_bg_mean": 2.0246,
  "summary_bg_median": 0.0,
  "summary_bg_n": 7443238.0,
  "summary_bg_p05": 0.0,
  "summary_bg_p95": 15.0,
  "summary_bg_stdv": 21.2252,
  "summary_csf_k": -1.3708,
  "summary_csf_mad": 1676.8301,
  "summary_csf_mean": 1584.3736,
  "summary_csf_median": 1515.0,
  "summary_csf_n": 823856.2726317383,
  "summary_csf_p05": 85.0,
  "summary_csf_p95": 3371.0,
  "summary_csf_stdv": 1050.8989,
  "summary_gm_k": 46.2909,
  "summary_gm_mad": 178.4089,
  "summary_gm_mean": 1320.9292,
  "summary_gm_median": 1322.0,
  "summary_gm_n": 1032440.9993715402,
  "summary_gm_p05": 917.0,
  "summary_gm_p95": 1754.0,
  "summary_gm_stdv": 269.5315,
  "summary_wm_k": 102.5178,
  "summary_wm_mad": 131.0979,
  "summary_wm_mean": 1132.8468,
  "summary_wm_median": 1122.0,
  "summary_wm_n": 1131118.7298964553,
  "summary_wm_p05": 903.0,
  "summary_wm_p95": 1391.0,
  "summary_wm_stdv": 164.6917,
  "tpm_overlap_csf": 0.20710706796125555,
  "tpm_overlap_gm": 0.5098654154031513,
  "tpm_overlap_wm": 0.523620395612511,
  "wm2max": 0.2933928223377913
}