{
  "bids_meta": {
    "AcquisitionMatrixPE": 320,
    "AcquisitionNumber": 1,
    "AcquisitionTime": "00:56:34.042500",
    "BaseResolution": 320,
    "BodyPartExamined": "BRAIN",
    "CoilCombinationMethod": "Adaptive Combine",
    "CoilString": "HeadNeck_64",
    "ConversionSoftware": "dcm2niix",
    "ConversionSoftwareVersion": "v1.0.20220720",
    "DeviceSerialNumber": "67014",
    "DwellTime": 2.2e-6,
    "EchoTime": 0.413,
    "EchoTrainLength": 248,
    "FileSize": 0.015075655654072762,
    "FileSizeUnits": "GB",
    "FlipAngle": 120,
    "HeudiconvVersion": "1.1.6.post8+ga0a3635",
    "ImageOrientationPatientDICOM": [
      -0.0211294,
      0.994404,
      0.103513,
      0.0514293,
      0.10448,
      -0.993196
    ],
    "ImageType": [
      "ORIGINAL",
      "PRIMARY",
      "M",
      "NORM",
      "DIS3D",
      "MFSPLIT"
    ],
    "ImageTypeText": [
      "ORIGINAL",
      "PRIMARY",
      "M",
      "NONE"
    ],
    "ImagingFrequency": 123.248,
    "InPlanePhaseEncodingDirectionDICOM": "ROW",
    "InstitutionAddress": "Rue du Bugnon 21,Lausanne,District,CH,1011",
    "InstitutionName": "CHUV",
    "MRAcquisitionType": "3D",
    "MagneticFieldStrength": 3,
    "Manufacturer": "Siemens",
    "ManufacturersModelName": "MAGNETOM Prisma Fit",
    "MatrixCoilMode": "GRAPPA",
    "Modality": "MR",
    "NonlinearGradientCorrection": true,
    "NumberOfVolumes": 1,
    "ParallelReductionFactorInPlane": 3,
    "PartialFourier": 1,
    "PatientPosition": "HFS",
    "PercentPhaseFOV": 100,
    "PercentSampling": 100,
    "PhaseEncodingDirection": "i",
    "PhaseEncodingSteps": 320,
    "PhaseResolution": 1,
    "PixelBandwidth": 710,
    "ProcedureStepDescription": "RESEARCH Oscar",
    "ProtocolName": "anat-T2w__space",
    "PulseSequenceDetails": "%SiemensSeq%\\space",
    "ReceiveCoilActiveElements": "HC1-7;NC1,2",
    "ReceiveCoilName": "HeadNeck_64",
    "ReconMatrixPE": 320,
    "RefLinesPE": 24,
    "RepetitionTime": 3.2,
    "SAR": 0.113172,
    "ScanOptions": "PFP\\PER",
    "ScanningSequence": "SE",
    "SequenceName": "*spcR_282ns",
    "SequenceVariant": "SP\\SK",
    "SeriesDescription": "anat-T2w__space",
    "SeriesNumber": 28,
    "ShimSetting": [
      8228,
      -5666,
      -6274,
      307,
      -57,
      -153,
      48,
      21
    ],
    "SliceThickness": 0.8,
    "SoftwareVersions": "syngo MR XA30",
    "StationName": "LRG10884",
    "TxRefAmp": 241.854,
    "acquisition": "undistorted",
    "dataset": "HCPh",
    "datatype": "anat",
    "extension": ".nii.gz",
    "modality": "T2w",
    "session": "20902060",
    "subject": "001",
    "suffix": "T2w"
  },
  "cjv": 1.442828,
  "cnr": 0.647009483693218,
  "efc": 0.4999,
  "fber": -1.0,
  "fwhm_avg": 2.655537460429408,
  "fwhm_x": 2.589049961420149,
  "fwhm_y": 2.8492999575421223,
  "fwhm_z": 2.5282624623259533,
  "icvs_csf": 0.2765094624793541,
  "icvs_gm": 0.3414703363011385,
  "icvs_wm": 0.38202020121950747,
  "inu_med": 1.0010573863983154,
  "inu_range": 0.32644165754318233,
  "provenance": {
    "md5sum": "8fff1c2f125fddf38a2e31a7592e290d",
    "settings": {
      "testing": false
    },
    "software": "mriqc",
    "version": "24.1.0.dev15+g9586c867.d20240825",
    "warnings": {
      "large_rot_frame": true,
      "small_air_mask": false
    }
  },
  "qi_1": 0.0,
  "qi_2": 0.002164071375273177,
  "rpve_csf": 8.162788575065626,
  "rpve_gm": 8.014366638614787,
  "rpve_wm": 8.050871905135844,
  "size_x": 240,
  "size_y": 320,
  "size_z": 320,
  "snr_csf": 1.439043584318256,
  "snr_gm": 4.289201471171422,
  "snr_total": 4.059915669088362,
  "snr_wm": 6.451501951775408,
  "snrd_csf": 38.00780197711297,
  "snrd_gm": 31.66506775970473,
  "snrd_total": 31.9566877237235,
  "snrd_wm": 26.197193434352798,
  "spacing_x": 0.800000011920929,
  "spacing_y": 0.800000011920929,
  "spacing_z": 0.800000011920929,
  "summary_bg_k": 879.7729,
  "summary_bg_mad": 0.0,
  "summary_bg_mean": 3.3243,
  "summary_bg_median": 0.0,
  "summary_bg_n": 7002544.0,
  "summary_bg_p05": 0.0,
  "summary_bg_p95": 17.0,
  "summary_bg_stdv": 26.9585,
  "summary_csf_k": -1.3354,
  "summary_csf_mad": 1715.6738,
  "summary_csf_mean": 1628.8692,
  "summary_csf_median": 1564.0,
  "summary_csf_n": 821899.2155482545,
  "summary_csf_p05": 27.0,
  "summary_csf_p95": 3501.0,
  "summary_csf_stdv": 1086.8323,
  "summary_gm_k": 38.7171,
  "summary_gm_mad": 196.0639,
  "summary_gm_mean": 1303.1686,
  "summary_gm_median": 1303.0,
  "summary_gm_n": 1014989.5017059669,
  "summary_gm_p05": 857.0,
  "summary_gm_p95": 1799.0,
  "summary_gm_stdv": 303.786,
  "summary_wm_k": 127.8018,
  "summary_wm_mad": 128.5724,
  "summary_wm_mean": 1090.0056,
  "summary_wm_median": 1078.0,
  "summary_wm_n": 1135520.28523922,
  "summary_wm_p05": 861.0,
  "summary_wm_p95": 1349.0,
  "summary_wm_stdv": 167.0928,
  "tpm_overlap_csf": 0.2092556467824326,
  "tpm_overlap_gm": 0.4974585720052925,
  "tpm_overlap_wm": 0.520049105197398,
  "wm2max": 0.2800953250823413
}
