{
  "bids_meta": {
    "AcquisitionMatrixPE": 252,
    "AcquisitionNumber": 1,
    "AcquisitionTime": "23:45:51.840000",
    "BaseResolution": 288,
    "BodyPartExamined": "BRAIN",
    "CoilCombinationMethod": "Adaptive Combine",
    "CoilString": "HeadNeck_64",
    "ConversionSoftware": "dcm2niix",
    "ConversionSoftwareVersion": "v1.0.20220720",
    "DeviceSerialNumber": "67014",
    "DwellTime": 6.7e-6,
    "EchoTime": 0.00255,
    "FileSize": 0.011679098010063171,
    "FileSizeUnits": "GB",
    "FlipAngle": 8,
    "HeudiconvVersion": "1.1.6.post8+ga0a3635",
    "ImageOrientationPatientDICOM": [
      1,
      -1.1103e-11,
      4e-6,
      -4.897e-12,
      1,
      4e-6
    ],
    "ImageType": [
      "ORIGINAL",
      "PRIMARY",
      "M",
      "NORM",
      "DIS2D",
      "FM3",
      "2",
      "FIL",
      "MFSPLIT"
    ],
    "ImageTypeText": [
      "ORIGINAL",
      "PRIMARY",
      "M",
      "NONE"
    ],
    "ImagingFrequency": 123.248,
    "InPlanePhaseEncodingDirectionDICOM": "ROW",
    "InstitutionAddress": "Rue du Bugnon 21,Lausanne,District,CH,1011",
    "InstitutionName": "CHUV",
    "InversionTime": 0.9,
    "MRAcquisitionType": "3D",
    "MagneticFieldStrength": 3,
    "Manufacturer": "Siemens",
    "ManufacturersModelName": "MAGNETOM Prisma Fit",
    "MatrixCoilMode": "GRAPPA",
    "Modality": "MR",
    "NonlinearGradientCorrection": true,
    "NumberOfVolumes": 1,
    "ParallelReductionFactorInPlane": 2,
    "PartialFourier": 1,
    "PatientPosition": "HFS",
    "PercentPhaseFOV": 87.5,
    "PercentSampling": 100,
    "PhaseEncodingSteps": 252,
    "PhaseResolution": 1,
    "PixelBandwidth": 259,
    "ProcedureStepDescription": "RESEARCH Oscar",
    "ProtocolName": "anat-T1w__t1_mprage_tra_p2_iso_siemens_axial",
    "PulseSequenceDetails": "%SiemensSeq%\\tfl",
    "ReceiveCoilActiveElements": "HC1-6",
    "ReceiveCoilName": "HeadNeck_64",
    "ReconMatrixPE": 252,
    "RefLinesPE": 24,
    "RepetitionTime": 2.2,
    "SAR": 0.0361541,
    "ScanOptions": "PER",
    "ScanningSequence": "GR",
    "SequenceName": "*tfl3d1_16",
    "SequenceVariant": "SK",
    "SeriesDescription": "anat-T1w__t1_mprage_tra_p2_iso_siemens_axial",
    "SeriesNumber": 9,
    "ShimSetting": [
      8228,
      -5666,
      -6274,
      307,
      -57,
      -153,
      48,
      21
    ],
    "SliceThickness": 0.8,
    "SoftwareVersions": "syngo MR XA30",
    "StationName": "LRG10884",
    "TxRefAmp": 241.854,
    "acquisition": "undistorted",
    "dataset": "HCPh",
    "datatype": "anat",
    "extension": ".nii.gz",
    "modality": "T1w",
    "session": "20902060",
    "subject": "001",
    "suffix": "T1w"
  },
  "cjv": 0.6290761363636364,
  "cnr": 1.509555915027349,
  "efc": 0.5341,
  "fber": -1.0,
  "fwhm_avg": 4.79352949065147,
  "fwhm_x": 4.40452243312277,
  "fwhm_y": 5.3727911074257815,
  "fwhm_z": 4.603274931405858,
  "icvs_csf": 0.27798577322541684,
  "icvs_gm": 0.3750278802684951,
  "icvs_wm": 0.3469863465060882,
  "inu_med": 0.6146606504917145,
  "inu_range": 0.3058471858501435,
  "provenance": {
    "md5sum": "17c71511ded7f774dfd7a330e12f837a",
    "settings": {
      "testing": false
    },
    "software": "mriqc",
    "version": "24.1.0.dev15+g9586c867.d20240825",
    "warnings": {
      "large_rot_frame": true,
      "small_air_mask": false
    }
  },
  "qi_1": 0.0,
  "qi_2": 0.0015968704591829168,
  "rpve_csf": 4.551650327974093,
  "rpve_gm": 4.445360420879573,
  "rpve_wm": 4.5249071388375635,
  "size_x": 252,
  "size_y": 288,
  "size_z": 192,
  "snr_csf": 1.5270328758897482,
  "snr_gm": 4.89718556550057,
  "snr_total": 5.281838405943898,
  "snr_wm": 9.421296776441373,
  "snrd_csf": 6.184768482053839,
  "snrd_gm": 13.941243806081754,
  "snrd_total": 13.151988422233302,
  "snrd_wm": 19.329952978564307,
  "spacing_x": 0.7986109852790833,
  "spacing_y": 0.7986109852790833,
  "spacing_z": 0.800000011920929,
  "summary_bg_k": 205.9058,
  "summary_bg_mad": 0.0,
  "summary_bg_mean": 4.8065,
  "summary_bg_median": 0.0,
  "summary_bg_n": 4522995.0,
  "summary_bg_p05": 0.0,
  "summary_bg_p95": 13.0,
  "summary_bg_stdv": 32.096,
  "summary_csf_k": -0.9317,
  "summary_csf_mad": 168.2437,
  "summary_csf_mean": 320.4384,
  "summary_csf_median": 303.0,
  "summary_csf_n": 835457.8875128607,
  "summary_csf_p05": 25.0,
  "summary_csf_p95": 674.0,
  "summary_csf_stdv": 198.4239,
  "summary_gm_k": 0.1171,
  "summary_gm_mad": 91.4352,
  "summary_gm_mean": 683.3303,
  "summary_gm_median": 683.0,
  "summary_gm_n": 1127108.0421567971,
  "summary_gm_p05": 451.0,
  "summary_gm_p95": 943.0,
  "summary_gm_stdv": 139.4678,
  "summary_wm_k": 0.0179,
  "summary_wm_mad": 74.6409,
  "summary_wm_mean": 922.28,
  "summary_wm_median": 947.0,
  "summary_wm_n": 1042832.0726064999,
  "summary_wm_p05": 726.0,
  "summary_wm_p95": 1050.0,
  "summary_wm_stdv": 100.5169,
  "tpm_overlap_csf": 0.1824073300163426,
  "tpm_overlap_gm": 0.5371063757812907,
  "tpm_overlap_wm": 0.5462055020673291,
  "wm2max": 0.4663477876041401
}
