{
  "bids_meta": {
    "AcquisitionMatrixPE": 320,
    "AcquisitionNumber": 1,
    "AcquisitionTime": "00:56:34.042500",
    "BaseResolution": 320,
    "BodyPartExamined": "BRAIN",
    "CoilCombinationMethod": "Adaptive Combine",
    "CoilString": "HeadNeck_64",
    "ConversionSoftware": "dcm2niix",
    "ConversionSoftwareVersion": "v1.0.20220720",
    "DeviceSerialNumber": "67014",
    "DwellTime": 2.2e-6,
    "EchoTime": 0.413,
    "EchoTrainLength": 248,
    "FileSize": 0.015947177074849606,
    "FileSizeUnits": "GB",
    "FlipAngle": 120,
    "HeudiconvVersion": "1.1.6.post8+ga0a3635",
    "ImageOrientationPatientDICOM": [
      -0.0211294,
      0.994404,
      0.103513,
      0.0514293,
      0.10448,
      -0.993196
    ],
    "ImageType": [
      "ORIGINAL",
      "PRIMARY",
      "M",
      "ND",
      "NORM",
      "MFSPLIT"
    ],
    "ImageTypeText": [
      "ORIGINAL",
      "PRIMARY",
      "M",
      "NONE"
    ],
    "ImagingFrequency": 123.248,
    "InPlanePhaseEncodingDirectionDICOM": "ROW",
    "InstitutionAddress": "Rue du Bugnon 21,Lausanne,District,CH,1011",
    "InstitutionName": "CHUV",
    "MRAcquisitionType": "3D",
    "MagneticFieldStrength": 3,
    "Manufacturer": "Siemens",
    "ManufacturersModelName": "MAGNETOM Prisma Fit",
    "MatrixCoilMode": "GRAPPA",
    "Modality": "MR",
    "NonlinearGradientCorrection": false,
    "NumberOfVolumes": 1,
    "ParallelReductionFactorInPlane": 3,
    "PartialFourier": 1,
    "PatientPosition": "HFS",
    "PercentPhaseFOV": 100,
    "PercentSampling": 100,
    "PhaseEncodingDirection": "i",
    "PhaseEncodingSteps": 320,
    "PhaseResolution": 1,
    "PixelBandwidth": 710,
    "ProcedureStepDescription": "RESEARCH Oscar",
    "ProtocolName": "anat-T2w__space",
    "PulseSequenceDetails": "%SiemensSeq%\\space",
    "ReceiveCoilActiveElements": "HC1-7;NC1,2",
    "ReceiveCoilName": "HeadNeck_64",
    "ReconMatrixPE": 320,
    "RefLinesPE": 24,
    "RepetitionTime": 3.2,
    "SAR": 0.113172,
    "ScanOptions": "PFP\\PER",
    "ScanningSequence": "SE",
    "SequenceName": "*spcR_282ns",
    "SequenceVariant": "SP\\SK",
    "SeriesDescription": "anat-T2w__space_ND",
    "SeriesNumber": 27,
    "ShimSetting": [
      8228,
      -5666,
      -6274,
      307,
      -57,
      -153,
      48,
      21
    ],
    "SliceThickness": 0.8,
    "SoftwareVersions": "syngo MR XA30",
    "StationName": "LRG10884",
    "TxRefAmp": 241.854,
    "acquisition": "original",
    "dataset": "HCPh",
    "datatype": "anat",
    "extension": ".nii.gz",
    "modality": "T2w",
    "session": "20902060",
    "subject": "001",
    "suffix": "T2w"
  },
  "cjv": 1.4294933333333333,
  "cnr": 0.6532266786696332,
  "efc": 0.4909,
  "fber": -1.0,
  "fwhm_avg": 2.7756707919726153,
  "fwhm_x": 2.6962124598233035,
  "fwhm_y": 2.979974955594913,
  "fwhm_z": 2.65082496049963,
  "icvs_csf": 0.27347115904093755,
  "icvs_gm": 0.3459853159209866,
  "icvs_wm": 0.38054352503807587,
  "inu_med": 0.9673873782157898,
  "inu_range": 0.3518033027648926,
  "provenance": {
    "md5sum": "0abc9e60a3f0eb9dfed497039ff9cd15",
    "settings": {
      "testing": false
    },
    "software": "mriqc",
    "version": "24.1.0.dev15+g9586c867.d20240825",
    "warnings": {
      "large_rot_frame": true,
      "small_air_mask": false
    }
  },
  "qi_1": 0.0,
  "qi_2": 0.002819135413448131,
  "rpve_csf": 8.160523501663505,
  "rpve_gm": 8.006228436424701,
  "rpve_wm": 8.040951728940827,
  "size_x": 240,
  "size_y": 320,
  "size_z": 320,
  "snr_csf": 1.511534368676807,
  "snr_gm": 4.70359994673064,
  "snr_total": 4.2702158480097765,
  "snr_wm": 6.595513228621883,
  "snrd_csf": 44.82799900241234,
  "snrd_gm": 38.47068171512524,
  "snrd_total": 38.510291168628584,
  "snrd_wm": 32.23219278834817,
  "spacing_x": 0.800000011920929,
  "spacing_y": 0.800000011920929,
  "spacing_z": 0.800000011920929,
  "summary_bg_k": 1057.5559,
  "summary_bg_mad": 0.0,
  "summary_bg_mean": 3.4374,
  "summary_bg_median": 0.0,
  "summary_bg_n": 6972719.0,
  "summary_bg_p05": 0.0,
  "summary_bg_p95": 17.0,
  "summary_bg_stdv": 22.0532,
  "summary_csf_k": -1.2939,
  "summary_csf_mad": 1563.4481,
  "summary_csf_mean": 1565.1811,
  "summary_csf_median": 1509.0,
  "summary_csf_n": 813109.3364850124,
  "summary_csf_p05": 99.0,
  "summary_csf_p95": 3269.0,
  "summary_csf_stdv": 998.3227,
  "summary_gm_k": 48.2851,
  "summary_gm_mad": 171.228,
  "summary_gm_mean": 1295.8158,
  "summary_gm_median": 1295.0,
  "summary_gm_n": 1028715.0266546306,
  "summary_gm_p05": 886.0,
  "summary_gm_p95": 1742.0,
  "summary_gm_stdv": 275.3209,
  "summary_wm_k": 116.6053,
  "summary_wm_mad": 128.9656,
  "summary_wm_mean": 1096.3791,
  "summary_wm_median": 1085.0,
  "summary_wm_n": 1131466.6388679696,
  "summary_wm_p05": 871.0,
  "summary_wm_p95": 1348.0,
  "summary_wm_stdv": 164.5057,
  "tpm_overlap_csf": 0.21400084671380387,
  "tpm_overlap_gm": 0.5079440597095884,
  "tpm_overlap_wm": 0.5276243389929443,
  "wm2max": 0.28958483820898434
}
