{
  "bids_meta": {
    "AcquisitionMatrixPE": 320,
    "AcquisitionNumber": 1,
    "AcquisitionTime": "22:32:35.882500",
    "BaseResolution": 320,
    "BodyPartExamined": "BRAIN",
    "CoilCombinationMethod": "Adaptive Combine",
    "CoilString": "HeadNeck_64_CS",
    "ConversionSoftware": "dcm2niix",
    "ConversionSoftwareVersion": "v1.0.20220720",
    "DeviceSerialNumber": "176240",
    "DwellTime": 2.2e-6,
    "EchoTime": 0.413,
    "EchoTrainLength": 248,
    "FileSize": 0.015337802469730377,
    "FileSizeUnits": "GB",
    "FlipAngle": 120,
    "HeudiconvVersion": "1.1.6.post8+ga0a3635",
    "ImageOrientationPatientDICOM": [
      -0.0301102,
      0.986522,
      0.160834,
      0.0272193,
      0.161656,
      -0.986472
    ],
    "ImageType": [
      "ORIGINAL",
      "PRIMARY",
      "M",
      "NORM",
      "DIS3D",
      "MFSPLIT"
    ],
    "ImageTypeText": [
      "ORIGINAL",
      "PRIMARY",
      "M",
      "NONE"
    ],
    "ImagingFrequency": 123.261,
    "InPlanePhaseEncodingDirectionDICOM": "ROW",
    "InstitutionAddress": "Rue de Bugnon 46,Lausanne,,CH,1011",
    "InstitutionName": "Radiologie-CHUV",
    "MRAcquisitionType": "3D",
    "MagneticFieldStrength": 3,
    "Manufacturer": "Siemens",
    "ManufacturersModelName": "MAGNETOM Vida",
    "MatrixCoilMode": "GRAPPA",
    "Modality": "MR",
    "NonlinearGradientCorrection": true,
    "NumberOfVolumes": 1,
    "ParallelReductionFactorInPlane": 3,
    "PartialFourier": 1,
    "PatientPosition": "HFS",
    "PercentPhaseFOV": 100,
    "PercentSampling": 100,
    "PhaseEncodingDirection": "i",
    "PhaseEncodingSteps": 320,
    "PhaseResolution": 1,
    "PixelBandwidth": 710,
    "ProcedureStepDescription": "Research Oscar",
    "ProtocolName": "anat-T2w__space",
    "PulseSequenceDetails": "%SiemensSeq%\\space",
    "ReceiveCoilActiveElements": "HC1-7;NC1,2",
    "ReceiveCoilName": "HeadNeck_64_CS",
    "ReconMatrixPE": 320,
    "RefLinesPE": 24,
    "RepetitionTime": 3.2,
    "SAR": 0.137177,
    "ScanOptions": "PFP\\PER",
    "ScanningSequence": "SE",
    "SequenceName": "*spcR_282ns",
    "SequenceVariant": "SP\\SK",
    "SeriesDescription": "anat-T2w__space",
    "SeriesNumber": 24,
    "ShimSetting": [
      -8778,
      8428,
      9145,
      105,
      -256,
      11,
      89,
      62
    ],
    "SliceThickness": 0.8,
    "SoftwareVersions": "syngo MR XA50",
    "StationName": "LRG08892",
    "TxRefAmp": 315.02,
    "acquisition": "undistorted",
    "dataset": "HCPh",
    "datatype": "anat",
    "extension": ".nii.gz",
    "modality": "T2w",
    "session": "20903034",
    "subject": "001",
    "suffix": "T2w"
  },
  "cjv": 1.506568018018018,
  "cnr": 0.6381295001910111,
  "efc": 0.4786,
  "fber": -1.0,
  "fwhm_avg": 2.6942874598519886,
  "fwhm_x": 2.563024961807952,
  "fwhm_y": 2.930099956338108,
  "fwhm_z": 2.5897374614099045,
  "icvs_csf": 0.2771943286565459,
  "icvs_gm": 0.34093298122676785,
  "icvs_wm": 0.3818726901166861,
  "inu_med": 1.0202313661575317,
  "inu_range": 0.3648918360471727,
  "provenance": {
    "md5sum": "bda861372d3cb23bad9d74b90784fbf0",
    "settings": {
      "testing": false
    },
    "software": "mriqc",
    "version": "24.1.0.dev15+g9586c867.d20240825",
    "warnings": {
      "large_rot_frame": true,
      "small_air_mask": false
    }
  },
  "qi_1": 0.0,
  "qi_2": 0.002394020381379065,
  "rpve_csf": 8.24194058677308,
  "rpve_gm": 8.095894593386252,
  "rpve_wm": 8.132967516472242,
  "size_x": 240,
  "size_y": 320,
  "size_z": 320,
  "snr_csf": 1.4133251457995213,
  "snr_gm": 4.309001353900574,
  "snr_total": 4.17451668201043,
  "snr_wm": 6.801223546331196,
  "snrd_csf": 32.08616135681055,
  "snrd_gm": 28.313840449129415,
  "snrd_total": 27.985191279142043,
  "snrd_wm": 23.555572031486168,
  "spacing_x": 0.800000011920929,
  "spacing_y": 0.800000011920929,
  "spacing_z": 0.800000011920929,
  "summary_bg_k": 665.0862,
  "summary_bg_mad": 0.0,
  "summary_bg_mean": 2.3807,
  "summary_bg_median": 0.0,
  "summary_bg_n": 6993497.0,
  "summary_bg_p05": 0.0,
  "summary_bg_p95": 13.0,
  "summary_bg_stdv": 30.5658,
  "summary_csf_k": -1.4299,
  "summary_csf_mad": 1705.6906,
  "summary_csf_mean": 1560.1224,
  "summary_csf_median": 1497.0,
  "summary_csf_n": 815716.3832578035,
  "summary_csf_p05": 14.0,
  "summary_csf_p95": 3352.0,
  "summary_csf_stdv": 1059.2036,
  "summary_gm_k": 28.8905,
  "summary_gm_mad": 205.5569,
  "summary_gm_mean": 1321.6801,
  "summary_gm_median": 1321.0,
  "summary_gm_n": 1003283.9406472188,
  "summary_gm_p05": 867.0,
  "summary_gm_p95": 1827.0,
  "summary_gm_stdv": 306.5674,
  "summary_wm_k": 93.5619,
  "summary_wm_mad": 128.9012,
  "summary_wm_mean": 1109.9712,
  "summary_wm_median": 1099.0,
  "summary_wm_n": 1123759.678477661,
  "summary_wm_p05": 882.0,
  "summary_wm_p95": 1366.0,
  "summary_wm_stdv": 161.5885,
  "tpm_overlap_csf": 0.2117019341829427,
  "tpm_overlap_gm": 0.49890698585329374,
  "tpm_overlap_wm": 0.5187203677402491,
  "wm2max": 0.29390239346652924
}
