{
  "bids_meta": {
    "AcquisitionMatrixPE": 216,
    "AcquisitionNumber": 1,
    "AcquisitionTime": "21:22:37.922500",
    "BaseResolution": 256,
    "BodyPartExamined": "BRAIN",
    "CoilCombinationMethod": "Adaptive Combine",
    "CoilString": "HeadNeck_64_CS",
    "ConversionSoftware": "dcm2niix",
    "ConversionSoftwareVersion": "v1.0.20220720",
    "DeviceSerialNumber": "176240",
    "DwellTime": 7.5e-6,
    "EchoTime": 0.00246,
    "FileSize": 0.009476810693740845,
    "FileSizeUnits": "GB",
    "FlipAngle": 8,
    "HeudiconvVersion": "1.1.6.post8+ga0a3635",
    "ImageOrientationPatientDICOM": [
      0.999174,
      0.0253846,
      0.0317235,
      -0.0249428,
      0.999587,
      -0.014245
    ],
    "ImageType": [
      "ORIGINAL",
      "PRIMARY",
      "M",
      "NORM",
      "DIS2D",
      "FM3",
      "2",
      "FIL",
      "MFSPLIT"
    ],
    "ImageTypeText": [
      "ORIGINAL",
      "PRIMARY",
      "M",
      "NONE"
    ],
    "ImagingFrequency": 123.261,
    "InPlanePhaseEncodingDirectionDICOM": "ROW",
    "InstitutionAddress": "Rue de Bugnon 46,Lausanne,,CH,1011",
    "InstitutionName": "Radiologie-CHUV",
    "InversionTime": 0.9,
    "MRAcquisitionType": "3D",
    "MagneticFieldStrength": 3,
    "Manufacturer": "Siemens",
    "ManufacturersModelName": "MAGNETOM Vida",
    "MatrixCoilMode": "GRAPPA",
    "Modality": "MR",
    "NonlinearGradientCorrection": true,
    "NumberOfVolumes": 1,
    "ParallelReductionFactorInPlane": 2,
    "PartialFourier": 1,
    "PatientPosition": "HFS",
    "PercentPhaseFOV": 84.375,
    "PercentSampling": 100,
    "PhaseEncodingSteps": 216,
    "PhaseResolution": 1,
    "PixelBandwidth": 260,
    "ProcedureStepDescription": "Research Oscar",
    "ProtocolName": "anat-T1w__t1_mprage_tra_p2_iso_siemens_axial",
    "PulseSequenceDetails": "%SiemensSeq%\\tfl",
    "ReceiveCoilActiveElements": "HC1-7;NC1",
    "ReceiveCoilName": "HeadNeck_64_CS",
    "ReconMatrixPE": 216,
    "RefLinesPE": 24,
    "RepetitionTime": 2.2,
    "SAR": 0.0444853,
    "ScanOptions": "PER",
    "ScanningSequence": "GR",
    "SequenceName": "*tfl3d1_240",
    "SequenceVariant": "SK",
    "SeriesDescription": "anat-T1w__t1_mprage_tra_p2_iso_siemens_axial",
    "SeriesNumber": 5,
    "ShimSetting": [
      -8778,
      8428,
      9145,
      105,
      -256,
      11,
      89,
      62
    ],
    "SliceThickness": 0.9,
    "SoftwareVersions": "syngo MR XA50",
    "StationName": "LRG08892",
    "TxRefAmp": 315.02,
    "acquisition": "undistorted",
    "dataset": "HCPh",
    "datatype": "anat",
    "extension": ".nii.gz",
    "modality": "T1w",
    "run": 1,
    "session": "20903034",
    "subject": "001",
    "suffix": "T1w"
  },
  "cjv": 0.619380876494024,
  "cnr": 1.557504385435459,
  "efc": 0.5278,
  "fber": -1.0,
  "fwhm_avg": 4.740257815176415,
  "fwhm_x": 4.38626828072548,
  "fwhm_y": 5.27811615521179,
  "fwhm_z": 4.556389009591976,
  "icvs_csf": 0.27515879923051967,
  "icvs_gm": 0.3756789009120869,
  "icvs_wm": 0.3491622998573935,
  "inu_med": 0.5191957056522369,
  "inu_range": 0.23529484122991567,
  "provenance": {
    "md5sum": "4eb2f62975c715e772fb73ebd62b4180",
    "settings": {
      "testing": false
    },
    "software": "mriqc",
    "version": "24.1.0.dev15+g9586c867.d20240825",
    "warnings": {
      "large_rot_frame": true,
      "small_air_mask": false
    }
  },
  "qi_1": 0.0,
  "qi_2": 0.0013689248305902453,
  "rpve_csf": 5.359995600303956,
  "rpve_gm": 5.251984390610545,
  "rpve_wm": 5.33079149467787,
  "size_x": 216,
  "size_y": 256,
  "size_z": 208,
  "snr_csf": 1.6122521243737484,
  "snr_gm": 5.423422221765464,
  "snr_total": 5.708578735139536,
  "snr_wm": 10.090061859279395,
  "snrd_csf": 11.528275307811906,
  "snrd_gm": 24.123346241122828,
  "snrd_total": 22.804190360129425,
  "snrd_wm": 32.76094953145354,
  "spacing_x": 0.8984379768371582,
  "spacing_y": 0.8984379768371582,
  "spacing_z": 0.8999999761581421,
  "summary_bg_k": 1512.2294,
  "summary_bg_mad": 0.0,
  "summary_bg_mean": 1.8116,
  "summary_bg_median": 0.0,
  "summary_bg_n": 3372936.0,
  "summary_bg_p05": 0.0,
  "summary_bg_p95": 7.0,
  "summary_bg_stdv": 19.0376,
  "summary_csf_k": -0.3392,
  "summary_csf_mad": 171.3492,
  "summary_csf_mean": 352.2063,
  "summary_csf_median": 335.0,
  "summary_csf_n": 581063.292984741,
  "summary_csf_p05": 29.0,
  "summary_csf_p95": 708.0,
  "summary_csf_stdv": 207.7837,
  "summary_gm_k": -0.4472,
  "summary_gm_mad": 84.8842,
  "summary_gm_mean": 704.7747,
  "summary_gm_median": 701.0,
  "summary_gm_n": 793335.4116943432,
  "summary_gm_p05": 492.0,
  "summary_gm_p95": 949.0,
  "summary_gm_stdv": 129.2541,
  "summary_wm_k": -0.0236,
  "summary_wm_mad": 70.5804,
  "summary_wm_mean": 926.2181,
  "summary_wm_median": 952.0,
  "summary_wm_n": 737339.2975570135,
  "summary_wm_p05": 740.0,
  "summary_wm_p95": 1041.0,
  "summary_wm_stdv": 94.3502,
  "tpm_overlap_csf": 0.19493188170849937,
  "tpm_overlap_gm": 0.5479641177231473,
  "tpm_overlap_wm": 0.5580050386183043,
  "wm2max": 0.49156791013169376
}
