{
  "bids_meta": {
    "AcquisitionMatrixPE": 320,
    "AcquisitionNumber": 1,
    "AcquisitionTime": "22:32:35.882500",
    "BaseResolution": 320,
    "BodyPartExamined": "BRAIN",
    "CoilCombinationMethod": "Adaptive Combine",
    "CoilString": "HeadNeck_64_CS",
    "ConversionSoftware": "dcm2niix",
    "ConversionSoftwareVersion": "v1.0.20220720",
    "DeviceSerialNumber": "176240",
    "DwellTime": 2.2e-6,
    "EchoTime": 0.413,
    "EchoTrainLength": 248,
    "FileSize": 0.01627128478139639,
    "FileSizeUnits": "GB",
    "FlipAngle": 120,
    "HeudiconvVersion": "1.1.6.post8+ga0a3635",
    "ImageOrientationPatientDICOM": [
      -0.0301102,
      0.986522,
      0.160834,
      0.0272193,
      0.161656,
      -0.986472
    ],
    "ImageType": [
      "ORIGINAL",
      "PRIMARY",
      "M",
      "ND",
      "NORM",
      "MFSPLIT"
    ],
    "ImageTypeText": [
      "ORIGINAL",
      "PRIMARY",
      "M",
      "NONE"
    ],
    "ImagingFrequency": 123.261,
    "InPlanePhaseEncodingDirectionDICOM": "ROW",
    "InstitutionAddress": "Rue de Bugnon 46,Lausanne,,CH,1011",
    "InstitutionName": "Radiologie-CHUV",
    "MRAcquisitionType": "3D",
    "MagneticFieldStrength": 3,
    "Manufacturer": "Siemens",
    "ManufacturersModelName": "MAGNETOM Vida",
    "MatrixCoilMode": "GRAPPA",
    "Modality": "MR",
    "NonlinearGradientCorrection": false,
    "NumberOfVolumes": 1,
    "ParallelReductionFactorInPlane": 3,
    "PartialFourier": 1,
    "PatientPosition": "HFS",
    "PercentPhaseFOV": 100,
    "PercentSampling": 100,
    "PhaseEncodingDirection": "i",
    "PhaseEncodingSteps": 320,
    "PhaseResolution": 1,
    "PixelBandwidth": 710,
    "ProcedureStepDescription": "Research Oscar",
    "ProtocolName": "anat-T2w__space",
    "PulseSequenceDetails": "%SiemensSeq%\\space",
    "ReceiveCoilActiveElements": "HC1-7;NC1,2",
    "ReceiveCoilName": "HeadNeck_64_CS",
    "ReconMatrixPE": 320,
    "RefLinesPE": 24,
    "RepetitionTime": 3.2,
    "SAR": 0.137177,
    "ScanOptions": "PFP\\PER",
    "ScanningSequence": "SE",
    "SequenceName": "*spcR_282ns",
    "SequenceVariant": "SP\\SK",
    "SeriesDescription": "anat-T2w__space_ND",
    "SeriesNumber": 23,
    "ShimSetting": [
      -8778,
      8428,
      9145,
      105,
      -256,
      11,
      89,
      62
    ],
    "SliceThickness": 0.8,
    "SoftwareVersions": "syngo MR XA50",
    "StationName": "LRG08892",
    "TxRefAmp": 315.02,
    "acquisition": "original",
    "dataset": "HCPh",
    "datatype": "anat",
    "extension": ".nii.gz",
    "modality": "T2w",
    "session": "20903034",
    "subject": "001",
    "suffix": "T2w"
  },
  "cjv": 1.5259775609756097,
  "cnr": 0.6367595180022655,
  "efc": 0.4757,
  "fber": -1.0,
  "fwhm_avg": 2.68008329339698,
  "fwhm_x": 2.537024962195382,
  "fwhm_y": 2.93408745627869,
  "fwhm_z": 2.5691374617168683,
  "icvs_csf": 0.2753195059682797,
  "icvs_gm": 0.34576159849996924,
  "icvs_wm": 0.37891889553175095,
  "inu_med": 0.9653509259223938,
  "inu_range": 0.3265264332294464,
  "provenance": {
    "md5sum": "8a9250b4abd8ee0bf4316a861a549d64",
    "settings": {
      "testing": false
    },
    "software": "mriqc",
    "version": "24.1.0.dev15+g9586c867.d20240825",
    "warnings": {
      "large_rot_frame": true,
      "small_air_mask": false
    }
  },
  "qi_1": 0.0,
  "qi_2": 0.0026540555934451344,
  "rpve_csf": 8.136833928393148,
  "rpve_gm": 7.982475415476198,
  "rpve_wm": 8.015836368236764,
  "size_x": 240,
  "size_y": 320,
  "size_z": 320,
  "snr_csf": 1.4747758110805598,
  "snr_gm": 4.753862792784043,
  "snr_total": 4.328184841682474,
  "snr_wm": 6.755915921182819,
  "snrd_csf": 33.842643553291204,
  "snrd_gm": 30.472325342283497,
  "snrd_total": 30.007453864903123,
  "snrd_wm": 25.70739269913466,
  "spacing_x": 0.800000011920929,
  "spacing_y": 0.800000011920929,
  "spacing_z": 0.800000011920929,
  "summary_bg_k": 773.357,
  "summary_bg_mad": 0.0,
  "summary_bg_mean": 2.4917,
  "summary_bg_median": 0.0,
  "summary_bg_n": 6908944.0,
  "summary_bg_p05": 0.0,
  "summary_bg_p95": 15.0,
  "summary_bg_stdv": 28.1857,
  "summary_csf_k": -1.3825,
  "summary_csf_mad": 1573.3437,
  "summary_csf_mean": 1512.8099,
  "summary_csf_median": 1456.0,
  "summary_csf_n": 820680.9188136337,
  "summary_csf_p05": 91.0,
  "summary_csf_p95": 3206.0,
  "summary_csf_stdv": 987.2681,
  "summary_gm_k": 36.2483,
  "summary_gm_mad": 183.5205,
  "summary_gm_mean": 1310.8988,
  "summary_gm_median": 1311.0,
  "summary_gm_n": 1030656.8920696748,
  "summary_gm_p05": 899.0,
  "summary_gm_p95": 1761.0,
  "summary_gm_stdv": 275.7756,
  "summary_wm_k": 107.1307,
  "summary_wm_mad": 129.3049,
  "summary_wm_mean": 1116.112,
  "summary_wm_median": 1106.0,
  "summary_wm_n": 1129493.191000686,
  "summary_wm_p05": 888.0,
  "summary_wm_p95": 1370.0,
  "summary_wm_stdv": 163.7083,
  "tpm_overlap_csf": 0.21190505438326113,
  "tpm_overlap_gm": 0.507116272648278,
  "tpm_overlap_wm": 0.5194022094539289,
  "wm2max": 0.30311215529099833
}
