{
  "bids_meta": {
    "AcquisitionMatrixPE": 216,
    "AcquisitionNumber": 1,
    "AcquisitionTime": "22:38:29.947500",
    "BaseResolution": 256,
    "BodyPartExamined": "BRAIN",
    "CoilCombinationMethod": "Adaptive Combine",
    "CoilString": "HeadNeck_64_CS",
    "ConversionSoftware": "dcm2niix",
    "ConversionSoftwareVersion": "v1.0.20220720",
    "DeviceSerialNumber": "176240",
    "DwellTime": 7.5e-6,
    "EchoTime": 0.00246,
    "FileSize": 0.009430838748812675,
    "FileSizeUnits": "GB",
    "FlipAngle": 8,
    "HeudiconvVersion": "1.1.6.post8+ga0a3635",
    "ImageOrientationPatientDICOM": [
      0.999174,
      0.0282368,
      0.0292137,
      -0.0249428,
      0.993886,
      -0.107552
    ],
    "ImageType": [
      "ORIGINAL",
      "PRIMARY",
      "M",
      "NORM",
      "DIS2D",
      "FM3",
      "2",
      "FIL",
      "MFSPLIT"
    ],
    "ImageTypeText": [
      "ORIGINAL",
      "PRIMARY",
      "M",
      "NONE"
    ],
    "ImagingFrequency": 123.261,
    "InPlanePhaseEncodingDirectionDICOM": "ROW",
    "InstitutionAddress": "Rue de Bugnon 46,Lausanne,,CH,1011",
    "InstitutionName": "Radiologie-CHUV",
    "InversionTime": 0.9,
    "MRAcquisitionType": "3D",
    "MagneticFieldStrength": 3,
    "Manufacturer": "Siemens",
    "ManufacturersModelName": "MAGNETOM Vida",
    "MatrixCoilMode": "GRAPPA",
    "Modality": "MR",
    "NonlinearGradientCorrection": true,
    "NumberOfVolumes": 1,
    "ParallelReductionFactorInPlane": 2,
    "PartialFourier": 1,
    "PatientPosition": "HFS",
    "PercentPhaseFOV": 84.375,
    "PercentSampling": 100,
    "PhaseEncodingSteps": 216,
    "PhaseResolution": 1,
    "PixelBandwidth": 260,
    "ProcedureStepDescription": "Research Oscar",
    "ProtocolName": "anat-T1w__t1_mprage_tra_p2_iso_siemens_axial",
    "PulseSequenceDetails": "%SiemensSeq%\\tfl",
    "ReceiveCoilActiveElements": "HC1-7;NC1",
    "ReceiveCoilName": "HeadNeck_64_CS",
    "ReconMatrixPE": 216,
    "RefLinesPE": 24,
    "RepetitionTime": 2.2,
    "SAR": 0.0444853,
    "ScanOptions": "PER",
    "ScanningSequence": "GR",
    "SequenceName": "*tfl3d1_240",
    "SequenceVariant": "SK",
    "SeriesDescription": "anat-T1w__t1_mprage_tra_p2_iso_siemens_axial",
    "SeriesNumber": 25,
    "ShimSetting": [
      -8778,
      8428,
      9145,
      105,
      -256,
      11,
      89,
      62
    ],
    "SliceThickness": 0.9,
    "SoftwareVersions": "syngo MR XA50",
    "StationName": "LRG08892",
    "TxRefAmp": 315.02,
    "acquisition": "undistorted",
    "dataset": "HCPh",
    "datatype": "anat",
    "extension": ".nii.gz",
    "modality": "T1w",
    "run": 2,
    "session": "20903034",
    "subject": "001",
    "suffix": "T1w"
  },
  "cjv": 0.6393399176954733,
  "cnr": 1.4563495315560648,
  "efc": 0.5264,
  "fber": -1.0,
  "fwhm_avg": 4.737021132207238,
  "fwhm_x": 4.392267581889233,
  "fwhm_y": 5.272729027636173,
  "fwhm_z": 4.546066787096309,
  "icvs_csf": 0.2764978663993188,
  "icvs_gm": 0.37455234704497825,
  "icvs_wm": 0.34894978655570297,
  "inu_med": 0.5255089998245239,
  "inu_range": 0.22503003329038618,
  "provenance": {
    "md5sum": "703a25e73759d5ea7749a8c86833a604",
    "settings": {
      "testing": false
    },
    "software": "mriqc",
    "version": "24.1.0.dev15+g9586c867.d20240825",
    "warnings": {
      "large_rot_frame": true,
      "small_air_mask": false
    }
  },
  "qi_1": 0.0,
  "qi_2": 0.0021064360893877196,
  "rpve_csf": 5.356843796541965,
  "rpve_gm": 5.242368757111262,
  "rpve_wm": 5.320627242102729,
  "size_x": 216,
  "size_y": 256,
  "size_z": 208,
  "snr_csf": 1.6251595626131996,
  "snr_gm": 5.4384779918169714,
  "snr_total": 5.626782503875041,
  "snr_wm": 9.816709957194952,
  "snrd_csf": 5.251606843525734,
  "snrd_gm": 10.93825804095301,
  "snrd_total": 10.301228808454326,
  "snrd_wm": 14.713821540884233,
  "spacing_x": 0.8984379768371582,
  "spacing_y": 0.8984379768371582,
  "spacing_z": 0.8999999761581421,
  "summary_bg_k": 743.4202,
  "summary_bg_mad": 0.0,
  "summary_bg_mean": 3.3836,
  "summary_bg_median": 0.0,
  "summary_bg_n": 3441055.0,
  "summary_bg_p05": 0.0,
  "summary_bg_p95": 7.0,
  "summary_bg_stdv": 42.1654,
  "summary_csf_k": -0.0762,
  "summary_csf_mad": 172.4422,
  "summary_csf_mean": 354.2589,
  "summary_csf_median": 338.0,
  "summary_csf_n": 584242.757327169,
  "summary_csf_p05": 32.0,
  "summary_csf_p95": 710.0,
  "summary_csf_stdv": 207.9794,
  "summary_gm_k": -0.4877,
  "summary_gm_mad": 83.1612,
  "summary_gm_mean": 707.5785,
  "summary_gm_median": 704.0,
  "summary_gm_n": 791432.8557056088,
  "summary_gm_p05": 494.0,
  "summary_gm_p95": 951.0,
  "summary_gm_stdv": 129.4479,
  "summary_wm_k": 0.2208,
  "summary_wm_mad": 72.1984,
  "summary_wm_mean": 920.7699,
  "summary_wm_median": 947.0,
  "summary_wm_n": 737334.3893062795,
  "summary_wm_p05": 733.0,
  "summary_wm_p95": 1038.0,
  "summary_wm_stdv": 96.4681,
  "tpm_overlap_csf": 0.19261605271878257,
  "tpm_overlap_gm": 0.5491006108274881,
  "tpm_overlap_wm": 0.5573871727051568,
  "wm2max": 0.4936722073425319
}
