{
  "NumberOfShells": 4,
  "bValues": [
    0.0,
    700.0,
    1000.0,
    2000.0,
    3000.0
  ],
  "bValuesEstimation": [
    700.0,
    1000.0,
    2000.0,
    3000.0
  ],
  "bdiffs_max": 0.4149,
  "bdiffs_mean": 0.1739,
  "bdiffs_median": 0.1553,
  "bdiffs_min": 0.0007,
  "bids_meta": {
    "AcquisitionMatrixPE": 148,
    "AcquisitionNumber": 1,
    "AcquisitionTime": "00:25:10.940000",
    "BandwidthPerPixelPhaseEncode": 14.077,
    "BaseResolution": 146,
    "BodyPartExamined": "BRAIN",
    "CoilCombinationMethod": "Adaptive Combine",
    "CoilString": "HeadNeck_64_CS",
    "ConversionSoftware": "dcm2niix",
    "ConversionSoftwareVersion": "v1.0.20220720",
    "Deltas": [
      0.0272,
      0.0469
    ],
    "DerivedVendorReportedEchoSpacing": 0.000959971,
    "DeviceSerialNumber": "202009",
    "DiffusionScheme": "Monopolar",
    "DwellTime": 2.1e-6,
    "EchoTime": 0.121,
    "EchoTrainLength": 64,
    "EffectiveEchoSpacing": 0.000479986,
    "FileSize": 0.3262352626770735,
    "FileSizeUnits": "GB",
    "FlipAngle": 90,
    "HeudiconvVersion": "1.1.6.post8+ga0a3635",
    "ImageOrientationPatientDICOM": [
      0.999929,
      0.00782005,
      -0.00904593,
      -0.0113443,
      0.859552,
      -0.510923
    ],
    "ImageType": [
      "ORIGINAL",
      "PRIMARY",
      "DIFFUSION",
      "NONE",
      "ND",
      "NORM",
      "MFSPLIT"
    ],
    "ImageTypeText": [
      "ORIGINAL",
      "PRIMARY",
      "DIFFUSION",
      "NONE"
    ],
    "ImagingFrequency": 123.198,
    "InPlanePhaseEncodingDirectionDICOM": "ROW",
    "InstitutionAddress": "Rue du Bugnon 46,Lausanne,,CH,1011",
    "InstitutionName": "CHUV Lausanne",
    "MRAcquisitionType": "2D",
    "MagneticFieldStrength": 3,
    "Manufacturer": "Siemens",
    "ManufacturersModelName": "MAGNETOM Vida Fit",
    "Modality": "MR",
    "MultibandAccelerationFactor": 3,
    "NonlinearGradientCorrection": false,
    "NumberOfVolumes": 280,
    "ParallelReductionFactorInPlane": 2,
    "PartialFourier": 0.875,
    "PatientPosition": "HFS",
    "PercentPhaseFOV": 101.37,
    "PercentSampling": 100,
    "PhaseEncodingDirection": "i-",
    "PhaseEncodingSteps": 148,
    "PhaseResolution": 1,
    "PixelBandwidth": 1631,
    "ProcedureStepDescription": "RESEARCH Oscar",
    "ProtocolName": "dwi-dwi_acq-highres_dir-LR",
    "PulseSequenceDetails": "%SiemensSeq%\\ep2d_diff",
    "ReceiveCoilActiveElements": "HC1-7;NC1",
    "ReceiveCoilName": "HeadNeck_64_CS",
    "ReconMatrixPE": 148,
    "RefLinesPE": 54,
    "RepetitionTime": 7,
    "SAR": 0.145213,
    "ScanOptions": "PFP\\FS\\PER",
    "ScanningSequence": "GR\\EP",
    "SequenceName": "*ep_b0",
    "SequenceVariant": "SK",
    "SeriesDescription": "dwi-dwi_acq-highres_dir-LR",
    "SeriesNumber": 18,
    "ShimSetting": [
      227,
      -1086,
      2619,
      629,
      501,
      -172,
      -89,
      19
    ],
    "SliceThickness": 1.6,
    "SliceTiming": [
      0,
      -0.001,
      -0.001,
      -0.001,
      -0.001,
      -0.001,
      -0.001,
      -0.001,
      -0.001,
      -0.001,
      -0.001,
      -0.001,
      -0.001,
      -0.001,
      -0.001,
      -0.001,
      -0.001,
      -0.001,
      -0.001,
      -0.001,
      -0.001,
      -0.001,
      -0.001,
      -0.001,
      -0.001,
      -0.001,
      -0.001,
      -0.001,
      -0.001,
      -0.001,
      -0.001,
      -0.001,
      -0.001,
      -0.001,
      -0.001,
      -0.001,
      -0.001,
      -0.001,
      -0.001,
      -0.001,
      -0.001,
      -0.001,
      -0.001,
      -0.001,
      -0.001,
      -0.001,
      -0.001,
      -0.001,
      -0.001,
      -0.001,
      -0.001,
      -0.001,
      -0.001,
      -0.001,
      -0.001,
      -0.001,
      -0.001,
      -0.001,
      -0.001,
      -0.001,
      -0.001,
      -0.001,
      -0.001,
      -0.001,
      -0.001,
      -0.001,
      -0.001,
      -0.001,
      -0.001,
      -0.001,
      -0.001,
      -0.001,
      -0.001,
      -0.001,
      -0.001,
      -0.001,
      -0.001,
      -0.001,
      -0.001,
      -0.001,
      -0.001,
      -0.001,
      -0.001,
      -0.001,
      -0.001,
      -0.001,
      -0.001
    ],
    "SoftwareVersions": "syngo MR XA50",
    "SpacingBetweenSlices": 1.6,
    "StationName": "AWP202009",
    "TotalReadoutTime": 0.0705579,
    "TxRefAmp": 321.464,
    "VendorReportedEchoSpacing": 0.00096,
    "acquisition": "highres",
    "dataset": "HCPh",
    "datatype": "dwi",
    "direction": "LR",
    "extension": ".nii.gz",
    "modality": "dwi",
    "session": "21102030",
    "subject": "001",
    "suffix": "dwi"
  },
  "efc_shell01": 0.3402,
  "efc_shell02": 0.4332,
  "efc_shell03": 0.4312,
  "efc_shell04": 0.446,
  "efc_shell05": 0.4553,
  "fa_degenerate": 0.0,
  "fa_nans": 0.0,
  "fber_shell01": 18853.8652,
  "fber_shell02": 7467.9121,
  "fber_shell03": 6343.5596,
  "fber_shell04": 2149.6816,
  "fber_shell05": 1157.1805,
  "fd_mean": 35.2169,
  "fd_num": 278,
  "fd_perc": 99.28571428571429,
  "ndc": 0.5337,
  "provenance": {
    "md5sum": "b505c11ed130dbe9281f466ab4369bd2",
    "settings": {
      "testing": false
    },
    "software": "mriqc",
    "version": "24.1.0.dev15+g9586c867.d20240825"
  },
  "sigma_cc": 63.7519,
  "sigma_pca": 14.2229,
  "sigma_piesno": 0.3301,
  "snr_cc_shell0": 3.0,
  "snr_cc_shell1_best": 2.98,
  "snr_cc_shell1_worst": 2.98,
  "snr_cc_shell2_best": 2.18,
  "snr_cc_shell2_worst": 1.39,
  "snr_cc_shell3_best": 1.44,
  "snr_cc_shell3_worst": 1.39,
  "snr_cc_shell4_best": 0.88,
  "snr_cc_shell4_worst": 0.9,
  "spikes_global": 34.9,
  "spikes_slice_i": 191.48,
  "spikes_slice_j": 200.26,
  "spikes_slice_k": 231.4,
  "summary_bg_k": 1196.3703,
  "summary_bg_mad": 1.4826,
  "summary_bg_mean": 8.2252,
  "summary_bg_median": 1.0,
  "summary_bg_n": 1514326.0,
  "summary_bg_p05": 0.0,
  "summary_bg_p95": 31.0,
  "summary_bg_stdv": 44.5149,
  "summary_fg_k": 10.7918,
  "summary_fg_mad": 93.4039,
  "summary_fg_mean": 293.7959,
  "summary_fg_median": 213.0,
  "summary_fg_n": 365570.0,
  "summary_fg_p05": 83.0,
  "summary_fg_p95": 814.0,
  "summary_fg_stdv": 246.4584,
  "summary_wm_k": 33.6592,
  "summary_wm_mad": 51.8911,
  "summary_wm_mean": 196.0058,
  "summary_wm_median": 185.0,
  "summary_wm_n": 132449.0,
  "summary_wm_p05": 67.0,
  "summary_wm_p95": 330.0,
  "summary_wm_stdv": 98.1156
}
