{
  "bids_meta": {
    "AcquisitionMatrixPE": 216,
    "AcquisitionNumber": 1,
    "AcquisitionTime": "19:47:31.822500",
    "BaseResolution": 256,
    "BodyPartExamined": "BRAIN",
    "CoilCombinationMethod": "Adaptive Combine",
    "CoilString": "HeadNeck_64_CS",
    "ConversionSoftware": "dcm2niix",
    "ConversionSoftwareVersion": "v1.0.20220720",
    "DeviceSerialNumber": "202009",
    "DwellTime": 7.5e-6,
    "EchoTime": 0.00246,
    "FileSize": 0.009331732988357544,
    "FileSizeUnits": "GB",
    "FlipAngle": 8,
    "HeudiconvVersion": "1.1.6.post8+ga0a3635",
    "ImageOrientationPatientDICOM": [
      0.999945,
      0.0104706,
      -0.00023129,
      -0.0104718,
      0.999929,
      -0.00566089
    ],
    "ImageType": [
      "ORIGINAL",
      "PRIMARY",
      "M",
      "NORM",
      "DIS2D",
      "FM3",
      "2",
      "FIL",
      "MFSPLIT"
    ],
    "ImageTypeText": [
      "ORIGINAL",
      "PRIMARY",
      "M",
      "NONE"
    ],
    "ImagingFrequency": 123.198,
    "InPlanePhaseEncodingDirectionDICOM": "ROW",
    "InstitutionAddress": "Rue du Bugnon 46,Lausanne,,CH,1011",
    "InstitutionName": "CHUV Lausanne",
    "InversionTime": 0.9,
    "MRAcquisitionType": "3D",
    "MagneticFieldStrength": 3,
    "Manufacturer": "Siemens",
    "ManufacturersModelName": "MAGNETOM Vida Fit",
    "MatrixCoilMode": "GRAPPA",
    "Modality": "MR",
    "NonlinearGradientCorrection": true,
    "NumberOfVolumes": 1,
    "ParallelReductionFactorInPlane": 2,
    "PartialFourier": 1,
    "PatientPosition": "HFS",
    "PercentPhaseFOV": 84.375,
    "PercentSampling": 100,
    "PhaseEncodingSteps": 216,
    "PhaseResolution": 1,
    "PixelBandwidth": 260,
    "ProcedureStepDescription": "RESEARCH Oscar",
    "ProtocolName": "anat-T1w__t1_mprage_tra_p2_iso_siemens_axial",
    "PulseSequenceDetails": "%SiemensSeq%\\tfl",
    "ReceiveCoilActiveElements": "HC1-7;NC1",
    "ReceiveCoilName": "HeadNeck_64_CS",
    "ReconMatrixPE": 216,
    "RefLinesPE": 24,
    "RepetitionTime": 2.2,
    "SAR": 0.0436099,
    "ScanOptions": "PER",
    "ScanningSequence": "GR",
    "SequenceName": "*tfl3d1_240",
    "SequenceVariant": "SK",
    "SeriesDescription": "anat-T1w__t1_mprage_tra_p2_iso_siemens_axial",
    "SeriesNumber": 5,
    "ShimSetting": [
      232,
      -1112,
      2213,
      61,
      390,
      -73,
      60,
      -60
    ],
    "SliceThickness": 0.9,
    "SoftwareVersions": "syngo MR XA50",
    "StationName": "AWP202009",
    "TxRefAmp": 309.086,
    "acquisition": "undistorted",
    "dataset": "HCPh",
    "datatype": "anat",
    "extension": ".nii.gz",
    "modality": "T1w",
    "session": "20902030",
    "subject": "001",
    "suffix": "T1w"
  },
  "cjv": 0.5889334630350194,
  "cnr": 1.6410425509141515,
  "efc": 0.5252,
  "fber": 17361.103,
  "fwhm_avg": 4.76735139585715,
  "fwhm_x": 4.422720435291889,
  "fwhm_y": 5.300989186550406,
  "fwhm_z": 4.578344565729156,
  "icvs_csf": 0.2751229594409069,
  "icvs_gm": 0.37733914216025616,
  "icvs_wm": 0.3475378983988368,
  "inu_med": 0.5100107192993164,
  "inu_range": 0.2485335782170296,
  "provenance": {
    "md5sum": "ee5e1302d8550e3661a00c999d359931",
    "settings": {
      "testing": false
    },
    "software": "mriqc",
    "version": "24.1.0.dev15+g9586c867.d20240825",
    "warnings": {
      "large_rot_frame": true,
      "small_air_mask": false
    }
  },
  "qi_1": 0.0,
  "qi_2": 0.0009535180657343798,
  "rpve_csf": 5.3495994242308855,
  "rpve_gm": 5.2504471001002715,
  "rpve_wm": 5.332743562345219,
  "size_x": 216,
  "size_y": 256,
  "size_z": 208,
  "snr_csf": 1.6582151083007974,
  "snr_gm": 5.522924162007975,
  "snr_total": 5.919849157028892,
  "snr_wm": 10.578408200777906,
  "snrd_csf": 18.690797073884415,
  "snrd_gm": 37.38159414776883,
  "snrd_total": 35.71308994554173,
  "snrd_wm": 51.066878614971955,
  "spacing_x": 0.8984379768371582,
  "spacing_y": 0.8984379768371582,
  "spacing_z": 0.8999999761581421,
  "summary_bg_k": 3135.6389,
  "summary_bg_mad": 0.0,
  "summary_bg_mean": 2.5694,
  "summary_bg_median": 0.0,
  "summary_bg_n": 3668921.0,
  "summary_bg_p05": 0.0,
  "summary_bg_p95": 11.0,
  "summary_bg_stdv": 12.303,
  "summary_csf_k": 1.8553,
  "summary_csf_mad": 169.3924,
  "summary_csf_mean": 366.6869,
  "summary_csf_median": 351.0,
  "summary_csf_n": 581631.3964923878,
  "summary_csf_p05": 38.0,
  "summary_csf_p95": 721.0,
  "summary_csf_stdv": 211.6732,
  "summary_gm_k": -0.4537,
  "summary_gm_mad": 85.2635,
  "summary_gm_mean": 705.8927,
  "summary_gm_median": 702.0,
  "summary_gm_n": 797724.3798624135,
  "summary_gm_p05": 498.0,
  "summary_gm_p95": 946.0,
  "summary_gm_stdv": 127.1065,
  "summary_wm_k": 0.1295,
  "summary_wm_mad": 66.0924,
  "summary_wm_mean": 933.7196,
  "summary_wm_median": 959.0,
  "summary_wm_n": 734722.2259840587,
  "summary_wm_p05": 753.0,
  "summary_wm_p95": 1042.0,
  "summary_wm_stdv": 90.6563,
  "tpm_overlap_csf": 0.1980607128361091,
  "tpm_overlap_gm": 0.550001830485206,
  "tpm_overlap_wm": 0.5581229039885146,
  "wm2max": 0.4948561869085891
}
