{
  "bids_meta": {
    "AcquisitionMatrixPE": 320,
    "AcquisitionNumber": 1,
    "AcquisitionTime": "20:58:13.882500",
    "BaseResolution": 320,
    "BodyPartExamined": "BRAIN",
    "CoilCombinationMethod": "Adaptive Combine",
    "CoilString": "HeadNeck_64_CS",
    "ConversionSoftware": "dcm2niix",
    "ConversionSoftwareVersion": "v1.0.20220720",
    "DeviceSerialNumber": "202009",
    "DwellTime": 2.2e-6,
    "EchoTime": 0.414,
    "EchoTrainLength": 250,
    "FileSize": 0.015203624032437801,
    "FileSizeUnits": "GB",
    "FlipAngle": 120,
    "HeudiconvVersion": "1.1.6.post8+ga0a3635",
    "ImageOrientationPatientDICOM": [
      -0.0103118,
      0.986689,
      0.162293,
      -0.00193418,
      0.162281,
      -0.986743
    ],
    "ImageType": [
      "ORIGINAL",
      "PRIMARY",
      "M",
      "ND",
      "NORM",
      "MFSPLIT"
    ],
    "ImageTypeText": [
      "ORIGINAL",
      "PRIMARY",
      "M",
      "NONE"
    ],
    "ImagingFrequency": 123.198,
    "InPlanePhaseEncodingDirectionDICOM": "ROW",
    "InstitutionAddress": "Rue du Bugnon 46,Lausanne,,CH,1011",
    "InstitutionName": "CHUV Lausanne",
    "MRAcquisitionType": "3D",
    "MagneticFieldStrength": 3,
    "Manufacturer": "Siemens",
    "ManufacturersModelName": "MAGNETOM Vida Fit",
    "MatrixCoilMode": "GRAPPA",
    "Modality": "MR",
    "NonlinearGradientCorrection": false,
    "NumberOfVolumes": 1,
    "ParallelReductionFactorInPlane": 3,
    "PartialFourier": 1,
    "PatientPosition": "HFS",
    "PercentPhaseFOV": 100,
    "PercentSampling": 100,
    "PhaseEncodingDirection": "i",
    "PhaseEncodingSteps": 320,
    "PhaseResolution": 1,
    "PixelBandwidth": 710,
    "ProcedureStepDescription": "RESEARCH Oscar",
    "ProtocolName": "anat-T2w__space",
    "PulseSequenceDetails": "%SiemensSeq%\\space",
    "ReceiveCoilActiveElements": "HC1-7;NC1,2",
    "ReceiveCoilName": "HeadNeck_64_CS",
    "ReconMatrixPE": 320,
    "RefLinesPE": 24,
    "RepetitionTime": 3.2,
    "SAR": 0.137238,
    "ScanOptions": "PFP\\PER",
    "ScanningSequence": "SE",
    "SequenceName": "*spcR_282ns",
    "SequenceVariant": "SP\\SK",
    "SeriesDescription": "anat-T2w__space_ND",
    "SeriesNumber": 23,
    "ShimSetting": [
      232,
      -1112,
      2213,
      61,
      390,
      -73,
      60,
      -60
    ],
    "SliceThickness": 0.8,
    "SoftwareVersions": "syngo MR XA50",
    "StationName": "AWP202009",
    "TxRefAmp": 309.086,
    "acquisition": "original",
    "dataset": "HCPh",
    "datatype": "anat",
    "extension": ".nii.gz",
    "modality": "T2w",
    "session": "20902030",
    "subject": "001",
    "suffix": "T2w"
  },
  "cjv": 1.5096244019138756,
  "cnr": 0.637323891230253,
  "efc": 0.4606,
  "fber": -1.0,
  "fwhm_avg": 2.6896946759645015,
  "fwhm_x": 2.604862461184524,
  "fwhm_y": 2.921815646847624,
  "fwhm_z": 2.5424059198613564,
  "icvs_csf": 0.2757632431659092,
  "icvs_gm": 0.34383869210569834,
  "icvs_wm": 0.38039806472839244,
  "inu_med": 0.9790113568305969,
  "inu_range": 0.36850982904434204,
  "provenance": {
    "md5sum": "4236ee75dc7418dd08402e095ae68e11",
    "settings": {
      "testing": false
    },
    "software": "mriqc",
    "version": "24.1.0.dev15+g9586c867.d20240825",
    "warnings": {
      "large_rot_frame": true,
      "small_air_mask": false
    }
  },
  "qi_1": 0.0,
  "qi_2": 0.002748106401094651,
  "rpve_csf": 8.896811115784494,
  "rpve_gm": 8.736962726682263,
  "rpve_wm": 8.769696839039362,
  "size_x": 240,
  "size_y": 320,
  "size_z": 320,
  "snr_csf": 1.479509788988085,
  "snr_gm": 4.789912758863925,
  "snr_total": 4.364350478932841,
  "snr_wm": 6.823628888946512,
  "snrd_csf": 46.632868922007866,
  "snrd_gm": 40.37322241931059,
  "snrd_total": 40.37322241931059,
  "snrd_wm": 34.11357591661333,
  "spacing_x": 0.800000011920929,
  "spacing_y": 0.8343750238418579,
  "spacing_z": 0.8343750238418579,
  "summary_bg_k": 1211.4514,
  "summary_bg_mad": 0.0,
  "summary_bg_mean": 1.5359,
  "summary_bg_median": 0.0,
  "summary_bg_n": 7385112.0,
  "summary_bg_p05": 0.0,
  "summary_bg_p95": 0.0,
  "summary_bg_stdv": 21.874,
  "summary_csf_k": -1.3825,
  "summary_csf_mad": 1678.9594,
  "summary_csf_mean": 1621.6359,
  "summary_csf_median": 1557.0,
  "summary_csf_n": 753073.0168201672,
  "summary_csf_p05": 97.0,
  "summary_csf_p95": 3396.0,
  "summary_csf_stdv": 1052.3749,
  "summary_gm_k": 42.0484,
  "summary_gm_mad": 181.872,
  "summary_gm_mean": 1346.3133,
  "summary_gm_median": 1348.0,
  "summary_gm_n": 938978.0820345,
  "summary_gm_p05": 929.0,
  "summary_gm_p95": 1806.0,
  "summary_gm_stdv": 281.4246,
  "summary_wm_k": 95.8511,
  "summary_wm_mad": 133.6395,
  "summary_wm_mean": 1151.4901,
  "summary_wm_median": 1139.0,
  "summary_wm_n": 1038816.9028938146,
  "summary_wm_p05": 919.0,
  "summary_wm_p95": 1414.0,
  "summary_wm_stdv": 166.9199,
  "tpm_overlap_csf": 0.2117809772424063,
  "tpm_overlap_gm": 0.5087826186193145,
  "tpm_overlap_wm": 0.5251220934811442,
  "wm2max": 0.3026327618741557
}
