{
  "bids_meta": {
    "AcquisitionMatrixPE": 320,
    "AcquisitionNumber": 1,
    "AcquisitionTime": "20:58:13.882500",
    "BaseResolution": 320,
    "BodyPartExamined": "BRAIN",
    "CoilCombinationMethod": "Adaptive Combine",
    "CoilString": "HeadNeck_64_CS",
    "ConversionSoftware": "dcm2niix",
    "ConversionSoftwareVersion": "v1.0.20220720",
    "DeviceSerialNumber": "202009",
    "DwellTime": 2.2e-6,
    "EchoTime": 0.414,
    "EchoTrainLength": 250,
    "FileSize": 0.014294309541583061,
    "FileSizeUnits": "GB",
    "FlipAngle": 120,
    "HeudiconvVersion": "1.1.6.post8+ga0a3635",
    "ImageOrientationPatientDICOM": [
      -0.0103118,
      0.986689,
      0.162293,
      -0.00193418,
      0.162281,
      -0.986743
    ],
    "ImageType": [
      "ORIGINAL",
      "PRIMARY",
      "M",
      "NORM",
      "DIS3D",
      "MFSPLIT"
    ],
    "ImageTypeText": [
      "ORIGINAL",
      "PRIMARY",
      "M",
      "NONE"
    ],
    "ImagingFrequency": 123.198,
    "InPlanePhaseEncodingDirectionDICOM": "ROW",
    "InstitutionAddress": "Rue du Bugnon 46,Lausanne,,CH,1011",
    "InstitutionName": "CHUV Lausanne",
    "MRAcquisitionType": "3D",
    "MagneticFieldStrength": 3,
    "Manufacturer": "Siemens",
    "ManufacturersModelName": "MAGNETOM Vida Fit",
    "MatrixCoilMode": "GRAPPA",
    "Modality": "MR",
    "NonlinearGradientCorrection": true,
    "NumberOfVolumes": 1,
    "ParallelReductionFactorInPlane": 3,
    "PartialFourier": 1,
    "PatientPosition": "HFS",
    "PercentPhaseFOV": 100,
    "PercentSampling": 100,
    "PhaseEncodingDirection": "i",
    "PhaseEncodingSteps": 320,
    "PhaseResolution": 1,
    "PixelBandwidth": 710,
    "ProcedureStepDescription": "RESEARCH Oscar",
    "ProtocolName": "anat-T2w__space",
    "PulseSequenceDetails": "%SiemensSeq%\\space",
    "ReceiveCoilActiveElements": "HC1-7;NC1,2",
    "ReceiveCoilName": "HeadNeck_64_CS",
    "ReconMatrixPE": 320,
    "RefLinesPE": 24,
    "RepetitionTime": 3.2,
    "SAR": 0.137238,
    "ScanOptions": "PFP\\PER",
    "ScanningSequence": "SE",
    "SequenceName": "*spcR_282ns",
    "SequenceVariant": "SP\\SK",
    "SeriesDescription": "anat-T2w__space",
    "SeriesNumber": 24,
    "ShimSetting": [
      232,
      -1112,
      2213,
      61,
      390,
      -73,
      60,
      -60
    ],
    "SliceThickness": 0.8,
    "SoftwareVersions": "syngo MR XA50",
    "StationName": "AWP202009",
    "TxRefAmp": 309.086,
    "acquisition": "undistorted",
    "dataset": "HCPh",
    "datatype": "anat",
    "extension": ".nii.gz",
    "modality": "T2w",
    "session": "20902030",
    "subject": "001",
    "suffix": "T2w"
  },
  "cjv": 1.5520383259911894,
  "cnr": 0.6225688375832447,
  "efc": 0.4636,
  "fber": -1.0,
  "fwhm_avg": 2.7039780870130437,
  "fwhm_x": 2.6258999608710414,
  "fwhm_y": 2.926729504385116,
  "fwhm_z": 2.5593047957829738,
  "icvs_csf": 0.27706883826613943,
  "icvs_gm": 0.33889872568319,
  "icvs_wm": 0.3840324360506704,
  "inu_med": 1.0144742727279663,
  "inu_range": 0.39034358263015734,
  "provenance": {
    "md5sum": "8e773fa380fc4c2f0bdf3179cb75be29",
    "settings": {
      "testing": false
    },
    "software": "mriqc",
    "version": "24.1.0.dev15+g9586c867.d20240825",
    "warnings": {
      "large_rot_frame": true,
      "small_air_mask": false
    }
  },
  "qi_1": 0.0,
  "qi_2": 0.002521430348506837,
  "rpve_csf": 8.955726762621401,
  "rpve_gm": 8.805429775858586,
  "rpve_wm": 8.841962721321515,
  "size_x": 240,
  "size_y": 320,
  "size_z": 320,
  "snr_csf": 1.421017784149832,
  "snr_gm": 4.263353193169474,
  "snr_total": 4.151868168555839,
  "snr_wm": 6.771233528348213,
  "snrd_csf": 43.888224017809286,
  "snrd_gm": 37.08217327781671,
  "snrd_total": 37.30724109329265,
  "snrd_wm": 30.951325984251962,
  "spacing_x": 0.800000011920929,
  "spacing_y": 0.8343750238418579,
  "spacing_z": 0.8343750238418579,
  "summary_bg_k": 1092.5363,
  "summary_bg_mad": 0.0,
  "summary_bg_mean": 1.4364,
  "summary_bg_median": 0.0,
  "summary_bg_n": 7403627.0,
  "summary_bg_p05": 0.0,
  "summary_bg_p95": 0.0,
  "summary_bg_stdv": 24.257,
  "summary_csf_k": -1.4027,
  "summary_csf_mad": 1838.2807,
  "summary_csf_mean": 1696.6842,
  "summary_csf_median": 1625.0,
  "summary_csf_n": 751473.0305211926,
  "summary_csf_p05": 14.0,
  "summary_csf_p95": 3590.0,
  "summary_csf_stdv": 1143.5458,
  "summary_gm_k": 32.4269,
  "summary_gm_mad": 216.8171,
  "summary_gm_mean": 1373.9367,
  "summary_gm_median": 1373.0,
  "summary_gm_n": 919169.5970670286,
  "summary_gm_p05": 903.0,
  "summary_gm_p95": 1907.0,
  "summary_gm_stdv": 322.0468,
  "summary_wm_k": 106.1704,
  "summary_wm_mad": 135.4956,
  "summary_wm_mean": 1158.616,
  "summary_wm_median": 1146.0,
  "summary_wm_n": 1041582.3747751352,
  "summary_wm_p05": 923.0,
  "summary_wm_p95": 1426.0,
  "summary_wm_stdv": 169.2453,
  "tpm_overlap_csf": 0.21042110119507898,
  "tpm_overlap_gm": 0.49698060512066006,
  "tpm_overlap_wm": 0.5192562598807035,
  "wm2max": 0.28953520829340407
}
