{
  "aor": [
    0.0006205365853658538,
    0.0007487804878048782,
    0.0008799024390243903,
    0.0010671707317073172
  ],
  "aqi": [
    0.005791883073170732,
    0.008336831317073171,
    0.013201445951219514,
    0.021898151219512194
  ],
  "bids_meta": {
    "AcquisitionDuration": 361.475,
    "AcquisitionMatrixPE": 96,
    "AcquisitionNumber": 1,
    "AcquisitionTime": "22:27:9.542500",
    "B0FieldSource": [
      "026pepolarbold",
      "026phasediff"
    ],
    "BandwidthPerPixelPhaseEncode": 37.879,
    "BaseResolution": 96,
    "BodyPartExamined": "BRAIN",
    "CogAtlasID": "https://www.cognitiveatlas.org/id/trm_4c898a680e424/",
    "CoilCombinationMethod": "Sum of Squares",
    "CoilString": "HeadNeck_64",
    "ConversionSoftware": "dcm2niix",
    "ConversionSoftwareVersion": "v1.0.20220720",
    "DerivedVendorReportedEchoSpacing": 0.000549997,
    "DeviceSerialNumber": "67014",
    "DwellTime": 2.3e-6,
    "EchoNumber": 4,
    "EchoTime": 0.07392,
    "EchoTrainLength": 35,
    "EffectiveEchoSpacing": 0.000274998,
    "FileSize": 0.09492932632565498,
    "FileSizeUnits": "GB",
    "FlipAngle": 64,
    "HeudiconvVersion": "1.0.0",
    "ImageComments": "Unaliased MB4/PE4/LB",
    "ImageOrientationPatientDICOM": [
      0.999692,
      -0.00476391,
      0.0243411,
      0.0116906,
      0.956033,
      -0.293025
    ],
    "ImageType": [
      "ORIGINAL",
      "PRIMARY",
      "FMRI",
      "NONE"
    ],
    "ImageTypeText": [
      "ORIGINAL",
      "PRIMARY",
      "M",
      "MB",
      "TE4",
      "DIS2D"
    ],
    "ImagingFrequency": 123.248,
    "InPlanePhaseEncodingDirectionDICOM": "COL",
    "InstitutionAddress": "Rue du Bugnon 21,Lausanne,District,CH,1011",
    "InstitutionName": "CHUV",
    "MRAcquisitionType": "2D",
    "MTState": false,
    "MagneticFieldStrength": 3,
    "Manufacturer": "Siemens",
    "ManufacturersModelName": "MAGNETOM Prisma Fit",
    "MatrixCoilMode": "GRAPPA",
    "Modality": "MR",
    "MultibandAccelerationFactor": 4,
    "NonlinearGradientCorrection": true,
    "NumberOfVolumes": 207,
    "ParallelAcquisitionTechnique": "GRAPPA",
    "ParallelReductionFactorInPlane": 2,
    "PartialFourier": 0.75,
    "PartialFourierDirection": "PHASE",
    "PatientPosition": "HFS",
    "PercentPhaseFOV": 100,
    "PercentSampling": 100,
    "PhaseEchoTime1": 0.0126,
    "PhaseEchoTime2": 0.03304,
    "PhaseEncodingDirection": "j",
    "PhaseResolution": 1,
    "PixelBandwidth": 2264,
    "ProcedureStepDescription": "https://www.axonlab.org/hcph-sops/",
    "ProtocolName": "func-bold_task-bht_dir-PA__cmrr_me4_sms4",
    "PulseSequenceDetails": "%CustomerSeq%\\cmrr_mbep2d_bold",
    "PulseSequenceName": "epfid2d4_96",
    "ReceiveCoilActiveElements": "HC1-7",
    "ReceiveCoilName": "HeadNeck_64",
    "ReconMatrixPE": 96,
    "RefLinesPE": 22,
    "RepetitionTime": 1.6,
    "ScanOptions": "PFP\\FS",
    "ScanningSequence": "EP",
    "SequenceVariant": "SK\\SS",
    "SeriesDescription": "func-bold_task-bht_dir-PA__cmrr_me4_sms4",
    "SeriesNumber": 25,
    "ShimSetting": [
      8220,
      -5623,
      -6020,
      712,
      -75,
      -160,
      43,
      78
    ],
    "SliceThickness": 2.2,
    "SliceTiming": [
      0,
      0.8425,
      0.105,
      0.9475,
      0.2125,
      1.055,
      0.3175,
      1.16,
      0.4225,
      1.265,
      0.5275,
      1.37,
      0.6325,
      1.475,
      0.7375,
      0,
      0.8425,
      0.105,
      0.9475,
      0.2125,
      1.055,
      0.3175,
      1.16,
      0.4225,
      1.265,
      0.5275,
      1.37,
      0.6325,
      1.475,
      0.7375,
      0,
      0.8425,
      0.105,
      0.9475,
      0.2125,
      1.055,
      0.3175,
      1.16,
      0.4225,
      1.265,
      0.5275,
      1.37,
      0.6325,
      1.475,
      0.7375,
      0,
      0.8425,
      0.105,
      0.9475,
      0.2125,
      1.055,
      0.3175,
      1.16,
      0.4225,
      1.265,
      0.5275,
      1.37,
      0.6325,
      1.475,
      0.7375
    ],
    "SoftwareVersions": "syngo MR XA30",
    "SpacingBetweenSlices": 2.2,
    "StationName": "LRG10884",
    "TaskName": "Breath-holding Task (BHT)",
    "TotalReadoutTime": 0.0261249,
    "TxRefAmp": 238.965,
    "WipMemBlock": "37364d36-1be5-43b9-838c-aba71bb8c94a||Sequence: R017 nxva30a/master r/d34922cc2+; Jun 27 2022 13:20:16 by eja",
    "dataset": "HCPh",
    "datatype": "func",
    "direction": "PA",
    "extension": ".nii.gz",
    "modality": "bold",
    "part": "mag",
    "session": "026",
    "subject": "001",
    "suffix": "bold",
    "task": "bht"
  },
  "dummy_trs": 2,
  "dvars_nstd": 107.67150617098032,
  "dvars_std": 1.1122934858333333,
  "dvars_vstd": 1.0053159824509814,
  "efc": 0.5183,
  "fber": 129.7492,
  "fd_mean": 0.24844047542380224,
  "fd_num": 122,
  "fd_perc": 59.51219512195122,
  "fwhm_avg": 2.5096422567995664,
  "fwhm_x": 2.3782620842555033,
  "fwhm_y": 2.7608920106673955,
  "fwhm_z": 2.3897726754757995,
  "gcor": [
    0.0159909,
    0.0234935,
    0.0242907,
    0.0203307
  ],
  "gsr_x": 0.00009648830746300519,
  "gsr_y": 0.026321692392230034,
  "provenance": {
    "md5sum": "5b8bc4a29db84b3e31c363b58cf00d33",
    "settings": {
      "fd_thres": 0.2,
      "testing": false
    },
    "software": "mriqc",
    "version": "24.1.0.dev15+g9586c867.d20240825"
  },
  "size_t": 205,
  "size_x": 96,
  "size_y": 96,
  "size_z": 60,
  "snr": 1.5041619582750938,
  "spacing_tr": 1.600000023841858,
  "spacing_x": 2.197920083999634,
  "spacing_y": 2.197920083999634,
  "spacing_z": 2.200000047683716,
  "summary_bg_k": 191.1965,
  "summary_bg_mad": 1.8948,
  "summary_bg_mean": 20.0352,
  "summary_bg_median": 18.0,
  "summary_bg_n": 415475.0,
  "summary_bg_p05": 0.0,
  "summary_bg_p95": 34.0,
  "summary_bg_stdv": 12.8346,
  "summary_fg_k": 4.1766,
  "summary_fg_mad": 122.2243,
  "summary_fg_mean": 210.3144,
  "summary_fg_median": 204.0,
  "summary_fg_n": 137485.0,
  "summary_fg_p05": 26.0,
  "summary_fg_p95": 441.0,
  "summary_fg_stdv": 135.6232,
  "tsnr": 13.56673831003718
}
