{
  "bids_meta": {
    "AcquisitionMatrixPE": 216,
    "AcquisitionNumber": 1,
    "AcquisitionTime": "18:05:14.805000",
    "BaseResolution": 256,
    "BodyPartExamined": "BRAIN",
    "CoilCombinationMethod": "Adaptive Combine",
    "CoilString": "HeadNeck_64_CS",
    "ConversionSoftware": "dcm2niix",
    "ConversionSoftwareVersion": "v1.0.20220720",
    "DeviceSerialNumber": "202009",
    "DwellTime": 7.5e-6,
    "EchoTime": 0.00246,
    "FileSize": 0.009498810395598412,
    "FileSizeUnits": "GB",
    "FlipAngle": 8,
    "HeudiconvVersion": "1.1.6.post8+ga0a3635",
    "ImageOrientationPatientDICOM": [
      0.999355,
      0.0124908,
      0.0336603,
      -0.0143034,
      0.99843,
      0.0541595
    ],
    "ImageType": [
      "ORIGINAL",
      "PRIMARY",
      "M",
      "NORM",
      "DIS2D",
      "FM3",
      "2",
      "FIL",
      "MFSPLIT"
    ],
    "ImageTypeText": [
      "ORIGINAL",
      "PRIMARY",
      "M",
      "NONE"
    ],
    "ImagingFrequency": 123.198,
    "InPlanePhaseEncodingDirectionDICOM": "ROW",
    "InstitutionAddress": "Rue du Bugnon 46,Lausanne,,CH,1011",
    "InstitutionName": "CHUV Lausanne",
    "InversionTime": 0.9,
    "MRAcquisitionType": "3D",
    "MagneticFieldStrength": 3,
    "Manufacturer": "Siemens",
    "ManufacturersModelName": "MAGNETOM Vida Fit",
    "MatrixCoilMode": "GRAPPA",
    "Modality": "MR",
    "NonlinearGradientCorrection": true,
    "NumberOfVolumes": 1,
    "ParallelReductionFactorInPlane": 2,
    "PartialFourier": 1,
    "PatientPosition": "HFS",
    "PercentPhaseFOV": 84.375,
    "PercentSampling": 100,
    "PhaseEncodingSteps": 216,
    "PhaseResolution": 1,
    "PixelBandwidth": 260,
    "ProcedureStepDescription": "RESEARCH Oscar",
    "ProtocolName": "anat-T1w__t1_mprage_tra_p2_iso_siemens_axial",
    "PulseSequenceDetails": "%SiemensSeq%\\tfl",
    "ReceiveCoilActiveElements": "HC1-7;NC1",
    "ReceiveCoilName": "HeadNeck_64_CS",
    "ReconMatrixPE": 216,
    "RefLinesPE": 24,
    "RepetitionTime": 2.2,
    "SAR": 0.0489824,
    "ScanOptions": "PER",
    "ScanningSequence": "GR",
    "SequenceName": "*tfl3d1_240",
    "SequenceVariant": "SK",
    "SeriesDescription": "anat-T1w__t1_mprage_tra_p2_iso_siemens_axial",
    "SeriesNumber": 5,
    "ShimSetting": [
      232,
      -1112,
      2213,
      61,
      390,
      -73,
      60,
      -60
    ],
    "SliceThickness": 0.9,
    "SoftwareVersions": "syngo MR XA50",
    "StationName": "AWP202009",
    "TxRefAmp": 317.249,
    "acquisition": "undistorted",
    "dataset": "HCPh",
    "datatype": "anat",
    "extension": ".nii.gz",
    "modality": "T1w",
    "session": "20401030",
    "subject": "001",
    "suffix": "T1w"
  },
  "cjv": 0.6010956349206349,
  "cnr": 1.576832621396243,
  "efc": 0.526,
  "fber": 14359.2126,
  "fwhm_avg": 4.641642781096128,
  "fwhm_x": 4.304237019914965,
  "fwhm_y": 5.174113427801553,
  "fwhm_z": 4.446577895571865,
  "icvs_csf": 0.27687952980904584,
  "icvs_gm": 0.37588593240085694,
  "icvs_wm": 0.34723453779009733,
  "inu_med": 0.534385085105896,
  "inu_range": 0.25237044095993044,
  "provenance": {
    "md5sum": "23e7cd53d66d62099cf82f64d0758b11",
    "settings": {
      "testing": false
    },
    "software": "mriqc",
    "version": "24.1.0.dev15+g9586c867.d20240825",
    "warnings": {
      "large_rot_frame": true,
      "small_air_mask": false
    }
  },
  "qi_1": 0.0,
  "qi_2": 0.0015208825057194935,
  "rpve_csf": 5.3266289998956,
  "rpve_gm": 5.224631024328607,
  "rpve_wm": 5.308199637826814,
  "size_x": 216,
  "size_y": 256,
  "size_z": 208,
  "snr_csf": 1.6516080116598288,
  "snr_gm": 5.457920245515914,
  "snr_total": 5.8829633698639086,
  "snr_wm": 10.539361852415984,
  "snrd_csf": 9.465296678214134,
  "snrd_gm": 18.69197243176741,
  "snrd_total": 17.843542477417685,
  "snrd_wm": 25.373358322271507,
  "spacing_x": 0.8984379768371582,
  "spacing_y": 0.8984379768371582,
  "spacing_z": 0.8999999761581421,
  "summary_bg_k": 953.2244,
  "summary_bg_mad": 0.0,
  "summary_bg_mean": 3.8446,
  "summary_bg_median": 0.0,
  "summary_bg_n": 3692120.0,
  "summary_bg_p05": 0.0,
  "summary_bg_p95": 12.0,
  "summary_bg_stdv": 24.7096,
  "summary_csf_k": 3.5123,
  "summary_csf_mad": 172.111,
  "summary_csf_mean": 372.4115,
  "summary_csf_median": 357.0,
  "summary_csf_n": 587601.7683696204,
  "summary_csf_p05": 41.0,
  "summary_csf_p95": 728.0,
  "summary_csf_stdv": 216.1528,
  "summary_gm_k": -0.5096,
  "summary_gm_mad": 85.6914,
  "summary_gm_mean": 710.5866,
  "summary_gm_median": 705.0,
  "summary_gm_n": 797716.0273868362,
  "summary_gm_p05": 501.0,
  "summary_gm_p95": 954.0,
  "summary_gm_stdv": 129.17,
  "summary_wm_k": 0.2714,
  "summary_wm_mad": 65.7847,
  "summary_wm_mean": 934.3582,
  "summary_wm_median": 957.0,
  "summary_wm_n": 736911.2067807441,
  "summary_wm_p05": 755.0,
  "summary_wm_p95": 1046.0,
  "summary_wm_stdv": 90.8024,
  "tpm_overlap_csf": 0.1955758533373334,
  "tpm_overlap_gm": 0.5470209007485489,
  "tpm_overlap_wm": 0.5547694848939636,
  "wm2max": 0.48861387333069783
}
