{
  "bids_meta": {
    "AcquisitionMatrixPE": 320,
    "AcquisitionNumber": 1,
    "AcquisitionTime": "19:15:16.875000",
    "BaseResolution": 320,
    "BodyPartExamined": "BRAIN",
    "CoilCombinationMethod": "Adaptive Combine",
    "CoilString": "HeadNeck_64_CS",
    "ConversionSoftware": "dcm2niix",
    "ConversionSoftwareVersion": "v1.0.20220720",
    "DeviceSerialNumber": "202009",
    "DwellTime": 2.2e-6,
    "EchoTime": 0.414,
    "EchoTrainLength": 250,
    "FileSize": 0.01575163286179304,
    "FileSizeUnits": "GB",
    "FlipAngle": 120,
    "HeudiconvVersion": "1.1.6.post8+ga0a3635",
    "ImageOrientationPatientDICOM": [
      -0.0194571,
      0.975902,
      0.217339,
      0.0301408,
      0.217854,
      -0.975516
    ],
    "ImageType": [
      "ORIGINAL",
      "PRIMARY",
      "M",
      "ND",
      "NORM",
      "MFSPLIT"
    ],
    "ImageTypeText": [
      "ORIGINAL",
      "PRIMARY",
      "M",
      "NONE"
    ],
    "ImagingFrequency": 123.198,
    "InPlanePhaseEncodingDirectionDICOM": "ROW",
    "InstitutionAddress": "Rue du Bugnon 46,Lausanne,,CH,1011",
    "InstitutionName": "CHUV Lausanne",
    "MRAcquisitionType": "3D",
    "MagneticFieldStrength": 3,
    "Manufacturer": "Siemens",
    "ManufacturersModelName": "MAGNETOM Vida Fit",
    "MatrixCoilMode": "GRAPPA",
    "Modality": "MR",
    "NonlinearGradientCorrection": false,
    "NumberOfVolumes": 1,
    "ParallelReductionFactorInPlane": 3,
    "PartialFourier": 1,
    "PatientPosition": "HFS",
    "PercentPhaseFOV": 100,
    "PercentSampling": 100,
    "PhaseEncodingDirection": "i",
    "PhaseEncodingSteps": 320,
    "PhaseResolution": 1,
    "PixelBandwidth": 710,
    "ProcedureStepDescription": "RESEARCH Oscar",
    "ProtocolName": "anat-T2w__space",
    "PulseSequenceDetails": "%SiemensSeq%\\space",
    "ReceiveCoilActiveElements": "HC1-7;NC1,2",
    "ReceiveCoilName": "HeadNeck_64_CS",
    "ReconMatrixPE": 320,
    "RefLinesPE": 24,
    "RepetitionTime": 3.2,
    "SAR": 0.154145,
    "ScanOptions": "PFP\\PER",
    "ScanningSequence": "SE",
    "SequenceName": "*spcR_282ns",
    "SequenceVariant": "SP\\SK",
    "SeriesDescription": "anat-T2w__space_ND",
    "SeriesNumber": 23,
    "ShimSetting": [
      232,
      -1112,
      2213,
      61,
      390,
      -73,
      60,
      -60
    ],
    "SliceThickness": 0.8,
    "SoftwareVersions": "syngo MR XA50",
    "StationName": "AWP202009",
    "TxRefAmp": 317.249,
    "acquisition": "original",
    "dataset": "HCPh",
    "datatype": "anat",
    "extension": ".nii.gz",
    "modality": "T2w",
    "session": "20401030",
    "subject": "001",
    "suffix": "T2w"
  },
  "cjv": 1.6475462686567164,
  "cnr": 0.6045112532499969,
  "efc": 0.4486,
  "fber": -1.0,
  "fwhm_avg": 2.6370320522247934,
  "fwhm_x": 2.5169749624941504,
  "fwhm_y": 2.898444860998579,
  "fwhm_z": 2.4956763331816503,
  "icvs_csf": 0.27973257564313103,
  "icvs_gm": 0.3415594346800572,
  "icvs_wm": 0.37870798967681185,
  "inu_med": 0.9572345614433289,
  "inu_range": 0.29040319919586177,
  "provenance": {
    "md5sum": "1b43f0eb71c4645b78232b15dbfe3ead",
    "settings": {
      "testing": false
    },
    "software": "mriqc",
    "version": "24.1.0.dev15+g9586c867.d20240825",
    "warnings": {
      "large_rot_frame": true,
      "small_air_mask": false
    }
  },
  "qi_1": 0.0,
  "qi_2": 0.002690393915991642,
  "rpve_csf": 8.839834888832321,
  "rpve_gm": 8.679075231060313,
  "rpve_wm": 8.711192724964661,
  "size_x": 240,
  "size_y": 320,
  "size_z": 320,
  "snr_csf": 1.4152274597445111,
  "snr_gm": 4.6646768161105685,
  "snr_total": 4.270259698139888,
  "snr_wm": 6.730874818564587,
  "snrd_csf": 32.13811881425201,
  "snrd_gm": 28.21625075314606,
  "snrd_total": 28.103187890123184,
  "snrd_wm": 23.955194102971486,
  "spacing_x": 0.800000011920929,
  "spacing_y": 0.8343750238418579,
  "spacing_z": 0.8343750238418579,
  "summary_bg_k": 711.7376,
  "summary_bg_mad": 0.0,
  "summary_bg_mean": 3.017,
  "summary_bg_median": 0.0,
  "summary_bg_n": 7557957.0,
  "summary_bg_p05": 0.0,
  "summary_bg_p95": 15.0,
  "summary_bg_stdv": 30.9037,
  "summary_csf_k": -1.4252,
  "summary_csf_mad": 1715.0057,
  "summary_csf_mean": 1594.0126,
  "summary_csf_median": 1516.0,
  "summary_csf_n": 768810.5775473611,
  "summary_csf_p05": 86.0,
  "summary_csf_p95": 3427.0,
  "summary_csf_stdv": 1071.2052,
  "summary_gm_k": 38.6157,
  "summary_gm_mad": 197.1812,
  "summary_gm_mean": 1329.4016,
  "summary_gm_median": 1331.0,
  "summary_gm_n": 938734.0950169851,
  "summary_gm_p05": 909.0,
  "summary_gm_p95": 1791.0,
  "summary_gm_stdv": 285.3358,
  "summary_wm_k": 104.9828,
  "summary_wm_mad": 133.9756,
  "summary_wm_mean": 1142.2307,
  "summary_wm_median": 1130.0,
  "summary_wm_n": 1040832.3292195706,
  "summary_wm_p05": 910.0,
  "summary_wm_p95": 1404.0,
  "summary_wm_stdv": 167.883,
  "tpm_overlap_csf": 0.2068247216515911,
  "tpm_overlap_gm": 0.507459336826271,
  "tpm_overlap_wm": 0.5228326274710539,
  "wm2max": 0.2988732059158563
}
