{
  "bids_meta": {
    "AcquisitionMatrixPE": 320,
    "AcquisitionNumber": 1,
    "AcquisitionTime": "19:15:16.875000",
    "BaseResolution": 320,
    "BodyPartExamined": "BRAIN",
    "CoilCombinationMethod": "Adaptive Combine",
    "CoilString": "HeadNeck_64_CS",
    "ConversionSoftware": "dcm2niix",
    "ConversionSoftwareVersion": "v1.0.20220720",
    "DeviceSerialNumber": "202009",
    "DwellTime": 2.2e-6,
    "EchoTime": 0.414,
    "EchoTrainLength": 250,
    "FileSize": 0.014733079820871353,
    "FileSizeUnits": "GB",
    "FlipAngle": 120,
    "HeudiconvVersion": "1.1.6.post8+ga0a3635",
    "ImageOrientationPatientDICOM": [
      -0.0194571,
      0.975902,
      0.217339,
      0.0301408,
      0.217854,
      -0.975516
    ],
    "ImageType": [
      "ORIGINAL",
      "PRIMARY",
      "M",
      "NORM",
      "DIS3D",
      "MFSPLIT"
    ],
    "ImageTypeText": [
      "ORIGINAL",
      "PRIMARY",
      "M",
      "NONE"
    ],
    "ImagingFrequency": 123.198,
    "InPlanePhaseEncodingDirectionDICOM": "ROW",
    "InstitutionAddress": "Rue du Bugnon 46,Lausanne,,CH,1011",
    "InstitutionName": "CHUV Lausanne",
    "MRAcquisitionType": "3D",
    "MagneticFieldStrength": 3,
    "Manufacturer": "Siemens",
    "ManufacturersModelName": "MAGNETOM Vida Fit",
    "MatrixCoilMode": "GRAPPA",
    "Modality": "MR",
    "NonlinearGradientCorrection": true,
    "NumberOfVolumes": 1,
    "ParallelReductionFactorInPlane": 3,
    "PartialFourier": 1,
    "PatientPosition": "HFS",
    "PercentPhaseFOV": 100,
    "PercentSampling": 100,
    "PhaseEncodingDirection": "i",
    "PhaseEncodingSteps": 320,
    "PhaseResolution": 1,
    "PixelBandwidth": 710,
    "ProcedureStepDescription": "RESEARCH Oscar",
    "ProtocolName": "anat-T2w__space",
    "PulseSequenceDetails": "%SiemensSeq%\\space",
    "ReceiveCoilActiveElements": "HC1-7;NC1,2",
    "ReceiveCoilName": "HeadNeck_64_CS",
    "ReconMatrixPE": 320,
    "RefLinesPE": 24,
    "RepetitionTime": 3.2,
    "SAR": 0.154145,
    "ScanOptions": "PFP\\PER",
    "ScanningSequence": "SE",
    "SequenceName": "*spcR_282ns",
    "SequenceVariant": "SP\\SK",
    "SeriesDescription": "anat-T2w__space",
    "SeriesNumber": 24,
    "ShimSetting": [
      232,
      -1112,
      2213,
      61,
      390,
      -73,
      60,
      -60
    ],
    "SliceThickness": 0.8,
    "SoftwareVersions": "syngo MR XA50",
    "StationName": "AWP202009",
    "TxRefAmp": 317.249,
    "acquisition": "undistorted",
    "dataset": "HCPh",
    "datatype": "anat",
    "extension": ".nii.gz",
    "modality": "T2w",
    "session": "20401030",
    "subject": "001",
    "suffix": "T2w"
  },
  "cjv": 1.6755655963302754,
  "cnr": 0.5953628987093492,
  "efc": 0.4537,
  "fber": -1.0,
  "fwhm_avg": 2.6474319740105106,
  "fwhm_x": 2.541187462133356,
  "fwhm_y": 2.8990201418810173,
  "fwhm_z": 2.5020883180171576,
  "icvs_csf": 0.2803828557160063,
  "icvs_gm": 0.3364746500285304,
  "icvs_wm": 0.3831424942554634,
  "inu_med": 0.9994288086891174,
  "inu_range": 0.2967325448989868,
  "provenance": {
    "md5sum": "bd77eb797f2b38c2c2440ebbfbf31a74",
    "settings": {
      "testing": false
    },
    "software": "mriqc",
    "version": "24.1.0.dev15+g9586c867.d20240825",
    "warnings": {
      "large_rot_frame": true,
      "small_air_mask": false
    }
  },
  "qi_1": 0.0,
  "qi_2": 0.0022631628947448533,
  "rpve_csf": 8.889744846902472,
  "rpve_gm": 8.738754244230677,
  "rpve_wm": 8.77541783918525,
  "size_x": 240,
  "size_y": 320,
  "size_z": 320,
  "snr_csf": 1.3527169846806604,
  "snr_gm": 4.122498626426481,
  "snr_total": 4.05394978713024,
  "snr_wm": 6.686633750283581,
  "snrd_csf": 34.07760189271272,
  "snrd_gm": 29.394679826165746,
  "snrd_total": 29.35803724348541,
  "snrd_wm": 24.601830011577764,
  "spacing_x": 0.800000011920929,
  "spacing_y": 0.8343750238418579,
  "spacing_z": 0.8343750238418579,
  "summary_bg_k": 739.3246,
  "summary_bg_mad": 0.0,
  "summary_bg_mean": 2.6162,
  "summary_bg_median": 0.0,
  "summary_bg_n": 7593892.0,
  "summary_bg_p05": 0.0,
  "summary_bg_p95": 14.0,
  "summary_bg_stdv": 29.7985,
  "summary_csf_k": -1.4629,
  "summary_csf_mad": 1853.8661,
  "summary_csf_mean": 1637.3602,
  "summary_csf_median": 1550.0,
  "summary_csf_n": 766006.2428849209,
  "summary_csf_p05": 0.0,
  "summary_csf_p95": 3594.0,
  "summary_csf_stdv": 1145.8413,
  "summary_gm_k": 25.9804,
  "summary_gm_mad": 231.1732,
  "summary_gm_mean": 1336.5086,
  "summary_gm_median": 1337.0,
  "summary_gm_n": 919249.0811757554,
  "summary_gm_p05": 864.0,
  "summary_gm_p95": 1869.0,
  "summary_gm_stdv": 324.3177,
  "summary_wm_k": 102.0885,
  "summary_wm_mad": 134.1001,
  "summary_wm_mean": 1132.3797,
  "summary_wm_median": 1119.0,
  "summary_wm_n": 1046745.6783857499,
  "summary_wm_p05": 900.0,
  "summary_wm_p95": 1397.0,
  "summary_wm_stdv": 167.3487,
  "tpm_overlap_csf": 0.2073487909356482,
  "tpm_overlap_gm": 0.49540891335357323,
  "tpm_overlap_wm": 0.5170677866762797,
  "wm2max": 0.28909703302404155
}
