{
  "bids_meta": {
    "AcquisitionMatrixPE": 320,
    "AcquisitionNumber": 1,
    "AcquisitionTime": "01:07:12.880000",
    "BaseResolution": 320,
    "BodyPartExamined": "BRAIN",
    "CoilCombinationMethod": "Adaptive Combine",
    "CoilString": "HeadNeck_64_CS",
    "ConversionSoftware": "dcm2niix",
    "ConversionSoftwareVersion": "v1.0.20220720",
    "DeviceSerialNumber": "176240",
    "DwellTime": 2.2e-06,
    "EchoTime": 0.413,
    "EchoTrainLength": 248,
    "FileSize": 0.0161780109629035,
    "FileSizeUnits": "GB",
    "FlipAngle": 120,
    "HeudiconvVersion": "1.1.6.post8+ga0a3635",
    "ImageOrientationPatientDICOM": [
      -0.0508668,
      0.991599,
      0.118928,
      0.0701398,
      0.122335,
      -0.990007
    ],
    "ImageType": [
      "ORIGINAL",
      "PRIMARY",
      "M",
      "ND",
      "NORM",
      "MFSPLIT"
    ],
    "ImageTypeText": [
      "ORIGINAL",
      "PRIMARY",
      "M",
      "NONE"
    ],
    "ImagingFrequency": 123.261,
    "InPlanePhaseEncodingDirectionDICOM": "ROW",
    "InstitutionAddress": "Rue de Bugnon 46,Lausanne,,CH,1011",
    "InstitutionName": "Radiologie-CHUV",
    "MRAcquisitionType": "3D",
    "MagneticFieldStrength": 3,
    "Manufacturer": "Siemens",
    "ManufacturersModelName": "MAGNETOM Vida",
    "MatrixCoilMode": "GRAPPA",
    "Modality": "MR",
    "NonlinearGradientCorrection": false,
    "NumberOfVolumes": 1,
    "ParallelReductionFactorInPlane": 3,
    "PartialFourier": 1,
    "PatientPosition": "HFS",
    "PercentPhaseFOV": 100,
    "PercentSampling": 100,
    "PhaseEncodingDirection": "i",
    "PhaseEncodingSteps": 320,
    "PhaseResolution": 1,
    "PixelBandwidth": 710,
    "ProcedureStepDescription": "RESEARCH Oscar",
    "ProtocolName": "anat-T2w__space",
    "PulseSequenceDetails": "%SiemensSeq%\\space",
    "ReceiveCoilActiveElements": "HC1-7;NC1,2",
    "ReceiveCoilName": "HeadNeck_64_CS",
    "ReconMatrixPE": 320,
    "RefLinesPE": 24,
    "RepetitionTime": 3.2,
    "SAR": 0.135165,
    "ScanOptions": "PFP\\PER",
    "ScanningSequence": "SE",
    "SequenceName": "*spcR_282ns",
    "SequenceVariant": "SP\\SK",
    "SeriesDescription": "anat-T2w__space_ND",
    "SeriesNumber": 23,
    "ShimSetting": [
      -8778,
      8428,
      9145,
      105,
      -256,
      11,
      89,
      62
    ],
    "SliceThickness": 0.8,
    "SoftwareVersions": "syngo MR XA50",
    "StationName": "LRG08892",
    "TxRefAmp": 314.732,
    "acquisition": "original",
    "dataset": "HCPh",
    "datatype": "anat",
    "extension": ".nii.gz",
    "modality": "T2w",
    "session": "20203034",
    "subject": "001",
    "suffix": "T2w"
  },
  "cjv": 1.7728731843575418,
  "cnr": 0.5762695568260889,
  "efc": 0.4642,
  "fber": -1.0,
  "fwhm_avg": 2.617874960990623,
  "fwhm_x": 2.4620124633131555,
  "fwhm_y": 2.8833374570349237,
  "fwhm_z": 2.50827496262379,
  "icvs_csf": 0.27437330619173067,
  "icvs_gm": 0.34575611613188717,
  "icvs_wm": 0.3798705776763821,
  "inu_med": 0.9841727614402771,
  "inu_range": 0.3243452310562134,
  "provenance": {
    "md5sum": "725bc80cbe90902e8713419aeb230e8a",
    "settings": {
      "testing": false
    },
    "software": "mriqc",
    "version": "24.0.1",
    "warnings": {
      "large_rot_frame": true,
      "small_air_mask": false
    }
  },
  "qi_1": 0.0,
  "qi_2": 0.002606012659480689,
  "rpve_csf": 8.147469987660573,
  "rpve_gm": 7.980875885144195,
  "rpve_wm": 8.01127246859013,
  "size_x": 240,
  "size_y": 320,
  "size_z": 320,
  "snr_csf": 1.4392854224401448,
  "snr_gm": 4.864700448906288,
  "snr_total": 4.424748643502852,
  "snr_wm": 6.970260059162122,
  "snrd_csf": 34.78625587012817,
  "snrd_gm": 30.65182381998999,
  "snrd_total": 30.61222198042928,
  "snrd_wm": 26.39858625116967,
  "spacing_x": 0.800000011920929,
  "spacing_y": 0.800000011920929,
  "spacing_z": 0.800000011920929,
  "summary_bg_k": 777.2993,
  "summary_bg_mad": 0.0,
  "summary_bg_mean": 2.5206,
  "summary_bg_median": 0.0,
  "summary_bg_n": 8093470.0,
  "summary_bg_p05": 0.0,
  "summary_bg_p95": 15.0,
  "summary_bg_stdv": 27.5718,
  "summary_csf_k": -1.4103,
  "summary_csf_mad": 1635.6815,
  "summary_csf_mean": 1530.5608,
  "summary_csf_median": 1464.0,
  "summary_csf_n": 817486.2119950205,
  "summary_csf_p05": 81.0,
  "summary_csf_p95": 3277.0,
  "summary_csf_stdv": 1017.1708,
  "summary_gm_k": 41.8276,
  "summary_gm_mad": 190.9692,
  "summary_gm_mean": 1289.4754,
  "summary_gm_median": 1290.0,
  "summary_gm_n": 1030168.9387131992,
  "summary_gm_p05": 890.0,
  "summary_gm_p95": 1715.0,
  "summary_gm_stdv": 265.1755,
  "summary_wm_k": 89.3523,
  "summary_wm_mad": 126.3751,
  "summary_wm_mean": 1119.3551,
  "summary_wm_median": 1111.0,
  "summary_wm_n": 1131811.8511719313,
  "summary_wm_p05": 890.0,
  "summary_wm_p95": 1367.0,
  "summary_wm_stdv": 159.3914,
  "tpm_overlap_csf": 0.20940811797728057,
  "tpm_overlap_gm": 0.5095005620217075,
  "tpm_overlap_wm": 0.5195476873093393,
  "wm2max": 0.3058180195103114
}