{
  "bids_meta": {
    "AcquisitionMatrixPE": 320,
    "AcquisitionNumber": 1,
    "AcquisitionTime": "01:07:12.880000",
    "BaseResolution": 320,
    "BodyPartExamined": "BRAIN",
    "CoilCombinationMethod": "Adaptive Combine",
    "CoilString": "HeadNeck_64_CS",
    "ConversionSoftware": "dcm2niix",
    "ConversionSoftwareVersion": "v1.0.20220720",
    "DeviceSerialNumber": "176240",
    "DwellTime": 2.2e-06,
    "EchoTime": 0.413,
    "EchoTrainLength": 248,
    "FileSize": 0.015181989409029484,
    "FileSizeUnits": "GB",
    "FlipAngle": 120,
    "HeudiconvVersion": "1.1.6.post8+ga0a3635",
    "ImageOrientationPatientDICOM": [
      -0.0508668,
      0.991599,
      0.118928,
      0.0701398,
      0.122335,
      -0.990007
    ],
    "ImageType": [
      "ORIGINAL",
      "PRIMARY",
      "M",
      "NORM",
      "DIS3D",
      "MFSPLIT"
    ],
    "ImageTypeText": [
      "ORIGINAL",
      "PRIMARY",
      "M",
      "NONE"
    ],
    "ImagingFrequency": 123.261,
    "InPlanePhaseEncodingDirectionDICOM": "ROW",
    "InstitutionAddress": "Rue de Bugnon 46,Lausanne,,CH,1011",
    "InstitutionName": "Radiologie-CHUV",
    "MRAcquisitionType": "3D",
    "MagneticFieldStrength": 3,
    "Manufacturer": "Siemens",
    "ManufacturersModelName": "MAGNETOM Vida",
    "MatrixCoilMode": "GRAPPA",
    "Modality": "MR",
    "NonlinearGradientCorrection": true,
    "NumberOfVolumes": 1,
    "ParallelReductionFactorInPlane": 3,
    "PartialFourier": 1,
    "PatientPosition": "HFS",
    "PercentPhaseFOV": 100,
    "PercentSampling": 100,
    "PhaseEncodingDirection": "i",
    "PhaseEncodingSteps": 320,
    "PhaseResolution": 1,
    "PixelBandwidth": 710,
    "ProcedureStepDescription": "RESEARCH Oscar",
    "ProtocolName": "anat-T2w__space",
    "PulseSequenceDetails": "%SiemensSeq%\\space",
    "ReceiveCoilActiveElements": "HC1-7;NC1,2",
    "ReceiveCoilName": "HeadNeck_64_CS",
    "ReconMatrixPE": 320,
    "RefLinesPE": 24,
    "RepetitionTime": 3.2,
    "SAR": 0.135165,
    "ScanOptions": "PFP\\PER",
    "ScanningSequence": "SE",
    "SequenceName": "*spcR_282ns",
    "SequenceVariant": "SP\\SK",
    "SeriesDescription": "anat-T2w__space",
    "SeriesNumber": 24,
    "ShimSetting": [
      -8778,
      8428,
      9145,
      105,
      -256,
      11,
      89,
      62
    ],
    "SliceThickness": 0.8,
    "SoftwareVersions": "syngo MR XA50",
    "StationName": "LRG08892",
    "TxRefAmp": 314.732,
    "acquisition": "undistorted",
    "dataset": "HCPh",
    "datatype": "anat",
    "extension": ".nii.gz",
    "modality": "T2w",
    "session": "20203034",
    "subject": "001",
    "suffix": "T2w"
  },
  "cjv": 1.7306274611398964,
  "cnr": 0.583808366058379,
  "efc": 0.4672,
  "fber": -1.0,
  "fwhm_avg": 2.6396707939991733,
  "fwhm_x": 2.5002249627437445,
  "fwhm_y": 2.8838249570276595,
  "fwhm_z": 2.5349624622261153,
  "icvs_csf": 0.2791019804995264,
  "icvs_gm": 0.34096688193551494,
  "icvs_wm": 0.37993113756495867,
  "inu_med": 1.0366081595420837,
  "inu_range": 0.34239263832569133,
  "provenance": {
    "md5sum": "a901e8693c3849a21d20e9c24df6cd34",
    "settings": {
      "testing": false
    },
    "software": "mriqc",
    "version": "24.0.1",
    "warnings": {
      "large_rot_frame": true,
      "small_air_mask": false
    }
  },
  "qi_1": 0.0,
  "qi_2": 0.0025049906994453015,
  "rpve_csf": 8.25494655152659,
  "rpve_gm": 8.098512532043758,
  "rpve_wm": 8.1321454076439,
  "size_x": 240,
  "size_y": 320,
  "size_z": 320,
  "snr_csf": 1.3841424079142972,
  "snr_gm": 4.464702858540187,
  "snr_total": 4.247390819779697,
  "snr_wm": 6.8933271928846045,
  "snrd_csf": 33.75574939408124,
  "snrd_gm": 29.258011587871223,
  "snrd_total": 29.295871333714743,
  "snrd_wm": 24.87385301919176,
  "spacing_x": 0.800000011920929,
  "spacing_y": 0.800000011920929,
  "spacing_z": 0.800000011920929,
  "summary_bg_k": 713.7663,
  "summary_bg_mad": 0.0,
  "summary_bg_mean": 2.2022,
  "summary_bg_median": 0.0,
  "summary_bg_n": 8168612.0,
  "summary_bg_p05": 0.0,
  "summary_bg_p95": 13.0,
  "summary_bg_stdv": 28.8405,
  "summary_csf_k": -1.4457,
  "summary_csf_mad": 1731.2405,
  "summary_csf_mean": 1557.792,
  "summary_csf_median": 1486.0,
  "summary_csf_n": 820696.0251343288,
  "summary_csf_p05": 0.0,
  "summary_csf_p95": 3385.0,
  "summary_csf_stdv": 1073.5883,
  "summary_gm_k": 33.0625,
  "summary_gm_mad": 209.6229,
  "summary_gm_mean": 1288.8255,
  "summary_gm_median": 1288.0,
  "summary_gm_n": 1002609.0255830268,
  "summary_gm_p05": 856.0,
  "summary_gm_p95": 1756.0,
  "summary_gm_stdv": 288.4849,
  "summary_wm_k": 96.4006,
  "summary_wm_mad": 124.3882,
  "summary_wm_mean": 1103.4417,
  "summary_wm_median": 1095.0,
  "summary_wm_n": 1117182.951787956,
  "summary_wm_p05": 875.0,
  "summary_wm_p95": 1352.0,
  "summary_wm_stdv": 158.8492,
  "tpm_overlap_csf": 0.20413438468674105,
  "tpm_overlap_gm": 0.49853834281804504,
  "tpm_overlap_wm": 0.5126272374464682,
  "wm2max": 0.29956347641606146
}