{
  "bids_meta": {
    "AcquisitionMatrixPE": 216,
    "AcquisitionNumber": 1,
    "AcquisitionTime": "23:56:12.887500",
    "BaseResolution": 256,
    "BodyPartExamined": "BRAIN",
    "CoilCombinationMethod": "Adaptive Combine",
    "CoilString": "HeadNeck_64_CS",
    "ConversionSoftware": "dcm2niix",
    "ConversionSoftwareVersion": "v1.0.20220720",
    "DeviceSerialNumber": "176240",
    "DwellTime": 7.5e-06,
    "EchoTime": 0.00246,
    "FileSize": 0.00946194026619196,
    "FileSizeUnits": "GB",
    "FlipAngle": 8,
    "HeudiconvVersion": "1.1.6.post8+ga0a3635",
    "ImageOrientationPatientDICOM": [
      0.996239,
      0.0420245,
      0.0757766,
      -0.0380975,
      0.997892,
      -0.0525455
    ],
    "ImageType": [
      "ORIGINAL",
      "PRIMARY",
      "M",
      "NORM",
      "DIS2D",
      "FM3",
      "2",
      "FIL",
      "MFSPLIT"
    ],
    "ImageTypeText": [
      "ORIGINAL",
      "PRIMARY",
      "M",
      "NONE"
    ],
    "ImagingFrequency": 123.261,
    "InPlanePhaseEncodingDirectionDICOM": "ROW",
    "InstitutionAddress": "Rue de Bugnon 46,Lausanne,,CH,1011",
    "InstitutionName": "Radiologie-CHUV",
    "InversionTime": 0.9,
    "MRAcquisitionType": "3D",
    "MagneticFieldStrength": 3,
    "Manufacturer": "Siemens",
    "ManufacturersModelName": "MAGNETOM Vida",
    "MatrixCoilMode": "GRAPPA",
    "Modality": "MR",
    "NonlinearGradientCorrection": true,
    "NumberOfVolumes": 1,
    "ParallelReductionFactorInPlane": 2,
    "PartialFourier": 1,
    "PatientPosition": "HFS",
    "PercentPhaseFOV": 84.375,
    "PercentSampling": 100,
    "PhaseEncodingSteps": 216,
    "PhaseResolution": 1,
    "PixelBandwidth": 260,
    "ProcedureStepDescription": "RESEARCH Oscar",
    "ProtocolName": "anat-T1w__t1_mprage_tra_p2_iso_siemens_axial",
    "PulseSequenceDetails": "%SiemensSeq%\\tfl",
    "ReceiveCoilActiveElements": "HC1-7;NC1",
    "ReceiveCoilName": "HeadNeck_64_CS",
    "ReconMatrixPE": 216,
    "RefLinesPE": 24,
    "RepetitionTime": 2.2,
    "SAR": 0.0438329,
    "ScanOptions": "PER",
    "ScanningSequence": "GR",
    "SequenceName": "*tfl3d1_240",
    "SequenceVariant": "SK",
    "SeriesDescription": "anat-T1w__t1_mprage_tra_p2_iso_siemens_axial",
    "SeriesNumber": 5,
    "ShimSetting": [
      -8778,
      8428,
      9145,
      105,
      -256,
      11,
      89,
      62
    ],
    "SliceThickness": 0.9,
    "SoftwareVersions": "syngo MR XA50",
    "StationName": "LRG08892",
    "TxRefAmp": 314.732,
    "acquisition": "undistorted",
    "dataset": "HCPh",
    "datatype": "anat",
    "extension": ".nii.gz",
    "modality": "T1w",
    "session": "20203034",
    "subject": "001",
    "suffix": "T1w"
  },
  "cjv": 0.5888773809523811,
  "cnr": 1.6546500313368615,
  "efc": 0.5258,
  "fber": -1.0,
  "fwhm_avg": 4.665417924006592,
  "fwhm_x": 4.327944833419225,
  "fwhm_y": 5.190664375539034,
  "fwhm_z": 4.477644563061517,
  "icvs_csf": 0.27222763770588304,
  "icvs_gm": 0.3784542162710294,
  "icvs_wm": 0.34931814602308775,
  "inu_med": 0.5059525072574615,
  "inu_range": 0.21608221232891084,
  "provenance": {
    "md5sum": "f39eb28767488cf6b8c4c57bfc46653f",
    "settings": {
      "testing": false
    },
    "software": "mriqc",
    "version": "24.0.1",
    "warnings": {
      "large_rot_frame": true,
      "small_air_mask": false
    }
  },
  "qi_1": 0.0,
  "qi_2": 0.0008240260939264684,
  "rpve_csf": 5.3621641808059515,
  "rpve_gm": 5.263535362013486,
  "rpve_wm": 5.343565635701241,
  "size_x": 216,
  "size_y": 256,
  "size_z": 208,
  "snr_csf": 1.686563206942813,
  "snr_gm": 5.741963125644885,
  "snr_total": 6.0598605155938925,
  "snr_wm": 10.751055214193979,
  "snrd_csf": 55.56607150133857,
  "snrd_gm": 109.89044308085951,
  "snrd_total": 104.82016840010424,
  "snrd_wm": 149.00399061811459,
  "spacing_x": 0.8984379768371582,
  "spacing_y": 0.8984379768371582,
  "spacing_z": 0.8999999761581421,
  "summary_bg_k": 1816.7904,
  "summary_bg_mad": 0.0,
  "summary_bg_mean": 1.6496,
  "summary_bg_median": 0.0,
  "summary_bg_n": 3655804.0,
  "summary_bg_p05": 0.0,
  "summary_bg_p95": 7.0,
  "summary_bg_stdv": 4.2209,
  "summary_csf_k": 0.3225,
  "summary_csf_mad": 171.331,
  "summary_csf_mean": 372.4184,
  "summary_csf_median": 358.0,
  "summary_csf_n": 574403.5829373909,
  "summary_csf_p05": 41.0,
  "summary_csf_p95": 727.0,
  "summary_csf_stdv": 212.2658,
  "summary_gm_k": -0.4455,
  "summary_gm_mad": 83.4355,
  "summary_gm_mean": 712.4922,
  "summary_gm_median": 708.0,
  "summary_gm_n": 798542.9386809964,
  "summary_gm_p05": 511.0,
  "summary_gm_p95": 946.0,
  "summary_gm_stdv": 123.3027,
  "summary_wm_k": 0.1265,
  "summary_wm_mad": 64.9616,
  "summary_wm_mean": 936.2979,
  "summary_wm_median": 960.0,
  "summary_wm_n": 737065.4807558216,
  "summary_wm_p05": 758.0,
  "summary_wm_p95": 1046.0,
  "summary_wm_stdv": 89.2935,
  "tpm_overlap_csf": 0.20004963219683491,
  "tpm_overlap_gm": 0.5475992205965646,
  "tpm_overlap_wm": 0.5576597922308909,
  "wm2max": 0.5103057928176986
}