{
  "bids_meta": {
    "AcquisitionMatrixPE": 216,
    "AcquisitionNumber": 1,
    "AcquisitionTime": "21:55:12.850000",
    "BaseResolution": 256,
    "BodyPartExamined": "BRAIN",
    "CoilCombinationMethod": "Adaptive Combine",
    "CoilString": "HeadNeck_64_CS",
    "ConversionSoftware": "dcm2niix",
    "ConversionSoftwareVersion": "v1.0.20220720",
    "DeviceSerialNumber": "202009",
    "DwellTime": 7.5e-6,
    "EchoTime": 0.00246,
    "FileSize": 0.009306333027780056,
    "FileSizeUnits": "GB",
    "FlipAngle": 8,
    "HeudiconvVersion": "1.1.6.post8+ga0a3635",
    "ImageOrientationPatientDICOM": [
      0.999798,
      0.0143516,
      -0.0140381,
      -0.0146589,
      0.99965,
      -0.0220337
    ],
    "ImageType": [
      "ORIGINAL",
      "PRIMARY",
      "M",
      "NORM",
      "DIS2D",
      "FM3",
      "2",
      "FIL",
      "MFSPLIT"
    ],
    "ImageTypeText": [
      "ORIGINAL",
      "PRIMARY",
      "M",
      "NONE"
    ],
    "ImagingFrequency": 123.198,
    "InPlanePhaseEncodingDirectionDICOM": "ROW",
    "InstitutionAddress": "Rue du Bugnon 46,Lausanne,,CH,1011",
    "InstitutionName": "CHUV Lausanne",
    "InversionTime": 0.9,
    "MRAcquisitionType": "3D",
    "MagneticFieldStrength": 3,
    "Manufacturer": "Siemens",
    "ManufacturersModelName": "MAGNETOM Vida Fit",
    "MatrixCoilMode": "GRAPPA",
    "Modality": "MR",
    "NonlinearGradientCorrection": true,
    "NumberOfVolumes": 1,
    "ParallelReductionFactorInPlane": 2,
    "PartialFourier": 1,
    "PatientPosition": "HFS",
    "PercentPhaseFOV": 84.375,
    "PercentSampling": 100,
    "PhaseEncodingSteps": 216,
    "PhaseResolution": 1,
    "PixelBandwidth": 260,
    "ProcedureStepDescription": "RESEARCH Oscar",
    "ProtocolName": "anat-T1w__t1_mprage_tra_p2_iso_siemens_axial",
    "PulseSequenceDetails": "%SiemensSeq%\\tfl",
    "ReceiveCoilActiveElements": "HC1-7;NC1",
    "ReceiveCoilName": "HeadNeck_64_CS",
    "ReconMatrixPE": 216,
    "RefLinesPE": 24,
    "RepetitionTime": 2.2,
    "SAR": 0.0465614,
    "ScanOptions": "PER",
    "ScanningSequence": "GR",
    "SequenceName": "*tfl3d1_240",
    "SequenceVariant": "SK",
    "SeriesDescription": "anat-T1w__t1_mprage_tra_p2_iso_siemens_axial",
    "SeriesNumber": 5,
    "ShimSetting": [
      232,
      -1112,
      2213,
      61,
      390,
      -73,
      60,
      -60
    ],
    "SliceThickness": 0.9,
    "SoftwareVersions": "syngo MR XA50",
    "StationName": "AWP202009",
    "TxRefAmp": 315.939,
    "acquisition": "undistorted",
    "dataset": "HCPh",
    "datatype": "anat",
    "extension": ".nii.gz",
    "modality": "T1w",
    "session": "21201030",
    "subject": "001",
    "suffix": "T1w"
  },
  "cjv": 0.600243137254902,
  "cnr": 1.5921036458509183,
  "efc": 0.524,
  "fber": 15807.3471,
  "fwhm_avg": 4.663764644995736,
  "fwhm_x": 4.308499974174182,
  "fwhm_y": 5.194838286367247,
  "fwhm_z": 4.48795567444578,
  "icvs_csf": 0.27561403213050445,
  "icvs_gm": 0.37665147974000524,
  "icvs_wm": 0.3477344881294904,
  "inu_med": 0.5308979153633118,
  "inu_range": 0.23414653539657593,
  "provenance": {
    "md5sum": "ddea2cf7e40abecfb4bc01064c0f81e7",
    "settings": {
      "testing": false
    },
    "software": "mriqc",
    "version": "24.1.0.dev15+g9586c867.d20240825",
    "warnings": {
      "large_rot_frame": true,
      "small_air_mask": false
    }
  },
  "qi_1": 0.0,
  "qi_2": 0.0007699382516491763,
  "rpve_csf": 5.354041557139932,
  "rpve_gm": 5.250451016320666,
  "rpve_wm": 5.334231937162885,
  "size_x": 216,
  "size_y": 256,
  "size_z": 208,
  "snr_csf": 1.6377641566253796,
  "snr_gm": 5.380896801107421,
  "snr_total": 5.769157572562574,
  "snr_wm": 10.288811759954921,
  "snrd_csf": 33.17146329113924,
  "snrd_gm": 66.43770219168174,
  "snrd_total": 63.40488269077758,
  "snrd_wm": 90.60548258951175,
  "spacing_x": 0.8984379768371582,
  "spacing_y": 0.8984379768371582,
  "spacing_z": 0.8999999761581421,
  "summary_bg_k": 3983.1545,
  "summary_bg_mad": 0.0,
  "summary_bg_mean": 2.7316,
  "summary_bg_median": 0.0,
  "summary_bg_n": 3680131.0,
  "summary_bg_p05": 0.0,
  "summary_bg_p95": 12.0,
  "summary_bg_stdv": 6.9125,
  "summary_csf_k": 2.6085,
  "summary_csf_mad": 171.5396,
  "summary_csf_mean": 366.7446,
  "summary_csf_median": 350.0,
  "summary_csf_n": 581981.3542236893,
  "summary_csf_p05": 37.0,
  "summary_csf_p95": 722.0,
  "summary_csf_stdv": 213.7058,
  "summary_gm_k": -0.4913,
  "summary_gm_mad": 85.9386,
  "summary_gm_mean": 706.0292,
  "summary_gm_median": 701.0,
  "summary_gm_n": 795330.1091203173,
  "summary_gm_p05": 494.0,
  "summary_gm_p95": 953.0,
  "summary_gm_stdv": 130.2756,
  "summary_wm_k": 0.309,
  "summary_wm_mad": 67.1234,
  "summary_wm_mean": 931.5579,
  "summary_wm_median": 956.0,
  "summary_wm_n": 734269.538990877,
  "summary_wm_p05": 747.0,
  "summary_wm_p95": 1045.0,
  "summary_wm_stdv": 92.9164,
  "tpm_overlap_csf": 0.19738086275188865,
  "tpm_overlap_gm": 0.5493484960553839,
  "tpm_overlap_wm": 0.5556871575356869,
  "wm2max": 0.495153568213859
}
