{
  "bids_meta": {
    "AcquisitionMatrixPE": 252,
    "AcquisitionNumber": 1,
    "AcquisitionTime": "22:41:48.902500",
    "BaseResolution": 288,
    "BodyPartExamined": "BRAIN",
    "CoilCombinationMethod": "Adaptive Combine",
    "CoilString": "HeadNeck_64",
    "ConversionSoftware": "dcm2niix",
    "ConversionSoftwareVersion": "v1.0.20220720",
    "DeviceSerialNumber": "67014",
    "DwellTime": 6.7e-6,
    "EchoTime": 0.00255,
    "FileSize": 0.011716756038367748,
    "FileSizeUnits": "GB",
    "FlipAngle": 8,
    "HeudiconvVersion": "1.1.6.post8+ga0a3635",
    "ImageOrientationPatientDICOM": [
      1,
      -1.1103e-11,
      4e-6,
      -4.897e-12,
      1,
      4e-6
    ],
    "ImageType": [
      "ORIGINAL",
      "PRIMARY",
      "M",
      "NORM",
      "DIS2D",
      "FM3",
      "2",
      "FIL",
      "MFSPLIT"
    ],
    "ImageTypeText": [
      "ORIGINAL",
      "PRIMARY",
      "M",
      "NONE"
    ],
    "ImagingFrequency": 123.248,
    "InPlanePhaseEncodingDirectionDICOM": "ROW",
    "InstitutionAddress": "Rue du Bugnon 21,Lausanne,District,CH,1011",
    "InstitutionName": "CHUV",
    "InversionTime": 0.9,
    "MRAcquisitionType": "3D",
    "MagneticFieldStrength": 3,
    "Manufacturer": "Siemens",
    "ManufacturersModelName": "MAGNETOM Prisma Fit",
    "MatrixCoilMode": "GRAPPA",
    "Modality": "MR",
    "NonlinearGradientCorrection": true,
    "NumberOfVolumes": 1,
    "ParallelReductionFactorInPlane": 2,
    "PartialFourier": 1,
    "PatientPosition": "HFS",
    "PercentPhaseFOV": 87.5,
    "PercentSampling": 100,
    "PhaseEncodingSteps": 252,
    "PhaseResolution": 1,
    "PixelBandwidth": 259,
    "ProcedureStepDescription": "RESEARCH Oscar",
    "ProtocolName": "anat-T1w__t1_mprage_tra_p2_iso_siemens_axial",
    "PulseSequenceDetails": "%SiemensSeq%\\tfl",
    "ReceiveCoilActiveElements": "HC1-6",
    "ReceiveCoilName": "HeadNeck_64",
    "ReconMatrixPE": 252,
    "RefLinesPE": 24,
    "RepetitionTime": 2.2,
    "SAR": 0.0390836,
    "ScanOptions": "PER",
    "ScanningSequence": "GR",
    "SequenceName": "*tfl3d1_16",
    "SequenceVariant": "SK",
    "SeriesDescription": "anat-T1w__t1_mprage_tra_p2_iso_siemens_axial",
    "SeriesNumber": 9,
    "ShimSetting": [
      8228,
      -5666,
      -6274,
      307,
      -57,
      -153,
      48,
      21
    ],
    "SliceThickness": 0.8,
    "SoftwareVersions": "syngo MR XA30",
    "StationName": "LRG10884",
    "TxRefAmp": 246.934,
    "acquisition": "undistorted",
    "dataset": "HCPh",
    "datatype": "anat",
    "extension": ".nii.gz",
    "modality": "T1w",
    "session": "21202060",
    "subject": "001",
    "suffix": "T1w"
  },
  "cjv": 0.6395181467181467,
  "cnr": 1.4928961072811164,
  "efc": 0.5384,
  "fber": -1.0,
  "fwhm_avg": 4.83181553920935,
  "fwhm_x": 4.498635839255963,
  "fwhm_y": 5.3769608472132155,
  "fwhm_z": 4.619849931158871,
  "icvs_csf": 0.27649373159984214,
  "icvs_gm": 0.37472702602733426,
  "icvs_wm": 0.34877924237282354,
  "inu_med": 0.6177425682544708,
  "inu_range": 0.29833193123340607,
  "provenance": {
    "md5sum": "c535fcc81fc0f2292e2f4bec75e84196",
    "settings": {
      "testing": false
    },
    "software": "mriqc",
    "version": "24.1.0.dev15+g9586c867.d20240825",
    "warnings": {
      "large_rot_frame": true,
      "small_air_mask": false
    }
  },
  "qi_1": 0.0,
  "qi_2": 0.0015238710344309759,
  "rpve_csf": 4.548777662942238,
  "rpve_gm": 4.44229629625025,
  "rpve_wm": 4.521871798382122,
  "size_x": 252,
  "size_y": 288,
  "size_z": 192,
  "snr_csf": 1.551300763826648,
  "snr_gm": 4.960762333313918,
  "snr_total": 5.385371473549022,
  "snr_wm": 9.644051323506503,
  "snrd_csf": 5.829816430705137,
  "snrd_gm": 12.89682863127053,
  "snrd_total": 12.15950994014169,
  "snrd_wm": 17.751884758449407,
  "spacing_x": 0.7986109852790833,
  "spacing_y": 0.7986109852790833,
  "spacing_z": 0.800000011920929,
  "summary_bg_k": 201.6389,
  "summary_bg_mad": 0.0,
  "summary_bg_mean": 5.2681,
  "summary_bg_median": 0.0,
  "summary_bg_n": 4444412.0,
  "summary_bg_p05": 0.0,
  "summary_bg_p95": 13.0,
  "summary_bg_stdv": 34.9492,
  "summary_csf_k": -0.9354,
  "summary_csf_mad": 170.0865,
  "summary_csf_mean": 328.3689,
  "summary_csf_median": 311.0,
  "summary_csf_n": 831415.5455247895,
  "summary_csf_p05": 26.0,
  "summary_csf_p95": 683.0,
  "summary_csf_stdv": 200.4768,
  "summary_gm_k": 0.9992,
  "summary_gm_mad": 90.7979,
  "summary_gm_mean": 689.6888,
  "summary_gm_median": 688.0,
  "summary_gm_n": 1126802.6691407857,
  "summary_gm_p05": 459.0,
  "summary_gm_p95": 946.0,
  "summary_gm_stdv": 138.6883,
  "summary_wm_k": 0.1049,
  "summary_wm_mad": 74.8373,
  "summary_wm_mean": 924.8116,
  "summary_wm_median": 947.0,
  "summary_wm_n": 1048777.7874284708,
  "summary_wm_p05": 734.0,
  "summary_wm_p95": 1051.0,
  "summary_wm_stdv": 98.1952,
  "tpm_overlap_csf": 0.18412982157723448,
  "tpm_overlap_gm": 0.5367030815549673,
  "tpm_overlap_wm": 0.5454967010651405,
  "wm2max": 0.4693755375054005
}
