{
  "bids_meta": {
    "AcquisitionMatrixPE": 320,
    "AcquisitionNumber": 1,
    "AcquisitionTime": "23:52:25.987500",
    "BaseResolution": 320,
    "BodyPartExamined": "BRAIN",
    "CoilCombinationMethod": "Adaptive Combine",
    "CoilString": "HeadNeck_64",
    "ConversionSoftware": "dcm2niix",
    "ConversionSoftwareVersion": "v1.0.20220720",
    "DeviceSerialNumber": "67014",
    "DwellTime": 2.2e-6,
    "EchoTime": 0.413,
    "EchoTrainLength": 248,
    "FileSize": 0.0163205424323678,
    "FileSizeUnits": "GB",
    "FlipAngle": 120,
    "HeudiconvVersion": "1.1.6.post8+ga0a3635",
    "ImageOrientationPatientDICOM": [
      -0.0133867,
      0.992418,
      0.122177,
      0.0576538,
      0.122751,
      -0.990761
    ],
    "ImageType": [
      "ORIGINAL",
      "PRIMARY",
      "M",
      "ND",
      "NORM",
      "MFSPLIT"
    ],
    "ImageTypeText": [
      "ORIGINAL",
      "PRIMARY",
      "M",
      "NONE"
    ],
    "ImagingFrequency": 123.248,
    "InPlanePhaseEncodingDirectionDICOM": "ROW",
    "InstitutionAddress": "Rue du Bugnon 21,Lausanne,District,CH,1011",
    "InstitutionName": "CHUV",
    "MRAcquisitionType": "3D",
    "MagneticFieldStrength": 3,
    "Manufacturer": "Siemens",
    "ManufacturersModelName": "MAGNETOM Prisma Fit",
    "MatrixCoilMode": "GRAPPA",
    "Modality": "MR",
    "NonlinearGradientCorrection": false,
    "NumberOfVolumes": 1,
    "ParallelReductionFactorInPlane": 3,
    "PartialFourier": 1,
    "PatientPosition": "HFS",
    "PercentPhaseFOV": 100,
    "PercentSampling": 100,
    "PhaseEncodingDirection": "i",
    "PhaseEncodingSteps": 320,
    "PhaseResolution": 1,
    "PixelBandwidth": 710,
    "ProcedureStepDescription": "RESEARCH Oscar",
    "ProtocolName": "anat-T2w__space",
    "PulseSequenceDetails": "%SiemensSeq%\\space",
    "ReceiveCoilActiveElements": "HC1-7;NC1,2",
    "ReceiveCoilName": "HeadNeck_64",
    "ReconMatrixPE": 320,
    "RefLinesPE": 24,
    "RepetitionTime": 3.2,
    "SAR": 0.122342,
    "ScanOptions": "PFP\\PER",
    "ScanningSequence": "SE",
    "SequenceName": "*spcR_282ns",
    "SequenceVariant": "SP\\SK",
    "SeriesDescription": "anat-T2w__space_ND",
    "SeriesNumber": 27,
    "ShimSetting": [
      8228,
      -5666,
      -6274,
      307,
      -57,
      -153,
      48,
      21
    ],
    "SliceThickness": 0.8,
    "SoftwareVersions": "syngo MR XA30",
    "StationName": "LRG10884",
    "TxRefAmp": 246.934,
    "acquisition": "original",
    "dataset": "HCPh",
    "datatype": "anat",
    "extension": ".nii.gz",
    "modality": "T2w",
    "session": "21202060",
    "subject": "001",
    "suffix": "T2w"
  },
  "cjv": 1.475089497716895,
  "cnr": 0.6393623583392494,
  "efc": 0.489,
  "fber": -1.0,
  "fwhm_avg": 2.6864291266357534,
  "fwhm_x": 2.5505749619934712,
  "fwhm_y": 2.9425624561524026,
  "fwhm_z": 2.5661499617613854,
  "icvs_csf": 0.2755798009007398,
  "icvs_gm": 0.34578310985499144,
  "icvs_wm": 0.3786370892442687,
  "inu_med": 0.994308590888977,
  "inu_range": 0.3032988905906677,
  "provenance": {
    "md5sum": "cd1989d6439c86edd6933cdc1dfafdf0",
    "settings": {
      "testing": false
    },
    "software": "mriqc",
    "version": "24.1.0.dev15+g9586c867.d20240825",
    "warnings": {
      "large_rot_frame": true,
      "small_air_mask": false
    }
  },
  "qi_1": 0.0,
  "qi_2": 0.002265457287986656,
  "rpve_csf": 8.166844875092153,
  "rpve_gm": 8.006051345252281,
  "rpve_wm": 8.039190836259305,
  "size_x": 240,
  "size_y": 320,
  "size_z": 320,
  "snr_csf": 1.4664575344703377,
  "snr_gm": 4.738004422924289,
  "snr_total": 4.2572998102359785,
  "snr_wm": 6.567437473313311,
  "snrd_csf": 39.83025538446527,
  "snrd_gm": 34.00323654118238,
  "snrd_total": 34.15075600556929,
  "snrd_wm": 28.61877609106023,
  "spacing_x": 0.800000011920929,
  "spacing_y": 0.800000011920929,
  "spacing_z": 0.800000011920929,
  "summary_bg_k": 996.4087,
  "summary_bg_mad": 0.0,
  "summary_bg_mean": 3.6906,
  "summary_bg_median": 0.0,
  "summary_bg_n": 6417134.0,
  "summary_bg_p05": 0.0,
  "summary_bg_p95": 18.0,
  "summary_bg_stdv": 26.6461,
  "summary_csf_k": -1.3556,
  "summary_csf_mad": 1759.2902,
  "summary_csf_mean": 1690.2583,
  "summary_csf_median": 1620.0,
  "summary_csf_n": 819159.856341837,
  "summary_csf_p05": 90.0,
  "summary_csf_p95": 3568.0,
  "summary_csf_stdv": 1104.7023,
  "summary_gm_k": 51.2473,
  "summary_gm_mad": 183.6736,
  "summary_gm_mean": 1380.7152,
  "summary_gm_median": 1383.0,
  "summary_gm_n": 1027838.911518308,
  "summary_gm_p05": 947.0,
  "summary_gm_p95": 1847.0,
  "summary_gm_stdv": 291.8949,
  "summary_wm_k": 96.7668,
  "summary_wm_mad": 139.371,
  "summary_wm_mean": 1176.7387,
  "summary_wm_median": 1164.0,
  "summary_wm_n": 1125497.2338946697,
  "summary_wm_p05": 931.0,
  "summary_wm_p95": 1452.0,
  "summary_wm_stdv": 177.238,
  "tpm_overlap_csf": 0.20983852080809995,
  "tpm_overlap_gm": 0.5106965692531696,
  "tpm_overlap_wm": 0.5291292848598557,
  "wm2max": 0.29175530916947445
}
