{
  "bids_meta": {
    "AcquisitionMatrixPE": 320,
    "AcquisitionNumber": 1,
    "AcquisitionTime": "23:52:25.987500",
    "BaseResolution": 320,
    "BodyPartExamined": "BRAIN",
    "CoilCombinationMethod": "Adaptive Combine",
    "CoilString": "HeadNeck_64",
    "ConversionSoftware": "dcm2niix",
    "ConversionSoftwareVersion": "v1.0.20220720",
    "DeviceSerialNumber": "67014",
    "DwellTime": 2.2e-6,
    "EchoTime": 0.413,
    "EchoTrainLength": 248,
    "FileSize": 0.015494538471102715,
    "FileSizeUnits": "GB",
    "FlipAngle": 120,
    "HeudiconvVersion": "1.1.6.post8+ga0a3635",
    "ImageOrientationPatientDICOM": [
      -0.0133867,
      0.992418,
      0.122177,
      0.0576538,
      0.122751,
      -0.990761
    ],
    "ImageType": [
      "ORIGINAL",
      "PRIMARY",
      "M",
      "NORM",
      "DIS3D",
      "MFSPLIT"
    ],
    "ImageTypeText": [
      "ORIGINAL",
      "PRIMARY",
      "M",
      "NONE"
    ],
    "ImagingFrequency": 123.248,
    "InPlanePhaseEncodingDirectionDICOM": "ROW",
    "InstitutionAddress": "Rue du Bugnon 21,Lausanne,District,CH,1011",
    "InstitutionName": "CHUV",
    "MRAcquisitionType": "3D",
    "MagneticFieldStrength": 3,
    "Manufacturer": "Siemens",
    "ManufacturersModelName": "MAGNETOM Prisma Fit",
    "MatrixCoilMode": "GRAPPA",
    "Modality": "MR",
    "NonlinearGradientCorrection": true,
    "NumberOfVolumes": 1,
    "ParallelReductionFactorInPlane": 3,
    "PartialFourier": 1,
    "PatientPosition": "HFS",
    "PercentPhaseFOV": 100,
    "PercentSampling": 100,
    "PhaseEncodingDirection": "i",
    "PhaseEncodingSteps": 320,
    "PhaseResolution": 1,
    "PixelBandwidth": 710,
    "ProcedureStepDescription": "RESEARCH Oscar",
    "ProtocolName": "anat-T2w__space",
    "PulseSequenceDetails": "%SiemensSeq%\\space",
    "ReceiveCoilActiveElements": "HC1-7;NC1,2",
    "ReceiveCoilName": "HeadNeck_64",
    "ReconMatrixPE": 320,
    "RefLinesPE": 24,
    "RepetitionTime": 3.2,
    "SAR": 0.122342,
    "ScanOptions": "PFP\\PER",
    "ScanningSequence": "SE",
    "SequenceName": "*spcR_282ns",
    "SequenceVariant": "SP\\SK",
    "SeriesDescription": "anat-T2w__space",
    "SeriesNumber": 28,
    "ShimSetting": [
      8228,
      -5666,
      -6274,
      307,
      -57,
      -153,
      48,
      21
    ],
    "SliceThickness": 0.8,
    "SoftwareVersions": "syngo MR XA30",
    "StationName": "LRG10884",
    "TxRefAmp": 246.934,
    "acquisition": "undistorted",
    "dataset": "HCPh",
    "datatype": "anat",
    "extension": ".nii.gz",
    "modality": "T2w",
    "session": "21202060",
    "subject": "001",
    "suffix": "T2w"
  },
  "cjv": 1.483949173553719,
  "cnr": 0.6388056552138665,
  "efc": 0.4943,
  "fber": 4074.2689,
  "fwhm_avg": 2.5755249616216873,
  "fwhm_x": 2.4550624634167186,
  "fwhm_y": 2.8174249580170967,
  "fwhm_z": 2.454087463431247,
  "icvs_csf": 0.2771275063929245,
  "icvs_gm": 0.34153499609645327,
  "icvs_wm": 0.38133749751062224,
  "inu_med": 1.0067623853683472,
  "inu_range": 0.2795982360839844,
  "provenance": {
    "md5sum": "487ff83c5ed633b179f0aa07876b59ca",
    "settings": {
      "testing": false
    },
    "software": "mriqc",
    "version": "24.1.0.dev15+g9586c867.d20240825",
    "warnings": {
      "large_rot_frame": true,
      "small_air_mask": false
    }
  },
  "qi_1": 0.0,
  "qi_2": 0.0019409164980307785,
  "rpve_csf": 8.167661419410129,
  "rpve_gm": 8.014023610832082,
  "rpve_wm": 8.049798788850534,
  "size_x": 240,
  "size_y": 320,
  "size_z": 320,
  "snr_csf": 1.4006658405216037,
  "snr_gm": 4.257364494271137,
  "snr_total": 4.005039709227927,
  "snr_wm": 6.357088792891041,
  "snrd_csf": 36.62789413896484,
  "snrd_gm": 30.34697652291371,
  "snrd_total": 30.699513708694358,
  "snrd_wm": 25.123670464204526,
  "spacing_x": 0.800000011920929,
  "spacing_y": 0.800000011920929,
  "spacing_z": 0.800000011920929,
  "summary_bg_k": 943.3814,
  "summary_bg_mad": 0.0,
  "summary_bg_mean": 3.5067,
  "summary_bg_median": 0.0,
  "summary_bg_n": 6446172.0,
  "summary_bg_p05": 0.0,
  "summary_bg_p95": 18.0,
  "summary_bg_stdv": 30.353,
  "summary_csf_k": -1.3835,
  "summary_csf_mad": 1946.0517,
  "summary_csf_mean": 1776.9862,
  "summary_csf_median": 1697.0,
  "summary_csf_n": 823523.4608606091,
  "summary_csf_p05": 0.0,
  "summary_csf_p95": 3837.0,
  "summary_csf_stdv": 1211.5659,
  "summary_gm_k": 38.0331,
  "summary_gm_mad": 216.8303,
  "summary_gm_mean": 1403.7083,
  "summary_gm_median": 1406.0,
  "summary_gm_n": 1014919.398118421,
  "summary_gm_p05": 919.0,
  "summary_gm_p95": 1937.0,
  "summary_gm_stdv": 330.2511,
  "summary_wm_k": 113.6235,
  "summary_wm_mad": 142.2854,
  "summary_wm_mean": 1179.3674,
  "summary_wm_median": 1164.0,
  "summary_wm_n": 1133198.1433146163,
  "summary_wm_p05": 929.0,
  "summary_wm_p95": 1467.0,
  "summary_wm_stdv": 183.1026,
  "tpm_overlap_csf": 0.20877528132994766,
  "tpm_overlap_gm": 0.501373391405996,
  "tpm_overlap_wm": 0.5240620641308106,
  "wm2max": 0.27979915395714144
}
