{
  "NumberOfShells": 4,
  "bValues": [
    0.0,
    700.0,
    1000.0,
    2000.0,
    3000.0
  ],
  "bValuesEstimation": [
    700.0,
    1000.0,
    2000.0,
    3000.0
  ],
  "bdiffs_max": 0.2302,
  "bdiffs_mean": 0.0902,
  "bdiffs_median": 0.1003,
  "bdiffs_min": 0.0074,
  "bids_meta": {
    "AcquisitionMatrixPE": 146,
    "AcquisitionNumber": 1,
    "AcquisitionTime": "08:37:10.612500",
    "B0FieldSource": [
      "041pepolarb0",
      "041phasediff"
    ],
    "BandwidthPerPixelPhaseEncode": 19.569,
    "BaseResolution": 146,
    "BodyPartExamined": "BRAIN",
    "CoilCombinationMethod": "Adaptive Combine",
    "CoilString": "HeadNeck_64",
    "ConversionSoftware": "dcm2niix",
    "ConversionSoftwareVersion": "v1.0.20220720",
    "Deltas": [
      0.0233,
      0.0475
    ],
    "DerivedVendorReportedEchoSpacing": 0.000700017,
    "DeviceSerialNumber": "67014",
    "DiffusionScheme": "Monopolar",
    "DwellTime": 2.1e-6,
    "EchoTime": 0.098,
    "EchoTrainLength": 64,
    "EffectiveEchoSpacing": 0.000350008,
    "FileSize": 0.4408302754163742,
    "FileSizeUnits": "GB",
    "FlipAngle": 90,
    "HeudiconvVersion": "1.0.0",
    "ImageOrientationPatientDICOM": [
      0.999338,
      0.0304279,
      0.0199354,
      -0.0308817,
      0.999261,
      0.0228645
    ],
    "ImageType": [
      "ORIGINAL",
      "PRIMARY",
      "DIFFUSION",
      "NONE",
      "ND",
      "MFSPLIT"
    ],
    "ImageTypeText": [
      "ORIGINAL",
      "PRIMARY",
      "DIFFUSION",
      "NONE"
    ],
    "ImagingFrequency": 123.248,
    "InPlanePhaseEncodingDirectionDICOM": "COL",
    "InstitutionAddress": "Rue du Bugnon 21,Lausanne,District,CH,1011",
    "InstitutionName": "CHUV",
    "MRAcquisitionType": "2D",
    "MagneticFieldStrength": 3,
    "Manufacturer": "Siemens",
    "ManufacturersModelName": "MAGNETOM Prisma Fit",
    "Modality": "MR",
    "MultibandAccelerationFactor": 3,
    "NonlinearGradientCorrection": false,
    "NumberOfVolumes": 280,
    "ParallelReductionFactorInPlane": 2,
    "PartialFourier": 0.875,
    "PatientPosition": "HFS",
    "PercentPhaseFOV": 100,
    "PercentSampling": 100,
    "PhaseEncodingDirection": "j-",
    "PhaseEncodingSteps": 146,
    "PhaseResolution": 1,
    "PixelBandwidth": 1631,
    "ProcedureStepDescription": "RESEARCH Oscar",
    "ProtocolName": "dwi-dwi_acq-highres_dir-AP__trigger_monopolar",
    "PulseSequenceDetails": "%CustomerSeq%\\ep2d_diff_trigg",
    "ReceiveCoilActiveElements": "HC1-7",
    "ReceiveCoilName": "HeadNeck_64",
    "ReconMatrixPE": 146,
    "RefLinesPE": 54,
    "RepetitionTime": 7,
    "SAR": 0.167304,
    "ScanOptions": "PFP\\FS\\PER",
    "ScanningSequence": "GR\\EP",
    "SequenceName": "ep_b0",
    "SequenceVariant": "SK",
    "SeriesDescription": "dwi-dwi_acq-highres_dir-AP__trigger_monopolar",
    "SeriesNumber": 14,
    "ShimSetting": [
      8229,
      -5642,
      -6050,
      624,
      -49,
      -342,
      9,
      11
    ],
    "SliceThickness": 1.6,
    "SliceTiming": [
      0,
      6.1425,
      0.14,
      6.2825,
      0.28,
      6.4225,
      0.4175,
      6.5625,
      0.5575,
      6.7025,
      0.6975,
      6.8425,
      0.8375,
      6.9825,
      0.9775,
      7.12,
      1.1175,
      7.26,
      1.2575,
      7.4,
      1.395,
      7.54,
      1.535,
      7.68,
      1.675,
      7.82,
      1.815,
      7.96,
      1.955,
      8.0975,
      2.095,
      8.2375,
      2.2325,
      8.3775,
      2.3725,
      8.5175,
      2.5125,
      8.6575,
      2.6525,
      8.7975,
      2.7925,
      8.9375,
      2.9325,
      9.075,
      3.0725,
      9.215,
      3.21,
      9.355,
      3.35,
      9.495,
      3.49,
      9.635,
      3.63,
      9.775,
      3.77,
      9.915,
      3.91,
      10.0525,
      4.05,
      10.1925,
      4.1875,
      10.3325,
      4.3275,
      10.4725,
      4.4675,
      10.6125,
      4.6075,
      10.7525,
      4.7475,
      10.8925,
      4.8875,
      11.03,
      5.0275,
      11.17,
      5.165,
      11.31,
      5.305,
      11.45,
      5.445,
      11.59,
      5.585,
      11.73,
      5.725,
      11.87,
      5.865,
      12.0075,
      6.005
    ],
    "SoftwareVersions": "syngo MR XA30",
    "SpacingBetweenSlices": 1.6,
    "StationName": "LRG10884",
    "TotalReadoutTime": 0.0507512,
    "TxRefAmp": 248.429,
    "acquisition": "highres",
    "dataset": "HCPh",
    "datatype": "dwi",
    "direction": "AP",
    "extension": ".nii.gz",
    "modality": "dwi",
    "session": "041",
    "subject": "001",
    "suffix": "dwi"
  },
  "efc_shell01": 0.3989,
  "efc_shell02": 0.5029,
  "efc_shell03": 0.5215,
  "efc_shell04": 0.5838,
  "efc_shell05": 0.6254,
  "fa_degenerate": 0.0,
  "fa_nans": 0.0,
  "fber_shell01": 1162.0437,
  "fber_shell02": 365.0615,
  "fber_shell03": 230.1112,
  "fber_shell04": 76.5617,
  "fber_shell05": 34.2301,
  "fd_mean": 11.9808,
  "fd_num": 278,
  "fd_perc": 99.28571428571429,
  "ndc": 0.4542,
  "provenance": {
    "md5sum": "e030bf6edffc4f9756d6bfe4d599bf5e",
    "settings": {
      "testing": false
    },
    "software": "mriqc",
    "version": "24.1.0.dev15+g9586c867.d20240825"
  },
  "sigma_cc": 37.0651,
  "sigma_pca": 15.6918,
  "sigma_piesno": 1.6508,
  "snr_cc_shell0": 4.26,
  "snr_cc_shell1_best": 4.23,
  "snr_cc_shell1_worst": 4.23,
  "snr_cc_shell2_best": 2.73,
  "snr_cc_shell2_worst": 1.82,
  "snr_cc_shell3_best": 2.23,
  "snr_cc_shell3_worst": 1.33,
  "snr_cc_shell4_best": 1.64,
  "snr_cc_shell4_worst": 0.81,
  "spikes_global": 34.87,
  "spikes_slice_i": 196.82,
  "spikes_slice_j": 213.69,
  "spikes_slice_k": 201.39,
  "summary_bg_k": 201.2682,
  "summary_bg_mad": 8.8956,
  "summary_bg_mean": 25.9831,
  "summary_bg_median": 9.0,
  "summary_bg_n": 1491949.0,
  "summary_bg_p05": 2.0,
  "summary_bg_p95": 99.0,
  "summary_bg_stdv": 72.8899,
  "summary_fg_k": 7.8161,
  "summary_fg_mad": 163.0862,
  "summary_fg_mean": 386.7264,
  "summary_fg_median": 293.0,
  "summary_fg_n": 362543.0,
  "summary_fg_p05": 94.0,
  "summary_fg_p95": 1031.0,
  "summary_fg_stdv": 309.3651,
  "summary_wm_k": 16.1144,
  "summary_wm_mad": 71.1649,
  "summary_wm_mean": 215.0167,
  "summary_wm_median": 212.0,
  "summary_wm_n": 104762.0,
  "summary_wm_p05": 93.0,
  "summary_wm_p95": 345.0,
  "summary_wm_stdv": 85.0021
}
