{
  "NumberOfShells": 4,
  "bValues": [
    0.0,
    700.0,
    1000.0,
    2000.0,
    3000.0
  ],
  "bValuesEstimation": [
    700.0,
    1000.0,
    2000.0,
    3000.0
  ],
  "bdiffs_max": 0.3349,
  "bdiffs_mean": 0.2372,
  "bdiffs_median": 0.2749,
  "bdiffs_min": 0.0085,
  "bids_meta": {
    "AcquisitionMatrixPE": 146,
    "AcquisitionNumber": 1,
    "AcquisitionTime": "09:48:25.612500",
    "B0FieldSource": [
      "005pepolarb0",
      "005phasediff"
    ],
    "BandwidthPerPixelPhaseEncode": 19.569,
    "BaseResolution": 146,
    "BodyPartExamined": "BRAIN",
    "CoilCombinationMethod": "Adaptive Combine",
    "CoilString": "HeadNeck_64",
    "ConversionSoftware": "dcm2niix",
    "ConversionSoftwareVersion": "v1.0.20220720",
    "Deltas": [
      0.0233,
      0.0475
    ],
    "DerivedVendorReportedEchoSpacing": 0.000700017,
    "DeviceSerialNumber": "67014",
    "DiffusionScheme": "Monopolar",
    "DwellTime": 2.1e-6,
    "EchoTime": 0.098,
    "EchoTrainLength": 64,
    "EffectiveEchoSpacing": 0.000350008,
    "FileSize": 0.44342612847685814,
    "FileSizeUnits": "GB",
    "FlipAngle": 90,
    "HeudiconvVersion": "1.0.0",
    "ImageOrientationPatientDICOM": [
      0.998752,
      -0.0118141,
      0.0485372,
      0.016387,
      0.99535,
      -0.0949252
    ],
    "ImageType": [
      "ORIGINAL",
      "PRIMARY",
      "DIFFUSION",
      "NONE",
      "ND",
      "MFSPLIT"
    ],
    "ImageTypeText": [
      "ORIGINAL",
      "PRIMARY",
      "DIFFUSION",
      "NONE"
    ],
    "ImagingFrequency": 123.248,
    "InPlanePhaseEncodingDirectionDICOM": "COL",
    "InstitutionAddress": "Rue du Bugnon 21,Lausanne,District,CH,1011",
    "InstitutionName": "CHUV",
    "MRAcquisitionType": "2D",
    "MagneticFieldStrength": 3,
    "Manufacturer": "Siemens",
    "ManufacturersModelName": "MAGNETOM Prisma Fit",
    "Modality": "MR",
    "MultibandAccelerationFactor": 3,
    "NonlinearGradientCorrection": false,
    "NumberOfVolumes": 280,
    "ParallelReductionFactorInPlane": 2,
    "PartialFourier": 0.875,
    "PatientPosition": "HFS",
    "PercentPhaseFOV": 100,
    "PercentSampling": 100,
    "PhaseEncodingDirection": "j",
    "PhaseEncodingSteps": 146,
    "PhaseResolution": 1,
    "PixelBandwidth": 1631,
    "ProcedureStepDescription": "RESEARCH Oscar",
    "ProtocolName": "dwi-dwi_acq-highres_dir-PA__trigger_monopolar",
    "PulseSequenceDetails": "%CustomerSeq%\\ep2d_diff_trigg",
    "ReceiveCoilActiveElements": "HC1-7",
    "ReceiveCoilName": "HeadNeck_64",
    "ReconMatrixPE": 146,
    "RefLinesPE": 54,
    "RepetitionTime": 7,
    "SAR": 0.157045,
    "ScanOptions": "PFP\\FS\\PER",
    "ScanningSequence": "GR\\EP",
    "SequenceName": "ep_b0",
    "SequenceVariant": "SK",
    "SeriesDescription": "dwi-dwi_acq-highres_dir-PA__trigger_monopolar",
    "SeriesNumber": 8,
    "ShimSetting": [
      8233,
      -5629,
      -6049,
      596,
      -65,
      -311,
      -4,
      41
    ],
    "SliceThickness": 1.6,
    "SliceTiming": [
      0,
      6.1425,
      0.14,
      6.2825,
      0.2775,
      6.4225,
      0.4175,
      6.5625,
      0.5575,
      6.7025,
      0.6975,
      6.8425,
      0.8375,
      6.9825,
      0.9775,
      7.12,
      1.1175,
      7.26,
      1.255,
      7.4,
      1.395,
      7.54,
      1.535,
      7.68,
      1.675,
      7.82,
      1.815,
      7.96,
      1.955,
      8.0975,
      2.095,
      8.2375,
      2.2325,
      8.3775,
      2.3725,
      8.5175,
      2.5125,
      8.6575,
      2.6525,
      8.7975,
      2.7925,
      8.9375,
      2.9325,
      9.075,
      3.0725,
      9.215,
      3.21,
      9.355,
      3.35,
      9.495,
      3.49,
      9.635,
      3.63,
      9.775,
      3.77,
      9.915,
      3.91,
      10.0525,
      4.05,
      10.1925,
      4.1875,
      10.3325,
      4.3275,
      10.4725,
      4.4675,
      10.6125,
      4.6075,
      10.7525,
      4.7475,
      10.8925,
      4.8875,
      11.03,
      5.0275,
      11.17,
      5.165,
      11.31,
      5.305,
      11.45,
      5.445,
      11.59,
      5.585,
      11.73,
      5.725,
      11.87,
      5.865,
      12.0075,
      6.005
    ],
    "SoftwareVersions": "syngo MR XA30",
    "SpacingBetweenSlices": 1.6,
    "StationName": "LRG10884",
    "TotalReadoutTime": 0.0507512,
    "TxRefAmp": 240.229,
    "acquisition": "highres",
    "dataset": "HCPh",
    "datatype": "dwi",
    "direction": "PA",
    "extension": ".nii.gz",
    "modality": "dwi",
    "session": "005",
    "subject": "001",
    "suffix": "dwi"
  },
  "efc_shell01": 0.39,
  "efc_shell02": 0.4947,
  "efc_shell03": 0.5022,
  "efc_shell04": 0.5516,
  "efc_shell05": 0.6018,
  "fa_degenerate": 0.0,
  "fa_nans": 0.0,
  "fber_shell01": 1246.3534,
  "fber_shell02": 407.7234,
  "fber_shell03": 292.9816,
  "fber_shell04": 103.9452,
  "fber_shell05": 47.7644,
  "fd_mean": 5.3887,
  "fd_num": 279,
  "fd_perc": 99.64285714285714,
  "ndc": 0.4905,
  "provenance": {
    "md5sum": "fdfc66cfb6840086f9f5c8eb96697d83",
    "settings": {
      "testing": false
    },
    "software": "mriqc",
    "version": "24.1.0.dev15+g9586c867.d20240825"
  },
  "sigma_cc": 32.6172,
  "sigma_pca": 15.7645,
  "sigma_piesno": 1.6508,
  "snr_cc_shell0": 5.08,
  "snr_cc_shell1_best": 5.09,
  "snr_cc_shell1_worst": 5.09,
  "snr_cc_shell2_best": 3.24,
  "snr_cc_shell2_worst": 2.03,
  "snr_cc_shell3_best": 2.77,
  "snr_cc_shell3_worst": 1.89,
  "snr_cc_shell4_best": 2.02,
  "snr_cc_shell4_worst": 1.25,
  "spikes_global": 34.82,
  "spikes_slice_i": 186.42,
  "spikes_slice_j": 185.85,
  "spikes_slice_k": 197.04,
  "summary_bg_k": 632.3036,
  "summary_bg_mad": 8.8956,
  "summary_bg_mean": 28.4404,
  "summary_bg_median": 9.0,
  "summary_bg_n": 1493890.0,
  "summary_bg_p05": 2.0,
  "summary_bg_p95": 106.0,
  "summary_bg_stdv": 106.621,
  "summary_fg_k": 8.7758,
  "summary_fg_mad": 170.4993,
  "summary_fg_mean": 402.6169,
  "summary_fg_median": 312.0,
  "summary_fg_n": 360602.0,
  "summary_fg_p05": 103.0,
  "summary_fg_p95": 1060.0,
  "summary_fg_stdv": 319.7126,
  "summary_wm_k": 11.6475,
  "summary_wm_mad": 77.0953,
  "summary_wm_mean": 228.196,
  "summary_wm_median": 223.0,
  "summary_wm_n": 102915.0,
  "summary_wm_p05": 103.0,
  "summary_wm_p95": 370.0,
  "summary_wm_stdv": 88.8716
}
