{
  "aor": [
    0.0014636666666666667,
    0.0015655866666666664,
    0.0015055333333333335,
    0.0014638800000000003
  ],
  "aqi": [
    0.020062563453333335,
    0.023319435400000005,
    0.03576344693333333,
    0.055745252933333336
  ],
  "bids_meta": {
    "AcquisitionDuration": 1209.44,
    "AcquisitionMatrixPE": 108,
    "AcquisitionNumber": 1,
    "AcquisitionTime": "15:20:6.142500",
    "B0FieldSource": [
      "pilot004pepolarbold",
      "pilot004phasediff"
    ],
    "BandwidthPerPixelPhaseEncode": 34.294,
    "BaseResolution": 108,
    "BodyPartExamined": "BRAIN",
    "CogAtlasID": "https://www.cognitiveatlas.org/task/id/trm_4c8a834779883/",
    "CoilCombinationMethod": "Sum of Squares",
    "CoilString": "HeadNeck_64",
    "ConversionSoftware": "dcm2niix",
    "ConversionSoftwareVersion": "v1.0.20220720",
    "DerivedVendorReportedEchoSpacing": 0.000539993,
    "DeviceSerialNumber": "67014",
    "DwellTime": 2e-6,
    "EchoNumber": 1,
    "EchoTime": 0.0126,
    "EchoTrainLength": 40,
    "EffectiveEchoSpacing": 0.000269996,
    "FileSize": 0.5634304005652666,
    "FileSizeUnits": "GB",
    "FlipAngle": 90,
    "HeudiconvVersion": "1.0.0",
    "ImageComments": "Unaliased MB4/PE4/LB",
    "ImageOrientationPatientDICOM": [
      0.999066,
      0.0111462,
      0.0417541,
      -0.0108114,
      0.999908,
      -0.00823511
    ],
    "ImageType": [
      "ORIGINAL",
      "PRIMARY",
      "FMRI",
      "NONE"
    ],
    "ImageTypeText": [
      "ORIGINAL",
      "PRIMARY",
      "M",
      "MB",
      "TE1",
      "DIS2D"
    ],
    "ImagingFrequency": 123.248,
    "InPlanePhaseEncodingDirectionDICOM": "COL",
    "InstitutionAddress": "Rue du Bugnon 21,Lausanne,District,CH,1011",
    "InstitutionName": "CHUV",
    "MRAcquisitionType": "2D",
    "MTState": false,
    "MagneticFieldStrength": 3,
    "Manufacturer": "Siemens",
    "ManufacturersModelName": "MAGNETOM Prisma Fit",
    "MatrixCoilMode": "GRAPPA",
    "Modality": "MR",
    "MultibandAccelerationFactor": 4,
    "NonlinearGradientCorrection": true,
    "NumberOfVolumes": 750,
    "ParallelAcquisitionTechnique": "GRAPPA",
    "ParallelReductionFactorInPlane": 2,
    "PartialFourier": 0.75,
    "PartialFourierDirection": "PHASE",
    "PatientPosition": "HFS",
    "PercentPhaseFOV": 100,
    "PercentSampling": 100,
    "PhaseEncodingDirection": "j-",
    "PhaseResolution": 1,
    "PixelBandwidth": 2315,
    "ProcedureStepDescription": "https://www.axonlab.org/hcph-sops/",
    "ProtocolName": "cmrr_mbep2d_bold_me4_sms4_fa75_750meas",
    "PulseSequenceDetails": "%CustomerSeq%\\cmrr_mbep2d_bold",
    "PulseSequenceName": "epfid2d4_108",
    "ReceiveCoilActiveElements": "HC1-6",
    "ReceiveCoilName": "HeadNeck_64",
    "ReconMatrixPE": 108,
    "RefLinesPE": 26,
    "RepetitionTime": 1.573,
    "ScanOptions": "PFP\\FS",
    "ScanningSequence": "EP",
    "SequenceVariant": "SK\\SS",
    "SeriesDescription": "cmrr_mbep2d_bold_me4_sms4_fa75_750meas",
    "SeriesNumber": 38,
    "ShimSetting": [
      8223,
      -5655,
      -6043,
      646,
      -100,
      -141,
      -6,
      42
    ],
    "SliceThickness": 2,
    "SliceTiming": [
      0,
      0.3325,
      0.665,
      1,
      1.3325,
      0.1125,
      0.445,
      0.7775,
      1.11,
      1.4425,
      0.2225,
      0.555,
      0.8875,
      1.22,
      0,
      0.3325,
      0.665,
      1,
      1.3325,
      0.1125,
      0.445,
      0.7775,
      1.11,
      1.4425,
      0.2225,
      0.555,
      0.8875,
      1.22,
      0,
      0.3325,
      0.665,
      1,
      1.3325,
      0.1125,
      0.445,
      0.7775,
      1.11,
      1.4425,
      0.2225,
      0.555,
      0.8875,
      1.22,
      0,
      0.3325,
      0.665,
      1,
      1.3325,
      0.1125,
      0.445,
      0.7775,
      1.11,
      1.4425,
      0.2225,
      0.555,
      0.8875,
      1.22
    ],
    "SoftwareVersions": "syngo MR XA30",
    "SpacingBetweenSlices": 2,
    "StationName": "LRG10884",
    "TaskName": "Naturalistic Scenes Watching Resting State",
    "TotalReadoutTime": 0.0288896,
    "TxRefAmp": 251.192,
    "WipMemBlock": "16656b11-ec70-4d76-9555-55f2993d520a||Sequence: R017 nxva30a/master r/d34922cc2+; Jun 27 2022 13:20:16 by eja",
    "dataset": "HCPh",
    "datatype": "func",
    "extension": ".nii.gz",
    "modality": "bold",
    "session": "pilot004",
    "subject": "001",
    "suffix": "bold",
    "task": "rest"
  },
  "dummy_trs": 0,
  "dvars_nstd": 36.459305430720946,
  "dvars_std": 0.9969088197196262,
  "dvars_vstd": 0.9890022282910554,
  "efc": 0.5887,
  "fber": 613.6634,
  "fd_mean": 0.10127899762344116,
  "fd_num": 36,
  "fd_perc": 4.8,
  "fwhm_avg": 3.4482466666666665,
  "fwhm_x": 3.0148,
  "fwhm_y": 3.657445,
  "fwhm_z": 3.672495,
  "gcor": [
    0.00146817,
    0.00214979,
    0.00195065,
    0.00157883
  ],
  "gsr_x": -0.00036543526221066713,
  "gsr_y": 0.10570015758275986,
  "provenance": {
    "md5sum": "8fa17440e0628e595895cc3dd82a383c",
    "settings": {
      "fd_thres": 0.2,
      "testing": false
    },
    "software": "mriqc",
    "version": "24.1.0.dev15+g9586c867.d20240825"
  },
  "size_t": 750,
  "size_x": 108,
  "size_y": 108,
  "size_z": 56,
  "snr": 2.6602731332141123,
  "spacing_tr": 1.5729999542236328,
  "spacing_x": 2.0,
  "spacing_y": 2.0,
  "spacing_z": 2.0,
  "summary_bg_k": 9.0516,
  "summary_bg_mad": 20.3967,
  "summary_bg_mean": 132.0803,
  "summary_bg_median": 32.0,
  "summary_bg_n": 486193.0,
  "summary_bg_p05": 0.0,
  "summary_bg_p95": 716.0,
  "summary_bg_stdv": 243.6477,
  "summary_fg_k": 0.2642,
  "summary_fg_mad": 289.4178,
  "summary_fg_mean": 821.5631,
  "summary_fg_median": 794.0,
  "summary_fg_n": 166991.0,
  "summary_fg_p05": 383.0,
  "summary_fg_p95": 1351.0,
  "summary_fg_stdv": 298.4647,
  "tsnr": 31.56062152190134
}
