{
  "NumberOfShells": 4,
  "bValues": [
    0.0,
    700.0,
    1000.0,
    2000.0,
    3000.0
  ],
  "bValuesEstimation": [
    700.0,
    1000.0,
    2000.0,
    3000.0
  ],
  "bdiffs_max": 0.3727,
  "bdiffs_mean": 0.1904,
  "bdiffs_median": 0.1815,
  "bdiffs_min": 0.0054,
  "bids_meta": {
    "AcquisitionMatrixPE": 148,
    "AcquisitionNumber": 1,
    "AcquisitionTime": "20:29:31.950000",
    "BandwidthPerPixelPhaseEncode": 14.077,
    "BaseResolution": 146,
    "BodyPartExamined": "BRAIN",
    "CoilCombinationMethod": "Adaptive Combine",
    "CoilString": "HeadNeck_64_CS",
    "ConversionSoftware": "dcm2niix",
    "ConversionSoftwareVersion": "v1.0.20220720",
    "Deltas": [
      0.0272,
      0.0469
    ],
    "DerivedVendorReportedEchoSpacing": 0.000959971,
    "DeviceSerialNumber": "202009",
    "DiffusionScheme": "Monopolar",
    "DwellTime": 2.1e-6,
    "EchoTime": 0.121,
    "EchoTrainLength": 64,
    "EffectiveEchoSpacing": 0.000479986,
    "FileSize": 0.3292041849344969,
    "FileSizeUnits": "GB",
    "FlipAngle": 90,
    "HeudiconvVersion": "1.1.6.post8+ga0a3635",
    "ImageOrientationPatientDICOM": [
      0.999083,
      0.0400475,
      0.0151722,
      -0.0296521,
      0.902515,
      -0.429637
    ],
    "ImageType": [
      "ORIGINAL",
      "PRIMARY",
      "DIFFUSION",
      "NONE",
      "ND",
      "NORM",
      "MFSPLIT"
    ],
    "ImageTypeText": [
      "ORIGINAL",
      "PRIMARY",
      "DIFFUSION",
      "NONE"
    ],
    "ImagingFrequency": 123.198,
    "InPlanePhaseEncodingDirectionDICOM": "ROW",
    "InstitutionAddress": "Rue du Bugnon 46,Lausanne,,CH,1011",
    "InstitutionName": "CHUV Lausanne",
    "MRAcquisitionType": "2D",
    "MagneticFieldStrength": 3,
    "Manufacturer": "Siemens",
    "ManufacturersModelName": "MAGNETOM Vida Fit",
    "Modality": "MR",
    "MultibandAccelerationFactor": 3,
    "NonlinearGradientCorrection": false,
    "NumberOfVolumes": 280,
    "ParallelReductionFactorInPlane": 2,
    "PartialFourier": 0.875,
    "PatientPosition": "HFS",
    "PercentPhaseFOV": 101.37,
    "PercentSampling": 100,
    "PhaseEncodingDirection": "i-",
    "PhaseEncodingSteps": 148,
    "PhaseResolution": 1,
    "PixelBandwidth": 1631,
    "ProcedureStepDescription": "RESEARCH Oscar",
    "ProtocolName": "dwi-dwi_acq-highres_dir-LR",
    "PulseSequenceDetails": "%SiemensSeq%\\ep2d_diff",
    "ReceiveCoilActiveElements": "HC1-7;NC1",
    "ReceiveCoilName": "HeadNeck_64_CS",
    "ReconMatrixPE": 148,
    "RefLinesPE": 54,
    "RepetitionTime": 7,
    "SAR": 0.153885,
    "ScanOptions": "PFP\\FS\\PER",
    "ScanningSequence": "GR\\EP",
    "SequenceName": "*ep_b0",
    "SequenceVariant": "SK",
    "SeriesDescription": "dwi-dwi_acq-highres_dir-LR",
    "SeriesNumber": 18,
    "ShimSetting": [
      246,
      -1140,
      2731,
      596,
      415,
      -138,
      -38,
      13
    ],
    "SliceThickness": 1.6,
    "SliceTiming": [
      0,
      -0.001,
      -0.001,
      -0.001,
      -0.001,
      -0.001,
      -0.001,
      -0.001,
      -0.001,
      -0.001,
      -0.001,
      -0.001,
      -0.001,
      -0.001,
      -0.001,
      -0.001,
      -0.001,
      -0.001,
      -0.001,
      -0.001,
      -0.001,
      -0.001,
      -0.001,
      -0.001,
      -0.001,
      -0.001,
      -0.001,
      -0.001,
      -0.001,
      -0.001,
      -0.001,
      -0.001,
      -0.001,
      -0.001,
      -0.001,
      -0.001,
      -0.001,
      -0.001,
      -0.001,
      -0.001,
      -0.001,
      -0.001,
      -0.001,
      -0.001,
      -0.001,
      -0.001,
      -0.001,
      -0.001,
      -0.001,
      -0.001,
      -0.001,
      -0.001,
      -0.001,
      -0.001,
      -0.001,
      -0.001,
      -0.001,
      -0.001,
      -0.001,
      -0.001,
      -0.001,
      -0.001,
      -0.001,
      -0.001,
      -0.001,
      -0.001,
      -0.001,
      -0.001,
      -0.001,
      -0.001,
      -0.001,
      -0.001,
      -0.001,
      -0.001,
      -0.001,
      -0.001,
      -0.001,
      -0.001,
      -0.001,
      -0.001,
      -0.001,
      -0.001,
      -0.001,
      -0.001,
      -0.001,
      -0.001,
      -0.001
    ],
    "SoftwareVersions": "syngo MR XA50",
    "SpacingBetweenSlices": 1.6,
    "StationName": "AWP202009",
    "TotalReadoutTime": 0.0705579,
    "TxRefAmp": 321.191,
    "VendorReportedEchoSpacing": 0.00096,
    "acquisition": "highres",
    "dataset": "HCPh",
    "datatype": "dwi",
    "direction": "LR",
    "extension": ".nii.gz",
    "modality": "dwi",
    "session": "20602030",
    "subject": "001",
    "suffix": "dwi"
  },
  "efc_shell01": 0.3389,
  "efc_shell02": 0.4353,
  "efc_shell03": 0.4256,
  "efc_shell04": 0.4463,
  "efc_shell05": 0.4593,
  "fa_degenerate": 0.0,
  "fa_nans": 0.0,
  "fber_shell01": 17906.6016,
  "fber_shell02": 7096.8579,
  "fber_shell03": 7761.9614,
  "fber_shell04": 2138.5154,
  "fber_shell05": 1103.6663,
  "fd_mean": 35.3999,
  "fd_num": 279,
  "fd_perc": 99.64285714285714,
  "ndc": 0.4806,
  "provenance": {
    "md5sum": "63e61c7655217e642c10777f0a013663",
    "settings": {
      "testing": false
    },
    "software": "mriqc",
    "version": "24.1.0.dev15+g9586c867.d20240825"
  },
  "sigma_cc": 56.3389,
  "sigma_pca": 14.1052,
  "sigma_piesno": 0.3301,
  "snr_cc_shell0": 3.41,
  "snr_cc_shell1_best": 3.38,
  "snr_cc_shell1_worst": 3.38,
  "snr_cc_shell2_best": 2.55,
  "snr_cc_shell2_worst": 1.58,
  "snr_cc_shell3_best": 1.8,
  "snr_cc_shell3_worst": 1.56,
  "snr_cc_shell4_best": 1.16,
  "snr_cc_shell4_worst": 1.06,
  "spikes_global": 34.93,
  "spikes_slice_i": 189.23,
  "spikes_slice_j": 204.15,
  "spikes_slice_k": 225.45,
  "summary_bg_k": 1413.6406,
  "summary_bg_mad": 1.4826,
  "summary_bg_mean": 8.7067,
  "summary_bg_median": 1.0,
  "summary_bg_n": 1513974.0,
  "summary_bg_p05": 0.0,
  "summary_bg_p95": 34.0,
  "summary_bg_stdv": 46.153,
  "summary_fg_k": 11.5045,
  "summary_fg_mad": 93.4039,
  "summary_fg_mean": 295.5835,
  "summary_fg_median": 212.0,
  "summary_fg_n": 365922.0,
  "summary_fg_p05": 80.0,
  "summary_fg_p95": 830.0,
  "summary_fg_stdv": 255.0977,
  "summary_wm_k": 36.2148,
  "summary_wm_mad": 51.8911,
  "summary_wm_mean": 195.3524,
  "summary_wm_median": 186.0,
  "summary_wm_n": 133353.0,
  "summary_wm_p05": 63.0,
  "summary_wm_p95": 327.0,
  "summary_wm_stdv": 99.2563
}
