{
  "NumberOfShells": 4,
  "bValues": [
    0.0,
    700.0,
    1000.0,
    2000.0,
    3000.0
  ],
  "bValuesEstimation": [
    700.0,
    1000.0,
    2000.0,
    3000.0
  ],
  "bdiffs_max": 0.2569,
  "bdiffs_mean": 0.0343,
  "bdiffs_median": 0.0236,
  "bdiffs_min": 0.0014,
  "bids_meta": {
    "AcquisitionMatrixPE": 146,
    "AcquisitionNumber": 1,
    "AcquisitionTime": "19:00:10.432500",
    "BandwidthPerPixelPhaseEncode": 14.573,
    "BaseResolution": 146,
    "BodyPartExamined": "BRAIN",
    "CoilCombinationMethod": "Adaptive Combine",
    "CoilString": "HeadNeck_64",
    "ConversionSoftware": "dcm2niix",
    "ConversionSoftwareVersion": "v1.0.20220720",
    "Deltas": [
      0.0233,
      0.0475
    ],
    "DerivedVendorReportedEchoSpacing": 0.000940001,
    "DeviceSerialNumber": "67014",
    "DiffusionScheme": "Monopolar",
    "DwellTime": 2.1e-6,
    "EchoTime": 0.121,
    "EchoTrainLength": 64,
    "EffectiveEchoSpacing": 0.00047,
    "FileSize": 0.4178885789588094,
    "FileSizeUnits": "GB",
    "FlipAngle": 90,
    "HeudiconvVersion": "1.1.6.post8+ga0a3635",
    "ImageOrientationPatientDICOM": [
      0.986497,
      -0.0338618,
      -0.160242,
      -0.0311742,
      0.921684,
      -0.386686
    ],
    "ImageType": [
      "ORIGINAL",
      "PRIMARY",
      "DIFFUSION",
      "NONE",
      "ND",
      "MFSPLIT"
    ],
    "ImageTypeText": [
      "ORIGINAL",
      "PRIMARY",
      "DIFFUSION",
      "NONE"
    ],
    "ImagingFrequency": 123.248,
    "InPlanePhaseEncodingDirectionDICOM": "COL",
    "InstitutionAddress": "Rue du Bugnon 21,Lausanne,District,CH,1011",
    "InstitutionName": "CHUV",
    "MRAcquisitionType": "2D",
    "MagneticFieldStrength": 3,
    "Manufacturer": "Siemens",
    "ManufacturersModelName": "MAGNETOM Prisma Fit",
    "Modality": "MR",
    "MultibandAccelerationFactor": 3,
    "NonlinearGradientCorrection": false,
    "NumberOfVolumes": 280,
    "ParallelReductionFactorInPlane": 2,
    "PartialFourier": 0.875,
    "PatientPosition": "HFS",
    "PercentPhaseFOV": 100,
    "PercentSampling": 100,
    "PhaseEncodingDirection": "j",
    "PhaseEncodingSteps": 146,
    "PhaseResolution": 1,
    "PixelBandwidth": 1631,
    "ProcedureStepDescription": "RESEARCH Oscar",
    "ProtocolName": "dwi-dwi_acq-highres_dir-PA__trigger_monopolar",
    "PulseSequenceDetails": "%CustomerSeq%\\ep2d_diff_trigg",
    "ReceiveCoilActiveElements": "HC1-7;NC1",
    "ReceiveCoilName": "HeadNeck_64",
    "ReconMatrixPE": 146,
    "RefLinesPE": 54,
    "RepetitionTime": 7,
    "SAR": 0.171159,
    "ScanOptions": "PFP\\FS\\PER",
    "ScanningSequence": "GR\\EP",
    "SequenceName": "ep_b0",
    "SequenceVariant": "SK",
    "SeriesDescription": "dwi-dwi_acq-highres_dir-PA__trigger_monopolar",
    "SeriesNumber": 18,
    "ShimSetting": [
      8223,
      -5644,
      -5986,
      736,
      -130,
      -246,
      -75,
      1
    ],
    "SliceThickness": 1.6,
    "SliceTiming": [
      0,
      7.56,
      0.1725,
      7.7325,
      0.3425,
      7.905,
      0.515,
      8.075,
      0.6875,
      8.2475,
      0.86,
      8.42,
      1.03,
      8.5925,
      1.2025,
      8.7625,
      1.375,
      8.935,
      1.5475,
      9.1075,
      1.7175,
      9.28,
      1.89,
      9.45,
      2.0625,
      9.6225,
      2.2325,
      9.795,
      2.405,
      9.9675,
      2.5775,
      10.1375,
      2.75,
      10.31,
      2.92,
      10.4825,
      3.0925,
      10.655,
      3.265,
      10.825,
      3.4375,
      10.9975,
      3.6075,
      11.17,
      3.78,
      11.34,
      3.9525,
      11.5125,
      4.125,
      11.685,
      4.295,
      11.8575,
      4.4675,
      12.0275,
      4.64,
      12.2,
      4.81,
      12.3725,
      4.9825,
      12.545,
      5.155,
      12.715,
      5.3275,
      12.8875,
      5.4975,
      13.06,
      5.67,
      13.2325,
      5.8425,
      13.4025,
      6.015,
      13.575,
      6.185,
      13.7475,
      6.3575,
      13.92,
      6.53,
      14.09,
      6.7025,
      14.2625,
      6.8725,
      14.435,
      7.045,
      14.605,
      7.2175,
      14.7775,
      7.39
    ],
    "SoftwareVersions": "syngo MR XA30",
    "SpacingBetweenSlices": 1.6,
    "StationName": "LRG10884",
    "TotalReadoutTime": 0.0681501,
    "TxRefAmp": 255.364,
    "VendorReportedEchoSpacing": 0.00094,
    "acquisition": "highres",
    "dataset": "HCPh",
    "datatype": "dwi",
    "direction": "PA",
    "extension": ".nii.gz",
    "modality": "dwi",
    "session": "20601060",
    "subject": "001",
    "suffix": "dwi"
  },
  "efc_shell01": 0.3541,
  "efc_shell02": 0.4927,
  "efc_shell03": 0.5198,
  "efc_shell04": 0.5898,
  "efc_shell05": 0.6408,
  "fa_degenerate": 0.0,
  "fa_nans": 0.0,
  "fber_shell01": 987.4785,
  "fber_shell02": 321.1531,
  "fber_shell03": 204.7656,
  "fber_shell04": 65.807,
  "fber_shell05": 33.3399,
  "fd_mean": 4.0277,
  "fd_num": 277,
  "fd_perc": 98.92857142857143,
  "ndc": 0.6066,
  "provenance": {
    "md5sum": "8d665d1eab93bf3b9b967b5e8353761f",
    "settings": {
      "testing": false
    },
    "software": "mriqc",
    "version": "24.1.0.dev15+g9586c867.d20240825"
  },
  "sigma_cc": 34.0999,
  "sigma_pca": 15.0082,
  "sigma_piesno": 1.6508,
  "snr_cc_shell0": 3.86,
  "snr_cc_shell1_best": 3.84,
  "snr_cc_shell1_worst": 3.84,
  "snr_cc_shell2_best": 2.63,
  "snr_cc_shell2_worst": 1.68,
  "snr_cc_shell3_best": 2.15,
  "snr_cc_shell3_worst": 1.36,
  "snr_cc_shell4_best": 1.53,
  "snr_cc_shell4_worst": 0.86,
  "spikes_global": 36.81,
  "spikes_slice_i": 201.6,
  "spikes_slice_j": 194.57,
  "spikes_slice_k": 234.4,
  "summary_bg_k": 1096.3041,
  "summary_bg_mad": 5.9304,
  "summary_bg_mean": 19.1552,
  "summary_bg_median": 7.0,
  "summary_bg_n": 1484679.0,
  "summary_bg_p05": 2.0,
  "summary_bg_p95": 61.0,
  "summary_bg_stdv": 86.2588,
  "summary_fg_k": 10.9723,
  "summary_fg_mad": 128.9864,
  "summary_fg_mean": 323.8832,
  "summary_fg_median": 224.0,
  "summary_fg_n": 369813.0,
  "summary_fg_p05": 68.0,
  "summary_fg_p95": 961.0,
  "summary_fg_stdv": 307.5711,
  "summary_wm_k": 44.6238,
  "summary_wm_mad": 59.3041,
  "summary_wm_mean": 172.3961,
  "summary_wm_median": 163.0,
  "summary_wm_n": 122019.0,
  "summary_wm_p05": 52.0,
  "summary_wm_p95": 312.0,
  "summary_wm_stdv": 90.7776
}
