{
  "NumberOfShells": 4,
  "bValues": [
    0.0,
    700.0,
    1000.0,
    2000.0,
    3000.0
  ],
  "bValuesEstimation": [
    700.0,
    1000.0,
    2000.0,
    3000.0
  ],
  "bdiffs_max": 0.3964,
  "bdiffs_mean": 0.1761,
  "bdiffs_median": 0.1587,
  "bdiffs_min": 0.0081,
  "bids_meta": {
    "AcquisitionMatrixPE": 148,
    "AcquisitionNumber": 1,
    "AcquisitionTime": "22:38:0.437500",
    "BandwidthPerPixelPhaseEncode": 14.077,
    "BaseResolution": 146,
    "BodyPartExamined": "BRAIN",
    "CoilCombinationMethod": "Adaptive Combine",
    "CoilString": "HeadNeck_64_CS",
    "ConversionSoftware": "dcm2niix",
    "ConversionSoftwareVersion": "v1.0.20220720",
    "Deltas": [
      0.0233,
      0.0475
    ],
    "DerivedVendorReportedEchoSpacing": 0.000959971,
    "DeviceSerialNumber": "176240",
    "DiffusionScheme": "Monopolar",
    "DwellTime": 2.1e-6,
    "EchoTime": 0.121,
    "EchoTrainLength": 64,
    "EffectiveEchoSpacing": 0.000479986,
    "FileSize": 0.33525335509330034,
    "FileSizeUnits": "GB",
    "FlipAngle": 90,
    "HeudiconvVersion": "1.1.6.post8+ga0a3635",
    "ImageOrientationPatientDICOM": [
      0.999205,
      0.0284494,
      0.0279217,
      -0.0115106,
      0.876541,
      -0.48119
    ],
    "ImageType": [
      "ORIGINAL",
      "PRIMARY",
      "DIFFUSION",
      "NONE",
      "ND",
      "NORM",
      "MFSPLIT"
    ],
    "ImageTypeText": [
      "ORIGINAL",
      "PRIMARY",
      "DIFFUSION",
      "NONE"
    ],
    "ImagingFrequency": 123.261,
    "InPlanePhaseEncodingDirectionDICOM": "COL",
    "InstitutionAddress": "Rue de Bugnon 46,Lausanne,,CH,1011",
    "InstitutionName": "Radiologie-CHUV",
    "MRAcquisitionType": "2D",
    "MagneticFieldStrength": 3,
    "Manufacturer": "Siemens",
    "ManufacturersModelName": "MAGNETOM Vida",
    "Modality": "MR",
    "MultibandAccelerationFactor": 3,
    "NonlinearGradientCorrection": false,
    "NumberOfVolumes": 280,
    "ParallelReductionFactorInPlane": 2,
    "PartialFourier": 0.875,
    "PatientPosition": "HFS",
    "PercentPhaseFOV": 101.37,
    "PercentSampling": 100,
    "PhaseEncodingDirection": "j-",
    "PhaseEncodingSteps": 148,
    "PhaseResolution": 1,
    "PixelBandwidth": 1631,
    "ProcedureStepDescription": "Research Oscar",
    "ProtocolName": "dwi-dwi_acq-highres_dir-AP",
    "PulseSequenceDetails": "%SiemensSeq%\\ep2d_diff",
    "ReceiveCoilActiveElements": "HC1-7;NC1",
    "ReceiveCoilName": "HeadNeck_64_CS",
    "ReconMatrixPE": 148,
    "RefLinesPE": 54,
    "RepetitionTime": 7,
    "SAR": 0.166561,
    "ScanOptions": "PFP\\FS\\PER",
    "ScanningSequence": "GR\\EP",
    "SequenceName": "*ep_b0",
    "SequenceVariant": "SK",
    "SeriesDescription": "dwi-dwi_acq-highres_dir-AP",
    "SeriesNumber": 18,
    "ShimSetting": [
      -8786,
      8492,
      9507,
      622,
      -209,
      -199,
      29,
      121
    ],
    "SliceThickness": 1.6,
    "SliceTiming": [
      0,
      -0.001,
      -0.001,
      -0.001,
      -0.001,
      -0.001,
      -0.001,
      -0.001,
      -0.001,
      -0.001,
      -0.001,
      -0.001,
      -0.001,
      -0.001,
      -0.001,
      -0.001,
      -0.001,
      -0.001,
      -0.001,
      -0.001,
      -0.001,
      -0.001,
      -0.001,
      -0.001,
      -0.001,
      -0.001,
      -0.001,
      -0.001,
      -0.001,
      -0.001,
      -0.001,
      -0.001,
      -0.001,
      -0.001,
      -0.001,
      -0.001,
      -0.001,
      -0.001,
      -0.001,
      -0.001,
      -0.001,
      -0.001,
      -0.001,
      -0.001,
      -0.001,
      -0.001,
      -0.001,
      -0.001,
      -0.001,
      -0.001,
      -0.001,
      -0.001,
      -0.001,
      -0.001,
      -0.001,
      -0.001,
      -0.001,
      -0.001,
      -0.001,
      -0.001,
      -0.001,
      -0.001,
      -0.001,
      -0.001,
      -0.001,
      -0.001,
      -0.001,
      -0.001,
      -0.001,
      -0.001,
      -0.001,
      -0.001,
      -0.001,
      -0.001,
      -0.001,
      -0.001,
      -0.001,
      -0.001,
      -0.001,
      -0.001,
      -0.001,
      -0.001,
      -0.001,
      -0.001,
      -0.001,
      -0.001,
      -0.001
    ],
    "SoftwareVersions": "syngo MR XA50",
    "SpacingBetweenSlices": 1.6,
    "StationName": "LRG08892",
    "TotalReadoutTime": 0.0705579,
    "TxRefAmp": 317.16,
    "VendorReportedEchoSpacing": 0.00096,
    "acquisition": "highres",
    "dataset": "HCPh",
    "datatype": "dwi",
    "direction": "AP",
    "extension": ".nii.gz",
    "modality": "dwi",
    "session": "20701034",
    "subject": "001",
    "suffix": "dwi"
  },
  "efc_shell01": 0.3378,
  "efc_shell02": 0.4326,
  "efc_shell03": 0.4328,
  "efc_shell04": 0.4493,
  "efc_shell05": 0.4576,
  "fa_degenerate": 0.0,
  "fa_nans": 0.0,
  "fber_shell01": 18352.1074,
  "fber_shell02": 6508.3877,
  "fber_shell03": 4962.9351,
  "fber_shell04": 1637.3666,
  "fber_shell05": 899.3616,
  "fd_mean": 35.5093,
  "fd_num": 279,
  "fd_perc": 99.64285714285714,
  "ndc": 0.3938,
  "provenance": {
    "md5sum": "5cbd38300a5e9f6366d0995050eeebdd",
    "settings": {
      "testing": false
    },
    "software": "mriqc",
    "version": "24.1.0.dev15+g9586c867.d20240825"
  },
  "sigma_cc": 51.1498,
  "sigma_pca": 14.3668,
  "sigma_piesno": 0.3301,
  "snr_cc_shell0": 4.12,
  "snr_cc_shell1_best": 4.14,
  "snr_cc_shell1_worst": 4.14,
  "snr_cc_shell2_best": 2.87,
  "snr_cc_shell2_worst": 1.74,
  "snr_cc_shell3_best": 1.86,
  "snr_cc_shell3_worst": 1.66,
  "snr_cc_shell4_best": 1.23,
  "snr_cc_shell4_worst": 1.14,
  "spikes_global": 30.14,
  "spikes_slice_i": 176.41,
  "spikes_slice_j": 162.24,
  "spikes_slice_k": 194.54,
  "summary_bg_k": 269.6179,
  "summary_bg_mad": 1.4826,
  "summary_bg_mean": 8.135,
  "summary_bg_median": 1.0,
  "summary_bg_n": 1520197.0,
  "summary_bg_p05": 0.0,
  "summary_bg_p95": 32.0,
  "summary_bg_stdv": 33.0733,
  "summary_fg_k": 15.4247,
  "summary_fg_mad": 96.3691,
  "summary_fg_mean": 310.4422,
  "summary_fg_median": 225.0,
  "summary_fg_n": 359699.0,
  "summary_fg_p05": 92.0,
  "summary_fg_p95": 842.0,
  "summary_fg_stdv": 265.986,
  "summary_wm_k": 36.7308,
  "summary_wm_mad": 50.4085,
  "summary_wm_mean": 208.9224,
  "summary_wm_median": 195.0,
  "summary_wm_n": 115140.0,
  "summary_wm_p05": 107.0,
  "summary_wm_p95": 336.0,
  "summary_wm_stdv": 96.8751
}
