{
  "aor": [
    0.001301111111111111,
    0.0012093939393939394,
    0.0012925252525252523,
    0.0015298989898989898
  ],
  "aqi": [
    0.003620693838383838,
    0.004962432626262626,
    0.007711729494949497,
    0.013379357575757578
  ],
  "bids_meta": {
    "AcquisitionDuration": 188.475,
    "AcquisitionMatrixPE": 96,
    "AcquisitionNumber": 1,
    "AcquisitionTime": "19:13:12.352500",
    "B0FieldSource": [
      "pilot014pepolarbold",
      "pilot014phasediff"
    ],
    "BandwidthPerPixelPhaseEncode": 37.879,
    "BaseResolution": 96,
    "BodyPartExamined": "BRAIN",
    "CoilCombinationMethod": "Sum of Squares",
    "CoilString": "HeadNeck_64",
    "ConversionSoftware": "dcm2niix",
    "ConversionSoftwareVersion": "v1.0.20220720",
    "DerivedVendorReportedEchoSpacing": 0.000549997,
    "DeviceSerialNumber": "67014",
    "DwellTime": 2.3e-6,
    "EchoNumber": 4,
    "EchoTime": 0.07392,
    "EchoTrainLength": 35,
    "EffectiveEchoSpacing": 0.000274998,
    "FileSize": 0.04532391205430031,
    "FileSizeUnits": "GB",
    "FlipAngle": 64,
    "HeudiconvVersion": "1.0.0",
    "ImageComments": "Unaliased MB4/PE4/LB",
    "ImageOrientationPatientDICOM": [
      0.99738,
      0.0550401,
      0.0469541,
      -0.0395358,
      0.958188,
      -0.283395
    ],
    "ImageType": [
      "ORIGINAL",
      "PRIMARY",
      "FMRI",
      "NONE"
    ],
    "ImageTypeText": [
      "ORIGINAL",
      "PRIMARY",
      "M",
      "MB",
      "TE4",
      "DIS2D"
    ],
    "ImagingFrequency": 123.248,
    "InPlanePhaseEncodingDirectionDICOM": "COL",
    "InstitutionAddress": "Rue du Bugnon 21,Lausanne,District,CH,1011",
    "InstitutionName": "CHUV",
    "MRAcquisitionType": "2D",
    "MTState": false,
    "MagneticFieldStrength": 3,
    "Manufacturer": "Siemens",
    "ManufacturersModelName": "MAGNETOM Prisma Fit",
    "MatrixCoilMode": "GRAPPA",
    "Modality": "MR",
    "MultibandAccelerationFactor": 4,
    "NonlinearGradientCorrection": true,
    "NumberOfVolumes": 99,
    "ParallelAcquisitionTechnique": "GRAPPA",
    "ParallelReductionFactorInPlane": 2,
    "PartialFourier": 0.75,
    "PartialFourierDirection": "PHASE",
    "PatientPosition": "HFS",
    "PercentPhaseFOV": 100,
    "PercentSampling": 100,
    "PhaseEncodingDirection": "j-",
    "PhaseResolution": 1,
    "PixelBandwidth": 2264,
    "ProcedureStepDescription": "https://www.axonlab.org/hcph-sops/",
    "ProtocolName": "func-bold_task-qc_dir-AP__cmrr_me4_sms4",
    "PulseSequenceDetails": "%CustomerSeq%\\cmrr_mbep2d_bold",
    "PulseSequenceName": "epfid2d4_96",
    "ReceiveCoilActiveElements": "HC1-7",
    "ReceiveCoilName": "HeadNeck_64",
    "ReconMatrixPE": 96,
    "RefLinesPE": 22,
    "RepetitionTime": 1.6,
    "ScanOptions": "PFP\\FS",
    "ScanningSequence": "EP",
    "SequenceVariant": "SK\\SS",
    "SeriesDescription": "func-bold_task-qc_dir-AP__cmrr_me4_sms4",
    "SeriesNumber": 11,
    "ShimSetting": [
      8248,
      -5629,
      -6031,
      686,
      7,
      -236,
      46,
      5
    ],
    "SliceThickness": 2.2,
    "SliceTiming": [
      0,
      0.8425,
      0.105,
      0.9475,
      0.2125,
      1.055,
      0.3175,
      1.16,
      0.4225,
      1.265,
      0.5275,
      1.37,
      0.6325,
      1.475,
      0.7375,
      0,
      0.8425,
      0.105,
      0.9475,
      0.2125,
      1.055,
      0.3175,
      1.16,
      0.4225,
      1.265,
      0.5275,
      1.37,
      0.6325,
      1.475,
      0.7375,
      0,
      0.8425,
      0.105,
      0.9475,
      0.2125,
      1.055,
      0.3175,
      1.16,
      0.4225,
      1.265,
      0.5275,
      1.37,
      0.6325,
      1.475,
      0.7375,
      0,
      0.8425,
      0.105,
      0.9475,
      0.2125,
      1.055,
      0.3175,
      1.16,
      0.4225,
      1.265,
      0.5275,
      1.37,
      0.6325,
      1.475,
      0.7375
    ],
    "SoftwareVersions": "syngo MR XA30",
    "SpacingBetweenSlices": 2.2,
    "StationName": "LRG10884",
    "TaskName": "Quality Control Task (QCT)",
    "TotalReadoutTime": 0.0261249,
    "TxRefAmp": 246.09,
    "WipMemBlock": "88a02803-1de6-4367-ab7d-6aa2b0df9bff||Sequence: R017 nxva30a/master r/d34922cc2+; Jun 27 2022 13:20:16 by eja",
    "dataset": "HCPh",
    "datatype": "func",
    "direction": "AP",
    "extension": ".nii.gz",
    "modality": "bold",
    "session": "pilot014",
    "subject": "001",
    "suffix": "bold",
    "task": "qct"
  },
  "dummy_trs": 0,
  "dvars_nstd": 88.26719206214287,
  "dvars_std": 1.075812584795918,
  "dvars_vstd": 1.0210326828571432,
  "efc": 0.5062,
  "fber": 124.8922,
  "fd_mean": 0.11904335856232891,
  "fd_num": 12,
  "fd_perc": 12.121212121212121,
  "fwhm_avg": 2.5878197916086774,
  "fwhm_x": 2.44054824333681,
  "fwhm_y": 2.848483912393715,
  "fwhm_z": 2.474427219095507,
  "gcor": [
    0.0170496,
    0.018689,
    0.0171216,
    0.0136472
  ],
  "gsr_x": 0.0008906523580662906,
  "gsr_y": 0.02343405783176422,
  "provenance": {
    "md5sum": "6b68c5adb93c4957e1c69350f08321e0",
    "settings": {
      "fd_thres": 0.2,
      "testing": false
    },
    "software": "mriqc",
    "version": "24.1.0.dev15+g9586c867.d20240825"
  },
  "size_t": 99,
  "size_x": 96,
  "size_y": 96,
  "size_z": 60,
  "snr": 1.373057381458131,
  "spacing_tr": 1.600000023841858,
  "spacing_x": 2.197920083999634,
  "spacing_y": 2.197920083999634,
  "spacing_z": 2.200000047683716,
  "summary_bg_k": 147.2722,
  "summary_bg_mad": 1.9469,
  "summary_bg_mean": 20.0117,
  "summary_bg_median": 18.0,
  "summary_bg_n": 416666.0,
  "summary_bg_p05": 0.0,
  "summary_bg_p95": 34.0,
  "summary_bg_stdv": 12.2491,
  "summary_fg_k": 4.3773,
  "summary_fg_mad": 125.8564,
  "summary_fg_mean": 215.8876,
  "summary_fg_median": 202.0,
  "summary_fg_n": 136294.0,
  "summary_fg_p05": 26.0,
  "summary_fg_p95": 482.0,
  "summary_fg_stdv": 147.1164,
  "tsnr": 15.780381774937268
}
