{
  "aor": [
    0.0006153877005347594,
    0.0009591844919786098,
    0.0010621791443850266,
    0.0011753877005347593
  ],
  "aqi": [
    0.01161034435828877,
    0.014318333141711232,
    0.02110135922459893,
    0.032336698930481286
  ],
  "bids_meta": {
    "AcquisitionDuration": 1230.47,
    "AcquisitionMatrixPE": 96,
    "AcquisitionNumber": 1,
    "AcquisitionTime": "19:18:59.420000",
    "B0FieldSource": [
      "pilot014pepolarbold",
      "pilot014phasediff"
    ],
    "BandwidthPerPixelPhaseEncode": 37.879,
    "BaseResolution": 96,
    "BodyPartExamined": "BRAIN",
    "CogAtlasID": "https://www.cognitiveatlas.org/task/id/trm_4c8a834779883/",
    "CoilCombinationMethod": "Sum of Squares",
    "CoilString": "HeadNeck_64",
    "ConversionSoftware": "dcm2niix",
    "ConversionSoftwareVersion": "v1.0.20220720",
    "DerivedVendorReportedEchoSpacing": 0.000549997,
    "DeviceSerialNumber": "67014",
    "DwellTime": 2.3e-6,
    "EchoNumber": 3,
    "EchoTime": 0.05348,
    "EchoTrainLength": 35,
    "EffectiveEchoSpacing": 0.000274998,
    "FileSize": 0.36957303900271654,
    "FileSizeUnits": "GB",
    "FlipAngle": 64,
    "HeudiconvVersion": "1.0.0",
    "ImageComments": "Unaliased MB4/PE4/LB",
    "ImageOrientationPatientDICOM": [
      0.99738,
      0.0550401,
      0.0469541,
      -0.0395358,
      0.958188,
      -0.283395
    ],
    "ImageType": [
      "ORIGINAL",
      "PRIMARY",
      "FMRI",
      "NONE"
    ],
    "ImageTypeText": [
      "ORIGINAL",
      "PRIMARY",
      "M",
      "MB",
      "TE3",
      "DIS2D"
    ],
    "ImagingFrequency": 123.248,
    "InPlanePhaseEncodingDirectionDICOM": "COL",
    "InstitutionAddress": "Rue du Bugnon 21,Lausanne,District,CH,1011",
    "InstitutionName": "CHUV",
    "MRAcquisitionType": "2D",
    "MTState": false,
    "MagneticFieldStrength": 3,
    "Manufacturer": "Siemens",
    "ManufacturersModelName": "MAGNETOM Prisma Fit",
    "MatrixCoilMode": "GRAPPA",
    "Modality": "MR",
    "MultibandAccelerationFactor": 4,
    "NonlinearGradientCorrection": true,
    "NumberOfVolumes": 750,
    "ParallelAcquisitionTechnique": "GRAPPA",
    "ParallelReductionFactorInPlane": 2,
    "PartialFourier": 0.75,
    "PartialFourierDirection": "PHASE",
    "PatientPosition": "HFS",
    "PercentPhaseFOV": 100,
    "PercentSampling": 100,
    "PhaseEncodingDirection": "j-",
    "PhaseResolution": 1,
    "PixelBandwidth": 2264,
    "ProcedureStepDescription": "https://www.axonlab.org/hcph-sops/",
    "ProtocolName": "func-bold_task-pilotrest_dir-AP__cmrr_me4_sms4",
    "PulseSequenceDetails": "%CustomerSeq%\\cmrr_mbep2d_bold",
    "PulseSequenceName": "epfid2d4_96",
    "ReceiveCoilActiveElements": "HC1-7",
    "ReceiveCoilName": "HeadNeck_64",
    "ReconMatrixPE": 96,
    "RefLinesPE": 22,
    "RepetitionTime": 1.6,
    "ScanOptions": "PFP\\FS",
    "ScanningSequence": "EP",
    "SequenceVariant": "SK\\SS",
    "SeriesDescription": "func-bold_task-pilotrest_dir-AP__cmrr_me4_sms4",
    "SeriesNumber": 14,
    "ShimSetting": [
      8248,
      -5629,
      -6031,
      686,
      7,
      -236,
      46,
      5
    ],
    "SliceThickness": 2.2,
    "SliceTiming": [
      0,
      0.8425,
      0.105,
      0.9475,
      0.21,
      1.0525,
      0.315,
      1.1575,
      0.42,
      1.2625,
      0.525,
      1.3675,
      0.63,
      1.4725,
      0.735,
      0,
      0.8425,
      0.105,
      0.9475,
      0.21,
      1.0525,
      0.315,
      1.1575,
      0.42,
      1.2625,
      0.525,
      1.3675,
      0.63,
      1.4725,
      0.735,
      0,
      0.8425,
      0.105,
      0.9475,
      0.21,
      1.0525,
      0.315,
      1.1575,
      0.42,
      1.2625,
      0.525,
      1.3675,
      0.63,
      1.4725,
      0.735,
      0,
      0.8425,
      0.105,
      0.9475,
      0.21,
      1.0525,
      0.315,
      1.1575,
      0.42,
      1.2625,
      0.525,
      1.3675,
      0.63,
      1.4725,
      0.735
    ],
    "SoftwareVersions": "syngo MR XA30",
    "SpacingBetweenSlices": 2.2,
    "StationName": "LRG10884",
    "TaskName": "Naturalistic Scenes Watching Resting State",
    "TotalReadoutTime": 0.0261249,
    "TxRefAmp": 246.09,
    "WipMemBlock": "e3b2d54d-1e87-435b-85be-38accfa2de26||Sequence: R017 nxva30a/master r/d34922cc2+; Jun 27 2022 13:20:16 by eja",
    "dataset": "HCPh",
    "datatype": "func",
    "direction": "AP",
    "extension": ".nii.gz",
    "modality": "bold",
    "session": "pilot014",
    "subject": "001",
    "suffix": "bold",
    "task": "rest"
  },
  "dummy_trs": 2,
  "dvars_nstd": 64.26134291785814,
  "dvars_std": 1.0515062603346719,
  "dvars_vstd": 0.9909114152208827,
  "efc": 0.5034,
  "fber": 284.0837,
  "fd_mean": 0.14530317058975342,
  "fd_num": 87,
  "fd_perc": 11.631016042780749,
  "fwhm_avg": 2.9510619908049165,
  "fwhm_x": 2.7886455220184527,
  "fwhm_y": 3.240095057069048,
  "fwhm_z": 2.8244453933272493,
  "gcor": [
    0.00373795,
    0.00449006,
    0.00416995,
    0.00342172
  ],
  "gsr_x": 0.007453335449099541,
  "gsr_y": 0.022571327164769173,
  "provenance": {
    "md5sum": "776ac21bc706b7715a80834302dafaaa",
    "settings": {
      "fd_thres": 0.2,
      "testing": false
    },
    "software": "mriqc",
    "version": "24.1.0.dev15+g9586c867.d20240825"
  },
  "size_t": 748,
  "size_x": 96,
  "size_y": 96,
  "size_z": 60,
  "snr": 1.6873258575945607,
  "spacing_tr": 1.600000023841858,
  "spacing_x": 2.197920083999634,
  "spacing_y": 2.197920083999634,
  "spacing_z": 2.200000047683716,
  "summary_bg_k": 56.2894,
  "summary_bg_mad": 3.0802,
  "summary_bg_mean": 24.6911,
  "summary_bg_median": 19.0,
  "summary_bg_n": 416373.0,
  "summary_bg_p05": 0.0,
  "summary_bg_p95": 58.0,
  "summary_bg_stdv": 25.1327,
  "summary_fg_k": 1.7783,
  "summary_fg_mad": 163.2072,
  "summary_fg_mean": 326.0483,
  "summary_fg_median": 316.0,
  "summary_fg_n": 136587.0,
  "summary_fg_p05": 38.0,
  "summary_fg_p95": 652.0,
  "summary_fg_stdv": 187.2779,
  "tsnr": 17.4045593701303
}
