{
  "NumberOfShells": 4,
  "bValues": [
    0.0,
    700.0,
    1000.0,
    2000.0,
    3000.0
  ],
  "bValuesEstimation": [
    700.0,
    1000.0,
    2000.0,
    3000.0
  ],
  "bdiffs_max": 0.3476,
  "bdiffs_mean": 0.1625,
  "bdiffs_median": 0.1547,
  "bdiffs_min": 0.0086,
  "bids_meta": {
    "AcquisitionMatrixPE": 104,
    "AcquisitionNumber": 1,
    "AcquisitionTime": "11:29:47.890000",
    "B0FieldSource": [
      "004pepolarb0",
      "004phasediff"
    ],
    "BandwidthPerPixelPhaseEncode": 24.42,
    "BaseResolution": 146,
    "BodyPartExamined": "BRAIN",
    "CoilCombinationMethod": "Adaptive Combine",
    "CoilString": "HeadNeck_64",
    "ConversionSoftware": "dcm2niix",
    "ConversionSoftwareVersion": "v1.0.20220720",
    "Deltas": [
      0.0272,
      0.0469
    ],
    "DerivedVendorReportedEchoSpacing": 0.000787501,
    "DeviceSerialNumber": "67014",
    "DiffusionScheme": "Monopolar",
    "DwellTime": 2.1e-6,
    "EchoTime": 0.098,
    "EchoTrainLength": 46,
    "EffectiveEchoSpacing": 0.00039375,
    "FileSize": 0.3431228334084153,
    "FileSizeUnits": "GB",
    "FlipAngle": 90,
    "HeudiconvVersion": "1.0.0",
    "ImageOrientationPatientDICOM": [
      0.999384,
      0.00479399,
      0.0347625,
      -0.00209311,
      0.997004,
      -0.0773194
    ],
    "ImageType": [
      "ORIGINAL",
      "PRIMARY",
      "DIFFUSION",
      "NONE",
      "ND",
      "MFSPLIT"
    ],
    "ImageTypeText": [
      "ORIGINAL",
      "PRIMARY",
      "DIFFUSION",
      "NONE"
    ],
    "ImagingFrequency": 123.248,
    "InPlanePhaseEncodingDirectionDICOM": "ROW",
    "InstitutionAddress": "Rue du Bugnon 21,Lausanne,District,CH,1011",
    "InstitutionName": "CHUV",
    "MRAcquisitionType": "2D",
    "MagneticFieldStrength": 3,
    "Manufacturer": "Siemens",
    "ManufacturersModelName": "MAGNETOM Prisma Fit",
    "Modality": "MR",
    "MultibandAccelerationFactor": 3,
    "NonlinearGradientCorrection": false,
    "NumberOfVolumes": 280,
    "ParallelReductionFactorInPlane": 2,
    "PartialFourier": 0.875,
    "PatientPosition": "HFS",
    "PercentPhaseFOV": 71.2329,
    "PercentSampling": 100,
    "PhaseEncodingDirection": "i",
    "PhaseEncodingSteps": 104,
    "PhaseResolution": 1,
    "PixelBandwidth": 1631,
    "ProcedureStepDescription": "RESEARCH Oscar",
    "ProtocolName": "dwi-dwi_acq-highres_dir-RL__trigger_monopolar_71fovphase",
    "PulseSequenceDetails": "%CustomerSeq%\\ep2d_diff_trigg",
    "ReceiveCoilActiveElements": "HC1-7",
    "ReceiveCoilName": "HeadNeck_64",
    "ReconMatrixPE": 104,
    "RefLinesPE": 38,
    "RepetitionTime": 7,
    "SAR": 0.175947,
    "ScanOptions": "PFP\\FS\\PER",
    "ScanningSequence": "GR\\EP",
    "SequenceName": "ep_b0",
    "SequenceVariant": "SK",
    "SeriesDescription": "dwi-dwi_acq-highres_dir-RL__trigger_monopolar_71fovphase",
    "SeriesNumber": 8,
    "ShimSetting": [
      8234,
      -5629,
      -6048,
      580,
      -51,
      -278,
      39,
      25
    ],
    "SliceThickness": 1.6,
    "SliceTiming": [
      0,
      5.94,
      0.135,
      6.075,
      0.27,
      6.21,
      0.405,
      6.345,
      0.54,
      6.48,
      0.675,
      6.615,
      0.81,
      6.75,
      0.945,
      6.885,
      1.08,
      7.02,
      1.215,
      7.155,
      1.35,
      7.29,
      1.485,
      7.425,
      1.62,
      7.56,
      1.755,
      7.695,
      1.89,
      7.83,
      2.025,
      7.965,
      2.16,
      8.1,
      2.295,
      8.235,
      2.43,
      8.37,
      2.565,
      8.505,
      2.7,
      8.64,
      2.835,
      8.775,
      2.97,
      8.91,
      3.105,
      9.045,
      3.24,
      9.18,
      3.375,
      9.315,
      3.51,
      9.45,
      3.645,
      9.585,
      3.78,
      9.72,
      3.915,
      9.855,
      4.05,
      9.99,
      4.185,
      10.125,
      4.32,
      10.26,
      4.455,
      10.395,
      4.59,
      10.53,
      4.725,
      10.665,
      4.86,
      10.8,
      4.995,
      10.935,
      5.13,
      11.07,
      5.265,
      11.205,
      5.4,
      11.34,
      5.535,
      11.475,
      5.67,
      11.61,
      5.805
    ],
    "SoftwareVersions": "syngo MR XA30",
    "SpacingBetweenSlices": 1.6,
    "StationName": "LRG10884",
    "TotalReadoutTime": 0.0405563,
    "TxRefAmp": 249.909,
    "acquisition": "highres",
    "dataset": "HCPh",
    "datatype": "dwi",
    "direction": "RL",
    "extension": ".nii.gz",
    "modality": "dwi",
    "session": "004",
    "subject": "001",
    "suffix": "dwi"
  },
  "efc_shell01": 0.4743,
  "efc_shell02": 0.5883,
  "efc_shell03": 0.605,
  "efc_shell04": 0.6521,
  "efc_shell05": 0.6737,
  "fa_degenerate": 0.0,
  "fa_nans": 0.0,
  "fber_shell01": 288.6587,
  "fber_shell02": 118.0607,
  "fber_shell03": 78.1857,
  "fber_shell04": 28.8036,
  "fber_shell05": 15.903,
  "fd_mean": 18.4681,
  "fd_num": 279,
  "fd_perc": 99.64285714285714,
  "ndc": 0.392,
  "provenance": {
    "md5sum": "c6321e1d13424e313b718781dae0b39c",
    "settings": {
      "testing": false
    },
    "software": "mriqc",
    "version": "24.1.0.dev15+g9586c867.d20240825"
  },
  "sigma_cc": 37.0651,
  "sigma_pca": 19.0454,
  "sigma_piesno": 7.5935,
  "snr_cc_shell0": 4.72,
  "snr_cc_shell1_best": 4.75,
  "snr_cc_shell1_worst": 4.75,
  "snr_cc_shell2_best": 3.09,
  "snr_cc_shell2_worst": 2.2,
  "snr_cc_shell3_best": 2.61,
  "snr_cc_shell3_worst": 1.81,
  "snr_cc_shell4_best": 1.83,
  "snr_cc_shell4_worst": 1.24,
  "spikes_global": 50.52,
  "spikes_slice_i": 320.25,
  "spikes_slice_j": 326.04,
  "spikes_slice_k": 276.37,
  "summary_bg_k": 212.2162,
  "summary_bg_mad": 17.7912,
  "summary_bg_mean": 42.3067,
  "summary_bg_median": 18.0,
  "summary_bg_n": 953668.0,
  "summary_bg_p05": 3.0,
  "summary_bg_p95": 143.0,
  "summary_bg_stdv": 103.3845,
  "summary_fg_k": 9.157,
  "summary_fg_mad": 169.0167,
  "summary_fg_mean": 391.9027,
  "summary_fg_median": 299.0,
  "summary_fg_n": 367340.0,
  "summary_fg_p05": 98.0,
  "summary_fg_p95": 1049.0,
  "summary_fg_stdv": 320.8168,
  "summary_wm_k": 10.1734,
  "summary_wm_mad": 78.5779,
  "summary_wm_mean": 211.5471,
  "summary_wm_median": 207.0,
  "summary_wm_n": 107894.0,
  "summary_wm_p05": 80.0,
  "summary_wm_p95": 354.0,
  "summary_wm_stdv": 88.8582
}
