{
  "aor": [
    0.0005395652173913044,
    0.0005222282608695652,
    0.0006524456521739129,
    0.0008783695652173913
  ],
  "aqi": [
    0.0063812809782608695,
    0.009118088152173914,
    0.014411737880434783,
    0.02413625815217391
  ],
  "bids_meta": {
    "AcquisitionDuration": 359.64,
    "AcquisitionMatrixPE": 102,
    "AcquisitionNumber": 1,
    "AcquisitionTime": "18:54:59.462500",
    "B0FieldSource": [
      "pilot011pepolarbold",
      "pilot011phasediff"
    ],
    "BandwidthPerPixelPhaseEncode": 39.216,
    "BaseResolution": 94,
    "BodyPartExamined": "BRAIN",
    "CogAtlasID": "https://www.cognitiveatlas.org/id/trm_4c898a680e424/",
    "CoilCombinationMethod": "Sum of Squares",
    "CoilString": "HeadNeck_64",
    "ConversionSoftware": "dcm2niix",
    "ConversionSoftwareVersion": "v1.0.20220720",
    "DerivedVendorReportedEchoSpacing": 0.000520404,
    "DeviceSerialNumber": "67014",
    "DwellTime": 2.2e-6,
    "EchoNumber": 3,
    "EchoTime": 0.05522,
    "EchoTrainLength": 39,
    "EffectiveEchoSpacing": 0.000260202,
    "FileSize": 0.09923161007463932,
    "FileSizeUnits": "GB",
    "FlipAngle": 64,
    "HeudiconvVersion": "1.0.0",
    "ImageComments": "Unaliased MB4/PE4/LB",
    "ImageOrientationPatientDICOM": [
      0.999355,
      0.0216112,
      0.0286831,
      -0.0115123,
      0.949304,
      -0.31415
    ],
    "ImageType": [
      "ORIGINAL",
      "PRIMARY",
      "FMRI",
      "NONE"
    ],
    "ImageTypeText": [
      "ORIGINAL",
      "PRIMARY",
      "M",
      "MB",
      "TE3",
      "DIS2D"
    ],
    "ImagingFrequency": 123.248,
    "InPlanePhaseEncodingDirectionDICOM": "COL",
    "InstitutionAddress": "Rue du Bugnon 21,Lausanne,District,CH,1011",
    "InstitutionName": "CHUV",
    "MRAcquisitionType": "2D",
    "MTState": false,
    "MagneticFieldStrength": 3,
    "Manufacturer": "Siemens",
    "ManufacturersModelName": "MAGNETOM Prisma Fit",
    "MatrixCoilMode": "GRAPPA",
    "Modality": "MR",
    "MultibandAccelerationFactor": 4,
    "NonlinearGradientCorrection": true,
    "NumberOfVolumes": 184,
    "ParallelAcquisitionTechnique": "GRAPPA",
    "ParallelReductionFactorInPlane": 2,
    "PartialFourier": 0.75,
    "PartialFourierDirection": "PHASE",
    "PatientPosition": "HFS",
    "PercentPhaseFOV": 104.255,
    "PercentSampling": 104,
    "PhaseEncodingDirection": "j-",
    "PhaseResolution": 1.04,
    "PixelBandwidth": 2418,
    "ProcedureStepDescription": "https://www.axonlab.org/hcph-sops/",
    "ProtocolName": "func-bold_task-bht_dir-AP__cmrr_me4_sms4",
    "PulseSequenceDetails": "%CustomerSeq%\\cmrr_mbep2d_bold",
    "PulseSequenceName": "epfid2d4_102",
    "ReceiveCoilActiveElements": "HC1-7;NC1",
    "ReceiveCoilName": "HeadNeck_64",
    "ReconMatrixPE": 98,
    "RefLinesPE": 20,
    "RepetitionTime": 1.77,
    "ScanOptions": "PFP\\FS",
    "ScanningSequence": "EP",
    "SequenceVariant": "SK\\SS\\OSP",
    "SeriesDescription": "func-bold_task-bht_dir-AP__cmrr_me4_sms4",
    "SeriesNumber": 17,
    "ShimSetting": [
      8227,
      -5620,
      -6039,
      674,
      -57,
      -166,
      66,
      37
    ],
    "SliceThickness": 2.1,
    "SliceTiming": [
      0,
      0.765,
      1.53,
      0.545,
      1.3125,
      0.3275,
      1.0925,
      0.1075,
      0.875,
      1.64,
      0.655,
      1.42,
      0.4375,
      1.2025,
      0.2175,
      0.9825,
      0,
      0.765,
      1.53,
      0.545,
      1.3125,
      0.3275,
      1.0925,
      0.1075,
      0.875,
      1.64,
      0.655,
      1.42,
      0.4375,
      1.2025,
      0.2175,
      0.9825,
      0,
      0.765,
      1.53,
      0.545,
      1.3125,
      0.3275,
      1.0925,
      0.1075,
      0.875,
      1.64,
      0.655,
      1.42,
      0.4375,
      1.2025,
      0.2175,
      0.9825,
      0,
      0.765,
      1.53,
      0.545,
      1.3125,
      0.3275,
      1.0925,
      0.1075,
      0.875,
      1.64,
      0.655,
      1.42,
      0.4375,
      1.2025,
      0.2175,
      0.9825
    ],
    "SoftwareVersions": "syngo MR XA30",
    "SpacingBetweenSlices": 2.1,
    "StationName": "LRG10884",
    "TaskName": "Breath-holding Task (BHT)",
    "TotalReadoutTime": 0.0252396,
    "TxRefAmp": 248.655,
    "WipMemBlock": "82bc9073-9020-4ef7-a38b-e1abb1357510||Sequence: R017 nxva30a/master r/d34922cc2+; Jun 27 2022 13:20:16 by eja",
    "dataset": "HCPh",
    "datatype": "func",
    "direction": "AP",
    "extension": ".nii.gz",
    "modality": "bold",
    "session": "pilot011",
    "subject": "001",
    "suffix": "bold",
    "task": "bht"
  },
  "dummy_trs": 0,
  "dvars_nstd": 66.96906399349726,
  "dvars_std": 1.0187807543715846,
  "dvars_vstd": 0.983322127704918,
  "efc": 0.5307,
  "fber": 184.083,
  "fd_mean": 0.12582989979290082,
  "fd_num": 30,
  "fd_perc": 16.304347826086957,
  "fwhm_avg": 2.7220505189904025,
  "fwhm_x": 2.573887487648264,
  "fwhm_y": 2.9502544255316696,
  "fwhm_z": 2.6420096437912735,
  "gcor": [
    0.00803346,
    0.0110297,
    0.0108278,
    0.00895409
  ],
  "gsr_x": 0.012713855132460594,
  "gsr_y": 0.01658172905445099,
  "provenance": {
    "md5sum": "18901cef620724e45288d92af6344a9c",
    "settings": {
      "fd_thres": 0.2,
      "testing": false
    },
    "software": "mriqc",
    "version": "24.1.0.dev15+g9586c867.d20240825"
  },
  "size_t": 184,
  "size_x": 94,
  "size_y": 98,
  "size_z": 64,
  "snr": 1.749997125632016,
  "spacing_tr": 1.7699999809265137,
  "spacing_x": 2.148940086364746,
  "spacing_y": 2.148940086364746,
  "spacing_z": 2.0999999046325684,
  "summary_bg_k": 51.3673,
  "summary_bg_mad": 3.0297,
  "summary_bg_mean": 28.7553,
  "summary_bg_median": 23.0,
  "summary_bg_n": 438472.0,
  "summary_bg_p05": 0.0,
  "summary_bg_p95": 62.0,
  "summary_bg_stdv": 24.8262,
  "summary_fg_k": 1.3467,
  "summary_fg_mad": 157.2122,
  "summary_fg_mean": 324.4279,
  "summary_fg_median": 315.0,
  "summary_fg_n": 151096.0,
  "summary_fg_p05": 40.0,
  "summary_fg_p95": 635.0,
  "summary_fg_stdv": 179.9997,
  "tsnr": 18.870604087016545
}
