{
  "aor": [
    0.0008263999999999999,
    0.0008801333333333333,
    0.0010501333333333333,
    0.0012983333333333334
  ],
  "aqi": [
    0.0075884724,
    0.0108281516,
    0.017837401333333336,
    0.031063348666666664
  ],
  "bids_meta": {
    "AcquisitionDuration": 265.442,
    "AcquisitionMatrixPE": 108,
    "AcquisitionNumber": 1,
    "AcquisitionTime": "19:05:16.712500",
    "B0FieldSource": [
      "pilot011pepolarbold",
      "pilot011phasediff"
    ],
    "BandwidthPerPixelPhaseEncode": 34.294,
    "BaseResolution": 108,
    "BodyPartExamined": "BRAIN",
    "CoilCombinationMethod": "Sum of Squares",
    "CoilString": "HeadNeck_64",
    "ConversionSoftware": "dcm2niix",
    "ConversionSoftwareVersion": "v1.0.20220720",
    "DerivedVendorReportedEchoSpacing": 0.000539993,
    "DeviceSerialNumber": "67014",
    "DwellTime": 2e-6,
    "EchoNumber": 1,
    "EchoTime": 0.0126,
    "EchoTrainLength": 40,
    "EffectiveEchoSpacing": 0.000269996,
    "FileSize": 0.1128535671159625,
    "FileSizeUnits": "GB",
    "FlipAngle": 64,
    "HeudiconvVersion": "1.0.0",
    "ImageComments": "Unaliased MB4/PE4/LB",
    "ImageOrientationPatientDICOM": [
      0.998786,
      0.0377326,
      0.0316556,
      -0.0202241,
      0.90023,
      -0.434945
    ],
    "ImageType": [
      "ORIGINAL",
      "PRIMARY",
      "FMRI",
      "NONE"
    ],
    "ImageTypeText": [
      "ORIGINAL",
      "PRIMARY",
      "M",
      "MB",
      "TE1",
      "DIS2D"
    ],
    "ImagingFrequency": 123.248,
    "InPlanePhaseEncodingDirectionDICOM": "COL",
    "InstitutionAddress": "Rue du Bugnon 21,Lausanne,District,CH,1011",
    "InstitutionName": "CHUV",
    "MRAcquisitionType": "2D",
    "MTState": false,
    "MagneticFieldStrength": 3,
    "Manufacturer": "Siemens",
    "ManufacturersModelName": "MAGNETOM Prisma Fit",
    "MatrixCoilMode": "GRAPPA",
    "Modality": "MR",
    "MultibandAccelerationFactor": 4,
    "NonlinearGradientCorrection": true,
    "NumberOfVolumes": 150,
    "ParallelAcquisitionTechnique": "GRAPPA",
    "ParallelReductionFactorInPlane": 2,
    "PartialFourier": 0.75,
    "PartialFourierDirection": "PHASE",
    "PatientPosition": "HFS",
    "PercentPhaseFOV": 100,
    "PercentSampling": 100,
    "PhaseEncodingDirection": "j-",
    "PhaseResolution": 1,
    "PixelBandwidth": 2315,
    "ProcedureStepDescription": "https://www.axonlab.org/hcph-sops/",
    "ProtocolName": "func-bold_task-qc_dir-AP__cmrr_me4_sms4",
    "PulseSequenceDetails": "%CustomerSeq%\\cmrr_mbep2d_bold",
    "PulseSequenceName": "epfid2d4_108",
    "ReceiveCoilActiveElements": "HC1-7",
    "ReceiveCoilName": "HeadNeck_64",
    "ReconMatrixPE": 108,
    "RefLinesPE": 26,
    "RepetitionTime": 1.573,
    "ScanOptions": "PFP\\FS",
    "ScanningSequence": "EP",
    "SequenceVariant": "SK\\SS",
    "SeriesDescription": "func-bold_task-qc_dir-AP__cmrr_me4_sms4",
    "SeriesNumber": 18,
    "ShimSetting": [
      8227,
      -5627,
      -6021,
      775,
      -66,
      -100,
      146,
      23
    ],
    "SliceThickness": 2,
    "SliceTiming": [
      0,
      0.3325,
      0.665,
      1,
      1.3325,
      0.1125,
      0.445,
      0.7775,
      1.11,
      1.4425,
      0.2225,
      0.555,
      0.8875,
      1.22,
      0,
      0.3325,
      0.665,
      1,
      1.3325,
      0.1125,
      0.445,
      0.7775,
      1.11,
      1.4425,
      0.2225,
      0.555,
      0.8875,
      1.22,
      0,
      0.3325,
      0.665,
      1,
      1.3325,
      0.1125,
      0.445,
      0.7775,
      1.11,
      1.4425,
      0.2225,
      0.555,
      0.8875,
      1.22,
      0,
      0.3325,
      0.665,
      1,
      1.3325,
      0.1125,
      0.445,
      0.7775,
      1.11,
      1.4425,
      0.2225,
      0.555,
      0.8875,
      1.22
    ],
    "SoftwareVersions": "syngo MR XA30",
    "SpacingBetweenSlices": 2,
    "StationName": "LRG10884",
    "TaskName": "Quality Control Task (QCT)",
    "TotalReadoutTime": 0.0288896,
    "TxRefAmp": 248.655,
    "WipMemBlock": "ceb9f2f0-eeb8-4519-b5f0-97975684d722||Sequence: R017 nxva30a/master r/d34922cc2+; Jun 27 2022 13:20:16 by eja",
    "dataset": "HCPh",
    "datatype": "func",
    "direction": "AP",
    "extension": ".nii.gz",
    "modality": "bold",
    "session": "pilot011",
    "subject": "001",
    "suffix": "bold",
    "task": "qct"
  },
  "dummy_trs": 0,
  "dvars_nstd": 36.13558348073827,
  "dvars_std": 1.023025089932886,
  "dvars_vstd": 1.0066544793288583,
  "efc": 0.5985,
  "fber": 593.8857,
  "fd_mean": 0.08604268532185412,
  "fd_num": 0,
  "fd_perc": 0.0,
  "fwhm_avg": 3.2485699999999995,
  "fwhm_x": 2.79269,
  "fwhm_y": 3.380315,
  "fwhm_z": 3.572705,
  "gcor": [
    0.00281006,
    0.0039069,
    0.00341816,
    0.00253249
  ],
  "gsr_x": 0.000944672676268965,
  "gsr_y": 0.0884319469332695,
  "provenance": {
    "md5sum": "ffe5793ed72280081d8c3ed298fad46d",
    "settings": {
      "fd_thres": 0.2,
      "testing": false
    },
    "software": "mriqc",
    "version": "24.1.0.dev15+g9586c867.d20240825"
  },
  "size_t": 150,
  "size_x": 108,
  "size_y": 108,
  "size_z": 56,
  "snr": 2.730917519492198,
  "spacing_tr": 1.5729999542236328,
  "spacing_x": 2.0,
  "spacing_y": 2.0,
  "spacing_z": 2.0,
  "summary_bg_k": 10.4055,
  "summary_bg_mad": 16.8424,
  "summary_bg_mean": 122.5432,
  "summary_bg_median": 32.0,
  "summary_bg_n": 474228.0,
  "summary_bg_p05": 0.0,
  "summary_bg_p95": 635.0,
  "summary_bg_stdv": 222.3725,
  "summary_fg_k": 0.4447,
  "summary_fg_mad": 267.8074,
  "summary_fg_mean": 813.8639,
  "summary_fg_median": 784.0,
  "summary_fg_n": 178956.0,
  "summary_fg_p05": 393.0,
  "summary_fg_p95": 1326.0,
  "summary_fg_stdv": 287.0822,
  "tsnr": 37.60980213689618
}
