{
  "bids_meta": {
    "AcquisitionMatrixPE": 320,
    "AcquisitionNumber": 1,
    "AcquisitionTime": "22:20:11.990000",
    "BaseResolution": 320,
    "BodyPartExamined": "BRAIN",
    "CoilCombinationMethod": "Adaptive Combine",
    "CoilString": "HeadNeck_64",
    "ConversionSoftware": "dcm2niix",
    "ConversionSoftwareVersion": "v1.0.20220720",
    "DeviceSerialNumber": "67014",
    "DwellTime": 2.2e-6,
    "EchoTime": 0.413,
    "EchoTrainLength": 248,
    "FileSize": 0.014979439787566662,
    "FileSizeUnits": "GB",
    "FlipAngle": 120,
    "HeudiconvVersion": "1.1.6.post8+ga0a3635",
    "ImageOrientationPatientDICOM": [
      -0.0393632,
      0.989771,
      0.137127,
      0.0408919,
      0.138714,
      -0.989488
    ],
    "ImageType": [
      "ORIGINAL",
      "PRIMARY",
      "M",
      "NORM",
      "DIS3D",
      "MFSPLIT"
    ],
    "ImageTypeText": [
      "ORIGINAL",
      "PRIMARY",
      "M",
      "NONE"
    ],
    "ImagingFrequency": 123.248,
    "InPlanePhaseEncodingDirectionDICOM": "ROW",
    "InstitutionAddress": "Rue du Bugnon 21,Lausanne,District,CH,1011",
    "InstitutionName": "CHUV",
    "MRAcquisitionType": "3D",
    "MagneticFieldStrength": 3,
    "Manufacturer": "Siemens",
    "ManufacturersModelName": "MAGNETOM Prisma Fit",
    "MatrixCoilMode": "GRAPPA",
    "Modality": "MR",
    "NonlinearGradientCorrection": true,
    "NumberOfVolumes": 1,
    "ParallelReductionFactorInPlane": 3,
    "PartialFourier": 1,
    "PatientPosition": "HFS",
    "PercentPhaseFOV": 100,
    "PercentSampling": 100,
    "PhaseEncodingDirection": "i",
    "PhaseEncodingSteps": 320,
    "PhaseResolution": 1,
    "PixelBandwidth": 710,
    "ProcedureStepDescription": "RESEARCH Oscar",
    "ProtocolName": "anat-T2w__space",
    "PulseSequenceDetails": "%SiemensSeq%\\space",
    "ReceiveCoilActiveElements": "HC1-7;NC1,2",
    "ReceiveCoilName": "HeadNeck_64",
    "ReconMatrixPE": 320,
    "RefLinesPE": 24,
    "RepetitionTime": 3.2,
    "SAR": 0.122995,
    "ScanOptions": "PFP\\PER",
    "ScanningSequence": "SE",
    "SequenceName": "*spcR_282ns",
    "SequenceVariant": "SP\\SK",
    "SeriesDescription": "anat-T2w__space",
    "SeriesNumber": 24,
    "ShimSetting": [
      8228,
      -5666,
      -6274,
      307,
      -57,
      -153,
      48,
      21
    ],
    "SliceThickness": 0.8,
    "SoftwareVersions": "syngo MR XA30",
    "StationName": "LRG10884",
    "TxRefAmp": 247.393,
    "acquisition": "undistorted",
    "dataset": "HCPh",
    "datatype": "anat",
    "extension": ".nii.gz",
    "modality": "T2w",
    "session": "20101060",
    "subject": "001",
    "suffix": "T2w"
  },
  "cjv": 1.5572962264150942,
  "cnr": 0.6246652434831842,
  "efc": 0.4919,
  "fber": -1.0,
  "fwhm_avg": 2.557316628559679,
  "fwhm_x": 2.4259624638503423,
  "fwhm_y": 2.8113624581074346,
  "fwhm_z": 2.434624963721261,
  "icvs_csf": 0.27651103244124603,
  "icvs_gm": 0.3452014381834906,
  "icvs_wm": 0.3782875293752634,
  "inu_med": 1.0212721824645996,
  "inu_range": 0.3006259083747864,
  "provenance": {
    "md5sum": "672740c16db5c9ed9e1bc254d2884616",
    "settings": {
      "testing": false
    },
    "software": "mriqc",
    "version": "24.1.0.dev15+g9586c867.d20240825",
    "warnings": {
      "large_rot_frame": true,
      "small_air_mask": false
    }
  },
  "qi_1": 0.0,
  "qi_2": 0.002571220170804678,
  "rpve_csf": 8.170783417966001,
  "rpve_gm": 8.009468704877268,
  "rpve_wm": 8.040919004848915,
  "size_x": 240,
  "size_y": 320,
  "size_z": 320,
  "snr_csf": 1.3646487884315244,
  "snr_gm": 4.636430998405421,
  "snr_total": 4.177018745669713,
  "snr_wm": 6.529976450172192,
  "snrd_csf": 30.789029491878193,
  "snrd_gm": 26.55998436269852,
  "snrd_total": 26.573158958116522,
  "snrd_wm": 22.37046301977286,
  "spacing_x": 0.800000011920929,
  "spacing_y": 0.800000011920929,
  "spacing_z": 0.800000011920929,
  "summary_bg_k": 643.5262,
  "summary_bg_mad": 0.0,
  "summary_bg_mean": 4.6934,
  "summary_bg_median": 0.0,
  "summary_bg_n": 6645118.0,
  "summary_bg_p05": 0.0,
  "summary_bg_p95": 18.0,
  "summary_bg_stdv": 33.1515,
  "summary_csf_k": -1.4357,
  "summary_csf_mad": 1851.6796,
  "summary_csf_mean": 1637.5183,
  "summary_csf_median": 1558.0,
  "summary_csf_n": 821747.9297945881,
  "summary_csf_p05": 0.0,
  "summary_csf_p95": 3570.0,
  "summary_csf_stdv": 1141.685,
  "summary_gm_k": 46.7128,
  "summary_gm_mad": 195.105,
  "summary_gm_mean": 1341.1648,
  "summary_gm_median": 1344.0,
  "summary_gm_n": 1025885.1687940252,
  "summary_gm_p05": 909.0,
  "summary_gm_p95": 1801.0,
  "summary_gm_stdv": 289.878,
  "summary_wm_k": 106.0698,
  "summary_wm_mad": 135.0418,
  "summary_wm_mean": 1144.4396,
  "summary_wm_median": 1132.0,
  "summary_wm_n": 1124211.9035423445,
  "summary_wm_p05": 905.0,
  "summary_wm_p95": 1416.0,
  "summary_wm_stdv": 173.3543,
  "tpm_overlap_csf": 0.20683129079812726,
  "tpm_overlap_gm": 0.5087530477275284,
  "tpm_overlap_wm": 0.5254423443860379,
  "wm2max": 0.29055011163649996
}
