{
  "bids_meta": {
    "AcquisitionMatrixPE": 320,
    "AcquisitionNumber": 1,
    "AcquisitionTime": "22:20:11.990000",
    "BaseResolution": 320,
    "BodyPartExamined": "BRAIN",
    "CoilCombinationMethod": "Adaptive Combine",
    "CoilString": "HeadNeck_64",
    "ConversionSoftware": "dcm2niix",
    "ConversionSoftwareVersion": "v1.0.20220720",
    "DeviceSerialNumber": "67014",
    "DwellTime": 2.2e-06,
    "EchoTime": 0.413,
    "EchoTrainLength": 248,
    "FileSize": 0.015852199867367744,
    "FileSizeUnits": "GB",
    "FlipAngle": 120,
    "HeudiconvVersion": "1.1.6.post8+ga0a3635",
    "ImageOrientationPatientDICOM": [
      -0.0393632,
      0.989771,
      0.137127,
      0.0408919,
      0.138714,
      -0.989488
    ],
    "ImageType": [
      "ORIGINAL",
      "PRIMARY",
      "M",
      "ND",
      "NORM",
      "MFSPLIT"
    ],
    "ImageTypeText": [
      "ORIGINAL",
      "PRIMARY",
      "M",
      "NONE"
    ],
    "ImagingFrequency": 123.248,
    "InPlanePhaseEncodingDirectionDICOM": "ROW",
    "InstitutionAddress": "Rue du Bugnon 21,Lausanne,District,CH,1011",
    "InstitutionName": "CHUV",
    "MRAcquisitionType": "3D",
    "MagneticFieldStrength": 3,
    "Manufacturer": "Siemens",
    "ManufacturersModelName": "MAGNETOM Prisma Fit",
    "MatrixCoilMode": "GRAPPA",
    "Modality": "MR",
    "NonlinearGradientCorrection": false,
    "NumberOfVolumes": 1,
    "ParallelReductionFactorInPlane": 3,
    "PartialFourier": 1,
    "PatientPosition": "HFS",
    "PercentPhaseFOV": 100,
    "PercentSampling": 100,
    "PhaseEncodingDirection": "i",
    "PhaseEncodingSteps": 320,
    "PhaseResolution": 1,
    "PixelBandwidth": 710,
    "ProcedureStepDescription": "RESEARCH Oscar",
    "ProtocolName": "anat-T2w__space",
    "PulseSequenceDetails": "%SiemensSeq%\\space",
    "ReceiveCoilActiveElements": "HC1-7;NC1,2",
    "ReceiveCoilName": "HeadNeck_64",
    "ReconMatrixPE": 320,
    "RefLinesPE": 24,
    "RepetitionTime": 3.2,
    "SAR": 0.122995,
    "ScanOptions": "PFP\\PER",
    "ScanningSequence": "SE",
    "SequenceName": "*spcR_282ns",
    "SequenceVariant": "SP\\SK",
    "SeriesDescription": "anat-T2w__space_ND",
    "SeriesNumber": 23,
    "ShimSetting": [
      8228,
      -5666,
      -6274,
      307,
      -57,
      -153,
      48,
      21
    ],
    "SliceThickness": 0.8,
    "SoftwareVersions": "syngo MR XA30",
    "StationName": "LRG10884",
    "TxRefAmp": 247.393,
    "acquisition": "original",
    "dataset": "HCPh",
    "datatype": "anat",
    "extension": ".nii.gz",
    "modality": "T2w",
    "session": "20101060",
    "subject": "001",
    "suffix": "T2w"
  },
  "cjv": 1.4141132352941177,
  "cnr": 0.6597184986456752,
  "efc": 0.4885,
  "fber": -1.0,
  "fwhm_avg": 2.67978329340145,
  "fwhm_x": 2.5303999622941022,
  "fwhm_y": 2.9501624560391533,
  "fwhm_z": 2.5587874618710953,
  "icvs_csf": 0.27414421987002907,
  "icvs_gm": 0.35035548821189577,
  "icvs_wm": 0.3755002919180752,
  "inu_med": 0.9974285960197449,
  "inu_range": 0.3292065501213074,
  "provenance": {
    "md5sum": "16521d0f784ab1ab25262e5eb43b4732",
    "settings": {
      "testing": false
    },
    "software": "mriqc",
    "version": "24.0.1",
    "warnings": {
      "large_rot_frame": true,
      "small_air_mask": false
    }
  },
  "qi_1": 0.0,
  "qi_2": 0.002299043945442963,
  "rpve_csf": 8.161788588247719,
  "rpve_gm": 7.996659070324206,
  "rpve_wm": 8.026901226019216,
  "size_x": 240,
  "size_y": 320,
  "size_z": 320,
  "snr_csf": 1.448573566962236,
  "snr_gm": 5.181990264388857,
  "snr_total": 4.443550312530007,
  "snr_wm": 6.700087106238928,
  "snrd_csf": 35.99100144167758,
  "snrd_gm": 31.840945609436435,
  "snrd_total": 31.602436653560503,
  "snrd_wm": 26.975362909567494,
  "spacing_x": 0.800000011920929,
  "spacing_y": 0.800000011920929,
  "spacing_z": 0.800000011920929,
  "summary_bg_k": 750.7032,
  "summary_bg_mad": 0.0,
  "summary_bg_mean": 4.7031,
  "summary_bg_median": 0.0,
  "summary_bg_n": 6580780.0,
  "summary_bg_p05": 0.0,
  "summary_bg_p95": 18.0,
  "summary_bg_stdv": 27.468,
  "summary_csf_k": -1.4022,
  "summary_csf_mad": 1679.8354,
  "summary_csf_mean": 1573.4002,
  "summary_csf_median": 1509.0,
  "summary_csf_n": 815693.3727819743,
  "summary_csf_p05": 76.0,
  "summary_csf_p95": 3328.0,
  "summary_csf_stdv": 1041.7138,
  "summary_gm_k": 56.6789,
  "summary_gm_mad": 156.5628,
  "summary_gm_mean": 1330.5684,
  "summary_gm_median": 1335.0,
  "summary_gm_n": 1042453.6763449733,
  "summary_gm_p05": 939.0,
  "summary_gm_p95": 1736.0,
  "summary_gm_stdv": 257.6229,
  "summary_wm_k": 96.4683,
  "summary_wm_mad": 131.9163,
  "summary_wm_mean": 1143.3923,
  "summary_wm_median": 1131.0,
  "summary_wm_n": 1117269.9528025186,
  "summary_wm_p05": 910.0,
  "summary_wm_p95": 1406.0,
  "summary_wm_stdv": 168.8037,
  "tpm_overlap_csf": 0.2086733193409959,
  "tpm_overlap_gm": 0.5182988230381379,
  "tpm_overlap_wm": 0.5319789235360403,
  "wm2max": 0.30270135103262585
}