{
  "bids_meta": {
    "AcquisitionMatrixPE": 252,
    "AcquisitionNumber": 1,
    "AcquisitionTime": "21:09:31.837500",
    "BaseResolution": 288,
    "BodyPartExamined": "BRAIN",
    "CoilCombinationMethod": "Adaptive Combine",
    "CoilString": "HeadNeck_64",
    "ConversionSoftware": "dcm2niix",
    "ConversionSoftwareVersion": "v1.0.20220720",
    "DeviceSerialNumber": "67014",
    "DwellTime": 6.7e-06,
    "EchoTime": 0.00255,
    "FileSize": 0.012026283890008926,
    "FileSizeUnits": "GB",
    "FlipAngle": 8,
    "HeudiconvVersion": "1.1.6.post8+ga0a3635",
    "ImageOrientationPatientDICOM": [
      1,
      -1.1103e-11,
      4e-06,
      -4.897e-12,
      1,
      4e-06
    ],
    "ImageType": [
      "ORIGINAL",
      "PRIMARY",
      "M",
      "NORM",
      "DIS2D",
      "FM3",
      "2",
      "FIL",
      "MFSPLIT"
    ],
    "ImageTypeText": [
      "ORIGINAL",
      "PRIMARY",
      "M",
      "NONE"
    ],
    "ImagingFrequency": 123.248,
    "InPlanePhaseEncodingDirectionDICOM": "ROW",
    "InstitutionAddress": "Rue du Bugnon 21,Lausanne,District,CH,1011",
    "InstitutionName": "CHUV",
    "InversionTime": 0.9,
    "MRAcquisitionType": "3D",
    "MagneticFieldStrength": 3,
    "Manufacturer": "Siemens",
    "ManufacturersModelName": "MAGNETOM Prisma Fit",
    "MatrixCoilMode": "GRAPPA",
    "Modality": "MR",
    "NonlinearGradientCorrection": true,
    "NumberOfVolumes": 1,
    "ParallelReductionFactorInPlane": 2,
    "PartialFourier": 1,
    "PatientPosition": "HFS",
    "PercentPhaseFOV": 87.5,
    "PercentSampling": 100,
    "PhaseEncodingSteps": 252,
    "PhaseResolution": 1,
    "PixelBandwidth": 259,
    "ProcedureStepDescription": "RESEARCH Oscar",
    "ProtocolName": "anat-T1w__t1_mprage_tra_p2_iso_siemens_axial",
    "PulseSequenceDetails": "%SiemensSeq%\\tfl",
    "ReceiveCoilActiveElements": "HC1-7",
    "ReceiveCoilName": "HeadNeck_64",
    "ReconMatrixPE": 252,
    "RefLinesPE": 24,
    "RepetitionTime": 2.2,
    "SAR": 0.0392922,
    "ScanOptions": "PER",
    "ScanningSequence": "GR",
    "SequenceName": "*tfl3d1_16",
    "SequenceVariant": "SK",
    "SeriesDescription": "anat-T1w__t1_mprage_tra_p2_iso_siemens_axial",
    "SeriesNumber": 5,
    "ShimSetting": [
      8228,
      -5666,
      -6274,
      307,
      -57,
      -153,
      48,
      21
    ],
    "SliceThickness": 0.8,
    "SoftwareVersions": "syngo MR XA30",
    "StationName": "LRG10884",
    "TxRefAmp": 247.393,
    "acquisition": "undistorted",
    "dataset": "HCPh",
    "datatype": "anat",
    "extension": ".nii.gz",
    "modality": "T1w",
    "session": "20101060",
    "subject": "001",
    "suffix": "T1w"
  },
  "cjv": 0.6505468503937007,
  "cnr": 1.4391628451368863,
  "efc": 0.5409,
  "fber": 12264.5557,
  "fwhm_avg": 4.72572955626834,
  "fwhm_x": 4.34771129373662,
  "fwhm_y": 5.292927442668263,
  "fwhm_z": 4.536549932400138,
  "icvs_csf": 0.2763652534472482,
  "icvs_gm": 0.37516269601152025,
  "icvs_wm": 0.3484720505412316,
  "inu_med": 0.6018344759941101,
  "inu_range": 0.2667852967977524,
  "provenance": {
    "md5sum": "6009c98cbd4627fd1a38e6879e9454fb",
    "settings": {
      "testing": false
    },
    "software": "mriqc",
    "version": "24.0.1",
    "warnings": {
      "large_rot_frame": true,
      "small_air_mask": false
    }
  },
  "qi_1": 0.0,
  "qi_2": 0.001499013294061221,
  "rpve_csf": 4.547496960484871,
  "rpve_gm": 4.435150176996576,
  "rpve_wm": 4.514670842327949,
  "size_x": 252,
  "size_y": 288,
  "size_z": 192,
  "snr_csf": 1.5373217444919065,
  "snr_gm": 5.000567514996736,
  "snr_total": 5.250179968752125,
  "snr_wm": 9.212650646767731,
  "snrd_csf": 5.00796866380538,
  "snrd_gm": 10.988822959751296,
  "snrd_total": 10.345548853254002,
  "snrd_wm": 15.039854936205328,
  "spacing_x": 0.7986109852790833,
  "spacing_y": 0.7986109852790833,
  "spacing_z": 0.800000011920929,
  "summary_bg_k": 149.803,
  "summary_bg_mad": 0.0,
  "summary_bg_mean": 8.0006,
  "summary_bg_median": 0.0,
  "summary_bg_n": 4223801.0,
  "summary_bg_p05": 0.0,
  "summary_bg_p95": 16.0,
  "summary_bg_stdv": 41.0771,
  "summary_csf_k": -0.8602,
  "summary_csf_mad": 172.279,
  "summary_csf_mean": 329.3018,
  "summary_csf_median": 314.0,
  "summary_csf_n": 831121.5182856773,
  "summary_csf_p05": 25.0,
  "summary_csf_p95": 688.0,
  "summary_csf_stdv": 204.2512,
  "summary_gm_k": 0.0849,
  "summary_gm_mad": 89.1834,
  "summary_gm_mean": 690.2119,
  "summary_gm_median": 689.0,
  "summary_gm_n": 1128238.031459911,
  "summary_gm_p05": 462.0,
  "summary_gm_p95": 946.0,
  "summary_gm_stdv": 137.7843,
  "summary_wm_k": 0.4564,
  "summary_wm_mad": 76.0555,
  "summary_wm_mean": 918.8747,
  "summary_wm_median": 943.0,
  "summary_wm_n": 1047970.4525563088,
  "summary_wm_p05": 722.0,
  "summary_wm_p95": 1049.0,
  "summary_wm_stdv": 102.3592,
  "tpm_overlap_csf": 0.1847184098826599,
  "tpm_overlap_gm": 0.5425217278594409,
  "tpm_overlap_wm": 0.5478540612123941,
  "wm2max": 0.46732425452032406
}