{
  "aor": [
    0.001394795918367347,
    0.0015776530612244901,
    0.0017024489795918365,
    0.0019162244897959182
  ],
  "aqi": [
    0.003109596224489796,
    0.004351235204081633,
    0.007090729183673469,
    0.01265223469387755
  ],
  "bids_meta": {
    "AcquisitionDuration": 188.475,
    "AcquisitionMatrixPE": 96,
    "AcquisitionNumber": 1,
    "AcquisitionTime": "21:45:59.247500",
    "B0FieldSource": [
      "022pepolarbold",
      "022phasediff"
    ],
    "BandwidthPerPixelPhaseEncode": 37.879,
    "BaseResolution": 96,
    "BodyPartExamined": "BRAIN",
    "CoilCombinationMethod": "Sum of Squares",
    "CoilString": "HeadNeck_64",
    "ConversionSoftware": "dcm2niix",
    "ConversionSoftwareVersion": "v1.0.20220720",
    "DerivedVendorReportedEchoSpacing": 0.000549997,
    "DeviceSerialNumber": "67014",
    "DwellTime": 2.3e-6,
    "EchoNumber": 2,
    "EchoTime": 0.03304,
    "EchoTrainLength": 35,
    "EffectiveEchoSpacing": 0.000274998,
    "FileSize": 0.05500380974262953,
    "FileSizeUnits": "GB",
    "FlipAngle": 64,
    "HeudiconvVersion": "1.0.0",
    "ImageComments": "Unaliased MB4/PE4/LB",
    "ImageOrientationPatientDICOM": [
      0.999002,
      0.0331436,
      0.0299534,
      -0.0216239,
      0.945475,
      -0.324976
    ],
    "ImageType": [
      "ORIGINAL",
      "PRIMARY",
      "FMRI",
      "NONE"
    ],
    "ImageTypeText": [
      "ORIGINAL",
      "PRIMARY",
      "M",
      "MB",
      "TE2",
      "DIS2D"
    ],
    "ImagingFrequency": 123.248,
    "InPlanePhaseEncodingDirectionDICOM": "COL",
    "InstitutionAddress": "Rue du Bugnon 21,Lausanne,District,CH,1011",
    "InstitutionName": "CHUV",
    "MRAcquisitionType": "2D",
    "MTState": false,
    "MagneticFieldStrength": 3,
    "Manufacturer": "Siemens",
    "ManufacturersModelName": "MAGNETOM Prisma Fit",
    "MatrixCoilMode": "GRAPPA",
    "Modality": "MR",
    "MultibandAccelerationFactor": 4,
    "NonlinearGradientCorrection": true,
    "NumberOfVolumes": 99,
    "ParallelAcquisitionTechnique": "GRAPPA",
    "ParallelReductionFactorInPlane": 2,
    "PartialFourier": 0.75,
    "PartialFourierDirection": "PHASE",
    "PatientPosition": "HFS",
    "PercentPhaseFOV": 100,
    "PercentSampling": 100,
    "PhaseEchoTime1": 0.0126,
    "PhaseEchoTime2": 0.03304,
    "PhaseEncodingDirection": "j-",
    "PhaseResolution": 1,
    "PixelBandwidth": 2264,
    "ProcedureStepDescription": "https://www.axonlab.org/hcph-sops/",
    "ProtocolName": "func-bold_task-qct_dir-AP__cmrr_me4_sms4",
    "PulseSequenceDetails": "%CustomerSeq%\\cmrr_mbep2d_bold",
    "PulseSequenceName": "epfid2d4_96",
    "ReceiveCoilActiveElements": "HC1-7",
    "ReceiveCoilName": "HeadNeck_64",
    "ReconMatrixPE": 96,
    "RefLinesPE": 22,
    "RepetitionTime": 1.6,
    "ScanOptions": "PFP\\FS",
    "ScanningSequence": "EP",
    "SequenceVariant": "SK\\SS",
    "SeriesDescription": "func-bold_task-qct_dir-AP__cmrr_me4_sms4",
    "SeriesNumber": 13,
    "ShimSetting": [
      8240,
      -5627,
      -6005,
      652,
      -41,
      -221,
      39,
      35
    ],
    "SliceThickness": 2.2,
    "SliceTiming": [
      0,
      0.8425,
      0.105,
      0.9475,
      0.21,
      1.0525,
      0.315,
      1.1575,
      0.42,
      1.2625,
      0.525,
      1.37,
      0.6325,
      1.475,
      0.7375,
      0,
      0.8425,
      0.105,
      0.9475,
      0.21,
      1.0525,
      0.315,
      1.1575,
      0.42,
      1.2625,
      0.525,
      1.37,
      0.6325,
      1.475,
      0.7375,
      0,
      0.8425,
      0.105,
      0.9475,
      0.21,
      1.0525,
      0.315,
      1.1575,
      0.42,
      1.2625,
      0.525,
      1.37,
      0.6325,
      1.475,
      0.7375,
      0,
      0.8425,
      0.105,
      0.9475,
      0.21,
      1.0525,
      0.315,
      1.1575,
      0.42,
      1.2625,
      0.525,
      1.37,
      0.6325,
      1.475,
      0.7375
    ],
    "SoftwareVersions": "syngo MR XA30",
    "SpacingBetweenSlices": 2.2,
    "StationName": "LRG10884",
    "TaskName": "Quality Control Task (QCT)",
    "TotalReadoutTime": 0.0261249,
    "TxRefAmp": 247.75,
    "WipMemBlock": "b1ce2891-540a-4825-b58c-df4efa10a294||Sequence: R017 nxva30a/master r/d34922cc2+; Jun 27 2022 13:20:16 by eja",
    "dataset": "HCPh",
    "datatype": "func",
    "direction": "AP",
    "extension": ".nii.gz",
    "modality": "bold",
    "part": "mag",
    "session": "022",
    "subject": "001",
    "suffix": "bold",
    "task": "qct"
  },
  "dummy_trs": 1,
  "dvars_nstd": 40.46774201536081,
  "dvars_std": 1.0728714429896908,
  "dvars_vstd": 1.0355125624742267,
  "efc": 0.5143,
  "fber": 590.2234,
  "fd_mean": 0.128928717389598,
  "fd_num": 10,
  "fd_perc": 10.204081632653061,
  "fwhm_avg": 3.2084538972143144,
  "fwhm_x": 3.028217471805544,
  "fwhm_y": 3.426789743098437,
  "fwhm_z": 3.1703544767389626,
  "gcor": [
    0.0125695,
    0.0139322,
    0.0128142,
    0.0101298
  ],
  "gsr_x": 0.014371542260050774,
  "gsr_y": 0.031063249334692955,
  "provenance": {
    "md5sum": "e20a955a46e0216004d1eea5c0d81392",
    "settings": {
      "fd_thres": 0.2,
      "testing": false
    },
    "software": "mriqc",
    "version": "24.1.0.dev15+g9586c867.d20240825"
  },
  "size_t": 98,
  "size_x": 96,
  "size_y": 96,
  "size_z": 60,
  "snr": 1.9376623915056477,
  "spacing_tr": 1.600000023841858,
  "spacing_x": 2.197920083999634,
  "spacing_y": 2.197920083999634,
  "spacing_z": 2.200000047683716,
  "summary_bg_k": 31.174,
  "summary_bg_mad": 5.8094,
  "summary_bg_mean": 43.285,
  "summary_bg_median": 21.0,
  "summary_bg_n": 416649.0,
  "summary_bg_p05": 0.0,
  "summary_bg_p95": 159.0,
  "summary_bg_stdv": 72.4738,
  "summary_fg_k": 1.4697,
  "summary_fg_mad": 227.6551,
  "summary_fg_mean": 535.5918,
  "summary_fg_median": 515.0,
  "summary_fg_n": 136311.0,
  "summary_fg_p05": 89.0,
  "summary_fg_p95": 994.0,
  "summary_fg_stdv": 265.7832,
  "tsnr": 36.06716127996333
}
