{
  "aor": [
    0.0007070761014686249,
    0.0007188384512683579,
    0.0007986381842456609
  ],
  "aqi": [
    0.009919716261682244,
    0.01623781702269693,
    0.029904488117489986
  ],
  "bids_meta": {
    "AcquisitionDuration": 1230.47,
    "AcquisitionMatrixPE": 96,
    "AcquisitionNumber": 1,
    "AcquisitionTime": "21:30:38.235000",
    "BandwidthPerPixelPhaseEncode": 32.051,
    "BaseResolution": 96,
    "BodyPartExamined": "BRAIN",
    "CogAtlasID": "https://www.cognitiveatlas.org/task/id/trm_4c8a834779883/",
    "CoilCombinationMethod": "Sum of Squares",
    "CoilString": "HeadNeck_64_CS",
    "ConversionSoftware": "dcm2niix",
    "ConversionSoftwareVersion": "v1.0.20220720",
    "DerivedVendorReportedEchoSpacing": 0.000650006,
    "DeviceSerialNumber": "176240",
    "DwellTime": 2.4e-6,
    "EchoNumber": 1,
    "EchoTime": 0.0132,
    "EchoTrainLength": 35,
    "EffectiveEchoSpacing": 0.000325003,
    "FileSize": 0.4431990096345544,
    "FileSizeUnits": "GB",
    "FlipAngle": 64,
    "HeudiconvVersion": "1.1.6.post8+ga0a3635",
    "ImageComments": "Unaliased MB4/PE4/LB",
    "ImageOrientationPatientDICOM": [
      0.999426,
      0.0321853,
      0.0105869,
      -0.0240764,
      0.894483,
      -0.446454
    ],
    "ImageType": [
      "ORIGINAL",
      "PRIMARY",
      "FMRI",
      "NONE"
    ],
    "ImageTypeText": [
      "ORIGINAL",
      "PRIMARY",
      "M",
      "MB",
      "TE1",
      "DIS2D"
    ],
    "ImagingFrequency": 123.261,
    "InPlanePhaseEncodingDirectionDICOM": "COL",
    "InstitutionAddress": "Rue de Bugnon 46,Lausanne,,CH,1011",
    "InstitutionName": "Radiologie-CHUV",
    "MRAcquisitionType": "2D",
    "MTState": false,
    "MagneticFieldStrength": 3,
    "Manufacturer": "Siemens",
    "ManufacturersModelName": "MAGNETOM Vida",
    "MatrixCoilMode": "GRAPPA",
    "Modality": "MR",
    "MultibandAccelerationFactor": 4,
    "NonlinearGradientCorrection": true,
    "NumberOfVolumes": 750,
    "ParallelAcquisitionTechnique": "GRAPPA",
    "ParallelReductionFactorInPlane": 2,
    "PartialFourier": 0.75,
    "PartialFourierDirection": "PHASE",
    "PatientPosition": "HFS",
    "PercentPhaseFOV": 100,
    "PercentSampling": 100,
    "PhaseEncodingDirection": "j-",
    "PhaseResolution": 1,
    "PixelBandwidth": 2170,
    "ProcedureStepDescription": "Research Oscar",
    "ProtocolName": "func-bold_task-rest_dir-AP__cmrr_me4_s",
    "PulseSequenceDetails": "%CustomerSeq%\\cmrr_mbep2d_bold",
    "PulseSequenceName": "epfid2d3_96",
    "ReceiveCoilActiveElements": "HC1-7;NC1",
    "ReceiveCoilName": "HeadNeck_64_CS",
    "ReconMatrixPE": 96,
    "RefLinesPE": 22,
    "RepetitionTime": 1.6,
    "ScanOptions": "PFP\\FS",
    "ScanningSequence": "EP",
    "SequenceVariant": "SK\\SS",
    "SeriesDescription": "func-bold_task-rest_dir-AP__cmrr_me4_s",
    "SeriesNumber": 14,
    "ShimSetting": [
      -8754,
      8458,
      9524,
      654,
      -158,
      -95,
      259,
      199
    ],
    "SliceThickness": 2.2,
    "SliceTiming": [
      0,
      0.8425,
      0.105,
      0.9475,
      0.21,
      1.0525,
      0.315,
      1.1575,
      0.42,
      1.2625,
      0.5275,
      1.37,
      0.6325,
      1.475,
      0.7375,
      0,
      0.8425,
      0.105,
      0.9475,
      0.21,
      1.0525,
      0.315,
      1.1575,
      0.42,
      1.2625,
      0.5275,
      1.37,
      0.6325,
      1.475,
      0.7375,
      0,
      0.8425,
      0.105,
      0.9475,
      0.21,
      1.0525,
      0.315,
      1.1575,
      0.42,
      1.2625,
      0.5275,
      1.37,
      0.6325,
      1.475,
      0.7375,
      0,
      0.8425,
      0.105,
      0.9475,
      0.21,
      1.0525,
      0.315,
      1.1575,
      0.42,
      1.2625,
      0.5275,
      1.37,
      0.6325,
      1.475,
      0.7375
    ],
    "SoftwareVersions": "syngo MR XA50",
    "SpacingBetweenSlices": 2.2,
    "StationName": "LRG08892",
    "TaskName": "rest",
    "TotalReadoutTime": 0.0308753,
    "TxRefAmp": 315.02,
    "WipMemBlock": "c53657ac-f123-4551-81e4-d66e9f6f0ca4||Sequence: R017 nxva50a/main r/da4fca61d; Oct  3 2023 08:23:56 by eja",
    "dataset": "HCPh",
    "datatype": "func",
    "direction": "AP",
    "extension": ".nii.gz",
    "modality": "bold",
    "part": "mag",
    "session": "20903034",
    "subject": "001",
    "suffix": "bold",
    "task": "rest"
  },
  "dummy_trs": 1,
  "dvars_nstd": 39.34572027606951,
  "dvars_std": 1.0120043879010694,
  "dvars_vstd": 0.9943673122593583,
  "efc": 0.6028,
  "fber": 243.2176,
  "fd_mean": 0.09310236316563386,
  "fd_num": 27,
  "fd_perc": 3.6048064085447264,
  "fwhm_avg": 3.11386295744977,
  "fwhm_x": 2.816772113358163,
  "fwhm_y": 3.291971374515729,
  "fwhm_z": 3.232845384475418,
  "gcor": [
    0.00781854,
    0.00744267,
    0.00635114
  ],
  "gsr_x": -0.01493434701114893,
  "gsr_y": 0.09653113782405853,
  "provenance": {
    "md5sum": "370033934a9b4c0d2d77e67b42b6b0e0",
    "settings": {
      "fd_thres": 0.2,
      "testing": false
    },
    "software": "mriqc",
    "version": "24.1.0.dev15+g9586c867.d20240825"
  },
  "size_t": 749,
  "size_x": 96,
  "size_y": 96,
  "size_z": 60,
  "snr": 2.5604665690878656,
  "spacing_tr": 1.600000023841858,
  "spacing_x": 2.197920083999634,
  "spacing_y": 2.197920083999634,
  "spacing_z": 2.200000047683716,
  "summary_bg_k": 10.2968,
  "summary_bg_mad": 11.1225,
  "summary_bg_mean": 75.8861,
  "summary_bg_median": 29.0,
  "summary_bg_n": 416295.0,
  "summary_bg_p05": 0.0,
  "summary_bg_p95": 343.0,
  "summary_bg_stdv": 116.93,
  "summary_fg_k": 1.0233,
  "summary_fg_mad": 157.3835,
  "summary_fg_mean": 483.8113,
  "summary_fg_median": 460.0,
  "summary_fg_n": 136665.0,
  "summary_fg_p05": 228.0,
  "summary_fg_p95": 811.0,
  "summary_fg_stdv": 179.6541,
  "tsnr": 29.239511088933796
}
