{
  "NumberOfShells": 4,
  "bValues": [
    0.0,
    700.0,
    1000.0,
    2000.0,
    3000.0
  ],
  "bValuesEstimation": [
    700.0,
    1000.0,
    2000.0,
    3000.0
  ],
  "bdiffs_max": 0.3589,
  "bdiffs_mean": 0.2479,
  "bdiffs_median": 0.2751,
  "bdiffs_min": 0.0094,
  "bids_meta": {
    "AcquisitionMatrixPE": 146,
    "AcquisitionNumber": 1,
    "AcquisitionTime": "14:39:23.730000",
    "B0FieldSource": [
      "pilot007pepolarb0",
      "pilot007phasediff"
    ],
    "BandwidthPerPixelPhaseEncode": 19.569,
    "BaseResolution": 146,
    "BodyPartExamined": "BRAIN",
    "CoilCombinationMethod": "Adaptive Combine",
    "CoilString": "HeadNeck_64",
    "ConversionSoftware": "dcm2niix",
    "ConversionSoftwareVersion": "v1.0.20220720",
    "Deltas": [
      0.0233,
      0.0475
    ],
    "DerivedVendorReportedEchoSpacing": 0.000700017,
    "DeviceSerialNumber": "67014",
    "DiffusionScheme": "Monopolar",
    "DwellTime": 2.1e-6,
    "EchoTime": 0.098,
    "EchoTrainLength": 64,
    "EffectiveEchoSpacing": 0.000350008,
    "FileSize": 0.21689755748957396,
    "FileSizeUnits": "GB",
    "FlipAngle": 90,
    "HeudiconvVersion": "1.0.0",
    "ImageOrientationPatientDICOM": [
      0.99782,
      0.0277279,
      0.0598908,
      -0.0331011,
      0.99533,
      0.0906733
    ],
    "ImageType": [
      "ORIGINAL",
      "PRIMARY",
      "DIFFUSION",
      "NONE",
      "ND",
      "MFSPLIT"
    ],
    "ImageTypeText": [
      "ORIGINAL",
      "PRIMARY",
      "DIFFUSION",
      "NONE"
    ],
    "ImagingFrequency": 123.248,
    "InPlanePhaseEncodingDirectionDICOM": "COL",
    "InstitutionAddress": "Rue du Bugnon 21,Lausanne,District,CH,1011",
    "InstitutionName": "CHUV",
    "MRAcquisitionType": "2D",
    "MagneticFieldStrength": 3,
    "Manufacturer": "Siemens",
    "ManufacturersModelName": "MAGNETOM Prisma Fit",
    "Modality": "MR",
    "MultibandAccelerationFactor": 3,
    "NonlinearGradientCorrection": false,
    "NumberOfVolumes": 141,
    "ParallelReductionFactorInPlane": 2,
    "PartialFourier": 0.875,
    "PatientPosition": "HFS",
    "PercentPhaseFOV": 100,
    "PercentSampling": 100,
    "PhaseEncodingDirection": "j",
    "PhaseEncodingSteps": 146,
    "PhaseResolution": 1,
    "PixelBandwidth": 1631,
    "ProcedureStepDescription": "RESEARCH Oscar",
    "ProtocolName": "dwi-dwi_acq-highres_dir-PA__140dir_monopolar",
    "PulseSequenceDetails": "%SiemensSeq%\\ep2d_diff",
    "ReceiveCoilActiveElements": "HC1-7",
    "ReceiveCoilName": "HeadNeck_64",
    "ReconMatrixPE": 146,
    "RefLinesPE": 54,
    "RepetitionTime": 7.8,
    "SAR": 0.148185,
    "ScanOptions": "PFP\\FS\\PER",
    "ScanningSequence": "GR\\EP",
    "SequenceName": "*ep_b0",
    "SequenceVariant": "SK",
    "SeriesDescription": "dwi-dwi_acq-highres_dir-PA__140dir_monopolar",
    "SeriesNumber": 5,
    "ShimSetting": [
      8241,
      -5643,
      -6062,
      613,
      -11,
      -339,
      27,
      12
    ],
    "SliceThickness": 1.6,
    "SliceTiming": [
      0,
      6.1425,
      0.1375,
      6.2825,
      0.2775,
      6.4225,
      0.4175,
      6.5625,
      0.5575,
      6.7025,
      0.6975,
      6.8425,
      0.8375,
      6.98,
      0.9775,
      7.12,
      1.115,
      7.26,
      1.255,
      7.4,
      1.395,
      7.54,
      1.535,
      7.68,
      1.675,
      7.82,
      1.815,
      7.9575,
      1.955,
      8.0975,
      2.0925,
      8.2375,
      2.2325,
      8.3775,
      2.3725,
      8.5175,
      2.5125,
      8.6575,
      2.6525,
      8.795,
      2.7925,
      8.935,
      2.9325,
      9.075,
      3.07,
      9.215,
      3.21,
      9.355,
      3.35,
      9.495,
      3.49,
      9.635,
      3.63,
      9.7725,
      3.77,
      9.9125,
      3.91,
      10.0525,
      4.0475,
      10.1925,
      4.1875,
      10.3325,
      4.3275,
      10.4725,
      4.4675,
      10.6125,
      4.6075,
      10.75,
      4.7475,
      10.89,
      4.8875,
      11.03,
      5.025,
      11.17,
      5.165,
      11.31,
      5.305,
      11.45,
      5.445,
      11.59,
      5.585,
      11.7275,
      5.725,
      11.8675,
      5.865,
      12.0075,
      6.0025
    ],
    "SoftwareVersions": "syngo MR XA30",
    "SpacingBetweenSlices": 1.6,
    "StationName": "LRG10884",
    "TotalReadoutTime": 0.0507512,
    "TxRefAmp": 250.773,
    "VendorReportedEchoSpacing": 0.0007,
    "acquisition": "highres",
    "dataset": "HCPh",
    "datatype": "dwi",
    "direction": "PA",
    "extension": ".nii.gz",
    "modality": "dwi",
    "session": "pilot007",
    "subject": "001",
    "suffix": "dwi"
  },
  "efc_shell01": 0.3734,
  "efc_shell02": 0.4737,
  "efc_shell03": 0.4816,
  "efc_shell04": 0.5359,
  "efc_shell05": 0.5857,
  "fa_degenerate": 0.0,
  "fa_nans": 0.0,
  "fber_shell01": 1497.5055,
  "fber_shell02": 513.475,
  "fber_shell03": 378.0084,
  "fber_shell04": 118.8726,
  "fber_shell05": 53.9008,
  "fd_mean": 7.912,
  "fd_num": 140,
  "fd_perc": 99.29078014184397,
  "ndc": 0.733,
  "provenance": {
    "md5sum": "8d162c8860f57cf42500c4d7c7f7eb45",
    "settings": {
      "testing": false
    },
    "software": "mriqc",
    "version": "24.1.0.dev15+g9586c867.d20240825"
  },
  "sigma_cc": 35.5825,
  "sigma_pca": 15.4084,
  "sigma_piesno": 1.3206,
  "snr_cc_shell0": 4.45,
  "snr_cc_shell1_best": 4.44,
  "snr_cc_shell1_worst": 4.44,
  "snr_cc_shell2_best": 2.82,
  "snr_cc_shell2_worst": 2.53,
  "snr_cc_shell3_best": 2.64,
  "snr_cc_shell3_worst": 1.46,
  "snr_cc_shell4_best": 1.75,
  "snr_cc_shell4_worst": 1.52,
  "spikes_global": 66.06,
  "spikes_slice_i": 327.19,
  "spikes_slice_j": 309.33,
  "spikes_slice_k": 365.66,
  "summary_bg_k": 948.4746,
  "summary_bg_mad": 7.413,
  "summary_bg_mean": 24.8532,
  "summary_bg_median": 8.0,
  "summary_bg_n": 1507700.0,
  "summary_bg_p05": 2.0,
  "summary_bg_p95": 96.0,
  "summary_bg_stdv": 97.864,
  "summary_fg_k": 8.2067,
  "summary_fg_mad": 167.5341,
  "summary_fg_mean": 394.6513,
  "summary_fg_median": 299.0,
  "summary_fg_n": 346792.0,
  "summary_fg_p05": 98.0,
  "summary_fg_p95": 1064.0,
  "summary_fg_stdv": 319.8695,
  "summary_wm_k": 41.8784,
  "summary_wm_mad": 78.5779,
  "summary_wm_mean": 217.8052,
  "summary_wm_median": 210.0,
  "summary_wm_n": 119364.0,
  "summary_wm_p05": 75.0,
  "summary_wm_p95": 376.0,
  "summary_wm_stdv": 108.4936
}
