{
  "aor": [
    0.0009403061224489796,
    0.0009790816326530614,
    0.0011043877551020409,
    0.0013170408163265305
  ],
  "aqi": [
    0.004347698469387756,
    0.006633975102040816,
    0.010192059387755102,
    0.01628719387755102
  ],
  "bids_meta": {
    "AcquisitionDuration": 188.475,
    "AcquisitionMatrixPE": 76,
    "AcquisitionNumber": 1,
    "AcquisitionTime": "20:14:57.040000",
    "B0FieldSource": [
      "025pepolarbold",
      "025phasediff"
    ],
    "BandwidthPerPixelPhaseEncode": 40.486,
    "BaseResolution": 102,
    "BodyPartExamined": "BRAIN",
    "CoilCombinationMethod": "Sum of Squares",
    "CoilString": "HeadNeck_64",
    "ConversionSoftware": "dcm2niix",
    "ConversionSoftwareVersion": "v1.0.20220720",
    "DerivedVendorReportedEchoSpacing": 0.000649997,
    "DeviceSerialNumber": "67014",
    "DwellTime": 2.5e-6,
    "EchoNumber": 1,
    "EchoTime": 0.0126,
    "EchoTrainLength": 28,
    "EffectiveEchoSpacing": 0.000324999,
    "FileSize": 0.057469118386507034,
    "FileSizeUnits": "GB",
    "FlipAngle": 64,
    "HeudiconvVersion": "1.0.0",
    "ImageComments": "Unaliased MB4/PE4/LB",
    "ImageOrientationPatientDICOM": [
      0.998899,
      0.0365258,
      0.029449,
      -0.0240637,
      0.937651,
      -0.346745
    ],
    "ImageType": [
      "ORIGINAL",
      "PRIMARY",
      "FMRI",
      "NONE"
    ],
    "ImageTypeText": [
      "ORIGINAL",
      "PRIMARY",
      "M",
      "MB",
      "TE1",
      "DIS2D"
    ],
    "ImagingFrequency": 123.248,
    "InPlanePhaseEncodingDirectionDICOM": "ROW",
    "InstitutionAddress": "Rue du Bugnon 21,Lausanne,District,CH,1011",
    "InstitutionName": "CHUV",
    "MRAcquisitionType": "2D",
    "MTState": false,
    "MagneticFieldStrength": 3,
    "Manufacturer": "Siemens",
    "ManufacturersModelName": "MAGNETOM Prisma Fit",
    "MatrixCoilMode": "GRAPPA",
    "Modality": "MR",
    "MultibandAccelerationFactor": 4,
    "NonlinearGradientCorrection": true,
    "NumberOfVolumes": 99,
    "ParallelAcquisitionTechnique": "GRAPPA",
    "ParallelReductionFactorInPlane": 2,
    "PartialFourier": 0.75,
    "PartialFourierDirection": "PHASE",
    "PatientPosition": "HFS",
    "PercentPhaseFOV": 74.5098,
    "PercentSampling": 100,
    "PhaseEchoTime1": 0.0126,
    "PhaseEchoTime2": 0.0322,
    "PhaseEncodingDirection": "i",
    "PhaseResolution": 1,
    "PixelBandwidth": 1961,
    "ProcedureStepDescription": "https://www.axonlab.org/hcph-sops/",
    "ProtocolName": "func-bold_task-qct_dir-RL__cmrr_me4_sms4",
    "PulseSequenceDetails": "%CustomerSeq%\\cmrr_mbep2d_bold",
    "PulseSequenceName": "epfid2d4_76",
    "ReceiveCoilActiveElements": "HC1-7",
    "ReceiveCoilName": "HeadNeck_64",
    "ReconMatrixPE": 76,
    "RefLinesPE": 18,
    "RepetitionTime": 1.6,
    "ScanOptions": "PFP\\FS",
    "ScanningSequence": "EP",
    "SequenceVariant": "SK\\SS\\OSP",
    "SeriesDescription": "func-bold_task-qct_dir-RL__cmrr_me4_sms4",
    "SeriesNumber": 13,
    "ShimSetting": [
      8232,
      -5616,
      -6007,
      662,
      -16,
      -135,
      12,
      28
    ],
    "SliceThickness": 2.2,
    "SliceTiming": [
      0,
      0.8425,
      0.105,
      0.9475,
      0.21,
      1.0525,
      0.315,
      1.1575,
      0.42,
      1.2625,
      0.525,
      1.3675,
      0.63,
      1.4725,
      0.735,
      0,
      0.8425,
      0.105,
      0.9475,
      0.21,
      1.0525,
      0.315,
      1.1575,
      0.42,
      1.2625,
      0.525,
      1.3675,
      0.63,
      1.4725,
      0.735,
      0,
      0.8425,
      0.105,
      0.9475,
      0.21,
      1.0525,
      0.315,
      1.1575,
      0.42,
      1.2625,
      0.525,
      1.3675,
      0.63,
      1.4725,
      0.735,
      0,
      0.8425,
      0.105,
      0.9475,
      0.21,
      1.0525,
      0.315,
      1.1575,
      0.42,
      1.2625,
      0.525,
      1.3675,
      0.63,
      1.4725,
      0.735
    ],
    "SoftwareVersions": "syngo MR XA30",
    "SpacingBetweenSlices": 2.2,
    "StationName": "LRG10884",
    "TaskName": "Quality Control Task (QCT)",
    "TotalReadoutTime": 0.0243749,
    "TxRefAmp": 244.279,
    "WipMemBlock": "bca9f137-55a3-4d36-aa43-5dcf3cf7b2e2||Sequence: R017 nxva30a/master r/d34922cc2+; Jun 27 2022 13:20:16 by eja",
    "dataset": "HCPh",
    "datatype": "func",
    "direction": "RL",
    "extension": ".nii.gz",
    "modality": "bold",
    "part": "mag",
    "session": "025",
    "subject": "001",
    "suffix": "bold",
    "task": "qct"
  },
  "dummy_trs": 1,
  "dvars_nstd": 38.59398293237112,
  "dvars_std": 1.0528765251546393,
  "dvars_vstd": 1.0310654632989693,
  "efc": 0.6525,
  "fber": 130.5021,
  "fd_mean": 0.08778170856766278,
  "fd_num": 4,
  "fd_perc": 4.081632653061225,
  "fwhm_avg": 3.5518414730526864,
  "fwhm_x": 3.4406215189164033,
  "fwhm_y": 3.5092984351039247,
  "fwhm_z": 3.705604465137731,
  "gcor": [
    0.00561786,
    0.0100002,
    0.00969707,
    0.00816356
  ],
  "gsr_x": 0.13278158009052277,
  "gsr_y": 0.017074938863515854,
  "provenance": {
    "md5sum": "06c749878b43210a916c6298816968fb",
    "settings": {
      "fd_thres": 0.2,
      "testing": false
    },
    "software": "mriqc",
    "version": "24.1.0.dev15+g9586c867.d20240825"
  },
  "size_t": 98,
  "size_x": 76,
  "size_y": 102,
  "size_z": 60,
  "snr": 2.5247100578887025,
  "spacing_tr": 1.600000023841858,
  "spacing_x": 2.196079969406128,
  "spacing_y": 2.196079969406128,
  "spacing_z": 2.200000047683716,
  "summary_bg_k": 6.0986,
  "summary_bg_mad": 65.5522,
  "summary_bg_mean": 171.9149,
  "summary_bg_median": 71.0,
  "summary_bg_n": 329951.0,
  "summary_bg_p05": 0.0,
  "summary_bg_p95": 723.0,
  "summary_bg_stdv": 240.7197,
  "summary_fg_k": 1.0617,
  "summary_fg_mad": 308.941,
  "summary_fg_mean": 843.1543,
  "summary_fg_median": 812.0,
  "summary_fg_n": 135169.0,
  "summary_fg_p05": 388.0,
  "summary_fg_p95": 1396.0,
  "summary_fg_stdv": 321.6199,
  "tsnr": 37.16767527279444
}
