{
  "NumberOfShells": 4,
  "bValues": [
    0.0,
    700.0,
    1000.0,
    2000.0,
    3000.0
  ],
  "bValuesEstimation": [
    700.0,
    1000.0,
    2000.0,
    3000.0
  ],
  "bdiffs_max": 0.2466,
  "bdiffs_mean": 0.0463,
  "bdiffs_median": 0.0155,
  "bdiffs_min": 0.0011,
  "bids_meta": {
    "AcquisitionMatrixPE": 146,
    "AcquisitionNumber": 1,
    "AcquisitionTime": "23:14:55.437500",
    "BandwidthPerPixelPhaseEncode": 14.573,
    "BaseResolution": 146,
    "BodyPartExamined": "BRAIN",
    "CoilCombinationMethod": "Adaptive Combine",
    "CoilString": "HeadNeck_64",
    "ConversionSoftware": "dcm2niix",
    "ConversionSoftwareVersion": "v1.0.20220720",
    "Deltas": [
      0.0233,
      0.0475
    ],
    "DerivedVendorReportedEchoSpacing": 0.000940001,
    "DeviceSerialNumber": "67014",
    "DiffusionScheme": "Monopolar",
    "DwellTime": 2.1e-6,
    "EchoTime": 0.121,
    "EchoTrainLength": 64,
    "EffectiveEchoSpacing": 0.00047,
    "FileSize": 0.4224363500252366,
    "FileSizeUnits": "GB",
    "FlipAngle": 90,
    "HeudiconvVersion": "1.1.6.post8+ga0a3635",
    "ImageOrientationPatientDICOM": [
      0.999778,
      0.0125583,
      0.0169132,
      -0.0038389,
      0.898046,
      -0.439885
    ],
    "ImageType": [
      "ORIGINAL",
      "PRIMARY",
      "DIFFUSION",
      "NONE",
      "ND",
      "MFSPLIT"
    ],
    "ImageTypeText": [
      "ORIGINAL",
      "PRIMARY",
      "DIFFUSION",
      "NONE"
    ],
    "ImagingFrequency": 123.248,
    "InPlanePhaseEncodingDirectionDICOM": "COL",
    "InstitutionAddress": "Rue du Bugnon 21,Lausanne,District,CH,1011",
    "InstitutionName": "CHUV",
    "MRAcquisitionType": "2D",
    "MagneticFieldStrength": 3,
    "Manufacturer": "Siemens",
    "ManufacturersModelName": "MAGNETOM Prisma Fit",
    "Modality": "MR",
    "MultibandAccelerationFactor": 3,
    "NonlinearGradientCorrection": false,
    "NumberOfVolumes": 280,
    "ParallelReductionFactorInPlane": 2,
    "PartialFourier": 0.875,
    "PatientPosition": "HFS",
    "PercentPhaseFOV": 100,
    "PercentSampling": 100,
    "PhaseEncodingDirection": "j-",
    "PhaseEncodingSteps": 146,
    "PhaseResolution": 1,
    "PixelBandwidth": 1631,
    "ProcedureStepDescription": "RESEARCH Oscar",
    "ProtocolName": "dwi-dwi_acq-highres_dir-AP__trigger_monopolar",
    "PulseSequenceDetails": "%CustomerSeq%\\ep2d_diff_trigg",
    "ReceiveCoilActiveElements": "HC1-7;NC1",
    "ReceiveCoilName": "HeadNeck_64",
    "ReconMatrixPE": 146,
    "RefLinesPE": 54,
    "RepetitionTime": 7,
    "SAR": 0.15237,
    "ScanOptions": "PFP\\FS\\PER",
    "ScanningSequence": "GR\\EP",
    "SequenceName": "ep_b0",
    "SequenceVariant": "SK",
    "SeriesDescription": "dwi-dwi_acq-highres_dir-AP__trigger_monopolar",
    "SeriesNumber": 22,
    "ShimSetting": [
      8244,
      -5650,
      -5982,
      747,
      -78,
      -231,
      -97,
      60
    ],
    "SliceThickness": 1.6,
    "SliceTiming": [
      0,
      7.5625,
      0.1725,
      7.735,
      0.345,
      7.905,
      0.5175,
      8.0775,
      0.6875,
      8.25,
      0.86,
      8.42,
      1.0325,
      8.5925,
      1.205,
      8.765,
      1.375,
      8.9375,
      1.5475,
      9.1075,
      1.72,
      9.28,
      1.89,
      9.4525,
      2.0625,
      9.625,
      2.235,
      9.795,
      2.4075,
      9.9675,
      2.5775,
      10.14,
      2.75,
      10.3125,
      2.9225,
      10.4825,
      3.095,
      10.655,
      3.265,
      10.8275,
      3.4375,
      11,
      3.61,
      11.17,
      3.7825,
      11.3425,
      3.9525,
      11.515,
      4.125,
      11.685,
      4.2975,
      11.8575,
      4.47,
      12.03,
      4.64,
      12.2025,
      4.8125,
      12.3725,
      4.985,
      12.545,
      5.155,
      12.7175,
      5.3275,
      12.89,
      5.5,
      13.06,
      5.6725,
      13.2325,
      5.8425,
      13.405,
      6.015,
      13.5775,
      6.1875,
      13.7475,
      6.36,
      13.92,
      6.53,
      14.0925,
      6.7025,
      14.2625,
      6.875,
      14.435,
      7.0475,
      14.6075,
      7.2175,
      14.78,
      7.39
    ],
    "SoftwareVersions": "syngo MR XA30",
    "SpacingBetweenSlices": 1.6,
    "StationName": "LRG10884",
    "TotalReadoutTime": 0.0681501,
    "TxRefAmp": 246.934,
    "VendorReportedEchoSpacing": 0.00094,
    "acquisition": "highres",
    "dataset": "HCPh",
    "datatype": "dwi",
    "direction": "AP",
    "extension": ".nii.gz",
    "modality": "dwi",
    "session": "21202060",
    "subject": "001",
    "suffix": "dwi"
  },
  "efc_shell01": 0.3612,
  "efc_shell02": 0.5026,
  "efc_shell03": 0.5284,
  "efc_shell04": 0.589,
  "efc_shell05": 0.6307,
  "fa_degenerate": 0.0,
  "fa_nans": 0.0,
  "fber_shell01": 942.6469,
  "fber_shell02": 293.8099,
  "fber_shell03": 178.0018,
  "fber_shell04": 52.9231,
  "fber_shell05": 28.5992,
  "fd_mean": 9.295,
  "fd_num": 279,
  "fd_perc": 99.64285714285714,
  "ndc": 0.3188,
  "provenance": {
    "md5sum": "1ecf57fddd542157705fc803589593df",
    "settings": {
      "testing": false
    },
    "software": "mriqc",
    "version": "24.1.0.dev15+g9586c867.d20240825"
  },
  "sigma_cc": 31.1346,
  "sigma_pca": 14.6086,
  "sigma_piesno": 1.6508,
  "snr_cc_shell0": 3.92,
  "snr_cc_shell1_best": 3.99,
  "snr_cc_shell1_worst": 3.99,
  "snr_cc_shell2_best": 2.71,
  "snr_cc_shell2_worst": 1.72,
  "snr_cc_shell3_best": 1.96,
  "snr_cc_shell3_worst": 1.54,
  "snr_cc_shell4_best": 1.08,
  "snr_cc_shell4_worst": 1.04,
  "spikes_global": 34.97,
  "spikes_slice_i": 209.47,
  "spikes_slice_j": 201.04,
  "spikes_slice_k": 214.63,
  "summary_bg_k": 230.5223,
  "summary_bg_mad": 5.9304,
  "summary_bg_mean": 19.7481,
  "summary_bg_median": 7.0,
  "summary_bg_n": 1483943.0,
  "summary_bg_p05": 2.0,
  "summary_bg_p95": 65.0,
  "summary_bg_stdv": 58.9608,
  "summary_fg_k": 13.0701,
  "summary_fg_mad": 130.469,
  "summary_fg_mean": 326.1865,
  "summary_fg_median": 220.0,
  "summary_fg_n": 370549.0,
  "summary_fg_p05": 70.0,
  "summary_fg_p95": 994.0,
  "summary_fg_stdv": 327.4143,
  "summary_wm_k": 30.9445,
  "summary_wm_mad": 60.7867,
  "summary_wm_mean": 170.8931,
  "summary_wm_median": 160.0,
  "summary_wm_n": 122053.0,
  "summary_wm_p05": 64.0,
  "summary_wm_p95": 308.0,
  "summary_wm_stdv": 88.0382
}
