{
  "bids_meta": {
    "AcquisitionMatrixPE": 320,
    "AcquisitionNumber": 1,
    "AcquisitionTime": "01:02:45.005000",
    "BaseResolution": 320,
    "BodyPartExamined": "BRAIN",
    "CoilCombinationMethod": "Adaptive Combine",
    "CoilString": "HeadNeck_64",
    "ConversionSoftware": "dcm2niix",
    "ConversionSoftwareVersion": "v1.0.20220720",
    "DeviceSerialNumber": "67014",
    "DwellTime": 2.2e-6,
    "EchoTime": 0.413,
    "EchoTrainLength": 248,
    "FileSize": 0.01598130166530609,
    "FileSizeUnits": "GB",
    "FlipAngle": 120,
    "HeudiconvVersion": "1.1.6.post8+ga0a3635",
    "ImageOrientationPatientDICOM": [
      -0.0208716,
      0.983766,
      0.178239,
      0.0198646,
      0.17865,
      -0.983712
    ],
    "ImageType": [
      "ORIGINAL",
      "PRIMARY",
      "M",
      "ND",
      "NORM",
      "MFSPLIT"
    ],
    "ImageTypeText": [
      "ORIGINAL",
      "PRIMARY",
      "M",
      "NONE"
    ],
    "ImagingFrequency": 123.248,
    "InPlanePhaseEncodingDirectionDICOM": "ROW",
    "InstitutionAddress": "Rue du Bugnon 21,Lausanne,District,CH,1011",
    "InstitutionName": "CHUV",
    "MRAcquisitionType": "3D",
    "MagneticFieldStrength": 3,
    "Manufacturer": "Siemens",
    "ManufacturersModelName": "MAGNETOM Prisma Fit",
    "MatrixCoilMode": "GRAPPA",
    "Modality": "MR",
    "NonlinearGradientCorrection": false,
    "NumberOfVolumes": 1,
    "ParallelReductionFactorInPlane": 3,
    "PartialFourier": 1,
    "PatientPosition": "HFS",
    "PercentPhaseFOV": 100,
    "PercentSampling": 100,
    "PhaseEncodingDirection": "i",
    "PhaseEncodingSteps": 320,
    "PhaseResolution": 1,
    "PixelBandwidth": 710,
    "ProcedureStepDescription": "RESEARCH Oscar",
    "ProtocolName": "anat-T2w__space",
    "PulseSequenceDetails": "%SiemensSeq%\\space",
    "ReceiveCoilActiveElements": "HC1-7;NC1,2",
    "ReceiveCoilName": "HeadNeck_64",
    "ReconMatrixPE": 320,
    "RefLinesPE": 24,
    "RepetitionTime": 3.2,
    "SAR": 0.120689,
    "ScanOptions": "PFP\\PER",
    "ScanningSequence": "SE",
    "SequenceName": "*spcR_282ns",
    "SequenceVariant": "SP\\SK",
    "SeriesDescription": "anat-T2w__space_ND",
    "SeriesNumber": 23,
    "ShimSetting": [
      8228,
      -5666,
      -6274,
      307,
      -57,
      -153,
      48,
      21
    ],
    "SliceThickness": 0.8,
    "SoftwareVersions": "syngo MR XA30",
    "StationName": "LRG10884",
    "TxRefAmp": 245.34,
    "acquisition": "original",
    "dataset": "HCPh",
    "datatype": "anat",
    "extension": ".nii.gz",
    "modality": "T2w",
    "session": "20702060",
    "subject": "001",
    "suffix": "T2w"
  },
  "cjv": 1.415445,
  "cnr": 0.6558585723749262,
  "efc": 0.4945,
  "fber": -1.0,
  "fwhm_avg": 2.6897749599192298,
  "fwhm_x": 2.5428499621085825,
  "fwhm_y": 2.9555124559594326,
  "fwhm_z": 2.5709624616896742,
  "icvs_csf": 0.27614502608614405,
  "icvs_gm": 0.35027897086865023,
  "icvs_wm": 0.3735760030452057,
  "inu_med": 0.9784710705280304,
  "inu_range": 0.36451496183872223,
  "provenance": {
    "md5sum": "700d546e57e0c7e195b07a57da1c362e",
    "settings": {
      "testing": false
    },
    "software": "mriqc",
    "version": "24.1.0.dev15+g9586c867.d20240825",
    "warnings": {
      "large_rot_frame": true,
      "small_air_mask": false
    }
  },
  "qi_1": 0.0,
  "qi_2": 0.0027724830484467874,
  "rpve_csf": 8.151003913928594,
  "rpve_gm": 7.987572805145353,
  "rpve_wm": 8.017729629539009,
  "size_x": 240,
  "size_y": 320,
  "size_z": 320,
  "snr_csf": 1.4594710610489496,
  "snr_gm": 5.234101076399976,
  "snr_total": 4.460613261942497,
  "snr_wm": 6.688267648378566,
  "snrd_csf": 35.025651072343784,
  "snrd_gm": 31.43997425070046,
  "snrd_total": 31.052119583458687,
  "snrd_wm": 26.690733427331807,
  "spacing_x": 0.800000011920929,
  "spacing_y": 0.800000011920929,
  "spacing_z": 0.800000011920929,
  "summary_bg_k": 964.8019,
  "summary_bg_mad": 0.0,
  "summary_bg_mean": 3.8972,
  "summary_bg_median": 0.0,
  "summary_bg_n": 6718941.0,
  "summary_bg_p05": 0.0,
  "summary_bg_p95": 18.0,
  "summary_bg_stdv": 27.5891,
  "summary_csf_k": -1.3955,
  "summary_csf_mad": 1612.3715,
  "summary_csf_mean": 1534.7812,
  "summary_csf_median": 1475.0,
  "summary_csf_n": 822554.8465822786,
  "summary_csf_p05": 81.0,
  "summary_csf_p95": 3246.0,
  "summary_csf_stdv": 1010.6395,
  "summary_gm_k": 54.592,
  "summary_gm_mad": 152.6898,
  "summary_gm_mean": 1320.8963,
  "summary_gm_median": 1324.0,
  "summary_gm_n": 1043378.072846332,
  "summary_gm_p05": 935.0,
  "summary_gm_p95": 1720.0,
  "summary_gm_stdv": 252.9564,
  "summary_wm_k": 99.1886,
  "summary_wm_mad": 130.3992,
  "summary_wm_mean": 1135.5656,
  "summary_wm_median": 1124.0,
  "summary_wm_n": 1112773.0824158,
  "summary_wm_p05": 902.0,
  "summary_wm_p95": 1395.0,
  "summary_wm_stdv": 168.0554,
  "tpm_overlap_csf": 0.20585051394939852,
  "tpm_overlap_gm": 0.5167960145803877,
  "tpm_overlap_wm": 0.5290573558559784,
  "wm2max": 0.30686419965443845
}
