{
  "bids_meta": {
    "AcquisitionMatrixPE": 320,
    "AcquisitionNumber": 1,
    "AcquisitionTime": "01:02:45.005000",
    "BaseResolution": 320,
    "BodyPartExamined": "BRAIN",
    "CoilCombinationMethod": "Adaptive Combine",
    "CoilString": "HeadNeck_64",
    "ConversionSoftware": "dcm2niix",
    "ConversionSoftwareVersion": "v1.0.20220720",
    "DeviceSerialNumber": "67014",
    "DwellTime": 2.2e-6,
    "EchoTime": 0.413,
    "EchoTrainLength": 248,
    "FileSize": 0.0151161327958107,
    "FileSizeUnits": "GB",
    "FlipAngle": 120,
    "HeudiconvVersion": "1.1.6.post8+ga0a3635",
    "ImageOrientationPatientDICOM": [
      -0.0208716,
      0.983766,
      0.178239,
      0.0198646,
      0.17865,
      -0.983712
    ],
    "ImageType": [
      "ORIGINAL",
      "PRIMARY",
      "M",
      "NORM",
      "DIS3D",
      "MFSPLIT"
    ],
    "ImageTypeText": [
      "ORIGINAL",
      "PRIMARY",
      "M",
      "NONE"
    ],
    "ImagingFrequency": 123.248,
    "InPlanePhaseEncodingDirectionDICOM": "ROW",
    "InstitutionAddress": "Rue du Bugnon 21,Lausanne,District,CH,1011",
    "InstitutionName": "CHUV",
    "MRAcquisitionType": "3D",
    "MagneticFieldStrength": 3,
    "Manufacturer": "Siemens",
    "ManufacturersModelName": "MAGNETOM Prisma Fit",
    "MatrixCoilMode": "GRAPPA",
    "Modality": "MR",
    "NonlinearGradientCorrection": true,
    "NumberOfVolumes": 1,
    "ParallelReductionFactorInPlane": 3,
    "PartialFourier": 1,
    "PatientPosition": "HFS",
    "PercentPhaseFOV": 100,
    "PercentSampling": 100,
    "PhaseEncodingDirection": "i",
    "PhaseEncodingSteps": 320,
    "PhaseResolution": 1,
    "PixelBandwidth": 710,
    "ProcedureStepDescription": "RESEARCH Oscar",
    "ProtocolName": "anat-T2w__space",
    "PulseSequenceDetails": "%SiemensSeq%\\space",
    "ReceiveCoilActiveElements": "HC1-7;NC1,2",
    "ReceiveCoilName": "HeadNeck_64",
    "ReconMatrixPE": 320,
    "RefLinesPE": 24,
    "RepetitionTime": 3.2,
    "SAR": 0.120689,
    "ScanOptions": "PFP\\PER",
    "ScanningSequence": "SE",
    "SequenceName": "*spcR_282ns",
    "SequenceVariant": "SP\\SK",
    "SeriesDescription": "anat-T2w__space",
    "SeriesNumber": 24,
    "ShimSetting": [
      8228,
      -5666,
      -6274,
      307,
      -57,
      -153,
      48,
      21
    ],
    "SliceThickness": 0.8,
    "SoftwareVersions": "syngo MR XA30",
    "StationName": "LRG10884",
    "TxRefAmp": 245.34,
    "acquisition": "undistorted",
    "dataset": "HCPh",
    "datatype": "anat",
    "extension": ".nii.gz",
    "modality": "T2w",
    "session": "20702060",
    "subject": "001",
    "suffix": "T2w"
  },
  "cjv": 1.4651287037037037,
  "cnr": 0.6463983408726124,
  "efc": 0.5029,
  "fber": -1.0,
  "fwhm_avg": 2.5682374617302797,
  "fwhm_x": 2.4385749636624015,
  "fwhm_y": 2.8195999579846864,
  "fwhm_z": 2.446537463543751,
  "icvs_csf": 0.27688211649977096,
  "icvs_gm": 0.3452572689001834,
  "icvs_wm": 0.3778606146000457,
  "inu_med": 1.0305275917053223,
  "inu_range": 0.3433225750923157,
  "provenance": {
    "md5sum": "161da5e19e27d15ad55c027077c8ae54",
    "settings": {
      "testing": false
    },
    "software": "mriqc",
    "version": "24.1.0.dev15+g9586c867.d20240825",
    "warnings": {
      "large_rot_frame": true,
      "small_air_mask": false
    }
  },
  "qi_1": 0.0,
  "qi_2": 0.00199472571930949,
  "rpve_csf": 8.155345552553518,
  "rpve_gm": 7.99806358945072,
  "rpve_wm": 8.030198566980616,
  "size_x": 240,
  "size_y": 320,
  "size_z": 320,
  "snr_csf": 1.3803897336724995,
  "snr_gm": 4.643365749016243,
  "snr_total": 4.188881863914857,
  "snr_wm": 6.542890109055827,
  "snrd_csf": 31.6314269320858,
  "snrd_gm": 27.763737584804986,
  "snrd_total": 27.54770448612804,
  "snrd_wm": 23.24794894149333,
  "spacing_x": 0.800000011920929,
  "spacing_y": 0.800000011920929,
  "spacing_z": 0.800000011920929,
  "summary_bg_k": 877.2664,
  "summary_bg_mad": 0.0,
  "summary_bg_mean": 3.6432,
  "summary_bg_median": 0.0,
  "summary_bg_n": 6752270.0,
  "summary_bg_p05": 0.0,
  "summary_bg_p95": 17.0,
  "summary_bg_stdv": 31.3366,
  "summary_csf_k": -1.4424,
  "summary_csf_mad": 1769.8156,
  "summary_csf_mean": 1582.8518,
  "summary_csf_median": 1513.0,
  "summary_csf_n": 824129.375748842,
  "summary_csf_p05": 0.0,
  "summary_csf_p95": 3450.0,
  "summary_csf_stdv": 1096.0666,
  "summary_gm_k": 42.2907,
  "summary_gm_mad": 185.4569,
  "summary_gm_mean": 1324.1258,
  "summary_gm_median": 1328.0,
  "summary_gm_n": 1027645.4871425169,
  "summary_gm_p05": 896.0,
  "summary_gm_p95": 1781.0,
  "summary_gm_stdv": 285.9993,
  "summary_wm_k": 107.6836,
  "summary_wm_mad": 131.0109,
  "summary_wm_mean": 1124.9332,
  "summary_wm_median": 1112.0,
  "summary_wm_n": 1124688.1393680298,
  "summary_wm_p05": 890.0,
  "summary_wm_p95": 1392.0,
  "summary_wm_stdv": 169.9554,
  "tpm_overlap_csf": 0.20762695851922375,
  "tpm_overlap_gm": 0.5078681289359486,
  "tpm_overlap_wm": 0.5237191236851301,
  "wm2max": 0.2964763730679947
}
