{
  "bids_meta": {
    "AcquisitionMatrixPE": 252,
    "AcquisitionNumber": 1,
    "AcquisitionTime": "23:51:20.840000",
    "BaseResolution": 288,
    "BodyPartExamined": "BRAIN",
    "CoilCombinationMethod": "Adaptive Combine",
    "CoilString": "HeadNeck_64",
    "ConversionSoftware": "dcm2niix",
    "ConversionSoftwareVersion": "v1.0.20220720",
    "DeviceSerialNumber": "67014",
    "DwellTime": 6.7e-6,
    "EchoTime": 0.00255,
    "FileSize": 0.011602252721786499,
    "FileSizeUnits": "GB",
    "FlipAngle": 8,
    "HeudiconvVersion": "1.1.6.post8+ga0a3635",
    "ImageOrientationPatientDICOM": [
      1,
      -1.1103e-11,
      4e-6,
      -4.897e-12,
      1,
      4e-6
    ],
    "ImageType": [
      "ORIGINAL",
      "PRIMARY",
      "M",
      "NORM",
      "DIS2D",
      "FM3",
      "2",
      "FIL",
      "MFSPLIT"
    ],
    "ImageTypeText": [
      "ORIGINAL",
      "PRIMARY",
      "M",
      "NONE"
    ],
    "ImagingFrequency": 123.248,
    "InPlanePhaseEncodingDirectionDICOM": "ROW",
    "InstitutionAddress": "Rue du Bugnon 21,Lausanne,District,CH,1011",
    "InstitutionName": "CHUV",
    "InversionTime": 0.9,
    "MRAcquisitionType": "3D",
    "MagneticFieldStrength": 3,
    "Manufacturer": "Siemens",
    "ManufacturersModelName": "MAGNETOM Prisma Fit",
    "MatrixCoilMode": "GRAPPA",
    "Modality": "MR",
    "NonlinearGradientCorrection": true,
    "NumberOfVolumes": 1,
    "ParallelReductionFactorInPlane": 2,
    "PartialFourier": 1,
    "PatientPosition": "HFS",
    "PercentPhaseFOV": 87.5,
    "PercentSampling": 100,
    "PhaseEncodingSteps": 252,
    "PhaseResolution": 1,
    "PixelBandwidth": 259,
    "ProcedureStepDescription": "RESEARCH Oscar",
    "ProtocolName": "anat-T1w__t1_mprage_tra_p2_iso_siemens_axial",
    "PulseSequenceDetails": "%SiemensSeq%\\tfl",
    "ReceiveCoilActiveElements": "HC1-6",
    "ReceiveCoilName": "HeadNeck_64",
    "ReconMatrixPE": 252,
    "RefLinesPE": 24,
    "RepetitionTime": 2.2,
    "SAR": 0.0385556,
    "ScanOptions": "PER",
    "ScanningSequence": "GR",
    "SequenceName": "*tfl3d1_16",
    "SequenceVariant": "SK",
    "SeriesDescription": "anat-T1w__t1_mprage_tra_p2_iso_siemens_axial",
    "SeriesNumber": 5,
    "ShimSetting": [
      8228,
      -5666,
      -6274,
      307,
      -57,
      -153,
      48,
      21
    ],
    "SliceThickness": 0.8,
    "SoftwareVersions": "syngo MR XA30",
    "StationName": "LRG10884",
    "TxRefAmp": 245.34,
    "acquisition": "undistorted",
    "dataset": "HCPh",
    "datatype": "anat",
    "extension": ".nii.gz",
    "modality": "T1w",
    "session": "20702060",
    "subject": "001",
    "suffix": "T1w"
  },
  "cjv": 0.6119859315589353,
  "cnr": 1.5719196059953053,
  "efc": 0.5373,
  "fber": 11945.8276,
  "fwhm_avg": 4.757423784827004,
  "fwhm_x": 4.384650429991665,
  "fwhm_y": 5.332408492367299,
  "fwhm_z": 4.555212432122045,
  "icvs_csf": 0.27850437857504373,
  "icvs_gm": 0.37605003584890095,
  "icvs_wm": 0.3454455855760552,
  "inu_med": 0.6025144159793854,
  "inu_range": 0.29884640276432034,
  "provenance": {
    "md5sum": "f8ff0eb4a6d367742ffa695699e585dd",
    "settings": {
      "testing": false
    },
    "software": "mriqc",
    "version": "24.1.0.dev15+g9586c867.d20240825",
    "warnings": {
      "large_rot_frame": true,
      "small_air_mask": false
    }
  },
  "qi_1": 0.0,
  "qi_2": 0.0019115746709729758,
  "rpve_csf": 4.5370208296280925,
  "rpve_gm": 4.436387037635181,
  "rpve_wm": 4.515222236524335,
  "size_x": 252,
  "size_y": 288,
  "size_z": 192,
  "snr_csf": 1.5895769685324577,
  "snr_gm": 5.202562698188579,
  "snr_total": 5.541469709618011,
  "snr_wm": 9.832269462132997,
  "snrd_csf": 6.8670111969175,
  "snrd_gm": 14.782257747881596,
  "snrd_total": 14.019256503779651,
  "snrd_wm": 20.40850056653986,
  "spacing_x": 0.7986109852790833,
  "spacing_y": 0.7986109852790833,
  "spacing_z": 0.800000011920929,
  "summary_bg_k": 245.2479,
  "summary_bg_mad": 0.0,
  "summary_bg_mean": 6.3387,
  "summary_bg_median": 0.0,
  "summary_bg_n": 4667352.0,
  "summary_bg_p05": 0.0,
  "summary_bg_p95": 14.0,
  "summary_bg_stdv": 30.6245,
  "summary_csf_k": -0.7505,
  "summary_csf_mad": 170.6722,
  "summary_csf_mean": 336.7022,
  "summary_csf_median": 321.0,
  "summary_csf_n": 839682.3470599304,
  "summary_csf_p05": 33.0,
  "summary_csf_p95": 691.0,
  "summary_csf_stdv": 201.9404,
  "summary_gm_k": -0.3275,
  "summary_gm_mad": 89.0346,
  "summary_gm_mean": 693.205,
  "summary_gm_median": 691.0,
  "summary_gm_n": 1133779.577646723,
  "summary_gm_p05": 473.0,
  "summary_gm_p95": 941.0,
  "summary_gm_stdv": 132.8191,
  "summary_wm_k": 0.1174,
  "summary_wm_mad": 71.9177,
  "summary_wm_mean": 930.6035,
  "summary_wm_median": 954.0,
  "summary_wm_n": 1041508.0781210605,
  "summary_wm_p05": 740.0,
  "summary_wm_p95": 1055.0,
  "summary_wm_stdv": 97.0274,
  "tpm_overlap_csf": 0.18097672403472426,
  "tpm_overlap_gm": 0.5365072950801968,
  "tpm_overlap_wm": 0.546825965636504,
  "wm2max": 0.47285355823547764
}
