{
  "NumberOfShells": 4,
  "bValues": [
    0.0,
    700.0,
    1000.0,
    2000.0,
    3000.0
  ],
  "bValuesEstimation": [
    700.0,
    1000.0,
    2000.0,
    3000.0
  ],
  "bdiffs_max": 0.4133,
  "bdiffs_mean": 0.1714,
  "bdiffs_median": 0.1675,
  "bdiffs_min": 0.0025,
  "bids_meta": {
    "AcquisitionMatrixPE": 148,
    "AcquisitionNumber": 1,
    "AcquisitionTime": "19:13:30.100000",
    "BandwidthPerPixelPhaseEncode": 14.077,
    "BaseResolution": 146,
    "BodyPartExamined": "BRAIN",
    "CoilCombinationMethod": "Adaptive Combine",
    "CoilString": "HeadNeck_64_CS",
    "ConversionSoftware": "dcm2niix",
    "ConversionSoftwareVersion": "v1.0.20220720",
    "Deltas": [
      0.0272,
      0.0469
    ],
    "DerivedVendorReportedEchoSpacing": 0.000959971,
    "DeviceSerialNumber": "202009",
    "DiffusionScheme": "Monopolar",
    "DwellTime": 2.1e-6,
    "EchoTime": 0.121,
    "EchoTrainLength": 64,
    "EffectiveEchoSpacing": 0.000479986,
    "FileSize": 0.32967543322592974,
    "FileSizeUnits": "GB",
    "FlipAngle": 90,
    "HeudiconvVersion": "1.1.6.post8+ga0a3635",
    "ImageOrientationPatientDICOM": [
      0.9999,
      -0.00774485,
      0.011862,
      0.0115185,
      0.931918,
      -0.362486
    ],
    "ImageType": [
      "ORIGINAL",
      "PRIMARY",
      "DIFFUSION",
      "NONE",
      "ND",
      "NORM",
      "MFSPLIT"
    ],
    "ImageTypeText": [
      "ORIGINAL",
      "PRIMARY",
      "DIFFUSION",
      "NONE"
    ],
    "ImagingFrequency": 123.197,
    "InPlanePhaseEncodingDirectionDICOM": "ROW",
    "InstitutionAddress": "Rue du Bugnon 46,Lausanne,,CH,1011",
    "InstitutionName": "CHUV Lausanne",
    "MRAcquisitionType": "2D",
    "MagneticFieldStrength": 3,
    "Manufacturer": "Siemens",
    "ManufacturersModelName": "MAGNETOM Vida Fit",
    "Modality": "MR",
    "MultibandAccelerationFactor": 3,
    "NonlinearGradientCorrection": false,
    "NumberOfVolumes": 280,
    "ParallelReductionFactorInPlane": 2,
    "PartialFourier": 0.875,
    "PatientPosition": "HFS",
    "PercentPhaseFOV": 101.37,
    "PercentSampling": 100,
    "PhaseEncodingDirection": "i",
    "PhaseEncodingSteps": 148,
    "PhaseResolution": 1,
    "PixelBandwidth": 1631,
    "ProcedureStepDescription": "RESEARCH Oscar",
    "ProtocolName": "dwi-dwi_acq-highres_dir-RL",
    "PulseSequenceDetails": "%SiemensSeq%\\ep2d_diff",
    "ReceiveCoilActiveElements": "HC1-7;NC1",
    "ReceiveCoilName": "HeadNeck_64_CS",
    "ReconMatrixPE": 148,
    "RefLinesPE": 54,
    "RepetitionTime": 7,
    "SAR": 0.142583,
    "ScanOptions": "PFP\\FS\\PER",
    "ScanningSequence": "GR\\EP",
    "SequenceName": "*ep_b0",
    "SequenceVariant": "SK",
    "SeriesDescription": "dwi-dwi_acq-highres_dir-RL",
    "SeriesNumber": 11,
    "ShimSetting": [
      231,
      -1078,
      2688,
      581,
      339,
      -49,
      -20,
      -3
    ],
    "SliceThickness": 1.6,
    "SliceTiming": [
      0,
      -0.001,
      -0.001,
      -0.001,
      -0.001,
      -0.001,
      -0.001,
      -0.001,
      -0.001,
      -0.001,
      -0.001,
      -0.001,
      -0.001,
      -0.001,
      -0.001,
      -0.001,
      -0.001,
      -0.001,
      -0.001,
      -0.001,
      -0.001,
      -0.001,
      -0.001,
      -0.001,
      -0.001,
      -0.001,
      -0.001,
      -0.001,
      -0.001,
      -0.001,
      -0.001,
      -0.001,
      -0.001,
      -0.001,
      -0.001,
      -0.001,
      -0.001,
      -0.001,
      -0.001,
      -0.001,
      -0.001,
      -0.001,
      -0.001,
      -0.001,
      -0.001,
      -0.001,
      -0.001,
      -0.001,
      -0.001,
      -0.001,
      -0.001,
      -0.001,
      -0.001,
      -0.001,
      -0.001,
      -0.001,
      -0.001,
      -0.001,
      -0.001,
      -0.001,
      -0.001,
      -0.001,
      -0.001,
      -0.001,
      -0.001,
      -0.001,
      -0.001,
      -0.001,
      -0.001,
      -0.001,
      -0.001,
      -0.001,
      -0.001,
      -0.001,
      -0.001,
      -0.001,
      -0.001,
      -0.001,
      -0.001,
      -0.001,
      -0.001,
      -0.001,
      -0.001,
      -0.001,
      -0.001,
      -0.001,
      -0.001
    ],
    "SoftwareVersions": "syngo MR XA50",
    "SpacingBetweenSlices": 1.6,
    "StationName": "AWP202009",
    "TotalReadoutTime": 0.0705579,
    "TxRefAmp": 309.256,
    "VendorReportedEchoSpacing": 0.00096,
    "acquisition": "highres",
    "dataset": "HCPh",
    "datatype": "dwi",
    "direction": "RL",
    "extension": ".nii.gz",
    "modality": "dwi",
    "session": "21301030",
    "subject": "001",
    "suffix": "dwi"
  },
  "efc_shell01": 0.3378,
  "efc_shell02": 0.433,
  "efc_shell03": 0.4292,
  "efc_shell04": 0.4484,
  "efc_shell05": 0.4612,
  "fa_degenerate": 0.0,
  "fa_nans": 0.0,
  "fber_shell01": 19725.0859,
  "fber_shell02": 7359.6201,
  "fber_shell03": 6596.542,
  "fber_shell04": 1960.0972,
  "fber_shell05": 1017.0477,
  "fd_mean": 30.2644,
  "fd_num": 279,
  "fd_perc": 99.64285714285714,
  "ndc": 0.5475,
  "provenance": {
    "md5sum": "8551e61340bb13ab86170251879ccdb2",
    "settings": {
      "testing": false
    },
    "software": "mriqc",
    "version": "24.1.0.dev15+g9586c867.d20240825"
  },
  "sigma_cc": 48.9259,
  "sigma_pca": 14.0598,
  "sigma_piesno": 0.3301,
  "snr_cc_shell0": 3.91,
  "snr_cc_shell1_best": 3.84,
  "snr_cc_shell1_worst": 3.84,
  "snr_cc_shell2_best": 2.64,
  "snr_cc_shell2_worst": 1.64,
  "snr_cc_shell3_best": 2.06,
  "snr_cc_shell3_worst": 1.72,
  "snr_cc_shell4_best": 1.18,
  "snr_cc_shell4_worst": 1.19,
  "spikes_global": 34.37,
  "spikes_slice_i": 195.41,
  "spikes_slice_j": 214.96,
  "spikes_slice_k": 229.25,
  "summary_bg_k": 1021.9757,
  "summary_bg_mad": 1.4826,
  "summary_bg_mean": 8.4843,
  "summary_bg_median": 1.0,
  "summary_bg_n": 1514407.0,
  "summary_bg_p05": 0.0,
  "summary_bg_p95": 32.0,
  "summary_bg_stdv": 46.5645,
  "summary_fg_k": 12.3178,
  "summary_fg_mad": 100.817,
  "summary_fg_mean": 299.5798,
  "summary_fg_median": 219.0,
  "summary_fg_n": 365489.0,
  "summary_fg_p05": 82.0,
  "summary_fg_p95": 825.0,
  "summary_fg_stdv": 255.1353,
  "summary_wm_k": 27.222,
  "summary_wm_mad": 56.3389,
  "summary_wm_mean": 196.8947,
  "summary_wm_median": 188.0,
  "summary_wm_n": 124594.0,
  "summary_wm_p05": 70.0,
  "summary_wm_p95": 329.0,
  "summary_wm_stdv": 94.3416
}
