{
  "bids_meta": {
    "AcquisitionMatrixPE": 320,
    "AcquisitionNumber": 1,
    "AcquisitionTime": "17:26:28.962500",
    "BaseResolution": 320,
    "BodyPartExamined": "BRAIN",
    "CoilCombinationMethod": "Adaptive Combine",
    "CoilString": "HeadNeck_64",
    "ConversionSoftware": "dcm2niix",
    "ConversionSoftwareVersion": "v1.0.20220720",
    "DeviceSerialNumber": "67014",
    "DwellTime": 2.2e-6,
    "EchoTime": 0.413,
    "EchoTrainLength": 248,
    "FileSize": 0.014944144524633884,
    "FileSizeUnits": "GB",
    "FlipAngle": 120,
    "HeudiconvVersion": "1.1.6.post8+ga0a3635",
    "ImageOrientationPatientDICOM": [
      -0.0367249,
      0.994634,
      0.0967136,
      0.000387698,
      0.0967931,
      -0.995304
    ],
    "ImageType": [
      "ORIGINAL",
      "PRIMARY",
      "M",
      "NORM",
      "DIS3D",
      "MFSPLIT"
    ],
    "ImageTypeText": [
      "ORIGINAL",
      "PRIMARY",
      "M",
      "NONE"
    ],
    "ImagingFrequency": 123.248,
    "InPlanePhaseEncodingDirectionDICOM": "ROW",
    "InstitutionAddress": "Rue du Bugnon 21,Lausanne,District,CH,1011",
    "InstitutionName": "CHUV",
    "MRAcquisitionType": "3D",
    "MagneticFieldStrength": 3,
    "Manufacturer": "Siemens",
    "ManufacturersModelName": "MAGNETOM Prisma Fit",
    "MatrixCoilMode": "GRAPPA",
    "Modality": "MR",
    "NonlinearGradientCorrection": true,
    "NumberOfVolumes": 1,
    "ParallelReductionFactorInPlane": 3,
    "PartialFourier": 1,
    "PatientPosition": "HFS",
    "PercentPhaseFOV": 100,
    "PercentSampling": 100,
    "PhaseEncodingDirection": "i",
    "PhaseEncodingSteps": 320,
    "PhaseResolution": 1,
    "PixelBandwidth": 710,
    "ProcedureStepDescription": "RESEARCH Oscar",
    "ProtocolName": "anat-T2w__space",
    "PulseSequenceDetails": "%SiemensSeq%\\space",
    "ReceiveCoilActiveElements": "HC1-7;NC1,2",
    "ReceiveCoilName": "HeadNeck_64",
    "ReconMatrixPE": 320,
    "RefLinesPE": 24,
    "RepetitionTime": 3.2,
    "SAR": 0.117648,
    "ScanOptions": "PFP\\PER",
    "ScanningSequence": "SE",
    "SequenceName": "*spcR_282ns",
    "SequenceVariant": "SP\\SK",
    "SeriesDescription": "anat-T2w__space",
    "SeriesNumber": 33,
    "ShimSetting": [
      8227,
      -5660,
      -6265,
      329,
      -51,
      -148,
      54,
      19
    ],
    "SliceThickness": 0.8,
    "SoftwareVersions": "syngo MR XA30",
    "StationName": "LRG10884",
    "TxRefAmp": 244.519,
    "acquisition": "undistorted",
    "dataset": "HCPh",
    "datatype": "anat",
    "extension": ".nii.gz",
    "modality": "T2w",
    "session": "pilot20001060",
    "subject": "001",
    "suffix": "T2w"
  },
  "cjv": 1.8794736111111112,
  "cnr": 0.5469347587664166,
  "efc": 0.4621,
  "fber": -1.0,
  "fwhm_avg": 2.587708294773475,
  "fwhm_x": 2.5147624625271194,
  "fwhm_y": 2.7719749586943543,
  "fwhm_z": 2.476387463098951,
  "icvs_csf": 0.2778922498819756,
  "icvs_gm": 0.3302235860103753,
  "icvs_wm": 0.39188416410764915,
  "inu_med": 0.979002058506012,
  "inu_range": 0.265149700641632,
  "provenance": {
    "md5sum": "30aef3d9915532fa6bdacb9ca62d1717",
    "settings": {
      "testing": false
    },
    "software": "mriqc",
    "version": "24.1.0.dev15+g9586c867.d20240825",
    "warnings": {
      "large_rot_frame": true,
      "small_air_mask": false
    }
  },
  "qi_1": 0.0,
  "qi_2": 0.0017814515277822798,
  "rpve_csf": 8.188802728942699,
  "rpve_gm": 8.042128456946225,
  "rpve_wm": 8.083078992408353,
  "size_x": 240,
  "size_y": 320,
  "size_z": 320,
  "snr_csf": 1.4423736843799357,
  "snr_gm": 3.681899737273274,
  "snr_total": 3.9081780761657092,
  "snr_wm": 6.6002608068439175,
  "snrd_csf": 42.03987502196283,
  "snrd_gm": 32.90621169873876,
  "snrd_total": 34.149057210300754,
  "snrd_wm": 27.50108491020068,
  "spacing_x": 0.800000011920929,
  "spacing_y": 0.800000011920929,
  "spacing_z": 0.800000011920929,
  "summary_bg_k": 976.7971,
  "summary_bg_mad": 0.0,
  "summary_bg_mean": 2.6522,
  "summary_bg_median": 0.0,
  "summary_bg_n": 8504443.0,
  "summary_bg_p05": 0.0,
  "summary_bg_p95": 16.0,
  "summary_bg_stdv": 26.1806,
  "summary_csf_k": -1.3613,
  "summary_csf_mad": 1888.9109,
  "summary_csf_mean": 1744.2551,
  "summary_csf_median": 1680.0,
  "summary_csf_n": 823034.8667305335,
  "summary_csf_p05": 14.0,
  "summary_csf_p95": 3693.0,
  "summary_csf_stdv": 1164.746,
  "summary_gm_k": 15.6342,
  "summary_gm_mad": 270.7667,
  "summary_gm_mean": 1320.086,
  "summary_gm_median": 1315.0,
  "summary_gm_n": 978024.8467481873,
  "summary_gm_p05": 806.0,
  "summary_gm_p95": 1924.0,
  "summary_gm_stdv": 357.1524,
  "summary_wm_k": 112.901,
  "summary_wm_mad": 135.1996,
  "summary_wm_mean": 1111.3637,
  "summary_wm_median": 1099.0,
  "summary_wm_n": 1160645.2893779157,
  "summary_wm_p05": 879.0,
  "summary_wm_p95": 1373.0,
  "summary_wm_stdv": 166.5085,
  "tpm_overlap_csf": 0.2078416328552639,
  "tpm_overlap_gm": 0.4797728823088613,
  "tpm_overlap_wm": 0.512523228160831,
  "wm2max": 0.27770773608097454
}
