{
  "bids_meta": {
    "AcquisitionMatrixPE": 320,
    "AcquisitionNumber": 1,
    "AcquisitionTime": "17:26:28.962500",
    "BaseResolution": 320,
    "BodyPartExamined": "BRAIN",
    "CoilCombinationMethod": "Adaptive Combine",
    "CoilString": "HeadNeck_64",
    "ConversionSoftware": "dcm2niix",
    "ConversionSoftwareVersion": "v1.0.20220720",
    "DeviceSerialNumber": "67014",
    "DwellTime": 2.2e-06,
    "EchoTime": 0.413,
    "EchoTrainLength": 248,
    "FileSize": 0.015808568336069584,
    "FileSizeUnits": "GB",
    "FlipAngle": 120,
    "HeudiconvVersion": "1.1.6.post8+ga0a3635",
    "ImageOrientationPatientDICOM": [
      -0.0367249,
      0.994634,
      0.0967136,
      0.000387698,
      0.0967931,
      -0.995304
    ],
    "ImageType": [
      "ORIGINAL",
      "PRIMARY",
      "M",
      "ND",
      "NORM",
      "MFSPLIT"
    ],
    "ImageTypeText": [
      "ORIGINAL",
      "PRIMARY",
      "M",
      "NONE"
    ],
    "ImagingFrequency": 123.248,
    "InPlanePhaseEncodingDirectionDICOM": "ROW",
    "InstitutionAddress": "Rue du Bugnon 21,Lausanne,District,CH,1011",
    "InstitutionName": "CHUV",
    "MRAcquisitionType": "3D",
    "MagneticFieldStrength": 3,
    "Manufacturer": "Siemens",
    "ManufacturersModelName": "MAGNETOM Prisma Fit",
    "MatrixCoilMode": "GRAPPA",
    "Modality": "MR",
    "NonlinearGradientCorrection": false,
    "NumberOfVolumes": 1,
    "ParallelReductionFactorInPlane": 3,
    "PartialFourier": 1,
    "PatientPosition": "HFS",
    "PercentPhaseFOV": 100,
    "PercentSampling": 100,
    "PhaseEncodingDirection": "i",
    "PhaseEncodingSteps": 320,
    "PhaseResolution": 1,
    "PixelBandwidth": 710,
    "ProcedureStepDescription": "RESEARCH Oscar",
    "ProtocolName": "anat-T2w__space",
    "PulseSequenceDetails": "%SiemensSeq%\\space",
    "ReceiveCoilActiveElements": "HC1-7;NC1,2",
    "ReceiveCoilName": "HeadNeck_64",
    "ReconMatrixPE": 320,
    "RefLinesPE": 24,
    "RepetitionTime": 3.2,
    "SAR": 0.117648,
    "ScanOptions": "PFP\\PER",
    "ScanningSequence": "SE",
    "SequenceName": "*spcR_282ns",
    "SequenceVariant": "SP\\SK",
    "SeriesDescription": "anat-T2w__space_ND",
    "SeriesNumber": 32,
    "ShimSetting": [
      8227,
      -5660,
      -6265,
      329,
      -51,
      -148,
      54,
      19
    ],
    "SliceThickness": 0.8,
    "SoftwareVersions": "syngo MR XA30",
    "StationName": "LRG10884",
    "TxRefAmp": 244.519,
    "acquisition": "original",
    "dataset": "HCPh",
    "datatype": "anat",
    "extension": ".nii.gz",
    "modality": "T2w",
    "session": "pilot20001060",
    "subject": "001",
    "suffix": "T2w"
  },
  "cjv": 1.7837407960199005,
  "cnr": 0.5625155035360615,
  "efc": 0.4585,
  "fber": -1.0,
  "fwhm_avg": 2.7048332930281767,
  "fwhm_x": 2.6163499610133476,
  "fwhm_y": 2.8999249567877508,
  "fwhm_z": 2.598224961283431,
  "icvs_csf": 0.2776665695906439,
  "icvs_gm": 0.3351600539112279,
  "icvs_wm": 0.38717337649812816,
  "inu_med": 0.9844842553138733,
  "inu_range": 0.2887952387332915,
  "provenance": {
    "md5sum": "9f85fc29b95c66a67a26f333be1613aa",
    "settings": {
      "testing": false
    },
    "software": "mriqc",
    "version": "24.0.1",
    "warnings": {
      "large_rot_frame": true,
      "small_air_mask": false
    }
  },
  "qi_1": 0.0,
  "qi_2": 0.0019922813628536974,
  "rpve_csf": 8.167984852013374,
  "rpve_gm": 8.014777631904714,
  "rpve_wm": 8.051655244048021,
  "size_x": 240,
  "size_y": 320,
  "size_z": 320,
  "snr_csf": 1.4955246182668094,
  "snr_gm": 4.132640224562977,
  "snr_total": 4.097018194068105,
  "snr_wm": 6.662889739374528,
  "snrd_csf": 46.08976463291453,
  "snrd_gm": 37.87603453775407,
  "snrd_total": 38.6693512253903,
  "snrd_wm": 32.0422545055023,
  "spacing_x": 0.800000011920929,
  "spacing_y": 0.800000011920929,
  "spacing_z": 0.800000011920929,
  "summary_bg_k": 870.6965,
  "summary_bg_mad": 0.0,
  "summary_bg_mean": 5.1477,
  "summary_bg_median": 0.0,
  "summary_bg_n": 8471017.0,
  "summary_bg_p05": 0.0,
  "summary_bg_p95": 18.0,
  "summary_bg_stdv": 22.5724,
  "summary_csf_k": -1.3352,
  "summary_csf_mad": 1694.6286,
  "summary_csf_mean": 1652.6719,
  "summary_csf_median": 1588.0,
  "summary_csf_n": 824562.8107162518,
  "summary_csf_p05": 96.0,
  "summary_csf_p95": 3448.0,
  "summary_csf_stdv": 1061.8341,
  "summary_gm_k": 28.9245,
  "summary_gm_mad": 224.3654,
  "summary_gm_mean": 1309.1217,
  "summary_gm_median": 1305.0,
  "summary_gm_n": 995296.3242938579,
  "summary_gm_p05": 856.0,
  "summary_gm_p95": 1836.0,
  "summary_gm_stdv": 315.7786,
  "summary_wm_k": 109.171,
  "summary_wm_mad": 134.1665,
  "summary_wm_mean": 1114.6759,
  "summary_wm_median": 1104.0,
  "summary_wm_n": 1149755.8673716385,
  "summary_wm_p05": 885.0,
  "summary_wm_p95": 1368.0,
  "summary_wm_stdv": 165.6938,
  "tpm_overlap_csf": 0.20833710416894607,
  "tpm_overlap_gm": 0.4913416787690017,
  "tpm_overlap_wm": 0.5171674476593776,
  "wm2max": 0.28758046757599265
}