{
  "bids_meta": {
    "AcquisitionMatrixPE": 220,
    "AcquisitionNumber": 1,
    "AcquisitionTime": "17:07:27.032500",
    "BaseResolution": 256,
    "BodyPartExamined": "BRAIN",
    "CoilCombinationMethod": "Adaptive Combine",
    "CoilString": "HeadNeck_64",
    "ConversionSoftware": "dcm2niix",
    "ConversionSoftwareVersion": "v1.0.20220720",
    "DeviceSerialNumber": "67014",
    "DwellTime": 7.5e-6,
    "EchoTime": 0.00246,
    "FileSize": 0.009130293503403664,
    "FileSizeUnits": "GB",
    "FlipAngle": 8,
    "HeudiconvVersion": "1.1.6.post8+ga0a3635",
    "ImageOrientationPatientDICOM": [
      1,
      -1.1103e-11,
      4e-6,
      -4.897e-12,
      1,
      4e-6
    ],
    "ImageType": [
      "ORIGINAL",
      "PRIMARY",
      "M",
      "NORM",
      "DIS2D",
      "FM3",
      "2",
      "FIL",
      "MFSPLIT"
    ],
    "ImageTypeText": [
      "ORIGINAL",
      "PRIMARY",
      "M",
      "NONE"
    ],
    "ImagingFrequency": 123.248,
    "InPlanePhaseEncodingDirectionDICOM": "ROW",
    "InstitutionAddress": "Rue du Bugnon 21,Lausanne,District,CH,1011",
    "InstitutionName": "CHUV",
    "InversionTime": 0.9,
    "MRAcquisitionType": "3D",
    "MagneticFieldStrength": 3,
    "Manufacturer": "Siemens",
    "ManufacturersModelName": "MAGNETOM Prisma Fit",
    "MatrixCoilMode": "GRAPPA",
    "Modality": "MR",
    "NonlinearGradientCorrection": true,
    "NumberOfVolumes": 1,
    "ParallelReductionFactorInPlane": 2,
    "PartialFourier": 1,
    "PatientPosition": "HFS",
    "PercentPhaseFOV": 85.9375,
    "PercentSampling": 100,
    "PhaseEncodingSteps": 220,
    "PhaseResolution": 1,
    "PixelBandwidth": 260,
    "ProcedureStepDescription": "RESEARCH Oscar",
    "ProtocolName": "anat-T1w__t1_mprage_tra_p2_iso_siemens_axial",
    "PulseSequenceDetails": "%SiemensSeq%\\tfl",
    "ReceiveCoilActiveElements": "HC1-7;NC1",
    "ReceiveCoilName": "HeadNeck_64",
    "ReconMatrixPE": 220,
    "RefLinesPE": 24,
    "RepetitionTime": 2.2,
    "SAR": 0.038156,
    "ScanOptions": "PER",
    "ScanningSequence": "GR",
    "SequenceName": "*tfl3d1_16",
    "SequenceVariant": "SK",
    "SeriesDescription": "anat-T1w__t1_mprage_tra_p2_iso_siemens_axial",
    "SeriesNumber": 5,
    "ShimSetting": [
      8227,
      -5660,
      -6265,
      329,
      -51,
      -148,
      54,
      19
    ],
    "SliceThickness": 0.9,
    "SoftwareVersions": "syngo MR XA30",
    "StationName": "LRG10884",
    "TxRefAmp": 244.519,
    "acquisition": "undistorted",
    "dataset": "HCPh",
    "datatype": "anat",
    "extension": ".nii.gz",
    "modality": "T1w",
    "session": "pilot20001060",
    "subject": "001",
    "suffix": "T1w"
  },
  "cjv": 0.60084609375,
  "cnr": 1.596238900954387,
  "efc": 0.5087,
  "fber": 14556.1828,
  "fwhm_avg": 4.595964522440523,
  "fwhm_x": 4.259748695700632,
  "fwhm_y": 5.096133643101625,
  "fwhm_z": 4.432011228519313,
  "icvs_csf": 0.2777104818790741,
  "icvs_gm": 0.37375806960658015,
  "icvs_wm": 0.3485314485143457,
  "inu_med": 0.5277023315429688,
  "inu_range": 0.23240715265274048,
  "provenance": {
    "md5sum": "aa3bdc2cc8e69ea3af0c7ac55f55cf6b",
    "settings": {
      "testing": false
    },
    "software": "mriqc",
    "version": "24.1.0.dev15+g9586c867.d20240825",
    "warnings": {
      "large_rot_frame": true,
      "small_air_mask": false
    }
  },
  "qi_1": 0.0,
  "qi_2": 0.0006724122447422472,
  "rpve_csf": 5.467859122061937,
  "rpve_gm": 5.368885837958529,
  "rpve_wm": 5.451191128002501,
  "size_x": 220,
  "size_y": 256,
  "size_z": 208,
  "snr_csf": 1.7208485601821875,
  "snr_gm": 5.253580840610241,
  "snr_total": 5.976815406797884,
  "snr_wm": 10.956016819601224,
  "snrd_csf": 30.67947098095433,
  "snrd_gm": 63.05838787630555,
  "snrd_total": 59.8980147723394,
  "snrd_wm": 85.95618545975833,
  "spacing_x": 0.8984379768371582,
  "spacing_y": 0.8984379768371582,
  "spacing_z": 0.8999999761581421,
  "summary_bg_k": 2.6258,
  "summary_bg_mad": 7.3245,
  "summary_bg_mean": 4.3411,
  "summary_bg_median": 5.0,
  "summary_bg_n": 4133207.0,
  "summary_bg_p05": 0.0,
  "summary_bg_p95": 12.0,
  "summary_bg_stdv": 4.3504,
  "summary_csf_k": -0.8222,
  "summary_csf_mad": 162.7654,
  "summary_csf_mean": 358.7665,
  "summary_csf_median": 343.0,
  "summary_csf_n": 585525.0584693855,
  "summary_csf_p05": 50.0,
  "summary_csf_p95": 706.0,
  "summary_csf_stdv": 199.3201,
  "summary_gm_k": 0.2851,
  "summary_gm_mad": 89.2752,
  "summary_gm_mean": 705.8532,
  "summary_gm_median": 705.0,
  "summary_gm_n": 788031.8887462481,
  "summary_gm_p05": 483.0,
  "summary_gm_p95": 956.0,
  "summary_gm_stdv": 134.1941,
  "summary_wm_k": -0.1678,
  "summary_wm_mad": 64.5414,
  "summary_wm_mean": 938.0766,
  "summary_wm_median": 961.0,
  "summary_wm_n": 734844.0555392632,
  "summary_wm_p05": 763.0,
  "summary_wm_p95": 1047.0,
  "summary_wm_stdv": 87.7143,
  "tpm_overlap_csf": 0.19353351053863516,
  "tpm_overlap_gm": 0.5387730484508795,
  "tpm_overlap_wm": 0.5546423223830002,
  "wm2max": 0.5234004757213578
}
