{
  "NumberOfShells": 4,
  "bValues": [
    0.0,
    700.0,
    1000.0,
    2000.0,
    3000.0
  ],
  "bValuesEstimation": [
    700.0,
    1000.0,
    2000.0,
    3000.0
  ],
  "bdiffs_max": 0.3942,
  "bdiffs_mean": 0.2364,
  "bdiffs_median": 0.2354,
  "bdiffs_min": 0.0021,
  "bids_meta": {
    "AcquisitionDuration": 2011.74,
    "AcquisitionMatrixPE": 148,
    "AcquisitionNumber": 1,
    "AcquisitionTime": "14:14:32.447500",
    "BandwidthPerPixelPhaseEncode": 14.077,
    "BaseResolution": 146,
    "BodyPartExamined": "BRAIN",
    "CoilCombinationMethod": "Adaptive Combine",
    "CoilString": "HeadNeck_64_CS",
    "ConversionSoftware": "dcm2niix",
    "ConversionSoftwareVersion": "v1.0.20220720",
    "Deltas": [
      0.0272,
      0.0469
    ],
    "DerivedVendorReportedEchoSpacing": 0.000959971,
    "DeviceSerialNumber": "176240",
    "DiffusionScheme": "Monopolar",
    "DwellTime": 2.1e-6,
    "EchoTime": 0.121,
    "EchoTrainLength": 64,
    "EffectiveEchoSpacing": 0.000479986,
    "FileSize": 0.3356978828087449,
    "FileSizeUnits": "GB",
    "FlipAngle": 90,
    "HeudiconvVersion": "1.1.6.post8+ga0a3635",
    "ImageOrientationPatientDICOM": [
      0.999697,
      0.000972591,
      0.0245876,
      0.00069792,
      0.997696,
      -0.0678413
    ],
    "ImageType": [
      "ORIGINAL",
      "PRIMARY",
      "DIFFUSION",
      "NONE"
    ],
    "ImageTypeText": [
      "ORIGINAL",
      "PRIMARY",
      "DIFFUSION",
      "NONE",
      "ND",
      "NORM"
    ],
    "ImagingFrequency": 123.261,
    "InPlanePhaseEncodingDirectionDICOM": "ROW",
    "InstitutionAddress": "Rue de Bugnon 46,Lausanne,,CH,1011",
    "InstitutionName": "Radiologie-CHUV",
    "MRAcquisitionType": "2D",
    "MTState": false,
    "MagneticFieldStrength": 3,
    "Manufacturer": "Siemens",
    "ManufacturersModelName": "MAGNETOM Vida",
    "Modality": "MR",
    "MultibandAccelerationFactor": 3,
    "NonlinearGradientCorrection": false,
    "NumberOfVolumes": 280,
    "ParallelAcquisitionTechnique": "SMS",
    "ParallelReductionFactorInPlane": 2,
    "PartialFourier": 0.875,
    "PartialFourierDirection": "PHASE",
    "PatientPosition": "HFS",
    "PercentPhaseFOV": 101.37,
    "PercentSampling": 100,
    "PhaseEncodingDirection": "i-",
    "PhaseResolution": 1,
    "PixelBandwidth": 1631,
    "ProcedureStepDescription": "RESEARCH Oscar",
    "ProtocolName": "dwi-dwi_acq-highres_dir-LR",
    "PulseSequenceDetails": "%SiemensSeq%\\ep2d_diff",
    "PulseSequenceName": "*epse2d1_148",
    "ReceiveCoilActiveElements": "HC1-7",
    "ReceiveCoilName": "HeadNeck_64_CS",
    "ReconMatrixPE": 148,
    "RefLinesPE": 54,
    "RepetitionTime": 7,
    "ScanOptions": "PFP\\FS",
    "ScanningSequence": "EP",
    "SequenceVariant": "SK\\SP\\OSP",
    "SeriesDescription": "dwi-dwi_acq-highres_dir-LR",
    "SeriesNumber": 18,
    "ShimSetting": [
      -8771,
      8504,
      9412,
      484,
      -131,
      -266,
      -25,
      175
    ],
    "SliceThickness": 1.6,
    "SliceTiming": [
      0,
      3.61,
      0.24,
      3.85,
      0.4825,
      4.0925,
      0.7225,
      4.3325,
      0.9625,
      4.5725,
      1.2025,
      4.815,
      1.445,
      5.055,
      1.685,
      5.295,
      1.925,
      5.535,
      2.1675,
      5.7775,
      2.4075,
      6.0175,
      2.6475,
      6.2575,
      2.8875,
      6.4975,
      3.13,
      6.74,
      3.37,
      0,
      3.61,
      0.24,
      3.85,
      0.4825,
      4.0925,
      0.7225,
      4.3325,
      0.9625,
      4.5725,
      1.2025,
      4.815,
      1.445,
      5.055,
      1.685,
      5.295,
      1.925,
      5.535,
      2.1675,
      5.7775,
      2.4075,
      6.0175,
      2.6475,
      6.2575,
      2.8875,
      6.4975,
      3.13,
      6.74,
      3.37,
      0,
      3.61,
      0.24,
      3.85,
      0.4825,
      4.0925,
      0.7225,
      4.3325,
      0.9625,
      4.5725,
      1.2025,
      4.815,
      1.445,
      5.055,
      1.685,
      5.295,
      1.925,
      5.535,
      2.1675,
      5.7775,
      2.4075,
      6.0175,
      2.6475,
      6.2575,
      2.8875,
      6.4975,
      3.13,
      6.74,
      3.37
    ],
    "SoftwareVersions": "syngo MR XA50",
    "SpacingBetweenSlices": 1.6,
    "StationName": "LRG08892",
    "TotalReadoutTime": 0.0705579,
    "TxRefAmp": 321.119,
    "VendorReportedEchoSpacing": 0.00096,
    "acquisition": "highres",
    "dataset": "HCPh",
    "datatype": "dwi",
    "direction": "LR",
    "extension": ".nii.gz",
    "modality": "dwi",
    "session": "pilot20102034",
    "subject": "001",
    "suffix": "dwi"
  },
  "efc_shell01": 0.3436,
  "efc_shell02": 0.4376,
  "efc_shell03": 0.4312,
  "efc_shell04": 0.4486,
  "efc_shell05": 0.4594,
  "fa_degenerate": 0.0,
  "fa_nans": 0.0,
  "fber_shell01": 19536.373,
  "fber_shell02": 7087.0923,
  "fber_shell03": 7077.7939,
  "fber_shell04": 2212.0522,
  "fber_shell05": 1189.3428,
  "fd_mean": 38.7541,
  "fd_num": 277,
  "fd_perc": 98.92857142857143,
  "ndc": 0.7011,
  "provenance": {
    "md5sum": "e74d26bfa6fbbada6211d3906f5d67bc",
    "settings": {
      "testing": false
    },
    "software": "mriqc",
    "version": "24.1.0.dev15+g9586c867.d20240825"
  },
  "sigma_cc": 50.4085,
  "sigma_pca": 15.1041,
  "sigma_piesno": 0.3301,
  "snr_cc_shell0": 4.05,
  "snr_cc_shell1_best": 4.0,
  "snr_cc_shell1_worst": 4.0,
  "snr_cc_shell2_best": 2.73,
  "snr_cc_shell2_worst": 1.7,
  "snr_cc_shell3_best": 2.24,
  "snr_cc_shell3_worst": 1.81,
  "snr_cc_shell4_best": 1.33,
  "snr_cc_shell4_worst": 1.21,
  "spikes_global": 35.67,
  "spikes_slice_i": 195.41,
  "spikes_slice_j": 219.96,
  "spikes_slice_k": 232.39,
  "summary_bg_k": 869.9392,
  "summary_bg_mad": 1.4826,
  "summary_bg_mean": 9.8351,
  "summary_bg_median": 1.0,
  "summary_bg_n": 1516666.0,
  "summary_bg_p05": 0.0,
  "summary_bg_p95": 36.0,
  "summary_bg_stdv": 48.7869,
  "summary_fg_k": 10.4764,
  "summary_fg_mad": 96.3691,
  "summary_fg_mean": 307.0801,
  "summary_fg_median": 226.0,
  "summary_fg_n": 363230.0,
  "summary_fg_p05": 90.0,
  "summary_fg_p95": 827.0,
  "summary_fg_stdv": 249.6001,
  "summary_wm_k": 41.0749,
  "summary_wm_mad": 50.4085,
  "summary_wm_mean": 202.9676,
  "summary_wm_median": 195.0,
  "summary_wm_n": 115268.0,
  "summary_wm_p05": 84.0,
  "summary_wm_p95": 317.0,
  "summary_wm_stdv": 91.1194
}
