{
  "NumberOfShells": 4,
  "bValues": [
    0.0,
    700.0,
    1000.0,
    2000.0,
    3000.0
  ],
  "bValuesEstimation": [
    700.0,
    1000.0,
    2000.0,
    3000.0
  ],
  "bdiffs_max": 0.3549,
  "bdiffs_mean": 0.235,
  "bdiffs_median": 0.2624,
  "bdiffs_min": 0.001,
  "bids_meta": {
    "AcquisitionMatrixPE": 146,
    "AcquisitionNumber": 1,
    "AcquisitionTime": "14:56:59.565000",
    "B0FieldSource": [
      "pilot009pepolarb0",
      "pilot009phasediff"
    ],
    "BandwidthPerPixelPhaseEncode": 19.569,
    "BaseResolution": 146,
    "BodyPartExamined": "BRAIN",
    "CoilCombinationMethod": "Adaptive Combine",
    "CoilString": "HeadNeck_64",
    "ConversionSoftware": "dcm2niix",
    "ConversionSoftwareVersion": "v1.0.20220720",
    "Deltas": [
      0.0233,
      0.0475
    ],
    "DerivedVendorReportedEchoSpacing": 0.000700017,
    "DeviceSerialNumber": "67014",
    "DiffusionScheme": "Monopolar",
    "DwellTime": 2.1e-6,
    "EchoTime": 0.098,
    "EchoTrainLength": 64,
    "EffectiveEchoSpacing": 0.000350008,
    "FileSize": 0.4398312773555517,
    "FileSizeUnits": "GB",
    "FlipAngle": 90,
    "HeudiconvVersion": "1.0.0",
    "ImageOrientationPatientDICOM": [
      0.995476,
      0.0636365,
      0.0705607,
      -0.0669921,
      0.996681,
      0.0462543
    ],
    "ImageType": [
      "ORIGINAL",
      "PRIMARY",
      "DIFFUSION",
      "NONE",
      "ND",
      "MFSPLIT"
    ],
    "ImageTypeText": [
      "ORIGINAL",
      "PRIMARY",
      "DIFFUSION",
      "NONE"
    ],
    "ImagingFrequency": 123.248,
    "InPlanePhaseEncodingDirectionDICOM": "COL",
    "InstitutionAddress": "Rue du Bugnon 21,Lausanne,District,CH,1011",
    "InstitutionName": "CHUV",
    "MRAcquisitionType": "2D",
    "MagneticFieldStrength": 3,
    "Manufacturer": "Siemens",
    "ManufacturersModelName": "MAGNETOM Prisma Fit",
    "Modality": "MR",
    "MultibandAccelerationFactor": 3,
    "NonlinearGradientCorrection": false,
    "NumberOfVolumes": 280,
    "ParallelReductionFactorInPlane": 2,
    "PartialFourier": 0.875,
    "PatientPosition": "HFS",
    "PercentPhaseFOV": 100,
    "PercentSampling": 100,
    "PhaseEncodingDirection": "j",
    "PhaseEncodingSteps": 146,
    "PhaseResolution": 1,
    "PixelBandwidth": 1631,
    "ProcedureStepDescription": "RESEARCH Oscar",
    "ProtocolName": "dwi-dwi_acq-highres_dir-PA__279dir_monopolar",
    "PulseSequenceDetails": "%SiemensSeq%\\ep2d_diff",
    "ReceiveCoilActiveElements": "HC1-6",
    "ReceiveCoilName": "HeadNeck_64",
    "ReconMatrixPE": 146,
    "RefLinesPE": 54,
    "RepetitionTime": 7.8,
    "SAR": 0.161843,
    "ScanOptions": "PFP\\FS\\PER",
    "ScanningSequence": "GR\\EP",
    "SequenceName": "*ep_b0",
    "SequenceVariant": "SK",
    "SeriesDescription": "dwi-dwi_acq-highres_dir-PA__279dir_monopolar",
    "SeriesNumber": 7,
    "ShimSetting": [
      8230,
      -5641,
      -6050,
      514,
      -78,
      -355,
      88,
      6
    ],
    "SliceThickness": 1.6,
    "SliceTiming": [
      0,
      6.145,
      0.14,
      6.285,
      0.28,
      6.425,
      0.42,
      6.5625,
      0.56,
      6.7025,
      0.6975,
      6.8425,
      0.8375,
      6.9825,
      0.9775,
      7.1225,
      1.1175,
      7.2625,
      1.2575,
      7.4025,
      1.3975,
      7.54,
      1.5375,
      7.68,
      1.675,
      7.82,
      1.815,
      7.96,
      1.955,
      8.1,
      2.095,
      8.24,
      2.235,
      8.38,
      2.375,
      8.5175,
      2.515,
      8.6575,
      2.6525,
      8.7975,
      2.7925,
      8.9375,
      2.9325,
      9.0775,
      3.0725,
      9.2175,
      3.2125,
      9.3575,
      3.3525,
      9.495,
      3.4925,
      9.635,
      3.63,
      9.775,
      3.77,
      9.915,
      3.91,
      10.055,
      4.05,
      10.195,
      4.19,
      10.335,
      4.33,
      10.4725,
      4.47,
      10.6125,
      4.6075,
      10.7525,
      4.7475,
      10.8925,
      4.8875,
      11.0325,
      5.0275,
      11.1725,
      5.1675,
      11.3125,
      5.3075,
      11.45,
      5.4475,
      11.59,
      5.585,
      11.73,
      5.725,
      11.87,
      5.865,
      12.01,
      6.005
    ],
    "SoftwareVersions": "syngo MR XA30",
    "SpacingBetweenSlices": 1.6,
    "StationName": "LRG10884",
    "TotalReadoutTime": 0.0507512,
    "TxRefAmp": 252.895,
    "VendorReportedEchoSpacing": 0.0007,
    "acquisition": "highres",
    "dataset": "HCPh",
    "datatype": "dwi",
    "direction": "PA",
    "extension": ".nii.gz",
    "modality": "dwi",
    "session": "pilot009",
    "subject": "001",
    "suffix": "dwi"
  },
  "efc_shell01": 0.3656,
  "efc_shell02": 0.4672,
  "efc_shell03": 0.4793,
  "efc_shell04": 0.5297,
  "efc_shell05": 0.5796,
  "fa_degenerate": 0.0,
  "fa_nans": 0.0,
  "fber_shell01": 1507.1459,
  "fber_shell02": 513.1793,
  "fber_shell03": 356.4469,
  "fber_shell04": 118.3128,
  "fber_shell05": 54.1611,
  "fd_mean": 11.0177,
  "fd_num": 279,
  "fd_perc": 99.64285714285714,
  "ndc": 0.5372,
  "provenance": {
    "md5sum": "59606d0c17c2ffdb453f77558317c397",
    "settings": {
      "testing": false
    },
    "software": "mriqc",
    "version": "24.1.0.dev15+g9586c867.d20240825"
  },
  "sigma_cc": 41.5129,
  "sigma_pca": 15.0965,
  "sigma_piesno": 1.3206,
  "snr_cc_shell0": 4.48,
  "snr_cc_shell1_best": 4.35,
  "snr_cc_shell1_worst": 4.35,
  "snr_cc_shell2_best": 2.96,
  "snr_cc_shell2_worst": 2.41,
  "snr_cc_shell3_best": 2.58,
  "snr_cc_shell3_worst": 1.31,
  "snr_cc_shell4_best": 1.81,
  "snr_cc_shell4_worst": 0.81,
  "spikes_global": 33.69,
  "spikes_slice_i": 210.32,
  "spikes_slice_j": 198.23,
  "spikes_slice_k": 194.19,
  "summary_bg_k": 559.6229,
  "summary_bg_mad": 8.8956,
  "summary_bg_mean": 30.1307,
  "summary_bg_median": 9.0,
  "summary_bg_n": 1511301.0,
  "summary_bg_p05": 2.0,
  "summary_bg_p95": 114.0,
  "summary_bg_stdv": 108.3064,
  "summary_fg_k": 9.8112,
  "summary_fg_mad": 201.6339,
  "summary_fg_mean": 452.3318,
  "summary_fg_median": 335.0,
  "summary_fg_n": 343191.0,
  "summary_fg_p05": 108.0,
  "summary_fg_p95": 1262.0,
  "summary_fg_stdv": 397.0109,
  "summary_wm_k": 11.508,
  "summary_wm_mad": 94.8865,
  "summary_wm_mean": 238.8976,
  "summary_wm_median": 231.0,
  "summary_wm_n": 93055.0,
  "summary_wm_p05": 103.0,
  "summary_wm_p95": 401.0,
  "summary_wm_stdv": 98.2091
}
