{
  "bids_meta": {
    "AcquisitionDuration": 261.312,
    "AcquisitionMatrixPE": 216,
    "AcquisitionNumber": 1,
    "AcquisitionTime": "00:24:56.865000",
    "BaseResolution": 256,
    "BodyPartExamined": "BRAIN",
    "CoilCombinationMethod": "Adaptive Combine",
    "CoilString": "HeadNeck_64_CS",
    "ConversionSoftware": "dcm2niix",
    "ConversionSoftwareVersion": "v1.0.20220720",
    "DeviceSerialNumber": "176240",
    "DwellTime": 7.5e-6,
    "EchoTime": 0.00246,
    "FileSize": 0.009433984756469727,
    "FileSizeUnits": "GB",
    "FlipAngle": 8,
    "HeudiconvVersion": "1.1.6.post8+ga0a3635",
    "ImageOrientationPatientDICOM": [
      0.999486,
      0.019696,
      0.0252985,
      -0.0200637,
      0.999696,
      0.0143608
    ],
    "ImageType": [
      "ORIGINAL",
      "PRIMARY",
      "M",
      "NONE"
    ],
    "ImageTypeText": [
      "ORIGINAL",
      "PRIMARY",
      "M",
      "NORM",
      "DIS2D",
      "FM3",
      "2",
      "FIL"
    ],
    "ImagingFrequency": 123.261,
    "InPlanePhaseEncodingDirectionDICOM": "ROW",
    "InstitutionAddress": "Rue de Bugnon 46,Lausanne,,CH,1011",
    "InstitutionName": "Radiologie-CHUV",
    "InversionTime": 0.9,
    "MRAcquisitionType": "3D",
    "MTState": false,
    "MagneticFieldStrength": 3,
    "Manufacturer": "Siemens",
    "ManufacturersModelName": "MAGNETOM Vida",
    "MatrixCoilMode": "GRAPPA",
    "Modality": "MR",
    "NonlinearGradientCorrection": true,
    "NumberOfVolumes": 1,
    "ParallelAcquisitionTechnique": "GRAPPA",
    "ParallelReductionFactorInPlane": 2,
    "PartialFourier": 1,
    "PatientPosition": "HFS",
    "PercentPhaseFOV": 84.375,
    "PercentSampling": 100,
    "PhaseResolution": 1,
    "PixelBandwidth": 260,
    "ProcedureStepDescription": "RESEARCH Oscar",
    "ProtocolName": "anat-T1w__t1_mprage_tra_p2_iso_siemens_axial",
    "PulseSequenceDetails": "%SiemensSeq%\\tfl",
    "PulseSequenceName": "*tfl3d1_240",
    "ReceiveCoilActiveElements": "HC1-7;NC1",
    "ReceiveCoilName": "HeadNeck_64_CS",
    "ReconMatrixPE": 216,
    "RefLinesPE": 24,
    "RepetitionTime": 2.2,
    "ScanOptions": "IR",
    "ScanningSequence": "GR\\IR",
    "SequenceVariant": "SK\\SP\\MP",
    "SeriesDescription": "anat-T1w__t1_mprage_tra_p2_iso_siemens_axial",
    "SeriesNumber": 5,
    "ShimSetting": [
      -8778,
      8428,
      9145,
      105,
      -256,
      11,
      89,
      62
    ],
    "SliceThickness": 0.9,
    "SoftwareVersions": "syngo MR XA50",
    "StationName": "LRG08892",
    "TxRefAmp": 323.046,
    "acquisition": "undistorted",
    "dataset": "HCPh",
    "datatype": "anat",
    "extension": ".nii.gz",
    "modality": "T1w",
    "session": "20103034",
    "subject": "001",
    "suffix": "T1w"
  },
  "cjv": 0.6046008097165991,
  "cnr": 1.589880847242233,
  "efc": 0.5245,
  "fber": -1.0,
  "fwhm_avg": 4.650668442066979,
  "fwhm_x": 4.322780314421114,
  "fwhm_y": 5.16151378231478,
  "fwhm_z": 4.467711229465041,
  "icvs_csf": 0.27379591178228024,
  "icvs_gm": 0.3772467302021575,
  "icvs_wm": 0.3489573580155624,
  "inu_med": 0.514568030834198,
  "inu_range": 0.2174762010574341,
  "provenance": {
    "md5sum": "ab068d30b84bd172beee92983b606038",
    "settings": {
      "testing": false
    },
    "software": "mriqc",
    "version": "24.1.0.dev15+g9586c867.d20240825",
    "warnings": {
      "large_rot_frame": true,
      "small_air_mask": false
    }
  },
  "qi_1": 0.0,
  "qi_2": 0.0014919327576284889,
  "rpve_csf": 5.333106433520795,
  "rpve_gm": 5.23012872621768,
  "rpve_wm": 5.309458077127106,
  "size_x": 216,
  "size_y": 256,
  "size_z": 208,
  "snr_csf": 1.6589537377256058,
  "snr_gm": 5.716595044210839,
  "snr_total": 5.953666204145755,
  "snr_wm": 10.485449830500821,
  "snrd_csf": 11.104376855065633,
  "snrd_gm": 22.115177500678463,
  "snrd_total": 21.013057700456596,
  "snrd_wm": 29.819618745625686,
  "spacing_x": 0.8984379768371582,
  "spacing_y": 0.8984379768371582,
  "spacing_z": 0.8999999761581421,
  "summary_bg_k": 1215.3844,
  "summary_bg_mad": 0.0,
  "summary_bg_mean": 2.339,
  "summary_bg_median": 0.0,
  "summary_bg_n": 3641299.0,
  "summary_bg_p05": 0.0,
  "summary_bg_p95": 9.0,
  "summary_bg_stdv": 21.0033,
  "summary_csf_k": 0.6619,
  "summary_csf_mad": 174.4765,
  "summary_csf_mean": 369.8269,
  "summary_csf_median": 356.0,
  "summary_csf_n": 580834.7548531273,
  "summary_csf_p05": 35.0,
  "summary_csf_p95": 728.0,
  "summary_csf_stdv": 214.5929,
  "summary_gm_k": -0.5371,
  "summary_gm_mad": 82.9168,
  "summary_gm_mean": 713.1909,
  "summary_gm_median": 709.0,
  "summary_gm_n": 800296.8730605242,
  "summary_gm_p05": 510.0,
  "summary_gm_p95": 948.0,
  "summary_gm_stdv": 124.0248,
  "summary_wm_k": 0.265,
  "summary_wm_mad": 66.4196,
  "summary_wm_mean": 932.2001,
  "summary_wm_median": 956.0,
  "summary_wm_n": 740283.374495155,
  "summary_wm_p05": 752.0,
  "summary_wm_p95": 1044.0,
  "summary_wm_stdv": 91.1739,
  "tpm_overlap_csf": 0.1965962885192854,
  "tpm_overlap_gm": 0.5487990529062606,
  "tpm_overlap_wm": 0.558822611454267,
  "wm2max": 0.5092008072921212
}
