{
  "bids_meta": {
    "AcquisitionDuration": 336.452,
    "AcquisitionMatrixPE": 320,
    "AcquisitionNumber": 1,
    "AcquisitionTime": "01:35:3.247500",
    "BaseResolution": 320,
    "BodyPartExamined": "BRAIN",
    "CoilCombinationMethod": "Adaptive Combine",
    "CoilString": "HeadNeck_64_CS",
    "ConversionSoftware": "dcm2niix",
    "ConversionSoftwareVersion": "v1.0.20220720",
    "DeviceSerialNumber": "176240",
    "DwellTime": 2.2e-06,
    "EchoTime": 0.413,
    "EchoTrainLength": 248,
    "FileSize": 0.01701206248253584,
    "FileSizeUnits": "GB",
    "FlipAngle": 120,
    "HeudiconvVersion": "1.1.6.post8+ga0a3635",
    "ImageOrientationPatientDICOM": [
      -0.0239718,
      0.983195,
      0.180976,
      0.0213021,
      0.18149,
      -0.983162
    ],
    "ImageType": [
      "ORIGINAL",
      "PRIMARY",
      "M",
      "NONE"
    ],
    "ImageTypeText": [
      "ORIGINAL",
      "PRIMARY",
      "M",
      "ND",
      "NORM"
    ],
    "ImagingFrequency": 123.261,
    "InPlanePhaseEncodingDirectionDICOM": "ROW",
    "InstitutionAddress": "Rue de Bugnon 46,Lausanne,,CH,1011",
    "InstitutionName": "Radiologie-CHUV",
    "MRAcquisitionType": "3D",
    "MTState": false,
    "MagneticFieldStrength": 3,
    "Manufacturer": "Siemens",
    "ManufacturersModelName": "MAGNETOM Vida",
    "MatrixCoilMode": "GRAPPA",
    "Modality": "MR",
    "NonlinearGradientCorrection": false,
    "NumberOfVolumes": 1,
    "ParallelAcquisitionTechnique": "GRAPPA",
    "ParallelReductionFactorInPlane": 3,
    "PartialFourier": 1,
    "PartialFourierDirection": "PHASE",
    "PatientPosition": "HFS",
    "PercentPhaseFOV": 100,
    "PercentSampling": 100,
    "PhaseEncodingDirection": "i",
    "PhaseResolution": 1,
    "PixelBandwidth": 710,
    "ProcedureStepDescription": "RESEARCH Oscar",
    "ProtocolName": "anat-T2w__space",
    "PulseSequenceDetails": "%SiemensSeq%\\space",
    "PulseSequenceName": "*spcR_282ns",
    "ReceiveCoilActiveElements": "HC1-7;NC1,2",
    "ReceiveCoilName": "HeadNeck_64_CS",
    "ReconMatrixPE": 320,
    "RefLinesPE": 24,
    "RepetitionTime": 3.2,
    "ScanOptions": "PFP",
    "ScanningSequence": "SE",
    "SequenceVariant": "SK\\SP",
    "SeriesDescription": "anat-T2w__space_ND",
    "SeriesNumber": 23,
    "ShimSetting": [
      -8778,
      8428,
      9145,
      105,
      -256,
      11,
      89,
      62
    ],
    "SliceThickness": 0.8,
    "SoftwareVersions": "syngo MR XA50",
    "SpoilingState": true,
    "StationName": "LRG08892",
    "TxRefAmp": 323.046,
    "acquisition": "undistorted",
    "dataset": "HCPh",
    "datatype": "anat",
    "extension": ".nii.gz",
    "modality": "T2w",
    "run": 1,
    "session": "20103034",
    "subject": "001",
    "suffix": "T2w"
  },
  "cjv": 1.577408064516129,
  "cnr": 0.6238243694745863,
  "efc": 0.4717,
  "fber": -1.0,
  "fwhm_avg": 2.6203624609535567,
  "fwhm_x": 2.450162463489734,
  "fwhm_y": 2.897012456831151,
  "fwhm_z": 2.513912462539785,
  "icvs_csf": 0.277015866616736,
  "icvs_gm": 0.3471974218747894,
  "icvs_wm": 0.3757867115084745,
  "inu_med": 0.9517943263053894,
  "inu_range": 0.28209540247917175,
  "provenance": {
    "md5sum": "d9d2040eb09c9b5b1dd2413b5b26cd3c",
    "settings": {
      "testing": false
    },
    "software": "mriqc",
    "version": "24.0.1",
    "warnings": {
      "large_rot_frame": true,
      "small_air_mask": false
    }
  },
  "qi_1": 0.0,
  "qi_2": 0.0011466888965192988,
  "rpve_csf": 8.125676644194215,
  "rpve_gm": 7.966770565424422,
  "rpve_wm": 7.997293374634514,
  "size_x": 240,
  "size_y": 320,
  "size_z": 320,
  "snr_csf": 1.4665877981374065,
  "snr_gm": 5.086148172427225,
  "snr_total": 4.5365280078719685,
  "snr_wm": 7.056848053051273,
  "snrd_csf": 47.04348117419223,
  "snrd_gm": 43.003551279176435,
  "snrd_total": 42.28014785444909,
  "snrd_wm": 36.79341110997859,
  "spacing_x": 0.800000011920929,
  "spacing_y": 0.800000011920929,
  "spacing_z": 0.800000011920929,
  "summary_bg_k": 898.2026,
  "summary_bg_mad": 0.0,
  "summary_bg_mean": 4.6321,
  "summary_bg_median": 0.0,
  "summary_bg_n": 7590776.0,
  "summary_bg_p05": 0.0,
  "summary_bg_p95": 28.0,
  "summary_bg_stdv": 19.622,
  "summary_csf_k": -1.4513,
  "summary_csf_mad": 1549.8002,
  "summary_csf_mean": 1460.343,
  "summary_csf_median": 1409.0,
  "summary_csf_n": 827275.4753591856,
  "summary_csf_p05": 84.0,
  "summary_csf_p95": 3100.0,
  "summary_csf_stdv": 960.7329,
  "summary_gm_k": 39.0437,
  "summary_gm_mad": 173.6573,
  "summary_gm_mean": 1288.0172,
  "summary_gm_median": 1288.0,
  "summary_gm_n": 1036864.4790384623,
  "summary_gm_p05": 906.0,
  "summary_gm_p95": 1693.0,
  "summary_gm_stdv": 253.2367,
  "summary_wm_k": 103.9367,
  "summary_wm_mad": 119.7406,
  "summary_wm_mean": 1111.2747,
  "summary_wm_median": 1102.0,
  "summary_wm_n": 1122243.047640855,
  "summary_wm_p05": 892.0,
  "summary_wm_p95": 1352.0,
  "summary_wm_stdv": 156.1603,
  "tpm_overlap_csf": 0.2069835167968182,
  "tpm_overlap_gm": 0.5113284762357071,
  "tpm_overlap_wm": 0.517111271663374,
  "wm2max": 0.3203766701656622
}