{
  "bids_meta": {
    "AcquisitionDuration": 336.452,
    "AcquisitionMatrixPE": 320,
    "AcquisitionNumber": 1,
    "AcquisitionTime": "01:35:3.247500",
    "BaseResolution": 320,
    "BodyPartExamined": "BRAIN",
    "CoilCombinationMethod": "Adaptive Combine",
    "CoilString": "HeadNeck_64_CS",
    "ConversionSoftware": "dcm2niix",
    "ConversionSoftwareVersion": "v1.0.20220720",
    "DeviceSerialNumber": "176240",
    "DwellTime": 2.2e-06,
    "EchoTime": 0.413,
    "EchoTrainLength": 248,
    "FileSize": 0.015999718569219112,
    "FileSizeUnits": "GB",
    "FlipAngle": 120,
    "HeudiconvVersion": "1.1.6.post8+ga0a3635",
    "ImageOrientationPatientDICOM": [
      -0.0239718,
      0.983195,
      0.180976,
      0.0213021,
      0.18149,
      -0.983162
    ],
    "ImageType": [
      "ORIGINAL",
      "PRIMARY",
      "M",
      "NONE"
    ],
    "ImageTypeText": [
      "ORIGINAL",
      "PRIMARY",
      "M",
      "NORM",
      "DIS3D",
      "DIS2D"
    ],
    "ImagingFrequency": 123.261,
    "InPlanePhaseEncodingDirectionDICOM": "ROW",
    "InstitutionAddress": "Rue de Bugnon 46,Lausanne,,CH,1011",
    "InstitutionName": "Radiologie-CHUV",
    "MRAcquisitionType": "3D",
    "MTState": false,
    "MagneticFieldStrength": 3,
    "Manufacturer": "Siemens",
    "ManufacturersModelName": "MAGNETOM Vida",
    "MatrixCoilMode": "GRAPPA",
    "Modality": "MR",
    "NonlinearGradientCorrection": true,
    "NumberOfVolumes": 1,
    "ParallelAcquisitionTechnique": "GRAPPA",
    "ParallelReductionFactorInPlane": 3,
    "PartialFourier": 1,
    "PartialFourierDirection": "PHASE",
    "PatientPosition": "HFS",
    "PercentPhaseFOV": 100,
    "PercentSampling": 100,
    "PhaseEncodingDirection": "i",
    "PhaseResolution": 1,
    "PixelBandwidth": 710,
    "ProcedureStepDescription": "RESEARCH Oscar",
    "ProtocolName": "anat-T2w__space",
    "PulseSequenceDetails": "%SiemensSeq%\\space",
    "PulseSequenceName": "*spcR_282ns",
    "ReceiveCoilActiveElements": "HC1-7;NC1,2",
    "ReceiveCoilName": "HeadNeck_64_CS",
    "ReconMatrixPE": 320,
    "RefLinesPE": 24,
    "RepetitionTime": 3.2,
    "ScanOptions": "PFP",
    "ScanningSequence": "SE",
    "SequenceVariant": "SK\\SP",
    "SeriesDescription": "anat-T2w__space",
    "SeriesNumber": 24,
    "ShimSetting": [
      -8778,
      8428,
      9145,
      105,
      -256,
      11,
      89,
      62
    ],
    "SliceThickness": 0.8,
    "SoftwareVersions": "syngo MR XA50",
    "SpoilingState": true,
    "StationName": "LRG08892",
    "TxRefAmp": 323.046,
    "acquisition": "undistorted",
    "dataset": "HCPh",
    "datatype": "anat",
    "extension": ".nii.gz",
    "modality": "T2w",
    "run": 2,
    "session": "20103034",
    "subject": "001",
    "suffix": "T2w"
  },
  "cjv": 1.517515566037736,
  "cnr": 0.640668414121412,
  "efc": 0.4741,
  "fber": -1.0,
  "fwhm_avg": 2.6332541274281227,
  "fwhm_x": 2.4753374631145975,
  "fwhm_y": 2.8918249569084504,
  "fwhm_z": 2.53259996226132,
  "icvs_csf": 0.27933289472657763,
  "icvs_gm": 0.3432150642340745,
  "icvs_wm": 0.3774520410393479,
  "inu_med": 0.9978643655776978,
  "inu_range": 0.28397986888885496,
  "provenance": {
    "md5sum": "268dafeee01dd6cedfb3860f70564a0e",
    "settings": {
      "testing": false
    },
    "software": "mriqc",
    "version": "24.0.1",
    "warnings": {
      "large_rot_frame": true,
      "small_air_mask": false
    }
  },
  "qi_1": 0.0,
  "qi_2": 0.002192544372889648,
  "rpve_csf": 8.241482209489464,
  "rpve_gm": 8.092397078330848,
  "rpve_wm": 8.126390402553332,
  "size_x": 240,
  "size_y": 320,
  "size_z": 320,
  "snr_csf": 1.400825902913579,
  "snr_gm": 4.598221431190881,
  "snr_total": 4.324171454679855,
  "snr_wm": 6.973467029935105,
  "snrd_csf": 37.82186201046232,
  "snrd_gm": 34.14259244073707,
  "snrd_total": 33.5508218106414,
  "snrd_wm": 28.68801098072482,
  "spacing_x": 0.800000011920929,
  "spacing_y": 0.800000011920929,
  "spacing_z": 0.800000011920929,
  "summary_bg_k": 845.6508,
  "summary_bg_mad": 0.0,
  "summary_bg_mean": 4.5766,
  "summary_bg_median": 0.0,
  "summary_bg_n": 7690527.0,
  "summary_bg_p05": 0.0,
  "summary_bg_p95": 26.0,
  "summary_bg_stdv": 25.4628,
  "summary_csf_k": -1.4848,
  "summary_csf_mad": 1700.7438,
  "summary_csf_mean": 1528.8702,
  "summary_csf_median": 1470.0,
  "summary_csf_n": 822375.3167332979,
  "summary_csf_p05": 13.0,
  "summary_csf_p95": 3320.0,
  "summary_csf_stdv": 1049.3803,
  "summary_gm_k": 32.6022,
  "summary_gm_mad": 197.871,
  "summary_gm_mean": 1327.4611,
  "summary_gm_median": 1327.0,
  "summary_gm_n": 1010448.8317905253,
  "summary_gm_p05": 895.0,
  "summary_gm_p95": 1793.0,
  "summary_gm_stdv": 288.5897,
  "summary_wm_k": 99.3789,
  "summary_wm_mad": 123.8423,
  "summary_wm_mean": 1125.9004,
  "summary_wm_median": 1115.0,
  "summary_wm_n": 1111244.8539410392,
  "summary_wm_p05": 900.0,
  "summary_wm_p95": 1377.0,
  "summary_wm_stdv": 159.8917,
  "tpm_overlap_csf": 0.20632248762084948,
  "tpm_overlap_gm": 0.5031886613879846,
  "tpm_overlap_wm": 0.5144532062920786,
  "wm2max": 0.3101837609932049
}