{
  "aor": [
    0.0010603030303030306,
    0.0010330303030303032,
    0.0011339393939393942,
    0.0014298989898989896
  ],
  "aqi": [
    0.004430247474747475,
    0.006186885050505049,
    0.009515145353535353,
    0.015888862626262625
  ],
  "bids_meta": {
    "AcquisitionDuration": 188.475,
    "AcquisitionMatrixPE": 96,
    "AcquisitionNumber": 1,
    "AcquisitionTime": "20:34:31.357500",
    "B0FieldSource": [
      "pilot013pepolarbold",
      "pilot013phasediff"
    ],
    "BandwidthPerPixelPhaseEncode": 37.879,
    "BaseResolution": 96,
    "BodyPartExamined": "BRAIN",
    "CoilCombinationMethod": "Sum of Squares",
    "CoilString": "HeadNeck_64",
    "ConversionSoftware": "dcm2niix",
    "ConversionSoftwareVersion": "v1.0.20220720",
    "DerivedVendorReportedEchoSpacing": 0.000549997,
    "DeviceSerialNumber": "67014",
    "DwellTime": 2.3e-6,
    "EchoNumber": 2,
    "EchoTime": 0.03304,
    "EchoTrainLength": 35,
    "EffectiveEchoSpacing": 0.000274998,
    "FileSize": 0.0542965205386281,
    "FileSizeUnits": "GB",
    "FlipAngle": 64,
    "HeudiconvVersion": "1.0.0",
    "ImageComments": "Unaliased MB4/PE4/LB",
    "ImageOrientationPatientDICOM": [
      0.998114,
      0.0335193,
      0.0514293,
      -0.00836199,
      0.904199,
      -0.42703
    ],
    "ImageType": [
      "ORIGINAL",
      "PRIMARY",
      "FMRI",
      "NONE"
    ],
    "ImageTypeText": [
      "ORIGINAL",
      "PRIMARY",
      "M",
      "MB",
      "TE2",
      "DIS2D"
    ],
    "ImagingFrequency": 123.248,
    "InPlanePhaseEncodingDirectionDICOM": "COL",
    "InstitutionAddress": "Rue du Bugnon 21,Lausanne,District,CH,1011",
    "InstitutionName": "CHUV",
    "MRAcquisitionType": "2D",
    "MTState": false,
    "MagneticFieldStrength": 3,
    "Manufacturer": "Siemens",
    "ManufacturersModelName": "MAGNETOM Prisma Fit",
    "MatrixCoilMode": "GRAPPA",
    "Modality": "MR",
    "MultibandAccelerationFactor": 4,
    "NonlinearGradientCorrection": true,
    "NumberOfVolumes": 99,
    "ParallelAcquisitionTechnique": "GRAPPA",
    "ParallelReductionFactorInPlane": 2,
    "PartialFourier": 0.75,
    "PartialFourierDirection": "PHASE",
    "PatientPosition": "HFS",
    "PercentPhaseFOV": 100,
    "PercentSampling": 100,
    "PhaseEncodingDirection": "j-",
    "PhaseResolution": 1,
    "PixelBandwidth": 2264,
    "ProcedureStepDescription": "https://www.axonlab.org/hcph-sops/",
    "ProtocolName": "func-bold_task-qc_dir-AP__cmrr_me4_sms4",
    "PulseSequenceDetails": "%CustomerSeq%\\cmrr_mbep2d_bold",
    "PulseSequenceName": "epfid2d4_96",
    "ReceiveCoilActiveElements": "HC1-7;NC1",
    "ReceiveCoilName": "HeadNeck_64",
    "ReconMatrixPE": 96,
    "RefLinesPE": 22,
    "RepetitionTime": 1.6,
    "ScanOptions": "PFP\\FS",
    "ScanningSequence": "EP",
    "SequenceVariant": "SK\\SS",
    "SeriesDescription": "func-bold_task-qc_dir-AP__cmrr_me4_sms4",
    "SeriesNumber": 12,
    "ShimSetting": [
      8233,
      -5622,
      -6036,
      624,
      6,
      -264,
      -52,
      35
    ],
    "SliceThickness": 2.2,
    "SliceTiming": [
      0,
      0.8425,
      0.105,
      0.9475,
      0.2125,
      1.055,
      0.3175,
      1.16,
      0.4225,
      1.265,
      0.5275,
      1.37,
      0.6325,
      1.475,
      0.7375,
      0,
      0.8425,
      0.105,
      0.9475,
      0.2125,
      1.055,
      0.3175,
      1.16,
      0.4225,
      1.265,
      0.5275,
      1.37,
      0.6325,
      1.475,
      0.7375,
      0,
      0.8425,
      0.105,
      0.9475,
      0.2125,
      1.055,
      0.3175,
      1.16,
      0.4225,
      1.265,
      0.5275,
      1.37,
      0.6325,
      1.475,
      0.7375,
      0,
      0.8425,
      0.105,
      0.9475,
      0.2125,
      1.055,
      0.3175,
      1.16,
      0.4225,
      1.265,
      0.5275,
      1.37,
      0.6325,
      1.475,
      0.7375
    ],
    "SoftwareVersions": "syngo MR XA30",
    "SpacingBetweenSlices": 2.2,
    "StationName": "LRG10884",
    "TaskName": "Quality Control Task (QCT)",
    "TotalReadoutTime": 0.0261249,
    "TxRefAmp": 249.087,
    "WipMemBlock": "b53c3a5b-ed71-48cf-80d7-4f204b73618e||Sequence: R017 nxva30a/master r/d34922cc2+; Jun 27 2022 13:20:16 by eja",
    "dataset": "HCPh",
    "datatype": "func",
    "direction": "AP",
    "extension": ".nii.gz",
    "modality": "bold",
    "session": "pilot013",
    "subject": "001",
    "suffix": "bold",
    "task": "qct"
  },
  "dummy_trs": 0,
  "dvars_nstd": 39.6964285327551,
  "dvars_std": 1.0185231310204084,
  "dvars_vstd": 1.0016665418367348,
  "efc": 0.5256,
  "fber": 479.7872,
  "fd_mean": 0.07263537788457787,
  "fd_num": 0,
  "fd_perc": 0.0,
  "fwhm_avg": 3.0992738447389114,
  "fwhm_x": 2.883908312291966,
  "fwhm_y": 3.30745874380081,
  "fwhm_z": 3.106454478123958,
  "gcor": [
    0.00587818,
    0.00665442,
    0.00607963,
    0.00495744
  ],
  "gsr_x": 0.015779154375195503,
  "gsr_y": 0.029590044170618057,
  "provenance": {
    "md5sum": "737ac78da396f5d12d0ec9c8c697d3ec",
    "settings": {
      "fd_thres": 0.2,
      "testing": false
    },
    "software": "mriqc",
    "version": "24.1.0.dev15+g9586c867.d20240825"
  },
  "size_t": 99,
  "size_x": 96,
  "size_y": 96,
  "size_z": 60,
  "snr": 2.120219109956411,
  "spacing_tr": 1.600000023841858,
  "spacing_x": 2.197920083999634,
  "spacing_y": 2.197920083999634,
  "spacing_z": 2.200000047683716,
  "summary_bg_k": 32.5485,
  "summary_bg_mad": 5.4662,
  "summary_bg_mean": 41.1785,
  "summary_bg_median": 22.0,
  "summary_bg_n": 416477.0,
  "summary_bg_p05": 0.0,
  "summary_bg_p95": 143.0,
  "summary_bg_stdv": 63.9863,
  "summary_fg_k": 0.5632,
  "summary_fg_mad": 200.6605,
  "summary_fg_mean": 499.6803,
  "summary_fg_median": 487.0,
  "summary_fg_n": 136483.0,
  "summary_fg_p05": 90.0,
  "summary_fg_p95": 896.0,
  "summary_fg_stdv": 229.6924,
  "tsnr": 33.62704130844213
}
