{
  "bids_meta": {
    "AcquisitionMatrixPE": 320,
    "AcquisitionNumber": 1,
    "AcquisitionTime": "22:25:42.965000",
    "BaseResolution": 320,
    "BodyPartExamined": "BRAIN",
    "CoilCombinationMethod": "Adaptive Combine",
    "CoilString": "HeadNeck_64",
    "ConversionSoftware": "dcm2niix",
    "ConversionSoftwareVersion": "v1.0.20220720",
    "DeviceSerialNumber": "67014",
    "DwellTime": 2.2e-6,
    "EchoTime": 0.413,
    "EchoTrainLength": 248,
    "FileSize": 0.01588914357125759,
    "FileSizeUnits": "GB",
    "FlipAngle": 120,
    "HeudiconvVersion": "1.1.6.post8+ga0a3635",
    "ImageOrientationPatientDICOM": [
      -0.0290732,
      0.985105,
      0.169477,
      0.0182549,
      0.170044,
      -0.985267
    ],
    "ImageType": [
      "ORIGINAL",
      "PRIMARY",
      "M",
      "ND",
      "NORM",
      "MFSPLIT"
    ],
    "ImageTypeText": [
      "ORIGINAL",
      "PRIMARY",
      "M",
      "NONE"
    ],
    "ImagingFrequency": 123.248,
    "InPlanePhaseEncodingDirectionDICOM": "ROW",
    "InstitutionAddress": "Rue du Bugnon 21,Lausanne,District,CH,1011",
    "InstitutionName": "CHUV",
    "MRAcquisitionType": "3D",
    "MagneticFieldStrength": 3,
    "Manufacturer": "Siemens",
    "ManufacturersModelName": "MAGNETOM Prisma Fit",
    "MatrixCoilMode": "GRAPPA",
    "Modality": "MR",
    "NonlinearGradientCorrection": false,
    "NumberOfVolumes": 1,
    "ParallelReductionFactorInPlane": 3,
    "PartialFourier": 1,
    "PatientPosition": "HFS",
    "PercentPhaseFOV": 100,
    "PercentSampling": 100,
    "PhaseEncodingDirection": "i",
    "PhaseEncodingSteps": 320,
    "PhaseResolution": 1,
    "PixelBandwidth": 710,
    "ProcedureStepDescription": "RESEARCH Oscar",
    "ProtocolName": "anat-T2w__space",
    "PulseSequenceDetails": "%SiemensSeq%\\space",
    "ReceiveCoilActiveElements": "HC1-7;NC1,2",
    "ReceiveCoilName": "HeadNeck_64",
    "ReconMatrixPE": 320,
    "RefLinesPE": 24,
    "RepetitionTime": 3.2,
    "SAR": 0.131975,
    "ScanOptions": "PFP\\PER",
    "ScanningSequence": "SE",
    "SequenceName": "*spcR_282ns",
    "SequenceVariant": "SP\\SK",
    "SeriesDescription": "anat-T2w__space_ND",
    "SeriesNumber": 23,
    "ShimSetting": [
      8228,
      -5666,
      -6274,
      307,
      -57,
      -153,
      48,
      21
    ],
    "SliceThickness": 0.8,
    "SoftwareVersions": "syngo MR XA30",
    "StationName": "LRG10884",
    "TxRefAmp": 253.228,
    "acquisition": "original",
    "dataset": "HCPh",
    "datatype": "anat",
    "extension": ".nii.gz",
    "modality": "T2w",
    "session": "pilot20103060",
    "subject": "001",
    "suffix": "T2w"
  },
  "cjv": 1.6640800970873786,
  "cnr": 0.5907933440884496,
  "efc": 0.4878,
  "fber": -1.0,
  "fwhm_avg": 2.6458124605743216,
  "fwhm_x": 2.513437462546863,
  "fwhm_y": 2.904487456719764,
  "fwhm_z": 2.5195124624563388,
  "icvs_csf": 0.2775055454117601,
  "icvs_gm": 0.3440605401790922,
  "icvs_wm": 0.3784339144091476,
  "inu_med": 1.0023669004440308,
  "inu_range": 0.3126130819320678,
  "provenance": {
    "md5sum": "fe77902a55ce3d6f0a5b6a3c7f24264a",
    "settings": {
      "testing": false
    },
    "software": "mriqc",
    "version": "24.1.0.dev15+g9586c867.d20240825",
    "warnings": {
      "large_rot_frame": true,
      "small_air_mask": false
    }
  },
  "qi_1": 0.0,
  "qi_2": 0.00234388407570932,
  "rpve_csf": 8.136838234192597,
  "rpve_gm": 7.971486686036345,
  "rpve_wm": 8.00391723735771,
  "size_x": 240,
  "size_y": 320,
  "size_z": 320,
  "snr_csf": 1.415516093499352,
  "snr_gm": 4.582553483273778,
  "snr_total": 4.142889019012768,
  "snr_wm": 6.430597480265174,
  "snrd_csf": 44.166748407818744,
  "snrd_gm": 37.86514445522612,
  "snrd_total": 38.05946704407259,
  "snrd_wm": 32.14650826917291,
  "spacing_x": 0.800000011920929,
  "spacing_y": 0.800000011920929,
  "spacing_z": 0.800000011920929,
  "summary_bg_k": 1070.2676,
  "summary_bg_mad": 0.0,
  "summary_bg_mean": 3.6348,
  "summary_bg_median": 0.0,
  "summary_bg_n": 6743955.0,
  "summary_bg_p05": 0.0,
  "summary_bg_p95": 18.0,
  "summary_bg_stdv": 23.5997,
  "summary_csf_k": -1.3775,
  "summary_csf_mad": 1792.2068,
  "summary_csf_mean": 1675.1108,
  "summary_csf_median": 1591.0,
  "summary_csf_n": 827892.8393156053,
  "summary_csf_p05": 85.0,
  "summary_csf_p95": 3596.0,
  "summary_csf_stdv": 1123.971,
  "summary_gm_k": 46.881,
  "summary_gm_mad": 198.7984,
  "summary_gm_mean": 1361.5839,
  "summary_gm_median": 1364.0,
  "summary_gm_n": 1026448.8844094229,
  "summary_gm_p05": 920.0,
  "summary_gm_p95": 1838.0,
  "summary_gm_stdv": 297.6505,
  "summary_wm_k": 90.9296,
  "summary_wm_mad": 144.0021,
  "summary_wm_mean": 1168.8896,
  "summary_wm_median": 1158.0,
  "summary_wm_n": 1128996.2779973724,
  "summary_wm_p05": 918.0,
  "summary_wm_p95": 1447.0,
  "summary_wm_stdv": 180.0765,
  "tpm_overlap_csf": 0.20691907352419184,
  "tpm_overlap_gm": 0.5081267504494174,
  "tpm_overlap_wm": 0.5250979727703932,
  "wm2max": 0.28755684189253533
}
