{
  "bids_meta": {
    "AcquisitionMatrixPE": 320,
    "AcquisitionNumber": 1,
    "AcquisitionTime": "22:25:42.965000",
    "BaseResolution": 320,
    "BodyPartExamined": "BRAIN",
    "CoilCombinationMethod": "Adaptive Combine",
    "CoilString": "HeadNeck_64",
    "ConversionSoftware": "dcm2niix",
    "ConversionSoftwareVersion": "v1.0.20220720",
    "DeviceSerialNumber": "67014",
    "DwellTime": 2.2e-6,
    "EchoTime": 0.413,
    "EchoTrainLength": 248,
    "FileSize": 0.015040960162878036,
    "FileSizeUnits": "GB",
    "FlipAngle": 120,
    "HeudiconvVersion": "1.1.6.post8+ga0a3635",
    "ImageOrientationPatientDICOM": [
      -0.0290732,
      0.985105,
      0.169477,
      0.0182549,
      0.170044,
      -0.985267
    ],
    "ImageType": [
      "ORIGINAL",
      "PRIMARY",
      "M",
      "NORM",
      "DIS3D",
      "MFSPLIT"
    ],
    "ImageTypeText": [
      "ORIGINAL",
      "PRIMARY",
      "M",
      "NONE"
    ],
    "ImagingFrequency": 123.248,
    "InPlanePhaseEncodingDirectionDICOM": "ROW",
    "InstitutionAddress": "Rue du Bugnon 21,Lausanne,District,CH,1011",
    "InstitutionName": "CHUV",
    "MRAcquisitionType": "3D",
    "MagneticFieldStrength": 3,
    "Manufacturer": "Siemens",
    "ManufacturersModelName": "MAGNETOM Prisma Fit",
    "MatrixCoilMode": "GRAPPA",
    "Modality": "MR",
    "NonlinearGradientCorrection": true,
    "NumberOfVolumes": 1,
    "ParallelReductionFactorInPlane": 3,
    "PartialFourier": 1,
    "PatientPosition": "HFS",
    "PercentPhaseFOV": 100,
    "PercentSampling": 100,
    "PhaseEncodingDirection": "i",
    "PhaseEncodingSteps": 320,
    "PhaseResolution": 1,
    "PixelBandwidth": 710,
    "ProcedureStepDescription": "RESEARCH Oscar",
    "ProtocolName": "anat-T2w__space",
    "PulseSequenceDetails": "%SiemensSeq%\\space",
    "ReceiveCoilActiveElements": "HC1-7;NC1,2",
    "ReceiveCoilName": "HeadNeck_64",
    "ReconMatrixPE": 320,
    "RefLinesPE": 24,
    "RepetitionTime": 3.2,
    "SAR": 0.131975,
    "ScanOptions": "PFP\\PER",
    "ScanningSequence": "SE",
    "SequenceName": "*spcR_282ns",
    "SequenceVariant": "SP\\SK",
    "SeriesDescription": "anat-T2w__space",
    "SeriesNumber": 24,
    "ShimSetting": [
      8228,
      -5666,
      -6274,
      307,
      -57,
      -153,
      48,
      21
    ],
    "SliceThickness": 0.8,
    "SoftwareVersions": "syngo MR XA30",
    "StationName": "LRG10884",
    "TxRefAmp": 253.228,
    "acquisition": "undistorted",
    "dataset": "HCPh",
    "datatype": "anat",
    "extension": ".nii.gz",
    "modality": "T2w",
    "session": "pilot20103060",
    "subject": "001",
    "suffix": "T2w"
  },
  "cjv": 1.7709936651583709,
  "cnr": 0.5684610144743718,
  "efc": 0.4921,
  "fber": -1.0,
  "fwhm_avg": 2.5365791288686923,
  "fwhm_x": 2.4187624639576306,
  "fwhm_y": 2.7802499585710474,
  "fwhm_z": 2.4107249640773984,
  "icvs_csf": 0.27686903238761995,
  "icvs_gm": 0.33966080946110605,
  "icvs_wm": 0.38347015815127405,
  "inu_med": 1.0235387086868286,
  "inu_range": 0.29353890419006357,
  "provenance": {
    "md5sum": "68fed6af9fccbc7fd0617be889478e1d",
    "settings": {
      "testing": false
    },
    "software": "mriqc",
    "version": "24.1.0.dev15+g9586c867.d20240825",
    "warnings": {
      "large_rot_frame": true,
      "small_air_mask": false
    }
  },
  "qi_1": 0.0,
  "qi_2": 0.0019014438862696337,
  "rpve_csf": 8.142309502466695,
  "rpve_gm": 7.982427184865767,
  "rpve_wm": 8.01941045969806,
  "size_x": 240,
  "size_y": 320,
  "size_z": 320,
  "snr_csf": 1.3531593516202647,
  "snr_gm": 3.9903404641752274,
  "snr_total": 3.8592640124933735,
  "snr_wm": 6.234292221684628,
  "snrd_csf": 41.26330244322421,
  "snrd_gm": 34.19389096753209,
  "snrd_total": 34.703623946275854,
  "snrd_wm": 28.653678428071245,
  "spacing_x": 0.800000011920929,
  "spacing_y": 0.800000011920929,
  "spacing_z": 0.800000011920929,
  "summary_bg_k": 1129.045,
  "summary_bg_mad": 0.0,
  "summary_bg_mean": 3.2635,
  "summary_bg_median": 0.0,
  "summary_bg_n": 6743433.0,
  "summary_bg_p05": 0.0,
  "summary_bg_p95": 18.0,
  "summary_bg_stdv": 26.1335,
  "summary_csf_k": -1.4267,
  "summary_csf_mad": 1981.9322,
  "summary_csf_mean": 1741.1363,
  "summary_csf_median": 1646.0,
  "summary_csf_n": 825138.3805951364,
  "summary_csf_p05": 0.0,
  "summary_csf_p95": 3815.0,
  "summary_csf_stdv": 1216.4118,
  "summary_gm_k": 25.4715,
  "summary_gm_mad": 246.8195,
  "summary_gm_mean": 1359.0678,
  "summary_gm_median": 1364.0,
  "summary_gm_n": 1012273.4487618423,
  "summary_gm_p05": 859.0,
  "summary_gm_p95": 1910.0,
  "summary_gm_stdv": 341.8253,
  "summary_wm_k": 104.3573,
  "summary_wm_mad": 144.5701,
  "summary_wm_mean": 1157.1241,
  "summary_wm_median": 1143.0,
  "summary_wm_n": 1142836.1726656272,
  "summary_wm_p05": 903.0,
  "summary_wm_p95": 1445.0,
  "summary_wm_stdv": 183.3407,
  "tpm_overlap_csf": 0.20887606608142886,
  "tpm_overlap_gm": 0.49702291829435985,
  "tpm_overlap_wm": 0.5191255446205112,
  "wm2max": 0.27822710176235604
}
