{
  "bids_meta": {
    "AcquisitionMatrixPE": 252,
    "AcquisitionNumber": 1,
    "AcquisitionTime": "21:13:12.842500",
    "BaseResolution": 288,
    "BodyPartExamined": "BRAIN",
    "CoilCombinationMethod": "Adaptive Combine",
    "CoilString": "HeadNeck_64",
    "ConversionSoftware": "dcm2niix",
    "ConversionSoftwareVersion": "v1.0.20220720",
    "DeviceSerialNumber": "67014",
    "DwellTime": 6.7e-6,
    "EchoTime": 0.00255,
    "FileSize": 0.011971619911491871,
    "FileSizeUnits": "GB",
    "FlipAngle": 8,
    "HeudiconvVersion": "1.1.6.post8+ga0a3635",
    "ImageOrientationPatientDICOM": [
      1,
      -1.1103e-11,
      4e-6,
      -4.897e-12,
      1,
      4e-6
    ],
    "ImageType": [
      "ORIGINAL",
      "PRIMARY",
      "M",
      "NORM",
      "DIS2D",
      "FM3",
      "2",
      "FIL",
      "MFSPLIT"
    ],
    "ImageTypeText": [
      "ORIGINAL",
      "PRIMARY",
      "M",
      "NONE"
    ],
    "ImagingFrequency": 123.248,
    "InPlanePhaseEncodingDirectionDICOM": "ROW",
    "InstitutionAddress": "Rue du Bugnon 21,Lausanne,District,CH,1011",
    "InstitutionName": "CHUV",
    "InversionTime": 0.9,
    "MRAcquisitionType": "3D",
    "MagneticFieldStrength": 3,
    "Manufacturer": "Siemens",
    "ManufacturersModelName": "MAGNETOM Prisma Fit",
    "MatrixCoilMode": "GRAPPA",
    "Modality": "MR",
    "NonlinearGradientCorrection": true,
    "NumberOfVolumes": 1,
    "ParallelReductionFactorInPlane": 2,
    "PartialFourier": 1,
    "PatientPosition": "HFS",
    "PercentPhaseFOV": 87.5,
    "PercentSampling": 100,
    "PhaseEncodingSteps": 252,
    "PhaseResolution": 1,
    "PixelBandwidth": 259,
    "ProcedureStepDescription": "RESEARCH Oscar",
    "ProtocolName": "anat-T1w__t1_mprage_tra_p2_iso_siemens_axial",
    "PulseSequenceDetails": "%SiemensSeq%\\tfl",
    "ReceiveCoilActiveElements": "HC1-7",
    "ReceiveCoilName": "HeadNeck_64",
    "ReconMatrixPE": 252,
    "RefLinesPE": 24,
    "RepetitionTime": 2.2,
    "SAR": 0.042161,
    "ScanOptions": "PER",
    "ScanningSequence": "GR",
    "SequenceName": "*tfl3d1_16",
    "SequenceVariant": "SK",
    "SeriesDescription": "anat-T1w__t1_mprage_tra_p2_iso_siemens_axial",
    "SeriesNumber": 5,
    "ShimSetting": [
      8228,
      -5666,
      -6274,
      307,
      -57,
      -153,
      48,
      21
    ],
    "SliceThickness": 0.8,
    "SoftwareVersions": "syngo MR XA30",
    "StationName": "LRG10884",
    "TxRefAmp": 253.228,
    "acquisition": "undistorted",
    "dataset": "HCPh",
    "datatype": "anat",
    "extension": ".nii.gz",
    "modality": "T1w",
    "session": "pilot20103060",
    "subject": "001",
    "suffix": "T1w"
  },
  "cjv": 0.6750263374485597,
  "cnr": 1.2794080576255094,
  "efc": 0.5339,
  "fber": 422.9937,
  "fwhm_avg": 5.178226155168892,
  "fwhm_x": 4.770871012585094,
  "fwhm_y": 5.6990200283927965,
  "fwhm_z": 5.064787424528786,
  "icvs_csf": 0.27190580015317384,
  "icvs_gm": 0.37248202283584514,
  "icvs_wm": 0.3556121770109811,
  "inu_med": 0.7314164340496063,
  "inu_range": 0.5536450177431107,
  "provenance": {
    "md5sum": "4b369332a15bbbd3b8134adea7382824",
    "settings": {
      "testing": false
    },
    "software": "mriqc",
    "version": "24.1.0.dev15+g9586c867.d20240825",
    "warnings": {
      "large_rot_frame": true,
      "small_air_mask": false
    }
  },
  "qi_1": 0.0,
  "qi_2": 0.0010100810201490455,
  "rpve_csf": 4.543198681982339,
  "rpve_gm": 4.425481969284382,
  "rpve_wm": 4.506052390578142,
  "size_x": 252,
  "size_y": 288,
  "size_z": 192,
  "snr_csf": 1.4846934345717464,
  "snr_gm": 4.836998488574943,
  "snr_total": 5.3153638318347225,
  "snr_wm": 9.62439957235748,
  "snrd_csf": 5.854939231363731,
  "snrd_gm": 12.943466288203469,
  "snrd_total": 12.071976381648279,
  "snrd_wm": 17.41752362537764,
  "spacing_x": 0.7986109852790833,
  "spacing_y": 0.7986109852790833,
  "spacing_z": 0.800000011920929,
  "summary_bg_k": 248.5739,
  "summary_bg_mad": 35.5825,
  "summary_bg_mean": 33.4861,
  "summary_bg_median": 24.0,
  "summary_bg_n": 4556978.0,
  "summary_bg_p05": 0.0,
  "summary_bg_p95": 82.0,
  "summary_bg_stdv": 72.7296,
  "summary_csf_k": -0.4336,
  "summary_csf_mad": 177.7034,
  "summary_csf_mean": 338.5427,
  "summary_csf_median": 318.0,
  "summary_csf_n": 818029.6877812643,
  "summary_csf_p05": 18.0,
  "summary_csf_p95": 711.0,
  "summary_csf_stdv": 214.1855,
  "summary_gm_k": 3.1697,
  "summary_gm_mad": 91.3261,
  "summary_gm_mean": 706.0006,
  "summary_gm_median": 703.0,
  "summary_gm_n": 1120613.6561739084,
  "summary_gm_p05": 465.0,
  "summary_gm_p95": 965.0,
  "summary_gm_stdv": 145.338,
  "summary_wm_k": 0.3097,
  "summary_wm_mad": 72.7053,
  "summary_wm_mean": 926.9261,
  "summary_wm_median": 946.0,
  "summary_wm_n": 1069860.6575057756,
  "summary_wm_p05": 741.0,
  "summary_wm_p95": 1063.0,
  "summary_wm_stdv": 98.2918,
  "tpm_overlap_csf": 0.1900656749587541,
  "tpm_overlap_gm": 0.5357242861555175,
  "tpm_overlap_wm": 0.5432615515064957,
  "wm2max": 0.27548904665321844
}
