{
  "bids_meta": {
    "AcquisitionMatrixPE": 320,
    "AcquisitionNumber": 1,
    "AcquisitionTime": "01:03:27.895000",
    "BaseResolution": 320,
    "BodyPartExamined": "BRAIN",
    "CoilCombinationMethod": "Adaptive Combine",
    "CoilString": "HeadNeck_64_CS",
    "ConversionSoftware": "dcm2niix",
    "ConversionSoftwareVersion": "v1.0.20220720",
    "DeviceSerialNumber": "202009",
    "DwellTime": 2.2e-6,
    "EchoTime": 0.414,
    "EchoTrainLength": 250,
    "FileSize": 0.014620363712310791,
    "FileSizeUnits": "GB",
    "FlipAngle": 120,
    "HeudiconvVersion": "1.1.6.post8+ga0a3635",
    "ImageOrientationPatientDICOM": [
      -0.00761703,
      0.999299,
      0.0366423,
      -0.00915212,
      0.0365721,
      -0.999289
    ],
    "ImageType": [
      "ORIGINAL",
      "PRIMARY",
      "M",
      "NORM",
      "DIS3D",
      "MFSPLIT"
    ],
    "ImageTypeText": [
      "ORIGINAL",
      "PRIMARY",
      "M",
      "NONE"
    ],
    "ImagingFrequency": 123.198,
    "InPlanePhaseEncodingDirectionDICOM": "ROW",
    "InstitutionAddress": "Rue du Bugnon 46,Lausanne,,CH,1011",
    "InstitutionName": "CHUV Lausanne",
    "MRAcquisitionType": "3D",
    "MagneticFieldStrength": 3,
    "Manufacturer": "Siemens",
    "ManufacturersModelName": "MAGNETOM Vida Fit",
    "MatrixCoilMode": "GRAPPA",
    "Modality": "MR",
    "NonlinearGradientCorrection": true,
    "NumberOfVolumes": 1,
    "ParallelReductionFactorInPlane": 3,
    "PartialFourier": 1,
    "PatientPosition": "HFS",
    "PercentPhaseFOV": 100,
    "PercentSampling": 100,
    "PhaseEncodingDirection": "i",
    "PhaseEncodingSteps": 320,
    "PhaseResolution": 1,
    "PixelBandwidth": 710,
    "ProcedureStepDescription": "RESEARCH Oscar",
    "ProtocolName": "anat-T2w__space",
    "PulseSequenceDetails": "%SiemensSeq%\\space",
    "ReceiveCoilActiveElements": "HC1-7;NC1,2",
    "ReceiveCoilName": "HeadNeck_64_CS",
    "ReconMatrixPE": 320,
    "RefLinesPE": 24,
    "RepetitionTime": 3.2,
    "SAR": 0.162925,
    "ScanOptions": "PFP\\PER",
    "ScanningSequence": "SE",
    "SequenceName": "*spcR_282ns",
    "SequenceVariant": "SP\\SK",
    "SeriesDescription": "anat-T2w__space",
    "SeriesNumber": 24,
    "ShimSetting": [
      232,
      -1112,
      2213,
      61,
      390,
      -73,
      60,
      -60
    ],
    "SliceThickness": 0.8,
    "SoftwareVersions": "syngo MR XA50",
    "StationName": "AWP202009",
    "TxRefAmp": 322.613,
    "acquisition": "undistorted",
    "dataset": "HCPh",
    "datatype": "anat",
    "extension": ".nii.gz",
    "modality": "T2w",
    "session": "21102030",
    "subject": "001",
    "suffix": "T2w"
  },
  "cjv": 1.7245564220183487,
  "cnr": 0.582090211433833,
  "efc": 0.4642,
  "fber": -1.0,
  "fwhm_avg": 2.636809455562327,
  "fwhm_x": 2.5356749622154986,
  "fwhm_y": 2.873264337373531,
  "fwhm_z": 2.5014890670979515,
  "icvs_csf": 0.27166170457819083,
  "icvs_gm": 0.3397026885417457,
  "icvs_wm": 0.38863560688006354,
  "inu_med": 1.0270178318023682,
  "inu_range": 0.35613692998886093,
  "provenance": {
    "md5sum": "6a5aaf2ab9b74fbb1facf3451e20d0d5",
    "settings": {
      "testing": false
    },
    "software": "mriqc",
    "version": "24.1.0.dev15+g9586c867.d20240825",
    "warnings": {
      "large_rot_frame": true,
      "small_air_mask": false
    }
  },
  "qi_1": 0.0,
  "qi_2": 0.001969172609079268,
  "rpve_csf": 8.967774441118681,
  "rpve_gm": 8.812288474547417,
  "rpve_wm": 8.851754006190735,
  "size_x": 240,
  "size_y": 320,
  "size_z": 320,
  "snr_csf": 1.4327795949644608,
  "snr_gm": 4.015695272162883,
  "snr_total": 4.045981637754832,
  "snr_wm": 6.689470046137154,
  "snrd_csf": 45.85935450061392,
  "snrd_gm": 37.06895381876026,
  "snrd_total": 37.9903794667533,
  "snrd_wm": 31.042830080885732,
  "spacing_x": 0.800000011920929,
  "spacing_y": 0.8343750238418579,
  "spacing_z": 0.8343750238418579,
  "summary_bg_k": 1264.5177,
  "summary_bg_mad": 0.0,
  "summary_bg_mean": 1.4698,
  "summary_bg_median": 0.0,
  "summary_bg_n": 7935918.0,
  "summary_bg_p05": 0.0,
  "summary_bg_p95": 0.0,
  "summary_bg_stdv": 23.7001,
  "summary_csf_k": -1.3886,
  "summary_csf_mad": 1875.5753,
  "summary_csf_mean": 1725.6745,
  "summary_csf_median": 1659.0,
  "summary_csf_n": 735872.3360927431,
  "summary_csf_p05": 0.0,
  "summary_csf_p95": 3648.0,
  "summary_csf_stdv": 1157.8884,
  "summary_gm_k": 23.5843,
  "summary_gm_mad": 241.3306,
  "summary_gm_mean": 1339.1495,
  "summary_gm_median": 1341.0,
  "summary_gm_n": 920180.5288763114,
  "summary_gm_p05": 848.0,
  "summary_gm_p95": 1885.0,
  "summary_gm_stdv": 333.9395,
  "summary_wm_k": 105.2798,
  "summary_wm_mad": 134.6227,
  "summary_wm_mean": 1137.2982,
  "summary_wm_median": 1123.0,
  "summary_wm_n": 1052729.1373942606,
  "summary_wm_p05": 904.0,
  "summary_wm_p95": 1403.0,
  "summary_wm_stdv": 167.8757,
  "tpm_overlap_csf": 0.22046298057465757,
  "tpm_overlap_gm": 0.49746707145809427,
  "tpm_overlap_wm": 0.5247787894967622,
  "wm2max": 0.2853706354950553
}
