{
  "bids_meta": {
    "AcquisitionMatrixPE": 320,
    "AcquisitionNumber": 1,
    "AcquisitionTime": "01:03:27.895000",
    "BaseResolution": 320,
    "BodyPartExamined": "BRAIN",
    "CoilCombinationMethod": "Adaptive Combine",
    "CoilString": "HeadNeck_64_CS",
    "ConversionSoftware": "dcm2niix",
    "ConversionSoftwareVersion": "v1.0.20220720",
    "DeviceSerialNumber": "202009",
    "DwellTime": 2.2e-6,
    "EchoTime": 0.414,
    "EchoTrainLength": 250,
    "FileSize": 0.015560260973870754,
    "FileSizeUnits": "GB",
    "FlipAngle": 120,
    "HeudiconvVersion": "1.1.6.post8+ga0a3635",
    "ImageOrientationPatientDICOM": [
      -0.00761703,
      0.999299,
      0.0366423,
      -0.00915212,
      0.0365721,
      -0.999289
    ],
    "ImageType": [
      "ORIGINAL",
      "PRIMARY",
      "M",
      "ND",
      "NORM",
      "MFSPLIT"
    ],
    "ImageTypeText": [
      "ORIGINAL",
      "PRIMARY",
      "M",
      "NONE"
    ],
    "ImagingFrequency": 123.198,
    "InPlanePhaseEncodingDirectionDICOM": "ROW",
    "InstitutionAddress": "Rue du Bugnon 46,Lausanne,,CH,1011",
    "InstitutionName": "CHUV Lausanne",
    "MRAcquisitionType": "3D",
    "MagneticFieldStrength": 3,
    "Manufacturer": "Siemens",
    "ManufacturersModelName": "MAGNETOM Vida Fit",
    "MatrixCoilMode": "GRAPPA",
    "Modality": "MR",
    "NonlinearGradientCorrection": false,
    "NumberOfVolumes": 1,
    "ParallelReductionFactorInPlane": 3,
    "PartialFourier": 1,
    "PatientPosition": "HFS",
    "PercentPhaseFOV": 100,
    "PercentSampling": 100,
    "PhaseEncodingDirection": "i",
    "PhaseEncodingSteps": 320,
    "PhaseResolution": 1,
    "PixelBandwidth": 710,
    "ProcedureStepDescription": "RESEARCH Oscar",
    "ProtocolName": "anat-T2w__space",
    "PulseSequenceDetails": "%SiemensSeq%\\space",
    "ReceiveCoilActiveElements": "HC1-7;NC1,2",
    "ReceiveCoilName": "HeadNeck_64_CS",
    "ReconMatrixPE": 320,
    "RefLinesPE": 24,
    "RepetitionTime": 3.2,
    "SAR": 0.162925,
    "ScanOptions": "PFP\\PER",
    "ScanningSequence": "SE",
    "SequenceName": "*spcR_282ns",
    "SequenceVariant": "SP\\SK",
    "SeriesDescription": "anat-T2w__space_ND",
    "SeriesNumber": 23,
    "ShimSetting": [
      232,
      -1112,
      2213,
      61,
      390,
      -73,
      60,
      -60
    ],
    "SliceThickness": 0.8,
    "SoftwareVersions": "syngo MR XA50",
    "StationName": "AWP202009",
    "TxRefAmp": 322.613,
    "acquisition": "original",
    "dataset": "HCPh",
    "datatype": "anat",
    "extension": ".nii.gz",
    "modality": "T2w",
    "session": "21102030",
    "subject": "001",
    "suffix": "T2w"
  },
  "cjv": 1.5993383495145632,
  "cnr": 0.6127280127599125,
  "efc": 0.4557,
  "fber": -1.0,
  "fwhm_avg": 2.616420301807985,
  "fwhm_x": 2.5017374627212066,
  "fwhm_y": 2.867823139027138,
  "fwhm_z": 2.4797003036756107,
  "icvs_csf": 0.2750365751301102,
  "icvs_gm": 0.344578182501437,
  "icvs_wm": 0.3803852423684528,
  "inu_med": 0.9671315550804138,
  "inu_range": 0.2882141590118408,
  "provenance": {
    "md5sum": "b639a39cef197044eba9ae11701b0e55",
    "settings": {
      "testing": false
    },
    "software": "mriqc",
    "version": "24.1.0.dev15+g9586c867.d20240825",
    "warnings": {
      "large_rot_frame": true,
      "small_air_mask": false
    }
  },
  "qi_1": 0.0,
  "qi_2": 0.002802052014077464,
  "rpve_csf": 8.938939783949696,
  "rpve_gm": 8.775438353462047,
  "rpve_wm": 8.80828503397534,
  "size_x": 240,
  "size_y": 320,
  "size_z": 320,
  "snr_csf": 1.4632714330409724,
  "snr_gm": 4.666320730928111,
  "snr_total": 4.260035896287419,
  "snr_wm": 6.650515524893173,
  "snrd_csf": 49.66448757869984,
  "snrd_gm": 41.80637916255784,
  "snrd_total": 42.292981396495485,
  "snrd_wm": 35.408077448228774,
  "spacing_x": 0.800000011920929,
  "spacing_y": 0.8343750238418579,
  "spacing_z": 0.8343750238418579,
  "summary_bg_k": 1363.6976,
  "summary_bg_mad": 0.0,
  "summary_bg_mean": 1.6231,
  "summary_bg_median": 0.0,
  "summary_bg_n": 7935771.0,
  "summary_bg_p05": 0.0,
  "summary_bg_p95": 14.0,
  "summary_bg_stdv": 21.0928,
  "summary_csf_k": -1.3522,
  "summary_csf_mad": 1735.9054,
  "summary_csf_mean": 1669.7683,
  "summary_csf_median": 1599.0,
  "summary_csf_n": 747712.508360914,
  "summary_csf_p05": 88.0,
  "summary_csf_p95": 3558.0,
  "summary_csf_stdv": 1092.7562,
  "summary_gm_k": 41.1497,
  "summary_gm_mad": 193.6112,
  "summary_gm_mean": 1344.4333,
  "summary_gm_median": 1346.0,
  "summary_gm_n": 936767.8354877391,
  "summary_gm_p05": 918.0,
  "summary_gm_p95": 1811.0,
  "summary_gm_stdv": 288.4498,
  "summary_wm_k": 102.3723,
  "summary_wm_mad": 135.8525,
  "summary_wm_mean": 1152.342,
  "summary_wm_median": 1140.0,
  "summary_wm_n": 1034112.6578537469,
  "summary_wm_p05": 915.0,
  "summary_wm_p95": 1420.0,
  "summary_wm_stdv": 171.4152,
  "tpm_overlap_csf": 0.20953791957689163,
  "tpm_overlap_gm": 0.5060954341564258,
  "tpm_overlap_wm": 0.5208002247147577,
  "wm2max": 0.29378314807974654
}
