{
  "bids_meta": {
    "AcquisitionMatrixPE": 216,
    "AcquisitionNumber": 1,
    "AcquisitionTime": "23:52:8.945000",
    "BaseResolution": 256,
    "BodyPartExamined": "BRAIN",
    "CoilCombinationMethod": "Adaptive Combine",
    "CoilString": "HeadNeck_64_CS",
    "ConversionSoftware": "dcm2niix",
    "ConversionSoftwareVersion": "v1.0.20220720",
    "DeviceSerialNumber": "202009",
    "DwellTime": 7.5e-6,
    "EchoTime": 0.00246,
    "FileSize": 0.009375745430588722,
    "FileSizeUnits": "GB",
    "FlipAngle": 8,
    "HeudiconvVersion": "1.1.6.post8+ga0a3635",
    "ImageOrientationPatientDICOM": [
      0.999929,
      0.00799379,
      -0.0088692,
      -0.00907532,
      0.991539,
      -0.129495
    ],
    "ImageType": [
      "ORIGINAL",
      "PRIMARY",
      "M",
      "NORM",
      "DIS2D",
      "FM3",
      "2",
      "FIL",
      "MFSPLIT"
    ],
    "ImageTypeText": [
      "ORIGINAL",
      "PRIMARY",
      "M",
      "NONE"
    ],
    "ImagingFrequency": 123.198,
    "InPlanePhaseEncodingDirectionDICOM": "ROW",
    "InstitutionAddress": "Rue du Bugnon 46,Lausanne,,CH,1011",
    "InstitutionName": "CHUV Lausanne",
    "InversionTime": 0.9,
    "MRAcquisitionType": "3D",
    "MagneticFieldStrength": 3,
    "Manufacturer": "Siemens",
    "ManufacturersModelName": "MAGNETOM Vida Fit",
    "MatrixCoilMode": "GRAPPA",
    "Modality": "MR",
    "NonlinearGradientCorrection": true,
    "NumberOfVolumes": 1,
    "ParallelReductionFactorInPlane": 2,
    "PartialFourier": 1,
    "PatientPosition": "HFS",
    "PercentPhaseFOV": 84.375,
    "PercentSampling": 100,
    "PhaseEncodingSteps": 216,
    "PhaseResolution": 1,
    "PixelBandwidth": 260,
    "ProcedureStepDescription": "RESEARCH Oscar",
    "ProtocolName": "anat-T1w__t1_mprage_tra_p2_iso_siemens_axial",
    "PulseSequenceDetails": "%SiemensSeq%\\tfl",
    "ReceiveCoilActiveElements": "HC1-7;NC1",
    "ReceiveCoilName": "HeadNeck_64_CS",
    "ReconMatrixPE": 216,
    "RefLinesPE": 24,
    "RepetitionTime": 2.2,
    "SAR": 0.0528624,
    "ScanOptions": "PER",
    "ScanningSequence": "GR",
    "SequenceName": "*tfl3d1_240",
    "SequenceVariant": "SK",
    "SeriesDescription": "anat-T1w__t1_mprage_tra_p2_iso_siemens_axial",
    "SeriesNumber": 5,
    "ShimSetting": [
      232,
      -1112,
      2213,
      61,
      390,
      -73,
      60,
      -60
    ],
    "SliceThickness": 0.9,
    "SoftwareVersions": "syngo MR XA50",
    "StationName": "AWP202009",
    "TxRefAmp": 322.613,
    "acquisition": "undistorted",
    "dataset": "HCPh",
    "datatype": "anat",
    "extension": ".nii.gz",
    "modality": "T1w",
    "session": "21102030",
    "subject": "001",
    "suffix": "T1w"
  },
  "cjv": 0.5976008064516128,
  "cnr": 1.6077921948900935,
  "efc": 0.5293,
  "fber": 16793.1107,
  "fwhm_avg": 4.685017928587452,
  "fwhm_x": 4.336370568077781,
  "fwhm_y": 5.195049764515878,
  "fwhm_z": 4.523633453168696,
  "icvs_csf": 0.2765431814573932,
  "icvs_gm": 0.37644799379579275,
  "icvs_wm": 0.34700882474681394,
  "inu_med": 0.5138519406318665,
  "inu_range": 0.2530862718820572,
  "provenance": {
    "md5sum": "0f8e38f5c3e8cf80e7a660662099ffa9",
    "settings": {
      "testing": false
    },
    "software": "mriqc",
    "version": "24.1.0.dev15+g9586c867.d20240825",
    "warnings": {
      "large_rot_frame": true,
      "small_air_mask": false
    }
  },
  "qi_1": 0.0,
  "qi_2": 0.0009159286901201313,
  "rpve_csf": 5.363163357855637,
  "rpve_gm": 5.2633693182333765,
  "rpve_wm": 5.347080608412234,
  "size_x": 216,
  "size_y": 256,
  "size_z": 208,
  "snr_csf": 1.6992928953217092,
  "snr_gm": 5.629939502653444,
  "snr_total": 6.055320433250345,
  "snr_wm": 10.836728901775881,
  "snrd_csf": 28.04234415675297,
  "snrd_gm": 54.25085654303709,
  "snrd_total": 51.831217401446224,
  "snrd_wm": 73.20045150454862,
  "spacing_x": 0.8984379768371582,
  "spacing_y": 0.8984379768371582,
  "spacing_z": 0.8999999761581421,
  "summary_bg_k": 3243.0763,
  "summary_bg_mad": 0.0,
  "summary_bg_mean": 2.556,
  "summary_bg_median": 0.0,
  "summary_bg_n": 3676814.0,
  "summary_bg_p05": 0.0,
  "summary_bg_p95": 11.0,
  "summary_bg_stdv": 8.574,
  "summary_csf_k": 4.2094,
  "summary_csf_mad": 169.2639,
  "summary_csf_mean": 382.2428,
  "summary_csf_median": 367.0,
  "summary_csf_n": 582888.5926330229,
  "summary_csf_p05": 47.0,
  "summary_csf_p95": 736.0,
  "summary_csf_stdv": 215.972,
  "summary_gm_k": -0.5359,
  "summary_gm_mad": 84.0016,
  "summary_gm_mean": 713.6824,
  "summary_gm_median": 710.0,
  "summary_gm_n": 793464.6594675182,
  "summary_gm_p05": 508.0,
  "summary_gm_p95": 952.0,
  "summary_gm_stdv": 126.1114,
  "summary_wm_k": 0.1245,
  "summary_wm_mad": 64.2034,
  "summary_wm_mean": 935.1883,
  "summary_wm_median": 958.0,
  "summary_wm_n": 731413.750366045,
  "summary_wm_p05": 759.0,
  "summary_wm_p95": 1043.0,
  "summary_wm_stdv": 88.403,
  "tpm_overlap_csf": 0.19703497388523772,
  "tpm_overlap_gm": 0.5471910228406704,
  "tpm_overlap_wm": 0.556158058894567,
  "wm2max": 0.4963920356135111
}
