{
  "bids_meta": {
    "AcquisitionMatrixPE": 216,
    "AcquisitionNumber": 1,
    "AcquisitionTime": "17:57:33.810000",
    "BaseResolution": 256,
    "BodyPartExamined": "BRAIN",
    "CoilCombinationMethod": "Adaptive Combine",
    "CoilString": "HeadNeck_64_CS",
    "ConversionSoftware": "dcm2niix",
    "ConversionSoftwareVersion": "v1.0.20220720",
    "DeviceSerialNumber": "202009",
    "DwellTime": 7.5e-6,
    "EchoTime": 0.00246,
    "FileSize": 0.00920091662555933,
    "FileSizeUnits": "GB",
    "FlipAngle": 8,
    "HeudiconvVersion": "1.1.6.post8+ga0a3635",
    "ImageOrientationPatientDICOM": [
      1,
      -1.1103e-11,
      4e-6,
      -4.897e-12,
      1,
      4e-6
    ],
    "ImageType": [
      "ORIGINAL",
      "PRIMARY",
      "M",
      "NORM",
      "DIS2D",
      "FM3",
      "2",
      "FIL",
      "MFSPLIT"
    ],
    "ImageTypeText": [
      "ORIGINAL",
      "PRIMARY",
      "M",
      "NONE"
    ],
    "ImagingFrequency": 123.198,
    "InPlanePhaseEncodingDirectionDICOM": "ROW",
    "InstitutionAddress": "Rue du Bugnon 46,Lausanne,,CH,1011",
    "InstitutionName": "CHUV Lausanne",
    "InversionTime": 0.9,
    "MRAcquisitionType": "3D",
    "MagneticFieldStrength": 3,
    "Manufacturer": "Siemens",
    "ManufacturersModelName": "MAGNETOM Vida Fit",
    "MatrixCoilMode": "GRAPPA",
    "Modality": "MR",
    "NonlinearGradientCorrection": true,
    "NumberOfVolumes": 1,
    "ParallelReductionFactorInPlane": 2,
    "PartialFourier": 1,
    "PatientPosition": "HFS",
    "PercentPhaseFOV": 84.375,
    "PercentSampling": 100,
    "PhaseEncodingSteps": 216,
    "PhaseResolution": 1,
    "PixelBandwidth": 260,
    "ProcedureStepDescription": "RESEARCH Oscar",
    "ProtocolName": "anat-T1w__t1_mprage_tra_p2_iso_siemens_axial",
    "PulseSequenceDetails": "%SiemensSeq%\\tfl",
    "ReceiveCoilActiveElements": "HC1-7",
    "ReceiveCoilName": "HeadNeck_64_CS",
    "ReconMatrixPE": 216,
    "RefLinesPE": 24,
    "RepetitionTime": 2.2,
    "SAR": 0.0459869,
    "ScanOptions": "PER",
    "ScanningSequence": "GR",
    "SequenceName": "*tfl3d1_240",
    "SequenceVariant": "SK",
    "SeriesDescription": "anat-T1w__t1_mprage_tra_p2_iso_siemens_axial",
    "SeriesNumber": 5,
    "ShimSetting": [
      232,
      -1105,
      2213,
      10,
      398,
      -61,
      -19,
      -57
    ],
    "SliceThickness": 0.9,
    "SoftwareVersions": "syngo MR XA50",
    "StationName": "AWP202009",
    "TxRefAmp": 319.327,
    "acquisition": "undistorted",
    "dataset": "HCPh",
    "datatype": "anat",
    "extension": ".nii.gz",
    "modality": "T1w",
    "run": 1,
    "session": "pilot20002030",
    "subject": "001",
    "suffix": "T1w"
  },
  "cjv": 0.5967488372093024,
  "cnr": 1.5534470245203729,
  "efc": 0.5188,
  "fber": 20335.6654,
  "fwhm_avg": 4.664778451267369,
  "fwhm_x": 4.339041871007838,
  "fwhm_y": 5.149748918993653,
  "fwhm_z": 4.505544563800615,
  "icvs_csf": 0.2779714208102724,
  "icvs_gm": 0.3751655289643058,
  "icvs_wm": 0.3468630502254218,
  "inu_med": 0.5059524178504944,
  "inu_range": 0.22497031390666966,
  "provenance": {
    "md5sum": "90dbb9ecb58e8efa8bdea704502e1f84",
    "settings": {
      "testing": false
    },
    "software": "mriqc",
    "version": "24.1.0.dev15+g9586c867.d20240825",
    "warnings": {
      "large_rot_frame": true,
      "small_air_mask": false
    }
  },
  "qi_1": 0.0,
  "qi_2": 0.0009553768892131151,
  "rpve_csf": 5.309005537395746,
  "rpve_gm": 5.206221901585304,
  "rpve_wm": 5.292134829449526,
  "size_x": 216,
  "size_y": 256,
  "size_z": 208,
  "snr_csf": 1.673022582357482,
  "snr_gm": 5.040629787975005,
  "snr_total": 5.808756139561158,
  "snr_wm": 10.712616048350986,
  "snrd_csf": 62.8480776374132,
  "snrd_gm": 128.61932167656653,
  "snrd_total": 122.40759307286872,
  "snrd_wm": 175.75537990462644,
  "spacing_x": 0.8984379768371582,
  "spacing_y": 0.8984379768371582,
  "spacing_z": 0.8999999761581421,
  "summary_bg_k": 189.1368,
  "summary_bg_mad": 0.0,
  "summary_bg_mean": 1.9872,
  "summary_bg_median": 0.0,
  "summary_bg_n": 3833137.0,
  "summary_bg_p05": 0.0,
  "summary_bg_p95": 7.0,
  "summary_bg_stdv": 3.5859,
  "summary_csf_k": -0.6505,
  "summary_csf_mad": 164.2327,
  "summary_csf_mean": 361.4408,
  "summary_csf_median": 344.0,
  "summary_csf_n": 591853.1363127052,
  "summary_csf_p05": 46.0,
  "summary_csf_p95": 713.0,
  "summary_csf_stdv": 205.6157,
  "summary_gm_k": 6.5406,
  "summary_gm_mad": 89.4377,
  "summary_gm_mean": 707.2117,
  "summary_gm_median": 704.0,
  "summary_gm_n": 798797.5681337883,
  "summary_gm_p05": 478.0,
  "summary_gm_p95": 966.0,
  "summary_gm_stdv": 139.665,
  "summary_wm_k": 0.0513,
  "summary_wm_mad": 64.5235,
  "summary_wm_mean": 937.9231,
  "summary_wm_median": 962.0,
  "summary_wm_n": 738536.2982586186,
  "summary_wm_p05": 759.0,
  "summary_wm_p95": 1047.0,
  "summary_wm_stdv": 89.8006,
  "tpm_overlap_csf": 0.19402210575732173,
  "tpm_overlap_gm": 0.5464001344506396,
  "tpm_overlap_wm": 0.5541771342435171,
  "wm2max": 0.5168194407476364
}
