{
  "bids_meta": {
    "AcquisitionMatrixPE": 248,
    "AcquisitionNumber": 1,
    "AcquisitionTime": "18:02:17.460000",
    "BaseResolution": 288,
    "BodyPartExamined": "BRAIN",
    "CoilCombinationMethod": "Adaptive Combine",
    "CoilString": "HeadNeck_64_CS",
    "ConversionSoftware": "dcm2niix",
    "ConversionSoftwareVersion": "v1.0.20220720",
    "DeviceSerialNumber": "202009",
    "DwellTime": 6.7e-06,
    "EchoTime": 0.00255,
    "FileSize": 0.011794745922088623,
    "FileSizeUnits": "GB",
    "FlipAngle": 8,
    "HeudiconvVersion": "1.1.6.post8+ga0a3635",
    "ImageOrientationPatientDICOM": [
      1,
      -1.1103e-11,
      4e-06,
      -4.897e-12,
      1,
      4e-06
    ],
    "ImageType": [
      "ORIGINAL",
      "PRIMARY",
      "M",
      "NORM",
      "DIS2D",
      "FM3",
      "2",
      "FIL",
      "MFSPLIT"
    ],
    "ImageTypeText": [
      "ORIGINAL",
      "PRIMARY",
      "M",
      "NONE"
    ],
    "ImagingFrequency": 123.198,
    "InPlanePhaseEncodingDirectionDICOM": "ROW",
    "InstitutionAddress": "Rue du Bugnon 46,Lausanne,,CH,1011",
    "InstitutionName": "CHUV Lausanne",
    "InversionTime": 0.9,
    "MRAcquisitionType": "3D",
    "MagneticFieldStrength": 3,
    "Manufacturer": "Siemens",
    "ManufacturersModelName": "MAGNETOM Vida Fit",
    "MatrixCoilMode": "GRAPPA",
    "Modality": "MR",
    "NonlinearGradientCorrection": true,
    "NumberOfVolumes": 1,
    "ParallelReductionFactorInPlane": 2,
    "PartialFourier": 1,
    "PatientPosition": "HFS",
    "PercentPhaseFOV": 86.1111,
    "PercentSampling": 100,
    "PhaseEncodingSteps": 248,
    "PhaseResolution": 1,
    "PixelBandwidth": 259,
    "ProcedureStepDescription": "RESEARCH Oscar",
    "ProtocolName": "anat-T1w__t1_mprage_tra_p2_iso_siemens_axial",
    "PulseSequenceDetails": "%SiemensSeq%\\tfl",
    "ReceiveCoilActiveElements": "HC1-7",
    "ReceiveCoilName": "HeadNeck_64_CS",
    "ReconMatrixPE": 248,
    "RefLinesPE": 24,
    "RepetitionTime": 2.2,
    "SAR": 0.0452986,
    "ScanOptions": "PER",
    "ScanningSequence": "GR",
    "SequenceName": "*tfl3d1_224",
    "SequenceVariant": "SK",
    "SeriesDescription": "anat-T1w__t1_mprage_tra_p2_iso_siemens_axial",
    "SeriesNumber": 6,
    "ShimSetting": [
      232,
      -1105,
      2213,
      10,
      398,
      -61,
      -19,
      -57
    ],
    "SliceThickness": 0.8,
    "SoftwareVersions": "syngo MR XA50",
    "StationName": "AWP202009",
    "TxRefAmp": 319.327,
    "acquisition": "undistorted",
    "dataset": "HCPh",
    "datatype": "anat",
    "extension": ".nii.gz",
    "modality": "T1w",
    "run": 2,
    "session": "pilot20002030",
    "subject": "001",
    "suffix": "T1w"
  },
  "cjv": 0.6499180076628353,
  "cnr": 1.3894633795968712,
  "efc": 0.5386,
  "fber": -1.0,
  "fwhm_avg": 4.83557040112743,
  "fwhm_x": 4.5294017571470295,
  "fwhm_y": 5.340197015333617,
  "fwhm_z": 4.637112430901641,
  "icvs_csf": 0.2807892532042658,
  "icvs_gm": 0.3723736122705144,
  "icvs_wm": 0.34683713452521986,
  "inu_med": 0.5919261574745178,
  "inu_range": 0.2508266866207123,
  "provenance": {
    "md5sum": "385e3d15fe2a40b67185c7a0fb258eab",
    "settings": {
      "testing": false
    },
    "software": "mriqc",
    "version": "24.0.1",
    "warnings": {
      "large_rot_frame": true,
      "small_air_mask": false
    }
  },
  "qi_1": 0.0,
  "qi_2": 0.0015941463325801419,
  "rpve_csf": 4.458785583234373,
  "rpve_gm": 4.34235855748057,
  "rpve_wm": 4.4225059831158715,
  "size_x": 248,
  "size_y": 288,
  "size_z": 192,
  "snr_csf": 1.5068664525064648,
  "snr_gm": 4.474320550828807,
  "snr_total": 5.069282585444992,
  "snr_wm": 9.226660752999706,
  "snrd_csf": 5.42488327274171,
  "snrd_gm": 12.744760017468536,
  "snrd_total": 11.921119063958665,
  "snrd_wm": 17.59371390166575,
  "spacing_x": 0.7986109852790833,
  "spacing_y": 0.7986109852790833,
  "spacing_z": 0.800000011920929,
  "summary_bg_k": 175.6012,
  "summary_bg_mad": 0.0,
  "summary_bg_mean": 5.6018,
  "summary_bg_median": 0.0,
  "summary_bg_n": 4279167.0,
  "summary_bg_p05": 0.0,
  "summary_bg_p95": 13.0,
  "summary_bg_stdv": 35.2634,
  "summary_csf_k": -0.8972,
  "summary_csf_mad": 167.4175,
  "summary_csf_mean": 309.3365,
  "summary_csf_median": 292.0,
  "summary_csf_n": 847524.174130392,
  "summary_csf_p05": 24.0,
  "summary_csf_p95": 661.0,
  "summary_csf_stdv": 193.7795,
  "summary_gm_k": 7.9768,
  "summary_gm_mad": 92.0972,
  "summary_gm_mean": 685.7455,
  "summary_gm_median": 686.0,
  "summary_gm_n": 1123959.1067181341,
  "summary_gm_p05": 431.0,
  "summary_gm_p95": 964.0,
  "summary_gm_stdv": 153.3193,
  "summary_wm_k": -0.0398,
  "summary_wm_mad": 77.5314,
  "summary_wm_mean": 920.1764,
  "summary_wm_median": 947.0,
  "summary_wm_n": 1046880.7215438432,
  "summary_wm_p05": 723.0,
  "summary_wm_p95": 1048.0,
  "summary_wm_stdv": 102.6373,
  "tpm_overlap_csf": 0.17537606350677853,
  "tpm_overlap_gm": 0.5414969232018836,
  "tpm_overlap_wm": 0.5455760368245486,
  "wm2max": 0.4904711767051639
}