{
  "NumberOfShells": 4,
  "bValues": [
    0.0,
    700.0,
    1000.0,
    2000.0,
    3000.0
  ],
  "bValuesEstimation": [
    700.0,
    1000.0,
    2000.0,
    3000.0
  ],
  "bdiffs_max": 0.4134,
  "bdiffs_mean": 0.2566,
  "bdiffs_median": 0.282,
  "bdiffs_min": 0.0064,
  "bids_meta": {
    "AcquisitionMatrixPE": 146,
    "AcquisitionNumber": 1,
    "AcquisitionTime": "19:24:20.570000",
    "B0FieldSource": [
      "excl029pepolarb0",
      "excl029phasediff"
    ],
    "BandwidthPerPixelPhaseEncode": 19.569,
    "BaseResolution": 146,
    "BodyPartExamined": "BRAIN",
    "CoilCombinationMethod": "Adaptive Combine",
    "CoilString": "HeadNeck_64",
    "ConversionSoftware": "dcm2niix",
    "ConversionSoftwareVersion": "v1.0.20220720",
    "Deltas": [
      0.0233,
      0.0475
    ],
    "DerivedVendorReportedEchoSpacing": 0.000700017,
    "DeviceSerialNumber": "67014",
    "DiffusionScheme": "Monopolar",
    "DwellTime": 2.1e-6,
    "EchoTime": 0.098,
    "EchoTrainLength": 64,
    "EffectiveEchoSpacing": 0.000350008,
    "FileSize": 0.4388088220730424,
    "FileSizeUnits": "GB",
    "FlipAngle": 90,
    "HeudiconvVersion": "1.0.0",
    "ImageOrientationPatientDICOM": [
      0.99978,
      0.020623,
      -0.00389146,
      -0.0207678,
      0.99891,
      -0.0418084
    ],
    "ImageType": [
      "ORIGINAL",
      "PRIMARY",
      "DIFFUSION",
      "NONE",
      "ND",
      "MFSPLIT"
    ],
    "ImageTypeText": [
      "ORIGINAL",
      "PRIMARY",
      "DIFFUSION",
      "NONE"
    ],
    "ImagingFrequency": 123.248,
    "InPlanePhaseEncodingDirectionDICOM": "COL",
    "InstitutionAddress": "Rue du Bugnon 21,Lausanne,District,CH,1011",
    "InstitutionName": "CHUV",
    "MRAcquisitionType": "2D",
    "MagneticFieldStrength": 3,
    "Manufacturer": "Siemens",
    "ManufacturersModelName": "MAGNETOM Prisma Fit",
    "Modality": "MR",
    "MultibandAccelerationFactor": 3,
    "NonlinearGradientCorrection": false,
    "NumberOfVolumes": 280,
    "ParallelReductionFactorInPlane": 2,
    "PartialFourier": 0.875,
    "PatientPosition": "HFS",
    "PercentPhaseFOV": 100,
    "PercentSampling": 100,
    "PhaseEncodingDirection": "j",
    "PhaseEncodingSteps": 146,
    "PhaseResolution": 1,
    "PixelBandwidth": 1631,
    "ProcedureStepDescription": "RESEARCH Oscar",
    "ProtocolName": "dwi-dwi_acq-highres_dir-PA__trigger_monopolar",
    "PulseSequenceDetails": "%CustomerSeq%\\ep2d_diff_trigg",
    "ReceiveCoilActiveElements": "HC1-6",
    "ReceiveCoilName": "HeadNeck_64",
    "ReconMatrixPE": 146,
    "RefLinesPE": 54,
    "RepetitionTime": 7,
    "SAR": 0.133463,
    "ScanOptions": "PFP\\FS\\PER",
    "ScanningSequence": "GR\\EP",
    "SequenceName": "ep_b0",
    "SequenceVariant": "SK",
    "SeriesDescription": "dwi-dwi_acq-highres_dir-PA__trigger_monopolar",
    "SeriesNumber": 10,
    "ShimSetting": [
      8221,
      -5635,
      -6052,
      596,
      -42,
      -318,
      37,
      9
    ],
    "SliceThickness": 1.6,
    "SliceTiming": [
      0,
      6.1425,
      0.14,
      6.2825,
      0.2775,
      6.4225,
      0.4175,
      6.5625,
      0.5575,
      6.7025,
      0.6975,
      6.8425,
      0.8375,
      6.9825,
      0.9775,
      7.12,
      1.1175,
      7.26,
      1.255,
      7.4,
      1.395,
      7.54,
      1.535,
      7.68,
      1.675,
      7.82,
      1.815,
      7.96,
      1.955,
      8.0975,
      2.095,
      8.2375,
      2.2325,
      8.3775,
      2.3725,
      8.5175,
      2.5125,
      8.6575,
      2.6525,
      8.7975,
      2.7925,
      8.9375,
      2.9325,
      9.075,
      3.0725,
      9.215,
      3.21,
      9.355,
      3.35,
      9.495,
      3.49,
      9.635,
      3.63,
      9.775,
      3.77,
      9.915,
      3.91,
      10.0525,
      4.05,
      10.1925,
      4.1875,
      10.3325,
      4.3275,
      10.4725,
      4.4675,
      10.6125,
      4.6075,
      10.7525,
      4.7475,
      10.8925,
      4.8875,
      11.03,
      5.0275,
      11.17,
      5.165,
      11.31,
      5.305,
      11.45,
      5.445,
      11.59,
      5.585,
      11.73,
      5.725,
      11.87,
      5.865,
      12.0075,
      6.005
    ],
    "SoftwareVersions": "syngo MR XA30",
    "SpacingBetweenSlices": 1.6,
    "StationName": "LRG10884",
    "TotalReadoutTime": 0.0507512,
    "TxRefAmp": 243.011,
    "acquisition": "highres",
    "dataset": "HCPh",
    "datatype": "dwi",
    "direction": "PA",
    "extension": ".nii.gz",
    "modality": "dwi",
    "session": "excl029",
    "subject": "001",
    "suffix": "dwi"
  },
  "efc_shell01": 0.3846,
  "efc_shell02": 0.4857,
  "efc_shell03": 0.4915,
  "efc_shell04": 0.5464,
  "efc_shell05": 0.598,
  "fa_degenerate": 0.0,
  "fa_nans": 0.0,
  "fber_shell01": 1247.6123,
  "fber_shell02": 433.1072,
  "fber_shell03": 332.1653,
  "fber_shell04": 105.5277,
  "fber_shell05": 48.7681,
  "fd_mean": 10.0897,
  "fd_num": 277,
  "fd_perc": 98.92857142857143,
  "ndc": 0.4675,
  "provenance": {
    "md5sum": "4f5403688fa23c01fb9773b124c49732",
    "settings": {
      "testing": false
    },
    "software": "mriqc",
    "version": "24.1.0.dev15+g9586c867.d20240825"
  },
  "sigma_cc": 32.6172,
  "sigma_pca": 15.7245,
  "sigma_piesno": 1.6508,
  "snr_cc_shell0": 5.01,
  "snr_cc_shell1_best": 5.04,
  "snr_cc_shell1_worst": 5.04,
  "snr_cc_shell2_best": 3.18,
  "snr_cc_shell2_worst": 3.07,
  "snr_cc_shell3_best": 2.74,
  "snr_cc_shell3_worst": 2.56,
  "snr_cc_shell4_best": 2.02,
  "snr_cc_shell4_worst": 1.65,
  "spikes_global": 34.57,
  "spikes_slice_i": 184.73,
  "spikes_slice_j": 184.45,
  "spikes_slice_k": 186.65,
  "summary_bg_k": 777.4282,
  "summary_bg_mad": 8.8956,
  "summary_bg_mean": 26.7,
  "summary_bg_median": 9.0,
  "summary_bg_n": 1492195.0,
  "summary_bg_p05": 2.0,
  "summary_bg_p95": 99.0,
  "summary_bg_stdv": 103.0208,
  "summary_fg_k": 9.1693,
  "summary_fg_mad": 170.4993,
  "summary_fg_mean": 391.8685,
  "summary_fg_median": 304.0,
  "summary_fg_n": 362297.0,
  "summary_fg_p05": 98.0,
  "summary_fg_p95": 1035.0,
  "summary_fg_stdv": 314.2074,
  "summary_wm_k": 8.8952,
  "summary_wm_mad": 81.5431,
  "summary_wm_mean": 216.1773,
  "summary_wm_median": 214.0,
  "summary_wm_n": 104809.0,
  "summary_wm_p05": 83.0,
  "summary_wm_p95": 353.0,
  "summary_wm_stdv": 87.4161
}
