{
  "NumberOfShells": 4,
  "bValues": [
    0.0,
    700.0,
    1000.0,
    2000.0,
    3000.0
  ],
  "bValuesEstimation": [
    700.0,
    1000.0,
    2000.0,
    3000.0
  ],
  "bdiffs_max": 0.3288,
  "bdiffs_mean": 0.2426,
  "bdiffs_median": 0.2728,
  "bdiffs_min": 0.008,
  "bids_meta": {
    "AcquisitionMatrixPE": 146,
    "AcquisitionNumber": 1,
    "AcquisitionTime": "10:38:52.760000",
    "B0FieldSource": [
      "042pepolarb0",
      "042phasediff"
    ],
    "BandwidthPerPixelPhaseEncode": 19.569,
    "BaseResolution": 146,
    "BodyPartExamined": "BRAIN",
    "CoilCombinationMethod": "Adaptive Combine",
    "CoilString": "HeadNeck_64",
    "ConversionSoftware": "dcm2niix",
    "ConversionSoftwareVersion": "v1.0.20220720",
    "Deltas": [
      0.0233,
      0.0475
    ],
    "DerivedVendorReportedEchoSpacing": 0.000700017,
    "DeviceSerialNumber": "67014",
    "DiffusionScheme": "Monopolar",
    "DwellTime": 2.1e-6,
    "EchoTime": 0.098,
    "EchoTrainLength": 64,
    "EffectiveEchoSpacing": 0.000350008,
    "FileSize": 0.4418398095294833,
    "FileSizeUnits": "GB",
    "FlipAngle": 90,
    "HeudiconvVersion": "1.0.0",
    "ImageOrientationPatientDICOM": [
      0.999263,
      0.0308752,
      0.022827,
      -0.0315776,
      0.999018,
      0.0310801
    ],
    "ImageType": [
      "ORIGINAL",
      "PRIMARY",
      "DIFFUSION",
      "NONE",
      "ND",
      "MFSPLIT"
    ],
    "ImageTypeText": [
      "ORIGINAL",
      "PRIMARY",
      "DIFFUSION",
      "NONE"
    ],
    "ImagingFrequency": 123.248,
    "InPlanePhaseEncodingDirectionDICOM": "COL",
    "InstitutionAddress": "Rue du Bugnon 21,Lausanne,District,CH,1011",
    "InstitutionName": "CHUV",
    "MRAcquisitionType": "2D",
    "MagneticFieldStrength": 3,
    "Manufacturer": "Siemens",
    "ManufacturersModelName": "MAGNETOM Prisma Fit",
    "Modality": "MR",
    "MultibandAccelerationFactor": 3,
    "NonlinearGradientCorrection": false,
    "NumberOfVolumes": 280,
    "ParallelReductionFactorInPlane": 2,
    "PartialFourier": 0.875,
    "PatientPosition": "HFS",
    "PercentPhaseFOV": 100,
    "PercentSampling": 100,
    "PhaseEncodingDirection": "j",
    "PhaseEncodingSteps": 146,
    "PhaseResolution": 1,
    "PixelBandwidth": 1631,
    "ProcedureStepDescription": "RESEARCH Oscar",
    "ProtocolName": "dwi-dwi_acq-highres_dir-PA__trigger_monopolar",
    "PulseSequenceDetails": "%CustomerSeq%\\ep2d_diff_trigg",
    "ReceiveCoilActiveElements": "HC1-7",
    "ReceiveCoilName": "HeadNeck_64",
    "ReconMatrixPE": 146,
    "RefLinesPE": 54,
    "RepetitionTime": 7,
    "SAR": 0.164363,
    "ScanOptions": "PFP\\FS\\PER",
    "ScanningSequence": "GR\\EP",
    "SequenceName": "ep_b0",
    "SequenceVariant": "SK",
    "SeriesDescription": "dwi-dwi_acq-highres_dir-PA__trigger_monopolar",
    "SeriesNumber": 10,
    "ShimSetting": [
      8230,
      -5635,
      -6051,
      587,
      -10,
      -251,
      18,
      38
    ],
    "SliceThickness": 1.6,
    "SliceTiming": [
      0,
      6.145,
      0.14,
      6.2825,
      0.28,
      6.4225,
      0.4175,
      6.5625,
      0.5575,
      6.7025,
      0.6975,
      6.8425,
      0.8375,
      6.9825,
      0.9775,
      7.1225,
      1.1175,
      7.26,
      1.2575,
      7.4,
      1.395,
      7.54,
      1.535,
      7.68,
      1.675,
      7.82,
      1.815,
      7.96,
      1.955,
      8.1,
      2.095,
      8.2375,
      2.235,
      8.3775,
      2.3725,
      8.5175,
      2.5125,
      8.6575,
      2.6525,
      8.7975,
      2.7925,
      8.9375,
      2.9325,
      9.0775,
      3.0725,
      9.215,
      3.2125,
      9.355,
      3.35,
      9.495,
      3.49,
      9.635,
      3.63,
      9.775,
      3.77,
      9.915,
      3.91,
      10.055,
      4.05,
      10.1925,
      4.19,
      10.3325,
      4.3275,
      10.4725,
      4.4675,
      10.6125,
      4.6075,
      10.7525,
      4.7475,
      10.8925,
      4.8875,
      11.0325,
      5.0275,
      11.17,
      5.1675,
      11.31,
      5.305,
      11.45,
      5.445,
      11.59,
      5.585,
      11.73,
      5.725,
      11.87,
      5.865,
      12.01,
      6.005
    ],
    "SoftwareVersions": "syngo MR XA30",
    "SpacingBetweenSlices": 1.6,
    "StationName": "LRG10884",
    "TotalReadoutTime": 0.0507512,
    "TxRefAmp": 247.545,
    "acquisition": "highres",
    "dataset": "HCPh",
    "datatype": "dwi",
    "direction": "PA",
    "extension": ".nii.gz",
    "modality": "dwi",
    "session": "042",
    "subject": "001",
    "suffix": "dwi"
  },
  "efc_shell01": 0.3896,
  "efc_shell02": 0.4942,
  "efc_shell03": 0.5029,
  "efc_shell04": 0.5583,
  "efc_shell05": 0.6093,
  "fa_degenerate": 0.0,
  "fa_nans": 0.0,
  "fber_shell01": 1159.405,
  "fber_shell02": 391.0302,
  "fber_shell03": 274.7656,
  "fber_shell04": 90.7568,
  "fber_shell05": 42.3953,
  "fd_mean": 4.0408,
  "fd_num": 279,
  "fd_perc": 99.64285714285714,
  "ndc": 0.6017,
  "provenance": {
    "md5sum": "3603b03f5e56c4dfafdbe0fb4336d584",
    "settings": {
      "testing": false
    },
    "software": "mriqc",
    "version": "24.1.0.dev15+g9586c867.d20240825"
  },
  "sigma_cc": 36.3238,
  "sigma_pca": 15.8252,
  "sigma_piesno": 1.6508,
  "snr_cc_shell0": 4.37,
  "snr_cc_shell1_best": 4.37,
  "snr_cc_shell1_worst": 4.37,
  "snr_cc_shell2_best": 2.76,
  "snr_cc_shell2_worst": 1.85,
  "snr_cc_shell3_best": 2.5,
  "snr_cc_shell3_worst": 1.79,
  "snr_cc_shell4_best": 1.76,
  "snr_cc_shell4_worst": 1.21,
  "spikes_global": 35.24,
  "spikes_slice_i": 185.85,
  "spikes_slice_j": 186.7,
  "spikes_slice_k": 195.53,
  "summary_bg_k": 772.5298,
  "summary_bg_mad": 8.8956,
  "summary_bg_mean": 28.0724,
  "summary_bg_median": 9.0,
  "summary_bg_n": 1489943.0,
  "summary_bg_p05": 2.0,
  "summary_bg_p95": 109.0,
  "summary_bg_stdv": 104.3633,
  "summary_fg_k": 8.1,
  "summary_fg_mad": 169.0167,
  "summary_fg_mean": 395.6439,
  "summary_fg_median": 302.0,
  "summary_fg_n": 364549.0,
  "summary_fg_p05": 97.0,
  "summary_fg_p95": 1065.0,
  "summary_fg_stdv": 320.0955,
  "summary_wm_k": 12.1142,
  "summary_wm_mad": 77.0953,
  "summary_wm_mean": 216.2039,
  "summary_wm_median": 212.0,
  "summary_wm_n": 108644.0,
  "summary_wm_p05": 77.0,
  "summary_wm_p95": 360.0,
  "summary_wm_stdv": 92.0365
}
