{
  "bids_meta": {
    "AcquisitionMatrixPE": 320,
    "AcquisitionNumber": 1,
    "AcquisitionTime": "20:50:41.030000",
    "BaseResolution": 320,
    "BodyPartExamined": "BRAIN",
    "CoilCombinationMethod": "Adaptive Combine",
    "CoilString": "HeadNeck_64",
    "ConversionSoftware": "dcm2niix",
    "ConversionSoftwareVersion": "v1.0.20220720",
    "DeviceSerialNumber": "67014",
    "DwellTime": 2.2e-6,
    "EchoTime": 0.413,
    "EchoTrainLength": 248,
    "FileSize": 0.01643354259431362,
    "FileSizeUnits": "GB",
    "FlipAngle": 120,
    "HeudiconvVersion": "1.1.6.post8+ga0a3635",
    "ImageOrientationPatientDICOM": [
      -0.00145576,
      0.97596,
      0.217943,
      0.0165435,
      0.217937,
      -0.975823
    ],
    "ImageType": [
      "ORIGINAL",
      "PRIMARY",
      "M",
      "ND",
      "NORM",
      "MFSPLIT"
    ],
    "ImageTypeText": [
      "ORIGINAL",
      "PRIMARY",
      "M",
      "NONE"
    ],
    "ImagingFrequency": 123.248,
    "InPlanePhaseEncodingDirectionDICOM": "ROW",
    "InstitutionAddress": "Rue du Bugnon 21,Lausanne,District,CH,1011",
    "InstitutionName": "CHUV",
    "MRAcquisitionType": "3D",
    "MagneticFieldStrength": 3,
    "Manufacturer": "Siemens",
    "ManufacturersModelName": "MAGNETOM Prisma Fit",
    "MatrixCoilMode": "GRAPPA",
    "Modality": "MR",
    "NonlinearGradientCorrection": false,
    "NumberOfVolumes": 1,
    "ParallelReductionFactorInPlane": 3,
    "PartialFourier": 1,
    "PatientPosition": "HFS",
    "PercentPhaseFOV": 100,
    "PercentSampling": 100,
    "PhaseEncodingDirection": "i",
    "PhaseEncodingSteps": 320,
    "PhaseResolution": 1,
    "PixelBandwidth": 710,
    "ProcedureStepDescription": "RESEARCH Oscar",
    "ProtocolName": "anat-T2w__space",
    "PulseSequenceDetails": "%SiemensSeq%\\space",
    "ReceiveCoilActiveElements": "HC1-7;NC1,2",
    "ReceiveCoilName": "HeadNeck_64",
    "ReconMatrixPE": 320,
    "RefLinesPE": 24,
    "RepetitionTime": 3.2,
    "SAR": 0.128567,
    "ScanOptions": "PFP\\PER",
    "ScanningSequence": "SE",
    "SequenceName": "*spcR_282ns",
    "SequenceVariant": "SP\\SK",
    "SeriesDescription": "anat-T2w__space_ND",
    "SeriesNumber": 23,
    "ShimSetting": [
      8228,
      -5666,
      -6274,
      307,
      -57,
      -153,
      48,
      21
    ],
    "SliceThickness": 0.8,
    "SoftwareVersions": "syngo MR XA30",
    "StationName": "LRG10884",
    "TxRefAmp": 250.694,
    "acquisition": "original",
    "dataset": "HCPh",
    "datatype": "anat",
    "extension": ".nii.gz",
    "modality": "T2w",
    "session": "20402060",
    "subject": "001",
    "suffix": "T2w"
  },
  "cjv": 1.4811881278538812,
  "cnr": 0.6375361229486961,
  "efc": 0.4797,
  "fber": -1.0,
  "fwhm_avg": 2.8629124573392803,
  "fwhm_x": 2.815187458050438,
  "fwhm_y": 3.0429374546566983,
  "fwhm_z": 2.7306124593107035,
  "icvs_csf": 0.27549573385898707,
  "icvs_gm": 0.34180556870606327,
  "icvs_wm": 0.38269869743494966,
  "inu_med": 0.9573900103569031,
  "inu_range": 0.33234158158302307,
  "provenance": {
    "md5sum": "fcd4e68cbc756bbaf4b8c224b6239cb5",
    "settings": {
      "testing": false
    },
    "software": "mriqc",
    "version": "24.1.0.dev15+g9586c867.d20240825",
    "warnings": {
      "large_rot_frame": true,
      "small_air_mask": false
    }
  },
  "qi_1": 0.0,
  "qi_2": 0.0021295418296670247,
  "rpve_csf": 8.130714729272842,
  "rpve_gm": 7.97623189299071,
  "rpve_wm": 8.012660453577572,
  "size_x": 240,
  "size_y": 320,
  "size_z": 320,
  "snr_csf": 1.5621466451169292,
  "snr_gm": 4.493481909334074,
  "snr_total": 4.228837349175414,
  "snr_wm": 6.63088349307524,
  "snrd_csf": 31.147738682951093,
  "snrd_gm": 25.023078100073757,
  "snrd_total": 25.697352659656584,
  "snrd_wm": 20.9212411959449,
  "spacing_x": 0.800000011920929,
  "spacing_y": 0.800000011920929,
  "spacing_z": 0.800000011920929,
  "summary_bg_k": 583.343,
  "summary_bg_mad": 0.0,
  "summary_bg_mean": 2.9392,
  "summary_bg_median": 0.0,
  "summary_bg_n": 6993023.0,
  "summary_bg_p05": 0.0,
  "summary_bg_p95": 15.0,
  "summary_bg_stdv": 34.9782,
  "summary_csf_k": -1.2682,
  "summary_csf_mad": 1683.1862,
  "summary_csf_mean": 1708.4872,
  "summary_csf_median": 1663.0,
  "summary_csf_n": 822242.0883545708,
  "summary_csf_p05": 107.0,
  "summary_csf_p95": 3453.0,
  "summary_csf_stdv": 1064.5601,
  "summary_gm_k": 40.1463,
  "summary_gm_mad": 189.2272,
  "summary_gm_mean": 1335.5949,
  "summary_gm_median": 1336.0,
  "summary_gm_n": 1020149.8247807696,
  "summary_gm_p05": 900.0,
  "summary_gm_p95": 1823.0,
  "summary_gm_stdv": 297.3194,
  "summary_wm_k": 107.912,
  "summary_wm_mad": 135.153,
  "summary_wm_mean": 1129.0432,
  "summary_wm_median": 1117.0,
  "summary_wm_n": 1142199.0888270955,
  "summary_wm_p05": 898.0,
  "summary_wm_p95": 1392.0,
  "summary_wm_stdv": 168.4541,
  "tpm_overlap_csf": 0.21262439165441782,
  "tpm_overlap_gm": 0.5015332385765492,
  "tpm_overlap_wm": 0.5264336067687521,
  "wm2max": 0.284448236847779
}
