{
  "bids_meta": {
    "AcquisitionMatrixPE": 252,
    "AcquisitionNumber": 1,
    "AcquisitionTime": "19:38:54.845000",
    "BaseResolution": 288,
    "BodyPartExamined": "BRAIN",
    "CoilCombinationMethod": "Adaptive Combine",
    "CoilString": "HeadNeck_64",
    "ConversionSoftware": "dcm2niix",
    "ConversionSoftwareVersion": "v1.0.20220720",
    "DeviceSerialNumber": "67014",
    "DwellTime": 6.7e-6,
    "EchoTime": 0.00255,
    "FileSize": 0.011555353179574013,
    "FileSizeUnits": "GB",
    "FlipAngle": 8,
    "HeudiconvVersion": "1.1.6.post8+ga0a3635",
    "ImageOrientationPatientDICOM": [
      1,
      -1.1103e-11,
      4e-6,
      -4.897e-12,
      1,
      4e-6
    ],
    "ImageType": [
      "ORIGINAL",
      "PRIMARY",
      "M",
      "NORM",
      "DIS2D",
      "FM3",
      "2",
      "FIL",
      "MFSPLIT"
    ],
    "ImageTypeText": [
      "ORIGINAL",
      "PRIMARY",
      "M",
      "NONE"
    ],
    "ImagingFrequency": 123.248,
    "InPlanePhaseEncodingDirectionDICOM": "ROW",
    "InstitutionAddress": "Rue du Bugnon 21,Lausanne,District,CH,1011",
    "InstitutionName": "CHUV",
    "InversionTime": 0.9,
    "MRAcquisitionType": "3D",
    "MagneticFieldStrength": 3,
    "Manufacturer": "Siemens",
    "ManufacturersModelName": "MAGNETOM Prisma Fit",
    "MatrixCoilMode": "GRAPPA",
    "Modality": "MR",
    "NonlinearGradientCorrection": true,
    "NumberOfVolumes": 1,
    "ParallelReductionFactorInPlane": 2,
    "PartialFourier": 1,
    "PatientPosition": "HFS",
    "PercentPhaseFOV": 87.5,
    "PercentSampling": 100,
    "PhaseEncodingSteps": 252,
    "PhaseResolution": 1,
    "PixelBandwidth": 259,
    "ProcedureStepDescription": "RESEARCH Oscar",
    "ProtocolName": "anat-T1w__t1_mprage_tra_p2_iso_siemens_axial",
    "PulseSequenceDetails": "%SiemensSeq%\\tfl",
    "ReceiveCoilActiveElements": "HC1-6",
    "ReceiveCoilName": "HeadNeck_64",
    "ReconMatrixPE": 252,
    "RefLinesPE": 24,
    "RepetitionTime": 2.2,
    "SAR": 0.0410722,
    "ScanOptions": "PER",
    "ScanningSequence": "GR",
    "SequenceName": "*tfl3d1_16",
    "SequenceVariant": "SK",
    "SeriesDescription": "anat-T1w__t1_mprage_tra_p2_iso_siemens_axial",
    "SeriesNumber": 5,
    "ShimSetting": [
      8228,
      -5666,
      -6274,
      307,
      -57,
      -153,
      48,
      21
    ],
    "SliceThickness": 0.8,
    "SoftwareVersions": "syngo MR XA30",
    "StationName": "LRG10884",
    "TxRefAmp": 250.694,
    "acquisition": "undistorted",
    "dataset": "HCPh",
    "datatype": "anat",
    "extension": ".nii.gz",
    "modality": "T1w",
    "session": "20402060",
    "subject": "001",
    "suffix": "T1w"
  },
  "cjv": 0.6338030888030887,
  "cnr": 1.5116710026954234,
  "efc": 0.5316,
  "fber": -1.0,
  "fwhm_avg": 4.740632334581702,
  "fwhm_x": 4.398699823509686,
  "fwhm_y": 5.2971347476790065,
  "fwhm_z": 4.526062432556414,
  "icvs_csf": 0.275871059288955,
  "icvs_gm": 0.37552052239384276,
  "icvs_wm": 0.3486084183172023,
  "inu_med": 0.6074813604354858,
  "inu_range": 0.28360263854265194,
  "provenance": {
    "md5sum": "b7a9c814d364c9e71d37d51aa0b6c982",
    "settings": {
      "testing": false
    },
    "software": "mriqc",
    "version": "24.1.0.dev15+g9586c867.d20240825",
    "warnings": {
      "large_rot_frame": true,
      "small_air_mask": false
    }
  },
  "qi_1": 0.0,
  "qi_2": 0.0021153184180677533,
  "rpve_csf": 4.530295531703143,
  "rpve_gm": 4.4247511143538345,
  "rpve_wm": 4.503456357303987,
  "size_x": 252,
  "size_y": 288,
  "size_z": 192,
  "snr_csf": 1.5485982830792213,
  "snr_gm": 5.033889000096433,
  "snr_total": 5.4230371872420475,
  "snr_wm": 9.686624278550488,
  "snrd_csf": 6.567635738544535,
  "snrd_gm": 14.524579037165799,
  "snrd_total": 13.689591160149988,
  "snrd_wm": 19.976558704739627,
  "spacing_x": 0.7986109852790833,
  "spacing_y": 0.7986109852790833,
  "spacing_z": 0.800000011920929,
  "summary_bg_k": 251.3786,
  "summary_bg_mad": 0.0,
  "summary_bg_mean": 4.9049,
  "summary_bg_median": 0.0,
  "summary_bg_n": 4760713.0,
  "summary_bg_p05": 0.0,
  "summary_bg_p95": 13.0,
  "summary_bg_stdv": 31.1227,
  "summary_csf_k": -0.913,
  "summary_csf_mad": 171.6597,
  "summary_csf_mean": 328.5507,
  "summary_csf_median": 312.0,
  "summary_csf_n": 833012.5269056743,
  "summary_csf_p05": 30.0,
  "summary_csf_p95": 685.0,
  "summary_csf_stdv": 201.4724,
  "summary_gm_k": 0.154,
  "summary_gm_mad": 90.954,
  "summary_gm_mean": 690.8478,
  "summary_gm_median": 690.0,
  "summary_gm_n": 1133911.2557529437,
  "summary_gm_p05": 463.0,
  "summary_gm_p95": 945.0,
  "summary_gm_stdv": 137.0709,
  "summary_wm_k": 0.079,
  "summary_wm_mad": 73.201,
  "summary_wm_mean": 926.1202,
  "summary_wm_median": 949.0,
  "summary_wm_n": 1052648.2197570244,
  "summary_wm_p05": 735.0,
  "summary_wm_p95": 1052.0,
  "summary_wm_stdv": 97.9701,
  "tpm_overlap_csf": 0.1861958149286737,
  "tpm_overlap_gm": 0.5415478775608926,
  "tpm_overlap_wm": 0.5484456987351759,
  "wm2max": 0.4811215112667719
}
