{
  "bids_meta": {
    "AcquisitionMatrixPE": 320,
    "AcquisitionNumber": 1,
    "AcquisitionTime": "20:50:41.030000",
    "BaseResolution": 320,
    "BodyPartExamined": "BRAIN",
    "CoilCombinationMethod": "Adaptive Combine",
    "CoilString": "HeadNeck_64",
    "ConversionSoftware": "dcm2niix",
    "ConversionSoftwareVersion": "v1.0.20220720",
    "DeviceSerialNumber": "67014",
    "DwellTime": 2.2e-6,
    "EchoTime": 0.413,
    "EchoTrainLength": 248,
    "FileSize": 0.015558497048914433,
    "FileSizeUnits": "GB",
    "FlipAngle": 120,
    "HeudiconvVersion": "1.1.6.post8+ga0a3635",
    "ImageOrientationPatientDICOM": [
      -0.00145576,
      0.97596,
      0.217943,
      0.0165435,
      0.217937,
      -0.975823
    ],
    "ImageType": [
      "ORIGINAL",
      "PRIMARY",
      "M",
      "NORM",
      "DIS3D",
      "MFSPLIT"
    ],
    "ImageTypeText": [
      "ORIGINAL",
      "PRIMARY",
      "M",
      "NONE"
    ],
    "ImagingFrequency": 123.248,
    "InPlanePhaseEncodingDirectionDICOM": "ROW",
    "InstitutionAddress": "Rue du Bugnon 21,Lausanne,District,CH,1011",
    "InstitutionName": "CHUV",
    "MRAcquisitionType": "3D",
    "MagneticFieldStrength": 3,
    "Manufacturer": "Siemens",
    "ManufacturersModelName": "MAGNETOM Prisma Fit",
    "MatrixCoilMode": "GRAPPA",
    "Modality": "MR",
    "NonlinearGradientCorrection": true,
    "NumberOfVolumes": 1,
    "ParallelReductionFactorInPlane": 3,
    "PartialFourier": 1,
    "PatientPosition": "HFS",
    "PercentPhaseFOV": 100,
    "PercentSampling": 100,
    "PhaseEncodingDirection": "i",
    "PhaseEncodingSteps": 320,
    "PhaseResolution": 1,
    "PixelBandwidth": 710,
    "ProcedureStepDescription": "RESEARCH Oscar",
    "ProtocolName": "anat-T2w__space",
    "PulseSequenceDetails": "%SiemensSeq%\\space",
    "ReceiveCoilActiveElements": "HC1-7;NC1,2",
    "ReceiveCoilName": "HeadNeck_64",
    "ReconMatrixPE": 320,
    "RefLinesPE": 24,
    "RepetitionTime": 3.2,
    "SAR": 0.128567,
    "ScanOptions": "PFP\\PER",
    "ScanningSequence": "SE",
    "SequenceName": "*spcR_282ns",
    "SequenceVariant": "SP\\SK",
    "SeriesDescription": "anat-T2w__space",
    "SeriesNumber": 24,
    "ShimSetting": [
      8228,
      -5666,
      -6274,
      307,
      -57,
      -153,
      48,
      21
    ],
    "SliceThickness": 0.8,
    "SoftwareVersions": "syngo MR XA30",
    "StationName": "LRG10884",
    "TxRefAmp": 250.694,
    "acquisition": "undistorted",
    "dataset": "HCPh",
    "datatype": "anat",
    "extension": ".nii.gz",
    "modality": "T2w",
    "session": "20402060",
    "subject": "001",
    "suffix": "T2w"
  },
  "cjv": 1.5149221276595746,
  "cnr": 0.6243197521658882,
  "efc": 0.4882,
  "fber": -1.0,
  "fwhm_avg": 2.728258292679117,
  "fwhm_x": 2.695774959829823,
  "fwhm_y": 2.894237456872501,
  "fwhm_z": 2.5947624613350264,
  "icvs_csf": 0.2774383672229545,
  "icvs_gm": 0.3366593086447697,
  "icvs_wm": 0.3859023241322759,
  "inu_med": 0.9812586903572083,
  "inu_range": 0.3024322330951691,
  "provenance": {
    "md5sum": "4aef8f632e0a6d94bfe2007a36aba90d",
    "settings": {
      "testing": false
    },
    "software": "mriqc",
    "version": "24.1.0.dev15+g9586c867.d20240825",
    "warnings": {
      "large_rot_frame": true,
      "small_air_mask": false
    }
  },
  "qi_1": 0.0,
  "qi_2": 0.0022591953092126536,
  "rpve_csf": 8.142769373693628,
  "rpve_gm": 7.994300200095873,
  "rpve_wm": 8.033165047827504,
  "size_x": 240,
  "size_y": 320,
  "size_z": 320,
  "snr_csf": 1.4938858867299185,
  "snr_gm": 4.043783918339918,
  "snr_total": 4.013538522293007,
  "snr_wm": 6.502945761809183,
  "snrd_csf": 26.002163638396983,
  "snrd_gm": 20.110931623717043,
  "snrd_total": 20.903406996250133,
  "snrd_wm": 16.59712572663637,
  "spacing_x": 0.800000011920929,
  "spacing_y": 0.800000011920929,
  "spacing_z": 0.800000011920929,
  "summary_bg_k": 453.5049,
  "summary_bg_mad": 0.0,
  "summary_bg_mean": 3.4214,
  "summary_bg_median": 0.0,
  "summary_bg_n": 7029542.0,
  "summary_bg_p05": 0.0,
  "summary_bg_p95": 0.0,
  "summary_bg_stdv": 43.8149,
  "summary_csf_k": -1.2957,
  "summary_csf_mad": 1860.2064,
  "summary_csf_mean": 1786.8003,
  "summary_csf_median": 1739.0,
  "summary_csf_n": 826764.6704005264,
  "summary_csf_p05": 30.0,
  "summary_csf_p95": 3702.0,
  "summary_csf_stdv": 1164.0775,
  "summary_gm_k": 27.9398,
  "summary_gm_mad": 221.604,
  "summary_gm_mean": 1344.7104,
  "summary_gm_median": 1345.0,
  "summary_gm_n": 1003242.7206626567,
  "summary_gm_p05": 863.0,
  "summary_gm_p95": 1895.0,
  "summary_gm_stdv": 332.6091,
  "summary_wm_k": 121.8182,
  "summary_wm_mad": 134.4027,
  "summary_wm_mean": 1124.3625,
  "summary_wm_median": 1110.0,
  "summary_wm_n": 1149986.6114826992,
  "summary_wm_p05": 891.0,
  "summary_wm_p95": 1394.0,
  "summary_wm_stdv": 170.6918,
  "tpm_overlap_csf": 0.20831594711125348,
  "tpm_overlap_gm": 0.48929527001143786,
  "tpm_overlap_wm": 0.5183402809294722,
  "wm2max": 0.27409693071096597
}
