{
  "bids_meta": {
    "AcquisitionMatrixPE": 320,
    "AcquisitionNumber": 1,
    "AcquisitionTime": "19:44:41.895000",
    "BaseResolution": 320,
    "BodyPartExamined": "BRAIN",
    "CoilCombinationMethod": "Adaptive Combine",
    "CoilString": "HeadNeck_64_CS",
    "ConversionSoftware": "dcm2niix",
    "ConversionSoftwareVersion": "v1.0.20220720",
    "DeviceSerialNumber": "202009",
    "DwellTime": 2.2e-6,
    "EchoTime": 0.414,
    "EchoTrainLength": 250,
    "FileSize": 0.015634022653102875,
    "FileSizeUnits": "GB",
    "FlipAngle": 120,
    "HeudiconvVersion": "1.1.6.post8+ga0a3635",
    "ImageOrientationPatientDICOM": [
      -0.0147832,
      0.995765,
      0.0907415,
      0.0366271,
      0.0912298,
      -0.995156
    ],
    "ImageType": [
      "ORIGINAL",
      "PRIMARY",
      "M",
      "ND",
      "NORM",
      "MFSPLIT"
    ],
    "ImageTypeText": [
      "ORIGINAL",
      "PRIMARY",
      "M",
      "NONE"
    ],
    "ImagingFrequency": 123.198,
    "InPlanePhaseEncodingDirectionDICOM": "ROW",
    "InstitutionAddress": "Rue du Bugnon 46,Lausanne,,CH,1011",
    "InstitutionName": "CHUV Lausanne",
    "MRAcquisitionType": "3D",
    "MagneticFieldStrength": 3,
    "Manufacturer": "Siemens",
    "ManufacturersModelName": "MAGNETOM Vida Fit",
    "MatrixCoilMode": "GRAPPA",
    "Modality": "MR",
    "NonlinearGradientCorrection": false,
    "NumberOfVolumes": 1,
    "ParallelReductionFactorInPlane": 3,
    "PartialFourier": 1,
    "PatientPosition": "HFS",
    "PercentPhaseFOV": 100,
    "PercentSampling": 100,
    "PhaseEncodingDirection": "i",
    "PhaseEncodingSteps": 320,
    "PhaseResolution": 1,
    "PixelBandwidth": 710,
    "ProcedureStepDescription": "RESEARCH Oscar",
    "ProtocolName": "anat-T2w__space",
    "PulseSequenceDetails": "%SiemensSeq%\\space",
    "ReceiveCoilActiveElements": "HC1-7;NC1,2",
    "ReceiveCoilName": "HeadNeck_64_CS",
    "ReconMatrixPE": 320,
    "RefLinesPE": 24,
    "RepetitionTime": 3.2,
    "SAR": 0.145292,
    "ScanOptions": "PFP\\PER",
    "ScanningSequence": "SE",
    "SequenceName": "*spcR_282ns",
    "SequenceVariant": "SP\\SK",
    "SeriesDescription": "anat-T2w__space_ND",
    "SeriesNumber": 23,
    "ShimSetting": [
      232,
      -1112,
      2213,
      61,
      390,
      -73,
      60,
      -60
    ],
    "SliceThickness": 0.8,
    "SoftwareVersions": "syngo MR XA50",
    "StationName": "AWP202009",
    "TxRefAmp": 315.278,
    "acquisition": "original",
    "dataset": "HCPh",
    "datatype": "anat",
    "extension": ".nii.gz",
    "modality": "T2w",
    "session": "20801030",
    "subject": "001",
    "suffix": "T2w"
  },
  "cjv": 1.5028014423076923,
  "cnr": 0.6367679064212588,
  "efc": 0.461,
  "fber": -1.0,
  "fwhm_avg": 2.658444770279272,
  "fwhm_x": 2.558537461874821,
  "fwhm_y": 2.897174449049862,
  "fwhm_z": 2.5196223999131337,
  "icvs_csf": 0.27790858817735226,
  "icvs_gm": 0.3436765173252546,
  "icvs_wm": 0.3784148944973931,
  "inu_med": 0.9902238845825195,
  "inu_range": 0.3693578541278839,
  "provenance": {
    "md5sum": "2ceb088d074f84319c0f6780da989efa",
    "settings": {
      "testing": false
    },
    "software": "mriqc",
    "version": "24.1.0.dev15+g9586c867.d20240825",
    "warnings": {
      "large_rot_frame": true,
      "small_air_mask": false
    }
  },
  "qi_1": 0.0,
  "qi_2": 0.002280877785794531,
  "rpve_csf": 8.931118066621034,
  "rpve_gm": 8.774209705821612,
  "rpve_wm": 8.807104338920464,
  "size_x": 240,
  "size_y": 320,
  "size_z": 320,
  "snr_csf": 1.4610348426630175,
  "snr_gm": 4.750891419461143,
  "snr_total": 4.326736114713605,
  "snr_wm": 6.768282082016656,
  "snrd_csf": 38.1358576292217,
  "snrd_gm": 33.39396480558821,
  "snrd_total": 33.23506539879978,
  "snrd_wm": 28.175373761589448,
  "spacing_x": 0.800000011920929,
  "spacing_y": 0.8343750238418579,
  "spacing_z": 0.8343750238418579,
  "summary_bg_k": 851.113,
  "summary_bg_mad": 0.0,
  "summary_bg_mean": 1.9454,
  "summary_bg_median": 0.0,
  "summary_bg_n": 7035448.0,
  "summary_bg_p05": 0.0,
  "summary_bg_p95": 0.0,
  "summary_bg_stdv": 26.1121,
  "summary_csf_k": -1.3696,
  "summary_csf_mad": 1653.6232,
  "summary_csf_mean": 1584.4395,
  "summary_csf_median": 1520.0,
  "summary_csf_n": 755945.54307729,
  "summary_csf_p05": 93.0,
  "summary_csf_p95": 3357.0,
  "summary_csf_stdv": 1040.3578,
  "summary_gm_k": 46.8666,
  "summary_gm_mad": 180.5257,
  "summary_gm_mean": 1331.5937,
  "summary_gm_median": 1331.0,
  "summary_gm_n": 934842.399928119,
  "summary_gm_p05": 917.0,
  "summary_gm_p95": 1789.0,
  "summary_gm_stdv": 280.1578,
  "summary_wm_k": 95.5335,
  "summary_wm_mad": 132.057,
  "summary_wm_mean": 1134.0789,
  "summary_wm_median": 1123.0,
  "summary_wm_n": 1029335.0587165457,
  "summary_wm_p05": 903.0,
  "summary_wm_p95": 1394.0,
  "summary_wm_stdv": 165.9209,
  "tpm_overlap_csf": 0.20838642784718253,
  "tpm_overlap_gm": 0.5080592642901385,
  "tpm_overlap_wm": 0.5234705890464366,
  "wm2max": 0.2972843838593029
}
