{
  "bids_meta": {
    "AcquisitionMatrixPE": 216,
    "AcquisitionNumber": 1,
    "AcquisitionTime": "18:33:25.787500",
    "BaseResolution": 256,
    "BodyPartExamined": "BRAIN",
    "CoilCombinationMethod": "Adaptive Combine",
    "CoilString": "HeadNeck_64_CS",
    "ConversionSoftware": "dcm2niix",
    "ConversionSoftwareVersion": "v1.0.20220720",
    "DeviceSerialNumber": "202009",
    "DwellTime": 7.5e-6,
    "EchoTime": 0.00246,
    "FileSize": 0.00928545743227005,
    "FileSizeUnits": "GB",
    "FlipAngle": 8,
    "HeudiconvVersion": "1.1.6.post8+ga0a3635",
    "ImageOrientationPatientDICOM": [
      0.99922,
      0.0113532,
      0.0378277,
      -0.00854565,
      0.997253,
      -0.0735707
    ],
    "ImageType": [
      "ORIGINAL",
      "PRIMARY",
      "M",
      "NORM",
      "DIS2D",
      "FM3",
      "2",
      "FIL",
      "MFSPLIT"
    ],
    "ImageTypeText": [
      "ORIGINAL",
      "PRIMARY",
      "M",
      "NONE"
    ],
    "ImagingFrequency": 123.198,
    "InPlanePhaseEncodingDirectionDICOM": "ROW",
    "InstitutionAddress": "Rue du Bugnon 46,Lausanne,,CH,1011",
    "InstitutionName": "CHUV Lausanne",
    "InversionTime": 0.9,
    "MRAcquisitionType": "3D",
    "MagneticFieldStrength": 3,
    "Manufacturer": "Siemens",
    "ManufacturersModelName": "MAGNETOM Vida Fit",
    "MatrixCoilMode": "GRAPPA",
    "Modality": "MR",
    "NonlinearGradientCorrection": true,
    "NumberOfVolumes": 1,
    "ParallelReductionFactorInPlane": 2,
    "PartialFourier": 1,
    "PatientPosition": "HFS",
    "PercentPhaseFOV": 84.375,
    "PercentSampling": 100,
    "PhaseEncodingSteps": 216,
    "PhaseResolution": 1,
    "PixelBandwidth": 260,
    "ProcedureStepDescription": "RESEARCH Oscar",
    "ProtocolName": "anat-T1w__t1_mprage_tra_p2_iso_siemens_axial",
    "PulseSequenceDetails": "%SiemensSeq%\\tfl",
    "ReceiveCoilActiveElements": "HC1-7;NC1",
    "ReceiveCoilName": "HeadNeck_64_CS",
    "ReconMatrixPE": 216,
    "RefLinesPE": 24,
    "RepetitionTime": 2.2,
    "SAR": 0.0480234,
    "ScanOptions": "PER",
    "ScanningSequence": "GR",
    "SequenceName": "*tfl3d1_240",
    "SequenceVariant": "SK",
    "SeriesDescription": "anat-T1w__t1_mprage_tra_p2_iso_siemens_axial",
    "SeriesNumber": 5,
    "ShimSetting": [
      232,
      -1112,
      2213,
      61,
      390,
      -73,
      60,
      -60
    ],
    "SliceThickness": 0.9,
    "SoftwareVersions": "syngo MR XA50",
    "StationName": "AWP202009",
    "TxRefAmp": 315.278,
    "acquisition": "undistorted",
    "dataset": "HCPh",
    "datatype": "anat",
    "extension": ".nii.gz",
    "modality": "T1w",
    "session": "20801030",
    "subject": "001",
    "suffix": "T1w"
  },
  "cjv": 0.584619305019305,
  "cnr": 1.6473336067848747,
  "efc": 0.5222,
  "fber": 18498.2296,
  "fwhm_avg": 4.729985516353274,
  "fwhm_x": 4.373969156818339,
  "fwhm_y": 5.267876160646568,
  "fwhm_z": 4.5481112315949135,
  "icvs_csf": 0.2756021168300556,
  "icvs_gm": 0.37747328790080137,
  "icvs_wm": 0.3469245952691432,
  "inu_med": 0.5226712226867676,
  "inu_range": 0.26309904158115394,
  "provenance": {
    "md5sum": "ac1984e3d1201b5d0d117e8689ed1289",
    "settings": {
      "testing": false
    },
    "software": "mriqc",
    "version": "24.1.0.dev15+g9586c867.d20240825",
    "warnings": {
      "large_rot_frame": true,
      "small_air_mask": false
    }
  },
  "qi_1": 0.0,
  "qi_2": 0.0014065108056823524,
  "rpve_csf": 5.3784667487051845,
  "rpve_gm": 5.281736896968969,
  "rpve_wm": 5.365816067431071,
  "size_x": 216,
  "size_y": 256,
  "size_z": 208,
  "snr_csf": 1.6702061597274576,
  "snr_gm": 5.500279383530546,
  "snr_total": 5.967404246648595,
  "snr_wm": 10.73172719668778,
  "snrd_csf": 11.43699720385247,
  "snrd_gm": 22.68014699747015,
  "snrd_total": 21.72167924686481,
  "snrd_wm": 31.047893539271815,
  "spacing_x": 0.8984379768371582,
  "spacing_y": 0.8984379768371582,
  "spacing_z": 0.8999999761581421,
  "summary_bg_k": 1370.3476,
  "summary_bg_mad": 0.0,
  "summary_bg_mean": 2.6029,
  "summary_bg_median": 0.0,
  "summary_bg_n": 3693273.0,
  "summary_bg_p05": 0.0,
  "summary_bg_p95": 10.0,
  "summary_bg_stdv": 20.2779,
  "summary_csf_k": 1.6751,
  "summary_csf_mad": 168.1633,
  "summary_csf_mean": 370.3721,
  "summary_csf_median": 354.0,
  "summary_csf_n": 579363.8805965916,
  "summary_csf_p05": 40.0,
  "summary_csf_p95": 723.0,
  "summary_csf_stdv": 211.9497,
  "summary_gm_k": -0.5157,
  "summary_gm_mad": 86.2979,
  "summary_gm_mean": 705.7523,
  "summary_gm_median": 702.0,
  "summary_gm_n": 793514.9098822639,
  "summary_gm_p05": 497.0,
  "summary_gm_p95": 947.0,
  "summary_gm_stdv": 127.6298,
  "summary_wm_k": 0.1124,
  "summary_wm_mad": 65.1185,
  "summary_wm_mean": 936.496,
  "summary_wm_median": 961.0,
  "summary_wm_n": 729296.2118773295,
  "summary_wm_p05": 757.0,
  "summary_wm_p95": 1043.0,
  "summary_wm_stdv": 89.5475,
  "tpm_overlap_csf": 0.1976368413595287,
  "tpm_overlap_gm": 0.5450544719712056,
  "tpm_overlap_wm": 0.5539356358860218,
  "wm2max": 0.4885525724130318
}
