{
  "bids_meta": {
    "AcquisitionMatrixPE": 320,
    "AcquisitionNumber": 1,
    "AcquisitionTime": "19:44:41.895000",
    "BaseResolution": 320,
    "BodyPartExamined": "BRAIN",
    "CoilCombinationMethod": "Adaptive Combine",
    "CoilString": "HeadNeck_64_CS",
    "ConversionSoftware": "dcm2niix",
    "ConversionSoftwareVersion": "v1.0.20220720",
    "DeviceSerialNumber": "202009",
    "DwellTime": 2.2e-6,
    "EchoTime": 0.414,
    "EchoTrainLength": 250,
    "FileSize": 0.014657563529908657,
    "FileSizeUnits": "GB",
    "FlipAngle": 120,
    "HeudiconvVersion": "1.1.6.post8+ga0a3635",
    "ImageOrientationPatientDICOM": [
      -0.0147832,
      0.995765,
      0.0907415,
      0.0366271,
      0.0912298,
      -0.995156
    ],
    "ImageType": [
      "ORIGINAL",
      "PRIMARY",
      "M",
      "NORM",
      "DIS3D",
      "MFSPLIT"
    ],
    "ImageTypeText": [
      "ORIGINAL",
      "PRIMARY",
      "M",
      "NONE"
    ],
    "ImagingFrequency": 123.198,
    "InPlanePhaseEncodingDirectionDICOM": "ROW",
    "InstitutionAddress": "Rue du Bugnon 46,Lausanne,,CH,1011",
    "InstitutionName": "CHUV Lausanne",
    "MRAcquisitionType": "3D",
    "MagneticFieldStrength": 3,
    "Manufacturer": "Siemens",
    "ManufacturersModelName": "MAGNETOM Vida Fit",
    "MatrixCoilMode": "GRAPPA",
    "Modality": "MR",
    "NonlinearGradientCorrection": true,
    "NumberOfVolumes": 1,
    "ParallelReductionFactorInPlane": 3,
    "PartialFourier": 1,
    "PatientPosition": "HFS",
    "PercentPhaseFOV": 100,
    "PercentSampling": 100,
    "PhaseEncodingDirection": "i",
    "PhaseEncodingSteps": 320,
    "PhaseResolution": 1,
    "PixelBandwidth": 710,
    "ProcedureStepDescription": "RESEARCH Oscar",
    "ProtocolName": "anat-T2w__space",
    "PulseSequenceDetails": "%SiemensSeq%\\space",
    "ReceiveCoilActiveElements": "HC1-7;NC1,2",
    "ReceiveCoilName": "HeadNeck_64_CS",
    "ReconMatrixPE": 320,
    "RefLinesPE": 24,
    "RepetitionTime": 3.2,
    "SAR": 0.145292,
    "ScanOptions": "PFP\\PER",
    "ScanningSequence": "SE",
    "SequenceName": "*spcR_282ns",
    "SequenceVariant": "SP\\SK",
    "SeriesDescription": "anat-T2w__space",
    "SeriesNumber": 24,
    "ShimSetting": [
      232,
      -1112,
      2213,
      61,
      390,
      -73,
      60,
      -60
    ],
    "SliceThickness": 0.8,
    "SoftwareVersions": "syngo MR XA50",
    "StationName": "AWP202009",
    "TxRefAmp": 315.278,
    "acquisition": "undistorted",
    "dataset": "HCPh",
    "datatype": "anat",
    "extension": ".nii.gz",
    "modality": "T2w",
    "session": "20801030",
    "subject": "001",
    "suffix": "T2w"
  },
  "cjv": 1.6025185185185185,
  "cnr": 0.6093344583723522,
  "efc": 0.4685,
  "fber": -1.0,
  "fwhm_avg": 2.677695472103261,
  "fwhm_x": 2.58637496146001,
  "fwhm_y": 2.909111527360451,
  "fwhm_z": 2.537599927489322,
  "icvs_csf": 0.2782687107711094,
  "icvs_gm": 0.33833634243016564,
  "icvs_wm": 0.38339494679872493,
  "inu_med": 1.034464716911316,
  "inu_range": 0.437049925327301,
  "provenance": {
    "md5sum": "0213ae68c038fdc695894f46c77221f5",
    "settings": {
      "testing": false
    },
    "software": "mriqc",
    "version": "24.1.0.dev15+g9586c867.d20240825",
    "warnings": {
      "large_rot_frame": true,
      "small_air_mask": false
    }
  },
  "qi_1": 0.0,
  "qi_2": 0.002282046289383506,
  "rpve_csf": 8.969741220343085,
  "rpve_gm": 8.821363223401944,
  "rpve_wm": 8.858414751595651,
  "size_x": 240,
  "size_y": 320,
  "size_z": 320,
  "snr_csf": 1.41269874804112,
  "snr_gm": 4.193631418182775,
  "snr_total": 4.123860596200042,
  "snr_wm": 6.765251622376229,
  "snrd_csf": 37.05088576364994,
  "snrd_gm": 31.55920107764616,
  "snrd_total": 31.66311941959383,
  "snrd_wm": 26.379271417485395,
  "spacing_x": 0.800000011920929,
  "spacing_y": 0.8343750238418579,
  "spacing_z": 0.8343750238418579,
  "summary_bg_k": 808.919,
  "summary_bg_mad": 0.0,
  "summary_bg_mean": 1.7986,
  "summary_bg_median": 0.0,
  "summary_bg_n": 7042622.0,
  "summary_bg_p05": 0.0,
  "summary_bg_p95": 0.0,
  "summary_bg_stdv": 27.3188,
  "summary_csf_k": -1.3958,
  "summary_csf_mad": 1755.2189,
  "summary_csf_mean": 1612.1883,
  "summary_csf_median": 1545.0,
  "summary_csf_n": 753426.7268753815,
  "summary_csf_p05": 0.0,
  "summary_csf_p95": 3406.0,
  "summary_csf_stdv": 1093.6507,
  "summary_gm_k": 34.007,
  "summary_gm_mad": 216.359,
  "summary_gm_mean": 1319.1205,
  "summary_gm_median": 1316.0,
  "summary_gm_n": 916062.9032051908,
  "summary_gm_p05": 860.0,
  "summary_gm_p95": 1837.0,
  "summary_gm_stdv": 313.809,
  "summary_wm_k": 106.3357,
  "summary_wm_mad": 129.785,
  "summary_wm_mean": 1110.915,
  "summary_wm_median": 1100.0,
  "summary_wm_n": 1038061.3726446842,
  "summary_wm_p05": 883.0,
  "summary_wm_p95": 1365.0,
  "summary_wm_stdv": 162.5955,
  "tpm_overlap_csf": 0.20937248757440716,
  "tpm_overlap_gm": 0.4959562581184916,
  "tpm_overlap_wm": 0.5178151701077327,
  "wm2max": 0.28581881515353685
}
