{
  "aor": [
    0.00026979999999999994,
    0.0005372533333333333,
    0.0006631333333333333
  ],
  "aqi": [
    0.01828110205333333,
    0.030388250933333333,
    0.053330637466666664
  ],
  "bids_meta": {
    "AcquisitionDuration": 1230.47,
    "AcquisitionMatrixPE": 96,
    "AcquisitionNumber": 1,
    "AcquisitionTime": "22:59:30.355000",
    "BandwidthPerPixelPhaseEncode": 28.935,
    "BaseResolution": 96,
    "BodyPartExamined": "BRAIN",
    "CogAtlasID": "https://www.cognitiveatlas.org/task/id/trm_4c8a834779883/",
    "CoilCombinationMethod": "Sum of Squares",
    "CoilString": "HeadNeck_64_CS",
    "ConversionSoftware": "dcm2niix",
    "ConversionSoftwareVersion": "v1.0.20220720",
    "DerivedVendorReportedEchoSpacing": 0.000720005,
    "DeviceSerialNumber": "202009",
    "DwellTime": 2.4e-06,
    "EchoNumber": 1,
    "EchoTime": 0.0138,
    "EchoTrainLength": 35,
    "EffectiveEchoSpacing": 0.000360002,
    "FileSize": 0.6243223203346133,
    "FileSizeUnits": "GB",
    "FlipAngle": 64,
    "HeudiconvVersion": "1.1.6.post8+ga0a3635",
    "ImageComments": "Unaliased MB4/PE4/LB",
    "ImageOrientationPatientDICOM": [
      0.999023,
      0.0436667,
      0.00681827,
      -0.0430942,
      0.99669,
      -0.0689382
    ],
    "ImageType": [
      "ORIGINAL",
      "PRIMARY",
      "FMRI",
      "NONE"
    ],
    "ImageTypeText": [
      "ORIGINAL",
      "PRIMARY",
      "M",
      "MB",
      "TE1",
      "DIS2D"
    ],
    "ImagingFrequency": 123.198,
    "InPlanePhaseEncodingDirectionDICOM": "ROW",
    "InstitutionAddress": "Rue du Bugnon 46,Lausanne,,CH,1011",
    "InstitutionName": "CHUV Lausanne",
    "MRAcquisitionType": "2D",
    "MTState": false,
    "MagneticFieldStrength": 3,
    "Manufacturer": "Siemens",
    "ManufacturersModelName": "MAGNETOM Vida Fit",
    "MatrixCoilMode": "GRAPPA",
    "Modality": "MR",
    "MultibandAccelerationFactor": 4,
    "NonlinearGradientCorrection": true,
    "NumberOfVolumes": 750,
    "ParallelAcquisitionTechnique": "GRAPPA",
    "ParallelReductionFactorInPlane": 2,
    "PartialFourier": 0.75,
    "PartialFourierDirection": "PHASE",
    "PatientPosition": "HFS",
    "PercentPhaseFOV": 100,
    "PercentSampling": 100,
    "PhaseEncodingDirection": "i",
    "PhaseResolution": 1,
    "PixelBandwidth": 2170,
    "ProcedureStepDescription": "RESEARCH Oscar",
    "ProtocolName": "func-bold_task-rest_dir-RL__cmrr_me4_s",
    "PulseSequenceDetails": "%CustomerSeq%\\cmrr_mbep2d_bold",
    "PulseSequenceName": "epfid2d3_96",
    "ReceiveCoilActiveElements": "HC3-7",
    "ReceiveCoilName": "HeadNeck_64_CS",
    "ReconMatrixPE": 96,
    "RefLinesPE": 22,
    "RepetitionTime": 1.6,
    "ScanOptions": "PFP\\FS",
    "ScanningSequence": "EP",
    "SequenceVariant": "SK\\SS",
    "SeriesDescription": "func-bold_task-rest_dir-RL__cmrr_me4_s",
    "SeriesNumber": 14,
    "ShimSetting": [
      215,
      -1125,
      2597,
      522,
      495,
      -125,
      -3,
      -15
    ],
    "SliceThickness": 2.2,
    "SliceTiming": [
      0,
      0.8425,
      0.105,
      0.9475,
      0.21,
      1.0525,
      0.315,
      1.1575,
      0.4225,
      1.265,
      0.5275,
      1.37,
      0.6325,
      1.475,
      0.7375,
      0,
      0.8425,
      0.105,
      0.9475,
      0.21,
      1.0525,
      0.315,
      1.1575,
      0.4225,
      1.265,
      0.5275,
      1.37,
      0.6325,
      1.475,
      0.7375,
      0,
      0.8425,
      0.105,
      0.9475,
      0.21,
      1.0525,
      0.315,
      1.1575,
      0.4225,
      1.265,
      0.5275,
      1.37,
      0.6325,
      1.475,
      0.7375,
      0,
      0.8425,
      0.105,
      0.9475,
      0.21,
      1.0525,
      0.315,
      1.1575,
      0.4225,
      1.265,
      0.5275,
      1.37,
      0.6325,
      1.475,
      0.7375
    ],
    "SoftwareVersions": "syngo MR XA50",
    "SpacingBetweenSlices": 2.2,
    "StationName": "AWP202009",
    "TaskName": "rest",
    "TotalReadoutTime": 0.0342002,
    "TxRefAmp": 315.369,
    "WipMemBlock": "712af987-fa60-4f05-ad7a-37b0ecfb81fd||Sequence: R017 nxva50a/main r/da4fca61d; Oct  3 2023 08:23:56 by eja",
    "dataset": "HCPh",
    "datatype": "func",
    "direction": "RL",
    "extension": ".nii.gz",
    "modality": "bold",
    "part": "mag",
    "session": "20102030",
    "subject": "001",
    "suffix": "bold",
    "task": "rest"
  },
  "dummy_trs": 0,
  "dvars_nstd": 43.72023305640855,
  "dvars_std": 0.960111006421896,
  "dvars_vstd": 0.9568747483444594,
  "efc": 0.5921,
  "fber": 233.2126,
  "fd_mean": 0.0987108627457456,
  "fd_num": 39,
  "fd_perc": 5.2,
  "fwhm_avg": 3.3677293532047035,
  "fwhm_x": 3.2708059097935784,
  "fwhm_y": 3.2842185903612693,
  "fwhm_z": 3.548163559459262,
  "gcor": [
    0.0247479,
    0.0194068,
    0.0123547
  ],
  "gsr_x": 0.005793829448521137,
  "gsr_y": 0.07425884157419205,
  "provenance": {
    "md5sum": "c939d14f150eca6b2da40eff289a81ce",
    "settings": {
      "fd_thres": 0.2,
      "testing": false
    },
    "software": "mriqc",
    "version": "24.0.1"
  },
  "size_t": 750,
  "size_x": 96,
  "size_y": 96,
  "size_z": 60,
  "snr": 2.324569381034977,
  "spacing_tr": 1.600000023841858,
  "spacing_x": 2.197920083999634,
  "spacing_y": 2.197920083999634,
  "spacing_z": 2.200000047683716,
  "summary_bg_k": 15.096,
  "summary_bg_mad": 195.1025,
  "summary_bg_mean": 1000.7524,
  "summary_bg_median": 399.0,
  "summary_bg_n": 418030.0,
  "summary_bg_p05": 0.0,
  "summary_bg_p95": 4396.0,
  "summary_bg_stdv": 1584.7712,
  "summary_fg_k": 2.2402,
  "summary_fg_mad": 2259.4894,
  "summary_fg_mean": 6508.1048,
  "summary_fg_median": 6094.0,
  "summary_fg_n": 134930.0,
  "summary_fg_p05": 3214.0,
  "summary_fg_p95": 11349.0,
  "summary_fg_stdv": 2621.5511,
  "tsnr": 24.918148208176717
}