{
  "NumberOfShells": 4,
  "bValues": [
    0.0,
    700.0,
    1000.0,
    2000.0,
    3000.0
  ],
  "bValuesEstimation": [
    700.0,
    1000.0,
    2000.0,
    3000.0
  ],
  "bdiffs_max": 0.3358,
  "bdiffs_mean": 0.2368,
  "bdiffs_median": 0.2712,
  "bdiffs_min": 0.0043,
  "bids_meta": {
    "AcquisitionMatrixPE": 146,
    "AcquisitionNumber": 1,
    "AcquisitionTime": "18:47:57.615000",
    "B0FieldSource": [
      "pilot019pepolarb0",
      "pilot019phasediff"
    ],
    "BandwidthPerPixelPhaseEncode": 19.569,
    "BaseResolution": 146,
    "BodyPartExamined": "BRAIN",
    "CoilCombinationMethod": "Adaptive Combine",
    "CoilString": "HeadNeck_64",
    "ConversionSoftware": "dcm2niix",
    "ConversionSoftwareVersion": "v1.0.20220720",
    "Deltas": [
      0.0233,
      0.0475
    ],
    "DerivedVendorReportedEchoSpacing": 0.000700017,
    "DeviceSerialNumber": "67014",
    "DiffusionScheme": "Monopolar",
    "DwellTime": 2.1e-6,
    "EchoTime": 0.098,
    "EchoTrainLength": 64,
    "EffectiveEchoSpacing": 0.000350008,
    "FileSize": 0.4395673330873251,
    "FileSizeUnits": "GB",
    "FlipAngle": 90,
    "HeudiconvVersion": "1.0.0",
    "ImageOrientationPatientDICOM": [
      0.998347,
      0.046314,
      0.0340254,
      -0.0435888,
      0.996087,
      -0.0768832
    ],
    "ImageType": [
      "ORIGINAL",
      "PRIMARY",
      "DIFFUSION",
      "NONE",
      "ND",
      "MFSPLIT"
    ],
    "ImageTypeText": [
      "ORIGINAL",
      "PRIMARY",
      "DIFFUSION",
      "NONE"
    ],
    "ImagingFrequency": 123.248,
    "InPlanePhaseEncodingDirectionDICOM": "COL",
    "InstitutionAddress": "Rue du Bugnon 21,Lausanne,District,CH,1011",
    "InstitutionName": "CHUV",
    "MRAcquisitionType": "2D",
    "MagneticFieldStrength": 3,
    "Manufacturer": "Siemens",
    "ManufacturersModelName": "MAGNETOM Prisma Fit",
    "Modality": "MR",
    "MultibandAccelerationFactor": 3,
    "NonlinearGradientCorrection": false,
    "NumberOfVolumes": 280,
    "ParallelReductionFactorInPlane": 2,
    "PartialFourier": 0.875,
    "PatientPosition": "HFS",
    "PercentPhaseFOV": 100,
    "PercentSampling": 100,
    "PhaseEncodingDirection": "j",
    "PhaseEncodingSteps": 146,
    "PhaseResolution": 1,
    "PixelBandwidth": 1631,
    "ProcedureStepDescription": "RESEARCH Oscar",
    "ProtocolName": "dwi-dwi_acq-highres_dir-PA__trigger_monopolar",
    "PulseSequenceDetails": "%CustomerSeq%\\ep2d_diff_trigg",
    "ReceiveCoilActiveElements": "HC1-7",
    "ReceiveCoilName": "HeadNeck_64",
    "ReconMatrixPE": 146,
    "RefLinesPE": 54,
    "RepetitionTime": 7,
    "SAR": 0.170565,
    "ScanOptions": "PFP\\FS\\PER",
    "ScanningSequence": "GR\\EP",
    "SequenceName": "ep_b0",
    "SequenceVariant": "SK",
    "SeriesDescription": "dwi-dwi_acq-highres_dir-PA__trigger_monopolar",
    "SeriesNumber": 15,
    "ShimSetting": [
      8226,
      -5634,
      -6031,
      615,
      -99,
      -310,
      36,
      25
    ],
    "SliceThickness": 1.6,
    "SliceTiming": [
      0,
      6.145,
      0.14,
      6.285,
      0.28,
      6.425,
      0.42,
      6.565,
      0.56,
      6.705,
      0.7,
      6.8425,
      0.84,
      6.9825,
      0.9775,
      7.1225,
      1.1175,
      7.2625,
      1.2575,
      7.4025,
      1.3975,
      7.5425,
      1.5375,
      7.6825,
      1.6775,
      7.82,
      1.8175,
      7.96,
      1.955,
      8.1,
      2.095,
      8.24,
      2.235,
      8.38,
      2.375,
      8.52,
      2.515,
      8.66,
      2.655,
      8.7975,
      2.795,
      8.9375,
      2.9325,
      9.0775,
      3.0725,
      9.2175,
      3.2125,
      9.3575,
      3.3525,
      9.4975,
      3.4925,
      9.6375,
      3.6325,
      9.775,
      3.7725,
      9.915,
      3.91,
      10.055,
      4.05,
      10.195,
      4.19,
      10.335,
      4.33,
      10.475,
      4.47,
      10.615,
      4.61,
      10.7525,
      4.75,
      10.8925,
      4.8875,
      11.0325,
      5.0275,
      11.1725,
      5.1675,
      11.3125,
      5.3075,
      11.4525,
      5.4475,
      11.5925,
      5.5875,
      11.73,
      5.7275,
      11.87,
      5.865,
      12.01,
      6.005
    ],
    "SoftwareVersions": "syngo MR XA30",
    "SpacingBetweenSlices": 1.6,
    "StationName": "LRG10884",
    "TotalReadoutTime": 0.0507512,
    "TxRefAmp": 245.513,
    "acquisition": "highres",
    "dataset": "HCPh",
    "datatype": "dwi",
    "direction": "PA",
    "extension": ".nii.gz",
    "modality": "dwi",
    "session": "pilot019",
    "subject": "001",
    "suffix": "dwi"
  },
  "efc_shell01": 0.3779,
  "efc_shell02": 0.4744,
  "efc_shell03": 0.4858,
  "efc_shell04": 0.5338,
  "efc_shell05": 0.5846,
  "fa_degenerate": 0.0,
  "fa_nans": 0.0,
  "fber_shell01": 1555.6964,
  "fber_shell02": 515.6594,
  "fber_shell03": 354.6398,
  "fber_shell04": 125.3618,
  "fber_shell05": 56.8417,
  "fd_mean": 5.6294,
  "fd_num": 279,
  "fd_perc": 99.64285714285714,
  "ndc": 0.6188,
  "provenance": {
    "md5sum": "dbb303c98a38b85a3ec69353b2dd2c26",
    "settings": {
      "testing": false
    },
    "software": "mriqc",
    "version": "24.1.0.dev15+g9586c867.d20240825"
  },
  "sigma_cc": 41.5129,
  "sigma_pca": 15.3958,
  "sigma_piesno": 1.3206,
  "snr_cc_shell0": 4.34,
  "snr_cc_shell1_best": 4.13,
  "snr_cc_shell1_worst": 4.13,
  "snr_cc_shell2_best": 2.75,
  "snr_cc_shell2_worst": 2.0,
  "snr_cc_shell3_best": 2.45,
  "snr_cc_shell3_worst": 1.22,
  "snr_cc_shell4_best": 1.75,
  "snr_cc_shell4_worst": 1.0,
  "spikes_global": 32.8,
  "spikes_slice_i": 185.57,
  "spikes_slice_j": 181.64,
  "spikes_slice_k": 184.8,
  "summary_bg_k": 675.1495,
  "summary_bg_mad": 8.8956,
  "summary_bg_mean": 28.6203,
  "summary_bg_median": 9.0,
  "summary_bg_n": 1509691.0,
  "summary_bg_p05": 2.0,
  "summary_bg_p95": 109.0,
  "summary_bg_stdv": 103.0031,
  "summary_fg_k": 8.5703,
  "summary_fg_mad": 188.2905,
  "summary_fg_mean": 428.1834,
  "summary_fg_median": 334.0,
  "summary_fg_n": 344801.0,
  "summary_fg_p05": 112.0,
  "summary_fg_p95": 1115.0,
  "summary_fg_stdv": 338.2796,
  "summary_wm_k": 8.2411,
  "summary_wm_mad": 88.9561,
  "summary_wm_mean": 238.0835,
  "summary_wm_median": 234.0,
  "summary_wm_n": 91510.0,
  "summary_wm_p05": 106.0,
  "summary_wm_p95": 389.0,
  "summary_wm_stdv": 92.1386
}
