{
  "aor": [
    0.0009908080808080806,
    0.0009475757575757576,
    0.001064949494949495,
    0.001267676767676768
  ],
  "aqi": [
    0.005373260202020202,
    0.007631308484848484,
    0.011817436666666667,
    0.01891242424242424
  ],
  "bids_meta": {
    "AcquisitionDuration": 188.475,
    "AcquisitionMatrixPE": 76,
    "AcquisitionNumber": 1,
    "AcquisitionTime": "20:26:34.320000",
    "B0FieldSource": [
      "007pepolarbold",
      "007phasediff"
    ],
    "BandwidthPerPixelPhaseEncode": 40.486,
    "BaseResolution": 102,
    "BodyPartExamined": "BRAIN",
    "CoilCombinationMethod": "Sum of Squares",
    "CoilString": "HeadNeck_64",
    "ConversionSoftware": "dcm2niix",
    "ConversionSoftwareVersion": "v1.0.20220720",
    "DerivedVendorReportedEchoSpacing": 0.000649997,
    "DeviceSerialNumber": "67014",
    "DwellTime": 2.5e-6,
    "EchoNumber": 4,
    "EchoTime": 0.0714,
    "EchoTrainLength": 28,
    "EffectiveEchoSpacing": 0.000324999,
    "FileSize": 0.0434723449870944,
    "FileSizeUnits": "GB",
    "FlipAngle": 64,
    "HeudiconvVersion": "1.0.0",
    "ImageComments": "Unaliased MB4/PE4/LB",
    "ImageOrientationPatientDICOM": [
      0.999164,
      0.0141201,
      0.0383739,
      -0.000871936,
      0.945628,
      -0.32525
    ],
    "ImageType": [
      "ORIGINAL",
      "PRIMARY",
      "FMRI",
      "NONE"
    ],
    "ImageTypeText": [
      "ORIGINAL",
      "PRIMARY",
      "M",
      "MB",
      "TE4",
      "DIS2D"
    ],
    "ImagingFrequency": 123.248,
    "InPlanePhaseEncodingDirectionDICOM": "ROW",
    "InstitutionAddress": "Rue du Bugnon 21,Lausanne,District,CH,1011",
    "InstitutionName": "CHUV",
    "MRAcquisitionType": "2D",
    "MTState": false,
    "MagneticFieldStrength": 3,
    "Manufacturer": "Siemens",
    "ManufacturersModelName": "MAGNETOM Prisma Fit",
    "MatrixCoilMode": "GRAPPA",
    "Modality": "MR",
    "MultibandAccelerationFactor": 4,
    "NonlinearGradientCorrection": true,
    "NumberOfVolumes": 99,
    "ParallelAcquisitionTechnique": "GRAPPA",
    "ParallelReductionFactorInPlane": 2,
    "PartialFourier": 0.75,
    "PartialFourierDirection": "PHASE",
    "PatientPosition": "HFS",
    "PercentPhaseFOV": 74.5098,
    "PercentSampling": 100,
    "PhaseEchoTime1": 0.0126,
    "PhaseEchoTime2": 0.0322,
    "PhaseEncodingDirection": "i-",
    "PhaseResolution": 1,
    "PixelBandwidth": 1961,
    "ProcedureStepDescription": "https://www.axonlab.org/hcph-sops/",
    "ProtocolName": "func-bold_task-qct_dir-LR__cmrr_me4_sms4",
    "PulseSequenceDetails": "%CustomerSeq%\\cmrr_mbep2d_bold",
    "PulseSequenceName": "epfid2d4_76",
    "ReceiveCoilActiveElements": "HC1-7",
    "ReceiveCoilName": "HeadNeck_64",
    "ReconMatrixPE": 76,
    "RefLinesPE": 18,
    "RepetitionTime": 1.6,
    "ScanOptions": "PFP\\FS",
    "ScanningSequence": "EP",
    "SequenceVariant": "SK\\SS\\OSP",
    "SeriesDescription": "func-bold_task-qct_dir-LR__cmrr_me4_sms4",
    "SeriesNumber": 13,
    "ShimSetting": [
      8228,
      -5628,
      -6009,
      676,
      -47,
      -190,
      67,
      74
    ],
    "SliceThickness": 2.2,
    "SliceTiming": [
      0,
      0.8425,
      0.105,
      0.9475,
      0.21,
      1.0525,
      0.315,
      1.16,
      0.4225,
      1.265,
      0.5275,
      1.37,
      0.6325,
      1.475,
      0.7375,
      0,
      0.8425,
      0.105,
      0.9475,
      0.21,
      1.0525,
      0.315,
      1.16,
      0.4225,
      1.265,
      0.5275,
      1.37,
      0.6325,
      1.475,
      0.7375,
      0,
      0.8425,
      0.105,
      0.9475,
      0.21,
      1.0525,
      0.315,
      1.16,
      0.4225,
      1.265,
      0.5275,
      1.37,
      0.6325,
      1.475,
      0.7375,
      0,
      0.8425,
      0.105,
      0.9475,
      0.21,
      1.0525,
      0.315,
      1.16,
      0.4225,
      1.265,
      0.5275,
      1.37,
      0.6325,
      1.475,
      0.7375
    ],
    "SoftwareVersions": "syngo MR XA30",
    "SpacingBetweenSlices": 2.2,
    "StationName": "LRG10884",
    "TaskName": "Quality Control Task (QCT)",
    "TotalReadoutTime": 0.0243749,
    "TxRefAmp": 247.09,
    "WipMemBlock": "4ab13854-a597-4e9f-927c-3a41d8a97be6||Sequence: R017 nxva30a/master r/d34922cc2+; Jun 27 2022 13:20:16 by eja",
    "dataset": "HCPh",
    "datatype": "func",
    "direction": "LR",
    "extension": ".nii.gz",
    "modality": "bold",
    "part": "mag",
    "session": "007",
    "subject": "001",
    "suffix": "bold",
    "task": "qct"
  },
  "dummy_trs": 0,
  "dvars_nstd": 91.91225028530613,
  "dvars_std": 1.020494076020408,
  "dvars_vstd": 1.0052450871428573,
  "efc": 0.5637,
  "fber": 73.3787,
  "fd_mean": 0.07114900932027633,
  "fd_num": 2,
  "fd_perc": 2.0202020202020203,
  "fwhm_avg": 2.586244652162647,
  "fwhm_x": 2.7266994296292912,
  "fwhm_y": 2.5576527623076126,
  "fwhm_z": 2.4743817645510378,
  "gcor": [
    0.00547034,
    0.00875988,
    0.0085153,
    0.00728367
  ],
  "gsr_x": 0.033311937004327774,
  "gsr_y": -0.006965288892388344,
  "provenance": {
    "md5sum": "fabfc444bab7ba664deaece05cbfe5a6",
    "settings": {
      "fd_thres": 0.2,
      "testing": false
    },
    "software": "mriqc",
    "version": "24.1.0.dev15+g9586c867.d20240825"
  },
  "size_t": 99,
  "size_x": 76,
  "size_y": 102,
  "size_z": 60,
  "snr": 1.4514308639631683,
  "spacing_tr": 1.600000023841858,
  "spacing_x": 2.196079969406128,
  "spacing_y": 2.196079969406128,
  "spacing_z": 2.200000047683716,
  "summary_bg_k": 98.3961,
  "summary_bg_mad": 5.3314,
  "summary_bg_mean": 28.5709,
  "summary_bg_median": 26.0,
  "summary_bg_n": 328519.0,
  "summary_bg_p05": 0.0,
  "summary_bg_p95": 50.0,
  "summary_bg_stdv": 17.5928,
  "summary_fg_k": 3.707,
  "summary_fg_mad": 141.8655,
  "summary_fg_mean": 235.7219,
  "summary_fg_median": 224.0,
  "summary_fg_n": 136601.0,
  "summary_fg_p05": 35.0,
  "summary_fg_p95": 503.0,
  "summary_fg_stdv": 154.3299,
  "tsnr": 13.225609556771815
}
