{
  "aor": [
    0.0006848933333333334,
    0.0011105866666666667,
    0.0012668266666666665
  ],
  "aqi": [
    0.012406534359999999,
    0.0206296972,
    0.037766799600000005
  ],
  "bids_meta": {
    "AcquisitionDuration": 1230.47,
    "AcquisitionMatrixPE": 96,
    "AcquisitionNumber": 1,
    "AcquisitionTime": "00:01:44.660000",
    "BandwidthPerPixelPhaseEncode": 30.193,
    "BaseResolution": 96,
    "BodyPartExamined": "BRAIN",
    "CogAtlasID": "https://www.cognitiveatlas.org/task/id/trm_4c8a834779883/",
    "CoilCombinationMethod": "Sum of Squares",
    "CoilString": "HeadNeck_64",
    "ConversionSoftware": "dcm2niix",
    "ConversionSoftwareVersion": "v1.0.20220720",
    "DerivedVendorReportedEchoSpacing": 0.000690005,
    "DeviceSerialNumber": "67014",
    "DwellTime": 2.4e-6,
    "EchoNumber": 2,
    "EchoTime": 0.03882,
    "EchoTrainLength": 35,
    "EffectiveEchoSpacing": 0.000345003,
    "FileSize": 0.39347550366073847,
    "FileSizeUnits": "GB",
    "FlipAngle": 64,
    "HeudiconvVersion": "1.1.6.post8+ga0a3635",
    "ImageComments": "Unaliased MB4/PE4/LB",
    "ImageOrientationPatientDICOM": [
      0.999728,
      0.0186043,
      0.0140898,
      -0.0101205,
      0.889626,
      -0.456578
    ],
    "ImageType": [
      "ORIGINAL",
      "PRIMARY",
      "FMRI",
      "NONE"
    ],
    "ImageTypeText": [
      "ORIGINAL",
      "PRIMARY",
      "M",
      "MB",
      "TE2",
      "DIS2D"
    ],
    "ImagingFrequency": 123.248,
    "InPlanePhaseEncodingDirectionDICOM": "ROW",
    "InstitutionAddress": "Rue du Bugnon 21,Lausanne,District,CH,1011",
    "InstitutionName": "CHUV",
    "MRAcquisitionType": "2D",
    "MTState": false,
    "MagneticFieldStrength": 3,
    "Manufacturer": "Siemens",
    "ManufacturersModelName": "MAGNETOM Prisma Fit",
    "MatrixCoilMode": "GRAPPA",
    "Modality": "MR",
    "MultibandAccelerationFactor": 4,
    "NonlinearGradientCorrection": true,
    "NumberOfVolumes": 750,
    "ParallelAcquisitionTechnique": "GRAPPA",
    "ParallelReductionFactorInPlane": 2,
    "PartialFourier": 0.75,
    "PartialFourierDirection": "PHASE",
    "PatientPosition": "HFS",
    "PercentPhaseFOV": 100,
    "PercentSampling": 100,
    "PhaseEncodingDirection": "i-",
    "PhaseResolution": 1,
    "PixelBandwidth": 2170,
    "ProcedureStepDescription": "RESEARCH Oscar",
    "ProtocolName": "func-bold_task-rest_dir-LR__cmrr_me4_sms4",
    "PulseSequenceDetails": "%CustomerSeq%\\cmrr_mbep2d_bold",
    "PulseSequenceName": "epfid2d3_96",
    "ReceiveCoilActiveElements": "HC1-7;NC1",
    "ReceiveCoilName": "HeadNeck_64",
    "ReconMatrixPE": 96,
    "RefLinesPE": 22,
    "RepetitionTime": 1.6,
    "ScanOptions": "PFP\\FS",
    "ScanningSequence": "EP",
    "SequenceVariant": "SK\\SS",
    "SeriesDescription": "func-bold_task-rest_dir-LR__cmrr_me4_sms4",
    "SeriesNumber": 18,
    "ShimSetting": [
      8243,
      -5646,
      -5983,
      707,
      -29,
      -218,
      39,
      41
    ],
    "SliceThickness": 2.2,
    "SliceTiming": [
      0,
      0.8425,
      0.105,
      0.9475,
      0.21,
      1.0525,
      0.315,
      1.1575,
      0.4225,
      1.265,
      0.5275,
      1.37,
      0.6325,
      1.475,
      0.7375,
      0,
      0.8425,
      0.105,
      0.9475,
      0.21,
      1.0525,
      0.315,
      1.1575,
      0.4225,
      1.265,
      0.5275,
      1.37,
      0.6325,
      1.475,
      0.7375,
      0,
      0.8425,
      0.105,
      0.9475,
      0.21,
      1.0525,
      0.315,
      1.1575,
      0.4225,
      1.265,
      0.5275,
      1.37,
      0.6325,
      1.475,
      0.7375,
      0,
      0.8425,
      0.105,
      0.9475,
      0.21,
      1.0525,
      0.315,
      1.1575,
      0.4225,
      1.265,
      0.5275,
      1.37,
      0.6325,
      1.475,
      0.7375
    ],
    "SoftwareVersions": "syngo MR XA30",
    "SpacingBetweenSlices": 2.2,
    "StationName": "LRG10884",
    "TaskName": "rest",
    "TotalReadoutTime": 0.0327753,
    "TxRefAmp": 247.254,
    "VendorReportedEchoSpacing": 0.00069,
    "WipMemBlock": "bc820376-942c-44a1-8c62-c204d0a579a1||Sequence: R017 nxva30a/master r/d34922cc2+; Jun 27 2022 13:20:16 by eja",
    "dataset": "HCPh",
    "datatype": "func",
    "direction": "LR",
    "extension": ".nii.gz",
    "modality": "bold",
    "part": "mag",
    "session": "20802060",
    "subject": "001",
    "suffix": "bold",
    "task": "rest"
  },
  "dummy_trs": 0,
  "dvars_nstd": 64.95720654281705,
  "dvars_std": 1.0207434304539382,
  "dvars_vstd": 1.0114867524566082,
  "efc": 0.5572,
  "fber": 155.6597,
  "fd_mean": 0.10079268507928542,
  "fd_num": 33,
  "fd_perc": 4.4,
  "fwhm_avg": 2.70424291989104,
  "fwhm_x": 2.8061302341696184,
  "fwhm_y": 2.6909167640150584,
  "fwhm_z": 2.615681761488443,
  "gcor": [
    0.0135047,
    0.0138659,
    0.0112484
  ],
  "gsr_x": 0.012606153264641762,
  "gsr_y": 0.022903302684426308,
  "provenance": {
    "md5sum": "9543657714cb5af166c53b8b22e6df86",
    "settings": {
      "fd_thres": 0.2,
      "testing": false
    },
    "software": "mriqc",
    "version": "24.1.0.dev15+g9586c867.d20240825"
  },
  "size_t": 750,
  "size_x": 96,
  "size_y": 96,
  "size_z": 60,
  "snr": 1.995301783676874,
  "spacing_tr": 1.600000023841858,
  "spacing_x": 2.197920083999634,
  "spacing_y": 2.197920083999634,
  "spacing_z": 2.200000047683716,
  "summary_bg_k": 107.0176,
  "summary_bg_mad": 6.1143,
  "summary_bg_mean": 32.0706,
  "summary_bg_median": 24.0,
  "summary_bg_n": 414999.0,
  "summary_bg_p05": 0.0,
  "summary_bg_p95": 80.0,
  "summary_bg_stdv": 35.1658,
  "summary_fg_k": 1.0159,
  "summary_fg_mad": 129.9254,
  "summary_fg_mean": 306.9556,
  "summary_fg_median": 298.0,
  "summary_fg_n": 137961.0,
  "summary_fg_p05": 53.0,
  "summary_fg_p95": 564.0,
  "summary_fg_stdv": 149.3503,
  "tsnr": 16.853636553511024
}
