{
  "NumberOfShells": 4,
  "bValues": [
    0.0,
    700.0,
    1000.0,
    2000.0,
    3000.0
  ],
  "bValuesEstimation": [
    700.0,
    1000.0,
    2000.0,
    3000.0
  ],
  "bdiffs_max": 0.4068,
  "bdiffs_mean": 0.183,
  "bdiffs_median": 0.1661,
  "bdiffs_min": 0.011,
  "bids_meta": {
    "AcquisitionMatrixPE": 148,
    "AcquisitionNumber": 1,
    "AcquisitionTime": "00:00:47.305000",
    "BandwidthPerPixelPhaseEncode": 14.077,
    "BaseResolution": 146,
    "BodyPartExamined": "BRAIN",
    "CoilCombinationMethod": "Adaptive Combine",
    "CoilString": "HeadNeck_64_CS",
    "ConversionSoftware": "dcm2niix",
    "ConversionSoftwareVersion": "v1.0.20220720",
    "Deltas": [
      0.0233,
      0.0475
    ],
    "DerivedVendorReportedEchoSpacing": 0.000959971,
    "DeviceSerialNumber": "202009",
    "DiffusionScheme": "Monopolar",
    "DwellTime": 2.1e-6,
    "EchoTime": 0.121,
    "EchoTrainLength": 64,
    "EffectiveEchoSpacing": 0.000479986,
    "FileSize": 0.3404300566762686,
    "FileSizeUnits": "GB",
    "FlipAngle": 90,
    "HeudiconvVersion": "1.1.6.post8+ga0a3635",
    "ImageOrientationPatientDICOM": [
      0.999707,
      0.0152933,
      0.01876,
      -0.00575796,
      0.903105,
      -0.429382
    ],
    "ImageType": [
      "ORIGINAL",
      "PRIMARY",
      "DIFFUSION",
      "NONE",
      "ND",
      "NORM",
      "MFSPLIT"
    ],
    "ImageTypeText": [
      "ORIGINAL",
      "PRIMARY",
      "DIFFUSION",
      "NONE"
    ],
    "ImagingFrequency": 123.197,
    "InPlanePhaseEncodingDirectionDICOM": "COL",
    "InstitutionAddress": "Rue du Bugnon 46,Lausanne,,CH,1011",
    "InstitutionName": "CHUV Lausanne",
    "MRAcquisitionType": "2D",
    "MagneticFieldStrength": 3,
    "Manufacturer": "Siemens",
    "ManufacturersModelName": "MAGNETOM Vida Fit",
    "Modality": "MR",
    "MultibandAccelerationFactor": 3,
    "NonlinearGradientCorrection": false,
    "NumberOfVolumes": 280,
    "ParallelReductionFactorInPlane": 2,
    "PartialFourier": 0.875,
    "PatientPosition": "HFS",
    "PercentPhaseFOV": 101.37,
    "PercentSampling": 100,
    "PhaseEncodingDirection": "j-",
    "PhaseEncodingSteps": 148,
    "PhaseResolution": 1,
    "PixelBandwidth": 1631,
    "ProcedureStepDescription": "RESEARCH Oscar",
    "ProtocolName": "dwi-dwi_acq-highres_dir-AP",
    "PulseSequenceDetails": "%SiemensSeq%\\ep2d_diff",
    "ReceiveCoilActiveElements": "HC1-7;NC1",
    "ReceiveCoilName": "HeadNeck_64_CS",
    "ReconMatrixPE": 148,
    "RefLinesPE": 54,
    "RepetitionTime": 7,
    "SAR": 0.145889,
    "ScanOptions": "PFP\\FS\\PER",
    "ScanningSequence": "GR\\EP",
    "SequenceName": "*ep_b0",
    "SequenceVariant": "SK",
    "SeriesDescription": "dwi-dwi_acq-highres_dir-AP",
    "SeriesNumber": 18,
    "ShimSetting": [
      234,
      -1137,
      2716,
      658,
      471,
      -56,
      -54,
      -18
    ],
    "SliceThickness": 1.6,
    "SliceTiming": [
      0,
      -0.001,
      -0.001,
      -0.001,
      -0.001,
      -0.001,
      -0.001,
      -0.001,
      -0.001,
      -0.001,
      -0.001,
      -0.001,
      -0.001,
      -0.001,
      -0.001,
      -0.001,
      -0.001,
      -0.001,
      -0.001,
      -0.001,
      -0.001,
      -0.001,
      -0.001,
      -0.001,
      -0.001,
      -0.001,
      -0.001,
      -0.001,
      -0.001,
      -0.001,
      -0.001,
      -0.001,
      -0.001,
      -0.001,
      -0.001,
      -0.001,
      -0.001,
      -0.001,
      -0.001,
      -0.001,
      -0.001,
      -0.001,
      -0.001,
      -0.001,
      -0.001,
      -0.001,
      -0.001,
      -0.001,
      -0.001,
      -0.001,
      -0.001,
      -0.001,
      -0.001,
      -0.001,
      -0.001,
      -0.001,
      -0.001,
      -0.001,
      -0.001,
      -0.001,
      -0.001,
      -0.001,
      -0.001,
      -0.001,
      -0.001,
      -0.001,
      -0.001,
      -0.001,
      -0.001,
      -0.001,
      -0.001,
      -0.001,
      -0.001,
      -0.001,
      -0.001,
      -0.001,
      -0.001,
      -0.001,
      -0.001,
      -0.001,
      -0.001,
      -0.001,
      -0.001,
      -0.001,
      -0.001,
      -0.001,
      -0.001
    ],
    "SoftwareVersions": "syngo MR XA50",
    "SpacingBetweenSlices": 1.6,
    "StationName": "AWP202009",
    "TotalReadoutTime": 0.0705579,
    "TxRefAmp": 315.922,
    "VendorReportedEchoSpacing": 0.00096,
    "acquisition": "highres",
    "dataset": "HCPh",
    "datatype": "dwi",
    "direction": "AP",
    "extension": ".nii.gz",
    "modality": "dwi",
    "session": "20702030",
    "subject": "001",
    "suffix": "dwi"
  },
  "efc_shell01": 0.34,
  "efc_shell02": 0.4361,
  "efc_shell03": 0.4371,
  "efc_shell04": 0.4529,
  "efc_shell05": 0.4614,
  "fa_degenerate": 0.0,
  "fa_nans": 0.0,
  "fber_shell01": 16852.0352,
  "fber_shell02": 6051.0132,
  "fber_shell03": 4519.1011,
  "fber_shell04": 1540.5232,
  "fber_shell05": 833.004,
  "fd_mean": 35.4131,
  "fd_num": 279,
  "fd_perc": 99.64285714285714,
  "ndc": 0.4369,
  "provenance": {
    "md5sum": "4ca5d8dc6d23a5dd6307d79aa49a6f1a",
    "settings": {
      "testing": false
    },
    "software": "mriqc",
    "version": "24.1.0.dev15+g9586c867.d20240825"
  },
  "sigma_cc": 40.0303,
  "sigma_pca": 14.7873,
  "sigma_piesno": 0.3301,
  "snr_cc_shell0": 5.1,
  "snr_cc_shell1_best": 5.14,
  "snr_cc_shell1_worst": 5.14,
  "snr_cc_shell2_best": 3.57,
  "snr_cc_shell2_worst": 2.36,
  "snr_cc_shell3_best": 2.45,
  "snr_cc_shell3_worst": 2.17,
  "snr_cc_shell4_best": 1.61,
  "snr_cc_shell4_worst": 1.43,
  "spikes_global": 30.45,
  "spikes_slice_i": 171.97,
  "spikes_slice_j": 170.39,
  "spikes_slice_k": 194.54,
  "summary_bg_k": 276.4043,
  "summary_bg_mad": 1.4826,
  "summary_bg_mean": 8.6214,
  "summary_bg_median": 1.0,
  "summary_bg_n": 1517593.0,
  "summary_bg_p05": 0.0,
  "summary_bg_p95": 34.0,
  "summary_bg_stdv": 33.3796,
  "summary_fg_k": 15.8388,
  "summary_fg_mad": 96.3691,
  "summary_fg_mean": 311.2126,
  "summary_fg_median": 228.0,
  "summary_fg_n": 362303.0,
  "summary_fg_p05": 89.0,
  "summary_fg_p95": 843.0,
  "summary_fg_stdv": 266.0606,
  "summary_wm_k": 34.3295,
  "summary_wm_mad": 53.3737,
  "summary_wm_mean": 211.5043,
  "summary_wm_median": 199.0,
  "summary_wm_n": 123144.0,
  "summary_wm_p05": 93.0,
  "summary_wm_p95": 347.0,
  "summary_wm_stdv": 102.5542
}
