{
  "aor": [
    0.00035420000000000004,
    0.0004746666666666667,
    0.0005750266666666666
  ],
  "aqi": [
    0.011533879906666667,
    0.018674838346666667,
    0.033898038266666666
  ],
  "bids_meta": {
    "AcquisitionDuration": 1230.47,
    "AcquisitionMatrixPE": 96,
    "AcquisitionNumber": 1,
    "AcquisitionTime": "22:17:37.140000",
    "BandwidthPerPixelPhaseEncode": 32.051,
    "BaseResolution": 96,
    "BodyPartExamined": "BRAIN",
    "CogAtlasID": "https://www.cognitiveatlas.org/task/id/trm_4c8a834779883/",
    "CoilCombinationMethod": "Sum of Squares",
    "CoilString": "HeadNeck_64_CS",
    "ConversionSoftware": "dcm2niix",
    "ConversionSoftwareVersion": "v1.0.20220720",
    "DerivedVendorReportedEchoSpacing": 0.000650006,
    "DeviceSerialNumber": "176240",
    "DwellTime": 2.4e-06,
    "EchoNumber": 3,
    "EchoTime": 0.0615,
    "EchoTrainLength": 35,
    "EffectiveEchoSpacing": 0.000325003,
    "FileSize": 0.3487224793061614,
    "FileSizeUnits": "GB",
    "FlipAngle": 64,
    "HeudiconvVersion": "1.1.6.post8+ga0a3635",
    "ImageComments": "Unaliased MB4/PE4/LB",
    "ImageOrientationPatientDICOM": [
      0.999271,
      0.0282125,
      0.025703,
      -0.0163956,
      0.925487,
      -0.378424
    ],
    "ImageType": [
      "ORIGINAL",
      "PRIMARY",
      "FMRI",
      "NONE"
    ],
    "ImageTypeText": [
      "ORIGINAL",
      "PRIMARY",
      "M",
      "MB",
      "TE3",
      "DIS2D"
    ],
    "ImagingFrequency": 123.261,
    "InPlanePhaseEncodingDirectionDICOM": "COL",
    "InstitutionAddress": "Rue de Bugnon 46,Lausanne,,CH,1011",
    "InstitutionName": "Radiologie-CHUV",
    "MRAcquisitionType": "2D",
    "MTState": false,
    "MagneticFieldStrength": 3,
    "Manufacturer": "Siemens",
    "ManufacturersModelName": "MAGNETOM Vida",
    "MatrixCoilMode": "GRAPPA",
    "Modality": "MR",
    "MultibandAccelerationFactor": 4,
    "NonlinearGradientCorrection": true,
    "NumberOfVolumes": 750,
    "ParallelAcquisitionTechnique": "GRAPPA",
    "ParallelReductionFactorInPlane": 2,
    "PartialFourier": 0.75,
    "PartialFourierDirection": "PHASE",
    "PatientPosition": "HFS",
    "PercentPhaseFOV": 100,
    "PercentSampling": 100,
    "PhaseEncodingDirection": "j",
    "PhaseResolution": 1,
    "PixelBandwidth": 2170,
    "ProcedureStepDescription": "RESEARCH Oscar",
    "ProtocolName": "func-bold_task-rest_dir-PA__cmrr_me4_s",
    "PulseSequenceDetails": "%CustomerSeq%\\cmrr_mbep2d_bold",
    "PulseSequenceName": "epfid2d3_96",
    "ReceiveCoilActiveElements": "HC1-7;NC1",
    "ReceiveCoilName": "HeadNeck_64_CS",
    "ReconMatrixPE": 96,
    "RefLinesPE": 22,
    "RepetitionTime": 1.6,
    "ScanOptions": "PFP\\FS",
    "ScanningSequence": "EP",
    "SequenceVariant": "SK\\SS",
    "SeriesDescription": "func-bold_task-rest_dir-PA__cmrr_me4_s",
    "SeriesNumber": 14,
    "ShimSetting": [
      -8770,
      8483,
      9483,
      619,
      -169,
      -2,
      95,
      116
    ],
    "SliceThickness": 2.2,
    "SliceTiming": [
      0,
      0.8425,
      0.105,
      0.95,
      0.2125,
      1.055,
      0.3175,
      1.16,
      0.4225,
      1.265,
      0.5275,
      1.37,
      0.6325,
      1.475,
      0.7375,
      0,
      0.8425,
      0.105,
      0.95,
      0.2125,
      1.055,
      0.3175,
      1.16,
      0.4225,
      1.265,
      0.5275,
      1.37,
      0.6325,
      1.475,
      0.7375,
      0,
      0.8425,
      0.105,
      0.95,
      0.2125,
      1.055,
      0.3175,
      1.16,
      0.4225,
      1.265,
      0.5275,
      1.37,
      0.6325,
      1.475,
      0.7375,
      0,
      0.8425,
      0.105,
      0.95,
      0.2125,
      1.055,
      0.3175,
      1.16,
      0.4225,
      1.265,
      0.5275,
      1.37,
      0.6325,
      1.475,
      0.7375
    ],
    "SoftwareVersions": "syngo MR XA50",
    "SpacingBetweenSlices": 2.2,
    "StationName": "LRG08892",
    "TaskName": "rest",
    "TotalReadoutTime": 0.0308753,
    "TxRefAmp": 322.742,
    "WipMemBlock": "ff561fe7-2799-4e9a-b550-0b4a1481ae53||Sequence: R017 nxva50a/main r/da4fca61d; Oct  3 2023 08:23:56 by eja",
    "dataset": "HCPh",
    "datatype": "func",
    "direction": "PA",
    "extension": ".nii.gz",
    "modality": "bold",
    "part": "mag",
    "session": "20302034",
    "subject": "001",
    "suffix": "bold",
    "task": "rest"
  },
  "dummy_trs": 0,
  "dvars_nstd": 90.64372663915894,
  "dvars_std": 0.9970467993591463,
  "dvars_vstd": 0.9815159876234978,
  "efc": 0.5991,
  "fber": 42.6889,
  "fd_mean": 0.09306639383123318,
  "fd_num": 21,
  "fd_perc": 2.8,
  "fwhm_avg": 2.589812377037215,
  "fwhm_x": 2.424765139914381,
  "fwhm_y": 2.8888174989719313,
  "fwhm_z": 2.455854492225333,
  "gcor": [
    0.0192855,
    0.0105239,
    0.00596756
  ],
  "gsr_x": -0.0020868973806500435,
  "gsr_y": 0.029577035456895828,
  "provenance": {
    "md5sum": "129d90e23c94328f8447b35302ea8f71",
    "settings": {
      "fd_thres": 0.2,
      "testing": false
    },
    "software": "mriqc",
    "version": "24.0.1"
  },
  "size_t": 750,
  "size_x": 96,
  "size_y": 96,
  "size_z": 60,
  "snr": 1.6944220447699012,
  "spacing_tr": 1.600000023841858,
  "spacing_x": 2.197920083999634,
  "spacing_y": 2.197920083999634,
  "spacing_z": 2.200000047683716,
  "summary_bg_k": 66.0706,
  "summary_bg_mad": 3.0166,
  "summary_bg_mean": 23.9542,
  "summary_bg_median": 24.0,
  "summary_bg_n": 413501.0,
  "summary_bg_p05": 0.0,
  "summary_bg_p95": 36.0,
  "summary_bg_stdv": 11.8418,
  "summary_fg_k": 2.7135,
  "summary_fg_mad": 78.4119,
  "summary_fg_mean": 164.7243,
  "summary_fg_median": 158.0,
  "summary_fg_n": 139459.0,
  "summary_fg_p05": 30.0,
  "summary_fg_p95": 329.0,
  "summary_fg_stdv": 93.2468,
  "tsnr": 11.920200039166957
}