{
  "aor": [
    0.001829826435246996,
    0.0024178771695594127,
    0.0024443124165554075,
    0.0022427369826435247
  ],
  "aqi": [
    0.017310950640854472,
    0.02032350372496662,
    0.029145455166889187,
    0.04228609092122831
  ],
  "bids_meta": {
    "AcquisitionDuration": 1230.47,
    "AcquisitionMatrixPE": 96,
    "AcquisitionNumber": 1,
    "AcquisitionTime": "21:01:25.230000",
    "B0FieldSource": [
      "040pepolarbold",
      "040phasediff"
    ],
    "BandwidthPerPixelPhaseEncode": 37.879,
    "BaseResolution": 96,
    "BodyPartExamined": "BRAIN",
    "CogAtlasID": "https://www.cognitiveatlas.org/task/id/trm_4c8a834779883/",
    "CoilCombinationMethod": "Sum of Squares",
    "CoilString": "HeadNeck_64",
    "ConversionSoftware": "dcm2niix",
    "ConversionSoftwareVersion": "v1.0.20220720",
    "DerivedVendorReportedEchoSpacing": 0.000549997,
    "DeviceSerialNumber": "67014",
    "DwellTime": 2.3e-6,
    "EchoNumber": 2,
    "EchoTime": 0.03304,
    "EchoTrainLength": 35,
    "EffectiveEchoSpacing": 0.000274998,
    "FileSize": 0.4125970294699073,
    "FileSizeUnits": "GB",
    "FlipAngle": 64,
    "HeudiconvVersion": "1.0.0",
    "ImageComments": "Unaliased MB4/PE4/LB",
    "ImageOrientationPatientDICOM": [
      0.998979,
      0.00644586,
      0.0447055,
      0.0101129,
      0.932718,
      -0.360466
    ],
    "ImageType": [
      "ORIGINAL",
      "PRIMARY",
      "FMRI",
      "NONE"
    ],
    "ImageTypeText": [
      "ORIGINAL",
      "PRIMARY",
      "M",
      "MB",
      "TE2",
      "DIS2D"
    ],
    "ImagingFrequency": 123.248,
    "InPlanePhaseEncodingDirectionDICOM": "COL",
    "InstitutionAddress": "Rue du Bugnon 21,Lausanne,District,CH,1011",
    "InstitutionName": "CHUV",
    "MRAcquisitionType": "2D",
    "MTState": false,
    "MagneticFieldStrength": 3,
    "Manufacturer": "Siemens",
    "ManufacturersModelName": "MAGNETOM Prisma Fit",
    "MatrixCoilMode": "GRAPPA",
    "Modality": "MR",
    "MultibandAccelerationFactor": 4,
    "NonlinearGradientCorrection": true,
    "NumberOfVolumes": 750,
    "ParallelAcquisitionTechnique": "GRAPPA",
    "ParallelReductionFactorInPlane": 2,
    "PartialFourier": 0.75,
    "PartialFourierDirection": "PHASE",
    "PatientPosition": "HFS",
    "PercentPhaseFOV": 100,
    "PercentSampling": 100,
    "PhaseEchoTime1": 0.0126,
    "PhaseEchoTime2": 0.03304,
    "PhaseEncodingDirection": "j-",
    "PhaseResolution": 1,
    "PixelBandwidth": 2264,
    "ProcedureStepDescription": "https://www.axonlab.org/hcph-sops/",
    "ProtocolName": "func-bold_task-rest_dir-AP__cmrr_me4_sms4",
    "PulseSequenceDetails": "%CustomerSeq%\\cmrr_mbep2d_bold",
    "PulseSequenceName": "epfid2d4_96",
    "ReceiveCoilActiveElements": "HC1-7",
    "ReceiveCoilName": "HeadNeck_64",
    "ReconMatrixPE": 96,
    "RefLinesPE": 22,
    "RepetitionTime": 1.6,
    "ScanOptions": "PFP\\FS",
    "ScanningSequence": "EP",
    "SequenceVariant": "SK\\SS",
    "SeriesDescription": "func-bold_task-rest_dir-AP__cmrr_me4_sms4",
    "SeriesNumber": 23,
    "ShimSetting": [
      8235,
      -5623,
      -6013,
      640,
      -52,
      -218,
      61,
      11
    ],
    "SliceThickness": 2.2,
    "SliceTiming": [
      0,
      0.845,
      0.1075,
      0.95,
      0.2125,
      1.055,
      0.3175,
      1.16,
      0.4225,
      1.265,
      0.5275,
      1.37,
      0.6325,
      1.475,
      0.7375,
      0,
      0.845,
      0.1075,
      0.95,
      0.2125,
      1.055,
      0.3175,
      1.16,
      0.4225,
      1.265,
      0.5275,
      1.37,
      0.6325,
      1.475,
      0.7375,
      0,
      0.845,
      0.1075,
      0.95,
      0.2125,
      1.055,
      0.3175,
      1.16,
      0.4225,
      1.265,
      0.5275,
      1.37,
      0.6325,
      1.475,
      0.7375,
      0,
      0.845,
      0.1075,
      0.95,
      0.2125,
      1.055,
      0.3175,
      1.16,
      0.4225,
      1.265,
      0.5275,
      1.37,
      0.6325,
      1.475,
      0.7375
    ],
    "SoftwareVersions": "syngo MR XA30",
    "SpacingBetweenSlices": 2.2,
    "StationName": "LRG10884",
    "TaskName": "Naturalistic Scenes Watching Resting State",
    "TotalReadoutTime": 0.0261249,
    "TxRefAmp": 240.69,
    "WipMemBlock": "25581e36-a037-4553-853a-49c0a7cdb3b4||Sequence: R017 nxva30a/master r/d34922cc2+; Jun 27 2022 13:20:16 by eja",
    "dataset": "HCPh",
    "datatype": "func",
    "direction": "AP",
    "extension": ".nii.gz",
    "modality": "bold",
    "part": "mag",
    "session": "040",
    "subject": "001",
    "suffix": "bold",
    "task": "rest"
  },
  "dummy_trs": 1,
  "dvars_nstd": 38.823469070160435,
  "dvars_std": 0.9424026179144375,
  "dvars_vstd": 0.9453535134358296,
  "efc": 0.5195,
  "fber": 593.3884,
  "fd_mean": 0.10014611190721456,
  "fd_num": 32,
  "fd_perc": 4.2723631508678235,
  "fwhm_avg": 3.170532635590682,
  "fwhm_x": 2.922017068206139,
  "fwhm_y": 3.398212725918767,
  "fwhm_z": 3.191368112647141,
  "gcor": [
    0.00442691,
    0.00501416,
    0.00467404,
    0.00389131
  ],
  "gsr_x": 0.010287961922585964,
  "gsr_y": 0.028122050687670708,
  "provenance": {
    "md5sum": "3b08a5ef9dc709129828808adf9bec32",
    "settings": {
      "fd_thres": 0.2,
      "testing": false
    },
    "software": "mriqc",
    "version": "24.1.0.dev15+g9586c867.d20240825"
  },
  "size_t": 749,
  "size_x": 96,
  "size_y": 96,
  "size_z": 60,
  "snr": 2.1100904926125623,
  "spacing_tr": 1.600000023841858,
  "spacing_x": 2.197920083999634,
  "spacing_y": 2.197920083999634,
  "spacing_z": 2.200000047683716,
  "summary_bg_k": 27.9071,
  "summary_bg_mad": 5.9255,
  "summary_bg_mean": 40.5544,
  "summary_bg_median": 21.0,
  "summary_bg_n": 416226.0,
  "summary_bg_p05": 0.0,
  "summary_bg_p95": 144.0,
  "summary_bg_stdv": 63.8129,
  "summary_fg_k": 0.4005,
  "summary_fg_mad": 215.5414,
  "summary_fg_mean": 521.0132,
  "summary_fg_median": 509.0,
  "summary_fg_n": 136734.0,
  "summary_fg_p05": 95.0,
  "summary_fg_p95": 938.0,
  "summary_fg_stdv": 241.221,
  "tsnr": 25.373046982567757
}
