{
  "NumberOfShells": 4,
  "bValues": [
    0.0,
    700.0,
    1000.0,
    2000.0,
    3000.0
  ],
  "bValuesEstimation": [
    700.0,
    1000.0,
    2000.0,
    3000.0
  ],
  "bdiffs_max": 0.2977,
  "bdiffs_mean": 0.091,
  "bdiffs_median": 0.0917,
  "bdiffs_min": 0.007,
  "bids_meta": {
    "AcquisitionMatrixPE": 146,
    "AcquisitionNumber": 1,
    "AcquisitionTime": "09:32:39.565000",
    "B0FieldSource": [
      "043pepolarb0",
      "043phasediff"
    ],
    "BandwidthPerPixelPhaseEncode": 19.569,
    "BaseResolution": 146,
    "BodyPartExamined": "BRAIN",
    "CoilCombinationMethod": "Adaptive Combine",
    "CoilString": "HeadNeck_64",
    "ConversionSoftware": "dcm2niix",
    "ConversionSoftwareVersion": "v1.0.20220720",
    "Deltas": [
      0.0233,
      0.0475
    ],
    "DerivedVendorReportedEchoSpacing": 0.000700017,
    "DeviceSerialNumber": "67014",
    "DiffusionScheme": "Monopolar",
    "DwellTime": 2.1e-6,
    "EchoTime": 0.098,
    "EchoTrainLength": 64,
    "EffectiveEchoSpacing": 0.000350008,
    "FileSize": 0.4415494054555893,
    "FileSizeUnits": "GB",
    "FlipAngle": 90,
    "HeudiconvVersion": "1.0.0",
    "ImageOrientationPatientDICOM": [
      0.999355,
      0.0344909,
      -0.0100362,
      -0.0347236,
      0.999108,
      -0.024013
    ],
    "ImageType": [
      "ORIGINAL",
      "PRIMARY",
      "DIFFUSION",
      "NONE",
      "ND",
      "MFSPLIT"
    ],
    "ImageTypeText": [
      "ORIGINAL",
      "PRIMARY",
      "DIFFUSION",
      "NONE"
    ],
    "ImagingFrequency": 123.248,
    "InPlanePhaseEncodingDirectionDICOM": "COL",
    "InstitutionAddress": "Rue du Bugnon 21,Lausanne,District,CH,1011",
    "InstitutionName": "CHUV",
    "MRAcquisitionType": "2D",
    "MagneticFieldStrength": 3,
    "Manufacturer": "Siemens",
    "ManufacturersModelName": "MAGNETOM Prisma Fit",
    "Modality": "MR",
    "MultibandAccelerationFactor": 3,
    "NonlinearGradientCorrection": false,
    "NumberOfVolumes": 280,
    "ParallelReductionFactorInPlane": 2,
    "PartialFourier": 0.875,
    "PatientPosition": "HFS",
    "PercentPhaseFOV": 100,
    "PercentSampling": 100,
    "PhaseEncodingDirection": "j-",
    "PhaseEncodingSteps": 146,
    "PhaseResolution": 1,
    "PixelBandwidth": 1631,
    "ProcedureStepDescription": "RESEARCH Oscar",
    "ProtocolName": "dwi-dwi_acq-highres_dir-AP__trigger_monopolar",
    "PulseSequenceDetails": "%CustomerSeq%\\ep2d_diff_trigg",
    "ReceiveCoilActiveElements": "HC1-6",
    "ReceiveCoilName": "HeadNeck_64",
    "ReconMatrixPE": 146,
    "RefLinesPE": 54,
    "RepetitionTime": 7,
    "SAR": 0.150391,
    "ScanOptions": "PFP\\FS\\PER",
    "ScanningSequence": "GR\\EP",
    "SequenceName": "ep_b0",
    "SequenceVariant": "SK",
    "SeriesDescription": "dwi-dwi_acq-highres_dir-AP__trigger_monopolar",
    "SeriesNumber": 10,
    "ShimSetting": [
      8236,
      -5630,
      -6052,
      569,
      -26,
      -291,
      39,
      31
    ],
    "SliceThickness": 1.6,
    "SliceTiming": [
      0,
      6.1425,
      0.14,
      6.2825,
      0.2775,
      6.4225,
      0.4175,
      6.5625,
      0.5575,
      6.7025,
      0.6975,
      6.8425,
      0.8375,
      6.9825,
      0.9775,
      7.12,
      1.1175,
      7.26,
      1.255,
      7.4,
      1.395,
      7.54,
      1.535,
      7.68,
      1.675,
      7.82,
      1.815,
      7.96,
      1.955,
      8.0975,
      2.095,
      8.2375,
      2.2325,
      8.3775,
      2.3725,
      8.5175,
      2.5125,
      8.6575,
      2.6525,
      8.7975,
      2.7925,
      8.9375,
      2.9325,
      9.075,
      3.0725,
      9.215,
      3.21,
      9.355,
      3.35,
      9.495,
      3.49,
      9.635,
      3.63,
      9.775,
      3.77,
      9.915,
      3.91,
      10.0525,
      4.05,
      10.1925,
      4.1875,
      10.3325,
      4.3275,
      10.4725,
      4.4675,
      10.6125,
      4.6075,
      10.7525,
      4.7475,
      10.8925,
      4.8875,
      11.03,
      5.0275,
      11.17,
      5.165,
      11.31,
      5.305,
      11.45,
      5.445,
      11.59,
      5.585,
      11.73,
      5.725,
      11.87,
      5.865,
      12.0075,
      6.005
    ],
    "SoftwareVersions": "syngo MR XA30",
    "SpacingBetweenSlices": 1.6,
    "StationName": "LRG10884",
    "TotalReadoutTime": 0.0507512,
    "TxRefAmp": 241.688,
    "acquisition": "highres",
    "dataset": "HCPh",
    "datatype": "dwi",
    "direction": "AP",
    "extension": ".nii.gz",
    "modality": "dwi",
    "session": "043",
    "subject": "001",
    "suffix": "dwi"
  },
  "efc_shell01": 0.399,
  "efc_shell02": 0.4965,
  "efc_shell03": 0.5144,
  "efc_shell04": 0.5722,
  "efc_shell05": 0.6151,
  "fa_degenerate": 0.0,
  "fa_nans": 0.0,
  "fber_shell01": 1239.9668,
  "fber_shell02": 391.196,
  "fber_shell03": 249.4065,
  "fber_shell04": 80.732,
  "fber_shell05": 35.704,
  "fd_mean": 9.9301,
  "fd_num": 279,
  "fd_perc": 99.64285714285714,
  "ndc": 0.5641,
  "provenance": {
    "md5sum": "2870d06823f4e2ae507968847b06b223",
    "settings": {
      "testing": false
    },
    "software": "mriqc",
    "version": "24.1.0.dev15+g9586c867.d20240825"
  },
  "sigma_cc": 37.0651,
  "sigma_pca": 15.6023,
  "sigma_piesno": 1.6508,
  "snr_cc_shell0": 4.78,
  "snr_cc_shell1_best": 4.58,
  "snr_cc_shell1_worst": 4.58,
  "snr_cc_shell2_best": 2.98,
  "snr_cc_shell2_worst": 1.95,
  "snr_cc_shell3_best": 2.51,
  "snr_cc_shell3_worst": 1.39,
  "snr_cc_shell4_best": 1.7,
  "snr_cc_shell4_worst": 0.94,
  "spikes_global": 33.61,
  "spikes_slice_i": 192.04,
  "spikes_slice_j": 203.57,
  "spikes_slice_k": 185.14,
  "summary_bg_k": 211.3762,
  "summary_bg_mad": 8.8956,
  "summary_bg_mean": 26.9477,
  "summary_bg_median": 9.0,
  "summary_bg_n": 1493797.0,
  "summary_bg_p05": 2.0,
  "summary_bg_p95": 102.0,
  "summary_bg_stdv": 77.242,
  "summary_fg_k": 9.3075,
  "summary_fg_mad": 164.5688,
  "summary_fg_mean": 391.4715,
  "summary_fg_median": 305.0,
  "summary_fg_n": 360695.0,
  "summary_fg_p05": 100.0,
  "summary_fg_p95": 1013.0,
  "summary_fg_stdv": 306.586,
  "summary_wm_k": 9.2436,
  "summary_wm_mad": 81.5431,
  "summary_wm_mean": 224.2456,
  "summary_wm_median": 225.0,
  "summary_wm_n": 103528.0,
  "summary_wm_p05": 92.0,
  "summary_wm_p95": 359.0,
  "summary_wm_stdv": 88.0761
}
