{
  "bids_meta": {
    "AcquisitionMatrixPE": 320,
    "AcquisitionNumber": 1,
    "AcquisitionTime": "23:15:31.875000",
    "BaseResolution": 320,
    "BodyPartExamined": "BRAIN",
    "CoilCombinationMethod": "Adaptive Combine",
    "CoilString": "HeadNeck_64_CS",
    "ConversionSoftware": "dcm2niix",
    "ConversionSoftwareVersion": "v1.0.20220720",
    "DeviceSerialNumber": "176240",
    "DwellTime": 2.2e-6,
    "EchoTime": 0.413,
    "EchoTrainLength": 248,
    "FileSize": 0.016380544751882553,
    "FileSizeUnits": "GB",
    "FlipAngle": 120,
    "HeudiconvVersion": "1.1.6.post8+ga0a3635",
    "ImageOrientationPatientDICOM": [
      -0.0174872,
      0.997377,
      0.0702354,
      0.0339728,
      0.0707983,
      -0.996912
    ],
    "ImageType": [
      "ORIGINAL",
      "PRIMARY",
      "M",
      "ND",
      "NORM",
      "MFSPLIT"
    ],
    "ImageTypeText": [
      "ORIGINAL",
      "PRIMARY",
      "M",
      "NONE"
    ],
    "ImagingFrequency": 123.261,
    "InPlanePhaseEncodingDirectionDICOM": "ROW",
    "InstitutionAddress": "Rue de Bugnon 46,Lausanne,,CH,1011",
    "InstitutionName": "Radiologie-CHUV",
    "MRAcquisitionType": "3D",
    "MagneticFieldStrength": 3,
    "Manufacturer": "Siemens",
    "ManufacturersModelName": "MAGNETOM Vida",
    "MatrixCoilMode": "GRAPPA",
    "Modality": "MR",
    "NonlinearGradientCorrection": false,
    "NumberOfVolumes": 1,
    "ParallelReductionFactorInPlane": 3,
    "PartialFourier": 1,
    "PatientPosition": "HFS",
    "PercentPhaseFOV": 100,
    "PercentSampling": 100,
    "PhaseEncodingDirection": "i",
    "PhaseEncodingSteps": 320,
    "PhaseResolution": 1,
    "PixelBandwidth": 710,
    "ProcedureStepDescription": "Research Oscar",
    "ProtocolName": "anat-T2w__space",
    "PulseSequenceDetails": "%SiemensSeq%\\space",
    "ReceiveCoilActiveElements": "HC1-7;NC1,2",
    "ReceiveCoilName": "HeadNeck_64_CS",
    "ReconMatrixPE": 320,
    "RefLinesPE": 24,
    "RepetitionTime": 3.2,
    "SAR": 0.143871,
    "ScanOptions": "PFP\\PER",
    "ScanningSequence": "SE",
    "SequenceName": "*spcR_282ns",
    "SequenceVariant": "SP\\SK",
    "SeriesDescription": "anat-T2w__space_ND",
    "SeriesNumber": 23,
    "ShimSetting": [
      -8778,
      8428,
      9145,
      105,
      -256,
      11,
      89,
      62
    ],
    "SliceThickness": 0.8,
    "SoftwareVersions": "syngo MR XA50",
    "StationName": "LRG08892",
    "TxRefAmp": 317.16,
    "acquisition": "original",
    "dataset": "HCPh",
    "datatype": "anat",
    "extension": ".nii.gz",
    "modality": "T2w",
    "session": "20701034",
    "subject": "001",
    "suffix": "T2w"
  },
  "cjv": 1.4542397058823529,
  "cnr": 0.6528116554948791,
  "efc": 0.4725,
  "fber": -1.0,
  "fwhm_avg": 2.6541416271168745,
  "fwhm_x": 2.49883746276442,
  "fwhm_y": 2.925599956405163,
  "fwhm_z": 2.53798746218104,
  "icvs_csf": 0.2761165846267771,
  "icvs_gm": 0.3466018240265728,
  "icvs_wm": 0.3772815913466501,
  "inu_med": 0.9534699320793152,
  "inu_range": 0.3502783358097077,
  "provenance": {
    "md5sum": "c5c652738c3cbbd90b2479130b53262a",
    "settings": {
      "testing": false
    },
    "software": "mriqc",
    "version": "24.1.0.dev15+g9586c867.d20240825",
    "warnings": {
      "large_rot_frame": true,
      "small_air_mask": false
    }
  },
  "qi_1": 0.0,
  "qi_2": 0.0020737116053194146,
  "rpve_csf": 8.173028916034252,
  "rpve_gm": 8.014419724244181,
  "rpve_wm": 8.045750036254296,
  "size_x": 240,
  "size_y": 320,
  "size_z": 320,
  "snr_csf": 1.4645015489715023,
  "snr_gm": 4.983849293423608,
  "snr_total": 4.396878275627164,
  "snr_wm": 6.742283984486381,
  "snrd_csf": 35.73594949457493,
  "snrd_gm": 31.97043476197186,
  "snrd_total": 31.573638585848098,
  "snrd_wm": 27.014531500997496,
  "spacing_x": 0.800000011920929,
  "spacing_y": 0.800000011920929,
  "spacing_z": 0.800000011920929,
  "summary_bg_k": 894.8338,
  "summary_bg_mad": 0.0,
  "summary_bg_mean": 2.2974,
  "summary_bg_median": 0.0,
  "summary_bg_n": 7107108.0,
  "summary_bg_p05": 0.0,
  "summary_bg_p95": 15.0,
  "summary_bg_stdv": 26.9674,
  "summary_csf_k": -1.3902,
  "summary_csf_mad": 1603.5994,
  "summary_csf_mean": 1526.8898,
  "summary_csf_median": 1471.0,
  "summary_csf_n": 819950.011774186,
  "summary_csf_p05": 86.0,
  "summary_csf_p95": 3230.0,
  "summary_csf_stdv": 1004.4367,
  "summary_gm_k": 44.4979,
  "summary_gm_mad": 167.7053,
  "summary_gm_mean": 1314.3139,
  "summary_gm_median": 1316.0,
  "summary_gm_n": 1029261.4986372032,
  "summary_gm_p05": 916.0,
  "summary_gm_p95": 1741.0,
  "summary_gm_stdv": 264.0528,
  "summary_wm_k": 114.5862,
  "summary_wm_mad": 128.9596,
  "summary_wm_mean": 1124.0416,
  "summary_wm_median": 1112.0,
  "summary_wm_n": 1120367.4914529899,
  "summary_wm_p05": 897.0,
  "summary_wm_p95": 1380.0,
  "summary_wm_stdv": 164.9292,
  "tpm_overlap_csf": 0.21052970329166631,
  "tpm_overlap_gm": 0.5120497511009359,
  "tpm_overlap_wm": 0.5250683754306058,
  "wm2max": 0.3039022241094538
}
