{
  "bids_meta": {
    "AcquisitionMatrixPE": 320,
    "AcquisitionNumber": 1,
    "AcquisitionTime": "23:15:31.875000",
    "BaseResolution": 320,
    "BodyPartExamined": "BRAIN",
    "CoilCombinationMethod": "Adaptive Combine",
    "CoilString": "HeadNeck_64_CS",
    "ConversionSoftware": "dcm2niix",
    "ConversionSoftwareVersion": "v1.0.20220720",
    "DeviceSerialNumber": "176240",
    "DwellTime": 2.2e-6,
    "EchoTime": 0.413,
    "EchoTrainLength": 248,
    "FileSize": 0.015416588634252548,
    "FileSizeUnits": "GB",
    "FlipAngle": 120,
    "HeudiconvVersion": "1.1.6.post8+ga0a3635",
    "ImageOrientationPatientDICOM": [
      -0.0174872,
      0.997377,
      0.0702354,
      0.0339728,
      0.0707983,
      -0.996912
    ],
    "ImageType": [
      "ORIGINAL",
      "PRIMARY",
      "M",
      "NORM",
      "DIS3D",
      "MFSPLIT"
    ],
    "ImageTypeText": [
      "ORIGINAL",
      "PRIMARY",
      "M",
      "NONE"
    ],
    "ImagingFrequency": 123.261,
    "InPlanePhaseEncodingDirectionDICOM": "ROW",
    "InstitutionAddress": "Rue de Bugnon 46,Lausanne,,CH,1011",
    "InstitutionName": "Radiologie-CHUV",
    "MRAcquisitionType": "3D",
    "MagneticFieldStrength": 3,
    "Manufacturer": "Siemens",
    "ManufacturersModelName": "MAGNETOM Vida",
    "MatrixCoilMode": "GRAPPA",
    "Modality": "MR",
    "NonlinearGradientCorrection": true,
    "NumberOfVolumes": 1,
    "ParallelReductionFactorInPlane": 3,
    "PartialFourier": 1,
    "PatientPosition": "HFS",
    "PercentPhaseFOV": 100,
    "PercentSampling": 100,
    "PhaseEncodingDirection": "i",
    "PhaseEncodingSteps": 320,
    "PhaseResolution": 1,
    "PixelBandwidth": 710,
    "ProcedureStepDescription": "Research Oscar",
    "ProtocolName": "anat-T2w__space",
    "PulseSequenceDetails": "%SiemensSeq%\\space",
    "ReceiveCoilActiveElements": "HC1-7;NC1,2",
    "ReceiveCoilName": "HeadNeck_64_CS",
    "ReconMatrixPE": 320,
    "RefLinesPE": 24,
    "RepetitionTime": 3.2,
    "SAR": 0.143871,
    "ScanOptions": "PFP\\PER",
    "ScanningSequence": "SE",
    "SequenceName": "*spcR_282ns",
    "SequenceVariant": "SP\\SK",
    "SeriesDescription": "anat-T2w__space",
    "SeriesNumber": 24,
    "ShimSetting": [
      -8778,
      8428,
      9145,
      105,
      -256,
      11,
      89,
      62
    ],
    "SliceThickness": 0.8,
    "SoftwareVersions": "syngo MR XA50",
    "StationName": "LRG08892",
    "TxRefAmp": 317.16,
    "acquisition": "undistorted",
    "dataset": "HCPh",
    "datatype": "anat",
    "extension": ".nii.gz",
    "modality": "T2w",
    "session": "20701034",
    "subject": "001",
    "suffix": "T2w"
  },
  "cjv": 1.5480999999999998,
  "cnr": 0.6297025349080334,
  "efc": 0.4773,
  "fber": -1.0,
  "fwhm_avg": 2.6729457935033367,
  "fwhm_x": 2.530974962285534,
  "fwhm_y": 2.926062456398272,
  "fwhm_z": 2.561799961826206,
  "icvs_csf": 0.27745153095172936,
  "icvs_gm": 0.3407774295066423,
  "icvs_wm": 0.3817710395416283,
  "inu_med": 1.0220526456832886,
  "inu_range": 0.38804396986961365,
  "provenance": {
    "md5sum": "ec80b417ccd00543811168a12f20d751",
    "settings": {
      "testing": false
    },
    "software": "mriqc",
    "version": "24.1.0.dev15+g9586c867.d20240825",
    "warnings": {
      "large_rot_frame": true,
      "small_air_mask": false
    }
  },
  "qi_1": 0.0,
  "qi_2": 0.0024360110505554002,
  "rpve_csf": 8.261867193705397,
  "rpve_gm": 8.111527207247349,
  "rpve_wm": 8.14616922320341,
  "size_x": 240,
  "size_y": 320,
  "size_z": 320,
  "snr_csf": 1.4055198112383525,
  "snr_gm": 4.439984472247838,
  "snr_total": 4.250934604462131,
  "snr_wm": 6.907299529900202,
  "snrd_csf": 34.384782307502384,
  "snrd_gm": 30.156008676942612,
  "snrd_total": 29.940333519099855,
  "snrd_wm": 25.280209572854574,
  "spacing_x": 0.800000011920929,
  "spacing_y": 0.800000011920929,
  "spacing_z": 0.800000011920929,
  "summary_bg_k": 771.9797,
  "summary_bg_mad": 0.0,
  "summary_bg_mean": 2.108,
  "summary_bg_median": 0.0,
  "summary_bg_n": 7144747.0,
  "summary_bg_p05": 0.0,
  "summary_bg_p95": 0.0,
  "summary_bg_stdv": 28.351,
  "summary_csf_k": -1.4365,
  "summary_csf_mad": 1706.1545,
  "summary_csf_mean": 1548.8161,
  "summary_csf_median": 1488.0,
  "summary_csf_n": 814904.5569597725,
  "summary_csf_p05": 0.0,
  "summary_csf_p95": 3311.0,
  "summary_csf_stdv": 1058.6824,
  "summary_gm_k": 32.6798,
  "summary_gm_mad": 200.2765,
  "summary_gm_mean": 1304.9743,
  "summary_gm_median": 1305.0,
  "summary_gm_n": 1000899.4337188014,
  "summary_gm_p05": 869.0,
  "summary_gm_p95": 1786.0,
  "summary_gm_stdv": 293.9198,
  "summary_wm_k": 101.4628,
  "summary_wm_mad": 126.3726,
  "summary_wm_mean": 1104.9393,
  "summary_wm_median": 1094.0,
  "summary_wm_n": 1121302.0118165012,
  "summary_wm_p05": 882.0,
  "summary_wm_p95": 1355.0,
  "summary_wm_stdv": 158.3831,
  "tpm_overlap_csf": 0.21035501747172788,
  "tpm_overlap_gm": 0.5010118878929448,
  "tpm_overlap_wm": 0.5189532741881013,
  "wm2max": 0.2963959789542276
}
