{
  "bids_meta": {
    "AcquisitionMatrixPE": 216,
    "AcquisitionNumber": 1,
    "AcquisitionTime": "22:05:11.125000",
    "BaseResolution": 256,
    "BodyPartExamined": "BRAIN",
    "CoilCombinationMethod": "Adaptive Combine",
    "CoilString": "HeadNeck_64_CS",
    "ConversionSoftware": "dcm2niix",
    "ConversionSoftwareVersion": "v1.0.20220720",
    "DeviceSerialNumber": "176240",
    "DwellTime": 7.5e-6,
    "EchoTime": 0.00246,
    "FileSize": 0.009267951361835003,
    "FileSizeUnits": "GB",
    "FlipAngle": 8,
    "HeudiconvVersion": "1.1.6.post8+ga0a3635",
    "ImageOrientationPatientDICOM": [
      0.99927,
      0.0149722,
      0.0351329,
      -0.0115113,
      0.995245,
      -0.096721
    ],
    "ImageType": [
      "ORIGINAL",
      "PRIMARY",
      "M",
      "NORM",
      "DIS2D",
      "FM3",
      "2",
      "FIL",
      "MFSPLIT"
    ],
    "ImageTypeText": [
      "ORIGINAL",
      "PRIMARY",
      "M",
      "NONE"
    ],
    "ImagingFrequency": 123.261,
    "InPlanePhaseEncodingDirectionDICOM": "ROW",
    "InstitutionAddress": "Rue de Bugnon 46,Lausanne,,CH,1011",
    "InstitutionName": "Radiologie-CHUV",
    "InversionTime": 0.9,
    "MRAcquisitionType": "3D",
    "MagneticFieldStrength": 3,
    "Manufacturer": "Siemens",
    "ManufacturersModelName": "MAGNETOM Vida",
    "MatrixCoilMode": "GRAPPA",
    "Modality": "MR",
    "NonlinearGradientCorrection": true,
    "NumberOfVolumes": 1,
    "ParallelReductionFactorInPlane": 2,
    "PartialFourier": 1,
    "PatientPosition": "HFS",
    "PercentPhaseFOV": 84.375,
    "PercentSampling": 100,
    "PhaseEncodingSteps": 216,
    "PhaseResolution": 1,
    "PixelBandwidth": 260,
    "ProcedureStepDescription": "Research Oscar",
    "ProtocolName": "anat-T1w__t1_mprage_tra_p2_iso_siemens_axial",
    "PulseSequenceDetails": "%SiemensSeq%\\tfl",
    "ReceiveCoilActiveElements": "HC1-7;NC1",
    "ReceiveCoilName": "HeadNeck_64_CS",
    "ReconMatrixPE": 216,
    "RefLinesPE": 24,
    "RepetitionTime": 2.2,
    "SAR": 0.0466564,
    "ScanOptions": "PER",
    "ScanningSequence": "GR",
    "SequenceName": "*tfl3d1_240",
    "SequenceVariant": "SK",
    "SeriesDescription": "anat-T1w__t1_mprage_tra_p2_iso_siemens_axial",
    "SeriesNumber": 5,
    "ShimSetting": [
      -8778,
      8428,
      9145,
      105,
      -256,
      11,
      89,
      62
    ],
    "SliceThickness": 0.9,
    "SoftwareVersions": "syngo MR XA50",
    "StationName": "LRG08892",
    "TxRefAmp": 317.16,
    "acquisition": "undistorted",
    "dataset": "HCPh",
    "datatype": "anat",
    "extension": ".nii.gz",
    "modality": "T1w",
    "session": "20701034",
    "subject": "001",
    "suffix": "T1w"
  },
  "cjv": 0.5787958015267175,
  "cnr": 1.675347768871719,
  "efc": 0.5227,
  "fber": 16988.7087,
  "fwhm_avg": 4.661824076872051,
  "fwhm_x": 4.326319790803439,
  "fwhm_y": 5.183718987920884,
  "fwhm_z": 4.475433451891832,
  "icvs_csf": 0.2755555882474174,
  "icvs_gm": 0.37771924928470485,
  "icvs_wm": 0.3467251624678778,
  "inu_med": 0.5472949743270874,
  "inu_range": 0.2681241676211357,
  "provenance": {
    "md5sum": "4aadcfcd3a23a4ce087acd369b724533",
    "settings": {
      "testing": false
    },
    "software": "mriqc",
    "version": "24.1.0.dev15+g9586c867.d20240825",
    "warnings": {
      "large_rot_frame": true,
      "small_air_mask": false
    }
  },
  "qi_1": 0.0,
  "qi_2": 0.001348808692417531,
  "rpve_csf": 5.382767506171811,
  "rpve_gm": 5.288164668042149,
  "rpve_wm": 5.372329177128347,
  "size_x": 216,
  "size_y": 256,
  "size_z": 208,
  "snr_csf": 1.6850856657623345,
  "snr_gm": 5.539754376365309,
  "snr_total": 5.958900930731836,
  "snr_wm": 10.651862750067867,
  "snrd_csf": 11.689221266158702,
  "snrd_gm": 23.016241309985723,
  "snrd_total": 22.116226151464584,
  "snrd_wm": 31.643215878249325,
  "spacing_x": 0.8984379768371582,
  "spacing_y": 0.8984379768371582,
  "spacing_z": 0.8999999761581421,
  "summary_bg_k": 1298.8458,
  "summary_bg_mad": 0.0,
  "summary_bg_mean": 2.9232,
  "summary_bg_median": 0.0,
  "summary_bg_n": 3735356.0,
  "summary_bg_p05": 0.0,
  "summary_bg_p95": 11.0,
  "summary_bg_stdv": 19.8964,
  "summary_csf_k": 0.586,
  "summary_csf_mad": 169.4439,
  "summary_csf_mean": 369.7143,
  "summary_csf_median": 355.0,
  "summary_csf_n": 578823.251533909,
  "summary_csf_p05": 42.0,
  "summary_csf_p95": 720.0,
  "summary_csf_stdv": 210.6716,
  "summary_gm_k": -0.5629,
  "summary_gm_mad": 86.3896,
  "summary_gm_mean": 703.3022,
  "summary_gm_median": 699.0,
  "summary_gm_n": 793424.9689090423,
  "summary_gm_p05": 497.0,
  "summary_gm_p95": 942.0,
  "summary_gm_stdv": 126.1788,
  "summary_wm_k": 0.1332,
  "summary_wm_mad": 65.2549,
  "summary_wm_mean": 937.0304,
  "summary_wm_median": 961.0,
  "summary_wm_n": 728319.7818803838,
  "summary_wm_p05": 756.0,
  "summary_wm_p95": 1046.0,
  "summary_wm_stdv": 90.2189,
  "tpm_overlap_csf": 0.1988793249106568,
  "tpm_overlap_gm": 0.5431033406665807,
  "tpm_overlap_wm": 0.5547489395965354,
  "wm2max": 0.49728608679981834
}
