{
  "NumberOfShells": 4,
  "bValues": [
    0.0,
    700.0,
    1000.0,
    2000.0,
    3000.0
  ],
  "bValuesEstimation": [
    700.0,
    1000.0,
    2000.0,
    3000.0
  ],
  "bdiffs_max": 0.4158,
  "bdiffs_mean": 0.2013,
  "bdiffs_median": 0.1771,
  "bdiffs_min": 0.0029,
  "bids_meta": {
    "AcquisitionMatrixPE": 148,
    "AcquisitionNumber": 1,
    "AcquisitionTime": "18:37:49.937500",
    "BandwidthPerPixelPhaseEncode": 14.077,
    "BaseResolution": 146,
    "BodyPartExamined": "BRAIN",
    "CoilCombinationMethod": "Adaptive Combine",
    "CoilString": "HeadNeck_64_CS",
    "ConversionSoftware": "dcm2niix",
    "ConversionSoftwareVersion": "v1.0.20220720",
    "Deltas": [
      0.0272,
      0.0469
    ],
    "DerivedVendorReportedEchoSpacing": 0.000959971,
    "DeviceSerialNumber": "202009",
    "DiffusionScheme": "Monopolar",
    "DwellTime": 2.1e-6,
    "EchoTime": 0.121,
    "EchoTrainLength": 64,
    "EffectiveEchoSpacing": 0.000479986,
    "FileSize": 0.3342380002140999,
    "FileSizeUnits": "GB",
    "FlipAngle": 90,
    "HeudiconvVersion": "1.1.6.post8+ga0a3635",
    "ImageOrientationPatientDICOM": [
      0.999254,
      0.0248326,
      0.0295606,
      -0.014302,
      0.94931,
      -0.314015
    ],
    "ImageType": [
      "ORIGINAL",
      "PRIMARY",
      "DIFFUSION",
      "NONE",
      "ND",
      "NORM",
      "MFSPLIT"
    ],
    "ImageTypeText": [
      "ORIGINAL",
      "PRIMARY",
      "DIFFUSION",
      "NONE"
    ],
    "ImagingFrequency": 123.198,
    "InPlanePhaseEncodingDirectionDICOM": "ROW",
    "InstitutionAddress": "Rue du Bugnon 46,Lausanne,,CH,1011",
    "InstitutionName": "CHUV Lausanne",
    "MRAcquisitionType": "2D",
    "MagneticFieldStrength": 3,
    "Manufacturer": "Siemens",
    "ManufacturersModelName": "MAGNETOM Vida Fit",
    "Modality": "MR",
    "MultibandAccelerationFactor": 3,
    "NonlinearGradientCorrection": false,
    "NumberOfVolumes": 280,
    "ParallelReductionFactorInPlane": 2,
    "PartialFourier": 0.875,
    "PatientPosition": "HFS",
    "PercentPhaseFOV": 101.37,
    "PercentSampling": 100,
    "PhaseEncodingDirection": "i",
    "PhaseEncodingSteps": 148,
    "PhaseResolution": 1,
    "PixelBandwidth": 1631,
    "ProcedureStepDescription": "RESEARCH Oscar",
    "ProtocolName": "dwi-dwi_acq-highres_dir-RL",
    "PulseSequenceDetails": "%SiemensSeq%\\ep2d_diff",
    "ReceiveCoilActiveElements": "HC1-7;NC1",
    "ReceiveCoilName": "HeadNeck_64_CS",
    "ReconMatrixPE": 148,
    "RefLinesPE": 54,
    "RepetitionTime": 7,
    "SAR": 0.159868,
    "ScanOptions": "PFP\\FS\\PER",
    "ScanningSequence": "GR\\EP",
    "SequenceName": "*ep_b0",
    "SequenceVariant": "SK",
    "SeriesDescription": "dwi-dwi_acq-highres_dir-RL",
    "SeriesNumber": 18,
    "ShimSetting": [
      239,
      -1175,
      2674,
      619,
      391,
      -258,
      -109,
      -66
    ],
    "SliceThickness": 1.6,
    "SliceTiming": [
      0,
      -0.001,
      -0.001,
      -0.001,
      -0.001,
      -0.001,
      -0.001,
      -0.001,
      -0.001,
      -0.001,
      -0.001,
      -0.001,
      -0.001,
      -0.001,
      -0.001,
      -0.001,
      -0.001,
      -0.001,
      -0.001,
      -0.001,
      -0.001,
      -0.001,
      -0.001,
      -0.001,
      -0.001,
      -0.001,
      -0.001,
      -0.001,
      -0.001,
      -0.001,
      -0.001,
      -0.001,
      -0.001,
      -0.001,
      -0.001,
      -0.001,
      -0.001,
      -0.001,
      -0.001,
      -0.001,
      -0.001,
      -0.001,
      -0.001,
      -0.001,
      -0.001,
      -0.001,
      -0.001,
      -0.001,
      -0.001,
      -0.001,
      -0.001,
      -0.001,
      -0.001,
      -0.001,
      -0.001,
      -0.001,
      -0.001,
      -0.001,
      -0.001,
      -0.001,
      -0.001,
      -0.001,
      -0.001,
      -0.001,
      -0.001,
      -0.001,
      -0.001,
      -0.001,
      -0.001,
      -0.001,
      -0.001,
      -0.001,
      -0.001,
      -0.001,
      -0.001,
      -0.001,
      -0.001,
      -0.001,
      -0.001,
      -0.001,
      -0.001,
      -0.001,
      -0.001,
      -0.001,
      -0.001,
      -0.001,
      -0.001
    ],
    "SoftwareVersions": "syngo MR XA50",
    "SpacingBetweenSlices": 1.6,
    "StationName": "AWP202009",
    "TotalReadoutTime": 0.0705579,
    "TxRefAmp": 317.249,
    "VendorReportedEchoSpacing": 0.00096,
    "acquisition": "highres",
    "dataset": "HCPh",
    "datatype": "dwi",
    "direction": "RL",
    "extension": ".nii.gz",
    "modality": "dwi",
    "session": "20401030",
    "subject": "001",
    "suffix": "dwi"
  },
  "efc_shell01": 0.3395,
  "efc_shell02": 0.434,
  "efc_shell03": 0.4286,
  "efc_shell04": 0.4474,
  "efc_shell05": 0.4614,
  "fa_degenerate": 0.0,
  "fa_nans": 0.0,
  "fber_shell01": 15961.0576,
  "fber_shell02": 6448.7295,
  "fber_shell03": 6872.0791,
  "fber_shell04": 1973.3704,
  "fber_shell05": 1012.348,
  "fd_mean": 32.8996,
  "fd_num": 279,
  "fd_perc": 99.64285714285714,
  "ndc": 0.3952,
  "provenance": {
    "md5sum": "481af335087bd9066f690150f3a9d3f2",
    "settings": {
      "testing": false
    },
    "software": "mriqc",
    "version": "24.1.0.dev15+g9586c867.d20240825"
  },
  "sigma_cc": 54.8563,
  "sigma_pca": 14.4365,
  "sigma_piesno": 0.3301,
  "snr_cc_shell0": 3.28,
  "snr_cc_shell1_best": 3.3,
  "snr_cc_shell1_worst": 3.3,
  "snr_cc_shell2_best": 2.25,
  "snr_cc_shell2_worst": 1.47,
  "snr_cc_shell3_best": 1.73,
  "snr_cc_shell3_worst": 1.49,
  "snr_cc_shell4_best": 1.1,
  "snr_cc_shell4_worst": 0.97,
  "spikes_global": 34.22,
  "spikes_slice_i": 180.79,
  "spikes_slice_j": 222.45,
  "spikes_slice_k": 228.92,
  "summary_bg_k": 650.3106,
  "summary_bg_mad": 1.4826,
  "summary_bg_mean": 8.3336,
  "summary_bg_median": 1.0,
  "summary_bg_n": 1511556.0,
  "summary_bg_p05": 0.0,
  "summary_bg_p95": 32.0,
  "summary_bg_stdv": 40.7299,
  "summary_fg_k": 12.7405,
  "summary_fg_mad": 102.2996,
  "summary_fg_mean": 297.9443,
  "summary_fg_median": 217.0,
  "summary_fg_n": 368340.0,
  "summary_fg_p05": 72.0,
  "summary_fg_p95": 835.0,
  "summary_fg_stdv": 258.8425,
  "summary_wm_k": 26.1857,
  "summary_wm_mad": 59.3041,
  "summary_wm_mean": 196.0779,
  "summary_wm_median": 189.0,
  "summary_wm_n": 128673.0,
  "summary_wm_p05": 59.0,
  "summary_wm_p95": 330.0,
  "summary_wm_stdv": 97.333
}
