{
  "aor": [
    0.0012415151515151514,
    0.0011600000000000002,
    0.0012511111111111115,
    0.0014848484848484847
  ],
  "aqi": [
    0.003493009696969696,
    0.004991904444444445,
    0.00798639090909091,
    0.013712076767676768
  ],
  "bids_meta": {
    "AcquisitionDuration": 188.475,
    "AcquisitionMatrixPE": 96,
    "AcquisitionNumber": 1,
    "AcquisitionTime": "20:03:8.337500",
    "B0FieldSource": [
      "015pepolarbold",
      "015phasediff"
    ],
    "BandwidthPerPixelPhaseEncode": 37.879,
    "BaseResolution": 96,
    "BodyPartExamined": "BRAIN",
    "CoilCombinationMethod": "Sum of Squares",
    "CoilString": "HeadNeck_64",
    "ConversionSoftware": "dcm2niix",
    "ConversionSoftwareVersion": "v1.0.20220720",
    "DerivedVendorReportedEchoSpacing": 0.000549997,
    "DeviceSerialNumber": "67014",
    "DwellTime": 2.3e-6,
    "EchoNumber": 1,
    "EchoTime": 0.0126,
    "EchoTrainLength": 35,
    "EffectiveEchoSpacing": 0.000274998,
    "FileSize": 0.0632446575909853,
    "FileSizeUnits": "GB",
    "FlipAngle": 64,
    "HeudiconvVersion": "1.0.0",
    "ImageComments": "Unaliased MB4/PE4/LB",
    "ImageOrientationPatientDICOM": [
      0.998095,
      -0.0431683,
      0.0440703,
      0.0565012,
      0.926459,
      -0.372132
    ],
    "ImageType": [
      "ORIGINAL",
      "PRIMARY",
      "FMRI",
      "NONE"
    ],
    "ImageTypeText": [
      "ORIGINAL",
      "PRIMARY",
      "M",
      "MB",
      "TE1",
      "DIS2D"
    ],
    "ImagingFrequency": 123.248,
    "InPlanePhaseEncodingDirectionDICOM": "COL",
    "InstitutionAddress": "Rue du Bugnon 21,Lausanne,District,CH,1011",
    "InstitutionName": "CHUV",
    "MRAcquisitionType": "2D",
    "MTState": false,
    "MagneticFieldStrength": 3,
    "Manufacturer": "Siemens",
    "ManufacturersModelName": "MAGNETOM Prisma Fit",
    "MatrixCoilMode": "GRAPPA",
    "Modality": "MR",
    "MultibandAccelerationFactor": 4,
    "NonlinearGradientCorrection": true,
    "NumberOfVolumes": 99,
    "ParallelAcquisitionTechnique": "GRAPPA",
    "ParallelReductionFactorInPlane": 2,
    "PartialFourier": 0.75,
    "PartialFourierDirection": "PHASE",
    "PatientPosition": "HFS",
    "PercentPhaseFOV": 100,
    "PercentSampling": 100,
    "PhaseEchoTime1": 0.0126,
    "PhaseEchoTime2": 0.03304,
    "PhaseEncodingDirection": "j-",
    "PhaseResolution": 1,
    "PixelBandwidth": 2264,
    "ProcedureStepDescription": "https://www.axonlab.org/hcph-sops/",
    "ProtocolName": "func-bold_task-qct_dir-AP__cmrr_me4_sms4",
    "PulseSequenceDetails": "%CustomerSeq%\\cmrr_mbep2d_bold",
    "PulseSequenceName": "epfid2d4_96",
    "ReceiveCoilActiveElements": "HC1-7",
    "ReceiveCoilName": "HeadNeck_64",
    "ReconMatrixPE": 96,
    "RefLinesPE": 22,
    "RepetitionTime": 1.6,
    "ScanOptions": "PFP\\FS",
    "ScanningSequence": "EP",
    "SequenceVariant": "SK\\SS",
    "SeriesDescription": "func-bold_task-qct_dir-AP__cmrr_me4_sms4",
    "SeriesNumber": 13,
    "ShimSetting": [
      8234,
      -5612,
      -6012,
      696,
      -27,
      -248,
      36,
      12
    ],
    "SliceThickness": 2.2,
    "SliceTiming": [
      0,
      0.8425,
      0.105,
      0.9475,
      0.21,
      1.0525,
      0.315,
      1.1575,
      0.4225,
      1.265,
      0.5275,
      1.37,
      0.6325,
      1.475,
      0.7375,
      0,
      0.8425,
      0.105,
      0.9475,
      0.21,
      1.0525,
      0.315,
      1.1575,
      0.4225,
      1.265,
      0.5275,
      1.37,
      0.6325,
      1.475,
      0.7375,
      0,
      0.8425,
      0.105,
      0.9475,
      0.21,
      1.0525,
      0.315,
      1.1575,
      0.4225,
      1.265,
      0.5275,
      1.37,
      0.6325,
      1.475,
      0.7375,
      0,
      0.8425,
      0.105,
      0.9475,
      0.21,
      1.0525,
      0.315,
      1.1575,
      0.4225,
      1.265,
      0.5275,
      1.37,
      0.6325,
      1.475,
      0.7375
    ],
    "SoftwareVersions": "syngo MR XA30",
    "SpacingBetweenSlices": 2.2,
    "StationName": "LRG10884",
    "TaskName": "Quality Control Task (QCT)",
    "TotalReadoutTime": 0.0261249,
    "TxRefAmp": 242.728,
    "WipMemBlock": "81deb13a-90e1-4035-b421-b7257d9a3ba7||Sequence: R017 nxva30a/master r/d34922cc2+; Jun 27 2022 13:20:16 by eja",
    "dataset": "HCPh",
    "datatype": "func",
    "direction": "AP",
    "extension": ".nii.gz",
    "modality": "bold",
    "part": "mag",
    "session": "015",
    "subject": "001",
    "suffix": "bold",
    "task": "qct"
  },
  "dummy_trs": 0,
  "dvars_nstd": 28.934758497551016,
  "dvars_std": 1.0560547828571427,
  "dvars_vstd": 1.0095750265306123,
  "efc": 0.5773,
  "fber": 667.5679,
  "fd_mean": 0.11507390985988977,
  "fd_num": 10,
  "fd_perc": 10.1010101010101,
  "fwhm_avg": 3.421945072623405,
  "fwhm_x": 3.0993529062274745,
  "fwhm_y": 3.5055551182639286,
  "fwhm_z": 3.660927193378813,
  "gcor": [
    0.017485,
    0.016243,
    0.0142673,
    0.0108929
  ],
  "gsr_x": -0.003009595675393939,
  "gsr_y": 0.10242092609405518,
  "provenance": {
    "md5sum": "1091528418d09495e96dd16344805a38",
    "settings": {
      "fd_thres": 0.2,
      "testing": false
    },
    "software": "mriqc",
    "version": "24.1.0.dev15+g9586c867.d20240825"
  },
  "size_t": 99,
  "size_x": 96,
  "size_y": 96,
  "size_z": 60,
  "snr": 2.414073523283427,
  "spacing_tr": 1.600000023841858,
  "spacing_x": 2.197920083999634,
  "spacing_y": 2.197920083999634,
  "spacing_z": 2.200000047683716,
  "summary_bg_k": 10.6194,
  "summary_bg_mad": 21.1758,
  "summary_bg_mean": 126.8365,
  "summary_bg_median": 32.0,
  "summary_bg_n": 416433.0,
  "summary_bg_p05": 0.0,
  "summary_bg_p95": 643.0,
  "summary_bg_stdv": 226.2407,
  "summary_fg_k": 0.6767,
  "summary_fg_mad": 313.518,
  "summary_fg_mean": 851.5417,
  "summary_fg_median": 815.0,
  "summary_fg_n": 136527.0,
  "summary_fg_p05": 351.0,
  "summary_fg_p95": 1447.0,
  "summary_fg_stdv": 337.6024,
  "tsnr": 50.74582498334348
}
