{
  "aor": [
    0.0012229126213592234,
    0.0013080582524271844,
    0.0013712621359223305,
    0.001481990291262136
  ],
  "aqi": [
    0.007532855,
    0.009678493058252427,
    0.014853624126213594,
    0.02371555097087379
  ],
  "bids_meta": {
    "AcquisitionDuration": 361.472,
    "AcquisitionMatrixPE": 96,
    "AcquisitionNumber": 1,
    "AcquisitionTime": "20:32:45.252500",
    "B0FieldSource": [
      "015pepolarbold",
      "015phasediff"
    ],
    "BandwidthPerPixelPhaseEncode": 37.879,
    "BaseResolution": 96,
    "BodyPartExamined": "BRAIN",
    "CogAtlasID": "https://www.cognitiveatlas.org/id/trm_4c898a680e424/",
    "CoilCombinationMethod": "Sum of Squares",
    "CoilString": "HeadNeck_64",
    "ConversionSoftware": "dcm2niix",
    "ConversionSoftwareVersion": "v1.0.20220720",
    "DerivedVendorReportedEchoSpacing": 0.000549997,
    "DeviceSerialNumber": "67014",
    "DwellTime": 2.3e-6,
    "EchoNumber": 3,
    "EchoTime": 0.05348,
    "EchoTrainLength": 35,
    "EffectiveEchoSpacing": 0.000274998,
    "FileSize": 0.10243859700858593,
    "FileSizeUnits": "GB",
    "FlipAngle": 64,
    "HeudiconvVersion": "1.0.0",
    "ImageComments": "Unaliased MB4/PE4/LB",
    "ImageOrientationPatientDICOM": [
      0.998085,
      -0.04333,
      0.0441352,
      0.0566754,
      0.926451,
      -0.372124
    ],
    "ImageType": [
      "ORIGINAL",
      "PRIMARY",
      "FMRI",
      "NONE"
    ],
    "ImageTypeText": [
      "ORIGINAL",
      "PRIMARY",
      "M",
      "MB",
      "TE3",
      "DIS2D"
    ],
    "ImagingFrequency": 123.248,
    "InPlanePhaseEncodingDirectionDICOM": "COL",
    "InstitutionAddress": "Rue du Bugnon 21,Lausanne,District,CH,1011",
    "InstitutionName": "CHUV",
    "MRAcquisitionType": "2D",
    "MTState": false,
    "MagneticFieldStrength": 3,
    "Manufacturer": "Siemens",
    "ManufacturersModelName": "MAGNETOM Prisma Fit",
    "MatrixCoilMode": "GRAPPA",
    "Modality": "MR",
    "MultibandAccelerationFactor": 4,
    "NonlinearGradientCorrection": true,
    "NumberOfVolumes": 207,
    "ParallelAcquisitionTechnique": "GRAPPA",
    "ParallelReductionFactorInPlane": 2,
    "PartialFourier": 0.75,
    "PartialFourierDirection": "PHASE",
    "PatientPosition": "HFS",
    "PercentPhaseFOV": 100,
    "PercentSampling": 100,
    "PhaseEchoTime1": 0.0126,
    "PhaseEchoTime2": 0.03304,
    "PhaseEncodingDirection": "j-",
    "PhaseResolution": 1,
    "PixelBandwidth": 2264,
    "ProcedureStepDescription": "https://www.axonlab.org/hcph-sops/",
    "ProtocolName": "func-bold_task-bht_dir-AP__cmrr_me4_sms4",
    "PulseSequenceDetails": "%CustomerSeq%\\cmrr_mbep2d_bold",
    "PulseSequenceName": "epfid2d4_96",
    "ReceiveCoilActiveElements": "HC1-7",
    "ReceiveCoilName": "HeadNeck_64",
    "ReconMatrixPE": 96,
    "RefLinesPE": 22,
    "RepetitionTime": 1.6,
    "ScanOptions": "PFP\\FS",
    "ScanningSequence": "EP",
    "SequenceVariant": "SK\\SS",
    "SeriesDescription": "func-bold_task-bht_dir-AP__cmrr_me4_sms4",
    "SeriesNumber": 25,
    "ShimSetting": [
      8234,
      -5611,
      -6012,
      698,
      -28,
      -237,
      37,
      15
    ],
    "SliceThickness": 2.2,
    "SliceTiming": [
      0,
      0.8425,
      0.105,
      0.9475,
      0.21,
      1.0525,
      0.315,
      1.1575,
      0.42,
      1.265,
      0.5275,
      1.37,
      0.6325,
      1.475,
      0.7375,
      0,
      0.8425,
      0.105,
      0.9475,
      0.21,
      1.0525,
      0.315,
      1.1575,
      0.42,
      1.265,
      0.5275,
      1.37,
      0.6325,
      1.475,
      0.7375,
      0,
      0.8425,
      0.105,
      0.9475,
      0.21,
      1.0525,
      0.315,
      1.1575,
      0.42,
      1.265,
      0.5275,
      1.37,
      0.6325,
      1.475,
      0.7375,
      0,
      0.8425,
      0.105,
      0.9475,
      0.21,
      1.0525,
      0.315,
      1.1575,
      0.42,
      1.265,
      0.5275,
      1.37,
      0.6325,
      1.475,
      0.7375
    ],
    "SoftwareVersions": "syngo MR XA30",
    "SpacingBetweenSlices": 2.2,
    "StationName": "LRG10884",
    "TaskName": "Breath-holding Task (BHT)",
    "TotalReadoutTime": 0.0261249,
    "TxRefAmp": 242.728,
    "WipMemBlock": "51b0617a-1a85-4127-ac8d-7175c8276535||Sequence: R017 nxva30a/master r/d34922cc2+; Jun 27 2022 13:20:16 by eja",
    "dataset": "HCPh",
    "datatype": "func",
    "direction": "AP",
    "extension": ".nii.gz",
    "modality": "bold",
    "part": "mag",
    "session": "015",
    "subject": "001",
    "suffix": "bold",
    "task": "bht"
  },
  "dummy_trs": 1,
  "dvars_nstd": 65.3110894553171,
  "dvars_std": 1.0788460481951214,
  "dvars_vstd": 1.0022194359024397,
  "efc": 0.4987,
  "fber": 303.1827,
  "fd_mean": 0.16114539581066742,
  "fd_num": 61,
  "fd_perc": 29.611650485436893,
  "fwhm_avg": 2.8570299052693637,
  "fwhm_x": 2.715085067670274,
  "fwhm_y": 3.0820274355348802,
  "fwhm_z": 2.773977212602936,
  "gcor": [
    0.0286642,
    0.0361269,
    0.0350981,
    0.0285744
  ],
  "gsr_x": 0.005296900402754545,
  "gsr_y": 0.019457565620541573,
  "provenance": {
    "md5sum": "b38fa318f3b6983f07aa977e1e23e96c",
    "settings": {
      "fd_thres": 0.2,
      "testing": false
    },
    "software": "mriqc",
    "version": "24.1.0.dev15+g9586c867.d20240825"
  },
  "size_t": 206,
  "size_x": 96,
  "size_y": 96,
  "size_z": 60,
  "snr": 1.6783727173132492,
  "spacing_tr": 1.600000023841858,
  "spacing_x": 2.197920083999634,
  "spacing_y": 2.197920083999634,
  "spacing_z": 2.200000047683716,
  "summary_bg_k": 112.9414,
  "summary_bg_mad": 3.066,
  "summary_bg_mean": 24.8093,
  "summary_bg_median": 19.0,
  "summary_bg_n": 416546.0,
  "summary_bg_p05": 0.0,
  "summary_bg_p95": 57.0,
  "summary_bg_stdv": 25.3991,
  "summary_fg_k": 1.6345,
  "summary_fg_mad": 175.3969,
  "summary_fg_mean": 338.8438,
  "summary_fg_median": 330.0,
  "summary_fg_n": 136414.0,
  "summary_fg_p05": 38.0,
  "summary_fg_p95": 676.0,
  "summary_fg_stdv": 196.6183,
  "tsnr": 19.365411705803126
}
