{
  "NumberOfShells": 4,
  "bValues": [
    0.0,
    700.0,
    1000.0,
    2000.0,
    3000.0
  ],
  "bValuesEstimation": [
    700.0,
    1000.0,
    2000.0,
    3000.0
  ],
  "bdiffs_max": 0.412,
  "bdiffs_mean": 0.1723,
  "bdiffs_median": 0.1531,
  "bdiffs_min": 0.0004,
  "bids_meta": {
    "AcquisitionMatrixPE": 148,
    "AcquisitionNumber": 1,
    "AcquisitionTime": "22:50:22.455000",
    "BandwidthPerPixelPhaseEncode": 14.077,
    "BaseResolution": 146,
    "BodyPartExamined": "BRAIN",
    "CoilCombinationMethod": "Adaptive Combine",
    "CoilString": "HeadNeck_64_CS",
    "ConversionSoftware": "dcm2niix",
    "ConversionSoftwareVersion": "v1.0.20220720",
    "Deltas": [
      0.0233,
      0.0475
    ],
    "DerivedVendorReportedEchoSpacing": 0.000959971,
    "DeviceSerialNumber": "176240",
    "DiffusionScheme": "Monopolar",
    "DwellTime": 2.1e-6,
    "EchoTime": 0.121,
    "EchoTrainLength": 64,
    "EffectiveEchoSpacing": 0.000479986,
    "FileSize": 0.34127322398126125,
    "FileSizeUnits": "GB",
    "FlipAngle": 90,
    "HeudiconvVersion": "1.1.6.post8+ga0a3635",
    "ImageOrientationPatientDICOM": [
      0.999628,
      0.0238662,
      0.0132256,
      -0.0157034,
      0.899592,
      -0.436448
    ],
    "ImageType": [
      "ORIGINAL",
      "PRIMARY",
      "DIFFUSION",
      "NONE",
      "ND",
      "NORM",
      "MFSPLIT"
    ],
    "ImageTypeText": [
      "ORIGINAL",
      "PRIMARY",
      "DIFFUSION",
      "NONE"
    ],
    "ImagingFrequency": 123.261,
    "InPlanePhaseEncodingDirectionDICOM": "COL",
    "InstitutionAddress": "Rue de Bugnon 46,Lausanne,,CH,1011",
    "InstitutionName": "Radiologie-CHUV",
    "MRAcquisitionType": "2D",
    "MagneticFieldStrength": 3,
    "Manufacturer": "Siemens",
    "ManufacturersModelName": "MAGNETOM Vida",
    "Modality": "MR",
    "MultibandAccelerationFactor": 3,
    "NonlinearGradientCorrection": false,
    "NumberOfVolumes": 280,
    "ParallelReductionFactorInPlane": 2,
    "PartialFourier": 0.875,
    "PatientPosition": "HFS",
    "PercentPhaseFOV": 101.37,
    "PercentSampling": 100,
    "PhaseEncodingDirection": "j",
    "PhaseEncodingSteps": 148,
    "PhaseResolution": 1,
    "PixelBandwidth": 1631,
    "ProcedureStepDescription": "Research Oscar",
    "ProtocolName": "dwi-dwi_acq-highres_dir-PA",
    "PulseSequenceDetails": "%SiemensSeq%\\ep2d_diff",
    "ReceiveCoilActiveElements": "HC1-7;NC1",
    "ReceiveCoilName": "HeadNeck_64_CS",
    "ReconMatrixPE": 148,
    "RefLinesPE": 54,
    "RepetitionTime": 7,
    "SAR": 0.17078,
    "ScanOptions": "PFP\\FS\\PER",
    "ScanningSequence": "GR\\EP",
    "SequenceName": "*ep_b0",
    "SequenceVariant": "SK",
    "SeriesDescription": "dwi-dwi_acq-highres_dir-PA",
    "SeriesNumber": 18,
    "ShimSetting": [
      -8785,
      8524,
      9455,
      505,
      -317,
      -252,
      -54,
      99
    ],
    "SliceThickness": 1.6,
    "SliceTiming": [
      0,
      -0.001,
      -0.001,
      -0.001,
      -0.001,
      -0.001,
      -0.001,
      -0.001,
      -0.001,
      -0.001,
      -0.001,
      -0.001,
      -0.001,
      -0.001,
      -0.001,
      -0.001,
      -0.001,
      -0.001,
      -0.001,
      -0.001,
      -0.001,
      -0.001,
      -0.001,
      -0.001,
      -0.001,
      -0.001,
      -0.001,
      -0.001,
      -0.001,
      -0.001,
      -0.001,
      -0.001,
      -0.001,
      -0.001,
      -0.001,
      -0.001,
      -0.001,
      -0.001,
      -0.001,
      -0.001,
      -0.001,
      -0.001,
      -0.001,
      -0.001,
      -0.001,
      -0.001,
      -0.001,
      -0.001,
      -0.001,
      -0.001,
      -0.001,
      -0.001,
      -0.001,
      -0.001,
      -0.001,
      -0.001,
      -0.001,
      -0.001,
      -0.001,
      -0.001,
      -0.001,
      -0.001,
      -0.001,
      -0.001,
      -0.001,
      -0.001,
      -0.001,
      -0.001,
      -0.001,
      -0.001,
      -0.001,
      -0.001,
      -0.001,
      -0.001,
      -0.001,
      -0.001,
      -0.001,
      -0.001,
      -0.001,
      -0.001,
      -0.001,
      -0.001,
      -0.001,
      -0.001,
      -0.001,
      -0.001,
      -0.001
    ],
    "SoftwareVersions": "syngo MR XA50",
    "SpacingBetweenSlices": 1.6,
    "StationName": "LRG08892",
    "TotalReadoutTime": 0.0705579,
    "TxRefAmp": 319.737,
    "VendorReportedEchoSpacing": 0.00096,
    "acquisition": "highres",
    "dataset": "HCPh",
    "datatype": "dwi",
    "direction": "PA",
    "extension": ".nii.gz",
    "modality": "dwi",
    "session": "21101034",
    "subject": "001",
    "suffix": "dwi"
  },
  "efc_shell01": 0.3391,
  "efc_shell02": 0.4432,
  "efc_shell03": 0.4437,
  "efc_shell04": 0.4599,
  "efc_shell05": 0.4757,
  "fa_degenerate": 0.0,
  "fa_nans": 0.0,
  "fber_shell01": 12553.1094,
  "fber_shell02": 4288.1685,
  "fber_shell03": 3355.8333,
  "fber_shell04": 1214.9249,
  "fber_shell05": 648.1647,
  "fd_mean": 36.9424,
  "fd_num": 274,
  "fd_perc": 97.85714285714286,
  "ndc": 0.5878,
  "provenance": {
    "md5sum": "b29fc87f52454f98e7601cee48256fee",
    "settings": {
      "testing": false
    },
    "software": "mriqc",
    "version": "24.1.0.dev15+g9586c867.d20240825"
  },
  "sigma_cc": 63.7519,
  "sigma_pca": 14.4608,
  "sigma_piesno": 0.3301,
  "snr_cc_shell0": 2.89,
  "snr_cc_shell1_best": 2.87,
  "snr_cc_shell1_worst": 2.87,
  "snr_cc_shell2_best": 2.09,
  "snr_cc_shell2_worst": 1.23,
  "snr_cc_shell3_best": 1.3,
  "snr_cc_shell3_worst": 1.27,
  "snr_cc_shell4_best": 0.81,
  "snr_cc_shell4_worst": 0.82,
  "spikes_global": 35.09,
  "spikes_slice_i": 212.74,
  "spikes_slice_j": 186.98,
  "spikes_slice_k": 234.21,
  "summary_bg_k": 1751.8682,
  "summary_bg_mad": 2.9652,
  "summary_bg_mean": 9.7614,
  "summary_bg_median": 2.0,
  "summary_bg_n": 1504607.0,
  "summary_bg_p05": 0.0,
  "summary_bg_p95": 34.0,
  "summary_bg_stdv": 69.0703,
  "summary_fg_k": 13.7666,
  "summary_fg_mad": 94.8865,
  "summary_fg_mean": 289.8518,
  "summary_fg_median": 211.0,
  "summary_fg_n": 375289.0,
  "summary_fg_p05": 83.0,
  "summary_fg_p95": 798.0,
  "summary_fg_stdv": 246.7947,
  "summary_wm_k": 49.0611,
  "summary_wm_mad": 53.3737,
  "summary_wm_mean": 193.2367,
  "summary_wm_median": 182.0,
  "summary_wm_n": 127555.0,
  "summary_wm_p05": 76.0,
  "summary_wm_p95": 322.0,
  "summary_wm_stdv": 96.3016
}
