{
  "NumberOfShells": 4,
  "bValues": [
    0.0,
    700.0,
    1000.0,
    2000.0,
    3000.0
  ],
  "bValuesEstimation": [
    700.0,
    1000.0,
    2000.0,
    3000.0
  ],
  "bdiffs_max": 0.4009,
  "bdiffs_mean": 0.2246,
  "bdiffs_median": 0.2304,
  "bdiffs_min": 0.0026,
  "bids_meta": {
    "AcquisitionDuration": 2011.74,
    "AcquisitionMatrixPE": 148,
    "AcquisitionNumber": 1,
    "AcquisitionTime": "00:56:57.432500",
    "BandwidthPerPixelPhaseEncode": 14.077,
    "BaseResolution": 146,
    "BodyPartExamined": "BRAIN",
    "CoilCombinationMethod": "Adaptive Combine",
    "CoilString": "HeadNeck_64_CS",
    "ConversionSoftware": "dcm2niix",
    "ConversionSoftwareVersion": "v1.0.20220720",
    "Deltas": [
      0.0233,
      0.0475
    ],
    "DerivedVendorReportedEchoSpacing": 0.000959971,
    "DeviceSerialNumber": "176240",
    "DiffusionScheme": "Monopolar",
    "DwellTime": 2.1e-06,
    "EchoTime": 0.121,
    "EchoTrainLength": 64,
    "EffectiveEchoSpacing": 0.000479986,
    "FileSize": 0.35354962199926376,
    "FileSizeUnits": "GB",
    "FlipAngle": 90,
    "HeudiconvVersion": "1.1.6.post8+ga0a3635",
    "ImageOrientationPatientDICOM": [
      0.999753,
      0.0201594,
      0.00935686,
      -0.0193708,
      0.996777,
      -0.0778455
    ],
    "ImageType": [
      "ORIGINAL",
      "PRIMARY",
      "DIFFUSION",
      "NONE"
    ],
    "ImageTypeText": [
      "ORIGINAL",
      "PRIMARY",
      "DIFFUSION",
      "NONE",
      "ND",
      "NORM"
    ],
    "ImagingFrequency": 123.261,
    "InPlanePhaseEncodingDirectionDICOM": "COL",
    "InstitutionAddress": "Rue de Bugnon 46,Lausanne,,CH,1011",
    "InstitutionName": "Radiologie-CHUV",
    "MRAcquisitionType": "2D",
    "MTState": false,
    "MagneticFieldStrength": 3,
    "Manufacturer": "Siemens",
    "ManufacturersModelName": "MAGNETOM Vida",
    "Modality": "MR",
    "MultibandAccelerationFactor": 3,
    "NonlinearGradientCorrection": false,
    "NumberOfVolumes": 280,
    "ParallelAcquisitionTechnique": "SMS",
    "ParallelReductionFactorInPlane": 2,
    "PartialFourier": 0.875,
    "PartialFourierDirection": "PHASE",
    "PatientPosition": "HFS",
    "PercentPhaseFOV": 101.37,
    "PercentSampling": 100,
    "PhaseEncodingDirection": "j",
    "PhaseResolution": 1,
    "PixelBandwidth": 1631,
    "ProcedureStepDescription": "RESEARCH Oscar",
    "ProtocolName": "dwi-dwi_acq-highres_dir_PA_dvs",
    "PulseSequenceDetails": "%SiemensSeq%\\ep2d_diff",
    "PulseSequenceName": "*epse2d1_148",
    "ReceiveCoilActiveElements": "HC1-7",
    "ReceiveCoilName": "HeadNeck_64_CS",
    "ReconMatrixPE": 148,
    "RefLinesPE": 54,
    "RepetitionTime": 7,
    "ScanOptions": "PFP\\FS",
    "ScanningSequence": "EP",
    "SequenceVariant": "SK\\SP\\OSP",
    "SeriesDescription": "dwi-dwi_acq-highres_dir_PA_dvs",
    "SeriesNumber": 18,
    "ShimSetting": [
      -8778,
      8507,
      9456,
      503,
      -213,
      -29,
      27,
      132
    ],
    "SliceThickness": 1.6,
    "SliceTiming": [
      0,
      3.61,
      0.24,
      3.85,
      0.48,
      4.09,
      0.7225,
      4.3325,
      0.9625,
      4.5725,
      1.2025,
      4.8125,
      1.4425,
      5.0525,
      1.685,
      5.295,
      1.925,
      5.535,
      2.165,
      5.775,
      2.405,
      6.015,
      2.6475,
      6.2575,
      2.8875,
      6.4975,
      3.1275,
      6.7375,
      3.3675,
      0,
      3.61,
      0.24,
      3.85,
      0.48,
      4.09,
      0.7225,
      4.3325,
      0.9625,
      4.5725,
      1.2025,
      4.8125,
      1.4425,
      5.0525,
      1.685,
      5.295,
      1.925,
      5.535,
      2.165,
      5.775,
      2.405,
      6.015,
      2.6475,
      6.2575,
      2.8875,
      6.4975,
      3.1275,
      6.7375,
      3.3675,
      0,
      3.61,
      0.24,
      3.85,
      0.48,
      4.09,
      0.7225,
      4.3325,
      0.9625,
      4.5725,
      1.2025,
      4.8125,
      1.4425,
      5.0525,
      1.685,
      5.295,
      1.925,
      5.535,
      2.165,
      5.775,
      2.405,
      6.015,
      2.6475,
      6.2575,
      2.8875,
      6.4975,
      3.1275,
      6.7375,
      3.3675
    ],
    "SoftwareVersions": "syngo MR XA50",
    "SpacingBetweenSlices": 1.6,
    "StationName": "LRG08892",
    "TotalReadoutTime": 0.0705579,
    "TxRefAmp": 323.046,
    "VendorReportedEchoSpacing": 0.00096,
    "acquisition": "highres",
    "dataset": "HCPh",
    "datatype": "dwi",
    "direction": "PA",
    "extension": ".nii.gz",
    "modality": "dwi",
    "session": "20103034",
    "subject": "001",
    "suffix": "dwi"
  },
  "efc_shell01": 0.3476,
  "efc_shell02": 0.4509,
  "efc_shell03": 0.4479,
  "efc_shell04": 0.4666,
  "efc_shell05": 0.4811,
  "fa_degenerate": 0.0,
  "fa_nans": 0.0,
  "fber_shell01": 11665.6348,
  "fber_shell02": 3749.7734,
  "fber_shell03": 3616.4268,
  "fber_shell04": 1234.6265,
  "fber_shell05": 653.6862,
  "fd_mean": 33.6145,
  "fd_num": 277,
  "fd_perc": 98.92857142857143,
  "ndc": 0.5935,
  "provenance": {
    "md5sum": "3c8717318dca216e6c73964ca1db4089",
    "settings": {
      "testing": false
    },
    "software": "mriqc",
    "version": "24.0.1"
  },
  "sigma_cc": 63.0106,
  "sigma_pca": 15.0732,
  "sigma_piesno": 0.3301,
  "snr_cc_shell0": 3.21,
  "snr_cc_shell1_best": 3.2,
  "snr_cc_shell1_worst": 3.2,
  "snr_cc_shell2_best": 2.14,
  "snr_cc_shell2_worst": 1.32,
  "snr_cc_shell3_best": 1.74,
  "snr_cc_shell3_worst": 1.21,
  "snr_cc_shell4_best": 0.94,
  "snr_cc_shell4_worst": 0.9,
  "spikes_global": 35.83,
  "spikes_slice_i": 207.47,
  "spikes_slice_j": 202.72,
  "spikes_slice_k": 232.55,
  "summary_bg_k": 1490.9658,
  "summary_bg_mad": 2.9652,
  "summary_bg_mean": 10.9988,
  "summary_bg_median": 2.0,
  "summary_bg_n": 1508076.0,
  "summary_bg_p05": 0.0,
  "summary_bg_p95": 38.0,
  "summary_bg_stdv": 71.2662,
  "summary_fg_k": 12.9585,
  "summary_fg_mad": 91.9213,
  "summary_fg_mean": 295.0912,
  "summary_fg_median": 220.0,
  "summary_fg_n": 371820.0,
  "summary_fg_p05": 86.0,
  "summary_fg_p95": 800.0,
  "summary_fg_stdv": 240.5503,
  "summary_wm_k": 45.2846,
  "summary_wm_mad": 53.3737,
  "summary_wm_mean": 202.1006,
  "summary_wm_median": 194.0,
  "summary_wm_n": 122627.0,
  "summary_wm_p05": 80.0,
  "summary_wm_p95": 322.0,
  "summary_wm_stdv": 95.9367
}