{
  "bids_meta": {
    "AcquisitionMatrixPE": 320,
    "AcquisitionNumber": 1,
    "AcquisitionTime": "00:54:57.877500",
    "BaseResolution": 320,
    "BodyPartExamined": "BRAIN",
    "CoilCombinationMethod": "Adaptive Combine",
    "CoilString": "HeadNeck_64_CS",
    "ConversionSoftware": "dcm2niix",
    "ConversionSoftwareVersion": "v1.0.20220720",
    "DeviceSerialNumber": "202009",
    "DwellTime": 2.2e-06,
    "EchoTime": 0.414,
    "EchoTrainLength": 250,
    "FileSize": 0.015183601528406143,
    "FileSizeUnits": "GB",
    "FlipAngle": 120,
    "HeudiconvVersion": "1.1.6.post8+ga0a3635",
    "ImageOrientationPatientDICOM": [
      -0.0411219,
      0.991344,
      0.124681,
      0.0412257,
      0.126364,
      -0.991127
    ],
    "ImageType": [
      "ORIGINAL",
      "PRIMARY",
      "M",
      "ND",
      "NORM",
      "MFSPLIT"
    ],
    "ImageTypeText": [
      "ORIGINAL",
      "PRIMARY",
      "M",
      "NONE"
    ],
    "ImagingFrequency": 123.198,
    "InPlanePhaseEncodingDirectionDICOM": "ROW",
    "InstitutionAddress": "Rue du Bugnon 46,Lausanne,,CH,1011",
    "InstitutionName": "CHUV Lausanne",
    "MRAcquisitionType": "3D",
    "MagneticFieldStrength": 3,
    "Manufacturer": "Siemens",
    "ManufacturersModelName": "MAGNETOM Vida Fit",
    "MatrixCoilMode": "GRAPPA",
    "Modality": "MR",
    "NonlinearGradientCorrection": false,
    "NumberOfVolumes": 1,
    "ParallelReductionFactorInPlane": 3,
    "PartialFourier": 1,
    "PatientPosition": "HFS",
    "PercentPhaseFOV": 100,
    "PercentSampling": 100,
    "PhaseEncodingDirection": "i",
    "PhaseEncodingSteps": 320,
    "PhaseResolution": 1,
    "PixelBandwidth": 710,
    "ProcedureStepDescription": "RESEARCH Oscar",
    "ProtocolName": "anat-T2w__space",
    "PulseSequenceDetails": "%SiemensSeq%\\space",
    "ReceiveCoilActiveElements": "HC1-7;NC1,2",
    "ReceiveCoilName": "HeadNeck_64_CS",
    "ReconMatrixPE": 320,
    "RefLinesPE": 24,
    "RepetitionTime": 3.2,
    "SAR": 0.151398,
    "ScanOptions": "PFP\\PER",
    "ScanningSequence": "SE",
    "SequenceName": "*spcR_282ns",
    "SequenceVariant": "SP\\SK",
    "SeriesDescription": "anat-T2w__space_ND",
    "SeriesNumber": 23,
    "ShimSetting": [
      232,
      -1112,
      2213,
      61,
      390,
      -73,
      60,
      -60
    ],
    "SliceThickness": 0.8,
    "SoftwareVersions": "syngo MR XA50",
    "StationName": "AWP202009",
    "TxRefAmp": 316.404,
    "acquisition": "original",
    "dataset": "HCPh",
    "datatype": "anat",
    "extension": ".nii.gz",
    "modality": "T2w",
    "session": "20303030",
    "subject": "001",
    "suffix": "T2w"
  },
  "cjv": 1.6300563106796118,
  "cnr": 0.6062640261499488,
  "efc": 0.4574,
  "fber": -1.0,
  "fwhm_avg": 2.642251668300555,
  "fwhm_x": 2.543312462101691,
  "fwhm_y": 2.8755894309400514,
  "fwhm_z": 2.507853111859922,
  "icvs_csf": 0.2758751782041568,
  "icvs_gm": 0.3433993613607752,
  "icvs_wm": 0.38072546043506805,
  "inu_med": 0.9479662477970123,
  "inu_range": 0.2310269355773924,
  "provenance": {
    "md5sum": "bc8eb207fcebe2f217b343734cb4cadb",
    "settings": {
      "testing": false
    },
    "software": "mriqc",
    "version": "24.0.1",
    "warnings": {
      "large_rot_frame": true,
      "small_air_mask": false
    }
  },
  "qi_1": 0.0,
  "qi_2": 0.0027058477461676497,
  "rpve_csf": 8.884653658909722,
  "rpve_gm": 8.721207622471049,
  "rpve_wm": 8.754423823544284,
  "size_x": 240,
  "size_y": 320,
  "size_z": 320,
  "snr_csf": 1.4579094307488007,
  "snr_gm": 4.631611598895444,
  "snr_total": 4.265902117518087,
  "snr_wm": 6.708185322910016,
  "snrd_csf": 46.17209316894485,
  "snrd_gm": 38.61925076785201,
  "snrd_total": 39.17977617875073,
  "snrd_wm": 32.74798459945532,
  "spacing_x": 0.800000011920929,
  "spacing_y": 0.8343750238418579,
  "spacing_z": 0.8343750238418579,
  "summary_bg_k": 1191.0994,
  "summary_bg_mad": 0.0,
  "summary_bg_mean": 1.6798,
  "summary_bg_median": 0.0,
  "summary_bg_n": 8669183.0,
  "summary_bg_p05": 0.0,
  "summary_bg_p95": 14.0,
  "summary_bg_stdv": 22.9862,
  "summary_csf_k": -1.3673,
  "summary_csf_mad": 1771.003,
  "summary_csf_mean": 1696.0835,
  "summary_csf_median": 1620.0,
  "summary_csf_n": 754551.1661018925,
  "summary_csf_p05": 92.0,
  "summary_csf_p95": 3640.0,
  "summary_csf_stdv": 1111.1794,
  "summary_gm_k": 42.2691,
  "summary_gm_mad": 198.926,
  "summary_gm_mean": 1353.7368,
  "summary_gm_median": 1355.0,
  "summary_gm_n": 939237.7749971631,
  "summary_gm_p05": 921.0,
  "summary_gm_p95": 1828.0,
  "summary_gm_stdv": 292.5546,
  "summary_wm_k": 93.3234,
  "summary_wm_mad": 136.8656,
  "summary_wm_mean": 1160.7969,
  "summary_wm_median": 1149.0,
  "summary_wm_n": 1041329.0605049148,
  "summary_wm_p05": 920.0,
  "summary_wm_p95": 1430.0,
  "summary_wm_stdv": 171.2832,
  "tpm_overlap_csf": 0.20887421583011867,
  "tpm_overlap_gm": 0.5059919714595107,
  "tpm_overlap_wm": 0.5231546441122572,
  "wm2max": 0.29568536396209716
}