{
  "bids_meta": {
    "AcquisitionMatrixPE": 320,
    "AcquisitionNumber": 1,
    "AcquisitionTime": "00:54:57.877500",
    "BaseResolution": 320,
    "BodyPartExamined": "BRAIN",
    "CoilCombinationMethod": "Adaptive Combine",
    "CoilString": "HeadNeck_64_CS",
    "ConversionSoftware": "dcm2niix",
    "ConversionSoftwareVersion": "v1.0.20220720",
    "DeviceSerialNumber": "202009",
    "DwellTime": 2.2e-6,
    "EchoTime": 0.414,
    "EchoTrainLength": 250,
    "FileSize": 0.014241515658795834,
    "FileSizeUnits": "GB",
    "FlipAngle": 120,
    "HeudiconvVersion": "1.1.6.post8+ga0a3635",
    "ImageOrientationPatientDICOM": [
      -0.0411219,
      0.991344,
      0.124681,
      0.0412257,
      0.126364,
      -0.991127
    ],
    "ImageType": [
      "ORIGINAL",
      "PRIMARY",
      "M",
      "NORM",
      "DIS3D",
      "MFSPLIT"
    ],
    "ImageTypeText": [
      "ORIGINAL",
      "PRIMARY",
      "M",
      "NONE"
    ],
    "ImagingFrequency": 123.198,
    "InPlanePhaseEncodingDirectionDICOM": "ROW",
    "InstitutionAddress": "Rue du Bugnon 46,Lausanne,,CH,1011",
    "InstitutionName": "CHUV Lausanne",
    "MRAcquisitionType": "3D",
    "MagneticFieldStrength": 3,
    "Manufacturer": "Siemens",
    "ManufacturersModelName": "MAGNETOM Vida Fit",
    "MatrixCoilMode": "GRAPPA",
    "Modality": "MR",
    "NonlinearGradientCorrection": true,
    "NumberOfVolumes": 1,
    "ParallelReductionFactorInPlane": 3,
    "PartialFourier": 1,
    "PatientPosition": "HFS",
    "PercentPhaseFOV": 100,
    "PercentSampling": 100,
    "PhaseEncodingDirection": "i",
    "PhaseEncodingSteps": 320,
    "PhaseResolution": 1,
    "PixelBandwidth": 710,
    "ProcedureStepDescription": "RESEARCH Oscar",
    "ProtocolName": "anat-T2w__space",
    "PulseSequenceDetails": "%SiemensSeq%\\space",
    "ReceiveCoilActiveElements": "HC1-7;NC1,2",
    "ReceiveCoilName": "HeadNeck_64_CS",
    "ReconMatrixPE": 320,
    "RefLinesPE": 24,
    "RepetitionTime": 3.2,
    "SAR": 0.151398,
    "ScanOptions": "PFP\\PER",
    "ScanningSequence": "SE",
    "SequenceName": "*spcR_282ns",
    "SequenceVariant": "SP\\SK",
    "SeriesDescription": "anat-T2w__space",
    "SeriesNumber": 24,
    "ShimSetting": [
      232,
      -1112,
      2213,
      61,
      390,
      -73,
      60,
      -60
    ],
    "SliceThickness": 0.8,
    "SoftwareVersions": "syngo MR XA50",
    "StationName": "AWP202009",
    "TxRefAmp": 316.404,
    "acquisition": "undistorted",
    "dataset": "HCPh",
    "datatype": "anat",
    "extension": ".nii.gz",
    "modality": "T2w",
    "session": "20303030",
    "subject": "001",
    "suffix": "T2w"
  },
  "cjv": 1.6333009049773757,
  "cnr": 0.603291098569151,
  "efc": 0.4623,
  "fber": -1.0,
  "fwhm_avg": 2.657077916430639,
  "fwhm_x": 2.5683874617280447,
  "fwhm_y": 2.8781542248742547,
  "fwhm_z": 2.5246920626896183,
  "icvs_csf": 0.2770316920387735,
  "icvs_gm": 0.3385489325273266,
  "icvs_wm": 0.3844193754338999,
  "inu_med": 0.9898618757724762,
  "inu_range": 0.27076216638088224,
  "provenance": {
    "md5sum": "e2eeed3e5dc7b7cbb663adaef4fb509e",
    "settings": {
      "testing": false
    },
    "software": "mriqc",
    "version": "24.1.0.dev15+g9586c867.d20240825",
    "warnings": {
      "large_rot_frame": true,
      "small_air_mask": false
    }
  },
  "qi_1": 0.0,
  "qi_2": 0.0022402580973236753,
  "rpve_csf": 8.95934919933151,
  "rpve_gm": 8.804788945786362,
  "rpve_wm": 8.842289484742745,
  "size_x": 240,
  "size_y": 320,
  "size_z": 320,
  "snr_csf": 1.4183214170831993,
  "snr_gm": 4.158505093525685,
  "snr_total": 4.071515250379939,
  "snr_wm": 6.637719240530932,
  "snrd_csf": 49.05450181805123,
  "snrd_gm": 39.61415704371403,
  "snrd_total": 40.594462835441675,
  "snrd_wm": 33.114729644559766,
  "spacing_x": 0.800000011920929,
  "spacing_y": 0.8343750238418579,
  "spacing_z": 0.8343750238418579,
  "summary_bg_k": 1318.4158,
  "summary_bg_mad": 0.0,
  "summary_bg_mean": 1.2958,
  "summary_bg_median": 0.0,
  "summary_bg_n": 8685736.0,
  "summary_bg_p05": 0.0,
  "summary_bg_p95": 0.0,
  "summary_bg_stdv": 22.2766,
  "summary_csf_k": -1.3731,
  "summary_csf_mad": 1884.176,
  "summary_csf_mean": 1742.9159,
  "summary_csf_median": 1668.0,
  "summary_csf_n": 751269.5028675934,
  "summary_csf_p05": 14.0,
  "summary_csf_p95": 3749.0,
  "summary_csf_stdv": 1176.0373,
  "summary_gm_k": 25.9912,
  "summary_gm_mad": 226.7845,
  "summary_gm_mean": 1346.2167,
  "summary_gm_median": 1347.0,
  "summary_gm_n": 918095.2777076543,
  "summary_gm_p05": 870.0,
  "summary_gm_p95": 1880.0,
  "summary_gm_stdv": 323.9143,
  "summary_wm_k": 112.8226,
  "summary_wm_mad": 134.175,
  "summary_wm_mean": 1139.7085,
  "summary_wm_median": 1126.0,
  "summary_wm_n": 1042489.221899117,
  "summary_wm_p05": 903.0,
  "summary_wm_p95": 1408.0,
  "summary_wm_stdv": 169.6365,
  "tpm_overlap_csf": 0.20823297576731387,
  "tpm_overlap_gm": 0.49410546488211615,
  "tpm_overlap_wm": 0.5183257739144737,
  "wm2max": 0.28345324230575086
}
