{
  "bids_meta": {
    "AcquisitionMatrixPE": 216,
    "AcquisitionNumber": 1,
    "AcquisitionTime": "23:43:20.525000",
    "BaseResolution": 256,
    "BodyPartExamined": "BRAIN",
    "CoilCombinationMethod": "Adaptive Combine",
    "CoilString": "HeadNeck_64_CS",
    "ConversionSoftware": "dcm2niix",
    "ConversionSoftwareVersion": "v1.0.20220720",
    "DeviceSerialNumber": "202009",
    "DwellTime": 7.5e-06,
    "EchoTime": 0.00246,
    "FileSize": 0.00944611057639122,
    "FileSizeUnits": "GB",
    "FlipAngle": 8,
    "HeudiconvVersion": "1.1.6.post8+ga0a3635",
    "ImageOrientationPatientDICOM": [
      0.998303,
      0.035629,
      0.0460683,
      -0.0338148,
      0.998644,
      -0.039578
    ],
    "ImageType": [
      "ORIGINAL",
      "PRIMARY",
      "M",
      "NORM",
      "DIS2D",
      "FM3",
      "2",
      "FIL",
      "MFSPLIT"
    ],
    "ImageTypeText": [
      "ORIGINAL",
      "PRIMARY",
      "M",
      "NONE"
    ],
    "ImagingFrequency": 123.198,
    "InPlanePhaseEncodingDirectionDICOM": "ROW",
    "InstitutionAddress": "Rue du Bugnon 46,Lausanne,,CH,1011",
    "InstitutionName": "CHUV Lausanne",
    "InversionTime": 0.9,
    "MRAcquisitionType": "3D",
    "MagneticFieldStrength": 3,
    "Manufacturer": "Siemens",
    "ManufacturersModelName": "MAGNETOM Vida Fit",
    "MatrixCoilMode": "GRAPPA",
    "Modality": "MR",
    "NonlinearGradientCorrection": true,
    "NumberOfVolumes": 1,
    "ParallelReductionFactorInPlane": 2,
    "PartialFourier": 1,
    "PatientPosition": "HFS",
    "PercentPhaseFOV": 84.375,
    "PercentSampling": 100,
    "PhaseEncodingSteps": 216,
    "PhaseResolution": 1,
    "PixelBandwidth": 260,
    "ProcedureStepDescription": "RESEARCH Oscar",
    "ProtocolName": "anat-T1w__t1_mprage_tra_p2_iso_siemens_axial",
    "PulseSequenceDetails": "%SiemensSeq%\\tfl",
    "ReceiveCoilActiveElements": "HC1-7;NC1",
    "ReceiveCoilName": "HeadNeck_64_CS",
    "ReconMatrixPE": 216,
    "RefLinesPE": 24,
    "RepetitionTime": 2.2,
    "SAR": 0.0470402,
    "ScanOptions": "PER",
    "ScanningSequence": "GR",
    "SequenceName": "*tfl3d1_240",
    "SequenceVariant": "SK",
    "SeriesDescription": "anat-T1w__t1_mprage_tra_p2_iso_siemens_axial",
    "SeriesNumber": 5,
    "ShimSetting": [
      232,
      -1112,
      2213,
      61,
      390,
      -73,
      60,
      -60
    ],
    "SliceThickness": 0.9,
    "SoftwareVersions": "syngo MR XA50",
    "StationName": "AWP202009",
    "TxRefAmp": 316.404,
    "acquisition": "undistorted",
    "dataset": "HCPh",
    "datatype": "anat",
    "extension": ".nii.gz",
    "modality": "T1w",
    "session": "20303030",
    "subject": "001",
    "suffix": "T1w"
  },
  "cjv": 0.595398046875,
  "cnr": 1.621304783644359,
  "efc": 0.5254,
  "fber": -1.0,
  "fwhm_avg": 4.668145631966989,
  "fwhm_x": 4.3209883153722,
  "fwhm_y": 5.175092905542573,
  "fwhm_z": 4.508355674986195,
  "icvs_csf": 0.27543293089355536,
  "icvs_gm": 0.3772994393425832,
  "icvs_wm": 0.34726762976386144,
  "inu_med": 0.5207668840885162,
  "inu_range": 0.2472706064581871,
  "provenance": {
    "md5sum": "3b2dff48f571b52bc4b9edd1ed78d3aa",
    "settings": {
      "testing": false
    },
    "software": "mriqc",
    "version": "24.0.1",
    "warnings": {
      "large_rot_frame": true,
      "small_air_mask": false
    }
  },
  "qi_1": 0.0,
  "qi_2": 0.0007560859666902285,
  "rpve_csf": 5.341632514993901,
  "rpve_gm": 5.240756188376366,
  "rpve_wm": 5.324918970107999,
  "size_x": 216,
  "size_y": 256,
  "size_z": 208,
  "snr_csf": 1.6451854004971793,
  "snr_gm": 5.477789658665864,
  "snr_total": 5.839036647917528,
  "snr_wm": 10.394134884589539,
  "snrd_csf": 63.66972192951325,
  "snrd_gm": 125.5509685239278,
  "snrd_total": 120.18554251863175,
  "snrd_wm": 171.33593710245418,
  "spacing_x": 0.8984379768371582,
  "spacing_y": 0.8984379768371582,
  "spacing_z": 0.8999999761581421,
  "summary_bg_k": 71.5769,
  "summary_bg_mad": 0.0,
  "summary_bg_mean": 1.485,
  "summary_bg_median": 0.0,
  "summary_bg_n": 3575294.0,
  "summary_bg_p05": 0.0,
  "summary_bg_p95": 7.0,
  "summary_bg_stdv": 3.6631,
  "summary_csf_k": 3.6261,
  "summary_csf_mad": 170.3438,
  "summary_csf_mean": 371.3496,
  "summary_csf_median": 356.0,
  "summary_csf_n": 582825.4471376046,
  "summary_csf_p05": 36.0,
  "summary_csf_p95": 727.0,
  "summary_csf_stdv": 216.3888,
  "summary_gm_k": -0.5177,
  "summary_gm_mad": 85.412,
  "summary_gm_mean": 706.0731,
  "summary_gm_median": 702.0,
  "summary_gm_n": 798378.4427163927,
  "summary_gm_p05": 497.0,
  "summary_gm_p95": 948.0,
  "summary_gm_stdv": 128.1538,
  "summary_wm_k": 0.1961,
  "summary_wm_mad": 67.0099,
  "summary_wm_mean": 932.7522,
  "summary_wm_median": 958.0,
  "summary_wm_n": 734830.1124957254,
  "summary_wm_p05": 750.0,
  "summary_wm_p95": 1044.0,
  "summary_wm_stdv": 92.1673,
  "tpm_overlap_csf": 0.19902985900156184,
  "tpm_overlap_gm": 0.5507773037468442,
  "tpm_overlap_wm": 0.5576504073533319,
  "wm2max": 0.4900519146330489
}