{
  "bids_meta": {
    "AcquisitionMatrixPE": 320,
    "AcquisitionNumber": 1,
    "AcquisitionTime": "00:56:6.052500",
    "BaseResolution": 320,
    "BodyPartExamined": "BRAIN",
    "CoilCombinationMethod": "Adaptive Combine",
    "CoilString": "HeadNeck_64_CS",
    "ConversionSoftware": "dcm2niix",
    "ConversionSoftwareVersion": "v1.0.20220720",
    "DeviceSerialNumber": "176240",
    "DwellTime": 2.2e-6,
    "EchoTime": 0.413,
    "EchoTrainLength": 248,
    "FileSize": 0.0166050149127841,
    "FileSizeUnits": "GB",
    "FlipAngle": 120,
    "HeudiconvVersion": "1.1.6.post8+ga0a3635",
    "ImageOrientationPatientDICOM": [
      -0.0139783,
      0.984929,
      0.172394,
      0.0490782,
      0.172879,
      -0.98372
    ],
    "ImageType": [
      "ORIGINAL",
      "PRIMARY",
      "M",
      "ND",
      "NORM",
      "MFSPLIT"
    ],
    "ImageTypeText": [
      "ORIGINAL",
      "PRIMARY",
      "M",
      "NONE"
    ],
    "ImagingFrequency": 123.261,
    "InPlanePhaseEncodingDirectionDICOM": "ROW",
    "InstitutionAddress": "Rue de Bugnon 46,Lausanne,,CH,1011",
    "InstitutionName": "Radiologie-CHUV",
    "MRAcquisitionType": "3D",
    "MagneticFieldStrength": 3,
    "Manufacturer": "Siemens",
    "ManufacturersModelName": "MAGNETOM Vida",
    "MatrixCoilMode": "GRAPPA",
    "Modality": "MR",
    "NonlinearGradientCorrection": false,
    "NumberOfVolumes": 1,
    "ParallelReductionFactorInPlane": 3,
    "PartialFourier": 1,
    "PatientPosition": "HFS",
    "PercentPhaseFOV": 100,
    "PercentSampling": 100,
    "PhaseEncodingDirection": "i",
    "PhaseEncodingSteps": 320,
    "PhaseResolution": 1,
    "PixelBandwidth": 710,
    "ProcedureStepDescription": "Research Oscar",
    "ProtocolName": "anat-T2w__space",
    "PulseSequenceDetails": "%SiemensSeq%\\space",
    "ReceiveCoilActiveElements": "HC1-7;NC1,2",
    "ReceiveCoilName": "HeadNeck_64_CS",
    "ReconMatrixPE": 320,
    "RefLinesPE": 24,
    "RepetitionTime": 3.2,
    "SAR": 0.146176,
    "ScanOptions": "PFP\\PER",
    "ScanningSequence": "SE",
    "SequenceName": "*spcR_282ns",
    "SequenceVariant": "SP\\SK",
    "SeriesDescription": "anat-T2w__space_ND",
    "SeriesNumber": 23,
    "ShimSetting": [
      -8778,
      8428,
      9145,
      105,
      -256,
      11,
      89,
      62
    ],
    "SliceThickness": 0.8,
    "SoftwareVersions": "syngo MR XA50",
    "StationName": "LRG08892",
    "TxRefAmp": 319.556,
    "acquisition": "original",
    "dataset": "HCPh",
    "datatype": "anat",
    "extension": ".nii.gz",
    "modality": "T2w",
    "session": "21202034",
    "subject": "001",
    "suffix": "T2w"
  },
  "cjv": 1.5833446153846156,
  "cnr": 0.6146705458073157,
  "efc": 0.4774,
  "fber": -1.0,
  "fwhm_avg": 2.6760457934571438,
  "fwhm_x": 2.5314499622784563,
  "fwhm_y": 2.9272874563800175,
  "fwhm_z": 2.569399961712957,
  "icvs_csf": 0.27735765244402116,
  "icvs_gm": 0.34699390558290627,
  "icvs_wm": 0.3756484419730726,
  "inu_med": 0.9771485030651093,
  "inu_range": 0.3146337419748306,
  "provenance": {
    "md5sum": "69ddbce0567cccd5f352ca710a1ce12f",
    "settings": {
      "testing": false
    },
    "software": "mriqc",
    "version": "24.1.0.dev15+g9586c867.d20240825",
    "warnings": {
      "large_rot_frame": true,
      "small_air_mask": false
    }
  },
  "qi_1": 0.0,
  "qi_2": 0.0026535209676032978,
  "rpve_csf": 8.135057049306262,
  "rpve_gm": 7.972405912310553,
  "rpve_wm": 8.003677824151739,
  "size_x": 240,
  "size_y": 320,
  "size_z": 320,
  "snr_csf": 1.4549805778984763,
  "snr_gm": 4.903772716620952,
  "snr_total": 4.336896372317772,
  "snr_wm": 6.651935822433888,
  "snrd_csf": 36.52846419712129,
  "snrd_gm": 32.42858248196095,
  "snrd_total": 32.18983434995363,
  "snrd_wm": 27.612456370778634,
  "spacing_x": 0.800000011920929,
  "spacing_y": 0.800000011920929,
  "spacing_z": 0.800000011920929,
  "summary_bg_k": 776.8026,
  "summary_bg_mad": 0.0,
  "summary_bg_mean": 3.1984,
  "summary_bg_median": 0.0,
  "summary_bg_n": 6743069.0,
  "summary_bg_p05": 0.0,
  "summary_bg_p95": 16.0,
  "summary_bg_stdv": 26.5258,
  "summary_csf_k": -1.391,
  "summary_csf_mad": 1623.3367,
  "summary_csf_mean": 1542.8776,
  "summary_csf_median": 1479.0,
  "summary_csf_n": 827442.7491447506,
  "summary_csf_p05": 89.0,
  "summary_csf_p95": 3283.0,
  "summary_csf_stdv": 1016.5078,
  "summary_gm_k": 47.5525,
  "summary_gm_mad": 177.3435,
  "summary_gm_mean": 1310.869,
  "summary_gm_median": 1313.0,
  "summary_gm_n": 1035189.0010676474,
  "summary_gm_p05": 905.0,
  "summary_gm_p95": 1738.0,
  "summary_gm_stdv": 267.7529,
  "summary_wm_k": 98.0112,
  "summary_wm_mad": 131.4087,
  "summary_wm_mean": 1127.3079,
  "summary_wm_median": 1118.0,
  "summary_wm_n": 1120674.2514554402,
  "summary_wm_p05": 890.0,
  "summary_wm_p95": 1387.0,
  "summary_wm_stdv": 168.0713,
  "tpm_overlap_csf": 0.20750523520755876,
  "tpm_overlap_gm": 0.5121050886289692,
  "tpm_overlap_wm": 0.5228838016317011,
  "wm2max": 0.302880167112375
}
