{
  "bids_meta": {
    "AcquisitionMatrixPE": 216,
    "AcquisitionNumber": 1,
    "AcquisitionTime": "23:45:25.890000",
    "BaseResolution": 256,
    "BodyPartExamined": "BRAIN",
    "CoilCombinationMethod": "Adaptive Combine",
    "CoilString": "HeadNeck_64_CS",
    "ConversionSoftware": "dcm2niix",
    "ConversionSoftwareVersion": "v1.0.20220720",
    "DeviceSerialNumber": "176240",
    "DwellTime": 7.5e-6,
    "EchoTime": 0.00246,
    "FileSize": 0.009409903548657894,
    "FileSizeUnits": "GB",
    "FlipAngle": 8,
    "HeudiconvVersion": "1.1.6.post8+ga0a3635",
    "ImageOrientationPatientDICOM": [
      0.998697,
      0.00535149,
      0.0507595,
      -0.00540352,
      0.999985,
      0.000887877
    ],
    "ImageType": [
      "ORIGINAL",
      "PRIMARY",
      "M",
      "NORM",
      "DIS2D",
      "FM3",
      "2",
      "FIL",
      "MFSPLIT"
    ],
    "ImageTypeText": [
      "ORIGINAL",
      "PRIMARY",
      "M",
      "NONE"
    ],
    "ImagingFrequency": 123.261,
    "InPlanePhaseEncodingDirectionDICOM": "ROW",
    "InstitutionAddress": "Rue de Bugnon 46,Lausanne,,CH,1011",
    "InstitutionName": "Radiologie-CHUV",
    "InversionTime": 0.9,
    "MRAcquisitionType": "3D",
    "MagneticFieldStrength": 3,
    "Manufacturer": "Siemens",
    "ManufacturersModelName": "MAGNETOM Vida",
    "MatrixCoilMode": "GRAPPA",
    "Modality": "MR",
    "NonlinearGradientCorrection": true,
    "NumberOfVolumes": 1,
    "ParallelReductionFactorInPlane": 2,
    "PartialFourier": 1,
    "PatientPosition": "HFS",
    "PercentPhaseFOV": 84.375,
    "PercentSampling": 100,
    "PhaseEncodingSteps": 216,
    "PhaseResolution": 1,
    "PixelBandwidth": 260,
    "ProcedureStepDescription": "Research Oscar",
    "ProtocolName": "anat-T1w__t1_mprage_tra_p2_iso_siemens_axial",
    "PulseSequenceDetails": "%SiemensSeq%\\tfl",
    "ReceiveCoilActiveElements": "HC1-7;NC1",
    "ReceiveCoilName": "HeadNeck_64_CS",
    "ReconMatrixPE": 216,
    "RefLinesPE": 24,
    "RepetitionTime": 2.2,
    "SAR": 0.0474037,
    "ScanOptions": "PER",
    "ScanningSequence": "GR",
    "SequenceName": "*tfl3d1_240",
    "SequenceVariant": "SK",
    "SeriesDescription": "anat-T1w__t1_mprage_tra_p2_iso_siemens_axial",
    "SeriesNumber": 5,
    "ShimSetting": [
      -8778,
      8428,
      9145,
      105,
      -256,
      11,
      89,
      62
    ],
    "SliceThickness": 0.9,
    "SoftwareVersions": "syngo MR XA50",
    "StationName": "LRG08892",
    "TxRefAmp": 319.556,
    "acquisition": "undistorted",
    "dataset": "HCPh",
    "datatype": "anat",
    "extension": ".nii.gz",
    "modality": "T1w",
    "session": "21202034",
    "subject": "001",
    "suffix": "T1w"
  },
  "cjv": 0.5966988095238095,
  "cnr": 1.6310121360370244,
  "efc": 0.5247,
  "fber": -1.0,
  "fwhm_avg": 4.690244658852989,
  "fwhm_x": 4.355392471025565,
  "fwhm_y": 5.215830275225949,
  "fwhm_z": 4.499511230307452,
  "icvs_csf": 0.273200176358114,
  "icvs_gm": 0.3778182615004677,
  "icvs_wm": 0.34898156214141823,
  "inu_med": 0.5285720229148865,
  "inu_range": 0.24844796955585474,
  "provenance": {
    "md5sum": "efdfa230d97dbdeb501988520a930e00",
    "settings": {
      "testing": false
    },
    "software": "mriqc",
    "version": "24.1.0.dev15+g9586c867.d20240825",
    "warnings": {
      "large_rot_frame": true,
      "small_air_mask": false
    }
  },
  "qi_1": 0.0,
  "qi_2": 0.001109886722801191,
  "rpve_csf": 5.357181114043811,
  "rpve_gm": 5.256914941666057,
  "rpve_wm": 5.336664415636459,
  "size_x": 216,
  "size_y": 256,
  "size_z": 208,
  "snr_csf": 1.6581868955904138,
  "snr_gm": 5.661614776054309,
  "snr_total": 5.968446655822068,
  "snr_wm": 10.585538295821484,
  "snrd_csf": 16.56601659822779,
  "snrd_gm": 33.27362308191052,
  "snrd_total": 31.66893771342122,
  "snrd_wm": 45.16717346012535,
  "spacing_x": 0.8984379768371582,
  "spacing_y": 0.8984379768371582,
  "spacing_z": 0.8999999761581421,
  "summary_bg_k": 2697.1751,
  "summary_bg_mad": 0.0,
  "summary_bg_mean": 1.687,
  "summary_bg_median": 0.0,
  "summary_bg_n": 3645447.0,
  "summary_bg_p05": 0.0,
  "summary_bg_p95": 7.0,
  "summary_bg_stdv": 13.881,
  "summary_csf_k": 0.521,
  "summary_csf_mad": 172.4008,
  "summary_csf_mean": 366.5934,
  "summary_csf_median": 351.0,
  "summary_csf_n": 577038.1139801462,
  "summary_csf_p05": 35.0,
  "summary_csf_p95": 722.0,
  "summary_csf_stdv": 211.6768,
  "summary_gm_k": -0.4989,
  "summary_gm_mad": 84.1936,
  "summary_gm_mean": 709.5259,
  "summary_gm_median": 705.0,
  "summary_gm_n": 798006.5750679102,
  "summary_gm_p05": 506.0,
  "summary_gm_p95": 945.0,
  "summary_gm_stdv": 124.5227,
  "summary_wm_k": 0.1991,
  "summary_wm_mad": 66.1745,
  "summary_wm_mean": 933.3464,
  "summary_wm_median": 957.0,
  "summary_wm_n": 737099.313464438,
  "summary_wm_p05": 753.0,
  "summary_wm_p95": 1043.0,
  "summary_wm_stdv": 90.4063,
  "tpm_overlap_csf": 0.19950480800834838,
  "tpm_overlap_gm": 0.5473874756496195,
  "tpm_overlap_wm": 0.5572895476118729,
  "wm2max": 0.5046270248022972
}
