{
  "bids_meta": {
    "AcquisitionMatrixPE": 320,
    "AcquisitionNumber": 1,
    "AcquisitionTime": "00:56:6.052500",
    "BaseResolution": 320,
    "BodyPartExamined": "BRAIN",
    "CoilCombinationMethod": "Adaptive Combine",
    "CoilString": "HeadNeck_64_CS",
    "ConversionSoftware": "dcm2niix",
    "ConversionSoftwareVersion": "v1.0.20220720",
    "DeviceSerialNumber": "176240",
    "DwellTime": 2.2e-6,
    "EchoTime": 0.413,
    "EchoTrainLength": 248,
    "FileSize": 0.015641145408153534,
    "FileSizeUnits": "GB",
    "FlipAngle": 120,
    "HeudiconvVersion": "1.1.6.post8+ga0a3635",
    "ImageOrientationPatientDICOM": [
      -0.0139783,
      0.984929,
      0.172394,
      0.0490782,
      0.172879,
      -0.98372
    ],
    "ImageType": [
      "ORIGINAL",
      "PRIMARY",
      "M",
      "NORM",
      "DIS3D",
      "MFSPLIT"
    ],
    "ImageTypeText": [
      "ORIGINAL",
      "PRIMARY",
      "M",
      "NONE"
    ],
    "ImagingFrequency": 123.261,
    "InPlanePhaseEncodingDirectionDICOM": "ROW",
    "InstitutionAddress": "Rue de Bugnon 46,Lausanne,,CH,1011",
    "InstitutionName": "Radiologie-CHUV",
    "MRAcquisitionType": "3D",
    "MagneticFieldStrength": 3,
    "Manufacturer": "Siemens",
    "ManufacturersModelName": "MAGNETOM Vida",
    "MatrixCoilMode": "GRAPPA",
    "Modality": "MR",
    "NonlinearGradientCorrection": true,
    "NumberOfVolumes": 1,
    "ParallelReductionFactorInPlane": 3,
    "PartialFourier": 1,
    "PatientPosition": "HFS",
    "PercentPhaseFOV": 100,
    "PercentSampling": 100,
    "PhaseEncodingDirection": "i",
    "PhaseEncodingSteps": 320,
    "PhaseResolution": 1,
    "PixelBandwidth": 710,
    "ProcedureStepDescription": "Research Oscar",
    "ProtocolName": "anat-T2w__space",
    "PulseSequenceDetails": "%SiemensSeq%\\space",
    "ReceiveCoilActiveElements": "HC1-7;NC1,2",
    "ReceiveCoilName": "HeadNeck_64_CS",
    "ReconMatrixPE": 320,
    "RefLinesPE": 24,
    "RepetitionTime": 3.2,
    "SAR": 0.146176,
    "ScanOptions": "PFP\\PER",
    "ScanningSequence": "SE",
    "SequenceName": "*spcR_282ns",
    "SequenceVariant": "SP\\SK",
    "SeriesDescription": "anat-T2w__space",
    "SeriesNumber": 24,
    "ShimSetting": [
      -8778,
      8428,
      9145,
      105,
      -256,
      11,
      89,
      62
    ],
    "SliceThickness": 0.8,
    "SoftwareVersions": "syngo MR XA50",
    "StationName": "LRG08892",
    "TxRefAmp": 319.556,
    "acquisition": "undistorted",
    "dataset": "HCPh",
    "datatype": "anat",
    "extension": ".nii.gz",
    "modality": "T2w",
    "session": "21202034",
    "subject": "001",
    "suffix": "T2w"
  },
  "cjv": 1.65785,
  "cnr": 0.5982335930527644,
  "efc": 0.4794,
  "fber": -1.0,
  "fwhm_avg": 2.6913582932289692,
  "fwhm_x": 2.5561999619096523,
  "fwhm_y": 2.9254374564075847,
  "fwhm_z": 2.5924374613696712,
  "icvs_csf": 0.27804633493777803,
  "icvs_gm": 0.34183629334746163,
  "icvs_wm": 0.3801173717147603,
  "inu_med": 1.0231534242630005,
  "inu_range": 0.3542810946702958,
  "provenance": {
    "md5sum": "e66281071a35909dd381f1505975737f",
    "settings": {
      "testing": false
    },
    "software": "mriqc",
    "version": "24.1.0.dev15+g9586c867.d20240825",
    "warnings": {
      "large_rot_frame": true,
      "small_air_mask": false
    }
  },
  "qi_1": 0.0,
  "qi_2": 0.002074890521257543,
  "rpve_csf": 8.23929134489945,
  "rpve_gm": 8.084208778181024,
  "rpve_wm": 8.118742243966613,
  "size_x": 240,
  "size_y": 320,
  "size_z": 320,
  "snr_csf": 1.39063323042401,
  "snr_gm": 4.381638383542493,
  "snr_total": 4.152017188581717,
  "snr_wm": 6.683779951778647,
  "snrd_csf": 31.730103521950127,
  "snrd_gm": 27.595956436087572,
  "snrd_total": 27.53299988148053,
  "snrd_wm": 23.272939686403895,
  "spacing_x": 0.800000011920929,
  "spacing_y": 0.800000011920929,
  "spacing_z": 0.800000011920929,
  "summary_bg_k": 629.5288,
  "summary_bg_mad": 0.0,
  "summary_bg_mean": 3.2196,
  "summary_bg_median": 0.0,
  "summary_bg_n": 6807229.0,
  "summary_bg_p05": 0.0,
  "summary_bg_p95": 16.0,
  "summary_bg_stdv": 31.2185,
  "summary_csf_k": -1.4172,
  "summary_csf_mad": 1749.3731,
  "summary_csf_mean": 1582.5918,
  "summary_csf_median": 1512.0,
  "summary_csf_n": 818934.8757786937,
  "summary_csf_p05": 14.0,
  "summary_csf_p95": 3412.0,
  "summary_csf_stdv": 1087.2738,
  "summary_gm_k": 37.9217,
  "summary_gm_mad": 210.3151,
  "summary_gm_mean": 1314.3559,
  "summary_gm_median": 1315.0,
  "summary_gm_n": 1006816.5886516672,
  "summary_gm_p05": 866.0,
  "summary_gm_p95": 1798.0,
  "summary_gm_stdv": 300.1159,
  "summary_wm_k": 90.3041,
  "summary_wm_mad": 131.202,
  "summary_wm_mean": 1118.7395,
  "summary_wm_median": 1109.0,
  "summary_wm_n": 1119566.537916108,
  "summary_wm_p05": 882.0,
  "summary_wm_p95": 1378.0,
  "summary_wm_stdv": 165.924,
  "tpm_overlap_csf": 0.20826164412227538,
  "tpm_overlap_gm": 0.5021525527578439,
  "tpm_overlap_wm": 0.5207635953047209,
  "wm2max": 0.29034386821028496
}
