{
  "aor": [
    0.0008825600000000001,
    0.0013288666666666667,
    0.0013633999999999999
  ],
  "aqi": [
    0.012798798293333333,
    0.021426437373333333,
    0.03798529973333333
  ],
  "bids_meta": {
    "AcquisitionDuration": 1230.47,
    "AcquisitionMatrixPE": 96,
    "AcquisitionNumber": 1,
    "AcquisitionTime": "00:00:47.372500",
    "BandwidthPerPixelPhaseEncode": 30.193,
    "BaseResolution": 96,
    "BodyPartExamined": "BRAIN",
    "CogAtlasID": "https://www.cognitiveatlas.org/task/id/trm_4c8a834779883/",
    "CoilCombinationMethod": "Sum of Squares",
    "CoilString": "HeadNeck_64",
    "ConversionSoftware": "dcm2niix",
    "ConversionSoftwareVersion": "v1.0.20220720",
    "DerivedVendorReportedEchoSpacing": 0.000690005,
    "DeviceSerialNumber": "67014",
    "DwellTime": 2.4e-6,
    "EchoNumber": 1,
    "EchoTime": 0.0132,
    "EchoTrainLength": 35,
    "EffectiveEchoSpacing": 0.000345003,
    "FileSize": 0.44903598353266716,
    "FileSizeUnits": "GB",
    "FlipAngle": 64,
    "HeudiconvVersion": "1.1.6.post8+ga0a3635",
    "ImageComments": "Unaliased MB4/PE4/LB",
    "ImageOrientationPatientDICOM": [
      0.999804,
      0.0112491,
      -0.0162998,
      -0.0174516,
      0.889517,
      -0.456569
    ],
    "ImageType": [
      "ORIGINAL",
      "PRIMARY",
      "FMRI",
      "NONE"
    ],
    "ImageTypeText": [
      "ORIGINAL",
      "PRIMARY",
      "M",
      "MB",
      "TE1",
      "DIS2D"
    ],
    "ImagingFrequency": 123.248,
    "InPlanePhaseEncodingDirectionDICOM": "COL",
    "InstitutionAddress": "Rue du Bugnon 21,Lausanne,District,CH,1011",
    "InstitutionName": "CHUV",
    "MRAcquisitionType": "2D",
    "MTState": false,
    "MagneticFieldStrength": 3,
    "Manufacturer": "Siemens",
    "ManufacturersModelName": "MAGNETOM Prisma Fit",
    "MatrixCoilMode": "GRAPPA",
    "Modality": "MR",
    "MultibandAccelerationFactor": 4,
    "NonlinearGradientCorrection": true,
    "NumberOfVolumes": 750,
    "ParallelAcquisitionTechnique": "GRAPPA",
    "ParallelReductionFactorInPlane": 2,
    "PartialFourier": 0.75,
    "PartialFourierDirection": "PHASE",
    "PatientPosition": "HFS",
    "PercentPhaseFOV": 100,
    "PercentSampling": 100,
    "PhaseEncodingDirection": "j-",
    "PhaseResolution": 1,
    "PixelBandwidth": 2170,
    "ProcedureStepDescription": "RESEARCH Oscar",
    "ProtocolName": "func-bold_task-rest_dir-AP__cmrr_me4_sms4",
    "PulseSequenceDetails": "%CustomerSeq%\\cmrr_mbep2d_bold",
    "PulseSequenceName": "epfid2d3_96",
    "ReceiveCoilActiveElements": "HC1-7;NC1",
    "ReceiveCoilName": "HeadNeck_64",
    "ReconMatrixPE": 96,
    "RefLinesPE": 22,
    "RepetitionTime": 1.6,
    "ScanOptions": "PFP\\FS",
    "ScanningSequence": "EP",
    "SequenceVariant": "SK\\SS",
    "SeriesDescription": "func-bold_task-rest_dir-AP__cmrr_me4_sms4",
    "SeriesNumber": 14,
    "ShimSetting": [
      8230,
      -5664,
      -5974,
      734,
      -62,
      -230,
      72,
      33
    ],
    "SliceThickness": 2.2,
    "SliceTiming": [
      0,
      0.8425,
      0.105,
      0.9475,
      0.21,
      1.0525,
      0.3175,
      1.16,
      0.4225,
      1.265,
      0.5275,
      1.37,
      0.6325,
      1.475,
      0.7375,
      0,
      0.8425,
      0.105,
      0.9475,
      0.21,
      1.0525,
      0.3175,
      1.16,
      0.4225,
      1.265,
      0.5275,
      1.37,
      0.6325,
      1.475,
      0.7375,
      0,
      0.8425,
      0.105,
      0.9475,
      0.21,
      1.0525,
      0.3175,
      1.16,
      0.4225,
      1.265,
      0.5275,
      1.37,
      0.6325,
      1.475,
      0.7375,
      0,
      0.8425,
      0.105,
      0.9475,
      0.21,
      1.0525,
      0.3175,
      1.16,
      0.4225,
      1.265,
      0.5275,
      1.37,
      0.6325,
      1.475,
      0.7375
    ],
    "SoftwareVersions": "syngo MR XA30",
    "SpacingBetweenSlices": 2.2,
    "StationName": "LRG10884",
    "TaskName": "rest",
    "TotalReadoutTime": 0.0327753,
    "TxRefAmp": 245.34,
    "VendorReportedEchoSpacing": 0.00069,
    "WipMemBlock": "a48c659f-44a0-4cc0-a7a0-f6658d6b220a||Sequence: R017 nxva30a/master r/d34922cc2+; Jun 27 2022 13:20:16 by eja",
    "dataset": "HCPh",
    "datatype": "func",
    "direction": "AP",
    "extension": ".nii.gz",
    "modality": "bold",
    "part": "mag",
    "session": "20702060",
    "subject": "001",
    "suffix": "bold",
    "task": "rest"
  },
  "dummy_trs": 0,
  "dvars_nstd": 37.38306601181574,
  "dvars_std": 1.0092142051668884,
  "dvars_vstd": 0.9912388539652872,
  "efc": 0.5935,
  "fber": 482.0025,
  "fd_mean": 0.12654545285089303,
  "fd_num": 72,
  "fd_perc": 9.6,
  "fwhm_avg": 2.8661734692291705,
  "fwhm_x": 2.5573131802734537,
  "fwhm_y": 3.0607209283779953,
  "fwhm_z": 2.980486299036063,
  "gcor": [
    0.00679865,
    0.00859877,
    0.00735766
  ],
  "gsr_x": -0.009688668884336948,
  "gsr_y": 0.10690952837467194,
  "provenance": {
    "md5sum": "d4b218bbd867dc55ef8ca8d964fdbf31",
    "settings": {
      "fd_thres": 0.2,
      "testing": false
    },
    "software": "mriqc",
    "version": "24.1.0.dev15+g9586c867.d20240825"
  },
  "size_t": 750,
  "size_x": 96,
  "size_y": 96,
  "size_z": 60,
  "snr": 2.6355391856872052,
  "spacing_tr": 1.600000023841858,
  "spacing_x": 2.197920083999634,
  "spacing_y": 2.197920083999634,
  "spacing_z": 2.200000047683716,
  "summary_bg_k": 9.5607,
  "summary_bg_mad": 11.1551,
  "summary_bg_mean": 87.8504,
  "summary_bg_median": 25.0,
  "summary_bg_n": 413165.0,
  "summary_bg_p05": 0.0,
  "summary_bg_p95": 442.0,
  "summary_bg_stdv": 151.6305,
  "summary_fg_k": 1.038,
  "summary_fg_mad": 180.917,
  "summary_fg_mean": 564.8328,
  "summary_fg_median": 539.0,
  "summary_fg_n": 139795.0,
  "summary_fg_p05": 268.0,
  "summary_fg_p95": 930.0,
  "summary_fg_stdv": 204.5115,
  "tsnr": 32.004373816307634
}
