{
  "NumberOfShells": 4,
  "bValues": [
    0.0,
    700.0,
    1000.0,
    2000.0,
    3000.0
  ],
  "bValuesEstimation": [
    700.0,
    1000.0,
    2000.0,
    3000.0
  ],
  "bdiffs_max": 0.304,
  "bdiffs_mean": 0.188,
  "bdiffs_median": 0.22,
  "bdiffs_min": 0.0092,
  "bids_meta": {
    "AcquisitionMatrixPE": 120,
    "AcquisitionNumber": 1,
    "AcquisitionTime": "18:06:58.650000",
    "B0FieldSource": [
      "pilot006pepolarb0",
      "pilot006phasediff"
    ],
    "BandwidthPerPixelPhaseEncode": 23.81,
    "BaseResolution": 120,
    "BodyPartExamined": "BRAIN",
    "CoilCombinationMethod": "Adaptive Combine",
    "CoilString": "HeadNeck_64",
    "ConversionSoftware": "dcm2niix",
    "ConversionSoftwareVersion": "v1.0.20220720",
    "Deltas": [
      0.0233,
      0.0475
    ],
    "DerivedVendorReportedEchoSpacing": 0.000699986,
    "DeviceSerialNumber": "67014",
    "DiffusionScheme": "Monopolar",
    "DwellTime": 2.4e-6,
    "EchoTime": 0.092,
    "EchoTrainLength": 51,
    "EffectiveEchoSpacing": 0.000349993,
    "FileSize": 0.12434730865061283,
    "FileSizeUnits": "GB",
    "FlipAngle": 90,
    "HeudiconvVersion": "1.0.0",
    "ImageOrientationPatientDICOM": [
      0.997886,
      0.0278888,
      0.0587084,
      -0.0313598,
      0.997762,
      0.0590568
    ],
    "ImageType": [
      "ORIGINAL",
      "PRIMARY",
      "DIFFUSION",
      "NONE",
      "ND",
      "MFSPLIT"
    ],
    "ImageTypeText": [
      "ORIGINAL",
      "PRIMARY",
      "DIFFUSION",
      "NONE"
    ],
    "ImagingFrequency": 123.248,
    "InPlanePhaseEncodingDirectionDICOM": "COL",
    "InstitutionAddress": "Rue du Bugnon 21,Lausanne,District,CH,1011",
    "InstitutionName": "CHUV",
    "MRAcquisitionType": "2D",
    "MagneticFieldStrength": 3,
    "Manufacturer": "Siemens",
    "ManufacturersModelName": "MAGNETOM Prisma Fit",
    "Modality": "MR",
    "MultibandAccelerationFactor": 3,
    "NonlinearGradientCorrection": false,
    "NumberOfVolumes": 147,
    "ParallelReductionFactorInPlane": 2,
    "PartialFourier": 0.875,
    "PatientPosition": "HFS",
    "PercentPhaseFOV": 100,
    "PercentSampling": 100,
    "PhaseEncodingDirection": "j",
    "PhaseEncodingSteps": 120,
    "PhaseResolution": 1,
    "PixelBandwidth": 1736,
    "ProcedureStepDescription": "RESEARCH Oscar",
    "ProtocolName": "dwi-dwi_acq-lowres_dir-PA__137dir_monopolar",
    "PulseSequenceDetails": "%SiemensSeq%\\ep2d_diff",
    "ReceiveCoilActiveElements": "HC1-7",
    "ReceiveCoilName": "HeadNeck_64",
    "ReconMatrixPE": 120,
    "RefLinesPE": 42,
    "RepetitionTime": 7.8,
    "SAR": 0.135196,
    "ScanOptions": "PFP\\FS\\PER",
    "ScanningSequence": "GR\\EP",
    "SequenceName": "*ep_b0",
    "SequenceVariant": "SK",
    "SeriesDescription": "dwi-dwi_acq-lowres_dir-PA__137dir_monopolar",
    "SeriesNumber": 15,
    "ShimSetting": [
      8225,
      -5651,
      -6052,
      534,
      -109,
      -413,
      64,
      6
    ],
    "SliceThickness": 2,
    "SliceTiming": [
      4.6325,
      0,
      4.7625,
      0.1275,
      4.89,
      0.2575,
      5.02,
      0.385,
      5.1475,
      0.515,
      5.2775,
      0.6425,
      5.405,
      0.7725,
      5.535,
      0.9,
      5.6625,
      1.03,
      5.7925,
      1.1575,
      5.92,
      1.2875,
      6.05,
      1.415,
      6.1775,
      1.545,
      6.3075,
      1.6725,
      6.435,
      1.8025,
      6.565,
      1.93,
      6.6925,
      2.06,
      6.8225,
      2.1875,
      6.95,
      2.3175,
      7.0775,
      2.445,
      7.2075,
      2.575,
      7.335,
      2.7025,
      7.465,
      2.8325,
      7.5925,
      2.96,
      7.7225,
      3.0875,
      7.85,
      3.2175,
      7.98,
      3.345,
      8.1075,
      3.475,
      8.2375,
      3.6025,
      8.365,
      3.7325,
      8.495,
      3.86,
      8.6225,
      3.99,
      8.7525,
      4.1175,
      8.88,
      4.2475,
      9.01,
      4.375,
      9.1375,
      4.505
    ],
    "SoftwareVersions": "syngo MR XA30",
    "SpacingBetweenSlices": 2,
    "StationName": "LRG10884",
    "TotalReadoutTime": 0.0416492,
    "TxRefAmp": 250.613,
    "VendorReportedEchoSpacing": 0.0007,
    "acquisition": "lowres",
    "dataset": "HCPh",
    "datatype": "dwi",
    "direction": "PA",
    "extension": ".nii.gz",
    "modality": "dwi",
    "session": "pilot006",
    "subject": "001",
    "suffix": "dwi"
  },
  "efc_shell01": 0.3864,
  "efc_shell02": 0.4538,
  "efc_shell03": 0.4611,
  "efc_shell04": 0.4892,
  "efc_shell05": 0.5274,
  "fa_degenerate": 0.0,
  "fa_nans": 0.0,
  "fber_shell01": 2770.3486,
  "fber_shell02": 1094.5416,
  "fber_shell03": 746.8052,
  "fber_shell04": 277.1983,
  "fber_shell05": 122.0338,
  "fd_mean": 3.2501,
  "fd_num": 138,
  "fd_perc": 93.87755102040816,
  "ndc": 0.7816,
  "provenance": {
    "md5sum": "7a0e4b2e380d4ee9b414ca2bbbd6944a",
    "settings": {
      "testing": false
    },
    "software": "mriqc",
    "version": "24.1.0.dev15+g9586c867.d20240825"
  },
  "sigma_cc": 40.0303,
  "sigma_pca": 10.0592,
  "sigma_piesno": 0.9905,
  "snr_cc_shell0": 4.92,
  "snr_cc_shell1_best": 4.9,
  "snr_cc_shell1_worst": 4.9,
  "snr_cc_shell2_best": 3.44,
  "snr_cc_shell2_worst": 1.97,
  "snr_cc_shell3_best": 2.26,
  "snr_cc_shell3_worst": 1.4,
  "snr_cc_shell4_best": 1.64,
  "snr_cc_shell4_worst": 0.67,
  "spikes_global": 58.32,
  "spikes_slice_i": 316.52,
  "spikes_slice_j": 299.19,
  "spikes_slice_k": 351.95,
  "summary_bg_k": 470.6565,
  "summary_bg_mad": 7.413,
  "summary_bg_mean": 35.3936,
  "summary_bg_median": 7.0,
  "summary_bg_n": 851691.0,
  "summary_bg_p05": 1.0,
  "summary_bg_p95": 161.0,
  "summary_bg_stdv": 117.5038,
  "summary_fg_k": 8.6669,
  "summary_fg_mad": 220.9077,
  "summary_fg_mean": 487.4009,
  "summary_fg_median": 381.0,
  "summary_fg_n": 185109.0,
  "summary_fg_p05": 121.0,
  "summary_fg_p95": 1260.0,
  "summary_fg_stdv": 387.0079,
  "summary_wm_k": 9.2512,
  "summary_wm_mad": 109.7126,
  "summary_wm_mean": 278.6811,
  "summary_wm_median": 272.0,
  "summary_wm_n": 51579.0,
  "summary_wm_p05": 116.0,
  "summary_wm_p95": 467.0,
  "summary_wm_stdv": 119.1342
}
