{
  "NumberOfShells": 4,
  "bValues": [
    0.0,
    700.0,
    1000.0,
    2000.0,
    3000.0
  ],
  "bValuesEstimation": [
    700.0,
    1000.0,
    2000.0,
    3000.0
  ],
  "bdiffs_max": 0.4463,
  "bdiffs_mean": 0.1971,
  "bdiffs_median": 0.1668,
  "bdiffs_min": 0.0224,
  "bids_meta": {
    "AcquisitionMatrixPE": 148,
    "AcquisitionNumber": 1,
    "AcquisitionTime": "19:07:7.950000",
    "BandwidthPerPixelPhaseEncode": 14.077,
    "BaseResolution": 146,
    "BodyPartExamined": "BRAIN",
    "CoilCombinationMethod": "Adaptive Combine",
    "CoilString": "HeadNeck_64_CS",
    "ConversionSoftware": "dcm2niix",
    "ConversionSoftwareVersion": "v1.0.20220720",
    "Deltas": [
      0.0233,
      0.0475
    ],
    "DerivedVendorReportedEchoSpacing": 0.000959971,
    "DeviceSerialNumber": "202009",
    "DiffusionScheme": "Monopolar",
    "DwellTime": 2.1e-6,
    "EchoTime": 0.121,
    "EchoTrainLength": 64,
    "EffectiveEchoSpacing": 0.000479986,
    "FileSize": 0.3340062936767936,
    "FileSizeUnits": "GB",
    "FlipAngle": 90,
    "HeudiconvVersion": "1.1.6.post8+ga0a3635",
    "ImageOrientationPatientDICOM": [
      0.999205,
      0.0272384,
      0.0291078,
      -0.00854557,
      0.859544,
      -0.510991
    ],
    "ImageType": [
      "ORIGINAL",
      "PRIMARY",
      "DIFFUSION",
      "NONE",
      "ND",
      "NORM",
      "MFSPLIT"
    ],
    "ImageTypeText": [
      "ORIGINAL",
      "PRIMARY",
      "DIFFUSION",
      "NONE"
    ],
    "ImagingFrequency": 123.197,
    "InPlanePhaseEncodingDirectionDICOM": "COL",
    "InstitutionAddress": "Rue du Bugnon 46,Lausanne,,CH,1011",
    "InstitutionName": "CHUV Lausanne",
    "MRAcquisitionType": "2D",
    "MagneticFieldStrength": 3,
    "Manufacturer": "Siemens",
    "ManufacturersModelName": "MAGNETOM Vida Fit",
    "Modality": "MR",
    "MultibandAccelerationFactor": 3,
    "NonlinearGradientCorrection": false,
    "NumberOfVolumes": 280,
    "ParallelReductionFactorInPlane": 2,
    "PartialFourier": 0.875,
    "PatientPosition": "HFS",
    "PercentPhaseFOV": 101.37,
    "PercentSampling": 100,
    "PhaseEncodingDirection": "j",
    "PhaseEncodingSteps": 148,
    "PhaseResolution": 1,
    "PixelBandwidth": 1631,
    "ProcedureStepDescription": "RESEARCH Oscar",
    "ProtocolName": "dwi-dwi_acq-highres_dir-PA",
    "PulseSequenceDetails": "%SiemensSeq%\\ep2d_diff",
    "ReceiveCoilActiveElements": "HC1-7;NC1",
    "ReceiveCoilName": "HeadNeck_64_CS",
    "ReconMatrixPE": 148,
    "RefLinesPE": 54,
    "RepetitionTime": 7,
    "SAR": 0.150992,
    "ScanOptions": "PFP\\FS\\PER",
    "ScanningSequence": "GR\\EP",
    "SequenceName": "*ep_b0",
    "SequenceVariant": "SK",
    "SeriesDescription": "dwi-dwi_acq-highres_dir-PA",
    "SeriesNumber": 18,
    "ShimSetting": [
      228,
      -1119,
      2730,
      668,
      424,
      -169,
      -179,
      -3
    ],
    "SliceThickness": 1.6,
    "SliceTiming": [
      0,
      -0.001,
      -0.001,
      -0.001,
      -0.001,
      -0.001,
      -0.001,
      -0.001,
      -0.001,
      -0.001,
      -0.001,
      -0.001,
      -0.001,
      -0.001,
      -0.001,
      -0.001,
      -0.001,
      -0.001,
      -0.001,
      -0.001,
      -0.001,
      -0.001,
      -0.001,
      -0.001,
      -0.001,
      -0.001,
      -0.001,
      -0.001,
      -0.001,
      -0.001,
      -0.001,
      -0.001,
      -0.001,
      -0.001,
      -0.001,
      -0.001,
      -0.001,
      -0.001,
      -0.001,
      -0.001,
      -0.001,
      -0.001,
      -0.001,
      -0.001,
      -0.001,
      -0.001,
      -0.001,
      -0.001,
      -0.001,
      -0.001,
      -0.001,
      -0.001,
      -0.001,
      -0.001,
      -0.001,
      -0.001,
      -0.001,
      -0.001,
      -0.001,
      -0.001,
      -0.001,
      -0.001,
      -0.001,
      -0.001,
      -0.001,
      -0.001,
      -0.001,
      -0.001,
      -0.001,
      -0.001,
      -0.001,
      -0.001,
      -0.001,
      -0.001,
      -0.001,
      -0.001,
      -0.001,
      -0.001,
      -0.001,
      -0.001,
      -0.001,
      -0.001,
      -0.001,
      -0.001,
      -0.001,
      -0.001,
      -0.001
    ],
    "SoftwareVersions": "syngo MR XA50",
    "SpacingBetweenSlices": 1.6,
    "StationName": "AWP202009",
    "TotalReadoutTime": 0.0705579,
    "TxRefAmp": 315.278,
    "VendorReportedEchoSpacing": 0.00096,
    "acquisition": "highres",
    "dataset": "HCPh",
    "datatype": "dwi",
    "direction": "PA",
    "extension": ".nii.gz",
    "modality": "dwi",
    "session": "20801030",
    "subject": "001",
    "suffix": "dwi"
  },
  "efc_shell01": 0.3314,
  "efc_shell02": 0.4325,
  "efc_shell03": 0.4312,
  "efc_shell04": 0.4502,
  "efc_shell05": 0.4643,
  "fa_degenerate": 0.0,
  "fa_nans": 0.0,
  "fber_shell01": 15636.7588,
  "fber_shell02": 5349.1553,
  "fber_shell03": 4530.439,
  "fber_shell04": 1453.8723,
  "fber_shell05": 764.7119,
  "fd_mean": 33.4482,
  "fd_num": 279,
  "fd_perc": 99.64285714285714,
  "ndc": 0.5835,
  "provenance": {
    "md5sum": "5cd2b42500b5391d2ae6aa1b6d4172dd",
    "settings": {
      "testing": false
    },
    "software": "mriqc",
    "version": "24.1.0.dev15+g9586c867.d20240825"
  },
  "sigma_cc": 63.7519,
  "sigma_pca": 13.943,
  "sigma_piesno": 0.3301,
  "snr_cc_shell0": 2.77,
  "snr_cc_shell1_best": 2.77,
  "snr_cc_shell1_worst": 2.77,
  "snr_cc_shell2_best": 1.98,
  "snr_cc_shell2_worst": 1.53,
  "snr_cc_shell3_best": 1.41,
  "snr_cc_shell3_worst": 1.16,
  "snr_cc_shell4_best": 0.89,
  "snr_cc_shell4_worst": 0.78,
  "spikes_global": 33.23,
  "spikes_slice_i": 209.69,
  "spikes_slice_j": 185.85,
  "spikes_slice_k": 218.01,
  "summary_bg_k": 1488.5716,
  "summary_bg_mad": 1.4826,
  "summary_bg_mean": 9.4359,
  "summary_bg_median": 1.0,
  "summary_bg_n": 1511564.0,
  "summary_bg_p05": 0.0,
  "summary_bg_p95": 32.0,
  "summary_bg_stdv": 67.4729,
  "summary_fg_k": 16.7796,
  "summary_fg_mad": 102.2996,
  "summary_fg_mean": 287.0602,
  "summary_fg_median": 208.0,
  "summary_fg_n": 368332.0,
  "summary_fg_p05": 78.0,
  "summary_fg_p95": 777.0,
  "summary_fg_stdv": 251.6443,
  "summary_wm_k": 38.8834,
  "summary_wm_mad": 57.8215,
  "summary_wm_mean": 191.8485,
  "summary_wm_median": 175.0,
  "summary_wm_n": 128937.0,
  "summary_wm_p05": 62.0,
  "summary_wm_p95": 345.0,
  "summary_wm_stdv": 106.8356
}
