{
  "NumberOfShells": 4,
  "bValues": [
    0.0,
    700.0,
    1000.0,
    2000.0,
    3000.0
  ],
  "bValuesEstimation": [
    700.0,
    1000.0,
    2000.0,
    3000.0
  ],
  "bdiffs_max": 0.4068,
  "bdiffs_mean": 0.1876,
  "bdiffs_median": 0.1721,
  "bdiffs_min": 0.0133,
  "bids_meta": {
    "AcquisitionMatrixPE": 148,
    "AcquisitionNumber": 1,
    "AcquisitionTime": "22:48:3.940000",
    "BandwidthPerPixelPhaseEncode": 14.077,
    "BaseResolution": 146,
    "BodyPartExamined": "BRAIN",
    "CoilCombinationMethod": "Adaptive Combine",
    "CoilString": "HeadNeck_64_CS",
    "ConversionSoftware": "dcm2niix",
    "ConversionSoftwareVersion": "v1.0.20220720",
    "Deltas": [
      0.0233,
      0.0475
    ],
    "DerivedVendorReportedEchoSpacing": 0.000959971,
    "DeviceSerialNumber": "202009",
    "DiffusionScheme": "Monopolar",
    "DwellTime": 2.1e-06,
    "EchoTime": 0.121,
    "EchoTrainLength": 64,
    "EffectiveEchoSpacing": 0.000479986,
    "FileSize": 0.342479944229126,
    "FileSizeUnits": "GB",
    "FlipAngle": 90,
    "HeudiconvVersion": "1.1.6.post8+ga0a3635",
    "ImageOrientationPatientDICOM": [
      0.999551,
      0.0299464,
      0.00013831,
      -0.0275708,
      0.922043,
      -0.386104
    ],
    "ImageType": [
      "ORIGINAL",
      "PRIMARY",
      "DIFFUSION",
      "NONE",
      "ND",
      "NORM",
      "MFSPLIT"
    ],
    "ImageTypeText": [
      "ORIGINAL",
      "PRIMARY",
      "DIFFUSION",
      "NONE"
    ],
    "ImagingFrequency": 123.197,
    "InPlanePhaseEncodingDirectionDICOM": "COL",
    "InstitutionAddress": "Rue du Bugnon 46,Lausanne,,CH,1011",
    "InstitutionName": "CHUV Lausanne",
    "MRAcquisitionType": "2D",
    "MagneticFieldStrength": 3,
    "Manufacturer": "Siemens",
    "ManufacturersModelName": "MAGNETOM Vida Fit",
    "Modality": "MR",
    "MultibandAccelerationFactor": 3,
    "NonlinearGradientCorrection": false,
    "NumberOfVolumes": 280,
    "ParallelReductionFactorInPlane": 2,
    "PartialFourier": 0.875,
    "PatientPosition": "HFS",
    "PercentPhaseFOV": 101.37,
    "PercentSampling": 100,
    "PhaseEncodingDirection": "j-",
    "PhaseEncodingSteps": 148,
    "PhaseResolution": 1,
    "PixelBandwidth": 1631,
    "ProcedureStepDescription": "RESEARCH Oscar",
    "ProtocolName": "dwi-dwi_acq-highres_dir-AP",
    "PulseSequenceDetails": "%SiemensSeq%\\ep2d_diff",
    "ReceiveCoilActiveElements": "HC1-7;NC1",
    "ReceiveCoilName": "HeadNeck_64_CS",
    "ReconMatrixPE": 148,
    "RefLinesPE": 54,
    "RepetitionTime": 7,
    "SAR": 0.154449,
    "ScanOptions": "PFP\\FS\\PER",
    "ScanningSequence": "GR\\EP",
    "SequenceName": "*ep_b0",
    "SequenceVariant": "SK",
    "SeriesDescription": "dwi-dwi_acq-highres_dir-AP",
    "SeriesNumber": 18,
    "ShimSetting": [
      238,
      -1121,
      2674,
      665,
      447,
      -104,
      -114,
      -26
    ],
    "SliceThickness": 1.6,
    "SliceTiming": [
      0,
      -0.001,
      -0.001,
      -0.001,
      -0.001,
      -0.001,
      -0.001,
      -0.001,
      -0.001,
      -0.001,
      -0.001,
      -0.001,
      -0.001,
      -0.001,
      -0.001,
      -0.001,
      -0.001,
      -0.001,
      -0.001,
      -0.001,
      -0.001,
      -0.001,
      -0.001,
      -0.001,
      -0.001,
      -0.001,
      -0.001,
      -0.001,
      -0.001,
      -0.001,
      -0.001,
      -0.001,
      -0.001,
      -0.001,
      -0.001,
      -0.001,
      -0.001,
      -0.001,
      -0.001,
      -0.001,
      -0.001,
      -0.001,
      -0.001,
      -0.001,
      -0.001,
      -0.001,
      -0.001,
      -0.001,
      -0.001,
      -0.001,
      -0.001,
      -0.001,
      -0.001,
      -0.001,
      -0.001,
      -0.001,
      -0.001,
      -0.001,
      -0.001,
      -0.001,
      -0.001,
      -0.001,
      -0.001,
      -0.001,
      -0.001,
      -0.001,
      -0.001,
      -0.001,
      -0.001,
      -0.001,
      -0.001,
      -0.001,
      -0.001,
      -0.001,
      -0.001,
      -0.001,
      -0.001,
      -0.001,
      -0.001,
      -0.001,
      -0.001,
      -0.001,
      -0.001,
      -0.001,
      -0.001,
      -0.001,
      -0.001
    ],
    "SoftwareVersions": "syngo MR XA50",
    "SpacingBetweenSlices": 1.6,
    "StationName": "AWP202009",
    "TotalReadoutTime": 0.0705579,
    "TxRefAmp": 315.598,
    "VendorReportedEchoSpacing": 0.00096,
    "acquisition": "highres",
    "dataset": "HCPh",
    "datatype": "dwi",
    "direction": "AP",
    "extension": ".nii.gz",
    "modality": "dwi",
    "session": "20202030",
    "subject": "001",
    "suffix": "dwi"
  },
  "efc_shell01": 0.3417,
  "efc_shell02": 0.4364,
  "efc_shell03": 0.4362,
  "efc_shell04": 0.452,
  "efc_shell05": 0.4625,
  "fa_degenerate": 0.0,
  "fa_nans": 0.0,
  "fber_shell01": 16239.3359,
  "fber_shell02": 6062.0664,
  "fber_shell03": 4653.7227,
  "fber_shell04": 1547.3158,
  "fber_shell05": 803.9279,
  "fd_mean": 32.7665,
  "fd_num": 279,
  "fd_perc": 99.64285714285714,
  "ndc": 0.51,
  "provenance": {
    "md5sum": "940e1b0d956baf3d4ac6b670c055f81b",
    "settings": {
      "testing": false
    },
    "software": "mriqc",
    "version": "24.0.1"
  },
  "sigma_cc": 45.9607,
  "sigma_pca": 15.1376,
  "sigma_piesno": 0.3301,
  "snr_cc_shell0": 4.7,
  "snr_cc_shell1_best": 4.64,
  "snr_cc_shell1_worst": 4.64,
  "snr_cc_shell2_best": 3.15,
  "snr_cc_shell2_worst": 2.12,
  "snr_cc_shell3_best": 2.16,
  "snr_cc_shell3_worst": 2.04,
  "snr_cc_shell4_best": 1.41,
  "snr_cc_shell4_worst": 1.4,
  "spikes_global": 30.89,
  "spikes_slice_i": 170.86,
  "spikes_slice_j": 168.7,
  "spikes_slice_k": 193.05,
  "summary_bg_k": 293.1425,
  "summary_bg_mad": 1.4826,
  "summary_bg_mean": 8.7773,
  "summary_bg_median": 1.0,
  "summary_bg_n": 1518719.0,
  "summary_bg_p05": 0.0,
  "summary_bg_p95": 34.0,
  "summary_bg_stdv": 34.1951,
  "summary_fg_k": 15.4324,
  "summary_fg_mad": 96.3691,
  "summary_fg_mean": 315.8227,
  "summary_fg_median": 233.0,
  "summary_fg_n": 361177.0,
  "summary_fg_p05": 89.0,
  "summary_fg_p95": 857.0,
  "summary_fg_stdv": 268.4187,
  "summary_wm_k": 106.2732,
  "summary_wm_mad": 54.8563,
  "summary_wm_mean": 216.1937,
  "summary_wm_median": 205.0,
  "summary_wm_n": 123539.0,
  "summary_wm_p05": 95.0,
  "summary_wm_p95": 347.0,
  "summary_wm_stdv": 105.8917
}