{
  "NumberOfShells": 4,
  "bValues": [
    0.0,
    700.0,
    1000.0,
    2000.0,
    3000.0
  ],
  "bValuesEstimation": [
    700.0,
    1000.0,
    2000.0,
    3000.0
  ],
  "bdiffs_max": 0.3584,
  "bdiffs_mean": 0.2441,
  "bdiffs_median": 0.2765,
  "bdiffs_min": 0.0098,
  "bids_meta": {
    "AcquisitionMatrixPE": 104,
    "AcquisitionNumber": 1,
    "AcquisitionTime": "18:25:27.502500",
    "B0FieldSource": [
      "039pepolarb0",
      "039phasediff"
    ],
    "BandwidthPerPixelPhaseEncode": 24.42,
    "BaseResolution": 146,
    "BodyPartExamined": "BRAIN",
    "CoilCombinationMethod": "Adaptive Combine",
    "CoilString": "HeadNeck_64",
    "ConversionSoftware": "dcm2niix",
    "ConversionSoftwareVersion": "v1.0.20220720",
    "Deltas": [
      0.0272,
      0.0469
    ],
    "DerivedVendorReportedEchoSpacing": 0.000787501,
    "DeviceSerialNumber": "67014",
    "DiffusionScheme": "Monopolar",
    "DwellTime": 2.1e-6,
    "EchoTime": 0.098,
    "EchoTrainLength": 46,
    "EffectiveEchoSpacing": 0.00039375,
    "FileSize": 0.34049917198717594,
    "FileSizeUnits": "GB",
    "FlipAngle": 90,
    "HeudiconvVersion": "1.0.0",
    "ImageOrientationPatientDICOM": [
      0.999316,
      0.0326844,
      0.0173031,
      -0.0319285,
      0.998595,
      -0.0422914
    ],
    "ImageType": [
      "ORIGINAL",
      "PRIMARY",
      "DIFFUSION",
      "NONE",
      "ND",
      "MFSPLIT"
    ],
    "ImageTypeText": [
      "ORIGINAL",
      "PRIMARY",
      "DIFFUSION",
      "NONE"
    ],
    "ImagingFrequency": 123.248,
    "InPlanePhaseEncodingDirectionDICOM": "ROW",
    "InstitutionAddress": "Rue du Bugnon 21,Lausanne,District,CH,1011",
    "InstitutionName": "CHUV",
    "MRAcquisitionType": "2D",
    "MagneticFieldStrength": 3,
    "Manufacturer": "Siemens",
    "ManufacturersModelName": "MAGNETOM Prisma Fit",
    "Modality": "MR",
    "MultibandAccelerationFactor": 3,
    "NonlinearGradientCorrection": false,
    "NumberOfVolumes": 280,
    "ParallelReductionFactorInPlane": 2,
    "PartialFourier": 0.875,
    "PatientPosition": "HFS",
    "PercentPhaseFOV": 71.2329,
    "PercentSampling": 100,
    "PhaseEncodingDirection": "i-",
    "PhaseEncodingSteps": 104,
    "PhaseResolution": 1,
    "PixelBandwidth": 1631,
    "ProcedureStepDescription": "RESEARCH Oscar",
    "ProtocolName": "dwi-dwi_acq-highres_dir-LR__trigger_monopolar_71fovphase",
    "PulseSequenceDetails": "%CustomerSeq%\\ep2d_diff_trigg",
    "ReceiveCoilActiveElements": "HC1-6",
    "ReceiveCoilName": "HeadNeck_64",
    "ReconMatrixPE": 104,
    "RefLinesPE": 38,
    "RepetitionTime": 7,
    "SAR": 0.157469,
    "ScanOptions": "PFP\\FS\\PER",
    "ScanningSequence": "GR\\EP",
    "SequenceName": "ep_b0",
    "SequenceVariant": "SK",
    "SeriesDescription": "dwi-dwi_acq-highres_dir-LR__trigger_monopolar_71fovphase",
    "SeriesNumber": 10,
    "ShimSetting": [
      8234,
      -5632,
      -6051,
      591,
      -39,
      -336,
      8,
      34
    ],
    "SliceThickness": 1.6,
    "SliceTiming": [
      0,
      5.94,
      0.135,
      6.075,
      0.27,
      6.21,
      0.405,
      6.345,
      0.54,
      6.48,
      0.675,
      6.615,
      0.81,
      6.75,
      0.945,
      6.885,
      1.08,
      7.02,
      1.215,
      7.155,
      1.35,
      7.29,
      1.485,
      7.425,
      1.62,
      7.56,
      1.755,
      7.695,
      1.89,
      7.83,
      2.025,
      7.965,
      2.16,
      8.1,
      2.295,
      8.235,
      2.43,
      8.37,
      2.565,
      8.505,
      2.7,
      8.64,
      2.835,
      8.775,
      2.97,
      8.91,
      3.105,
      9.045,
      3.24,
      9.18,
      3.375,
      9.315,
      3.51,
      9.45,
      3.645,
      9.585,
      3.78,
      9.72,
      3.915,
      9.855,
      4.05,
      9.99,
      4.185,
      10.125,
      4.32,
      10.26,
      4.455,
      10.395,
      4.59,
      10.53,
      4.725,
      10.665,
      4.86,
      10.8,
      4.995,
      10.935,
      5.13,
      11.07,
      5.265,
      11.205,
      5.4,
      11.34,
      5.535,
      11.475,
      5.67,
      11.61,
      5.805
    ],
    "SoftwareVersions": "syngo MR XA30",
    "SpacingBetweenSlices": 1.6,
    "StationName": "LRG10884",
    "TotalReadoutTime": 0.0405563,
    "TxRefAmp": 242.37,
    "acquisition": "highres",
    "dataset": "HCPh",
    "datatype": "dwi",
    "direction": "LR",
    "extension": ".nii.gz",
    "modality": "dwi",
    "session": "039",
    "subject": "001",
    "suffix": "dwi"
  },
  "efc_shell01": 0.462,
  "efc_shell02": 0.5743,
  "efc_shell03": 0.5819,
  "efc_shell04": 0.6206,
  "efc_shell05": 0.6585,
  "fa_degenerate": 0.0,
  "fa_nans": 0.0,
  "fber_shell01": 326.6862,
  "fber_shell02": 132.4026,
  "fber_shell03": 94.5925,
  "fber_shell04": 39.503,
  "fber_shell05": 20.3584,
  "fd_mean": 22.0119,
  "fd_num": 279,
  "fd_perc": 99.64285714285714,
  "ndc": 0.7039,
  "provenance": {
    "md5sum": "31e2ef1027f71b584d16562107eed801",
    "settings": {
      "testing": false
    },
    "software": "mriqc",
    "version": "24.1.0.dev15+g9586c867.d20240825"
  },
  "sigma_cc": 42.9955,
  "sigma_pca": 18.8645,
  "sigma_piesno": 7.2633,
  "snr_cc_shell0": 4.08,
  "snr_cc_shell1_best": 4.07,
  "snr_cc_shell1_worst": 4.07,
  "snr_cc_shell2_best": 2.69,
  "snr_cc_shell2_worst": 1.88,
  "snr_cc_shell3_best": 2.17,
  "snr_cc_shell3_worst": 1.5,
  "snr_cc_shell4_best": 1.49,
  "snr_cc_shell4_worst": 1.03,
  "spikes_global": 51.62,
  "spikes_slice_i": 345.0,
  "spikes_slice_j": 338.28,
  "spikes_slice_k": 292.6,
  "summary_bg_k": 276.4445,
  "summary_bg_mad": 17.7912,
  "summary_bg_mean": 39.0049,
  "summary_bg_median": 18.0,
  "summary_bg_n": 954893.0,
  "summary_bg_p05": 3.0,
  "summary_bg_p95": 124.0,
  "summary_bg_stdv": 104.5423,
  "summary_fg_k": 9.4591,
  "summary_fg_mad": 174.9471,
  "summary_fg_mean": 396.6913,
  "summary_fg_median": 303.0,
  "summary_fg_n": 366115.0,
  "summary_fg_p05": 97.0,
  "summary_fg_p95": 1064.0,
  "summary_fg_stdv": 327.8526,
  "summary_wm_k": 4.8909,
  "summary_wm_mad": 84.5083,
  "summary_wm_mean": 214.5934,
  "summary_wm_median": 211.0,
  "summary_wm_n": 102269.0,
  "summary_wm_p05": 82.0,
  "summary_wm_p95": 356.0,
  "summary_wm_stdv": 86.9156
}
