{
  "NumberOfShells": 4,
  "bValues": [
    0.0,
    700.0,
    1000.0,
    2000.0,
    3000.0
  ],
  "bValuesEstimation": [
    700.0,
    1000.0,
    2000.0,
    3000.0
  ],
  "bdiffs_max": 0.3532,
  "bdiffs_mean": 0.2206,
  "bdiffs_median": 0.256,
  "bdiffs_min": 0.0038,
  "bids_meta": {
    "AcquisitionMatrixPE": 104,
    "AcquisitionNumber": 1,
    "AcquisitionTime": "18:54:10.270000",
    "B0FieldSource": [
      "001pepolarb0",
      "001phasediff"
    ],
    "BandwidthPerPixelPhaseEncode": 24.42,
    "BaseResolution": 146,
    "BodyPartExamined": "BRAIN",
    "CoilCombinationMethod": "Adaptive Combine",
    "CoilString": "HeadNeck_64",
    "ConversionSoftware": "dcm2niix",
    "ConversionSoftwareVersion": "v1.0.20220720",
    "Deltas": [
      0.0272,
      0.0469
    ],
    "DerivedVendorReportedEchoSpacing": 0.000787501,
    "DeviceSerialNumber": "67014",
    "DiffusionScheme": "Monopolar",
    "DwellTime": 2.1e-6,
    "EchoTime": 0.098,
    "EchoTrainLength": 46,
    "EffectiveEchoSpacing": 0.00039375,
    "FileSize": 0.3421145901083946,
    "FileSizeUnits": "GB",
    "FlipAngle": 90,
    "HeudiconvVersion": "1.0.0",
    "ImageOrientationPatientDICOM": [
      0.996747,
      -0.0166754,
      0.07885,
      0.0165282,
      0.99986,
      0.00251844
    ],
    "ImageType": [
      "ORIGINAL",
      "PRIMARY",
      "DIFFUSION",
      "NONE",
      "ND",
      "MFSPLIT"
    ],
    "ImageTypeText": [
      "ORIGINAL",
      "PRIMARY",
      "DIFFUSION",
      "NONE"
    ],
    "ImagingFrequency": 123.248,
    "InPlanePhaseEncodingDirectionDICOM": "ROW",
    "InstitutionAddress": "Rue du Bugnon 21,Lausanne,District,CH,1011",
    "InstitutionName": "CHUV",
    "MRAcquisitionType": "2D",
    "MagneticFieldStrength": 3,
    "Manufacturer": "Siemens",
    "ManufacturersModelName": "MAGNETOM Prisma Fit",
    "Modality": "MR",
    "MultibandAccelerationFactor": 3,
    "NonlinearGradientCorrection": false,
    "NumberOfVolumes": 280,
    "ParallelReductionFactorInPlane": 2,
    "PartialFourier": 0.875,
    "PatientPosition": "HFS",
    "PercentPhaseFOV": 71.2329,
    "PercentSampling": 100,
    "PhaseEncodingDirection": "i-",
    "PhaseEncodingSteps": 104,
    "PhaseResolution": 1,
    "PixelBandwidth": 1631,
    "ProcedureStepDescription": "RESEARCH Oscar",
    "ProtocolName": "dwi-dwi_acq-highres_dir-LR__trigger_monopolar_71fovphase",
    "PulseSequenceDetails": "%CustomerSeq%\\ep2d_diff_trigg",
    "ReceiveCoilActiveElements": "HC1-7",
    "ReceiveCoilName": "HeadNeck_64",
    "ReconMatrixPE": 104,
    "RefLinesPE": 38,
    "RepetitionTime": 7,
    "SAR": 0.152563,
    "ScanOptions": "PFP\\FS\\PER",
    "ScanningSequence": "GR\\EP",
    "SequenceName": "ep_b0",
    "SequenceVariant": "SK",
    "SeriesDescription": "dwi-dwi_acq-highres_dir-LR__trigger_monopolar_71fovphase",
    "SeriesNumber": 8,
    "ShimSetting": [
      8235,
      -5640,
      -6045,
      627,
      -78,
      -304,
      26,
      19
    ],
    "SliceThickness": 1.6,
    "SliceTiming": [
      0,
      5.94,
      0.135,
      6.075,
      0.27,
      6.21,
      0.405,
      6.345,
      0.54,
      6.48,
      0.675,
      6.615,
      0.81,
      6.75,
      0.945,
      6.885,
      1.08,
      7.02,
      1.215,
      7.155,
      1.35,
      7.29,
      1.485,
      7.425,
      1.62,
      7.56,
      1.755,
      7.695,
      1.89,
      7.83,
      2.025,
      7.965,
      2.16,
      8.1,
      2.295,
      8.235,
      2.43,
      8.37,
      2.565,
      8.505,
      2.7,
      8.64,
      2.835,
      8.775,
      2.97,
      8.91,
      3.105,
      9.045,
      3.24,
      9.18,
      3.375,
      9.315,
      3.51,
      9.45,
      3.645,
      9.585,
      3.78,
      9.72,
      3.915,
      9.855,
      4.05,
      9.99,
      4.185,
      10.125,
      4.32,
      10.26,
      4.455,
      10.395,
      4.59,
      10.53,
      4.725,
      10.665,
      4.86,
      10.8,
      4.995,
      10.935,
      5.13,
      11.07,
      5.265,
      11.205,
      5.4,
      11.34,
      5.535,
      11.475,
      5.67,
      11.61,
      5.805
    ],
    "SoftwareVersions": "syngo MR XA30",
    "SpacingBetweenSlices": 1.6,
    "StationName": "LRG10884",
    "TotalReadoutTime": 0.0405563,
    "TxRefAmp": 243.222,
    "acquisition": "highres",
    "dataset": "HCPh",
    "datatype": "dwi",
    "direction": "LR",
    "extension": ".nii.gz",
    "modality": "dwi",
    "session": "001",
    "subject": "001",
    "suffix": "dwi"
  },
  "efc_shell01": 0.4729,
  "efc_shell02": 0.5811,
  "efc_shell03": 0.5936,
  "efc_shell04": 0.6309,
  "efc_shell05": 0.6659,
  "fa_degenerate": 0.0,
  "fa_nans": 0.0,
  "fber_shell01": 321.3645,
  "fber_shell02": 132.1631,
  "fber_shell03": 89.698,
  "fber_shell04": 37.2177,
  "fber_shell05": 18.5193,
  "fd_mean": 19.0832,
  "fd_num": 279,
  "fd_perc": 99.64285714285714,
  "ndc": 0.7676,
  "provenance": {
    "md5sum": "e6bc2dab99ecfd45e0103b6cfbcb29de",
    "settings": {
      "testing": false
    },
    "software": "mriqc",
    "version": "24.1.0.dev15+g9586c867.d20240825"
  },
  "sigma_cc": 47.4433,
  "sigma_pca": 19.305,
  "sigma_piesno": 7.2633,
  "snr_cc_shell0": 3.7,
  "snr_cc_shell1_best": 3.62,
  "snr_cc_shell1_worst": 3.62,
  "snr_cc_shell2_best": 2.41,
  "snr_cc_shell2_worst": 1.69,
  "snr_cc_shell3_best": 2.08,
  "snr_cc_shell3_worst": 1.26,
  "snr_cc_shell4_best": 1.57,
  "snr_cc_shell4_worst": 0.92,
  "spikes_global": 50.56,
  "spikes_slice_i": 323.35,
  "spikes_slice_j": 309.86,
  "spikes_slice_k": 287.9,
  "summary_bg_k": 247.1336,
  "summary_bg_mad": 17.7912,
  "summary_bg_mean": 40.7056,
  "summary_bg_median": 18.0,
  "summary_bg_n": 952451.0,
  "summary_bg_p05": 3.0,
  "summary_bg_p95": 134.0,
  "summary_bg_stdv": 100.8283,
  "summary_fg_k": 8.4202,
  "summary_fg_mad": 171.9819,
  "summary_fg_mean": 399.5587,
  "summary_fg_median": 308.0,
  "summary_fg_n": 368557.0,
  "summary_fg_p05": 100.0,
  "summary_fg_p95": 1049.0,
  "summary_fg_stdv": 316.6649,
  "summary_wm_k": 7.1288,
  "summary_wm_mad": 81.5431,
  "summary_wm_mean": 221.8761,
  "summary_wm_median": 219.0,
  "summary_wm_n": 102988.0,
  "summary_wm_p05": 84.0,
  "summary_wm_p95": 364.0,
  "summary_wm_stdv": 89.8449
}
