{
  "bids_meta": {
    "AcquisitionMatrixPE": 216,
    "AcquisitionNumber": 1,
    "AcquisitionTime": "18:04:51.860000",
    "BaseResolution": 256,
    "BodyPartExamined": "BRAIN",
    "CoilCombinationMethod": "Adaptive Combine",
    "CoilString": "HeadNeck_64_CS",
    "ConversionSoftware": "dcm2niix",
    "ConversionSoftwareVersion": "v1.0.20220720",
    "DeviceSerialNumber": "202009",
    "DwellTime": 7.5e-6,
    "EchoTime": 0.00246,
    "FileSize": 0.009603439830243587,
    "FileSizeUnits": "GB",
    "FlipAngle": 8,
    "HeudiconvVersion": "1.1.6.post8+ga0a3635",
    "ImageOrientationPatientDICOM": [
      0.999476,
      0.0315072,
      -0.00741173,
      -0.031759,
      0.99882,
      -0.0367529
    ],
    "ImageType": [
      "ORIGINAL",
      "PRIMARY",
      "M",
      "NORM",
      "DIS2D",
      "FM3",
      "2",
      "FIL",
      "MFSPLIT"
    ],
    "ImageTypeText": [
      "ORIGINAL",
      "PRIMARY",
      "M",
      "NONE"
    ],
    "ImagingFrequency": 123.198,
    "InPlanePhaseEncodingDirectionDICOM": "ROW",
    "InstitutionAddress": "Rue du Bugnon 46,Lausanne,,CH,1011",
    "InstitutionName": "CHUV Lausanne",
    "InversionTime": 0.9,
    "MRAcquisitionType": "3D",
    "MagneticFieldStrength": 3,
    "Manufacturer": "Siemens",
    "ManufacturersModelName": "MAGNETOM Vida Fit",
    "MatrixCoilMode": "GRAPPA",
    "Modality": "MR",
    "NonlinearGradientCorrection": true,
    "NumberOfVolumes": 1,
    "ParallelReductionFactorInPlane": 2,
    "PartialFourier": 1,
    "PatientPosition": "HFS",
    "PercentPhaseFOV": 84.375,
    "PercentSampling": 100,
    "PhaseEncodingSteps": 216,
    "PhaseResolution": 1,
    "PixelBandwidth": 260,
    "ProcedureStepDescription": "RESEARCH Oscar",
    "ProtocolName": "anat-T1w__t1_mprage_tra_p2_iso_siemens_axial",
    "PulseSequenceDetails": "%SiemensSeq%\\tfl",
    "ReceiveCoilActiveElements": "HC1-7;NC1",
    "ReceiveCoilName": "HeadNeck_64_CS",
    "ReconMatrixPE": 216,
    "RefLinesPE": 24,
    "RepetitionTime": 2.2,
    "SAR": 0.049062,
    "ScanOptions": "PER",
    "ScanningSequence": "GR",
    "SequenceName": "*tfl3d1_240",
    "SequenceVariant": "SK",
    "SeriesDescription": "anat-T1w__t1_mprage_tra_p2_iso_siemens_axial",
    "SeriesNumber": 5,
    "ShimSetting": [
      232,
      -1112,
      2213,
      61,
      390,
      -73,
      60,
      -60
    ],
    "SliceThickness": 0.9,
    "SoftwareVersions": "syngo MR XA50",
    "StationName": "AWP202009",
    "TxRefAmp": 321.185,
    "acquisition": "undistorted",
    "dataset": "HCPh",
    "datatype": "anat",
    "extension": ".nii.gz",
    "modality": "T1w",
    "session": "20501030",
    "subject": "001",
    "suffix": "T1w"
  },
  "cjv": 0.6117655999999999,
  "cnr": 1.5514147913661895,
  "efc": 0.5264,
  "fber": -1.0,
  "fwhm_avg": 4.60044373914172,
  "fwhm_x": 4.265736866435511,
  "fwhm_y": 5.111838678244587,
  "fwhm_z": 4.42375567274506,
  "icvs_csf": 0.2746152303069777,
  "icvs_gm": 0.37685346870477404,
  "icvs_wm": 0.34853130098824814,
  "inu_med": 0.5066049695014954,
  "inu_range": 0.2099719762802124,
  "provenance": {
    "md5sum": "7548730b16f6e7675f57a404c50e3a14",
    "settings": {
      "testing": false
    },
    "software": "mriqc",
    "version": "24.1.0.dev15+g9586c867.d20240825",
    "warnings": {
      "large_rot_frame": true,
      "small_air_mask": false
    }
  },
  "qi_1": 0.0,
  "qi_2": 0.0007921532593381018,
  "rpve_csf": 5.353007596653448,
  "rpve_gm": 5.244906662066553,
  "rpve_wm": 5.32878797480158,
  "size_x": 216,
  "size_y": 256,
  "size_z": 208,
  "snr_csf": 1.6449415934858715,
  "snr_gm": 5.406829913226548,
  "snr_total": 5.663285226388386,
  "snr_wm": 9.938084172452742,
  "snrd_csf": 28.053659711776405,
  "snrd_gm": 55.63048668057644,
  "snrd_total": 53.06088801009267,
  "snrd_wm": 75.49851763792516,
  "spacing_x": 0.8984379768371582,
  "spacing_y": 0.8984379768371582,
  "spacing_z": 0.8999999761581421,
  "summary_bg_k": 3546.3768,
  "summary_bg_mad": 0.0,
  "summary_bg_mean": 2.2542,
  "summary_bg_median": 0.0,
  "summary_bg_n": 3487525.0,
  "summary_bg_p05": 0.0,
  "summary_bg_p95": 11.0,
  "summary_bg_stdv": 8.2436,
  "summary_csf_k": 4.0923,
  "summary_csf_mad": 168.749,
  "summary_csf_mean": 369.8418,
  "summary_csf_median": 353.0,
  "summary_csf_n": 579889.3293091302,
  "summary_csf_p05": 40.0,
  "summary_csf_p95": 724.0,
  "summary_csf_stdv": 214.5971,
  "summary_gm_k": -0.4797,
  "summary_gm_mad": 83.3841,
  "summary_gm_mean": 704.7747,
  "summary_gm_median": 700.0,
  "summary_gm_n": 795779.9899544682,
  "summary_gm_p05": 493.0,
  "summary_gm_p95": 949.0,
  "summary_gm_stdv": 129.4658,
  "summary_wm_k": 0.2532,
  "summary_wm_mad": 69.5573,
  "summary_wm_mean": 924.6917,
  "summary_wm_median": 950.0,
  "summary_wm_n": 735973.6826955529,
  "summary_wm_p05": 736.0,
  "summary_wm_p95": 1042.0,
  "summary_wm_stdv": 95.5918,
  "tpm_overlap_csf": 0.2006323717194489,
  "tpm_overlap_gm": 0.55422796094437,
  "tpm_overlap_wm": 0.5606865145459204,
  "wm2max": 0.500692146667596
}
