{
  "bids_meta": {
    "AcquisitionMatrixPE": 320,
    "AcquisitionNumber": 1,
    "AcquisitionTime": "19:15:18.897500",
    "BaseResolution": 320,
    "BodyPartExamined": "BRAIN",
    "CoilCombinationMethod": "Adaptive Combine",
    "CoilString": "HeadNeck_64_CS",
    "ConversionSoftware": "dcm2niix",
    "ConversionSoftwareVersion": "v1.0.20220720",
    "DeviceSerialNumber": "202009",
    "DwellTime": 2.2e-6,
    "EchoTime": 0.414,
    "EchoTrainLength": 250,
    "FileSize": 0.015252926386892796,
    "FileSizeUnits": "GB",
    "FlipAngle": 120,
    "HeudiconvVersion": "1.1.6.post8+ga0a3635",
    "ImageOrientationPatientDICOM": [
      -0.0302354,
      0.99103,
      0.130176,
      -0.0114435,
      0.129884,
      -0.991463
    ],
    "ImageType": [
      "ORIGINAL",
      "PRIMARY",
      "M",
      "ND",
      "NORM",
      "MFSPLIT"
    ],
    "ImageTypeText": [
      "ORIGINAL",
      "PRIMARY",
      "M",
      "NONE"
    ],
    "ImagingFrequency": 123.198,
    "InPlanePhaseEncodingDirectionDICOM": "ROW",
    "InstitutionAddress": "Rue du Bugnon 46,Lausanne,,CH,1011",
    "InstitutionName": "CHUV Lausanne",
    "MRAcquisitionType": "3D",
    "MagneticFieldStrength": 3,
    "Manufacturer": "Siemens",
    "ManufacturersModelName": "MAGNETOM Vida Fit",
    "MatrixCoilMode": "GRAPPA",
    "Modality": "MR",
    "NonlinearGradientCorrection": false,
    "NumberOfVolumes": 1,
    "ParallelReductionFactorInPlane": 3,
    "PartialFourier": 1,
    "PatientPosition": "HFS",
    "PercentPhaseFOV": 100,
    "PercentSampling": 100,
    "PhaseEncodingDirection": "i",
    "PhaseEncodingSteps": 320,
    "PhaseResolution": 1,
    "PixelBandwidth": 710,
    "ProcedureStepDescription": "RESEARCH Oscar",
    "ProtocolName": "anat-T2w__space",
    "PulseSequenceDetails": "%SiemensSeq%\\space",
    "ReceiveCoilActiveElements": "HC1-7;NC1,2",
    "ReceiveCoilName": "HeadNeck_64_CS",
    "ReconMatrixPE": 320,
    "RefLinesPE": 24,
    "RepetitionTime": 3.2,
    "SAR": 0.154395,
    "ScanOptions": "PFP\\PER",
    "ScanningSequence": "SE",
    "SequenceName": "*spcR_282ns",
    "SequenceVariant": "SP\\SK",
    "SeriesDescription": "anat-T2w__space_ND",
    "SeriesNumber": 23,
    "ShimSetting": [
      232,
      -1112,
      2213,
      61,
      390,
      -73,
      60,
      -60
    ],
    "SliceThickness": 0.8,
    "SoftwareVersions": "syngo MR XA50",
    "StationName": "AWP202009",
    "TxRefAmp": 321.185,
    "acquisition": "original",
    "dataset": "HCPh",
    "datatype": "anat",
    "extension": ".nii.gz",
    "modality": "T2w",
    "session": "20501030",
    "subject": "001",
    "suffix": "T2w"
  },
  "cjv": 1.6475647959183672,
  "cnr": 0.6011122806359501,
  "efc": 0.4331,
  "fber": -1.0,
  "fwhm_avg": 2.6566381067770677,
  "fwhm_x": 2.5567249619018293,
  "fwhm_y": 2.890738494177586,
  "fwhm_z": 2.522450864251787,
  "icvs_csf": 0.27535027769308135,
  "icvs_gm": 0.34513172488097993,
  "icvs_wm": 0.3795179974259387,
  "inu_med": 0.9662863612174988,
  "inu_range": 0.266633540391922,
  "provenance": {
    "md5sum": "a0b411c2ac84fc0f80d32f07f45fa44f",
    "settings": {
      "testing": false
    },
    "software": "mriqc",
    "version": "24.1.0.dev15+g9586c867.d20240825",
    "warnings": {
      "large_rot_frame": true,
      "small_air_mask": false
    }
  },
  "qi_1": 0.0,
  "qi_2": 0.0028404583075121483,
  "rpve_csf": 8.876684168909632,
  "rpve_gm": 8.710993374826261,
  "rpve_wm": 8.743199011574575,
  "size_x": 240,
  "size_y": 320,
  "size_z": 320,
  "snr_csf": 1.476235420475821,
  "snr_gm": 4.716766499178608,
  "snr_total": 4.257185986933176,
  "snr_wm": 6.5785560411451005,
  "snrd_csf": 56.10169655939298,
  "snrd_gm": 46.81688363422292,
  "snrd_total": 47.57871443833943,
  "snrd_wm": 39.8175631214024,
  "spacing_x": 0.800000011920929,
  "spacing_y": 0.8343750238418579,
  "spacing_z": 0.8343750238418579,
  "summary_bg_k": 2319.8512,
  "summary_bg_mad": 0.0,
  "summary_bg_mean": 2.0153,
  "summary_bg_median": 0.0,
  "summary_bg_n": 8756617.0,
  "summary_bg_p05": 0.0,
  "summary_bg_p95": 15.0,
  "summary_bg_stdv": 18.3456,
  "summary_csf_k": -1.3397,
  "summary_csf_mad": 1692.0696,
  "summary_csf_mean": 1641.8188,
  "summary_csf_median": 1571.0,
  "summary_csf_n": 753804.1523031481,
  "summary_csf_p05": 90.0,
  "summary_csf_p95": 3479.0,
  "summary_csf_stdv": 1064.1927,
  "summary_gm_k": 43.6649,
  "summary_gm_mad": 188.6148,
  "summary_gm_mean": 1310.1268,
  "summary_gm_median": 1311.0,
  "summary_gm_n": 944839.1680825511,
  "summary_gm_p05": 894.0,
  "summary_gm_p95": 1760.0,
  "summary_gm_stdv": 277.9445,
  "summary_wm_k": 98.4236,
  "summary_wm_mad": 134.3079,
  "summary_wm_mean": 1125.2912,
  "summary_wm_median": 1115.0,
  "summary_wm_n": 1038975.6811951688,
  "summary_wm_p05": 886.0,
  "summary_wm_p95": 1388.0,
  "summary_wm_stdv": 169.49,
  "tpm_overlap_csf": 0.20781445386231098,
  "tpm_overlap_gm": 0.5071865800475472,
  "tpm_overlap_wm": 0.5221958828358613,
  "wm2max": 0.29503456393267147
}
