{
  "bids_meta": {
    "AcquisitionMatrixPE": 320,
    "AcquisitionNumber": 1,
    "AcquisitionTime": "19:15:18.897500",
    "BaseResolution": 320,
    "BodyPartExamined": "BRAIN",
    "CoilCombinationMethod": "Adaptive Combine",
    "CoilString": "HeadNeck_64_CS",
    "ConversionSoftware": "dcm2niix",
    "ConversionSoftwareVersion": "v1.0.20220720",
    "DeviceSerialNumber": "202009",
    "DwellTime": 2.2e-6,
    "EchoTime": 0.414,
    "EchoTrainLength": 250,
    "FileSize": 0.014277522452175617,
    "FileSizeUnits": "GB",
    "FlipAngle": 120,
    "HeudiconvVersion": "1.1.6.post8+ga0a3635",
    "ImageOrientationPatientDICOM": [
      -0.0302354,
      0.99103,
      0.130176,
      -0.0114435,
      0.129884,
      -0.991463
    ],
    "ImageType": [
      "ORIGINAL",
      "PRIMARY",
      "M",
      "NORM",
      "DIS3D",
      "MFSPLIT"
    ],
    "ImageTypeText": [
      "ORIGINAL",
      "PRIMARY",
      "M",
      "NONE"
    ],
    "ImagingFrequency": 123.198,
    "InPlanePhaseEncodingDirectionDICOM": "ROW",
    "InstitutionAddress": "Rue du Bugnon 46,Lausanne,,CH,1011",
    "InstitutionName": "CHUV Lausanne",
    "MRAcquisitionType": "3D",
    "MagneticFieldStrength": 3,
    "Manufacturer": "Siemens",
    "ManufacturersModelName": "MAGNETOM Vida Fit",
    "MatrixCoilMode": "GRAPPA",
    "Modality": "MR",
    "NonlinearGradientCorrection": true,
    "NumberOfVolumes": 1,
    "ParallelReductionFactorInPlane": 3,
    "PartialFourier": 1,
    "PatientPosition": "HFS",
    "PercentPhaseFOV": 100,
    "PercentSampling": 100,
    "PhaseEncodingDirection": "i",
    "PhaseEncodingSteps": 320,
    "PhaseResolution": 1,
    "PixelBandwidth": 710,
    "ProcedureStepDescription": "RESEARCH Oscar",
    "ProtocolName": "anat-T2w__space",
    "PulseSequenceDetails": "%SiemensSeq%\\space",
    "ReceiveCoilActiveElements": "HC1-7;NC1,2",
    "ReceiveCoilName": "HeadNeck_64_CS",
    "ReconMatrixPE": 320,
    "RefLinesPE": 24,
    "RepetitionTime": 3.2,
    "SAR": 0.154395,
    "ScanOptions": "PFP\\PER",
    "ScanningSequence": "SE",
    "SequenceName": "*spcR_282ns",
    "SequenceVariant": "SP\\SK",
    "SeriesDescription": "anat-T2w__space",
    "SeriesNumber": 24,
    "ShimSetting": [
      232,
      -1112,
      2213,
      61,
      390,
      -73,
      60,
      -60
    ],
    "SliceThickness": 0.8,
    "SoftwareVersions": "syngo MR XA50",
    "StationName": "AWP202009",
    "TxRefAmp": 321.185,
    "acquisition": "undistorted",
    "dataset": "HCPh",
    "datatype": "anat",
    "extension": ".nii.gz",
    "modality": "T2w",
    "session": "20501030",
    "subject": "001",
    "suffix": "T2w"
  },
  "cjv": 1.784114832535885,
  "cnr": 0.5726392266500085,
  "efc": 0.4414,
  "fber": -1.0,
  "fwhm_avg": 2.669455522280849,
  "fwhm_x": 2.587374961445109,
  "fwhm_y": 2.8866276328718308,
  "fwhm_z": 2.534363972525608,
  "icvs_csf": 0.27606144491207923,
  "icvs_gm": 0.3398534185488727,
  "icvs_wm": 0.384085136539048,
  "inu_med": 0.9898843765258789,
  "inu_range": 0.26237074732780463,
  "provenance": {
    "md5sum": "9d7d7a8014351dee0d38c86ee6e756a6",
    "settings": {
      "testing": false
    },
    "software": "mriqc",
    "version": "24.1.0.dev15+g9586c867.d20240825",
    "warnings": {
      "large_rot_frame": true,
      "small_air_mask": false
    }
  },
  "qi_1": 0.0,
  "qi_2": 0.002633346693524994,
  "rpve_csf": 8.97265547420859,
  "rpve_gm": 8.814222555414482,
  "rpve_wm": 8.85052594077602,
  "size_x": 240,
  "size_y": 320,
  "size_z": 320,
  "snr_csf": 1.4250885556218458,
  "snr_gm": 4.155452267255294,
  "snr_total": 4.034819900392782,
  "snr_wm": 6.523918878301207,
  "snrd_csf": 43.293843018129934,
  "snrd_gm": 34.99738795825786,
  "snrd_total": 35.933802189699115,
  "snrd_wm": 29.51017559270955,
  "spacing_x": 0.800000011920929,
  "spacing_y": 0.8343750238418579,
  "spacing_z": 0.8343750238418579,
  "summary_bg_k": 1278.5818,
  "summary_bg_mad": 0.0,
  "summary_bg_mean": 1.9567,
  "summary_bg_median": 0.0,
  "summary_bg_n": 8814709.0,
  "summary_bg_p05": 0.0,
  "summary_bg_p95": 14.0,
  "summary_bg_stdv": 24.9532,
  "summary_csf_k": -1.3704,
  "summary_csf_mad": 1860.3459,
  "summary_csf_mean": 1724.0869,
  "summary_csf_median": 1649.0,
  "summary_csf_n": 747512.2796000214,
  "summary_csf_p05": 15.0,
  "summary_csf_p95": 3685.0,
  "summary_csf_stdv": 1157.1203,
  "summary_gm_k": 27.1768,
  "summary_gm_mad": 235.7883,
  "summary_gm_mean": 1333.6973,
  "summary_gm_median": 1333.0,
  "summary_gm_n": 920246.5911537805,
  "summary_gm_p05": 859.0,
  "summary_gm_p95": 1858.0,
  "summary_gm_stdv": 320.7832,
  "summary_wm_k": 105.3977,
  "summary_wm_mad": 137.0917,
  "summary_wm_mean": 1135.561,
  "summary_wm_median": 1124.0,
  "summary_wm_n": 1040016.1314312773,
  "summary_wm_p05": 891.0,
  "summary_wm_p95": 1405.0,
  "summary_wm_stdv": 172.289,
  "tpm_overlap_csf": 0.20915128602167418,
  "tpm_overlap_gm": 0.4956445754122911,
  "tpm_overlap_wm": 0.5174306525199666,
  "wm2max": 0.2858873260099643
}
