{
  "NumberOfShells": 4,
  "bValues": [
    0.0,
    700.0,
    1000.0,
    2000.0,
    3000.0
  ],
  "bValuesEstimation": [
    700.0,
    1000.0,
    2000.0,
    3000.0
  ],
  "bdiffs_max": 0.1439,
  "bdiffs_mean": 0.0401,
  "bdiffs_median": 0.0089,
  "bdiffs_min": 0.0002,
  "bids_meta": {
    "AcquisitionMatrixPE": 146,
    "AcquisitionNumber": 1,
    "AcquisitionTime": "21:16:14.440000",
    "BandwidthPerPixelPhaseEncode": 14.573,
    "BaseResolution": 146,
    "BodyPartExamined": "BRAIN",
    "CoilCombinationMethod": "Adaptive Combine",
    "CoilString": "HeadNeck_64",
    "ConversionSoftware": "dcm2niix",
    "ConversionSoftwareVersion": "v1.0.20220720",
    "Deltas": [
      0.0272,
      0.0469
    ],
    "DerivedVendorReportedEchoSpacing": 0.000940001,
    "DeviceSerialNumber": "67014",
    "DiffusionScheme": "Monopolar",
    "DwellTime": 2.1e-06,
    "EchoTime": 0.121,
    "EchoTrainLength": 64,
    "EffectiveEchoSpacing": 0.00047,
    "FileSize": 0.4104076037183404,
    "FileSizeUnits": "GB",
    "FlipAngle": 90,
    "HeudiconvVersion": "1.1.6.post8+ga0a3635",
    "ImageOrientationPatientDICOM": [
      0.999942,
      0.0101678,
      0.00342728,
      -0.00785369,
      0.911198,
      -0.411894
    ],
    "ImageType": [
      "ORIGINAL",
      "PRIMARY",
      "DIFFUSION",
      "NONE",
      "ND",
      "MFSPLIT"
    ],
    "ImageTypeText": [
      "ORIGINAL",
      "PRIMARY",
      "DIFFUSION",
      "NONE"
    ],
    "ImagingFrequency": 123.248,
    "InPlanePhaseEncodingDirectionDICOM": "ROW",
    "InstitutionAddress": "Rue du Bugnon 21,Lausanne,District,CH,1011",
    "InstitutionName": "CHUV",
    "MRAcquisitionType": "2D",
    "MagneticFieldStrength": 3,
    "Manufacturer": "Siemens",
    "ManufacturersModelName": "MAGNETOM Prisma Fit",
    "Modality": "MR",
    "MultibandAccelerationFactor": 3,
    "NonlinearGradientCorrection": false,
    "NumberOfVolumes": 280,
    "ParallelReductionFactorInPlane": 2,
    "PartialFourier": 0.875,
    "PatientPosition": "HFS",
    "PercentPhaseFOV": 100,
    "PercentSampling": 100,
    "PhaseEncodingDirection": "i",
    "PhaseEncodingSteps": 146,
    "PhaseResolution": 1,
    "PixelBandwidth": 1631,
    "ProcedureStepDescription": "RESEARCH Oscar",
    "ProtocolName": "dwi-dwi_acq-highres_dir-RL__trigger_monopolar",
    "PulseSequenceDetails": "%CustomerSeq%\\ep2d_diff_trigg",
    "ReceiveCoilActiveElements": "HC1-7;NC1",
    "ReceiveCoilName": "HeadNeck_64",
    "ReconMatrixPE": 146,
    "RefLinesPE": 54,
    "RepetitionTime": 7,
    "SAR": 0.141255,
    "ScanOptions": "PFP\\FS\\PER",
    "ScanningSequence": "GR\\EP",
    "SequenceName": "ep_b0",
    "SequenceVariant": "SK",
    "SeriesDescription": "dwi-dwi_acq-highres_dir-RL__trigger_monopolar",
    "SeriesNumber": 18,
    "ShimSetting": [
      8233,
      -5649,
      -5980,
      775,
      -63,
      -200,
      -40,
      18
    ],
    "SliceThickness": 1.6,
    "SliceTiming": [
      0,
      7.5625,
      0.1725,
      7.735,
      0.345,
      7.905,
      0.5175,
      8.0775,
      0.6875,
      8.25,
      0.86,
      8.42,
      1.0325,
      8.5925,
      1.205,
      8.765,
      1.375,
      8.9375,
      1.5475,
      9.1075,
      1.72,
      9.28,
      1.8925,
      9.4525,
      2.0625,
      9.625,
      2.235,
      9.795,
      2.4075,
      9.9675,
      2.5775,
      10.14,
      2.75,
      10.3125,
      2.9225,
      10.4825,
      3.095,
      10.655,
      3.265,
      10.8275,
      3.4375,
      11,
      3.61,
      11.17,
      3.7825,
      11.3425,
      3.9525,
      11.515,
      4.125,
      11.685,
      4.2975,
      11.8575,
      4.47,
      12.03,
      4.64,
      12.2025,
      4.8125,
      12.3725,
      4.985,
      12.545,
      5.1575,
      12.7175,
      5.3275,
      12.89,
      5.5,
      13.06,
      5.6725,
      13.2325,
      5.8425,
      13.405,
      6.015,
      13.5775,
      6.1875,
      13.7475,
      6.36,
      13.92,
      6.53,
      14.0925,
      6.7025,
      14.265,
      6.875,
      14.435,
      7.0475,
      14.6075,
      7.2175,
      14.78,
      7.39
    ],
    "SoftwareVersions": "syngo MR XA30",
    "SpacingBetweenSlices": 1.6,
    "StationName": "LRG10884",
    "TotalReadoutTime": 0.0681501,
    "TxRefAmp": 243.293,
    "VendorReportedEchoSpacing": 0.00094,
    "acquisition": "highres",
    "dataset": "HCPh",
    "datatype": "dwi",
    "direction": "RL",
    "extension": ".nii.gz",
    "modality": "dwi",
    "session": "20201060",
    "subject": "001",
    "suffix": "dwi"
  },
  "efc_shell01": 0.3648,
  "efc_shell02": 0.4961,
  "efc_shell03": 0.5196,
  "efc_shell04": 0.5773,
  "efc_shell05": 0.6162,
  "fa_degenerate": 0.0,
  "fa_nans": 0.0,
  "fber_shell01": 1010.9393,
  "fber_shell02": 351.5569,
  "fber_shell03": 223.5644,
  "fber_shell04": 72.9283,
  "fber_shell05": 37.5068,
  "fd_mean": 9.9118,
  "fd_num": 279,
  "fd_perc": 99.64285714285714,
  "ndc": 0.5345,
  "provenance": {
    "md5sum": "44a1f0d5957f4395fa7ecf3086686853",
    "settings": {
      "testing": false
    },
    "software": "mriqc",
    "version": "24.0.1"
  },
  "sigma_cc": 31.1346,
  "sigma_pca": 14.7044,
  "sigma_piesno": 1.3206,
  "snr_cc_shell0": 3.97,
  "snr_cc_shell1_best": 3.93,
  "snr_cc_shell1_worst": 3.93,
  "snr_cc_shell2_best": 2.73,
  "snr_cc_shell2_worst": 1.8,
  "snr_cc_shell3_best": 2.19,
  "snr_cc_shell3_worst": 1.45,
  "snr_cc_shell4_best": 1.2,
  "snr_cc_shell4_worst": 1.07,
  "spikes_global": 37.99,
  "spikes_slice_i": 194.01,
  "spikes_slice_j": 226.06,
  "spikes_slice_k": 243.95,
  "summary_bg_k": 698.9975,
  "summary_bg_mad": 5.9304,
  "summary_bg_mean": 17.8467,
  "summary_bg_median": 7.0,
  "summary_bg_n": 1481987.0,
  "summary_bg_p05": 2.0,
  "summary_bg_p95": 57.0,
  "summary_bg_stdv": 66.1784,
  "summary_fg_k": 10.5763,
  "summary_fg_mad": 126.0212,
  "summary_fg_mean": 309.1574,
  "summary_fg_median": 216.0,
  "summary_fg_n": 372505.0,
  "summary_fg_p05": 65.0,
  "summary_fg_p95": 906.0,
  "summary_fg_stdv": 286.5063,
  "summary_wm_k": 26.1445,
  "summary_wm_mad": 59.3041,
  "summary_wm_mean": 167.1523,
  "summary_wm_median": 158.0,
  "summary_wm_n": 123102.0,
  "summary_wm_p05": 54.0,
  "summary_wm_p95": 302.0,
  "summary_wm_stdv": 86.9538
}