{
  "aor": [
    0.0011223469387755104,
    0.0011258163265306122,
    0.001206734693877551,
    0.0013914285714285715
  ],
  "aqi": [
    0.004367823163265306,
    0.006330897857142856,
    0.009740260408163266,
    0.01575910204081633
  ],
  "bids_meta": {
    "AcquisitionDuration": 188.475,
    "AcquisitionMatrixPE": 76,
    "AcquisitionNumber": 1,
    "AcquisitionTime": "19:25:40.367500",
    "B0FieldSource": [
      "037pepolarbold",
      "037phasediff"
    ],
    "BandwidthPerPixelPhaseEncode": 40.486,
    "BaseResolution": 102,
    "BodyPartExamined": "BRAIN",
    "CoilCombinationMethod": "Sum of Squares",
    "CoilString": "HeadNeck_64",
    "ConversionSoftware": "dcm2niix",
    "ConversionSoftwareVersion": "v1.0.20220720",
    "DerivedVendorReportedEchoSpacing": 0.000649997,
    "DeviceSerialNumber": "67014",
    "DwellTime": 2.5e-6,
    "EchoNumber": 4,
    "EchoTime": 0.0714,
    "EchoTrainLength": 28,
    "EffectiveEchoSpacing": 0.000324999,
    "FileSize": 0.04344174358993769,
    "FileSizeUnits": "GB",
    "FlipAngle": 64,
    "HeudiconvVersion": "1.0.0",
    "ImageComments": "Unaliased MB4/PE4/LB",
    "ImageOrientationPatientDICOM": [
      0.999886,
      0.0122095,
      0.00883945,
      -0.00785325,
      0.922512,
      -0.385888
    ],
    "ImageType": [
      "ORIGINAL",
      "PRIMARY",
      "FMRI",
      "NONE"
    ],
    "ImageTypeText": [
      "ORIGINAL",
      "PRIMARY",
      "M",
      "MB",
      "TE4",
      "DIS2D"
    ],
    "ImagingFrequency": 123.248,
    "InPlanePhaseEncodingDirectionDICOM": "ROW",
    "InstitutionAddress": "Rue du Bugnon 21,Lausanne,District,CH,1011",
    "InstitutionName": "CHUV",
    "MRAcquisitionType": "2D",
    "MTState": false,
    "MagneticFieldStrength": 3,
    "Manufacturer": "Siemens",
    "ManufacturersModelName": "MAGNETOM Prisma Fit",
    "MatrixCoilMode": "GRAPPA",
    "Modality": "MR",
    "MultibandAccelerationFactor": 4,
    "NonlinearGradientCorrection": true,
    "NumberOfVolumes": 99,
    "ParallelAcquisitionTechnique": "GRAPPA",
    "ParallelReductionFactorInPlane": 2,
    "PartialFourier": 0.75,
    "PartialFourierDirection": "PHASE",
    "PatientPosition": "HFS",
    "PercentPhaseFOV": 74.5098,
    "PercentSampling": 100,
    "PhaseEchoTime1": 0.0126,
    "PhaseEchoTime2": 0.0322,
    "PhaseEncodingDirection": "i-",
    "PhaseResolution": 1,
    "PixelBandwidth": 1961,
    "ProcedureStepDescription": "https://www.axonlab.org/hcph-sops/",
    "ProtocolName": "func-bold_task-qct_dir-LR__cmrr_me4_sms4",
    "PulseSequenceDetails": "%CustomerSeq%\\cmrr_mbep2d_bold",
    "PulseSequenceName": "epfid2d4_76",
    "ReceiveCoilActiveElements": "HC1-7",
    "ReceiveCoilName": "HeadNeck_64",
    "ReconMatrixPE": 76,
    "RefLinesPE": 18,
    "RepetitionTime": 1.6,
    "ScanOptions": "PFP\\FS",
    "ScanningSequence": "EP",
    "SequenceVariant": "SK\\SS\\OSP",
    "SeriesDescription": "func-bold_task-qct_dir-LR__cmrr_me4_sms4",
    "SeriesNumber": 13,
    "ShimSetting": [
      8226,
      -5615,
      -6023,
      672,
      -69,
      -169,
      28,
      53
    ],
    "SliceThickness": 2.2,
    "SliceTiming": [
      0,
      0.8425,
      0.105,
      0.9475,
      0.2125,
      1.055,
      0.3175,
      1.16,
      0.4225,
      1.265,
      0.5275,
      1.37,
      0.6325,
      1.475,
      0.7375,
      0,
      0.8425,
      0.105,
      0.9475,
      0.2125,
      1.055,
      0.3175,
      1.16,
      0.4225,
      1.265,
      0.5275,
      1.37,
      0.6325,
      1.475,
      0.7375,
      0,
      0.8425,
      0.105,
      0.9475,
      0.2125,
      1.055,
      0.3175,
      1.16,
      0.4225,
      1.265,
      0.5275,
      1.37,
      0.6325,
      1.475,
      0.7375,
      0,
      0.8425,
      0.105,
      0.9475,
      0.2125,
      1.055,
      0.3175,
      1.16,
      0.4225,
      1.265,
      0.5275,
      1.37,
      0.6325,
      1.475,
      0.7375
    ],
    "SoftwareVersions": "syngo MR XA30",
    "SpacingBetweenSlices": 2.2,
    "StationName": "LRG10884",
    "TaskName": "Quality Control Task (QCT)",
    "TotalReadoutTime": 0.0243749,
    "TxRefAmp": 247.006,
    "WipMemBlock": "95e4a5f6-ece4-408d-91aa-1f9c5685d84d||Sequence: R017 nxva30a/master r/d34922cc2+; Jun 27 2022 13:20:16 by eja",
    "dataset": "HCPh",
    "datatype": "func",
    "direction": "LR",
    "extension": ".nii.gz",
    "modality": "bold",
    "part": "mag",
    "session": "037",
    "subject": "001",
    "suffix": "bold",
    "task": "qct"
  },
  "dummy_trs": 1,
  "dvars_nstd": 95.32662680721653,
  "dvars_std": 1.0501566642268039,
  "dvars_vstd": 1.0339899545360824,
  "efc": 0.565,
  "fber": 68.8453,
  "fd_mean": 0.09320896043166732,
  "fd_num": 3,
  "fd_perc": 3.061224489795918,
  "fwhm_avg": 2.5255245207390065,
  "fwhm_x": 2.6626489387730596,
  "fwhm_y": 2.4908701305077057,
  "fwhm_z": 2.423054492936254,
  "gcor": [
    0.00402067,
    0.00599734,
    0.00558266,
    0.00462079
  ],
  "gsr_x": 0.03285388648509979,
  "gsr_y": -0.006228380836546421,
  "provenance": {
    "md5sum": "226a71302bf96eba5be28b1b7890b7c5",
    "settings": {
      "fd_thres": 0.2,
      "testing": false
    },
    "software": "mriqc",
    "version": "24.1.0.dev15+g9586c867.d20240825"
  },
  "size_t": 98,
  "size_x": 76,
  "size_y": 102,
  "size_z": 60,
  "snr": 1.4307816110362517,
  "spacing_tr": 1.600000023841858,
  "spacing_x": 2.196079969406128,
  "spacing_y": 2.196079969406128,
  "spacing_z": 2.200000047683716,
  "summary_bg_k": 113.8057,
  "summary_bg_mad": 5.295,
  "summary_bg_mean": 28.2873,
  "summary_bg_median": 26.0,
  "summary_bg_n": 328318.0,
  "summary_bg_p05": 0.0,
  "summary_bg_p95": 49.0,
  "summary_bg_stdv": 16.6747,
  "summary_fg_k": 3.7735,
  "summary_fg_mad": 137.6173,
  "summary_fg_mean": 229.9218,
  "summary_fg_median": 217.0,
  "summary_fg_n": 136802.0,
  "summary_fg_p05": 35.0,
  "summary_fg_p95": 495.0,
  "summary_fg_stdv": 151.6648,
  "tsnr": 13.826295850332826
}
