{
  "bids_meta": {
    "AcquisitionMatrixPE": 216,
    "AcquisitionNumber": 1,
    "AcquisitionTime": "19:56:31.817500",
    "BaseResolution": 256,
    "BodyPartExamined": "BRAIN",
    "CoilCombinationMethod": "Adaptive Combine",
    "CoilString": "HeadNeck_64_CS",
    "ConversionSoftware": "dcm2niix",
    "ConversionSoftwareVersion": "v1.0.20220720",
    "DeviceSerialNumber": "202009",
    "DwellTime": 7.5e-6,
    "EchoTime": 0.00246,
    "FileSize": 0.009386788122355938,
    "FileSizeUnits": "GB",
    "FlipAngle": 8,
    "HeudiconvVersion": "1.1.6.post8+ga0a3635",
    "ImageOrientationPatientDICOM": [
      0.999344,
      0.0303514,
      0.0197803,
      -0.0296598,
      0.998969,
      -0.0343672
    ],
    "ImageType": [
      "ORIGINAL",
      "PRIMARY",
      "M",
      "NORM",
      "DIS2D",
      "FM3",
      "2",
      "FIL",
      "MFSPLIT"
    ],
    "ImageTypeText": [
      "ORIGINAL",
      "PRIMARY",
      "M",
      "NONE"
    ],
    "ImagingFrequency": 123.198,
    "InPlanePhaseEncodingDirectionDICOM": "ROW",
    "InstitutionAddress": "Rue du Bugnon 46,Lausanne,,CH,1011",
    "InstitutionName": "CHUV Lausanne",
    "InversionTime": 0.9,
    "MRAcquisitionType": "3D",
    "MagneticFieldStrength": 3,
    "Manufacturer": "Siemens",
    "ManufacturersModelName": "MAGNETOM Vida Fit",
    "MatrixCoilMode": "GRAPPA",
    "Modality": "MR",
    "NonlinearGradientCorrection": true,
    "NumberOfVolumes": 1,
    "ParallelReductionFactorInPlane": 2,
    "PartialFourier": 1,
    "PatientPosition": "HFS",
    "PercentPhaseFOV": 84.375,
    "PercentSampling": 100,
    "PhaseEncodingSteps": 216,
    "PhaseResolution": 1,
    "PixelBandwidth": 260,
    "ProcedureStepDescription": "RESEARCH Oscar",
    "ProtocolName": "anat-T1w__t1_mprage_tra_p2_iso_siemens_axial",
    "PulseSequenceDetails": "%SiemensSeq%\\tfl",
    "ReceiveCoilActiveElements": "HC1-7;NC1",
    "ReceiveCoilName": "HeadNeck_64_CS",
    "ReconMatrixPE": 216,
    "RefLinesPE": 24,
    "RepetitionTime": 2.2,
    "SAR": 0.0518369,
    "ScanOptions": "PER",
    "ScanningSequence": "GR",
    "SequenceName": "*tfl3d1_240",
    "SequenceVariant": "SK",
    "SeriesDescription": "anat-T1w__t1_mprage_tra_p2_iso_siemens_axial",
    "SeriesNumber": 5,
    "ShimSetting": [
      232,
      -1112,
      2213,
      61,
      390,
      -73,
      60,
      -60
    ],
    "SliceThickness": 0.9,
    "SoftwareVersions": "syngo MR XA50",
    "StationName": "AWP202009",
    "TxRefAmp": 321.191,
    "acquisition": "undistorted",
    "dataset": "HCPh",
    "datatype": "anat",
    "extension": ".nii.gz",
    "modality": "T1w",
    "session": "20602030",
    "subject": "001",
    "suffix": "T1w"
  },
  "cjv": 0.5939256916996046,
  "cnr": 1.623320488141053,
  "efc": 0.5272,
  "fber": 18072.5295,
  "fwhm_avg": 4.77201171007276,
  "fwhm_x": 4.410243224522746,
  "fwhm_y": 5.321691784258351,
  "fwhm_z": 4.5841001214371815,
  "icvs_csf": 0.27403591576388686,
  "icvs_gm": 0.3777250700624719,
  "icvs_wm": 0.3482390141736412,
  "inu_med": 0.5102798044681549,
  "inu_range": 0.24897367507219315,
  "provenance": {
    "md5sum": "7d259ec27f0146dfd71386099c86a1e8",
    "settings": {
      "testing": false
    },
    "software": "mriqc",
    "version": "24.1.0.dev15+g9586c867.d20240825",
    "warnings": {
      "large_rot_frame": true,
      "small_air_mask": false
    }
  },
  "qi_1": 0.0,
  "qi_2": 0.0012797294624981351,
  "rpve_csf": 5.35923199865551,
  "rpve_gm": 5.258121346791191,
  "rpve_wm": 5.339604991908108,
  "size_x": 216,
  "size_y": 256,
  "size_z": 208,
  "snr_csf": 1.6648052526622363,
  "snr_gm": 5.624077766017622,
  "snr_total": 5.927144686037248,
  "snr_wm": 10.492551039431884,
  "snrd_csf": 13.335688156956552,
  "snrd_gm": 26.520690572026588,
  "snrd_total": 25.302647491777265,
  "snrd_wm": 36.05156374634865,
  "spacing_x": 0.8984379768371582,
  "spacing_y": 0.8984379768371582,
  "spacing_z": 0.8999999761581421,
  "summary_bg_k": 1955.2585,
  "summary_bg_mad": 0.0,
  "summary_bg_mean": 2.7165,
  "summary_bg_median": 0.0,
  "summary_bg_n": 3585805.0,
  "summary_bg_p05": 0.0,
  "summary_bg_p95": 11.0,
  "summary_bg_stdv": 17.3908,
  "summary_csf_k": 1.1071,
  "summary_csf_mad": 170.3452,
  "summary_csf_mean": 369.7062,
  "summary_csf_median": 354.0,
  "summary_csf_n": 578340.7432951267,
  "summary_csf_p05": 37.0,
  "summary_csf_p95": 724.0,
  "summary_csf_stdv": 212.6373,
  "summary_gm_k": -0.5543,
  "summary_gm_mad": 83.7521,
  "summary_gm_mean": 708.0254,
  "summary_gm_median": 704.0,
  "summary_gm_n": 797172.1413676179,
  "summary_gm_p05": 503.0,
  "summary_gm_p95": 945.0,
  "summary_gm_stdv": 125.176,
  "summary_wm_k": 0.0829,
  "summary_wm_mad": 66.5111,
  "summary_wm_mean": 931.6683,
  "summary_wm_median": 957.0,
  "summary_wm_n": 734943.117730143,
  "summary_wm_p05": 750.0,
  "summary_wm_p95": 1042.0,
  "summary_wm_stdv": 91.2075,
  "tpm_overlap_csf": 0.19750215469701077,
  "tpm_overlap_gm": 0.5478467592213699,
  "tpm_overlap_wm": 0.5559908087019886,
  "wm2max": 0.4939681465579344
}
