{
  "bids_meta": {
    "AcquisitionMatrixPE": 320,
    "AcquisitionNumber": 1,
    "AcquisitionTime": "21:07:53.902500",
    "BaseResolution": 320,
    "BodyPartExamined": "BRAIN",
    "CoilCombinationMethod": "Adaptive Combine",
    "CoilString": "HeadNeck_64_CS",
    "ConversionSoftware": "dcm2niix",
    "ConversionSoftwareVersion": "v1.0.20220720",
    "DeviceSerialNumber": "202009",
    "DwellTime": 2.2e-6,
    "EchoTime": 0.414,
    "EchoTrainLength": 250,
    "FileSize": 0.01501090731471777,
    "FileSizeUnits": "GB",
    "FlipAngle": 120,
    "HeudiconvVersion": "1.1.6.post8+ga0a3635",
    "ImageOrientationPatientDICOM": [
      -0.0326788,
      0.990955,
      0.130155,
      0.0156463,
      0.130715,
      -0.991296
    ],
    "ImageType": [
      "ORIGINAL",
      "PRIMARY",
      "M",
      "ND",
      "NORM",
      "MFSPLIT"
    ],
    "ImageTypeText": [
      "ORIGINAL",
      "PRIMARY",
      "M",
      "NONE"
    ],
    "ImagingFrequency": 123.198,
    "InPlanePhaseEncodingDirectionDICOM": "ROW",
    "InstitutionAddress": "Rue du Bugnon 46,Lausanne,,CH,1011",
    "InstitutionName": "CHUV Lausanne",
    "MRAcquisitionType": "3D",
    "MagneticFieldStrength": 3,
    "Manufacturer": "Siemens",
    "ManufacturersModelName": "MAGNETOM Vida Fit",
    "MatrixCoilMode": "GRAPPA",
    "Modality": "MR",
    "NonlinearGradientCorrection": false,
    "NumberOfVolumes": 1,
    "ParallelReductionFactorInPlane": 3,
    "PartialFourier": 1,
    "PatientPosition": "HFS",
    "PercentPhaseFOV": 100,
    "PercentSampling": 100,
    "PhaseEncodingDirection": "i",
    "PhaseEncodingSteps": 320,
    "PhaseResolution": 1,
    "PixelBandwidth": 710,
    "ProcedureStepDescription": "RESEARCH Oscar",
    "ProtocolName": "anat-T2w__space",
    "PulseSequenceDetails": "%SiemensSeq%\\space",
    "ReceiveCoilActiveElements": "HC1-7;NC1,2",
    "ReceiveCoilName": "HeadNeck_64_CS",
    "ReconMatrixPE": 320,
    "RefLinesPE": 24,
    "RepetitionTime": 3.2,
    "SAR": 0.152956,
    "ScanOptions": "PFP\\PER",
    "ScanningSequence": "SE",
    "SequenceName": "*spcR_282ns",
    "SequenceVariant": "SP\\SK",
    "SeriesDescription": "anat-T2w__space_ND",
    "SeriesNumber": 23,
    "ShimSetting": [
      232,
      -1112,
      2213,
      61,
      390,
      -73,
      60,
      -60
    ],
    "SliceThickness": 0.8,
    "SoftwareVersions": "syngo MR XA50",
    "StationName": "AWP202009",
    "TxRefAmp": 321.191,
    "acquisition": "original",
    "dataset": "HCPh",
    "datatype": "anat",
    "extension": ".nii.gz",
    "modality": "T2w",
    "session": "20602030",
    "subject": "001",
    "suffix": "T2w"
  },
  "cjv": 1.518561386138614,
  "cnr": 0.6370667662126898,
  "efc": 0.4633,
  "fber": -1.0,
  "fwhm_avg": 2.614400685699125,
  "fwhm_x": 2.4881999629229314,
  "fwhm_y": 2.8701002925201218,
  "fwhm_z": 2.4849018016543214,
  "icvs_csf": 0.2754780340817192,
  "icvs_gm": 0.34470958337313595,
  "icvs_wm": 0.379812382545145,
  "inu_med": 0.9783945977687836,
  "inu_range": 0.3014623641967774,
  "provenance": {
    "md5sum": "405c29d00a02b0825e71070bbb5c875b",
    "settings": {
      "testing": false
    },
    "software": "mriqc",
    "version": "24.1.0.dev15+g9586c867.d20240825",
    "warnings": {
      "large_rot_frame": true,
      "small_air_mask": false
    }
  },
  "qi_1": 0.0,
  "qi_2": 0.004561799736900378,
  "rpve_csf": 8.902565577361873,
  "rpve_gm": 8.739919306988792,
  "rpve_wm": 8.7711506746259,
  "size_x": 240,
  "size_y": 320,
  "size_z": 320,
  "snr_csf": 1.4576117562644069,
  "snr_gm": 4.8630945894159305,
  "snr_total": 4.38343642441426,
  "snr_wm": 6.829602927562442,
  "snrd_csf": 51.83326499525902,
  "snrd_gm": 44.018197979221256,
  "snrd_total": 44.374440350322686,
  "snrd_wm": 37.271858076487796,
  "spacing_x": 0.800000011920929,
  "spacing_y": 0.8343750238418579,
  "spacing_z": 0.8343750238418579,
  "summary_bg_k": 2742.1239,
  "summary_bg_mad": 0.0,
  "summary_bg_mean": 1.1477,
  "summary_bg_median": 0.0,
  "summary_bg_n": 8040131.0,
  "summary_bg_p05": 0.0,
  "summary_bg_p95": 0.0,
  "summary_bg_stdv": 19.6162,
  "summary_csf_k": -1.3619,
  "summary_csf_mad": 1687.7202,
  "summary_csf_mean": 1618.7683,
  "summary_csf_median": 1552.0,
  "summary_csf_n": 752126.1068929872,
  "summary_csf_p05": 79.0,
  "summary_csf_p95": 3453.0,
  "summary_csf_stdv": 1064.7547,
  "summary_gm_k": 45.9501,
  "summary_gm_mad": 177.2268,
  "summary_gm_mean": 1316.3848,
  "summary_gm_median": 1318.0,
  "summary_gm_n": 941146.0983282268,
  "summary_gm_p05": 914.0,
  "summary_gm_p95": 1756.0,
  "summary_gm_stdv": 271.0207,
  "summary_wm_k": 106.2009,
  "summary_wm_mad": 129.5226,
  "summary_wm_mean": 1128.7925,
  "summary_wm_median": 1116.0,
  "summary_wm_n": 1036985.7966558894,
  "summary_wm_p05": 902.0,
  "summary_wm_p95": 1386.0,
  "summary_wm_stdv": 163.4062,
  "tpm_overlap_csf": 0.20803133981042352,
  "tpm_overlap_gm": 0.5091581084114455,
  "tpm_overlap_wm": 0.5227246276664534,
  "wm2max": 0.2971109465970085
}
