{
  "bids_meta": {
    "AcquisitionMatrixPE": 320,
    "AcquisitionNumber": 1,
    "AcquisitionTime": "21:07:53.902500",
    "BaseResolution": 320,
    "BodyPartExamined": "BRAIN",
    "CoilCombinationMethod": "Adaptive Combine",
    "CoilString": "HeadNeck_64_CS",
    "ConversionSoftware": "dcm2niix",
    "ConversionSoftwareVersion": "v1.0.20220720",
    "DeviceSerialNumber": "202009",
    "DwellTime": 2.2e-6,
    "EchoTime": 0.414,
    "EchoTrainLength": 250,
    "FileSize": 0.014112741686403751,
    "FileSizeUnits": "GB",
    "FlipAngle": 120,
    "HeudiconvVersion": "1.1.6.post8+ga0a3635",
    "ImageOrientationPatientDICOM": [
      -0.0326788,
      0.990955,
      0.130155,
      0.0156463,
      0.130715,
      -0.991296
    ],
    "ImageType": [
      "ORIGINAL",
      "PRIMARY",
      "M",
      "NORM",
      "DIS3D",
      "MFSPLIT"
    ],
    "ImageTypeText": [
      "ORIGINAL",
      "PRIMARY",
      "M",
      "NONE"
    ],
    "ImagingFrequency": 123.198,
    "InPlanePhaseEncodingDirectionDICOM": "ROW",
    "InstitutionAddress": "Rue du Bugnon 46,Lausanne,,CH,1011",
    "InstitutionName": "CHUV Lausanne",
    "MRAcquisitionType": "3D",
    "MagneticFieldStrength": 3,
    "Manufacturer": "Siemens",
    "ManufacturersModelName": "MAGNETOM Vida Fit",
    "MatrixCoilMode": "GRAPPA",
    "Modality": "MR",
    "NonlinearGradientCorrection": true,
    "NumberOfVolumes": 1,
    "ParallelReductionFactorInPlane": 3,
    "PartialFourier": 1,
    "PatientPosition": "HFS",
    "PercentPhaseFOV": 100,
    "PercentSampling": 100,
    "PhaseEncodingDirection": "i",
    "PhaseEncodingSteps": 320,
    "PhaseResolution": 1,
    "PixelBandwidth": 710,
    "ProcedureStepDescription": "RESEARCH Oscar",
    "ProtocolName": "anat-T2w__space",
    "PulseSequenceDetails": "%SiemensSeq%\\space",
    "ReceiveCoilActiveElements": "HC1-7;NC1,2",
    "ReceiveCoilName": "HeadNeck_64_CS",
    "ReconMatrixPE": 320,
    "RefLinesPE": 24,
    "RepetitionTime": 3.2,
    "SAR": 0.152956,
    "ScanOptions": "PFP\\PER",
    "ScanningSequence": "SE",
    "SequenceName": "*spcR_282ns",
    "SequenceVariant": "SP\\SK",
    "SeriesDescription": "anat-T2w__space",
    "SeriesNumber": 24,
    "ShimSetting": [
      232,
      -1112,
      2213,
      61,
      390,
      -73,
      60,
      -60
    ],
    "SliceThickness": 0.8,
    "SoftwareVersions": "syngo MR XA50",
    "StationName": "AWP202009",
    "TxRefAmp": 321.191,
    "acquisition": "undistorted",
    "dataset": "HCPh",
    "datatype": "anat",
    "extension": ".nii.gz",
    "modality": "T2w",
    "session": "20602030",
    "subject": "001",
    "suffix": "T2w"
  },
  "cjv": 1.6428229665071772,
  "cnr": 0.6028272681853968,
  "efc": 0.4685,
  "fber": -1.0,
  "fwhm_avg": 2.6384293836664483,
  "fwhm_x": 2.5215624624257917,
  "fwhm_y": 2.8814860599850416,
  "fwhm_z": 2.5122396285885125,
  "icvs_csf": 0.2764992730000043,
  "icvs_gm": 0.3389863550333611,
  "icvs_wm": 0.3845143719666346,
  "inu_med": 1.0199529528617859,
  "inu_range": 0.3578667938709259,
  "provenance": {
    "md5sum": "cded41ba743290c8cda5a853a6557ac2",
    "settings": {
      "testing": false
    },
    "software": "mriqc",
    "version": "24.1.0.dev15+g9586c867.d20240825",
    "warnings": {
      "large_rot_frame": true,
      "small_air_mask": false
    }
  },
  "qi_1": 0.0,
  "qi_2": 0.0024499067844005185,
  "rpve_csf": 8.965419329169768,
  "rpve_gm": 8.811321583893514,
  "rpve_wm": 8.846969982185541,
  "size_x": 240,
  "size_y": 320,
  "size_z": 320,
  "snr_csf": 1.407705851361302,
  "snr_gm": 4.27564461382678,
  "snr_total": 4.169186000725838,
  "snr_wm": 6.824207536989432,
  "snrd_csf": 46.96647522298409,
  "snrd_gm": 38.788085846615886,
  "snrd_total": 39.44986373093553,
  "snrd_wm": 32.59503012320663,
  "spacing_x": 0.800000011920929,
  "spacing_y": 0.8343750238418579,
  "spacing_z": 0.8343750238418579,
  "summary_bg_k": 1931.7406,
  "summary_bg_mad": 0.0,
  "summary_bg_mean": 1.0776,
  "summary_bg_median": 0.0,
  "summary_bg_n": 8056740.0,
  "summary_bg_p05": 0.0,
  "summary_bg_p95": 0.0,
  "summary_bg_stdv": 22.1092,
  "summary_csf_k": -1.3819,
  "summary_csf_mad": 1797.7776,
  "summary_csf_mean": 1655.6528,
  "summary_csf_median": 1585.0,
  "summary_csf_n": 749408.6992416233,
  "summary_csf_p05": 0.0,
  "summary_csf_p95": 3534.0,
  "summary_csf_stdv": 1125.9447,
  "summary_gm_k": 33.8321,
  "summary_gm_mad": 215.5096,
  "summary_gm_mean": 1309.9756,
  "summary_gm_median": 1309.0,
  "summary_gm_n": 918770.3122322722,
  "summary_gm_p05": 861.0,
  "summary_gm_p95": 1810.0,
  "summary_gm_stdv": 306.1525,
  "summary_wm_k": 119.5748,
  "summary_wm_mad": 127.8404,
  "summary_wm_mean": 1112.1226,
  "summary_wm_median": 1100.0,
  "summary_wm_n": 1042166.9909244963,
  "summary_wm_p05": 888.0,
  "summary_wm_p95": 1366.0,
  "summary_wm_stdv": 161.1908,
  "tpm_overlap_csf": 0.20896925904893685,
  "tpm_overlap_gm": 0.49686893952318706,
  "tpm_overlap_wm": 0.5185109856232313,
  "wm2max": 0.2832591187732396
}
