{
  "NumberOfShells": 4,
  "bValues": [
    0.0,
    700.0,
    1000.0,
    2000.0,
    3000.0
  ],
  "bValuesEstimation": [
    700.0,
    1000.0,
    2000.0,
    3000.0
  ],
  "bdiffs_max": 0.3377,
  "bdiffs_mean": 0.2415,
  "bdiffs_median": 0.2719,
  "bdiffs_min": 0.0025,
  "bids_meta": {
    "AcquisitionMatrixPE": 146,
    "AcquisitionNumber": 1,
    "AcquisitionTime": "16:54:45.362500",
    "B0FieldSource": [
      "pilot008pepolarb0",
      "pilot008phasediff"
    ],
    "BandwidthPerPixelPhaseEncode": 19.569,
    "BaseResolution": 146,
    "BodyPartExamined": "BRAIN",
    "CoilCombinationMethod": "Adaptive Combine",
    "CoilString": "HeadNeck_64",
    "ConversionSoftware": "dcm2niix",
    "ConversionSoftwareVersion": "v1.0.20220720",
    "Deltas": [
      0.0233,
      0.0475
    ],
    "DerivedVendorReportedEchoSpacing": 0.000700017,
    "DeviceSerialNumber": "67014",
    "DiffusionScheme": "Monopolar",
    "DwellTime": 2.1e-6,
    "EchoTime": 0.098,
    "EchoTrainLength": 64,
    "EffectiveEchoSpacing": 0.000350008,
    "FileSize": 0.43572044651955366,
    "FileSizeUnits": "GB",
    "FlipAngle": 90,
    "HeudiconvVersion": "1.0.0",
    "ImageOrientationPatientDICOM": [
      0.996624,
      0.0630334,
      0.0525998,
      -0.0661957,
      0.995958,
      0.0607171
    ],
    "ImageType": [
      "ORIGINAL",
      "PRIMARY",
      "DIFFUSION",
      "NONE",
      "ND",
      "MFSPLIT"
    ],
    "ImageTypeText": [
      "ORIGINAL",
      "PRIMARY",
      "DIFFUSION",
      "NONE"
    ],
    "ImagingFrequency": 123.248,
    "InPlanePhaseEncodingDirectionDICOM": "COL",
    "InstitutionAddress": "Rue du Bugnon 21,Lausanne,District,CH,1011",
    "InstitutionName": "CHUV",
    "MRAcquisitionType": "2D",
    "MagneticFieldStrength": 3,
    "Manufacturer": "Siemens",
    "ManufacturersModelName": "MAGNETOM Prisma Fit",
    "Modality": "MR",
    "MultibandAccelerationFactor": 3,
    "NonlinearGradientCorrection": false,
    "NumberOfVolumes": 280,
    "ParallelReductionFactorInPlane": 2,
    "PartialFourier": 0.875,
    "PatientPosition": "HFS",
    "PercentPhaseFOV": 100,
    "PercentSampling": 100,
    "PhaseEncodingDirection": "j",
    "PhaseEncodingSteps": 146,
    "PhaseResolution": 1,
    "PixelBandwidth": 1631,
    "ProcedureStepDescription": "RESEARCH Oscar",
    "ProtocolName": "dwi-dwi_acq-highres_dir-PA__279dir_monopolar",
    "PulseSequenceDetails": "%SiemensSeq%\\ep2d_diff",
    "ReceiveCoilActiveElements": "HC1-7",
    "ReceiveCoilName": "HeadNeck_64",
    "ReconMatrixPE": 146,
    "RefLinesPE": 54,
    "RepetitionTime": 7.8,
    "SAR": 0.148411,
    "ScanOptions": "PFP\\FS\\PER",
    "ScanningSequence": "GR\\EP",
    "SequenceName": "*ep_b0",
    "SequenceVariant": "SK",
    "SeriesDescription": "dwi-dwi_acq-highres_dir-PA__279dir_monopolar",
    "SeriesNumber": 7,
    "ShimSetting": [
      8235,
      -5644,
      -6051,
      589,
      -36,
      -348,
      12,
      27
    ],
    "SliceThickness": 1.6,
    "SliceTiming": [
      0,
      6.145,
      0.14,
      6.2825,
      0.28,
      6.4225,
      0.4175,
      6.5625,
      0.5575,
      6.7025,
      0.6975,
      6.8425,
      0.8375,
      6.9825,
      0.9775,
      7.1225,
      1.1175,
      7.26,
      1.2575,
      7.4,
      1.395,
      7.54,
      1.535,
      7.68,
      1.675,
      7.82,
      1.815,
      7.96,
      1.955,
      8.1,
      2.095,
      8.2375,
      2.235,
      8.3775,
      2.3725,
      8.5175,
      2.5125,
      8.6575,
      2.6525,
      8.7975,
      2.7925,
      8.9375,
      2.9325,
      9.0775,
      3.0725,
      9.215,
      3.2125,
      9.355,
      3.35,
      9.495,
      3.49,
      9.635,
      3.63,
      9.775,
      3.77,
      9.915,
      3.91,
      10.055,
      4.05,
      10.1925,
      4.19,
      10.3325,
      4.3275,
      10.4725,
      4.4675,
      10.6125,
      4.6075,
      10.7525,
      4.7475,
      10.8925,
      4.8875,
      11.0325,
      5.0275,
      11.17,
      5.1675,
      11.31,
      5.305,
      11.45,
      5.445,
      11.59,
      5.585,
      11.73,
      5.725,
      11.87,
      5.865,
      12.01,
      6.005
    ],
    "SoftwareVersions": "syngo MR XA30",
    "SpacingBetweenSlices": 1.6,
    "StationName": "LRG10884",
    "TotalReadoutTime": 0.0507512,
    "TxRefAmp": 244.677,
    "VendorReportedEchoSpacing": 0.0007,
    "acquisition": "highres",
    "dataset": "HCPh",
    "datatype": "dwi",
    "direction": "PA",
    "extension": ".nii.gz",
    "modality": "dwi",
    "session": "pilot008",
    "subject": "001",
    "suffix": "dwi"
  },
  "efc_shell01": 0.3756,
  "efc_shell02": 0.476,
  "efc_shell03": 0.4784,
  "efc_shell04": 0.5291,
  "efc_shell05": 0.5769,
  "fa_degenerate": 0.0,
  "fa_nans": 0.0,
  "fber_shell01": 1549.4998,
  "fber_shell02": 508.8253,
  "fber_shell03": 418.1549,
  "fber_shell04": 131.6971,
  "fber_shell05": 58.8297,
  "fd_mean": 7.0068,
  "fd_num": 279,
  "fd_perc": 99.64285714285714,
  "ndc": 0.5727,
  "provenance": {
    "md5sum": "f076f2d8ab76363d0fb9708f45f8ec4b",
    "settings": {
      "testing": false
    },
    "software": "mriqc",
    "version": "24.1.0.dev15+g9586c867.d20240825"
  },
  "sigma_cc": 37.0651,
  "sigma_pca": 15.0879,
  "sigma_piesno": 1.3206,
  "snr_cc_shell0": 4.4,
  "snr_cc_shell1_best": 4.39,
  "snr_cc_shell1_worst": 4.39,
  "snr_cc_shell2_best": 3.18,
  "snr_cc_shell2_worst": 1.79,
  "snr_cc_shell3_best": 2.58,
  "snr_cc_shell3_worst": 2.5,
  "snr_cc_shell4_best": 1.83,
  "snr_cc_shell4_worst": 1.46,
  "spikes_global": 33.66,
  "spikes_slice_i": 189.23,
  "spikes_slice_j": 165.89,
  "spikes_slice_k": 202.06,
  "summary_bg_k": 811.3721,
  "summary_bg_mad": 7.413,
  "summary_bg_mean": 27.0201,
  "summary_bg_median": 8.0,
  "summary_bg_n": 1507700.0,
  "summary_bg_p05": 2.0,
  "summary_bg_p95": 108.0,
  "summary_bg_stdv": 102.839,
  "summary_fg_k": 8.3697,
  "summary_fg_mad": 185.3253,
  "summary_fg_mean": 425.5522,
  "summary_fg_median": 323.0,
  "summary_fg_n": 346792.0,
  "summary_fg_p05": 107.0,
  "summary_fg_p95": 1144.0,
  "summary_fg_stdv": 345.802,
  "summary_wm_k": 16.4873,
  "summary_wm_mad": 77.0953,
  "summary_wm_mean": 232.0999,
  "summary_wm_median": 224.0,
  "summary_wm_n": 93874.0,
  "summary_wm_p05": 105.0,
  "summary_wm_p95": 389.0,
  "summary_wm_stdv": 94.1928
}
