{
  "NumberOfShells": 4,
  "bValues": [
    0.0,
    700.0,
    1000.0,
    2000.0,
    3000.0
  ],
  "bValuesEstimation": [
    700.0,
    1000.0,
    2000.0,
    3000.0
  ],
  "bdiffs_max": 0.3924,
  "bdiffs_mean": 0.2078,
  "bdiffs_median": 0.2149,
  "bdiffs_min": 0.0022,
  "bids_meta": {
    "AcquisitionMatrixPE": 148,
    "AcquisitionNumber": 1,
    "AcquisitionTime": "11:53:19.927500",
    "BandwidthPerPixelPhaseEncode": 14.077,
    "BaseResolution": 146,
    "BodyPartExamined": "BRAIN",
    "CoilCombinationMethod": "Adaptive Combine",
    "CoilString": "HeadNeck_64_CS",
    "ConversionSoftware": "dcm2niix",
    "ConversionSoftwareVersion": "v1.0.20220720",
    "Deltas": [
      0.0233,
      0.0475
    ],
    "DerivedVendorReportedEchoSpacing": 0.000959971,
    "DeviceSerialNumber": "202009",
    "DiffusionScheme": "Monopolar",
    "DwellTime": 2.1e-6,
    "EchoTime": 0.121,
    "EchoTrainLength": 64,
    "EffectiveEchoSpacing": 0.000479986,
    "FileSize": 0.34407880436629057,
    "FileSizeUnits": "GB",
    "FlipAngle": 90,
    "HeudiconvVersion": "1.1.6.post8+ga0a3635",
    "ImageOrientationPatientDICOM": [
      0.998481,
      0.044129,
      0.0329816,
      -0.0408013,
      0.99459,
      -0.0955347
    ],
    "ImageType": [
      "ORIGINAL",
      "PRIMARY",
      "DIFFUSION",
      "NONE",
      "ND",
      "NORM",
      "MFSPLIT"
    ],
    "ImageTypeText": [
      "ORIGINAL",
      "PRIMARY",
      "DIFFUSION",
      "NONE"
    ],
    "ImagingFrequency": 123.197,
    "InPlanePhaseEncodingDirectionDICOM": "COL",
    "InstitutionAddress": "Rue du Bugnon 46,Lausanne,,CH,1011",
    "InstitutionName": "CHUV Lausanne",
    "MRAcquisitionType": "2D",
    "MagneticFieldStrength": 3,
    "Manufacturer": "Siemens",
    "ManufacturersModelName": "MAGNETOM Vida Fit",
    "Modality": "MR",
    "MultibandAccelerationFactor": 3,
    "NonlinearGradientCorrection": false,
    "NumberOfVolumes": 280,
    "ParallelReductionFactorInPlane": 2,
    "PartialFourier": 0.875,
    "PatientPosition": "HFS",
    "PercentPhaseFOV": 101.37,
    "PercentSampling": 100,
    "PhaseEncodingDirection": "j",
    "PhaseEncodingSteps": 148,
    "PhaseResolution": 1,
    "PixelBandwidth": 1631,
    "ProcedureStepDescription": "RESEARCH Oscar",
    "ProtocolName": "dwi-dwi_acq-highres_dir-PA",
    "PulseSequenceDetails": "%SiemensSeq%\\ep2d_diff",
    "ReceiveCoilActiveElements": "HC1-7",
    "ReceiveCoilName": "HeadNeck_64_CS",
    "ReconMatrixPE": 148,
    "RefLinesPE": 54,
    "RepetitionTime": 7,
    "SAR": 0.153579,
    "ScanOptions": "PFP\\FS\\PER",
    "ScanningSequence": "GR\\EP",
    "SequenceName": "*ep_b0",
    "SequenceVariant": "SK",
    "SeriesDescription": "dwi-dwi_acq-highres_dir-PA",
    "SeriesNumber": 18,
    "ShimSetting": [
      248,
      -1127,
      2644,
      528,
      509,
      -194,
      -100,
      -31
    ],
    "SliceThickness": 1.6,
    "SliceTiming": [
      0,
      -0.001,
      -0.001,
      -0.001,
      -0.001,
      -0.001,
      -0.001,
      -0.001,
      -0.001,
      -0.001,
      -0.001,
      -0.001,
      -0.001,
      -0.001,
      -0.001,
      -0.001,
      -0.001,
      -0.001,
      -0.001,
      -0.001,
      -0.001,
      -0.001,
      -0.001,
      -0.001,
      -0.001,
      -0.001,
      -0.001,
      -0.001,
      -0.001,
      -0.001,
      -0.001,
      -0.001,
      -0.001,
      -0.001,
      -0.001,
      -0.001,
      -0.001,
      -0.001,
      -0.001,
      -0.001,
      -0.001,
      -0.001,
      -0.001,
      -0.001,
      -0.001,
      -0.001,
      -0.001,
      -0.001,
      -0.001,
      -0.001,
      -0.001,
      -0.001,
      -0.001,
      -0.001,
      -0.001,
      -0.001,
      -0.001,
      -0.001,
      -0.001,
      -0.001,
      -0.001,
      -0.001,
      -0.001,
      -0.001,
      -0.001,
      -0.001,
      -0.001,
      -0.001,
      -0.001,
      -0.001,
      -0.001,
      -0.001,
      -0.001,
      -0.001,
      -0.001,
      -0.001,
      -0.001,
      -0.001,
      -0.001,
      -0.001,
      -0.001,
      -0.001,
      -0.001,
      -0.001,
      -0.001,
      -0.001,
      -0.001
    ],
    "SoftwareVersions": "syngo MR XA50",
    "SpacingBetweenSlices": 1.6,
    "StationName": "AWP202009",
    "TotalReadoutTime": 0.0705579,
    "TxRefAmp": 316.47,
    "VendorReportedEchoSpacing": 0.00096,
    "acquisition": "highres",
    "dataset": "HCPh",
    "datatype": "dwi",
    "direction": "PA",
    "extension": ".nii.gz",
    "modality": "dwi",
    "session": "pilot20101030",
    "subject": "001",
    "suffix": "dwi"
  },
  "efc_shell01": 0.3395,
  "efc_shell02": 0.44,
  "efc_shell03": 0.4363,
  "efc_shell04": 0.4556,
  "efc_shell05": 0.4702,
  "fa_degenerate": 0.0,
  "fa_nans": 0.0,
  "fber_shell01": 13152.2383,
  "fber_shell02": 4927.2949,
  "fber_shell03": 4822.9233,
  "fber_shell04": 1512.814,
  "fber_shell05": 770.6126,
  "fd_mean": 30.1272,
  "fd_num": 277,
  "fd_perc": 98.92857142857143,
  "ndc": 0.5102,
  "provenance": {
    "md5sum": "d405bbd1cde8856ae98e225d117acc05",
    "settings": {
      "testing": false
    },
    "software": "mriqc",
    "version": "24.1.0.dev15+g9586c867.d20240825"
  },
  "sigma_cc": 62.2693,
  "sigma_pca": 14.4548,
  "sigma_piesno": 0.3301,
  "snr_cc_shell0": 3.0,
  "snr_cc_shell1_best": 3.02,
  "snr_cc_shell1_worst": 3.02,
  "snr_cc_shell2_best": 1.99,
  "snr_cc_shell2_worst": 1.24,
  "snr_cc_shell3_best": 1.57,
  "snr_cc_shell3_worst": 1.55,
  "snr_cc_shell4_best": 0.96,
  "snr_cc_shell4_worst": 0.9,
  "spikes_global": 34.19,
  "spikes_slice_i": 204.42,
  "spikes_slice_j": 186.42,
  "spikes_slice_k": 220.49,
  "summary_bg_k": 1381.4048,
  "summary_bg_mad": 2.9652,
  "summary_bg_mean": 11.0632,
  "summary_bg_median": 2.0,
  "summary_bg_n": 1515880.0,
  "summary_bg_p05": 0.0,
  "summary_bg_p95": 37.0,
  "summary_bg_stdv": 69.6386,
  "summary_fg_k": 13.7309,
  "summary_fg_mad": 96.3691,
  "summary_fg_mean": 296.6084,
  "summary_fg_median": 217.0,
  "summary_fg_n": 364016.0,
  "summary_fg_p05": 87.0,
  "summary_fg_p95": 810.0,
  "summary_fg_stdv": 249.8038,
  "summary_wm_k": 51.6961,
  "summary_wm_mad": 54.8563,
  "summary_wm_mean": 199.5482,
  "summary_wm_median": 188.0,
  "summary_wm_n": 124170.0,
  "summary_wm_p05": 89.0,
  "summary_wm_p95": 324.0,
  "summary_wm_stdv": 99.3854
}
