{
  "NumberOfShells": 4,
  "bValues": [
    0.0,
    700.0,
    1000.0,
    2000.0,
    3000.0
  ],
  "bValuesEstimation": [
    700.0,
    1000.0,
    2000.0,
    3000.0
  ],
  "bdiffs_max": 0.4438,
  "bdiffs_mean": 0.1414,
  "bdiffs_median": 0.1418,
  "bdiffs_min": 0.0021,
  "bids_meta": {
    "AcquisitionMatrixPE": 148,
    "AcquisitionNumber": 1,
    "AcquisitionTime": "18:36:52.932500",
    "BandwidthPerPixelPhaseEncode": 14.077,
    "BaseResolution": 146,
    "BodyPartExamined": "BRAIN",
    "CoilCombinationMethod": "Adaptive Combine",
    "CoilString": "HeadNeck_64_CS",
    "ConversionSoftware": "dcm2niix",
    "ConversionSoftwareVersion": "v1.0.20220720",
    "Deltas": [
      0.0233,
      0.0475
    ],
    "DerivedVendorReportedEchoSpacing": 0.000959971,
    "DeviceSerialNumber": "202009",
    "DiffusionScheme": "Monopolar",
    "DwellTime": 2.1e-6,
    "EchoTime": 0.121,
    "EchoTrainLength": 64,
    "EffectiveEchoSpacing": 0.000479986,
    "FileSize": 0.3440231289714575,
    "FileSizeUnits": "GB",
    "FlipAngle": 90,
    "HeudiconvVersion": "1.1.6.post8+ga0a3635",
    "ImageOrientationPatientDICOM": [
      0.999472,
      0.0316306,
      -0.00748989,
      -0.0317588,
      0.901147,
      -0.43235
    ],
    "ImageType": [
      "ORIGINAL",
      "PRIMARY",
      "DIFFUSION",
      "NONE",
      "ND",
      "NORM",
      "MFSPLIT"
    ],
    "ImageTypeText": [
      "ORIGINAL",
      "PRIMARY",
      "DIFFUSION",
      "NONE"
    ],
    "ImagingFrequency": 123.198,
    "InPlanePhaseEncodingDirectionDICOM": "COL",
    "InstitutionAddress": "Rue du Bugnon 46,Lausanne,,CH,1011",
    "InstitutionName": "CHUV Lausanne",
    "MRAcquisitionType": "2D",
    "MagneticFieldStrength": 3,
    "Manufacturer": "Siemens",
    "ManufacturersModelName": "MAGNETOM Vida Fit",
    "Modality": "MR",
    "MultibandAccelerationFactor": 3,
    "NonlinearGradientCorrection": false,
    "NumberOfVolumes": 280,
    "ParallelReductionFactorInPlane": 2,
    "PartialFourier": 0.875,
    "PatientPosition": "HFS",
    "PercentPhaseFOV": 101.37,
    "PercentSampling": 100,
    "PhaseEncodingDirection": "j",
    "PhaseEncodingSteps": 148,
    "PhaseResolution": 1,
    "PixelBandwidth": 1631,
    "ProcedureStepDescription": "RESEARCH Oscar",
    "ProtocolName": "dwi-dwi_acq-highres_dir-PA",
    "PulseSequenceDetails": "%SiemensSeq%\\ep2d_diff",
    "ReceiveCoilActiveElements": "HC1-7;NC1",
    "ReceiveCoilName": "HeadNeck_64_CS",
    "ReconMatrixPE": 148,
    "RefLinesPE": 54,
    "RepetitionTime": 7,
    "SAR": 0.162903,
    "ScanOptions": "PFP\\FS\\PER",
    "ScanningSequence": "GR\\EP",
    "SequenceName": "*ep_b0",
    "SequenceVariant": "SK",
    "SeriesDescription": "dwi-dwi_acq-highres_dir-PA",
    "SeriesNumber": 18,
    "ShimSetting": [
      221,
      -1131,
      2627,
      645,
      396,
      -230,
      -141,
      19
    ],
    "SliceThickness": 1.6,
    "SliceTiming": [
      0,
      -0.001,
      -0.001,
      -0.001,
      -0.001,
      -0.001,
      -0.001,
      -0.001,
      -0.001,
      -0.001,
      -0.001,
      -0.001,
      -0.001,
      -0.001,
      -0.001,
      -0.001,
      -0.001,
      -0.001,
      -0.001,
      -0.001,
      -0.001,
      -0.001,
      -0.001,
      -0.001,
      -0.001,
      -0.001,
      -0.001,
      -0.001,
      -0.001,
      -0.001,
      -0.001,
      -0.001,
      -0.001,
      -0.001,
      -0.001,
      -0.001,
      -0.001,
      -0.001,
      -0.001,
      -0.001,
      -0.001,
      -0.001,
      -0.001,
      -0.001,
      -0.001,
      -0.001,
      -0.001,
      -0.001,
      -0.001,
      -0.001,
      -0.001,
      -0.001,
      -0.001,
      -0.001,
      -0.001,
      -0.001,
      -0.001,
      -0.001,
      -0.001,
      -0.001,
      -0.001,
      -0.001,
      -0.001,
      -0.001,
      -0.001,
      -0.001,
      -0.001,
      -0.001,
      -0.001,
      -0.001,
      -0.001,
      -0.001,
      -0.001,
      -0.001,
      -0.001,
      -0.001,
      -0.001,
      -0.001,
      -0.001,
      -0.001,
      -0.001,
      -0.001,
      -0.001,
      -0.001,
      -0.001,
      -0.001,
      -0.001
    ],
    "SoftwareVersions": "syngo MR XA50",
    "SpacingBetweenSlices": 1.6,
    "StationName": "AWP202009",
    "TotalReadoutTime": 0.0705579,
    "TxRefAmp": 321.185,
    "VendorReportedEchoSpacing": 0.00096,
    "acquisition": "highres",
    "dataset": "HCPh",
    "datatype": "dwi",
    "direction": "PA",
    "extension": ".nii.gz",
    "modality": "dwi",
    "session": "20501030",
    "subject": "001",
    "suffix": "dwi"
  },
  "efc_shell01": 0.3387,
  "efc_shell02": 0.4417,
  "efc_shell03": 0.4392,
  "efc_shell04": 0.4611,
  "efc_shell05": 0.4784,
  "fa_degenerate": 0.0,
  "fa_nans": 0.0,
  "fber_shell01": 13995.1172,
  "fber_shell02": 4822.5044,
  "fber_shell03": 4280.856,
  "fber_shell04": 1330.5248,
  "fber_shell05": 710.1853,
  "fd_mean": 25.0956,
  "fd_num": 279,
  "fd_perc": 99.64285714285714,
  "ndc": 0.5677,
  "provenance": {
    "md5sum": "a7fb0f041246d69860ad4eb4a04b5ddc",
    "settings": {
      "testing": false
    },
    "software": "mriqc",
    "version": "24.1.0.dev15+g9586c867.d20240825"
  },
  "sigma_cc": 60.0454,
  "sigma_pca": 15.186,
  "sigma_piesno": 0.3301,
  "snr_cc_shell0": 3.1,
  "snr_cc_shell1_best": 3.12,
  "snr_cc_shell1_worst": 3.12,
  "snr_cc_shell2_best": 2.28,
  "snr_cc_shell2_worst": 1.42,
  "snr_cc_shell3_best": 1.59,
  "snr_cc_shell3_worst": 1.35,
  "snr_cc_shell4_best": 0.85,
  "snr_cc_shell4_worst": 0.89,
  "spikes_global": 35.61,
  "spikes_slice_i": 201.09,
  "spikes_slice_j": 195.69,
  "spikes_slice_k": 234.87,
  "summary_bg_k": 1490.4143,
  "summary_bg_mad": 1.4826,
  "summary_bg_mean": 9.4929,
  "summary_bg_median": 1.0,
  "summary_bg_n": 1508909.0,
  "summary_bg_p05": 0.0,
  "summary_bg_p95": 33.0,
  "summary_bg_stdv": 61.3815,
  "summary_fg_k": 13.2051,
  "summary_fg_mad": 93.4039,
  "summary_fg_mean": 297.5294,
  "summary_fg_median": 215.0,
  "summary_fg_n": 370987.0,
  "summary_fg_p05": 81.0,
  "summary_fg_p95": 828.0,
  "summary_fg_stdv": 252.8673,
  "summary_wm_k": 39.9591,
  "summary_wm_mad": 51.8911,
  "summary_wm_mean": 193.5118,
  "summary_wm_median": 183.0,
  "summary_wm_n": 131869.0,
  "summary_wm_p05": 55.0,
  "summary_wm_p95": 325.0,
  "summary_wm_stdv": 101.4414
}
