{
  "NumberOfShells": 4,
  "bValues": [
    0.0,
    700.0,
    1000.0,
    2000.0,
    3000.0
  ],
  "bValuesEstimation": [
    700.0,
    1000.0,
    2000.0,
    3000.0
  ],
  "bdiffs_max": 0.3218,
  "bdiffs_mean": 0.2245,
  "bdiffs_median": 0.2526,
  "bdiffs_min": 0.0023,
  "bids_meta": {
    "AcquisitionMatrixPE": 146,
    "AcquisitionNumber": 1,
    "AcquisitionTime": "18:17:24.762500",
    "B0FieldSource": [
      "pilot020pepolarb0",
      "pilot020phasediff"
    ],
    "BandwidthPerPixelPhaseEncode": 19.569,
    "BaseResolution": 146,
    "BodyPartExamined": "BRAIN",
    "CoilCombinationMethod": "Adaptive Combine",
    "CoilString": "HeadNeck_64",
    "ConversionSoftware": "dcm2niix",
    "ConversionSoftwareVersion": "v1.0.20220720",
    "Deltas": [
      0.0233,
      0.0475
    ],
    "DerivedVendorReportedEchoSpacing": 0.000700017,
    "DeviceSerialNumber": "67014",
    "DiffusionScheme": "Monopolar",
    "DwellTime": 2.1e-6,
    "EchoTime": 0.098,
    "EchoTrainLength": 64,
    "EffectiveEchoSpacing": 0.000350008,
    "FileSize": 0.4402845213189721,
    "FileSizeUnits": "GB",
    "FlipAngle": 90,
    "HeudiconvVersion": "1.0.0",
    "ImageOrientationPatientDICOM": [
      0.998972,
      0.0313919,
      0.0326963,
      -0.0286018,
      0.996175,
      -0.0825621
    ],
    "ImageType": [
      "ORIGINAL",
      "PRIMARY",
      "DIFFUSION",
      "NONE",
      "ND",
      "MFSPLIT"
    ],
    "ImageTypeText": [
      "ORIGINAL",
      "PRIMARY",
      "DIFFUSION",
      "NONE"
    ],
    "ImagingFrequency": 123.248,
    "InPlanePhaseEncodingDirectionDICOM": "COL",
    "InstitutionAddress": "Rue du Bugnon 21,Lausanne,District,CH,1011",
    "InstitutionName": "CHUV",
    "MRAcquisitionType": "2D",
    "MagneticFieldStrength": 3,
    "Manufacturer": "Siemens",
    "ManufacturersModelName": "MAGNETOM Prisma Fit",
    "Modality": "MR",
    "MultibandAccelerationFactor": 3,
    "NonlinearGradientCorrection": false,
    "NumberOfVolumes": 280,
    "ParallelReductionFactorInPlane": 2,
    "PartialFourier": 0.875,
    "PatientPosition": "HFS",
    "PercentPhaseFOV": 100,
    "PercentSampling": 100,
    "PhaseEncodingDirection": "j",
    "PhaseEncodingSteps": 146,
    "PhaseResolution": 1,
    "PixelBandwidth": 1631,
    "ProcedureStepDescription": "RESEARCH Oscar",
    "ProtocolName": "dwi-dwi_acq-highres_dir-PA__trigger_monopolar",
    "PulseSequenceDetails": "%CustomerSeq%\\ep2d_diff_trigg",
    "ReceiveCoilActiveElements": "HC1-7",
    "ReceiveCoilName": "HeadNeck_64",
    "ReconMatrixPE": 146,
    "RefLinesPE": 54,
    "RepetitionTime": 7,
    "SAR": 0.172128,
    "ScanOptions": "PFP\\FS\\PER",
    "ScanningSequence": "GR\\EP",
    "SequenceName": "ep_b0",
    "SequenceVariant": "SK",
    "SeriesDescription": "dwi-dwi_acq-highres_dir-PA__trigger_monopolar",
    "SeriesNumber": 15,
    "ShimSetting": [
      8231,
      -5631,
      -6044,
      606,
      -47,
      -362,
      14,
      0
    ],
    "SliceThickness": 1.6,
    "SliceTiming": [
      0,
      6.145,
      0.14,
      6.285,
      0.28,
      6.425,
      0.42,
      6.565,
      0.56,
      6.705,
      0.7,
      6.8425,
      0.84,
      6.9825,
      0.9775,
      7.1225,
      1.1175,
      7.2625,
      1.2575,
      7.4025,
      1.3975,
      7.5425,
      1.5375,
      7.6825,
      1.6775,
      7.82,
      1.8175,
      7.96,
      1.955,
      8.1,
      2.095,
      8.24,
      2.235,
      8.38,
      2.375,
      8.52,
      2.515,
      8.66,
      2.655,
      8.7975,
      2.795,
      8.9375,
      2.9325,
      9.0775,
      3.0725,
      9.2175,
      3.2125,
      9.3575,
      3.3525,
      9.4975,
      3.4925,
      9.6375,
      3.6325,
      9.775,
      3.7725,
      9.915,
      3.91,
      10.055,
      4.05,
      10.195,
      4.19,
      10.335,
      4.33,
      10.475,
      4.47,
      10.615,
      4.61,
      10.7525,
      4.75,
      10.8925,
      4.8875,
      11.0325,
      5.0275,
      11.1725,
      5.1675,
      11.3125,
      5.3075,
      11.4525,
      5.4475,
      11.5925,
      5.5875,
      11.73,
      5.7275,
      11.87,
      5.865,
      12.01,
      6.005
    ],
    "SoftwareVersions": "syngo MR XA30",
    "SpacingBetweenSlices": 1.6,
    "StationName": "LRG10884",
    "TotalReadoutTime": 0.0507512,
    "TxRefAmp": 247.631,
    "acquisition": "highres",
    "dataset": "HCPh",
    "datatype": "dwi",
    "direction": "PA",
    "extension": ".nii.gz",
    "modality": "dwi",
    "run": 3,
    "session": "pilot020",
    "subject": "001",
    "suffix": "dwi"
  },
  "efc_shell01": 0.3862,
  "efc_shell02": 0.4856,
  "efc_shell03": 0.4943,
  "efc_shell04": 0.5432,
  "efc_shell05": 0.5939,
  "fa_degenerate": 0.0,
  "fa_nans": 0.0,
  "fber_shell01": 1368.4678,
  "fber_shell02": 448.2312,
  "fber_shell03": 313.7491,
  "fber_shell04": 111.5906,
  "fber_shell05": 51.2454,
  "fd_mean": 5.8701,
  "fd_num": 279,
  "fd_perc": 99.64285714285714,
  "ndc": 0.6317,
  "provenance": {
    "md5sum": "9f887f033c28a214887a917971dba231",
    "settings": {
      "testing": false
    },
    "software": "mriqc",
    "version": "24.1.0.dev15+g9586c867.d20240825"
  },
  "sigma_cc": 41.5129,
  "sigma_pca": 14.78,
  "sigma_piesno": 1.3206,
  "snr_cc_shell0": 4.1,
  "snr_cc_shell1_best": 4.13,
  "snr_cc_shell1_worst": 4.13,
  "snr_cc_shell2_best": 2.62,
  "snr_cc_shell2_worst": 1.71,
  "snr_cc_shell3_best": 2.29,
  "snr_cc_shell3_worst": 1.14,
  "snr_cc_shell4_best": 1.69,
  "snr_cc_shell4_worst": 0.92,
  "spikes_global": 35.47,
  "spikes_slice_i": 201.88,
  "spikes_slice_j": 194.57,
  "spikes_slice_k": 207.26,
  "summary_bg_k": 359.7468,
  "summary_bg_mad": 8.8956,
  "summary_bg_mean": 31.5118,
  "summary_bg_median": 9.0,
  "summary_bg_n": 1509531.0,
  "summary_bg_p05": 2.0,
  "summary_bg_p95": 121.0,
  "summary_bg_stdv": 106.0811,
  "summary_fg_k": 8.0458,
  "summary_fg_mad": 177.9123,
  "summary_fg_mean": 408.4162,
  "summary_fg_median": 314.0,
  "summary_fg_n": 344961.0,
  "summary_fg_p05": 106.0,
  "summary_fg_p95": 1081.0,
  "summary_fg_stdv": 325.973,
  "summary_wm_k": 9.9116,
  "summary_wm_mad": 80.0605,
  "summary_wm_mean": 222.1483,
  "summary_wm_median": 219.0,
  "summary_wm_n": 94538.0,
  "summary_wm_p05": 94.0,
  "summary_wm_p95": 363.0,
  "summary_wm_stdv": 88.1003
}
