{
  "NumberOfShells": 4,
  "bValues": [
    0.0,
    700.0,
    1000.0,
    2000.0,
    3000.0
  ],
  "bValuesEstimation": [
    700.0,
    1000.0,
    2000.0,
    3000.0
  ],
  "bdiffs_max": 0.3299,
  "bdiffs_mean": 0.228,
  "bdiffs_median": 0.2267,
  "bdiffs_min": 0.0086,
  "bids_meta": {
    "AcquisitionMatrixPE": 146,
    "AcquisitionNumber": 1,
    "AcquisitionTime": "18:07:18.905000",
    "B0FieldSource": [
      "pilot020pepolarb0",
      "pilot020phasediff"
    ],
    "BandwidthPerPixelPhaseEncode": 19.569,
    "BaseResolution": 146,
    "BodyPartExamined": "BRAIN",
    "CoilCombinationMethod": "Adaptive Combine",
    "CoilString": "HeadNeck_64",
    "ConversionSoftware": "dcm2niix",
    "ConversionSoftwareVersion": "v1.0.20220720",
    "Deltas": [
      0.0233,
      0.0475
    ],
    "DerivedVendorReportedEchoSpacing": 0.000700017,
    "DeviceSerialNumber": "67014",
    "DiffusionScheme": "Monopolar",
    "DwellTime": 2.1e-6,
    "EchoTime": 0.098,
    "EchoTrainLength": 64,
    "EffectiveEchoSpacing": 0.000350008,
    "FileSize": 0.04574980307370424,
    "FileSizeUnits": "GB",
    "FlipAngle": 90,
    "HeudiconvVersion": "1.0.0",
    "ImageOrientationPatientDICOM": [
      0.998972,
      0.0313919,
      0.0326963,
      -0.0286018,
      0.996175,
      -0.0825621
    ],
    "ImageType": [
      "ORIGINAL",
      "PRIMARY",
      "DIFFUSION",
      "NONE",
      "ND",
      "MFSPLIT"
    ],
    "ImageTypeText": [
      "ORIGINAL",
      "PRIMARY",
      "DIFFUSION",
      "NONE"
    ],
    "ImagingFrequency": 123.248,
    "InPlanePhaseEncodingDirectionDICOM": "COL",
    "InstitutionAddress": "Rue du Bugnon 21,Lausanne,District,CH,1011",
    "InstitutionName": "CHUV",
    "MRAcquisitionType": "2D",
    "MagneticFieldStrength": 3,
    "Manufacturer": "Siemens",
    "ManufacturersModelName": "MAGNETOM Prisma Fit",
    "Modality": "MR",
    "MultibandAccelerationFactor": 3,
    "NonlinearGradientCorrection": false,
    "NumberOfVolumes": 29,
    "ParallelReductionFactorInPlane": 2,
    "PartialFourier": 0.875,
    "PatientPosition": "HFS",
    "PercentPhaseFOV": 100,
    "PercentSampling": 100,
    "PhaseEncodingDirection": "j",
    "PhaseEncodingSteps": 146,
    "PhaseResolution": 1,
    "PixelBandwidth": 1631,
    "ProcedureStepDescription": "RESEARCH Oscar",
    "ProtocolName": "dwi-dwi_acq-highres_dir-PA__trigger_monopolar",
    "PulseSequenceDetails": "%CustomerSeq%\\ep2d_diff_trigg",
    "ReceiveCoilActiveElements": "HC1-7",
    "ReceiveCoilName": "HeadNeck_64",
    "ReconMatrixPE": 146,
    "RefLinesPE": 54,
    "RepetitionTime": 7,
    "SAR": 0.172128,
    "ScanOptions": "PFP\\FS\\PER",
    "ScanningSequence": "GR\\EP",
    "SequenceName": "ep_b0",
    "SequenceVariant": "SK",
    "SeriesDescription": "dwi-dwi_acq-highres_dir-PA__trigger_monopolar",
    "SeriesNumber": 12,
    "ShimSetting": [
      8231,
      -5631,
      -6044,
      606,
      -47,
      -362,
      14,
      0
    ],
    "SliceThickness": 1.6,
    "SliceTiming": [
      0,
      6.145,
      0.14,
      6.285,
      0.28,
      6.425,
      0.42,
      6.5625,
      0.56,
      6.7025,
      0.7,
      6.8425,
      0.8375,
      6.9825,
      0.9775,
      7.1225,
      1.1175,
      7.2625,
      1.2575,
      7.4025,
      1.3975,
      7.54,
      1.5375,
      7.68,
      1.6775,
      7.82,
      1.815,
      7.96,
      1.955,
      8.1,
      2.095,
      8.24,
      2.235,
      8.38,
      2.375,
      8.5175,
      2.515,
      8.6575,
      2.655,
      8.7975,
      2.7925,
      8.9375,
      2.9325,
      9.0775,
      3.0725,
      9.2175,
      3.2125,
      9.3575,
      3.3525,
      9.495,
      3.4925,
      9.635,
      3.6325,
      9.775,
      3.77,
      9.915,
      3.91,
      10.055,
      4.05,
      10.195,
      4.19,
      10.335,
      4.33,
      10.4725,
      4.47,
      10.6125,
      4.6075,
      10.7525,
      4.7475,
      10.8925,
      4.8875,
      11.0325,
      5.0275,
      11.1725,
      5.1675,
      11.3125,
      5.3075,
      11.45,
      5.4475,
      11.59,
      5.585,
      11.73,
      5.725,
      11.87,
      5.865,
      12.01,
      6.005
    ],
    "SoftwareVersions": "syngo MR XA30",
    "SpacingBetweenSlices": 1.6,
    "StationName": "LRG10884",
    "TotalReadoutTime": 0.0507512,
    "TxRefAmp": 247.631,
    "acquisition": "highres",
    "dataset": "HCPh",
    "datatype": "dwi",
    "direction": "PA",
    "extension": ".nii.gz",
    "modality": "dwi",
    "run": 2,
    "session": "pilot020",
    "subject": "001",
    "suffix": "dwi"
  },
  "efc_shell01": 2.1332,
  "efc_shell02": 1.0511,
  "efc_shell03": 0.8296,
  "efc_shell04": 0.5721,
  "efc_shell05": 0.5951,
  "fa_degenerate": 0.0,
  "fa_nans": 0.0,
  "fber_shell01": 32.0625,
  "fber_shell02": 100.0,
  "fber_shell03": 164.6944,
  "fber_shell04": 113.7778,
  "fber_shell05": 53.7778,
  "fd_mean": 5.0821,
  "fd_num": 28,
  "fd_perc": 96.55172413793103,
  "ndc": 0.4408,
  "provenance": {
    "md5sum": "5f202b76dba214d60a807f0c695d0ad5",
    "settings": {
      "testing": false
    },
    "software": "mriqc",
    "version": "24.1.0.dev15+g9586c867.d20240825"
  },
  "sigma_cc": 71.1649,
  "sigma_pca": 16.1083,
  "sigma_piesno": 1.6508,
  "snr_cc_shell0": 2.94,
  "snr_cc_shell1_best": 3.95,
  "snr_cc_shell1_worst": 3.95,
  "snr_cc_shell2_best": 2.39,
  "snr_cc_shell2_worst": 2.39,
  "snr_cc_shell3_best": 1.34,
  "snr_cc_shell3_worst": 1.09,
  "snr_cc_shell4_best": 0.9,
  "snr_cc_shell4_worst": 0.72,
  "spikes_global": 305.41,
  "spikes_slice_i": 1626.14,
  "spikes_slice_j": 1550.12,
  "spikes_slice_k": 1684.02,
  "summary_bg_k": 431.0642,
  "summary_bg_mad": 8.8956,
  "summary_bg_mean": 31.087,
  "summary_bg_median": 9.0,
  "summary_bg_n": 1508886.0,
  "summary_bg_p05": 1.0,
  "summary_bg_p95": 117.0,
  "summary_bg_stdv": 110.2041,
  "summary_fg_k": 8.9939,
  "summary_fg_mad": 186.8079,
  "summary_fg_mean": 420.7072,
  "summary_fg_median": 319.0,
  "summary_fg_n": 345606.0,
  "summary_fg_p05": 98.0,
  "summary_fg_p95": 1154.0,
  "summary_fg_stdv": 354.8433,
  "summary_wm_k": 11.7091,
  "summary_wm_mad": 160.121,
  "summary_wm_mean": 362.5889,
  "summary_wm_median": 294.0,
  "summary_wm_n": 298702.0,
  "summary_wm_p05": 92.0,
  "summary_wm_p95": 895.0,
  "summary_wm_stdv": 276.6048
}
