{
  "NumberOfShells": 4,
  "bValues": [
    0.0,
    700.0,
    1000.0,
    2000.0,
    3000.0
  ],
  "bValuesEstimation": [
    700.0,
    1000.0,
    2000.0,
    3000.0
  ],
  "bdiffs_max": 0.4407,
  "bdiffs_mean": 0.1581,
  "bdiffs_median": 0.1465,
  "bdiffs_min": 0.0046,
  "bids_meta": {
    "AcquisitionMatrixPE": 148,
    "AcquisitionNumber": 1,
    "AcquisitionTime": "18:35:9.975000",
    "BandwidthPerPixelPhaseEncode": 14.077,
    "BaseResolution": 146,
    "BodyPartExamined": "BRAIN",
    "CoilCombinationMethod": "Adaptive Combine",
    "CoilString": "HeadNeck_64_CS",
    "ConversionSoftware": "dcm2niix",
    "ConversionSoftwareVersion": "v1.0.20220720",
    "Deltas": [
      0.0233,
      0.0475
    ],
    "DerivedVendorReportedEchoSpacing": 0.000959971,
    "DeviceSerialNumber": "202009",
    "DiffusionScheme": "Monopolar",
    "DwellTime": 2.1e-6,
    "EchoTime": 0.121,
    "EchoTrainLength": 64,
    "EffectiveEchoSpacing": 0.000479986,
    "FileSize": 0.33310252893716097,
    "FileSizeUnits": "GB",
    "FlipAngle": 90,
    "HeudiconvVersion": "1.1.6.post8+ga0a3635",
    "ImageOrientationPatientDICOM": [
      0.9998,
      0.00684869,
      -0.0187945,
      -0.0139607,
      0.911798,
      -0.410403
    ],
    "ImageType": [
      "ORIGINAL",
      "PRIMARY",
      "DIFFUSION",
      "NONE",
      "ND",
      "NORM",
      "MFSPLIT"
    ],
    "ImageTypeText": [
      "ORIGINAL",
      "PRIMARY",
      "DIFFUSION",
      "NONE"
    ],
    "ImagingFrequency": 123.197,
    "InPlanePhaseEncodingDirectionDICOM": "COL",
    "InstitutionAddress": "Rue du Bugnon 46,Lausanne,,CH,1011",
    "InstitutionName": "CHUV Lausanne",
    "MRAcquisitionType": "2D",
    "MagneticFieldStrength": 3,
    "Manufacturer": "Siemens",
    "ManufacturersModelName": "MAGNETOM Vida Fit",
    "Modality": "MR",
    "MultibandAccelerationFactor": 3,
    "NonlinearGradientCorrection": false,
    "NumberOfVolumes": 280,
    "ParallelReductionFactorInPlane": 2,
    "PartialFourier": 0.875,
    "PatientPosition": "HFS",
    "PercentPhaseFOV": 101.37,
    "PercentSampling": 100,
    "PhaseEncodingDirection": "j",
    "PhaseEncodingSteps": 148,
    "PhaseResolution": 1,
    "PixelBandwidth": 1631,
    "ProcedureStepDescription": "RESEARCH Oscar",
    "ProtocolName": "dwi-dwi_acq-highres_dir-PA",
    "PulseSequenceDetails": "%SiemensSeq%\\ep2d_diff",
    "ReceiveCoilActiveElements": "HC1-7;NC1",
    "ReceiveCoilName": "HeadNeck_64_CS",
    "ReconMatrixPE": 148,
    "RefLinesPE": 54,
    "RepetitionTime": 7,
    "SAR": 0.157784,
    "ScanOptions": "PFP\\FS\\PER",
    "ScanningSequence": "GR\\EP",
    "SequenceName": "*ep_b0",
    "SequenceVariant": "SK",
    "SeriesDescription": "dwi-dwi_acq-highres_dir-PA",
    "SeriesNumber": 18,
    "ShimSetting": [
      205,
      -1159,
      2729,
      684,
      376,
      -119,
      -31,
      -5
    ],
    "SliceThickness": 1.6,
    "SliceTiming": [
      0,
      -0.001,
      -0.001,
      -0.001,
      -0.001,
      -0.001,
      -0.001,
      -0.001,
      -0.001,
      -0.001,
      -0.001,
      -0.001,
      -0.001,
      -0.001,
      -0.001,
      -0.001,
      -0.001,
      -0.001,
      -0.001,
      -0.001,
      -0.001,
      -0.001,
      -0.001,
      -0.001,
      -0.001,
      -0.001,
      -0.001,
      -0.001,
      -0.001,
      -0.001,
      -0.001,
      -0.001,
      -0.001,
      -0.001,
      -0.001,
      -0.001,
      -0.001,
      -0.001,
      -0.001,
      -0.001,
      -0.001,
      -0.001,
      -0.001,
      -0.001,
      -0.001,
      -0.001,
      -0.001,
      -0.001,
      -0.001,
      -0.001,
      -0.001,
      -0.001,
      -0.001,
      -0.001,
      -0.001,
      -0.001,
      -0.001,
      -0.001,
      -0.001,
      -0.001,
      -0.001,
      -0.001,
      -0.001,
      -0.001,
      -0.001,
      -0.001,
      -0.001,
      -0.001,
      -0.001,
      -0.001,
      -0.001,
      -0.001,
      -0.001,
      -0.001,
      -0.001,
      -0.001,
      -0.001,
      -0.001,
      -0.001,
      -0.001,
      -0.001,
      -0.001,
      -0.001,
      -0.001,
      -0.001,
      -0.001,
      -0.001
    ],
    "SoftwareVersions": "syngo MR XA50",
    "SpacingBetweenSlices": 1.6,
    "StationName": "AWP202009",
    "TotalReadoutTime": 0.0705579,
    "TxRefAmp": 319.238,
    "VendorReportedEchoSpacing": 0.00096,
    "acquisition": "highres",
    "dataset": "HCPh",
    "datatype": "dwi",
    "direction": "PA",
    "extension": ".nii.gz",
    "modality": "dwi",
    "session": "21001030",
    "subject": "001",
    "suffix": "dwi"
  },
  "efc_shell01": 0.3349,
  "efc_shell02": 0.436,
  "efc_shell03": 0.4353,
  "efc_shell04": 0.4521,
  "efc_shell05": 0.4688,
  "fa_degenerate": 0.0,
  "fa_nans": 0.0,
  "fber_shell01": 15540.2783,
  "fber_shell02": 5601.6025,
  "fber_shell03": 4628.1577,
  "fber_shell04": 1558.1917,
  "fber_shell05": 795.2091,
  "fd_mean": 29.4235,
  "fd_num": 279,
  "fd_perc": 99.64285714285714,
  "ndc": 0.5448,
  "provenance": {
    "md5sum": "28f8e5c20564fc3d5c8b8d37d67e1c9e",
    "settings": {
      "testing": false
    },
    "software": "mriqc",
    "version": "24.1.0.dev15+g9586c867.d20240825"
  },
  "sigma_cc": 57.8215,
  "sigma_pca": 13.789,
  "sigma_piesno": 0.3301,
  "snr_cc_shell0": 3.07,
  "snr_cc_shell1_best": 3.12,
  "snr_cc_shell1_worst": 3.12,
  "snr_cc_shell2_best": 2.14,
  "snr_cc_shell2_worst": 1.6,
  "snr_cc_shell3_best": 1.54,
  "snr_cc_shell3_worst": 1.33,
  "snr_cc_shell4_best": 0.92,
  "snr_cc_shell4_worst": 0.86,
  "spikes_global": 33.2,
  "spikes_slice_i": 201.37,
  "spikes_slice_j": 177.98,
  "spikes_slice_k": 219.0,
  "summary_bg_k": 1665.7423,
  "summary_bg_mad": 1.4826,
  "summary_bg_mean": 9.216,
  "summary_bg_median": 1.0,
  "summary_bg_n": 1510885.0,
  "summary_bg_p05": 0.0,
  "summary_bg_p95": 32.0,
  "summary_bg_stdv": 65.9498,
  "summary_fg_k": 15.7983,
  "summary_fg_mad": 91.9213,
  "summary_fg_mean": 283.5739,
  "summary_fg_median": 206.0,
  "summary_fg_n": 369011.0,
  "summary_fg_p05": 76.0,
  "summary_fg_p95": 772.0,
  "summary_fg_stdv": 242.8851,
  "summary_wm_k": 46.8253,
  "summary_wm_mad": 51.8911,
  "summary_wm_mean": 191.8075,
  "summary_wm_median": 178.0,
  "summary_wm_n": 131736.0,
  "summary_wm_p05": 62.0,
  "summary_wm_p95": 332.0,
  "summary_wm_stdv": 105.3253
}
