{
  "NumberOfShells": 4,
  "bValues": [
    0.0,
    700.0,
    1000.0,
    2000.0,
    3000.0
  ],
  "bValuesEstimation": [
    700.0,
    1000.0,
    2000.0,
    3000.0
  ],
  "bdiffs_max": 0.4133,
  "bdiffs_mean": 0.1811,
  "bdiffs_median": 0.1643,
  "bdiffs_min": 0.0107,
  "bids_meta": {
    "AcquisitionMatrixPE": 148,
    "AcquisitionNumber": 1,
    "AcquisitionTime": "20:09:38.437500",
    "BandwidthPerPixelPhaseEncode": 14.077,
    "BaseResolution": 146,
    "BodyPartExamined": "BRAIN",
    "CoilCombinationMethod": "Adaptive Combine",
    "CoilString": "HeadNeck_64_CS",
    "ConversionSoftware": "dcm2niix",
    "ConversionSoftwareVersion": "v1.0.20220720",
    "Deltas": [
      0.0233,
      0.0475
    ],
    "DerivedVendorReportedEchoSpacing": 0.000959971,
    "DeviceSerialNumber": "176240",
    "DiffusionScheme": "Monopolar",
    "DwellTime": 2.1e-6,
    "EchoTime": 0.121,
    "EchoTrainLength": 64,
    "EffectiveEchoSpacing": 0.000479986,
    "FileSize": 0.3363040778785944,
    "FileSizeUnits": "GB",
    "FlipAngle": 90,
    "HeudiconvVersion": "1.1.6.post8+ga0a3635",
    "ImageOrientationPatientDICOM": [
      0.999029,
      0.0350963,
      0.0266437,
      -0.0200545,
      0.900551,
      -0.434287
    ],
    "ImageType": [
      "ORIGINAL",
      "PRIMARY",
      "DIFFUSION",
      "NONE",
      "ND",
      "NORM",
      "MFSPLIT"
    ],
    "ImageTypeText": [
      "ORIGINAL",
      "PRIMARY",
      "DIFFUSION",
      "NONE"
    ],
    "ImagingFrequency": 123.261,
    "InPlanePhaseEncodingDirectionDICOM": "COL",
    "InstitutionAddress": "Rue de Bugnon 46,Lausanne,,CH,1011",
    "InstitutionName": "Radiologie-CHUV",
    "MRAcquisitionType": "2D",
    "MagneticFieldStrength": 3,
    "Manufacturer": "Siemens",
    "ManufacturersModelName": "MAGNETOM Vida",
    "Modality": "MR",
    "MultibandAccelerationFactor": 3,
    "NonlinearGradientCorrection": false,
    "NumberOfVolumes": 280,
    "ParallelReductionFactorInPlane": 2,
    "PartialFourier": 0.875,
    "PatientPosition": "HFS",
    "PercentPhaseFOV": 101.37,
    "PercentSampling": 100,
    "PhaseEncodingDirection": "j-",
    "PhaseEncodingSteps": 148,
    "PhaseResolution": 1,
    "PixelBandwidth": 1631,
    "ProcedureStepDescription": "Research Oscar",
    "ProtocolName": "dwi-dwi_acq-highres_dir-AP",
    "PulseSequenceDetails": "%SiemensSeq%\\ep2d_diff",
    "ReceiveCoilActiveElements": "HC1-7;NC1",
    "ReceiveCoilName": "HeadNeck_64_CS",
    "ReconMatrixPE": 148,
    "RefLinesPE": 54,
    "RepetitionTime": 7,
    "SAR": 0.175654,
    "ScanOptions": "PFP\\FS\\PER",
    "ScanningSequence": "GR\\EP",
    "SequenceName": "*ep_b0",
    "SequenceVariant": "SK",
    "SeriesDescription": "dwi-dwi_acq-highres_dir-AP",
    "SeriesNumber": 18,
    "ShimSetting": [
      -8772,
      8504,
      9498,
      585,
      -156,
      -66,
      74,
      42
    ],
    "SliceThickness": 1.6,
    "SliceTiming": [
      0,
      -0.001,
      -0.001,
      -0.001,
      -0.001,
      -0.001,
      -0.001,
      -0.001,
      -0.001,
      -0.001,
      -0.001,
      -0.001,
      -0.001,
      -0.001,
      -0.001,
      -0.001,
      -0.001,
      -0.001,
      -0.001,
      -0.001,
      -0.001,
      -0.001,
      -0.001,
      -0.001,
      -0.001,
      -0.001,
      -0.001,
      -0.001,
      -0.001,
      -0.001,
      -0.001,
      -0.001,
      -0.001,
      -0.001,
      -0.001,
      -0.001,
      -0.001,
      -0.001,
      -0.001,
      -0.001,
      -0.001,
      -0.001,
      -0.001,
      -0.001,
      -0.001,
      -0.001,
      -0.001,
      -0.001,
      -0.001,
      -0.001,
      -0.001,
      -0.001,
      -0.001,
      -0.001,
      -0.001,
      -0.001,
      -0.001,
      -0.001,
      -0.001,
      -0.001,
      -0.001,
      -0.001,
      -0.001,
      -0.001,
      -0.001,
      -0.001,
      -0.001,
      -0.001,
      -0.001,
      -0.001,
      -0.001,
      -0.001,
      -0.001,
      -0.001,
      -0.001,
      -0.001,
      -0.001,
      -0.001,
      -0.001,
      -0.001,
      -0.001,
      -0.001,
      -0.001,
      -0.001,
      -0.001,
      -0.001,
      -0.001
    ],
    "SoftwareVersions": "syngo MR XA50",
    "SpacingBetweenSlices": 1.6,
    "StationName": "LRG08892",
    "TotalReadoutTime": 0.0705579,
    "TxRefAmp": 321.043,
    "VendorReportedEchoSpacing": 0.00096,
    "acquisition": "highres",
    "dataset": "HCPh",
    "datatype": "dwi",
    "direction": "AP",
    "extension": ".nii.gz",
    "modality": "dwi",
    "session": "21002034",
    "subject": "001",
    "suffix": "dwi"
  },
  "efc_shell01": 0.3383,
  "efc_shell02": 0.4321,
  "efc_shell03": 0.4327,
  "efc_shell04": 0.4483,
  "efc_shell05": 0.4565,
  "fa_degenerate": 0.0,
  "fa_nans": 0.0,
  "fber_shell01": 18226.9395,
  "fber_shell02": 6501.4468,
  "fber_shell03": 4845.1274,
  "fber_shell04": 1635.6111,
  "fber_shell05": 895.4855,
  "fd_mean": 34.4265,
  "fd_num": 279,
  "fd_perc": 99.64285714285714,
  "ndc": 0.5474,
  "provenance": {
    "md5sum": "384e0f24ce138bb7fbab11b4f3e8073c",
    "settings": {
      "testing": false
    },
    "software": "mriqc",
    "version": "24.1.0.dev15+g9586c867.d20240825"
  },
  "sigma_cc": 50.4085,
  "sigma_pca": 14.7431,
  "sigma_piesno": 0.3301,
  "snr_cc_shell0": 4.38,
  "snr_cc_shell1_best": 4.35,
  "snr_cc_shell1_worst": 4.35,
  "snr_cc_shell2_best": 3.11,
  "snr_cc_shell2_worst": 1.8,
  "snr_cc_shell3_best": 1.75,
  "snr_cc_shell3_worst": 1.76,
  "snr_cc_shell4_best": 1.15,
  "snr_cc_shell4_worst": 1.22,
  "spikes_global": 30.21,
  "spikes_slice_i": 170.86,
  "spikes_slice_j": 163.64,
  "spikes_slice_k": 197.02,
  "summary_bg_k": 316.3701,
  "summary_bg_mad": 1.4826,
  "summary_bg_mean": 8.7807,
  "summary_bg_median": 1.0,
  "summary_bg_n": 1523469.0,
  "summary_bg_p05": 0.0,
  "summary_bg_p95": 35.0,
  "summary_bg_stdv": 35.3968,
  "summary_fg_k": 14.7411,
  "summary_fg_mad": 97.8517,
  "summary_fg_mean": 319.034,
  "summary_fg_median": 232.0,
  "summary_fg_n": 356427.0,
  "summary_fg_p05": 92.0,
  "summary_fg_p95": 868.0,
  "summary_fg_stdv": 271.6409,
  "summary_wm_k": 43.5096,
  "summary_wm_mad": 51.8911,
  "summary_wm_mean": 215.1023,
  "summary_wm_median": 202.0,
  "summary_wm_n": 117151.0,
  "summary_wm_p05": 108.0,
  "summary_wm_p95": 343.0,
  "summary_wm_stdv": 98.0154
}
