{
  "bids_meta": {
    "AcquisitionMatrixPE": 320,
    "AcquisitionNumber": 1,
    "AcquisitionTime": "23:06:43.882500",
    "BaseResolution": 320,
    "BodyPartExamined": "BRAIN",
    "CoilCombinationMethod": "Adaptive Combine",
    "CoilString": "HeadNeck_64_CS",
    "ConversionSoftware": "dcm2niix",
    "ConversionSoftwareVersion": "v1.0.20220720",
    "DeviceSerialNumber": "176240",
    "DwellTime": 2.2e-6,
    "EchoTime": 0.413,
    "EchoTrainLength": 248,
    "FileSize": 0.015502155758440495,
    "FileSizeUnits": "GB",
    "FlipAngle": 120,
    "HeudiconvVersion": "1.1.6.post8+ga0a3635",
    "ImageOrientationPatientDICOM": [
      -0.0245717,
      0.989809,
      0.140263,
      0.0616422,
      0.141539,
      -0.988012
    ],
    "ImageType": [
      "ORIGINAL",
      "PRIMARY",
      "M",
      "NORM",
      "DIS3D",
      "MFSPLIT"
    ],
    "ImageTypeText": [
      "ORIGINAL",
      "PRIMARY",
      "M",
      "NONE"
    ],
    "ImagingFrequency": 123.261,
    "InPlanePhaseEncodingDirectionDICOM": "ROW",
    "InstitutionAddress": "Rue de Bugnon 46,Lausanne,,CH,1011",
    "InstitutionName": "Radiologie-CHUV",
    "MRAcquisitionType": "3D",
    "MagneticFieldStrength": 3,
    "Manufacturer": "Siemens",
    "ManufacturersModelName": "MAGNETOM Vida",
    "MatrixCoilMode": "GRAPPA",
    "Modality": "MR",
    "NonlinearGradientCorrection": true,
    "NumberOfVolumes": 1,
    "ParallelReductionFactorInPlane": 3,
    "PartialFourier": 1,
    "PatientPosition": "HFS",
    "PercentPhaseFOV": 100,
    "PercentSampling": 100,
    "PhaseEncodingDirection": "i",
    "PhaseEncodingSteps": 320,
    "PhaseResolution": 1,
    "PixelBandwidth": 710,
    "ProcedureStepDescription": "Research Oscar",
    "ProtocolName": "anat-T2w__space",
    "PulseSequenceDetails": "%SiemensSeq%\\space",
    "ReceiveCoilActiveElements": "HC1-7;NC1,2",
    "ReceiveCoilName": "HeadNeck_64_CS",
    "ReconMatrixPE": 320,
    "RefLinesPE": 24,
    "RepetitionTime": 3.2,
    "SAR": 0.146684,
    "ScanOptions": "PFP\\PER",
    "ScanningSequence": "SE",
    "SequenceName": "*spcR_282ns",
    "SequenceVariant": "SP\\SK",
    "SeriesDescription": "anat-T2w__space",
    "SeriesNumber": 24,
    "ShimSetting": [
      -8778,
      8428,
      9145,
      105,
      -256,
      11,
      89,
      62
    ],
    "SliceThickness": 0.8,
    "SoftwareVersions": "syngo MR XA50",
    "StationName": "LRG08892",
    "TxRefAmp": 321.642,
    "acquisition": "undistorted",
    "dataset": "HCPh",
    "datatype": "anat",
    "extension": ".nii.gz",
    "modality": "T2w",
    "session": "20501034",
    "subject": "001",
    "suffix": "T2w"
  },
  "cjv": 1.4617414414414416,
  "cnr": 0.6520621391319588,
  "efc": 0.4777,
  "fber": -1.0,
  "fwhm_avg": 2.676717191909482,
  "fwhm_x": 2.541639157513655,
  "fwhm_y": 2.91949995649606,
  "fwhm_z": 2.5690124617187315,
  "icvs_csf": 0.278860725080921,
  "icvs_gm": 0.3422508687719643,
  "icvs_wm": 0.37888840614711466,
  "inu_med": 1.041270136833191,
  "inu_range": 0.3191713631153107,
  "provenance": {
    "md5sum": "84bd4b19b1f94d1ea8d02b9aba859e48",
    "settings": {
      "testing": false
    },
    "software": "mriqc",
    "version": "24.1.0.dev15+g9586c867.d20240825",
    "warnings": {
      "large_rot_frame": true,
      "small_air_mask": false
    }
  },
  "qi_1": 0.0,
  "qi_2": 0.0022877430822859394,
  "rpve_csf": 8.238377982837159,
  "rpve_gm": 8.08618644904606,
  "rpve_wm": 8.120111238911694,
  "size_x": 240,
  "size_y": 320,
  "size_z": 320,
  "snr_csf": 1.379925939946871,
  "snr_gm": 4.502814058794121,
  "snr_total": 4.177539645602593,
  "snr_wm": 6.649878938066786,
  "snrd_csf": 33.192677951460986,
  "snrd_gm": 28.94836831176597,
  "snrd_total": 28.7524770976262,
  "snrd_wm": 24.116385029651653,
  "spacing_x": 0.7995627522468567,
  "spacing_y": 0.800000011920929,
  "spacing_z": 0.800000011920929,
  "summary_bg_k": 708.1345,
  "summary_bg_mad": 0.0,
  "summary_bg_mean": 2.3933,
  "summary_bg_median": 0.0,
  "summary_bg_n": 6783306.0,
  "summary_bg_p05": 0.0,
  "summary_bg_p95": 14.0,
  "summary_bg_stdv": 30.0995,
  "summary_csf_k": -1.4354,
  "summary_csf_mad": 1780.1947,
  "summary_csf_mean": 1596.8007,
  "summary_csf_median": 1525.0,
  "summary_csf_n": 821599.5468258793,
  "summary_csf_p05": 0.0,
  "summary_csf_p95": 3497.0,
  "summary_csf_stdv": 1105.1311,
  "summary_gm_k": 37.9826,
  "summary_gm_mad": 192.6083,
  "summary_gm_mean": 1329.1072,
  "summary_gm_median": 1330.0,
  "summary_gm_n": 1008364.1523997741,
  "summary_gm_p05": 889.0,
  "summary_gm_p95": 1809.0,
  "summary_gm_stdv": 295.3707,
  "summary_wm_k": 94.4693,
  "summary_wm_mad": 131.8983,
  "summary_wm_mean": 1120.5992,
  "summary_wm_median": 1108.0,
  "summary_wm_n": 1116308.3029986252,
  "summary_wm_p05": 887.0,
  "summary_wm_p95": 1385.0,
  "summary_wm_stdv": 166.6195,
  "tpm_overlap_csf": 0.20642949451736614,
  "tpm_overlap_gm": 0.5029900584043623,
  "tpm_overlap_wm": 0.5210425907544594,
  "wm2max": 0.2924504058043285
}
