{
  "bids_meta": {
    "AcquisitionMatrixPE": 216,
    "AcquisitionNumber": 1,
    "AcquisitionTime": "21:56:2.882500",
    "BaseResolution": 256,
    "BodyPartExamined": "BRAIN",
    "CoilCombinationMethod": "Adaptive Combine",
    "CoilString": "HeadNeck_64_CS",
    "ConversionSoftware": "dcm2niix",
    "ConversionSoftwareVersion": "v1.0.20220720",
    "DeviceSerialNumber": "176240",
    "DwellTime": 7.5e-6,
    "EchoTime": 0.00246,
    "FileSize": 0.009359052404761314,
    "FileSizeUnits": "GB",
    "FlipAngle": 8,
    "HeudiconvVersion": "1.1.6.post8+ga0a3635",
    "ImageOrientationPatientDICOM": [
      0.997797,
      0.015536,
      0.0644984,
      -0.014107,
      0.999646,
      -0.0225526
    ],
    "ImageType": [
      "ORIGINAL",
      "PRIMARY",
      "M",
      "NORM",
      "DIS2D",
      "FM3",
      "2",
      "FIL",
      "MFSPLIT"
    ],
    "ImageTypeText": [
      "ORIGINAL",
      "PRIMARY",
      "M",
      "NONE"
    ],
    "ImagingFrequency": 123.261,
    "InPlanePhaseEncodingDirectionDICOM": "ROW",
    "InstitutionAddress": "Rue de Bugnon 46,Lausanne,,CH,1011",
    "InstitutionName": "Radiologie-CHUV",
    "InversionTime": 0.9,
    "MRAcquisitionType": "3D",
    "MagneticFieldStrength": 3,
    "Manufacturer": "Siemens",
    "ManufacturersModelName": "MAGNETOM Vida",
    "MatrixCoilMode": "GRAPPA",
    "Modality": "MR",
    "NonlinearGradientCorrection": true,
    "NumberOfVolumes": 1,
    "ParallelReductionFactorInPlane": 2,
    "PartialFourier": 1,
    "PatientPosition": "HFS",
    "PercentPhaseFOV": 84.375,
    "PercentSampling": 100,
    "PhaseEncodingSteps": 216,
    "PhaseResolution": 1,
    "PixelBandwidth": 260,
    "ProcedureStepDescription": "Research Oscar",
    "ProtocolName": "anat-T1w__t1_mprage_tra_p2_iso_siemens_axial",
    "PulseSequenceDetails": "%SiemensSeq%\\tfl",
    "ReceiveCoilActiveElements": "HC1-7;NC1",
    "ReceiveCoilName": "HeadNeck_64_CS",
    "ReconMatrixPE": 216,
    "RefLinesPE": 24,
    "RepetitionTime": 2.2,
    "SAR": 0.0475684,
    "ScanOptions": "PER",
    "ScanningSequence": "GR",
    "SequenceName": "*tfl3d1_240",
    "SequenceVariant": "SK",
    "SeriesDescription": "anat-T1w__t1_mprage_tra_p2_iso_siemens_axial",
    "SeriesNumber": 5,
    "ShimSetting": [
      -8778,
      8428,
      9145,
      105,
      -256,
      11,
      89,
      62
    ],
    "SliceThickness": 0.9,
    "SoftwareVersions": "syngo MR XA50",
    "StationName": "LRG08892",
    "TxRefAmp": 321.642,
    "acquisition": "undistorted",
    "dataset": "HCPh",
    "datatype": "anat",
    "extension": ".nii.gz",
    "modality": "T1w",
    "session": "20501034",
    "subject": "001",
    "suffix": "T1w"
  },
  "cjv": 0.5906294117647058,
  "cnr": 1.6422105259114341,
  "efc": 0.5269,
  "fber": 16467.0345,
  "fwhm_avg": 4.670487661096415,
  "fwhm_x": 4.337539263109681,
  "fwhm_y": 5.1927791570253286,
  "fwhm_z": 4.481144563154236,
  "icvs_csf": 0.27506994880505525,
  "icvs_gm": 0.3771859819830723,
  "icvs_wm": 0.3477440692118724,
  "inu_med": 0.5216045379638672,
  "inu_range": 0.24163928627967834,
  "provenance": {
    "md5sum": "18ee523eeea03596aa424dd90ebe0c48",
    "settings": {
      "testing": false
    },
    "software": "mriqc",
    "version": "24.1.0.dev15+g9586c867.d20240825",
    "warnings": {
      "large_rot_frame": true,
      "small_air_mask": false
    }
  },
  "qi_1": 0.0,
  "qi_2": 0.0011262874689490284,
  "rpve_csf": 5.359073446058357,
  "rpve_gm": 5.259744374620361,
  "rpve_wm": 5.34053008427972,
  "size_x": 216,
  "size_y": 256,
  "size_z": 208,
  "snr_csf": 1.6661652237711035,
  "snr_gm": 5.610238125059143,
  "snr_total": 5.938789589413531,
  "snr_wm": 10.539965419410347,
  "snrd_csf": 15.861006787143053,
  "snrd_gm": 31.722013574286105,
  "snrd_total": 30.275995861498135,
  "snrd_wm": 43.24496722306525,
  "spacing_x": 0.8984379768371582,
  "spacing_y": 0.8984379768371582,
  "spacing_z": 0.8999999761581421,
  "summary_bg_k": 2248.9291,
  "summary_bg_mad": 0.0,
  "summary_bg_mean": 2.8123,
  "summary_bg_median": 0.0,
  "summary_bg_n": 3609738.0,
  "summary_bg_p05": 0.0,
  "summary_bg_p95": 11.0,
  "summary_bg_stdv": 14.498,
  "summary_csf_k": 0.133,
  "summary_csf_mad": 171.1448,
  "summary_csf_mean": 365.8577,
  "summary_csf_median": 351.0,
  "summary_csf_n": 580680.6396369247,
  "summary_csf_p05": 37.0,
  "summary_csf_p95": 719.0,
  "summary_csf_stdv": 210.6632,
  "summary_gm_k": -0.507,
  "summary_gm_mad": 84.1763,
  "summary_gm_mean": 706.8062,
  "summary_gm_median": 702.0,
  "summary_gm_n": 796250.5472934699,
  "summary_gm_p05": 503.0,
  "summary_gm_p95": 944.0,
  "summary_gm_stdv": 125.1283,
  "summary_wm_k": 0.086,
  "summary_wm_mad": 66.4342,
  "summary_wm_mean": 932.8543,
  "summary_wm_median": 957.0,
  "summary_wm_n": 734097.8155451128,
  "summary_wm_p05": 752.0,
  "summary_wm_p95": 1043.0,
  "summary_wm_stdv": 90.7972,
  "tpm_overlap_csf": 0.1952658483507822,
  "tpm_overlap_gm": 0.5441844319615293,
  "tpm_overlap_wm": 0.555198681744872,
  "wm2max": 0.5023958916818055
}
