{
  "bids_meta": {
    "AcquisitionMatrixPE": 320,
    "AcquisitionNumber": 1,
    "AcquisitionTime": "23:06:43.882500",
    "BaseResolution": 320,
    "BodyPartExamined": "BRAIN",
    "CoilCombinationMethod": "Adaptive Combine",
    "CoilString": "HeadNeck_64_CS",
    "ConversionSoftware": "dcm2niix",
    "ConversionSoftwareVersion": "v1.0.20220720",
    "DeviceSerialNumber": "176240",
    "DwellTime": 2.2e-6,
    "EchoTime": 0.413,
    "EchoTrainLength": 248,
    "FileSize": 0.016505115665495396,
    "FileSizeUnits": "GB",
    "FlipAngle": 120,
    "HeudiconvVersion": "1.1.6.post8+ga0a3635",
    "ImageOrientationPatientDICOM": [
      -0.0245717,
      0.989809,
      0.140263,
      0.0616422,
      0.141539,
      -0.988012
    ],
    "ImageType": [
      "ORIGINAL",
      "PRIMARY",
      "M",
      "ND",
      "NORM",
      "MFSPLIT"
    ],
    "ImageTypeText": [
      "ORIGINAL",
      "PRIMARY",
      "M",
      "NONE"
    ],
    "ImagingFrequency": 123.261,
    "InPlanePhaseEncodingDirectionDICOM": "ROW",
    "InstitutionAddress": "Rue de Bugnon 46,Lausanne,,CH,1011",
    "InstitutionName": "Radiologie-CHUV",
    "MRAcquisitionType": "3D",
    "MagneticFieldStrength": 3,
    "Manufacturer": "Siemens",
    "ManufacturersModelName": "MAGNETOM Vida",
    "MatrixCoilMode": "GRAPPA",
    "Modality": "MR",
    "NonlinearGradientCorrection": false,
    "NumberOfVolumes": 1,
    "ParallelReductionFactorInPlane": 3,
    "PartialFourier": 1,
    "PatientPosition": "HFS",
    "PercentPhaseFOV": 100,
    "PercentSampling": 100,
    "PhaseEncodingDirection": "i",
    "PhaseEncodingSteps": 320,
    "PhaseResolution": 1,
    "PixelBandwidth": 710,
    "ProcedureStepDescription": "Research Oscar",
    "ProtocolName": "anat-T2w__space",
    "PulseSequenceDetails": "%SiemensSeq%\\space",
    "ReceiveCoilActiveElements": "HC1-7;NC1,2",
    "ReceiveCoilName": "HeadNeck_64_CS",
    "ReconMatrixPE": 320,
    "RefLinesPE": 24,
    "RepetitionTime": 3.2,
    "SAR": 0.146684,
    "ScanOptions": "PFP\\PER",
    "ScanningSequence": "SE",
    "SequenceName": "*spcR_282ns",
    "SequenceVariant": "SP\\SK",
    "SeriesDescription": "anat-T2w__space_ND",
    "SeriesNumber": 23,
    "ShimSetting": [
      -8778,
      8428,
      9145,
      105,
      -256,
      11,
      89,
      62
    ],
    "SliceThickness": 0.8,
    "SoftwareVersions": "syngo MR XA50",
    "StationName": "LRG08892",
    "TxRefAmp": 321.642,
    "acquisition": "original",
    "dataset": "HCPh",
    "datatype": "anat",
    "extension": ".nii.gz",
    "modality": "T2w",
    "session": "20501034",
    "subject": "001",
    "suffix": "T2w"
  },
  "cjv": 1.4835887804878052,
  "cnr": 0.6446783565707785,
  "efc": 0.4736,
  "fber": -1.0,
  "fwhm_avg": 2.66164925302141,
  "fwhm_x": 2.511785340620706,
  "fwhm_y": 2.925612456404977,
  "fwhm_z": 2.5475499620385476,
  "icvs_csf": 0.2767958040579365,
  "icvs_gm": 0.34698936751227044,
  "icvs_wm": 0.37621482842979304,
  "inu_med": 0.9859148859977722,
  "inu_range": 0.2941414356231691,
  "provenance": {
    "md5sum": "70f9518d6768e6b5314d923bbf4c8eee",
    "settings": {
      "testing": false
    },
    "software": "mriqc",
    "version": "24.1.0.dev15+g9586c867.d20240825",
    "warnings": {
      "large_rot_frame": true,
      "small_air_mask": false
    }
  },
  "qi_1": 0.0,
  "qi_2": 0.002250745317542416,
  "rpve_csf": 8.128199722578225,
  "rpve_gm": 7.965380532870863,
  "rpve_wm": 7.996086923636058,
  "size_x": 240,
  "size_y": 320,
  "size_z": 320,
  "snr_csf": 1.429534189633324,
  "snr_gm": 4.98816193767915,
  "snr_total": 4.345710985047279,
  "snr_wm": 6.619436827829364,
  "snrd_csf": 34.161411177491644,
  "snrd_gm": 30.416443641991226,
  "snrd_total": 30.104363014032856,
  "snrd_wm": 25.7352342226157,
  "spacing_x": 0.7995627522468567,
  "spacing_y": 0.800000011920929,
  "spacing_z": 0.800000011920929,
  "summary_bg_k": 781.4074,
  "summary_bg_mad": 0.0,
  "summary_bg_mean": 2.6779,
  "summary_bg_median": 0.0,
  "summary_bg_n": 6729813.0,
  "summary_bg_p05": 0.0,
  "summary_bg_p95": 15.0,
  "summary_bg_stdv": 28.6898,
  "summary_csf_k": -1.4101,
  "summary_csf_mad": 1679.1564,
  "summary_csf_mean": 1565.1565,
  "summary_csf_median": 1496.0,
  "summary_csf_n": 826701.8765405053,
  "summary_csf_p05": 83.0,
  "summary_csf_p95": 3388.0,
  "summary_csf_stdv": 1046.4941,
  "summary_gm_k": 45.6601,
  "summary_gm_mad": 169.5997,
  "summary_gm_mean": 1328.8144,
  "summary_gm_median": 1332.0,
  "summary_gm_n": 1036347.9397323328,
  "summary_gm_p05": 925.0,
  "summary_gm_p95": 1757.0,
  "summary_gm_stdv": 267.0321,
  "summary_wm_k": 96.1973,
  "summary_wm_mad": 134.536,
  "summary_wm_mean": 1138.5526,
  "summary_wm_median": 1127.0,
  "summary_wm_n": 1123635.1855253363,
  "summary_wm_p05": 901.0,
  "summary_wm_p95": 1404.0,
  "summary_wm_stdv": 170.2561,
  "tpm_overlap_csf": 0.2077064201983084,
  "tpm_overlap_gm": 0.5139230343441153,
  "tpm_overlap_wm": 0.5269036316549156,
  "wm2max": 0.3015289907282935
}
