{
  "aor": [
    0.00040056,
    0.0008269866666666666,
    0.0010246666666666666
  ],
  "aqi": [
    0.017359123973333335,
    0.0316603208,
    0.055512864933333336
  ],
  "bids_meta": {
    "AcquisitionDuration": 1230.47,
    "AcquisitionMatrixPE": 96,
    "AcquisitionNumber": 1,
    "AcquisitionTime": "00:04:15.035000",
    "BandwidthPerPixelPhaseEncode": 28.935,
    "BaseResolution": 96,
    "BodyPartExamined": "BRAIN",
    "CogAtlasID": "https://www.cognitiveatlas.org/task/id/trm_4c8a834779883/",
    "CoilCombinationMethod": "Sum of Squares",
    "CoilString": "HeadNeck_64_CS",
    "ConversionSoftware": "dcm2niix",
    "ConversionSoftwareVersion": "v1.0.20220720",
    "DerivedVendorReportedEchoSpacing": 0.000720005,
    "DeviceSerialNumber": "176240",
    "DwellTime": 2.4e-06,
    "EchoNumber": 2,
    "EchoTime": 0.04054,
    "EchoTrainLength": 35,
    "EffectiveEchoSpacing": 0.000360002,
    "FileSize": 0.37672080658376217,
    "FileSizeUnits": "GB",
    "FlipAngle": 64,
    "HeudiconvVersion": "1.1.6.post8+ga0a3635",
    "ImageComments": "Unaliased MB4/PE4/LB",
    "ImageOrientationPatientDICOM": [
      0.98958,
      0.0901411,
      0.112279,
      -0.0378428,
      0.915199,
      -0.401221
    ],
    "ImageType": [
      "ORIGINAL",
      "PRIMARY",
      "FMRI",
      "NONE"
    ],
    "ImageTypeText": [
      "ORIGINAL",
      "PRIMARY",
      "M",
      "MB",
      "TE2",
      "DIS2D"
    ],
    "ImagingFrequency": 123.261,
    "InPlanePhaseEncodingDirectionDICOM": "ROW",
    "InstitutionAddress": "Rue de Bugnon 46,Lausanne,,CH,1011",
    "InstitutionName": "Radiologie-CHUV",
    "MRAcquisitionType": "2D",
    "MTState": false,
    "MagneticFieldStrength": 3,
    "Manufacturer": "Siemens",
    "ManufacturersModelName": "MAGNETOM Vida",
    "MatrixCoilMode": "GRAPPA",
    "Modality": "MR",
    "MultibandAccelerationFactor": 4,
    "NonlinearGradientCorrection": true,
    "NumberOfVolumes": 750,
    "ParallelAcquisitionTechnique": "GRAPPA",
    "ParallelReductionFactorInPlane": 2,
    "PartialFourier": 0.75,
    "PartialFourierDirection": "PHASE",
    "PatientPosition": "HFS",
    "PercentPhaseFOV": 100,
    "PercentSampling": 100,
    "PhaseEncodingDirection": "i",
    "PhaseResolution": 1,
    "PixelBandwidth": 2170,
    "ProcedureStepDescription": "RESEARCH Oscar",
    "ProtocolName": "func-bold_task-rest_dir-RL__cmrr_me4_s",
    "PulseSequenceDetails": "%CustomerSeq%\\cmrr_mbep2d_bold",
    "PulseSequenceName": "epfid2d3_96",
    "ReceiveCoilActiveElements": "HC1-7;NC1",
    "ReceiveCoilName": "HeadNeck_64_CS",
    "ReconMatrixPE": 96,
    "RefLinesPE": 22,
    "RepetitionTime": 1.6,
    "ScanOptions": "PFP\\FS",
    "ScanningSequence": "EP",
    "SequenceVariant": "SK\\SS",
    "SeriesDescription": "func-bold_task-rest_dir-RL__cmrr_me4_s",
    "SeriesNumber": 14,
    "ShimSetting": [
      -8749,
      8493,
      9472,
      561,
      -141,
      -111,
      158,
      153
    ],
    "SliceThickness": 2.2,
    "SliceTiming": [
      0,
      0.8425,
      0.1075,
      0.95,
      0.2125,
      1.055,
      0.3175,
      1.16,
      0.4225,
      1.265,
      0.5275,
      1.37,
      0.6325,
      1.475,
      0.7375,
      0,
      0.8425,
      0.1075,
      0.95,
      0.2125,
      1.055,
      0.3175,
      1.16,
      0.4225,
      1.265,
      0.5275,
      1.37,
      0.6325,
      1.475,
      0.7375,
      0,
      0.8425,
      0.1075,
      0.95,
      0.2125,
      1.055,
      0.3175,
      1.16,
      0.4225,
      1.265,
      0.5275,
      1.37,
      0.6325,
      1.475,
      0.7375,
      0,
      0.8425,
      0.1075,
      0.95,
      0.2125,
      1.055,
      0.3175,
      1.16,
      0.4225,
      1.265,
      0.5275,
      1.37,
      0.6325,
      1.475,
      0.7375
    ],
    "SoftwareVersions": "syngo MR XA50",
    "SpacingBetweenSlices": 2.2,
    "StationName": "LRG08892",
    "TaskName": "rest",
    "TotalReadoutTime": 0.0342002,
    "TxRefAmp": 314.732,
    "WipMemBlock": "e27cb682-6fad-4ec7-94e1-3a65f15dd7d3||Sequence: R017 nxva50a/main r/da4fca61d; Oct  3 2023 08:23:56 by eja",
    "dataset": "HCPh",
    "datatype": "func",
    "direction": "RL",
    "extension": ".nii.gz",
    "modality": "bold",
    "part": "mag",
    "session": "20203034",
    "subject": "001",
    "suffix": "bold",
    "task": "rest"
  },
  "dummy_trs": 0,
  "dvars_nstd": 62.610712008024045,
  "dvars_std": 0.9581906765420561,
  "dvars_vstd": 0.9568452215487323,
  "efc": 0.5777,
  "fber": 90.6584,
  "fd_mean": 0.12635766420006697,
  "fd_num": 117,
  "fd_perc": 15.6,
  "fwhm_avg": 2.9489297826655263,
  "fwhm_x": 3.087468943662071,
  "fwhm_y": 2.94003410180453,
  "fwhm_z": 2.8192863025299784,
  "gcor": [
    0.0778355,
    0.0377461,
    0.0186758
  ],
  "gsr_x": 0.01690060831606388,
  "gsr_y": 0.013008460402488708,
  "provenance": {
    "md5sum": "ecb52616ad65e7c2c63c8fbf32dd42e8",
    "settings": {
      "fd_thres": 0.2,
      "testing": false
    },
    "software": "mriqc",
    "version": "24.0.1"
  },
  "size_t": 750,
  "size_x": 96,
  "size_y": 96,
  "size_z": 60,
  "snr": 2.0185012967319387,
  "spacing_tr": 1.600000023841858,
  "spacing_x": 2.197920083999634,
  "spacing_y": 2.197920083999634,
  "spacing_z": 2.200000047683716,
  "summary_bg_k": 99.0475,
  "summary_bg_mad": 4.9815,
  "summary_bg_mean": 30.4251,
  "summary_bg_median": 26.0,
  "summary_bg_n": 416092.0,
  "summary_bg_p05": 0.0,
  "summary_bg_p95": 66.0,
  "summary_bg_stdv": 27.3036,
  "summary_fg_k": 1.2108,
  "summary_fg_mad": 105.3685,
  "summary_fg_mean": 255.7577,
  "summary_fg_median": 249.0,
  "summary_fg_n": 136868.0,
  "summary_fg_p05": 46.0,
  "summary_fg_p95": 468.0,
  "summary_fg_stdv": 123.3584,
  "tsnr": 15.394978856551461
}