{
  "aor": [
    0.00040326666666666664,
    0.0008279599999999999,
    0.0010263866666666665
  ],
  "aqi": [
    0.017309106106666666,
    0.031666903866666665,
    0.05551714426666667
  ],
  "bids_meta": {
    "AcquisitionDuration": 1230.47,
    "AcquisitionMatrixPE": 96,
    "AcquisitionNumber": 1,
    "AcquisitionTime": "00:04:15.062500",
    "BandwidthPerPixelPhaseEncode": 28.935,
    "BaseResolution": 96,
    "BodyPartExamined": "BRAIN",
    "CogAtlasID": "https://www.cognitiveatlas.org/task/id/trm_4c8a834779883/",
    "CoilCombinationMethod": "Sum of Squares",
    "CoilString": "HeadNeck_64_CS",
    "ConversionSoftware": "dcm2niix",
    "ConversionSoftwareVersion": "v1.0.20220720",
    "DerivedVendorReportedEchoSpacing": 0.000720005,
    "DeviceSerialNumber": "176240",
    "DwellTime": 2.4e-6,
    "EchoNumber": 3,
    "EchoTime": 0.06726,
    "EchoTrainLength": 35,
    "EffectiveEchoSpacing": 0.000360002,
    "FileSize": 0.3395871836692095,
    "FileSizeUnits": "GB",
    "FlipAngle": 64,
    "HeudiconvVersion": "1.1.6.post8+ga0a3635",
    "ImageComments": "Unaliased MB4/PE4/LB",
    "ImageOrientationPatientDICOM": [
      0.98958,
      0.0901411,
      0.112279,
      -0.0378428,
      0.915199,
      -0.401221
    ],
    "ImageType": [
      "ORIGINAL",
      "PRIMARY",
      "FMRI",
      "NONE"
    ],
    "ImageTypeText": [
      "ORIGINAL",
      "PRIMARY",
      "M",
      "MB",
      "TE3",
      "DIS2D"
    ],
    "ImagingFrequency": 123.261,
    "InPlanePhaseEncodingDirectionDICOM": "ROW",
    "InstitutionAddress": "Rue de Bugnon 46,Lausanne,,CH,1011",
    "InstitutionName": "Radiologie-CHUV",
    "MRAcquisitionType": "2D",
    "MTState": false,
    "MagneticFieldStrength": 3,
    "Manufacturer": "Siemens",
    "ManufacturersModelName": "MAGNETOM Vida",
    "MatrixCoilMode": "GRAPPA",
    "Modality": "MR",
    "MultibandAccelerationFactor": 4,
    "NonlinearGradientCorrection": true,
    "NumberOfVolumes": 750,
    "ParallelAcquisitionTechnique": "GRAPPA",
    "ParallelReductionFactorInPlane": 2,
    "PartialFourier": 0.75,
    "PartialFourierDirection": "PHASE",
    "PatientPosition": "HFS",
    "PercentPhaseFOV": 100,
    "PercentSampling": 100,
    "PhaseEncodingDirection": "i",
    "PhaseResolution": 1,
    "PixelBandwidth": 2170,
    "ProcedureStepDescription": "RESEARCH Oscar",
    "ProtocolName": "func-bold_task-rest_dir-RL__cmrr_me4_s",
    "PulseSequenceDetails": "%CustomerSeq%\\cmrr_mbep2d_bold",
    "PulseSequenceName": "epfid2d3_96",
    "ReceiveCoilActiveElements": "HC1-7;NC1",
    "ReceiveCoilName": "HeadNeck_64_CS",
    "ReconMatrixPE": 96,
    "RefLinesPE": 22,
    "RepetitionTime": 1.6,
    "ScanOptions": "PFP\\FS",
    "ScanningSequence": "EP",
    "SequenceVariant": "SK\\SS",
    "SeriesDescription": "func-bold_task-rest_dir-RL__cmrr_me4_s",
    "SeriesNumber": 14,
    "ShimSetting": [
      -8749,
      8493,
      9472,
      561,
      -141,
      -111,
      158,
      153
    ],
    "SliceThickness": 2.2,
    "SliceTiming": [
      0,
      0.8425,
      0.105,
      0.9475,
      0.21,
      1.0525,
      0.315,
      1.16,
      0.4225,
      1.265,
      0.5275,
      1.37,
      0.6325,
      1.475,
      0.7375,
      0,
      0.8425,
      0.105,
      0.9475,
      0.21,
      1.0525,
      0.315,
      1.16,
      0.4225,
      1.265,
      0.5275,
      1.37,
      0.6325,
      1.475,
      0.7375,
      0,
      0.8425,
      0.105,
      0.9475,
      0.21,
      1.0525,
      0.315,
      1.16,
      0.4225,
      1.265,
      0.5275,
      1.37,
      0.6325,
      1.475,
      0.7375,
      0,
      0.8425,
      0.105,
      0.9475,
      0.21,
      1.0525,
      0.315,
      1.16,
      0.4225,
      1.265,
      0.5275,
      1.37,
      0.6325,
      1.475,
      0.7375
    ],
    "SoftwareVersions": "syngo MR XA50",
    "SpacingBetweenSlices": 2.2,
    "StationName": "LRG08892",
    "TaskName": "rest",
    "TotalReadoutTime": 0.0342002,
    "TxRefAmp": 314.732,
    "WipMemBlock": "e27cb682-6fad-4ec7-94e1-3a65f15dd7d3||Sequence: R017 nxva50a/main r/da4fca61d; Oct  3 2023 08:23:56 by eja",
    "dataset": "HCPh",
    "datatype": "func",
    "direction": "RL",
    "extension": ".nii.gz",
    "modality": "bold",
    "part": "mag",
    "session": "20203034",
    "subject": "001",
    "suffix": "bold",
    "task": "rest"
  },
  "dummy_trs": 0,
  "dvars_nstd": 100.79846587659547,
  "dvars_std": 0.9733303361548731,
  "dvars_vstd": 0.9633670861815753,
  "efc": 0.6164,
  "fber": 30.6957,
  "fd_mean": 0.12635766420006697,
  "fd_num": 117,
  "fd_perc": 15.6,
  "fwhm_avg": 2.636579547920705,
  "fwhm_x": 2.7701507640443466,
  "fwhm_y": 2.6508061154788427,
  "fwhm_z": 2.4887817642389263,
  "gcor": [
    0.0777304,
    0.0376781,
    0.0186448
  ],
  "gsr_x": 0.004153313580900431,
  "gsr_y": -0.00211643660441041,
  "provenance": {
    "md5sum": "f1a58ded64689234ca34a4bf9d9f4cb4",
    "settings": {
      "fd_thres": 0.2,
      "testing": false
    },
    "software": "mriqc",
    "version": "24.1.0.dev15+g9586c867.d20240825"
  },
  "size_t": 750,
  "size_x": 96,
  "size_y": 96,
  "size_z": 60,
  "snr": 1.5473602442847676,
  "spacing_tr": 1.600000023841858,
  "spacing_x": 2.197920083999634,
  "spacing_y": 2.197920083999634,
  "spacing_z": 2.200000047683716,
  "summary_bg_k": 85.8406,
  "summary_bg_mad": 3.3349,
  "summary_bg_mean": 24.5516,
  "summary_bg_median": 25.0,
  "summary_bg_n": 416018.0,
  "summary_bg_p05": 0.0,
  "summary_bg_p95": 35.0,
  "summary_bg_stdv": 10.8048,
  "summary_fg_k": 3.968,
  "summary_fg_mad": 74.9297,
  "summary_fg_mean": 143.8642,
  "summary_fg_median": 136.0,
  "summary_fg_n": 136942.0,
  "summary_fg_p05": 28.0,
  "summary_fg_p95": 300.0,
  "summary_fg_stdv": 87.8913,
  "tsnr": 9.458831847878173
}
