{
  "NumberOfShells": 4,
  "bValues": [
    0.0,
    700.0,
    1000.0,
    2000.0,
    3000.0
  ],
  "bValuesEstimation": [
    700.0,
    1000.0,
    2000.0,
    3000.0
  ],
  "bdiffs_max": 0.3379,
  "bdiffs_mean": 0.249,
  "bdiffs_median": 0.2808,
  "bdiffs_min": 0.014,
  "bids_meta": {
    "AcquisitionMatrixPE": 146,
    "AcquisitionNumber": 1,
    "AcquisitionTime": "19:31:49.645000",
    "B0FieldSource": [
      "013pepolarb0",
      "013phasediff"
    ],
    "BandwidthPerPixelPhaseEncode": 19.569,
    "BaseResolution": 146,
    "BodyPartExamined": "BRAIN",
    "CoilCombinationMethod": "Adaptive Combine",
    "CoilString": "HeadNeck_64",
    "ConversionSoftware": "dcm2niix",
    "ConversionSoftwareVersion": "v1.0.20220720",
    "Deltas": [
      0.0233,
      0.0475
    ],
    "DerivedVendorReportedEchoSpacing": 0.000700017,
    "DeviceSerialNumber": "67014",
    "DiffusionScheme": "Monopolar",
    "DwellTime": 2.1e-6,
    "EchoTime": 0.098,
    "EchoTrainLength": 64,
    "EffectiveEchoSpacing": 0.000350008,
    "FileSize": 0.44286082312464714,
    "FileSizeUnits": "GB",
    "FlipAngle": 90,
    "HeudiconvVersion": "1.0.0",
    "ImageOrientationPatientDICOM": [
      0.99919,
      0.0378359,
      0.0136763,
      -0.0368132,
      0.996967,
      -0.068564
    ],
    "ImageType": [
      "ORIGINAL",
      "PRIMARY",
      "DIFFUSION",
      "NONE",
      "ND",
      "MFSPLIT"
    ],
    "ImageTypeText": [
      "ORIGINAL",
      "PRIMARY",
      "DIFFUSION",
      "NONE"
    ],
    "ImagingFrequency": 123.248,
    "InPlanePhaseEncodingDirectionDICOM": "COL",
    "InstitutionAddress": "Rue du Bugnon 21,Lausanne,District,CH,1011",
    "InstitutionName": "CHUV",
    "MRAcquisitionType": "2D",
    "MagneticFieldStrength": 3,
    "Manufacturer": "Siemens",
    "ManufacturersModelName": "MAGNETOM Prisma Fit",
    "Modality": "MR",
    "MultibandAccelerationFactor": 3,
    "NonlinearGradientCorrection": false,
    "NumberOfVolumes": 280,
    "ParallelReductionFactorInPlane": 2,
    "PartialFourier": 0.875,
    "PatientPosition": "HFS",
    "PercentPhaseFOV": 100,
    "PercentSampling": 100,
    "PhaseEncodingDirection": "j",
    "PhaseEncodingSteps": 146,
    "PhaseResolution": 1,
    "PixelBandwidth": 1631,
    "ProcedureStepDescription": "RESEARCH Oscar",
    "ProtocolName": "dwi-dwi_acq-highres_dir-PA__trigger_monopolar",
    "PulseSequenceDetails": "%CustomerSeq%\\ep2d_diff_trigg",
    "ReceiveCoilActiveElements": "HC1-7",
    "ReceiveCoilName": "HeadNeck_64",
    "ReconMatrixPE": 146,
    "RefLinesPE": 54,
    "RepetitionTime": 7,
    "SAR": 0.175835,
    "ScanOptions": "PFP\\FS\\PER",
    "ScanningSequence": "GR\\EP",
    "SequenceName": "ep_b0",
    "SequenceVariant": "SK",
    "SeriesDescription": "dwi-dwi_acq-highres_dir-PA__trigger_monopolar",
    "SeriesNumber": 10,
    "ShimSetting": [
      8225,
      -5623,
      -6050,
      607,
      -32,
      -281,
      38,
      49
    ],
    "SliceThickness": 1.6,
    "SliceTiming": [
      0,
      6.145,
      0.14,
      6.285,
      0.28,
      6.425,
      0.42,
      6.565,
      0.56,
      6.7025,
      0.7,
      6.8425,
      0.8375,
      6.9825,
      0.9775,
      7.1225,
      1.1175,
      7.2625,
      1.2575,
      7.4025,
      1.3975,
      7.54,
      1.5375,
      7.68,
      1.6775,
      7.82,
      1.815,
      7.96,
      1.955,
      8.1,
      2.095,
      8.24,
      2.235,
      8.38,
      2.375,
      8.5175,
      2.515,
      8.6575,
      2.655,
      8.7975,
      2.7925,
      8.9375,
      2.9325,
      9.0775,
      3.0725,
      9.2175,
      3.2125,
      9.3575,
      3.3525,
      9.495,
      3.4925,
      9.635,
      3.6325,
      9.775,
      3.77,
      9.915,
      3.91,
      10.055,
      4.05,
      10.195,
      4.19,
      10.335,
      4.33,
      10.4725,
      4.47,
      10.6125,
      4.61,
      10.7525,
      4.7475,
      10.8925,
      4.8875,
      11.0325,
      5.0275,
      11.1725,
      5.1675,
      11.3125,
      5.3075,
      11.45,
      5.4475,
      11.59,
      5.5875,
      11.73,
      5.725,
      11.87,
      5.865,
      12.01,
      6.005
    ],
    "SoftwareVersions": "syngo MR XA30",
    "SpacingBetweenSlices": 1.6,
    "StationName": "LRG10884",
    "TotalReadoutTime": 0.0507512,
    "TxRefAmp": 245.254,
    "acquisition": "highres",
    "dataset": "HCPh",
    "datatype": "dwi",
    "direction": "PA",
    "extension": ".nii.gz",
    "modality": "dwi",
    "session": "013",
    "subject": "001",
    "suffix": "dwi"
  },
  "efc_shell01": 0.3814,
  "efc_shell02": 0.4826,
  "efc_shell03": 0.4928,
  "efc_shell04": 0.5457,
  "efc_shell05": 0.5968,
  "fa_degenerate": 0.0,
  "fa_nans": 0.0,
  "fber_shell01": 1300.4778,
  "fber_shell02": 447.3503,
  "fber_shell03": 312.8729,
  "fber_shell04": 106.9609,
  "fber_shell05": 49.6742,
  "fd_mean": 4.8605,
  "fd_num": 279,
  "fd_perc": 99.64285714285714,
  "ndc": 0.5895,
  "provenance": {
    "md5sum": "c01e49d89a9cde86d48758644e6f5c0a",
    "settings": {
      "testing": false
    },
    "software": "mriqc",
    "version": "24.1.0.dev15+g9586c867.d20240825"
  },
  "sigma_cc": 35.5825,
  "sigma_pca": 15.9562,
  "sigma_piesno": 1.6508,
  "snr_cc_shell0": 4.61,
  "snr_cc_shell1_best": 4.5,
  "snr_cc_shell1_worst": 4.5,
  "snr_cc_shell2_best": 3.08,
  "snr_cc_shell2_worst": 1.88,
  "snr_cc_shell3_best": 2.46,
  "snr_cc_shell3_worst": 1.61,
  "snr_cc_shell4_best": 1.89,
  "snr_cc_shell4_worst": 1.13,
  "spikes_global": 35.15,
  "spikes_slice_i": 200.19,
  "spikes_slice_j": 198.23,
  "spikes_slice_k": 192.01,
  "summary_bg_k": 688.5005,
  "summary_bg_mad": 8.8956,
  "summary_bg_mean": 28.0575,
  "summary_bg_median": 9.0,
  "summary_bg_n": 1494746.0,
  "summary_bg_p05": 2.0,
  "summary_bg_p95": 103.0,
  "summary_bg_stdv": 105.0412,
  "summary_fg_k": 8.9341,
  "summary_fg_mad": 180.8775,
  "summary_fg_mean": 414.2258,
  "summary_fg_median": 319.0,
  "summary_fg_n": 359746.0,
  "summary_fg_p05": 106.0,
  "summary_fg_p95": 1101.0,
  "summary_fg_stdv": 335.7628,
  "summary_wm_k": 14.2313,
  "summary_wm_mad": 85.9909,
  "summary_wm_mean": 226.3394,
  "summary_wm_median": 222.0,
  "summary_wm_n": 103939.0,
  "summary_wm_p05": 91.0,
  "summary_wm_p95": 373.0,
  "summary_wm_stdv": 93.2379
}
