{
  "bids_meta": {
    "AcquisitionMatrixPE": 320,
    "AcquisitionNumber": 1,
    "AcquisitionTime": "20:47:1.882500",
    "BaseResolution": 320,
    "BodyPartExamined": "BRAIN",
    "CoilCombinationMethod": "Adaptive Combine",
    "CoilString": "HeadNeck_64_CS",
    "ConversionSoftware": "dcm2niix",
    "ConversionSoftwareVersion": "v1.0.20220720",
    "DeviceSerialNumber": "176240",
    "DwellTime": 2.2e-6,
    "EchoTime": 0.413,
    "EchoTrainLength": 248,
    "FileSize": 0.016814409755170345,
    "FileSizeUnits": "GB",
    "FlipAngle": 120,
    "HeudiconvVersion": "1.1.6.post8+ga0a3635",
    "ImageOrientationPatientDICOM": [
      -0.0300188,
      0.992405,
      0.119297,
      0.0462151,
      0.120602,
      -0.991625
    ],
    "ImageType": [
      "ORIGINAL",
      "PRIMARY",
      "M",
      "ND",
      "NORM",
      "MFSPLIT"
    ],
    "ImageTypeText": [
      "ORIGINAL",
      "PRIMARY",
      "M",
      "NONE"
    ],
    "ImagingFrequency": 123.261,
    "InPlanePhaseEncodingDirectionDICOM": "ROW",
    "InstitutionAddress": "Rue de Bugnon 46,Lausanne,,CH,1011",
    "InstitutionName": "Radiologie-CHUV",
    "MRAcquisitionType": "3D",
    "MagneticFieldStrength": 3,
    "Manufacturer": "Siemens",
    "ManufacturersModelName": "MAGNETOM Vida",
    "MatrixCoilMode": "GRAPPA",
    "Modality": "MR",
    "NonlinearGradientCorrection": false,
    "NumberOfVolumes": 1,
    "ParallelReductionFactorInPlane": 3,
    "PartialFourier": 1,
    "PatientPosition": "HFS",
    "PercentPhaseFOV": 100,
    "PercentSampling": 100,
    "PhaseEncodingDirection": "i",
    "PhaseEncodingSteps": 320,
    "PhaseResolution": 1,
    "PixelBandwidth": 710,
    "ProcedureStepDescription": "Research Oscar",
    "ProtocolName": "anat-T2w__space",
    "PulseSequenceDetails": "%SiemensSeq%\\space",
    "ReceiveCoilActiveElements": "HC1-7;NC1,2",
    "ReceiveCoilName": "HeadNeck_64_CS",
    "ReconMatrixPE": 320,
    "RefLinesPE": 24,
    "RepetitionTime": 3.2,
    "SAR": 0.148178,
    "ScanOptions": "PFP\\PER",
    "ScanningSequence": "SE",
    "SequenceName": "*spcR_282ns",
    "SequenceVariant": "SP\\SK",
    "SeriesDescription": "anat-T2w__space_ND",
    "SeriesNumber": 23,
    "ShimSetting": [
      -8778,
      8428,
      9145,
      105,
      -256,
      11,
      89,
      62
    ],
    "SliceThickness": 0.8,
    "SoftwareVersions": "syngo MR XA50",
    "StationName": "LRG08892",
    "TxRefAmp": 321.043,
    "acquisition": "original",
    "dataset": "HCPh",
    "datatype": "anat",
    "extension": ".nii.gz",
    "modality": "T2w",
    "session": "21002034",
    "subject": "001",
    "suffix": "T2w"
  },
  "cjv": 1.567016666666667,
  "cnr": 0.6223151950351303,
  "efc": 0.4692,
  "fber": -1.0,
  "fwhm_avg": 2.656262460418605,
  "fwhm_x": 2.5100249625977136,
  "fwhm_y": 2.916074956547097,
  "fwhm_z": 2.542687462111004,
  "icvs_csf": 0.27552834505567103,
  "icvs_gm": 0.3453816231451686,
  "icvs_wm": 0.3790900317991604,
  "inu_med": 0.962047815322876,
  "inu_range": 0.32116457223892214,
  "provenance": {
    "md5sum": "2ddecf2f56148546558f4c4d00320e55",
    "settings": {
      "testing": false
    },
    "software": "mriqc",
    "version": "24.1.0.dev15+g9586c867.d20240825",
    "warnings": {
      "large_rot_frame": true,
      "small_air_mask": false
    }
  },
  "qi_1": 0.0,
  "qi_2": 0.002923785698579551,
  "rpve_csf": 8.156388522448982,
  "rpve_gm": 7.994094908725756,
  "rpve_wm": 8.025213011023922,
  "size_x": 240,
  "size_y": 320,
  "size_z": 320,
  "snr_csf": 1.4893015624386199,
  "snr_gm": 4.907872329229901,
  "snr_total": 4.407003151731773,
  "snr_wm": 6.823835563526798,
  "snrd_csf": 36.95349307066606,
  "snrd_gm": 31.739343239335835,
  "snrd_total": 31.898797362618108,
  "snrd_wm": 27.003555777852416,
  "spacing_x": 0.800000011920929,
  "spacing_y": 0.800000011920929,
  "spacing_z": 0.800000011920929,
  "summary_bg_k": 808.6893,
  "summary_bg_mad": 0.0,
  "summary_bg_mean": 2.8885,
  "summary_bg_median": 0.0,
  "summary_bg_n": 7062834.0,
  "summary_bg_p05": 0.0,
  "summary_bg_p95": 16.0,
  "summary_bg_stdv": 27.3908,
  "summary_csf_k": -1.3418,
  "summary_csf_mad": 1642.0359,
  "summary_csf_mean": 1605.0668,
  "summary_csf_median": 1545.0,
  "summary_csf_n": 820056.3915795041,
  "summary_csf_p05": 95.0,
  "summary_csf_p95": 3362.0,
  "summary_csf_stdv": 1037.3984,
  "summary_gm_k": 49.0188,
  "summary_gm_mad": 179.1628,
  "summary_gm_mean": 1325.942,
  "summary_gm_median": 1327.0,
  "summary_gm_n": 1027961.0525627462,
  "summary_gm_p05": 922.0,
  "summary_gm_p95": 1760.0,
  "summary_gm_stdv": 270.3818,
  "summary_wm_k": 102.8208,
  "summary_wm_mad": 131.1065,
  "summary_wm_mean": 1139.4789,
  "summary_wm_median": 1129.0,
  "summary_wm_n": 1128287.5578487797,
  "summary_wm_p05": 907.0,
  "summary_wm_p95": 1397.0,
  "summary_wm_stdv": 165.4494,
  "tpm_overlap_csf": 0.20834090480020356,
  "tpm_overlap_gm": 0.5080713783718959,
  "tpm_overlap_wm": 0.5219781520545914,
  "wm2max": 0.2987801025498311
}
