{
  "bids_meta": {
    "AcquisitionMatrixPE": 320,
    "AcquisitionNumber": 1,
    "AcquisitionTime": "20:47:1.882500",
    "BaseResolution": 320,
    "BodyPartExamined": "BRAIN",
    "CoilCombinationMethod": "Adaptive Combine",
    "CoilString": "HeadNeck_64_CS",
    "ConversionSoftware": "dcm2niix",
    "ConversionSoftwareVersion": "v1.0.20220720",
    "DeviceSerialNumber": "176240",
    "DwellTime": 2.2e-6,
    "EchoTime": 0.413,
    "EchoTrainLength": 248,
    "FileSize": 0.01581444311887026,
    "FileSizeUnits": "GB",
    "FlipAngle": 120,
    "HeudiconvVersion": "1.1.6.post8+ga0a3635",
    "ImageOrientationPatientDICOM": [
      -0.0300188,
      0.992405,
      0.119297,
      0.0462151,
      0.120602,
      -0.991625
    ],
    "ImageType": [
      "ORIGINAL",
      "PRIMARY",
      "M",
      "NORM",
      "DIS3D",
      "MFSPLIT"
    ],
    "ImageTypeText": [
      "ORIGINAL",
      "PRIMARY",
      "M",
      "NONE"
    ],
    "ImagingFrequency": 123.261,
    "InPlanePhaseEncodingDirectionDICOM": "ROW",
    "InstitutionAddress": "Rue de Bugnon 46,Lausanne,,CH,1011",
    "InstitutionName": "Radiologie-CHUV",
    "MRAcquisitionType": "3D",
    "MagneticFieldStrength": 3,
    "Manufacturer": "Siemens",
    "ManufacturersModelName": "MAGNETOM Vida",
    "MatrixCoilMode": "GRAPPA",
    "Modality": "MR",
    "NonlinearGradientCorrection": true,
    "NumberOfVolumes": 1,
    "ParallelReductionFactorInPlane": 3,
    "PartialFourier": 1,
    "PatientPosition": "HFS",
    "PercentPhaseFOV": 100,
    "PercentSampling": 100,
    "PhaseEncodingDirection": "i",
    "PhaseEncodingSteps": 320,
    "PhaseResolution": 1,
    "PixelBandwidth": 710,
    "ProcedureStepDescription": "Research Oscar",
    "ProtocolName": "anat-T2w__space",
    "PulseSequenceDetails": "%SiemensSeq%\\space",
    "ReceiveCoilActiveElements": "HC1-7;NC1,2",
    "ReceiveCoilName": "HeadNeck_64_CS",
    "ReconMatrixPE": 320,
    "RefLinesPE": 24,
    "RepetitionTime": 3.2,
    "SAR": 0.148178,
    "ScanOptions": "PFP\\PER",
    "ScanningSequence": "SE",
    "SequenceName": "*spcR_282ns",
    "SequenceVariant": "SP\\SK",
    "SeriesDescription": "anat-T2w__space",
    "SeriesNumber": 24,
    "ShimSetting": [
      -8778,
      8428,
      9145,
      105,
      -256,
      11,
      89,
      62
    ],
    "SliceThickness": 0.8,
    "SoftwareVersions": "syngo MR XA50",
    "StationName": "LRG08892",
    "TxRefAmp": 321.043,
    "acquisition": "undistorted",
    "dataset": "HCPh",
    "datatype": "anat",
    "extension": ".nii.gz",
    "modality": "T2w",
    "session": "21002034",
    "subject": "001",
    "suffix": "T2w"
  },
  "cjv": 1.6397464454976303,
  "cnr": 0.6048622920469885,
  "efc": 0.4727,
  "fber": -1.0,
  "fwhm_avg": 2.6704124602077535,
  "fwhm_x": 2.53521246222239,
  "fwhm_y": 2.9105999566286807,
  "fwhm_z": 2.565424961772189,
  "icvs_csf": 0.27657345833042696,
  "icvs_gm": 0.33974790266461125,
  "icvs_wm": 0.38367863900496185,
  "inu_med": 1.0183433294296265,
  "inu_range": 0.35396329164505014,
  "provenance": {
    "md5sum": "7931ebbd37557236135ee3a619fdc086",
    "settings": {
      "testing": false
    },
    "software": "mriqc",
    "version": "24.1.0.dev15+g9586c867.d20240825",
    "warnings": {
      "large_rot_frame": true,
      "small_air_mask": false
    }
  },
  "qi_1": 0.0,
  "qi_2": 0.002692361589579708,
  "rpve_csf": 8.269424020207287,
  "rpve_gm": 8.116450527235262,
  "rpve_wm": 8.151164703417793,
  "size_x": 240,
  "size_y": 320,
  "size_z": 320,
  "snr_csf": 1.4363005361865566,
  "snr_gm": 4.383797683736698,
  "snr_total": 4.228735734079098,
  "snr_wm": 6.86610898231404,
  "snrd_csf": 32.729358373666514,
  "snrd_gm": 27.379956069299308,
  "snrd_total": 27.72705469210176,
  "snrd_wm": 23.07184963333946,
  "spacing_x": 0.800000011920929,
  "spacing_y": 0.800000011920929,
  "spacing_z": 0.800000011920929,
  "summary_bg_k": 661.0985,
  "summary_bg_mad": 0.0,
  "summary_bg_mean": 2.9075,
  "summary_bg_median": 0.0,
  "summary_bg_n": 7142998.0,
  "summary_bg_p05": 0.0,
  "summary_bg_p95": 15.0,
  "summary_bg_stdv": 32.0869,
  "summary_csf_k": -1.3692,
  "summary_csf_mad": 1780.3184,
  "summary_csf_mean": 1665.46,
  "summary_csf_median": 1603.0,
  "summary_csf_n": 811824.1369841918,
  "summary_csf_p05": 14.0,
  "summary_csf_p95": 3524.0,
  "summary_csf_stdv": 1116.061,
  "summary_gm_k": 35.62,
  "summary_gm_mad": 214.7584,
  "summary_gm_mean": 1342.9227,
  "summary_gm_median": 1341.0,
  "summary_gm_n": 997259.6413910612,
  "summary_gm_p05": 892.0,
  "summary_gm_p95": 1841.0,
  "summary_gm_stdv": 305.899,
  "summary_wm_k": 111.6241,
  "summary_wm_mad": 131.2281,
  "summary_wm_mean": 1140.5321,
  "summary_wm_median": 1130.0,
  "summary_wm_n": 1126209.2243766303,
  "summary_wm_p05": 910.0,
  "summary_wm_p95": 1397.0,
  "summary_wm_stdv": 164.5764,
  "tpm_overlap_csf": 0.2087966062031551,
  "tpm_overlap_gm": 0.49787184390001527,
  "tpm_overlap_wm": 0.5177949530486239,
  "wm2max": 0.2881607875442057
}
