{
  "bids_meta": {
    "AcquisitionMatrixPE": 216,
    "AcquisitionNumber": 1,
    "AcquisitionTime": "19:37:12.875000",
    "BaseResolution": 256,
    "BodyPartExamined": "BRAIN",
    "CoilCombinationMethod": "Adaptive Combine",
    "CoilString": "HeadNeck_64_CS",
    "ConversionSoftware": "dcm2niix",
    "ConversionSoftwareVersion": "v1.0.20220720",
    "DeviceSerialNumber": "176240",
    "DwellTime": 7.5e-6,
    "EchoTime": 0.00246,
    "FileSize": 0.009318533353507519,
    "FileSizeUnits": "GB",
    "FlipAngle": 8,
    "HeudiconvVersion": "1.1.6.post8+ga0a3635",
    "ImageOrientationPatientDICOM": [
      0.99848,
      0.0242664,
      0.0494878,
      -0.0214382,
      0.99815,
      -0.0569004
    ],
    "ImageType": [
      "ORIGINAL",
      "PRIMARY",
      "M",
      "NORM",
      "DIS2D",
      "FM3",
      "2",
      "FIL",
      "MFSPLIT"
    ],
    "ImageTypeText": [
      "ORIGINAL",
      "PRIMARY",
      "M",
      "NONE"
    ],
    "ImagingFrequency": 123.261,
    "InPlanePhaseEncodingDirectionDICOM": "ROW",
    "InstitutionAddress": "Rue de Bugnon 46,Lausanne,,CH,1011",
    "InstitutionName": "Radiologie-CHUV",
    "InversionTime": 0.9,
    "MRAcquisitionType": "3D",
    "MagneticFieldStrength": 3,
    "Manufacturer": "Siemens",
    "ManufacturersModelName": "MAGNETOM Vida",
    "MatrixCoilMode": "GRAPPA",
    "Modality": "MR",
    "NonlinearGradientCorrection": true,
    "NumberOfVolumes": 1,
    "ParallelReductionFactorInPlane": 2,
    "PartialFourier": 1,
    "PatientPosition": "HFS",
    "PercentPhaseFOV": 84.375,
    "PercentSampling": 100,
    "PhaseEncodingSteps": 216,
    "PhaseResolution": 1,
    "PixelBandwidth": 260,
    "ProcedureStepDescription": "Research Oscar",
    "ProtocolName": "anat-T1w__t1_mprage_tra_p2_iso_siemens_axial",
    "PulseSequenceDetails": "%SiemensSeq%\\tfl",
    "ReceiveCoilActiveElements": "HC1-7;NC1",
    "ReceiveCoilName": "HeadNeck_64_CS",
    "ReconMatrixPE": 216,
    "RefLinesPE": 24,
    "RepetitionTime": 2.2,
    "SAR": 0.0480529,
    "ScanOptions": "PER",
    "ScanningSequence": "GR",
    "SequenceName": "*tfl3d1_240",
    "SequenceVariant": "SK",
    "SeriesDescription": "anat-T1w__t1_mprage_tra_p2_iso_siemens_axial",
    "SeriesNumber": 5,
    "ShimSetting": [
      -8778,
      8428,
      9145,
      105,
      -256,
      11,
      89,
      62
    ],
    "SliceThickness": 0.9,
    "SoftwareVersions": "syngo MR XA50",
    "StationName": "LRG08892",
    "TxRefAmp": 321.043,
    "acquisition": "undistorted",
    "dataset": "HCPh",
    "datatype": "anat",
    "extension": ".nii.gz",
    "modality": "T1w",
    "session": "21002034",
    "subject": "001",
    "suffix": "T1w"
  },
  "cjv": 0.5881944881889765,
  "cnr": 1.6550870217314801,
  "efc": 0.5267,
  "fber": 17875.4889,
  "fwhm_avg": 4.752969816911983,
  "fwhm_x": 4.42884217117327,
  "fwhm_y": 5.262689380790707,
  "fwhm_z": 4.567377898771972,
  "icvs_csf": 0.273925861033578,
  "icvs_gm": 0.3775993325218662,
  "icvs_wm": 0.34847480644455575,
  "inu_med": 0.5175691843032837,
  "inu_range": 0.2464896500110626,
  "provenance": {
    "md5sum": "c86411ecbf2415b29a31d444bd05fcaf",
    "settings": {
      "testing": false
    },
    "software": "mriqc",
    "version": "24.1.0.dev15+g9586c867.d20240825",
    "warnings": {
      "large_rot_frame": true,
      "small_air_mask": false
    }
  },
  "qi_1": 0.0,
  "qi_2": 0.0014121486891760756,
  "rpve_csf": 5.370841058801184,
  "rpve_gm": 5.274386246906878,
  "rpve_wm": 5.354354401365252,
  "size_x": 216,
  "size_y": 256,
  "size_z": 208,
  "snr_csf": 1.6886994108603568,
  "snr_gm": 5.6954831103814,
  "snr_total": 6.098309136722208,
  "snr_wm": 10.910744888924869,
  "snrd_csf": 10.997538225168578,
  "snrd_gm": 21.932943466014166,
  "snrd_total": 20.918104722072055,
  "snrd_wm": 29.823832475033427,
  "spacing_x": 0.8984379768371582,
  "spacing_y": 0.8984379768371582,
  "spacing_z": 0.8999999761581421,
  "summary_bg_k": 1243.0306,
  "summary_bg_mad": 0.0,
  "summary_bg_mean": 2.9458,
  "summary_bg_median": 0.0,
  "summary_bg_n": 3653239.0,
  "summary_bg_p05": 0.0,
  "summary_bg_p95": 11.0,
  "summary_bg_stdv": 21.0882,
  "summary_csf_k": -0.1521,
  "summary_csf_mad": 170.2709,
  "summary_csf_mean": 368.9241,
  "summary_csf_median": 354.0,
  "summary_csf_n": 577148.0936425049,
  "summary_csf_p05": 39.0,
  "summary_csf_p95": 721.0,
  "summary_csf_stdv": 209.6286,
  "summary_gm_k": -0.4946,
  "summary_gm_mad": 84.2129,
  "summary_gm_mean": 710.3648,
  "summary_gm_median": 706.0,
  "summary_gm_n": 795582.9146739938,
  "summary_gm_p05": 507.0,
  "summary_gm_p95": 944.0,
  "summary_gm_stdv": 123.9578,
  "summary_wm_k": -0.0652,
  "summary_wm_mad": 65.1885,
  "summary_wm_mean": 937.0882,
  "summary_wm_median": 960.0,
  "summary_wm_n": 734218.9943769588,
  "summary_wm_p05": 761.0,
  "summary_wm_p95": 1045.0,
  "summary_wm_stdv": 87.9866,
  "tpm_overlap_csf": 0.19825353449203156,
  "tpm_overlap_gm": 0.5451781216995334,
  "tpm_overlap_wm": 0.5568511089233729,
  "wm2max": 0.5038664793486889
}
