{
  "aor": [
    0.0009058163265306123,
    0.0009609183673469386,
    0.0010667346938775509,
    0.0012501020408163266
  ],
  "aqi": [
    0.005340459693877551,
    0.00741275775510204,
    0.011617598979591838,
    0.018453455102040814
  ],
  "bids_meta": {
    "AcquisitionDuration": 188.475,
    "AcquisitionMatrixPE": 76,
    "AcquisitionNumber": 1,
    "AcquisitionTime": "19:43:31.450000",
    "B0FieldSource": [
      "047pepolarbold",
      "047phasediff"
    ],
    "BandwidthPerPixelPhaseEncode": 40.486,
    "BaseResolution": 102,
    "BodyPartExamined": "BRAIN",
    "CoilCombinationMethod": "Sum of Squares",
    "CoilString": "HeadNeck_64",
    "ConversionSoftware": "dcm2niix",
    "ConversionSoftwareVersion": "v1.0.20220720",
    "DerivedVendorReportedEchoSpacing": 0.000649997,
    "DeviceSerialNumber": "67014",
    "DwellTime": 2.5e-6,
    "EchoNumber": 4,
    "EchoTime": 0.0714,
    "EchoTrainLength": 28,
    "EffectiveEchoSpacing": 0.000324999,
    "FileSize": 0.04347195569425821,
    "FileSizeUnits": "GB",
    "FlipAngle": 64,
    "HeudiconvVersion": "1.0.0",
    "ImageComments": "Unaliased MB4/PE4/LB",
    "ImageOrientationPatientDICOM": [
      0.99925,
      0.0178623,
      0.0343614,
      -0.00418567,
      0.931893,
      -0.362709
    ],
    "ImageType": [
      "ORIGINAL",
      "PRIMARY",
      "FMRI",
      "NONE"
    ],
    "ImageTypeText": [
      "ORIGINAL",
      "PRIMARY",
      "M",
      "MB",
      "TE4",
      "DIS2D"
    ],
    "ImagingFrequency": 123.248,
    "InPlanePhaseEncodingDirectionDICOM": "ROW",
    "InstitutionAddress": "Rue du Bugnon 21,Lausanne,District,CH,1011",
    "InstitutionName": "CHUV",
    "MRAcquisitionType": "2D",
    "MTState": false,
    "MagneticFieldStrength": 3,
    "Manufacturer": "Siemens",
    "ManufacturersModelName": "MAGNETOM Prisma Fit",
    "MatrixCoilMode": "GRAPPA",
    "Modality": "MR",
    "MultibandAccelerationFactor": 4,
    "NonlinearGradientCorrection": true,
    "NumberOfVolumes": 99,
    "ParallelAcquisitionTechnique": "GRAPPA",
    "ParallelReductionFactorInPlane": 2,
    "PartialFourier": 0.75,
    "PartialFourierDirection": "PHASE",
    "PatientPosition": "HFS",
    "PercentPhaseFOV": 74.5098,
    "PercentSampling": 100,
    "PhaseEchoTime1": 0.0126,
    "PhaseEchoTime2": 0.0322,
    "PhaseEncodingDirection": "i",
    "PhaseResolution": 1,
    "PixelBandwidth": 1961,
    "ProcedureStepDescription": "https://www.axonlab.org/hcph-sops/",
    "ProtocolName": "func-bold_task-qct_dir-RL__cmrr_me4_sms4",
    "PulseSequenceDetails": "%CustomerSeq%\\cmrr_mbep2d_bold",
    "PulseSequenceName": "epfid2d4_76",
    "ReceiveCoilActiveElements": "HC1-7",
    "ReceiveCoilName": "HeadNeck_64",
    "ReconMatrixPE": 76,
    "RefLinesPE": 18,
    "RepetitionTime": 1.6,
    "ScanOptions": "PFP\\FS",
    "ScanningSequence": "EP",
    "SequenceVariant": "SK\\SS\\OSP",
    "SeriesDescription": "func-bold_task-qct_dir-RL__cmrr_me4_sms4",
    "SeriesNumber": 35,
    "ShimSetting": [
      8242,
      -5617,
      -5995,
      690,
      -25,
      -228,
      33,
      27
    ],
    "SliceThickness": 2.2,
    "SliceTiming": [
      0,
      0.8425,
      0.105,
      0.9475,
      0.21,
      1.055,
      0.3175,
      1.16,
      0.4225,
      1.265,
      0.5275,
      1.37,
      0.6325,
      1.475,
      0.7375,
      0,
      0.8425,
      0.105,
      0.9475,
      0.21,
      1.055,
      0.3175,
      1.16,
      0.4225,
      1.265,
      0.5275,
      1.37,
      0.6325,
      1.475,
      0.7375,
      0,
      0.8425,
      0.105,
      0.9475,
      0.21,
      1.055,
      0.3175,
      1.16,
      0.4225,
      1.265,
      0.5275,
      1.37,
      0.6325,
      1.475,
      0.7375,
      0,
      0.8425,
      0.105,
      0.9475,
      0.21,
      1.055,
      0.3175,
      1.16,
      0.4225,
      1.265,
      0.5275,
      1.37,
      0.6325,
      1.475,
      0.7375
    ],
    "SoftwareVersions": "syngo MR XA30",
    "SpacingBetweenSlices": 2.2,
    "StationName": "LRG10884",
    "TaskName": "Quality Control Task (QCT)",
    "TotalReadoutTime": 0.0243749,
    "TxRefAmp": 244.361,
    "WipMemBlock": "8cd1965d-8d27-4d46-b729-bf29261df5ee||Sequence: R017 nxva30a/master r/d34922cc2+; Jun 27 2022 13:20:16 by eja",
    "dataset": "HCPh",
    "datatype": "func",
    "direction": "RL",
    "extension": ".nii.gz",
    "modality": "bold",
    "part": "mag",
    "session": "047",
    "subject": "001",
    "suffix": "bold",
    "task": "qct"
  },
  "dummy_trs": 1,
  "dvars_nstd": 95.85770306185566,
  "dvars_std": 1.0449938439175255,
  "dvars_vstd": 1.0240920080412375,
  "efc": 0.565,
  "fber": 69.1759,
  "fd_mean": 0.10611066555777061,
  "fd_num": 10,
  "fd_perc": 10.204081632653061,
  "fwhm_avg": 2.638449075685488,
  "fwhm_x": 2.78142421273111,
  "fwhm_y": 2.630273068590506,
  "fwhm_z": 2.503649945734849,
  "gcor": [
    0.00268605,
    0.00451107,
    0.00486931,
    0.00412875
  ],
  "gsr_x": 0.03695659711956978,
  "gsr_y": -0.004962014965713024,
  "provenance": {
    "md5sum": "19ed83cc70a78df2b6404ff69d1a1571",
    "settings": {
      "fd_thres": 0.2,
      "testing": false
    },
    "software": "mriqc",
    "version": "24.1.0.dev15+g9586c867.d20240825"
  },
  "size_t": 98,
  "size_x": 76,
  "size_y": 102,
  "size_z": 60,
  "snr": 1.4289384108220784,
  "spacing_tr": 1.600000023841858,
  "spacing_x": 2.196079969406128,
  "spacing_y": 2.196079969406128,
  "spacing_z": 2.200000047683716,
  "summary_bg_k": 112.2104,
  "summary_bg_mad": 5.6127,
  "summary_bg_mean": 29.0842,
  "summary_bg_median": 27.0,
  "summary_bg_n": 329381.0,
  "summary_bg_p05": 0.0,
  "summary_bg_p95": 51.0,
  "summary_bg_stdv": 18.1921,
  "summary_fg_k": 4.9949,
  "summary_fg_mad": 137.9577,
  "summary_fg_mean": 234.8434,
  "summary_fg_median": 221.0,
  "summary_fg_n": 135739.0,
  "summary_fg_p05": 36.0,
  "summary_fg_p95": 504.0,
  "summary_fg_stdv": 154.6597,
  "tsnr": 13.199537264881656
}
