{
  "aor": [
    0.0003963414634146341,
    0.0004547317073170732,
    0.0005473658536585366,
    0.0007112682926829268
  ],
  "aqi": [
    0.00733636756097561,
    0.009852422829268292,
    0.015712390390243906,
    0.024695995121951215
  ],
  "bids_meta": {
    "AcquisitionDuration": 361.472,
    "AcquisitionMatrixPE": 76,
    "AcquisitionNumber": 1,
    "AcquisitionTime": "20:11:21.455000",
    "B0FieldSource": [
      "047pepolarbold",
      "047phasediff"
    ],
    "BandwidthPerPixelPhaseEncode": 40.486,
    "BaseResolution": 102,
    "BodyPartExamined": "BRAIN",
    "CogAtlasID": "https://www.cognitiveatlas.org/id/trm_4c898a680e424/",
    "CoilCombinationMethod": "Sum of Squares",
    "CoilString": "HeadNeck_64",
    "ConversionSoftware": "dcm2niix",
    "ConversionSoftwareVersion": "v1.0.20220720",
    "DerivedVendorReportedEchoSpacing": 0.000649997,
    "DeviceSerialNumber": "67014",
    "DwellTime": 2.5e-6,
    "EchoNumber": 1,
    "EchoTime": 0.0126,
    "EchoTrainLength": 28,
    "EffectiveEchoSpacing": 0.000324999,
    "FileSize": 0.12097581010311842,
    "FileSizeUnits": "GB",
    "FlipAngle": 64,
    "HeudiconvVersion": "1.0.0",
    "ImageComments": "Unaliased MB4/PE4/LB",
    "ImageOrientationPatientDICOM": [
      0.99925,
      0.0178623,
      0.0343614,
      -0.00418567,
      0.931893,
      -0.362709
    ],
    "ImageType": [
      "ORIGINAL",
      "PRIMARY",
      "FMRI",
      "NONE"
    ],
    "ImageTypeText": [
      "ORIGINAL",
      "PRIMARY",
      "M",
      "MB",
      "TE1",
      "DIS2D"
    ],
    "ImagingFrequency": 123.248,
    "InPlanePhaseEncodingDirectionDICOM": "ROW",
    "InstitutionAddress": "Rue du Bugnon 21,Lausanne,District,CH,1011",
    "InstitutionName": "CHUV",
    "MRAcquisitionType": "2D",
    "MTState": false,
    "MagneticFieldStrength": 3,
    "Manufacturer": "Siemens",
    "ManufacturersModelName": "MAGNETOM Prisma Fit",
    "MatrixCoilMode": "GRAPPA",
    "Modality": "MR",
    "MultibandAccelerationFactor": 4,
    "NonlinearGradientCorrection": true,
    "NumberOfVolumes": 207,
    "ParallelAcquisitionTechnique": "GRAPPA",
    "ParallelReductionFactorInPlane": 2,
    "PartialFourier": 0.75,
    "PartialFourierDirection": "PHASE",
    "PatientPosition": "HFS",
    "PercentPhaseFOV": 74.5098,
    "PercentSampling": 100,
    "PhaseEchoTime1": 0.0126,
    "PhaseEchoTime2": 0.0322,
    "PhaseEncodingDirection": "i",
    "PhaseResolution": 1,
    "PixelBandwidth": 1961,
    "ProcedureStepDescription": "https://www.axonlab.org/hcph-sops/",
    "ProtocolName": "func-bold_task-bht_dir-RL__cmrr_me4_sms4",
    "PulseSequenceDetails": "%CustomerSeq%\\cmrr_mbep2d_bold",
    "PulseSequenceName": "epfid2d4_76",
    "ReceiveCoilActiveElements": "HC1-7",
    "ReceiveCoilName": "HeadNeck_64",
    "ReconMatrixPE": 76,
    "RefLinesPE": 18,
    "RepetitionTime": 1.6,
    "ScanOptions": "PFP\\FS",
    "ScanningSequence": "EP",
    "SequenceVariant": "SK\\SS\\OSP",
    "SeriesDescription": "func-bold_task-bht_dir-RL__cmrr_me4_sms4",
    "SeriesNumber": 47,
    "ShimSetting": [
      8242,
      -5617,
      -5995,
      690,
      -25,
      -228,
      33,
      27
    ],
    "SliceThickness": 2.2,
    "SliceTiming": [
      0,
      0.8425,
      0.1075,
      0.95,
      0.2125,
      1.055,
      0.3175,
      1.16,
      0.4225,
      1.265,
      0.5275,
      1.37,
      0.6325,
      1.475,
      0.7375,
      0,
      0.8425,
      0.1075,
      0.95,
      0.2125,
      1.055,
      0.3175,
      1.16,
      0.4225,
      1.265,
      0.5275,
      1.37,
      0.6325,
      1.475,
      0.7375,
      0,
      0.8425,
      0.1075,
      0.95,
      0.2125,
      1.055,
      0.3175,
      1.16,
      0.4225,
      1.265,
      0.5275,
      1.37,
      0.6325,
      1.475,
      0.7375,
      0,
      0.8425,
      0.1075,
      0.95,
      0.2125,
      1.055,
      0.3175,
      1.16,
      0.4225,
      1.265,
      0.5275,
      1.37,
      0.6325,
      1.475,
      0.7375
    ],
    "SoftwareVersions": "syngo MR XA30",
    "SpacingBetweenSlices": 2.2,
    "StationName": "LRG10884",
    "TaskName": "Breath-holding Task (BHT)",
    "TotalReadoutTime": 0.0243749,
    "TxRefAmp": 244.361,
    "WipMemBlock": "5c86900b-b7ee-48e5-ba9a-ad751bef88ac||Sequence: R017 nxva30a/master r/d34922cc2+; Jun 27 2022 13:20:16 by eja",
    "dataset": "HCPh",
    "datatype": "func",
    "direction": "RL",
    "extension": ".nii.gz",
    "modality": "bold",
    "part": "mag",
    "session": "047",
    "subject": "001",
    "suffix": "bold",
    "task": "bht"
  },
  "dummy_trs": 2,
  "dvars_nstd": 40.507563366421536,
  "dvars_std": 1.0242740164215693,
  "dvars_vstd": 0.9960652057352948,
  "efc": 0.6593,
  "fber": 112.9743,
  "fd_mean": 0.1454293711596127,
  "fd_num": 50,
  "fd_perc": 24.390243902439025,
  "fwhm_avg": 3.6170318057378292,
  "fwhm_x": 3.512431290052673,
  "fwhm_y": 3.5513142092494134,
  "fwhm_z": 3.787349917911401,
  "gcor": [
    0.00536236,
    0.00997955,
    0.0111438,
    0.00963106
  ],
  "gsr_x": 0.1547444760799408,
  "gsr_y": 0.012057908810675144,
  "provenance": {
    "md5sum": "3ba59a57ffe9f48318677d74e6bcd0a8",
    "settings": {
      "fd_thres": 0.2,
      "testing": false
    },
    "software": "mriqc",
    "version": "24.1.0.dev15+g9586c867.d20240825"
  },
  "size_t": 205,
  "size_x": 76,
  "size_y": 102,
  "size_z": 60,
  "snr": 2.4513141859248497,
  "spacing_tr": 1.600000023841858,
  "spacing_x": 2.196079969406128,
  "spacing_y": 2.196079969406128,
  "spacing_z": 2.200000047683716,
  "summary_bg_k": 5.3024,
  "summary_bg_mad": 72.7705,
  "summary_bg_mean": 185.4722,
  "summary_bg_median": 77.0,
  "summary_bg_n": 328969.0,
  "summary_bg_p05": 0.0,
  "summary_bg_p95": 775.0,
  "summary_bg_stdv": 255.663,
  "summary_fg_k": 1.3107,
  "summary_fg_mad": 318.123,
  "summary_fg_mean": 845.8077,
  "summary_fg_median": 815.0,
  "summary_fg_n": 136151.0,
  "summary_fg_p05": 372.0,
  "summary_fg_p95": 1414.0,
  "summary_fg_stdv": 332.4735,
  "tsnr": 33.48557034647092
}
