{
  "aor": [
    0.00024307076101468626,
    0.000306675567423231,
    0.0004008811748998665,
    0.0005106675567423231
  ],
  "aqi": [
    0.0076028344592790386,
    0.010282183070761014,
    0.015943247703604804,
    0.024742193190921233
  ],
  "bids_meta": {
    "AcquisitionDuration": 1230.47,
    "AcquisitionMatrixPE": 76,
    "AcquisitionNumber": 1,
    "AcquisitionTime": "22:20:31.262500",
    "B0FieldSource": [
      "010pepolarbold",
      "010phasediff"
    ],
    "BandwidthPerPixelPhaseEncode": 40.486,
    "BaseResolution": 102,
    "BodyPartExamined": "BRAIN",
    "CogAtlasID": "https://www.cognitiveatlas.org/task/id/trm_4c8a834779883/",
    "CoilCombinationMethod": "Sum of Squares",
    "CoilString": "HeadNeck_64",
    "ConversionSoftware": "dcm2niix",
    "ConversionSoftwareVersion": "v1.0.20220720",
    "DerivedVendorReportedEchoSpacing": 0.000649997,
    "DeviceSerialNumber": "67014",
    "DwellTime": 2.5e-6,
    "EchoNumber": 4,
    "EchoTime": 0.0714,
    "EchoTrainLength": 28,
    "EffectiveEchoSpacing": 0.000324999,
    "FileSize": 0.32973854802548885,
    "FileSizeUnits": "GB",
    "FlipAngle": 64,
    "HeudiconvVersion": "1.0.0",
    "ImageComments": "Unaliased MB4/PE4/LB",
    "ImageOrientationPatientDICOM": [
      0.997842,
      -0.0242437,
      0.0610273,
      0.0442647,
      0.934802,
      -0.3524
    ],
    "ImageType": [
      "ORIGINAL",
      "PRIMARY",
      "FMRI",
      "NONE"
    ],
    "ImageTypeText": [
      "ORIGINAL",
      "PRIMARY",
      "M",
      "MB",
      "TE4",
      "DIS2D"
    ],
    "ImagingFrequency": 123.248,
    "InPlanePhaseEncodingDirectionDICOM": "ROW",
    "InstitutionAddress": "Rue du Bugnon 21,Lausanne,District,CH,1011",
    "InstitutionName": "CHUV",
    "MRAcquisitionType": "2D",
    "MTState": false,
    "MagneticFieldStrength": 3,
    "Manufacturer": "Siemens",
    "ManufacturersModelName": "MAGNETOM Prisma Fit",
    "MatrixCoilMode": "GRAPPA",
    "Modality": "MR",
    "MultibandAccelerationFactor": 4,
    "NonlinearGradientCorrection": true,
    "NumberOfVolumes": 750,
    "ParallelAcquisitionTechnique": "GRAPPA",
    "ParallelReductionFactorInPlane": 2,
    "PartialFourier": 0.75,
    "PartialFourierDirection": "PHASE",
    "PatientPosition": "HFS",
    "PercentPhaseFOV": 74.5098,
    "PercentSampling": 100,
    "PhaseEchoTime1": 0.0126,
    "PhaseEchoTime2": 0.0322,
    "PhaseEncodingDirection": "i",
    "PhaseResolution": 1,
    "PixelBandwidth": 1961,
    "ProcedureStepDescription": "https://www.axonlab.org/hcph-sops/",
    "ProtocolName": "func-bold_task-rsmovie_dir-RL__cmrr_me4_sms4",
    "PulseSequenceDetails": "%CustomerSeq%\\cmrr_mbep2d_bold",
    "PulseSequenceName": "epfid2d4_76",
    "ReceiveCoilActiveElements": "HC1-7",
    "ReceiveCoilName": "HeadNeck_64",
    "ReconMatrixPE": 76,
    "RefLinesPE": 18,
    "RepetitionTime": 1.6,
    "ScanOptions": "PFP\\FS",
    "ScanningSequence": "EP",
    "SequenceVariant": "SK\\SS\\OSP",
    "SeriesDescription": "func-bold_task-rsmovie_dir-RL__cmrr_me4_sms4",
    "SeriesNumber": 23,
    "ShimSetting": [
      8241,
      -5611,
      -5999,
      673,
      -62,
      -169,
      19,
      10
    ],
    "SliceThickness": 2.2,
    "SliceTiming": [
      0,
      0.8425,
      0.105,
      0.9475,
      0.21,
      1.0525,
      0.315,
      1.16,
      0.4225,
      1.265,
      0.5275,
      1.37,
      0.6325,
      1.475,
      0.7375,
      0,
      0.8425,
      0.105,
      0.9475,
      0.21,
      1.0525,
      0.315,
      1.16,
      0.4225,
      1.265,
      0.5275,
      1.37,
      0.6325,
      1.475,
      0.7375,
      0,
      0.8425,
      0.105,
      0.9475,
      0.21,
      1.0525,
      0.315,
      1.16,
      0.4225,
      1.265,
      0.5275,
      1.37,
      0.6325,
      1.475,
      0.7375,
      0,
      0.8425,
      0.105,
      0.9475,
      0.21,
      1.0525,
      0.315,
      1.16,
      0.4225,
      1.265,
      0.5275,
      1.37,
      0.6325,
      1.475,
      0.7375
    ],
    "SoftwareVersions": "syngo MR XA30",
    "SpacingBetweenSlices": 2.2,
    "StationName": "LRG10884",
    "TaskName": "Naturalistic Scenes Watching Resting State",
    "TotalReadoutTime": 0.0243749,
    "TxRefAmp": 232.907,
    "WipMemBlock": "11371b67-3aee-4619-a406-a456ff1f527e||Sequence: R017 nxva30a/master r/d34922cc2+; Jun 27 2022 13:20:16 by eja",
    "dataset": "HCPh",
    "datatype": "func",
    "direction": "RL",
    "extension": ".nii.gz",
    "modality": "bold",
    "part": "mag",
    "session": "010",
    "subject": "001",
    "suffix": "bold",
    "task": "rest"
  },
  "dummy_trs": 1,
  "dvars_nstd": 94.96058791447855,
  "dvars_std": 1.025141723008022,
  "dvars_vstd": 0.998284109478609,
  "efc": 0.568,
  "fber": 69.9118,
  "fd_mean": 0.10478587014314329,
  "fd_num": 65,
  "fd_perc": 8.678237650200266,
  "fwhm_avg": 2.591814168994851,
  "fwhm_x": 2.73007362369473,
  "fwhm_y": 2.584587118444013,
  "fwhm_z": 2.4607817648458097,
  "gcor": [
    0.00718016,
    0.0103446,
    0.0102627,
    0.00877535
  ],
  "gsr_x": 0.03898327425122261,
  "gsr_y": -0.006756841670721769,
  "provenance": {
    "md5sum": "6c7ffdcc4610bc469cd3980bf28bac9f",
    "settings": {
      "fd_thres": 0.2,
      "testing": false
    },
    "software": "mriqc",
    "version": "24.1.0.dev15+g9586c867.d20240825"
  },
  "size_t": 749,
  "size_x": 76,
  "size_y": 102,
  "size_z": 60,
  "snr": 1.4598927971139053,
  "spacing_tr": 1.600000023841858,
  "spacing_x": 2.196079969406128,
  "spacing_y": 2.196079969406128,
  "spacing_z": 2.200000047683716,
  "summary_bg_k": 140.3485,
  "summary_bg_mad": 5.6216,
  "summary_bg_mean": 29.2262,
  "summary_bg_median": 27.0,
  "summary_bg_n": 329398.0,
  "summary_bg_p05": 0.0,
  "summary_bg_p95": 52.0,
  "summary_bg_stdv": 18.8661,
  "summary_fg_k": 4.7689,
  "summary_fg_mad": 135.1662,
  "summary_fg_mean": 234.3332,
  "summary_fg_median": 222.0,
  "summary_fg_n": 135722.0,
  "summary_fg_p05": 36.0,
  "summary_fg_p95": 498.0,
  "summary_fg_stdv": 152.0654,
  "tsnr": 11.964533813297749
}
