{
  "aor": [
    0.013703030303030305,
    0.017102727272727273,
    0.017505959595959596,
    0.01608080808080808
  ],
  "aqi": [
    0.014423356868686869,
    0.01865163313131313,
    0.028742554343434347,
    0.04189740101010101
  ],
  "bids_meta": {
    "AcquisitionDuration": 188.475,
    "AcquisitionMatrixPE": 76,
    "AcquisitionNumber": 1,
    "AcquisitionTime": "12:15:7.432500",
    "B0FieldSource": [
      "004pepolarbold",
      "004phasediff"
    ],
    "BandwidthPerPixelPhaseEncode": 40.486,
    "BaseResolution": 102,
    "BodyPartExamined": "BRAIN",
    "CoilCombinationMethod": "Sum of Squares",
    "CoilString": "HeadNeck_64",
    "ConversionSoftware": "dcm2niix",
    "ConversionSoftwareVersion": "v1.0.20220720",
    "DerivedVendorReportedEchoSpacing": 0.000649997,
    "DeviceSerialNumber": "67014",
    "DwellTime": 2.5e-6,
    "EchoNumber": 2,
    "EchoTime": 0.0322,
    "EchoTrainLength": 28,
    "EffectiveEchoSpacing": 0.000324999,
    "FileSize": 0.05104997381567955,
    "FileSizeUnits": "GB",
    "FlipAngle": 64,
    "HeudiconvVersion": "1.0.0",
    "ImageComments": "Unaliased MB4/PE4/LB",
    "ImageOrientationPatientDICOM": [
      0.999421,
      0.00548476,
      0.0335692,
      0.00697739,
      0.932869,
      -0.360149
    ],
    "ImageType": [
      "ORIGINAL",
      "PRIMARY",
      "FMRI",
      "NONE"
    ],
    "ImageTypeText": [
      "ORIGINAL",
      "PRIMARY",
      "M",
      "MB",
      "TE2",
      "DIS2D"
    ],
    "ImagingFrequency": 123.248,
    "InPlanePhaseEncodingDirectionDICOM": "ROW",
    "InstitutionAddress": "Rue du Bugnon 21,Lausanne,District,CH,1011",
    "InstitutionName": "CHUV",
    "MRAcquisitionType": "2D",
    "MTState": false,
    "MagneticFieldStrength": 3,
    "Manufacturer": "Siemens",
    "ManufacturersModelName": "MAGNETOM Prisma Fit",
    "MatrixCoilMode": "GRAPPA",
    "Modality": "MR",
    "MultibandAccelerationFactor": 4,
    "NonlinearGradientCorrection": true,
    "NumberOfVolumes": 99,
    "ParallelAcquisitionTechnique": "GRAPPA",
    "ParallelReductionFactorInPlane": 2,
    "PartialFourier": 0.75,
    "PartialFourierDirection": "PHASE",
    "PatientPosition": "HFS",
    "PercentPhaseFOV": 74.5098,
    "PercentSampling": 100,
    "PhaseEchoTime1": 0.0126,
    "PhaseEchoTime2": 0.0322,
    "PhaseEncodingDirection": "i",
    "PhaseResolution": 1,
    "PixelBandwidth": 1961,
    "ProcedureStepDescription": "https://www.axonlab.org/hcph-sops/",
    "ProtocolName": "func-bold_task-qct_dir-RL__cmrr_me4_sms4",
    "PulseSequenceDetails": "%CustomerSeq%\\cmrr_mbep2d_bold",
    "PulseSequenceName": "epfid2d4_76",
    "ReceiveCoilActiveElements": "HC1-7",
    "ReceiveCoilName": "HeadNeck_64",
    "ReconMatrixPE": 76,
    "RefLinesPE": 18,
    "RepetitionTime": 1.6,
    "ScanOptions": "PFP\\FS",
    "ScanningSequence": "EP",
    "SequenceVariant": "SK\\SS\\OSP",
    "SeriesDescription": "func-bold_task-qct_dir-RL__cmrr_me4_sms4",
    "SeriesNumber": 16,
    "ShimSetting": [
      8235,
      -5616,
      -6015,
      684,
      -60,
      -158,
      24,
      29
    ],
    "SliceThickness": 2.2,
    "SliceTiming": [
      0,
      0.8425,
      0.105,
      0.9475,
      0.21,
      1.0525,
      0.315,
      1.1575,
      0.42,
      1.2625,
      0.525,
      1.3675,
      0.63,
      1.4725,
      0.735,
      0,
      0.8425,
      0.105,
      0.9475,
      0.21,
      1.0525,
      0.315,
      1.1575,
      0.42,
      1.2625,
      0.525,
      1.3675,
      0.63,
      1.4725,
      0.735,
      0,
      0.8425,
      0.105,
      0.9475,
      0.21,
      1.0525,
      0.315,
      1.1575,
      0.42,
      1.2625,
      0.525,
      1.3675,
      0.63,
      1.4725,
      0.735,
      0,
      0.8425,
      0.105,
      0.9475,
      0.21,
      1.0525,
      0.315,
      1.1575,
      0.42,
      1.2625,
      0.525,
      1.3675,
      0.63,
      1.4725,
      0.735
    ],
    "SoftwareVersions": "syngo MR XA30",
    "SpacingBetweenSlices": 2.2,
    "StationName": "LRG10884",
    "TaskName": "Quality Control Task (QCT)",
    "TotalReadoutTime": 0.0243749,
    "TxRefAmp": 249.909,
    "WipMemBlock": "55b747fc-307a-4fd3-b943-7c204817084f||Sequence: R017 nxva30a/master r/d34922cc2+; Jun 27 2022 13:20:16 by eja",
    "dataset": "HCPh",
    "datatype": "func",
    "direction": "RL",
    "extension": ".nii.gz",
    "modality": "bold",
    "part": "mag",
    "session": "004",
    "subject": "001",
    "suffix": "bold",
    "task": "qct"
  },
  "dummy_trs": 0,
  "dvars_nstd": 56.818117997755124,
  "dvars_std": 1.0924980650000002,
  "dvars_vstd": 1.094543707142857,
  "efc": 0.5897,
  "fber": 227.5488,
  "fd_mean": 0.1968420164951309,
  "fd_num": 20,
  "fd_perc": 20.2020202020202,
  "fwhm_avg": 3.263225351238146,
  "fwhm_x": 3.3007267954637416,
  "fwhm_y": 3.277658418762642,
  "fwhm_z": 3.2112908394880546,
  "gcor": [
    0.00829535,
    0.00613226,
    0.00387149,
    0.00258095
  ],
  "gsr_x": 0.09166322648525238,
  "gsr_y": -0.013939429074525833,
  "provenance": {
    "md5sum": "ad58ef622f5ae9323458066d024f9bcf",
    "settings": {
      "fd_thres": 0.2,
      "testing": false
    },
    "software": "mriqc",
    "version": "24.1.0.dev15+g9586c867.d20240825"
  },
  "size_t": 99,
  "size_x": 76,
  "size_y": 102,
  "size_z": 60,
  "snr": 2.1916312139823777,
  "spacing_tr": 1.600000023841858,
  "spacing_x": 2.196079969406128,
  "spacing_y": 2.196079969406128,
  "spacing_z": 2.200000047683716,
  "summary_bg_k": 23.4768,
  "summary_bg_mad": 18.1506,
  "summary_bg_mean": 62.0172,
  "summary_bg_median": 35.0,
  "summary_bg_n": 328707.0,
  "summary_bg_p05": 0.0,
  "summary_bg_p95": 219.0,
  "summary_bg_stdv": 80.5284,
  "summary_fg_k": 0.454,
  "summary_fg_mad": 224.7116,
  "summary_fg_mean": 540.9488,
  "summary_fg_median": 531.0,
  "summary_fg_n": 136413.0,
  "summary_fg_p05": 113.0,
  "summary_fg_p95": 951.0,
  "summary_fg_stdv": 242.2844,
  "tsnr": 20.28390226769261
}
