{
  "bids_meta": {
    "AcquisitionMatrixPE": 216,
    "AcquisitionNumber": 1,
    "AcquisitionTime": "22:49:21.795000",
    "BaseResolution": 256,
    "BodyPartExamined": "BRAIN",
    "CoilCombinationMethod": "Adaptive Combine",
    "CoilString": "HeadNeck_64_CS",
    "ConversionSoftware": "dcm2niix",
    "ConversionSoftwareVersion": "v1.0.20220720",
    "DeviceSerialNumber": "202009",
    "DwellTime": 7.5e-06,
    "EchoTime": 0.00246,
    "FileSize": 0.009684925898909569,
    "FileSizeUnits": "GB",
    "FlipAngle": 8,
    "HeudiconvVersion": "1.1.6.post8+ga0a3635",
    "ImageOrientationPatientDICOM": [
      0.999059,
      0.0428154,
      0.00688454,
      -0.0430958,
      0.997932,
      0.0477002
    ],
    "ImageType": [
      "ORIGINAL",
      "PRIMARY",
      "M",
      "NORM",
      "DIS2D",
      "FM3",
      "2",
      "FIL",
      "MFSPLIT"
    ],
    "ImageTypeText": [
      "ORIGINAL",
      "PRIMARY",
      "M",
      "NONE"
    ],
    "ImagingFrequency": 123.198,
    "InPlanePhaseEncodingDirectionDICOM": "ROW",
    "InstitutionAddress": "Rue du Bugnon 46,Lausanne,,CH,1011",
    "InstitutionName": "CHUV Lausanne",
    "InversionTime": 0.9,
    "MRAcquisitionType": "3D",
    "MagneticFieldStrength": 3,
    "Manufacturer": "Siemens",
    "ManufacturersModelName": "MAGNETOM Vida Fit",
    "MatrixCoilMode": "GRAPPA",
    "Modality": "MR",
    "NonlinearGradientCorrection": true,
    "NumberOfVolumes": 1,
    "ParallelReductionFactorInPlane": 2,
    "PartialFourier": 1,
    "PatientPosition": "HFS",
    "PercentPhaseFOV": 84.375,
    "PercentSampling": 100,
    "PhaseEncodingSteps": 216,
    "PhaseResolution": 1,
    "PixelBandwidth": 260,
    "ProcedureStepDescription": "RESEARCH Oscar",
    "ProtocolName": "anat-T1w__t1_mprage_tra_p2_iso_siemens_axial",
    "PulseSequenceDetails": "%SiemensSeq%\\tfl",
    "ReceiveCoilActiveElements": "HC1-7;NC1",
    "ReceiveCoilName": "HeadNeck_64_CS",
    "ReconMatrixPE": 216,
    "RefLinesPE": 24,
    "RepetitionTime": 2.2,
    "SAR": 0.0453342,
    "ScanOptions": "PER",
    "ScanningSequence": "GR",
    "SequenceName": "*tfl3d1_240",
    "SequenceVariant": "SK",
    "SeriesDescription": "anat-T1w__t1_mprage_tra_p2_iso_siemens_axial",
    "SeriesNumber": 5,
    "ShimSetting": [
      232,
      -1112,
      2213,
      61,
      390,
      -73,
      60,
      -60
    ],
    "SliceThickness": 0.9,
    "SoftwareVersions": "syngo MR XA50",
    "StationName": "AWP202009",
    "TxRefAmp": 315.369,
    "acquisition": "undistorted",
    "dataset": "HCPh",
    "datatype": "anat",
    "extension": ".nii.gz",
    "modality": "T1w",
    "session": "20102030",
    "subject": "001",
    "suffix": "T1w"
  },
  "cjv": 0.6301934426229509,
  "cnr": 1.492981362972108,
  "efc": 0.529,
  "fber": -1.0,
  "fwhm_avg": 4.680199118990479,
  "fwhm_x": 4.335101699186004,
  "fwhm_y": 5.202217760711531,
  "fwhm_z": 4.503277897073902,
  "icvs_csf": 0.2770797320772985,
  "icvs_gm": 0.37556675405961276,
  "icvs_wm": 0.3473535138630889,
  "inu_med": 0.49805161356925964,
  "inu_range": 0.2002144038677215,
  "provenance": {
    "md5sum": "417a62dc1fb053cb076de8bc670c17cc",
    "settings": {
      "testing": false
    },
    "software": "mriqc",
    "version": "24.0.1",
    "warnings": {
      "large_rot_frame": true,
      "small_air_mask": false
    }
  },
  "qi_1": 0.0,
  "qi_2": 0.0019408377044663853,
  "rpve_csf": 5.327741323464769,
  "rpve_gm": 5.214443358892738,
  "rpve_wm": 5.295665692898467,
  "size_x": 216,
  "size_y": 256,
  "size_z": 208,
  "snr_csf": 1.599092456529498,
  "snr_gm": 5.4341902096329155,
  "snr_total": 5.593207917118868,
  "snr_wm": 9.74634108519419,
  "snrd_csf": 9.274668652161674,
  "snrd_gm": 18.763162518206038,
  "snrd_total": 17.774220903998597,
  "snrd_wm": 25.284831541628076,
  "spacing_x": 0.8984379768371582,
  "spacing_y": 0.8984379768371582,
  "spacing_z": 0.8999999761581421,
  "summary_bg_k": 575.823,
  "summary_bg_mad": 0.0,
  "summary_bg_mean": 3.8587,
  "summary_bg_median": 0.0,
  "summary_bg_n": 3282987.0,
  "summary_bg_p05": 0.0,
  "summary_bg_p95": 12.0,
  "summary_bg_stdv": 24.5111,
  "summary_csf_k": 4.3552,
  "summary_csf_mad": 173.4609,
  "summary_csf_mean": 363.4557,
  "summary_csf_median": 347.0,
  "summary_csf_n": 588081.5051086807,
  "summary_csf_p05": 33.0,
  "summary_csf_p95": 722.0,
  "summary_csf_stdv": 216.9979,
  "summary_gm_k": -0.313,
  "summary_gm_mad": 82.578,
  "summary_gm_mean": 706.6708,
  "summary_gm_median": 702.0,
  "summary_gm_n": 797113.0199250486,
  "summary_gm_p05": 495.0,
  "summary_gm_p95": 951.0,
  "summary_gm_stdv": 129.182,
  "summary_wm_k": 0.3688,
  "summary_wm_mad": 71.1892,
  "summary_wm_mean": 919.9597,
  "summary_wm_median": 946.0,
  "summary_wm_n": 737232.4771138702,
  "summary_wm_p05": 730.0,
  "summary_wm_p95": 1038.0,
  "summary_wm_stdv": 97.062,
  "tpm_overlap_csf": 0.19224428824120357,
  "tpm_overlap_gm": 0.55170713822971,
  "tpm_overlap_wm": 0.5558935212623328,
  "wm2max": 0.49688552385039686
}