{
  "bids_meta": {
    "AcquisitionMatrixPE": 320,
    "AcquisitionNumber": 1,
    "AcquisitionTime": "00:01:42.925000",
    "BaseResolution": 320,
    "BodyPartExamined": "BRAIN",
    "CoilCombinationMethod": "Adaptive Combine",
    "CoilString": "HeadNeck_64_CS",
    "ConversionSoftware": "dcm2niix",
    "ConversionSoftwareVersion": "v1.0.20220720",
    "DeviceSerialNumber": "202009",
    "DwellTime": 2.2e-6,
    "EchoTime": 0.414,
    "EchoTrainLength": 250,
    "FileSize": 0.015217968262732029,
    "FileSizeUnits": "GB",
    "FlipAngle": 120,
    "HeudiconvVersion": "1.1.6.post8+ga0a3635",
    "ImageOrientationPatientDICOM": [
      -0.0432291,
      0.976681,
      0.210296,
      -0.00227151,
      0.210396,
      -0.977614
    ],
    "ImageType": [
      "ORIGINAL",
      "PRIMARY",
      "M",
      "ND",
      "NORM",
      "MFSPLIT"
    ],
    "ImageTypeText": [
      "ORIGINAL",
      "PRIMARY",
      "M",
      "NONE"
    ],
    "ImagingFrequency": 123.198,
    "InPlanePhaseEncodingDirectionDICOM": "ROW",
    "InstitutionAddress": "Rue du Bugnon 46,Lausanne,,CH,1011",
    "InstitutionName": "CHUV Lausanne",
    "MRAcquisitionType": "3D",
    "MagneticFieldStrength": 3,
    "Manufacturer": "Siemens",
    "ManufacturersModelName": "MAGNETOM Vida Fit",
    "MatrixCoilMode": "GRAPPA",
    "Modality": "MR",
    "NonlinearGradientCorrection": false,
    "NumberOfVolumes": 1,
    "ParallelReductionFactorInPlane": 3,
    "PartialFourier": 1,
    "PatientPosition": "HFS",
    "PercentPhaseFOV": 100,
    "PercentSampling": 100,
    "PhaseEncodingDirection": "i",
    "PhaseEncodingSteps": 320,
    "PhaseResolution": 1,
    "PixelBandwidth": 710,
    "ProcedureStepDescription": "RESEARCH Oscar",
    "ProtocolName": "anat-T2w__space",
    "PulseSequenceDetails": "%SiemensSeq%\\space",
    "ReceiveCoilActiveElements": "HC1-7;NC1,2",
    "ReceiveCoilName": "HeadNeck_64_CS",
    "ReconMatrixPE": 320,
    "RefLinesPE": 24,
    "RepetitionTime": 3.2,
    "SAR": 0.142664,
    "ScanOptions": "PFP\\PER",
    "ScanningSequence": "SE",
    "SequenceName": "*spcR_282ns",
    "SequenceVariant": "SP\\SK",
    "SeriesDescription": "anat-T2w__space_ND",
    "SeriesNumber": 23,
    "ShimSetting": [
      232,
      -1112,
      2213,
      61,
      390,
      -73,
      60,
      -60
    ],
    "SliceThickness": 0.8,
    "SoftwareVersions": "syngo MR XA50",
    "StationName": "AWP202009",
    "TxRefAmp": 315.369,
    "acquisition": "original",
    "dataset": "HCPh",
    "datatype": "anat",
    "extension": ".nii.gz",
    "modality": "T2w",
    "session": "20102030",
    "subject": "001",
    "suffix": "T2w"
  },
  "cjv": 1.7715483870967743,
  "cnr": 0.5740700753604436,
  "efc": 0.4299,
  "fber": -1.0,
  "fwhm_avg": 2.6058871871364246,
  "fwhm_x": 2.476262463100814,
  "fwhm_y": 2.8676553487697602,
  "fwhm_z": 2.4737437495387,
  "icvs_csf": 0.27732320213160355,
  "icvs_gm": 0.3456875648964239,
  "icvs_wm": 0.37698923297197257,
  "inu_med": 0.9840888381004333,
  "inu_range": 0.29723513722419737,
  "provenance": {
    "md5sum": "0db9bbd72780f9dc27ea9459fb4c2a4d",
    "settings": {
      "testing": false
    },
    "software": "mriqc",
    "version": "24.1.0.dev15+g9586c867.d20240825",
    "warnings": {
      "large_rot_frame": true,
      "small_air_mask": false
    }
  },
  "qi_1": 0.0,
  "qi_2": 0.002446681116991118,
  "rpve_csf": 8.826987360221313,
  "rpve_gm": 8.65808350424397,
  "rpve_wm": 8.688360922175093,
  "size_x": 240,
  "size_y": 320,
  "size_z": 320,
  "snr_csf": 1.3968044354474922,
  "snr_gm": 4.847693252202275,
  "snr_total": 4.345933221058474,
  "snr_wm": 6.793301975525656,
  "snrd_csf": 33.84359533329008,
  "snrd_gm": 29.817258809831912,
  "snrd_total": 29.77252173734904,
  "snrd_wm": 25.656711068925134,
  "spacing_x": 0.800000011920929,
  "spacing_y": 0.8343750238418579,
  "spacing_z": 0.8343750238418579,
  "summary_bg_k": 868.5261,
  "summary_bg_mad": 0.0,
  "summary_bg_mean": 2.8908,
  "summary_bg_median": 0.0,
  "summary_bg_n": 8890626.0,
  "summary_bg_p05": 0.0,
  "summary_bg_p95": 17.0,
  "summary_bg_stdv": 29.2883,
  "summary_csf_k": -1.4068,
  "summary_csf_mad": 1730.7393,
  "summary_csf_mean": 1597.4593,
  "summary_csf_median": 1513.0,
  "summary_csf_n": 763535.9469056372,
  "summary_csf_p05": 82.0,
  "summary_csf_p95": 3459.0,
  "summary_csf_stdv": 1083.186,
  "summary_gm_k": 45.95,
  "summary_gm_mad": 197.4556,
  "summary_gm_mean": 1331.2013,
  "summary_gm_median": 1333.0,
  "summary_gm_n": 951759.1033419556,
  "summary_gm_p05": 918.0,
  "summary_gm_p95": 1770.0,
  "summary_gm_stdv": 274.976,
  "summary_wm_k": 96.0062,
  "summary_wm_mad": 132.0524,
  "summary_wm_mean": 1156.1654,
  "summary_wm_median": 1147.0,
  "summary_wm_n": 1037939.9515006621,
  "summary_wm_p05": 916.0,
  "summary_wm_p95": 1419.0,
  "summary_wm_stdv": 168.8427,
  "tpm_overlap_csf": 0.20500038623904218,
  "tpm_overlap_gm": 0.5109288385961912,
  "tpm_overlap_wm": 0.520016508042841,
  "wm2max": 0.29763803209808026
}
