{
  "bids_meta": {
    "AcquisitionMatrixPE": 320,
    "AcquisitionNumber": 1,
    "AcquisitionTime": "00:01:42.925000",
    "BaseResolution": 320,
    "BodyPartExamined": "BRAIN",
    "CoilCombinationMethod": "Adaptive Combine",
    "CoilString": "HeadNeck_64_CS",
    "ConversionSoftware": "dcm2niix",
    "ConversionSoftwareVersion": "v1.0.20220720",
    "DeviceSerialNumber": "202009",
    "DwellTime": 2.2e-06,
    "EchoTime": 0.414,
    "EchoTrainLength": 250,
    "FileSize": 0.014238419011235237,
    "FileSizeUnits": "GB",
    "FlipAngle": 120,
    "HeudiconvVersion": "1.1.6.post8+ga0a3635",
    "ImageOrientationPatientDICOM": [
      -0.0432291,
      0.976681,
      0.210296,
      -0.00227151,
      0.210396,
      -0.977614
    ],
    "ImageType": [
      "ORIGINAL",
      "PRIMARY",
      "M",
      "NORM",
      "DIS3D",
      "MFSPLIT"
    ],
    "ImageTypeText": [
      "ORIGINAL",
      "PRIMARY",
      "M",
      "NONE"
    ],
    "ImagingFrequency": 123.198,
    "InPlanePhaseEncodingDirectionDICOM": "ROW",
    "InstitutionAddress": "Rue du Bugnon 46,Lausanne,,CH,1011",
    "InstitutionName": "CHUV Lausanne",
    "MRAcquisitionType": "3D",
    "MagneticFieldStrength": 3,
    "Manufacturer": "Siemens",
    "ManufacturersModelName": "MAGNETOM Vida Fit",
    "MatrixCoilMode": "GRAPPA",
    "Modality": "MR",
    "NonlinearGradientCorrection": true,
    "NumberOfVolumes": 1,
    "ParallelReductionFactorInPlane": 3,
    "PartialFourier": 1,
    "PatientPosition": "HFS",
    "PercentPhaseFOV": 100,
    "PercentSampling": 100,
    "PhaseEncodingDirection": "i",
    "PhaseEncodingSteps": 320,
    "PhaseResolution": 1,
    "PixelBandwidth": 710,
    "ProcedureStepDescription": "RESEARCH Oscar",
    "ProtocolName": "anat-T2w__space",
    "PulseSequenceDetails": "%SiemensSeq%\\space",
    "ReceiveCoilActiveElements": "HC1-7;NC1,2",
    "ReceiveCoilName": "HeadNeck_64_CS",
    "ReconMatrixPE": 320,
    "RefLinesPE": 24,
    "RepetitionTime": 3.2,
    "SAR": 0.142664,
    "ScanOptions": "PFP\\PER",
    "ScanningSequence": "SE",
    "SequenceName": "*spcR_282ns",
    "SequenceVariant": "SP\\SK",
    "SeriesDescription": "anat-T2w__space",
    "SeriesNumber": 24,
    "ShimSetting": [
      232,
      -1112,
      2213,
      61,
      390,
      -73,
      60,
      -60
    ],
    "SliceThickness": 0.8,
    "SoftwareVersions": "syngo MR XA50",
    "StationName": "AWP202009",
    "TxRefAmp": 315.369,
    "acquisition": "undistorted",
    "dataset": "HCPh",
    "datatype": "anat",
    "extension": ".nii.gz",
    "modality": "T2w",
    "session": "20102030",
    "subject": "001",
    "suffix": "T2w"
  },
  "cjv": 1.815845273631841,
  "cnr": 0.5672105358991345,
  "efc": 0.4365,
  "fber": -1.0,
  "fwhm_avg": 2.626190026929797,
  "fwhm_x": 2.514387462532707,
  "fwhm_y": 2.8708074086047852,
  "fwhm_z": 2.4933752096518984,
  "icvs_csf": 0.27986722788108687,
  "icvs_gm": 0.3407413876850577,
  "icvs_wm": 0.37939138443385534,
  "inu_med": 1.0133717060089111,
  "inu_range": 0.289423954486847,
  "provenance": {
    "md5sum": "e8e020fc3bbdd713ab721c83a2836237",
    "settings": {
      "testing": false
    },
    "software": "mriqc",
    "version": "24.0.1",
    "warnings": {
      "large_rot_frame": true,
      "small_air_mask": false
    }
  },
  "qi_1": 0.0,
  "qi_2": 0.002625452752313631,
  "rpve_csf": 8.914677272739741,
  "rpve_gm": 8.753502040948275,
  "rpve_wm": 8.78738851430429,
  "size_x": 240,
  "size_y": 320,
  "size_z": 320,
  "snr_csf": 1.3374169536549623,
  "snr_gm": 4.365786588611002,
  "snr_total": 4.1271013527579266,
  "snr_wm": 6.678100516007815,
  "snrd_csf": 33.466590609169465,
  "snrd_gm": 28.897113814455942,
  "snrd_total": 28.982925585248683,
  "snrd_wm": 24.585072332120646,
  "spacing_x": 0.800000011920929,
  "spacing_y": 0.8343750238418579,
  "spacing_z": 0.8343750238418579,
  "summary_bg_k": 839.1988,
  "summary_bg_mad": 0.0,
  "summary_bg_mean": 2.3899,
  "summary_bg_median": 0.0,
  "summary_bg_n": 8965836.0,
  "summary_bg_p05": 0.0,
  "summary_bg_p95": 15.0,
  "summary_bg_stdv": 30.5383,
  "summary_csf_k": -1.4496,
  "summary_csf_mad": 1870.5056,
  "summary_csf_mean": 1653.7985,
  "summary_csf_median": 1560.0,
  "summary_csf_n": 762849.4963347027,
  "summary_csf_p05": 0.0,
  "summary_csf_p95": 3656.0,
  "summary_csf_stdv": 1166.4268,
  "summary_gm_k": 32.2849,
  "summary_gm_mad": 230.3398,
  "summary_gm_mean": 1346.1796,
  "summary_gm_median": 1347.0,
  "summary_gm_n": 928777.5419220495,
  "summary_gm_p05": 885.0,
  "summary_gm_p95": 1843.0,
  "summary_gm_stdv": 308.5353,
  "summary_wm_k": 102.1426,
  "summary_wm_mad": 134.6451,
  "summary_wm_mean": 1157.1766,
  "summary_wm_median": 1146.0,
  "summary_wm_n": 1034127.9638931628,
  "summary_wm_p05": 912.0,
  "summary_wm_p95": 1427.0,
  "summary_wm_stdv": 171.6056,
  "tpm_overlap_csf": 0.20483265811327403,
  "tpm_overlap_gm": 0.5013530675277329,
  "tpm_overlap_wm": 0.5165635886596789,
  "wm2max": 0.2899237973478474
}