{
  "NumberOfShells": 4,
  "bValues": [
    0.0,
    700.0,
    1000.0,
    2000.0,
    3000.0
  ],
  "bValuesEstimation": [
    700.0,
    1000.0,
    2000.0,
    3000.0
  ],
  "bdiffs_max": 0.2277,
  "bdiffs_mean": 0.0574,
  "bdiffs_median": 0.0409,
  "bdiffs_min": 0.0033,
  "bids_meta": {
    "AcquisitionMatrixPE": 146,
    "AcquisitionNumber": 1,
    "AcquisitionTime": "00:19:15.477500",
    "BandwidthPerPixelPhaseEncode": 14.573,
    "BaseResolution": 146,
    "BodyPartExamined": "BRAIN",
    "CoilCombinationMethod": "Adaptive Combine",
    "CoilString": "HeadNeck_64",
    "ConversionSoftware": "dcm2niix",
    "ConversionSoftwareVersion": "v1.0.20220720",
    "Deltas": [
      0.0233,
      0.0475
    ],
    "DerivedVendorReportedEchoSpacing": 0.000940001,
    "DeviceSerialNumber": "67014",
    "DiffusionScheme": "Monopolar",
    "DwellTime": 2.1e-6,
    "EchoTime": 0.121,
    "EchoTrainLength": 64,
    "EffectiveEchoSpacing": 0.00047,
    "FileSize": 0.41498790867626667,
    "FileSizeUnits": "GB",
    "FlipAngle": 90,
    "HeudiconvVersion": "1.1.6.post8+ga0a3635",
    "ImageOrientationPatientDICOM": [
      0.999756,
      0.0195577,
      0.0102529,
      -0.0129129,
      0.894432,
      -0.447018
    ],
    "ImageType": [
      "ORIGINAL",
      "PRIMARY",
      "DIFFUSION",
      "NONE",
      "ND",
      "MFSPLIT"
    ],
    "ImageTypeText": [
      "ORIGINAL",
      "PRIMARY",
      "DIFFUSION",
      "NONE"
    ],
    "ImagingFrequency": 123.248,
    "InPlanePhaseEncodingDirectionDICOM": "COL",
    "InstitutionAddress": "Rue du Bugnon 21,Lausanne,District,CH,1011",
    "InstitutionName": "CHUV",
    "MRAcquisitionType": "2D",
    "MagneticFieldStrength": 3,
    "Manufacturer": "Siemens",
    "ManufacturersModelName": "MAGNETOM Prisma Fit",
    "Modality": "MR",
    "MultibandAccelerationFactor": 3,
    "NonlinearGradientCorrection": false,
    "NumberOfVolumes": 280,
    "ParallelReductionFactorInPlane": 2,
    "PartialFourier": 0.875,
    "PatientPosition": "HFS",
    "PercentPhaseFOV": 100,
    "PercentSampling": 100,
    "PhaseEncodingDirection": "j",
    "PhaseEncodingSteps": 146,
    "PhaseResolution": 1,
    "PixelBandwidth": 1631,
    "ProcedureStepDescription": "RESEARCH Oscar",
    "ProtocolName": "dwi-dwi_acq-highres_dir-PA__trigger_monopolar",
    "PulseSequenceDetails": "%CustomerSeq%\\ep2d_diff_trigg",
    "ReceiveCoilActiveElements": "HC1-7;NC1",
    "ReceiveCoilName": "HeadNeck_64",
    "ReconMatrixPE": 146,
    "RefLinesPE": 54,
    "RepetitionTime": 7,
    "SAR": 0.139618,
    "ScanOptions": "PFP\\FS\\PER",
    "ScanningSequence": "GR\\EP",
    "SequenceName": "ep_b0",
    "SequenceVariant": "SK",
    "SeriesDescription": "dwi-dwi_acq-highres_dir-PA__trigger_monopolar",
    "SeriesNumber": 22,
    "ShimSetting": [
      8235,
      -5636,
      -5983,
      710,
      -44,
      -259,
      -53,
      31
    ],
    "SliceThickness": 1.6,
    "SliceTiming": [
      0,
      7.56,
      0.17,
      7.7325,
      0.3425,
      7.9025,
      0.515,
      8.075,
      0.685,
      8.2475,
      0.8575,
      8.42,
      1.03,
      8.59,
      1.2025,
      8.7625,
      1.3725,
      8.935,
      1.545,
      9.1075,
      1.7175,
      9.2775,
      1.89,
      9.45,
      2.06,
      9.6225,
      2.2325,
      9.7925,
      2.405,
      9.965,
      2.5775,
      10.1375,
      2.7475,
      10.31,
      2.92,
      10.48,
      3.0925,
      10.6525,
      3.265,
      10.825,
      3.435,
      10.9975,
      3.6075,
      11.1675,
      3.78,
      11.34,
      3.95,
      11.5125,
      4.1225,
      11.685,
      4.295,
      11.855,
      4.4675,
      12.0275,
      4.6375,
      12.2,
      4.81,
      12.3725,
      4.9825,
      12.5425,
      5.155,
      12.715,
      5.325,
      12.8875,
      5.4975,
      13.0575,
      5.67,
      13.23,
      5.8425,
      13.4025,
      6.0125,
      13.575,
      6.185,
      13.745,
      6.3575,
      13.9175,
      6.53,
      14.09,
      6.7,
      14.2625,
      6.8725,
      14.4325,
      7.045,
      14.605,
      7.215,
      14.7775,
      7.3875
    ],
    "SoftwareVersions": "syngo MR XA30",
    "SpacingBetweenSlices": 1.6,
    "StationName": "LRG10884",
    "TotalReadoutTime": 0.0681501,
    "TxRefAmp": 241.854,
    "VendorReportedEchoSpacing": 0.00094,
    "acquisition": "highres",
    "dataset": "HCPh",
    "datatype": "dwi",
    "direction": "PA",
    "extension": ".nii.gz",
    "modality": "dwi",
    "session": "20902060",
    "subject": "001",
    "suffix": "dwi"
  },
  "efc_shell01": 0.355,
  "efc_shell02": 0.4919,
  "efc_shell03": 0.5178,
  "efc_shell04": 0.5772,
  "efc_shell05": 0.6166,
  "fa_degenerate": 0.0,
  "fa_nans": 0.0,
  "fber_shell01": 1042.2821,
  "fber_shell02": 323.3336,
  "fber_shell03": 199.0258,
  "fber_shell04": 60.5771,
  "fber_shell05": 32.2337,
  "fd_mean": 8.8446,
  "fd_num": 278,
  "fd_perc": 99.28571428571429,
  "ndc": 0.5084,
  "provenance": {
    "md5sum": "df1e7bdf181c9c6efc23c4e4e5293e08",
    "settings": {
      "testing": false
    },
    "software": "mriqc",
    "version": "24.1.0.dev15+g9586c867.d20240825"
  },
  "sigma_cc": 37.0651,
  "sigma_pca": 14.8157,
  "sigma_piesno": 1.6508,
  "snr_cc_shell0": 3.49,
  "snr_cc_shell1_best": 3.51,
  "snr_cc_shell1_worst": 3.51,
  "snr_cc_shell2_best": 2.38,
  "snr_cc_shell2_worst": 1.78,
  "snr_cc_shell3_best": 1.67,
  "snr_cc_shell3_worst": 1.39,
  "snr_cc_shell4_best": 1.0,
  "snr_cc_shell4_worst": 0.88,
  "spikes_global": 36.6,
  "spikes_slice_i": 209.75,
  "spikes_slice_j": 185.29,
  "spikes_slice_k": 231.72,
  "summary_bg_k": 1123.4314,
  "summary_bg_mad": 4.4478,
  "summary_bg_mean": 18.6641,
  "summary_bg_median": 6.0,
  "summary_bg_n": 1486798.0,
  "summary_bg_p05": 2.0,
  "summary_bg_p95": 62.0,
  "summary_bg_stdv": 82.737,
  "summary_fg_k": 10.4298,
  "summary_fg_mad": 127.5038,
  "summary_fg_mean": 321.8485,
  "summary_fg_median": 220.0,
  "summary_fg_n": 367694.0,
  "summary_fg_p05": 70.0,
  "summary_fg_p95": 955.0,
  "summary_fg_stdv": 303.1774,
  "summary_wm_k": 42.3033,
  "summary_wm_mad": 56.3389,
  "summary_wm_mean": 169.3843,
  "summary_wm_median": 159.0,
  "summary_wm_n": 123436.0,
  "summary_wm_p05": 55.0,
  "summary_wm_p95": 307.0,
  "summary_wm_stdv": 87.9749
}
