{
  "NumberOfShells": 4,
  "bValues": [
    0.0,
    700.0,
    1000.0,
    2000.0,
    3000.0
  ],
  "bValuesEstimation": [
    700.0,
    1000.0,
    2000.0,
    3000.0
  ],
  "bdiffs_max": 0.4138,
  "bdiffs_mean": 0.1816,
  "bdiffs_median": 0.1587,
  "bdiffs_min": 0.0069,
  "bids_meta": {
    "AcquisitionMatrixPE": 148,
    "AcquisitionNumber": 1,
    "AcquisitionTime": "22:29:16.450000",
    "BandwidthPerPixelPhaseEncode": 14.077,
    "BaseResolution": 146,
    "BodyPartExamined": "BRAIN",
    "CoilCombinationMethod": "Adaptive Combine",
    "CoilString": "HeadNeck_64_CS",
    "ConversionSoftware": "dcm2niix",
    "ConversionSoftwareVersion": "v1.0.20220720",
    "Deltas": [
      0.0272,
      0.0469
    ],
    "DerivedVendorReportedEchoSpacing": 0.000959971,
    "DeviceSerialNumber": "176240",
    "DiffusionScheme": "Monopolar",
    "DwellTime": 2.1e-6,
    "EchoTime": 0.121,
    "EchoTrainLength": 64,
    "EffectiveEchoSpacing": 0.000479986,
    "FileSize": 0.3276828592643142,
    "FileSizeUnits": "GB",
    "FlipAngle": 90,
    "HeudiconvVersion": "1.1.6.post8+ga0a3635",
    "ImageOrientationPatientDICOM": [
      0.997742,
      0.0379133,
      0.0554306,
      -0.0141062,
      0.9253,
      -0.378975
    ],
    "ImageType": [
      "ORIGINAL",
      "PRIMARY",
      "DIFFUSION",
      "NONE",
      "ND",
      "NORM",
      "MFSPLIT"
    ],
    "ImageTypeText": [
      "ORIGINAL",
      "PRIMARY",
      "DIFFUSION",
      "NONE"
    ],
    "ImagingFrequency": 123.261,
    "InPlanePhaseEncodingDirectionDICOM": "ROW",
    "InstitutionAddress": "Rue de Bugnon 46,Lausanne,,CH,1011",
    "InstitutionName": "Radiologie-CHUV",
    "MRAcquisitionType": "2D",
    "MagneticFieldStrength": 3,
    "Manufacturer": "Siemens",
    "ManufacturersModelName": "MAGNETOM Vida",
    "Modality": "MR",
    "MultibandAccelerationFactor": 3,
    "NonlinearGradientCorrection": false,
    "NumberOfVolumes": 280,
    "ParallelReductionFactorInPlane": 2,
    "PartialFourier": 0.875,
    "PatientPosition": "HFS",
    "PercentPhaseFOV": 101.37,
    "PercentSampling": 100,
    "PhaseEncodingDirection": "i-",
    "PhaseEncodingSteps": 148,
    "PhaseResolution": 1,
    "PixelBandwidth": 1631,
    "ProcedureStepDescription": "Research Oscar",
    "ProtocolName": "dwi-dwi_acq-highres_dir-LR",
    "PulseSequenceDetails": "%SiemensSeq%\\ep2d_diff",
    "ReceiveCoilActiveElements": "HC1-7;NC1",
    "ReceiveCoilName": "HeadNeck_64_CS",
    "ReconMatrixPE": 148,
    "RefLinesPE": 54,
    "RepetitionTime": 7,
    "SAR": 0.17158,
    "ScanOptions": "PFP\\FS\\PER",
    "ScanningSequence": "GR\\EP",
    "SequenceName": "*ep_b0",
    "SequenceVariant": "SK",
    "SeriesDescription": "dwi-dwi_acq-highres_dir-LR",
    "SeriesNumber": 18,
    "ShimSetting": [
      -8758,
      8500,
      9493,
      591,
      -257,
      -123,
      40,
      179
    ],
    "SliceThickness": 1.6,
    "SliceTiming": [
      0,
      -0.001,
      -0.001,
      -0.001,
      -0.001,
      -0.001,
      -0.001,
      -0.001,
      -0.001,
      -0.001,
      -0.001,
      -0.001,
      -0.001,
      -0.001,
      -0.001,
      -0.001,
      -0.001,
      -0.001,
      -0.001,
      -0.001,
      -0.001,
      -0.001,
      -0.001,
      -0.001,
      -0.001,
      -0.001,
      -0.001,
      -0.001,
      -0.001,
      -0.001,
      -0.001,
      -0.001,
      -0.001,
      -0.001,
      -0.001,
      -0.001,
      -0.001,
      -0.001,
      -0.001,
      -0.001,
      -0.001,
      -0.001,
      -0.001,
      -0.001,
      -0.001,
      -0.001,
      -0.001,
      -0.001,
      -0.001,
      -0.001,
      -0.001,
      -0.001,
      -0.001,
      -0.001,
      -0.001,
      -0.001,
      -0.001,
      -0.001,
      -0.001,
      -0.001,
      -0.001,
      -0.001,
      -0.001,
      -0.001,
      -0.001,
      -0.001,
      -0.001,
      -0.001,
      -0.001,
      -0.001,
      -0.001,
      -0.001,
      -0.001,
      -0.001,
      -0.001,
      -0.001,
      -0.001,
      -0.001,
      -0.001,
      -0.001,
      -0.001,
      -0.001,
      -0.001,
      -0.001,
      -0.001,
      -0.001,
      -0.001
    ],
    "SoftwareVersions": "syngo MR XA50",
    "SpacingBetweenSlices": 1.6,
    "StationName": "LRG08892",
    "TotalReadoutTime": 0.0705579,
    "TxRefAmp": 321.642,
    "VendorReportedEchoSpacing": 0.00096,
    "acquisition": "highres",
    "dataset": "HCPh",
    "datatype": "dwi",
    "direction": "LR",
    "extension": ".nii.gz",
    "modality": "dwi",
    "session": "20501034",
    "subject": "001",
    "suffix": "dwi"
  },
  "efc_shell01": 0.3405,
  "efc_shell02": 0.4348,
  "efc_shell03": 0.4308,
  "efc_shell04": 0.4494,
  "efc_shell05": 0.463,
  "fa_degenerate": 0.0,
  "fa_nans": 0.0,
  "fber_shell01": 16910.4219,
  "fber_shell02": 7141.8105,
  "fber_shell03": 6895.0513,
  "fber_shell04": 2108.9548,
  "fber_shell05": 1131.9821,
  "fd_mean": 37.5962,
  "fd_num": 279,
  "fd_perc": 99.64285714285714,
  "ndc": 0.5356,
  "provenance": {
    "md5sum": "470005791a9481c969913faf3784c509",
    "settings": {
      "testing": false
    },
    "software": "mriqc",
    "version": "24.1.0.dev15+g9586c867.d20240825"
  },
  "sigma_cc": 63.7519,
  "sigma_pca": 13.9363,
  "sigma_piesno": 0.3301,
  "snr_cc_shell0": 3.23,
  "snr_cc_shell1_best": 3.24,
  "snr_cc_shell1_worst": 3.24,
  "snr_cc_shell2_best": 2.09,
  "snr_cc_shell2_worst": 1.41,
  "snr_cc_shell3_best": 1.56,
  "snr_cc_shell3_worst": 1.29,
  "snr_cc_shell4_best": 0.97,
  "snr_cc_shell4_worst": 0.89,
  "spikes_global": 36.28,
  "spikes_slice_i": 203.29,
  "spikes_slice_j": 216.35,
  "spikes_slice_k": 238.34,
  "summary_bg_k": 1161.478,
  "summary_bg_mad": 1.4826,
  "summary_bg_mean": 8.7227,
  "summary_bg_median": 1.0,
  "summary_bg_n": 1513938.0,
  "summary_bg_p05": 0.0,
  "summary_bg_p95": 33.0,
  "summary_bg_stdv": 49.6836,
  "summary_fg_k": 10.3151,
  "summary_fg_mad": 90.4387,
  "summary_fg_mean": 291.5497,
  "summary_fg_median": 211.0,
  "summary_fg_n": 365958.0,
  "summary_fg_p05": 77.0,
  "summary_fg_p95": 817.0,
  "summary_fg_stdv": 246.4439,
  "summary_wm_k": 29.5585,
  "summary_wm_mad": 48.9259,
  "summary_wm_mean": 193.0035,
  "summary_wm_median": 185.0,
  "summary_wm_n": 127837.0,
  "summary_wm_p05": 64.0,
  "summary_wm_p95": 316.0,
  "summary_wm_stdv": 93.1536
}
