{
  "aor": [
    0.00031528000000000003,
    0.0005115066666666668,
    0.0006011600000000001
  ],
  "aqi": [
    0.01337113808,
    0.022491692453333333,
    0.04028822653333333
  ],
  "bids_meta": {
    "AcquisitionDuration": 1230.47,
    "AcquisitionMatrixPE": 96,
    "AcquisitionNumber": 1,
    "AcquisitionTime": "13:50:15.080000",
    "BandwidthPerPixelPhaseEncode": 28.935,
    "BaseResolution": 96,
    "BodyPartExamined": "BRAIN",
    "CogAtlasID": "https://www.cognitiveatlas.org/task/id/trm_4c8a834779883/",
    "CoilCombinationMethod": "Sum of Squares",
    "CoilString": "HeadNeck_64_CS",
    "ConversionSoftware": "dcm2niix",
    "ConversionSoftwareVersion": "v1.0.20220720",
    "DerivedVendorReportedEchoSpacing": 0.000720005,
    "DeviceSerialNumber": "176240",
    "DwellTime": 2.4e-6,
    "EchoNumber": 2,
    "EchoTime": 0.04054,
    "EchoTrainLength": 35,
    "EffectiveEchoSpacing": 0.000360002,
    "FileSize": 0.5736747067421675,
    "FileSizeUnits": "GB",
    "FlipAngle": 64,
    "HeudiconvVersion": "1.1.6.post8+ga0a3635",
    "ImageComments": "Unaliased MB4/PE4/LB",
    "ImageOrientationPatientDICOM": [
      0.999665,
      0.00967898,
      0.0239947,
      -0.008026,
      0.997649,
      -0.0680533
    ],
    "ImageType": [
      "ORIGINAL",
      "PRIMARY",
      "FMRI",
      "NONE"
    ],
    "ImageTypeText": [
      "ORIGINAL",
      "PRIMARY",
      "M",
      "MB",
      "TE2",
      "DIS2D"
    ],
    "ImagingFrequency": 123.261,
    "InPlanePhaseEncodingDirectionDICOM": "ROW",
    "InstitutionAddress": "Rue de Bugnon 46,Lausanne,,CH,1011",
    "InstitutionName": "Radiologie-CHUV",
    "MRAcquisitionType": "2D",
    "MTState": false,
    "MagneticFieldStrength": 3,
    "Manufacturer": "Siemens",
    "ManufacturersModelName": "MAGNETOM Vida",
    "MatrixCoilMode": "GRAPPA",
    "Modality": "MR",
    "MultibandAccelerationFactor": 4,
    "NonlinearGradientCorrection": true,
    "NumberOfVolumes": 750,
    "ParallelAcquisitionTechnique": "GRAPPA",
    "ParallelReductionFactorInPlane": 2,
    "PartialFourier": 0.75,
    "PartialFourierDirection": "PHASE",
    "PatientPosition": "HFS",
    "PercentPhaseFOV": 100,
    "PercentSampling": 100,
    "PhaseEncodingDirection": "i-",
    "PhaseResolution": 1,
    "PixelBandwidth": 2170,
    "ProcedureStepDescription": "RESEARCH Oscar",
    "ProtocolName": "func-bold_task-rest_dir-LR__cmrr_me4_s",
    "PulseSequenceDetails": "%CustomerSeq%\\cmrr_mbep2d_bold",
    "PulseSequenceName": "epfid2d3_96",
    "ReceiveCoilActiveElements": "HC1-7",
    "ReceiveCoilName": "HeadNeck_64_CS",
    "ReconMatrixPE": 96,
    "RefLinesPE": 22,
    "RepetitionTime": 1.6,
    "ScanOptions": "PFP\\FS",
    "ScanningSequence": "EP",
    "SequenceVariant": "SK\\SS",
    "SeriesDescription": "func-bold_task-rest_dir-LR__cmrr_me4_s",
    "SeriesNumber": 14,
    "ShimSetting": [
      -8774,
      8498,
      9426,
      516,
      -113,
      -182,
      -1,
      147
    ],
    "SliceThickness": 2.2,
    "SliceTiming": [
      0,
      0.845,
      0.1075,
      0.95,
      0.2125,
      1.055,
      0.3175,
      1.16,
      0.4225,
      1.265,
      0.5275,
      1.37,
      0.6325,
      1.475,
      0.7375,
      0,
      0.845,
      0.1075,
      0.95,
      0.2125,
      1.055,
      0.3175,
      1.16,
      0.4225,
      1.265,
      0.5275,
      1.37,
      0.6325,
      1.475,
      0.7375,
      0,
      0.845,
      0.1075,
      0.95,
      0.2125,
      1.055,
      0.3175,
      1.16,
      0.4225,
      1.265,
      0.5275,
      1.37,
      0.6325,
      1.475,
      0.7375,
      0,
      0.845,
      0.1075,
      0.95,
      0.2125,
      1.055,
      0.3175,
      1.16,
      0.4225,
      1.265,
      0.5275,
      1.37,
      0.6325,
      1.475,
      0.7375
    ],
    "SoftwareVersions": "syngo MR XA50",
    "SpacingBetweenSlices": 2.2,
    "StationName": "LRG08892",
    "TaskName": "rest",
    "TotalReadoutTime": 0.0342002,
    "TxRefAmp": 321.119,
    "WipMemBlock": "94ca8f4b-8bcf-4375-aedc-e6d732fd93de||Sequence: R017 nxva50a/main r/da4fca61d; Oct  3 2023 08:23:56 by eja",
    "dataset": "HCPh",
    "datatype": "func",
    "direction": "LR",
    "extension": ".nii.gz",
    "modality": "bold",
    "part": "mag",
    "session": "pilot20102034",
    "subject": "001",
    "suffix": "bold",
    "task": "rest"
  },
  "dummy_trs": 0,
  "dvars_nstd": 60.30611919301739,
  "dvars_std": 0.9787436886648874,
  "dvars_vstd": 0.975412104512684,
  "efc": 0.5601,
  "fber": 113.4328,
  "fd_mean": 0.12393916012846842,
  "fd_num": 94,
  "fd_perc": 12.533333333333333,
  "fwhm_avg": 2.9314575184513196,
  "fwhm_x": 3.042799439654747,
  "fwhm_y": 2.9477095401076827,
  "fwhm_z": 2.8038635755915298,
  "gcor": [
    0.00565369,
    0.00589291,
    0.00489282
  ],
  "gsr_x": 0.014419001527130604,
  "gsr_y": 0.012130700051784515,
  "provenance": {
    "md5sum": "2aa14f3269b2201b5add6650555cc05e",
    "settings": {
      "fd_thres": 0.2,
      "testing": false
    },
    "software": "mriqc",
    "version": "24.1.0.dev15+g9586c867.d20240825"
  },
  "size_t": 750,
  "size_x": 96,
  "size_y": 96,
  "size_z": 60,
  "snr": 1.9273274241641662,
  "spacing_tr": 1.600000023841858,
  "spacing_x": 2.197920083999634,
  "spacing_y": 2.197920083999634,
  "spacing_z": 2.200000047683716,
  "summary_bg_k": 145.087,
  "summary_bg_mad": 59.563,
  "summary_bg_mean": 446.7133,
  "summary_bg_median": 372.0,
  "summary_bg_n": 418189.0,
  "summary_bg_p05": 0.0,
  "summary_bg_p95": 957.0,
  "summary_bg_stdv": 415.7866,
  "summary_fg_k": 1.404,
  "summary_fg_mad": 1686.9899,
  "summary_fg_mean": 4132.4164,
  "summary_fg_median": 3963.0,
  "summary_fg_n": 134771.0,
  "summary_fg_p05": 689.0,
  "summary_fg_p95": 7753.0,
  "summary_fg_stdv": 2056.2076,
  "tsnr": 17.723707634955645
}
