{
  "aor": [
    0.0006797058823529412,
    0.0007167156862745098,
    0.0008068627450980392,
    0.001012892156862745
  ],
  "aqi": [
    0.005725567450980393,
    0.008048308235294116,
    0.013036003823529414,
    0.02125584460784314
  ],
  "bids_meta": {
    "AcquisitionDuration": 361.475,
    "AcquisitionMatrixPE": 96,
    "AcquisitionNumber": 1,
    "AcquisitionTime": "21:40:12.362500",
    "B0FieldSource": [
      "038pepolarbold",
      "038phasediff"
    ],
    "BandwidthPerPixelPhaseEncode": 37.879,
    "BaseResolution": 96,
    "BodyPartExamined": "BRAIN",
    "CogAtlasID": "https://www.cognitiveatlas.org/id/trm_4c898a680e424/",
    "CoilCombinationMethod": "Sum of Squares",
    "CoilString": "HeadNeck_64",
    "ConversionSoftware": "dcm2niix",
    "ConversionSoftwareVersion": "v1.0.20220720",
    "DerivedVendorReportedEchoSpacing": 0.000549997,
    "DeviceSerialNumber": "67014",
    "DwellTime": 2.3e-6,
    "EchoNumber": 4,
    "EchoTime": 0.07392,
    "EchoTrainLength": 35,
    "EffectiveEchoSpacing": 0.000274998,
    "FileSize": 0.09560730587691069,
    "FileSizeUnits": "GB",
    "FlipAngle": 64,
    "HeudiconvVersion": "1.0.0",
    "ImageComments": "Unaliased MB4/PE4/LB",
    "ImageOrientationPatientDICOM": [
      0.99885,
      0.0351661,
      0.0325943,
      -0.0244113,
      0.95805,
      -0.285559
    ],
    "ImageType": [
      "ORIGINAL",
      "PRIMARY",
      "FMRI",
      "NONE"
    ],
    "ImageTypeText": [
      "ORIGINAL",
      "PRIMARY",
      "M",
      "MB",
      "TE4",
      "DIS2D"
    ],
    "ImagingFrequency": 123.248,
    "InPlanePhaseEncodingDirectionDICOM": "COL",
    "InstitutionAddress": "Rue du Bugnon 21,Lausanne,District,CH,1011",
    "InstitutionName": "CHUV",
    "MRAcquisitionType": "2D",
    "MTState": false,
    "MagneticFieldStrength": 3,
    "Manufacturer": "Siemens",
    "ManufacturersModelName": "MAGNETOM Prisma Fit",
    "MatrixCoilMode": "GRAPPA",
    "Modality": "MR",
    "MultibandAccelerationFactor": 4,
    "NonlinearGradientCorrection": true,
    "NumberOfVolumes": 207,
    "ParallelAcquisitionTechnique": "GRAPPA",
    "ParallelReductionFactorInPlane": 2,
    "PartialFourier": 0.75,
    "PartialFourierDirection": "PHASE",
    "PatientPosition": "HFS",
    "PercentPhaseFOV": 100,
    "PercentSampling": 100,
    "PhaseEchoTime1": 0.0126,
    "PhaseEchoTime2": 0.03304,
    "PhaseEncodingDirection": "j",
    "PhaseResolution": 1,
    "PixelBandwidth": 2264,
    "ProcedureStepDescription": "https://www.axonlab.org/hcph-sops/",
    "ProtocolName": "func-bold_task-bht_dir-PA__cmrr_me4_sms4",
    "PulseSequenceDetails": "%CustomerSeq%\\cmrr_mbep2d_bold",
    "PulseSequenceName": "epfid2d4_96",
    "ReceiveCoilActiveElements": "HC1-7",
    "ReceiveCoilName": "HeadNeck_64",
    "ReconMatrixPE": 96,
    "RefLinesPE": 22,
    "RepetitionTime": 1.6,
    "ScanOptions": "PFP\\FS",
    "ScanningSequence": "EP",
    "SequenceVariant": "SK\\SS",
    "SeriesDescription": "func-bold_task-bht_dir-PA__cmrr_me4_sms4",
    "SeriesNumber": 25,
    "ShimSetting": [
      8236,
      -5616,
      -6014,
      673,
      -71,
      -110,
      51,
      61
    ],
    "SliceThickness": 2.2,
    "SliceTiming": [
      0,
      0.8425,
      0.105,
      0.9475,
      0.21,
      1.0525,
      0.315,
      1.1575,
      0.42,
      1.2625,
      0.525,
      1.3675,
      0.63,
      1.4725,
      0.7375,
      0,
      0.8425,
      0.105,
      0.9475,
      0.21,
      1.0525,
      0.315,
      1.1575,
      0.42,
      1.2625,
      0.525,
      1.3675,
      0.63,
      1.4725,
      0.7375,
      0,
      0.8425,
      0.105,
      0.9475,
      0.21,
      1.0525,
      0.315,
      1.1575,
      0.42,
      1.2625,
      0.525,
      1.3675,
      0.63,
      1.4725,
      0.7375,
      0,
      0.8425,
      0.105,
      0.9475,
      0.21,
      1.0525,
      0.315,
      1.1575,
      0.42,
      1.2625,
      0.525,
      1.3675,
      0.63,
      1.4725,
      0.7375
    ],
    "SoftwareVersions": "syngo MR XA30",
    "SpacingBetweenSlices": 2.2,
    "StationName": "LRG10884",
    "TaskName": "Breath-holding Task (BHT)",
    "TotalReadoutTime": 0.0261249,
    "TxRefAmp": 248.062,
    "WipMemBlock": "aeff5c86-6b0a-443d-912a-53e9b3b0a525||Sequence: R017 nxva30a/master r/d34922cc2+; Jun 27 2022 13:20:16 by eja",
    "dataset": "HCPh",
    "datatype": "func",
    "direction": "PA",
    "extension": ".nii.gz",
    "modality": "bold",
    "part": "mag",
    "session": "038",
    "subject": "001",
    "suffix": "bold",
    "task": "bht"
  },
  "dummy_trs": 3,
  "dvars_nstd": 92.15092870389157,
  "dvars_std": 1.056909998325123,
  "dvars_vstd": 0.9948768389655172,
  "efc": 0.5165,
  "fber": 132.8781,
  "fd_mean": 0.16808424389000765,
  "fd_num": 76,
  "fd_perc": 37.254901960784316,
  "fwhm_avg": 2.543415412542362,
  "fwhm_x": 2.431981052865656,
  "fwhm_y": 2.7806516007981563,
  "fwhm_z": 2.417613583963273,
  "gcor": [
    0.0132779,
    0.0199627,
    0.0207178,
    0.0176392
  ],
  "gsr_x": -0.0014543121214956045,
  "gsr_y": 0.027983369305729866,
  "provenance": {
    "md5sum": "dbe70bad01318a2d442080a7743c2436",
    "settings": {
      "fd_thres": 0.2,
      "testing": false
    },
    "software": "mriqc",
    "version": "24.1.0.dev15+g9586c867.d20240825"
  },
  "size_t": 204,
  "size_x": 96,
  "size_y": 96,
  "size_z": 60,
  "snr": 1.4944667834398127,
  "spacing_tr": 1.600000023841858,
  "spacing_x": 2.197920083999634,
  "spacing_y": 2.197920083999634,
  "spacing_z": 2.200000047683716,
  "summary_bg_k": 185.9612,
  "summary_bg_mad": 1.9187,
  "summary_bg_mean": 20.5422,
  "summary_bg_median": 18.0,
  "summary_bg_n": 416026.0,
  "summary_bg_p05": 0.0,
  "summary_bg_p95": 36.0,
  "summary_bg_stdv": 14.2222,
  "summary_fg_k": 4.1569,
  "summary_fg_mad": 124.822,
  "summary_fg_mean": 215.855,
  "summary_fg_median": 209.0,
  "summary_fg_n": 136934.0,
  "summary_fg_p05": 26.0,
  "summary_fg_p95": 453.0,
  "summary_fg_stdv": 139.8487,
  "tsnr": 13.919759331853129
}
