{
  "aor": [
    0.0005854347826086957,
    0.000698858695652174,
    0.0008511956521739131,
    0.001075163043478261
  ],
  "aqi": [
    0.007173888260869565,
    0.010723902554347827,
    0.016740702445652175,
    0.02729903641304348
  ],
  "bids_meta": {
    "AcquisitionDuration": 359.64,
    "AcquisitionMatrixPE": 102,
    "AcquisitionNumber": 1,
    "AcquisitionTime": "17:26:27.375000",
    "B0FieldSource": [
      "pilot012pepolarbold",
      "pilot012phasediff"
    ],
    "BandwidthPerPixelPhaseEncode": 39.216,
    "BaseResolution": 94,
    "BodyPartExamined": "BRAIN",
    "CogAtlasID": "https://www.cognitiveatlas.org/id/trm_4c898a680e424/",
    "CoilCombinationMethod": "Sum of Squares",
    "CoilString": "HeadNeck_64",
    "ConversionSoftware": "dcm2niix",
    "ConversionSoftwareVersion": "v1.0.20220720",
    "DerivedVendorReportedEchoSpacing": 0.000520404,
    "DeviceSerialNumber": "67014",
    "DwellTime": 2.2e-6,
    "EchoNumber": 2,
    "EchoTime": 0.03382,
    "EchoTrainLength": 39,
    "EffectiveEchoSpacing": 0.000260202,
    "FileSize": 0.11387441493570805,
    "FileSizeUnits": "GB",
    "FlipAngle": 64,
    "HeudiconvVersion": "1.0.0",
    "ImageComments": "Unaliased MB4/PE4/LB",
    "ImageOrientationPatientDICOM": [
      0.999961,
      -0.00872388,
      0.00140951,
      0.00872653,
      0.949675,
      -0.313116
    ],
    "ImageType": [
      "ORIGINAL",
      "PRIMARY",
      "FMRI",
      "NONE"
    ],
    "ImageTypeText": [
      "ORIGINAL",
      "PRIMARY",
      "M",
      "MB",
      "TE2",
      "DIS2D"
    ],
    "ImagingFrequency": 123.248,
    "InPlanePhaseEncodingDirectionDICOM": "COL",
    "InstitutionAddress": "Rue du Bugnon 21,Lausanne,District,CH,1011",
    "InstitutionName": "CHUV",
    "MRAcquisitionType": "2D",
    "MTState": false,
    "MagneticFieldStrength": 3,
    "Manufacturer": "Siemens",
    "ManufacturersModelName": "MAGNETOM Prisma Fit",
    "MatrixCoilMode": "GRAPPA",
    "Modality": "MR",
    "MultibandAccelerationFactor": 4,
    "NonlinearGradientCorrection": true,
    "NumberOfVolumes": 184,
    "ParallelAcquisitionTechnique": "GRAPPA",
    "ParallelReductionFactorInPlane": 2,
    "PartialFourier": 0.75,
    "PartialFourierDirection": "PHASE",
    "PatientPosition": "HFS",
    "PercentPhaseFOV": 104.255,
    "PercentSampling": 104,
    "PhaseEncodingDirection": "j",
    "PhaseResolution": 1.04,
    "PixelBandwidth": 2418,
    "ProcedureStepDescription": "https://www.axonlab.org/hcph-sops/",
    "ProtocolName": "func-bold_task-bht_dir-AP__cmrr_me4_sms4",
    "PulseSequenceDetails": "%CustomerSeq%\\cmrr_mbep2d_bold",
    "PulseSequenceName": "epfid2d4_102",
    "ReceiveCoilActiveElements": "HC1-7",
    "ReceiveCoilName": "HeadNeck_64",
    "ReconMatrixPE": 98,
    "RefLinesPE": 20,
    "RepetitionTime": 1.77,
    "ScanOptions": "PFP\\FS",
    "ScanningSequence": "EP",
    "SequenceVariant": "SK\\SS\\OSP",
    "SeriesDescription": "func-bold_task-bht_dir-AP__cmrr_me4_sms4",
    "SeriesNumber": 17,
    "ShimSetting": [
      8246,
      -5616,
      -5987,
      690,
      -46,
      -172,
      23,
      30
    ],
    "SliceThickness": 2.1,
    "SliceTiming": [
      0,
      0.765,
      1.53,
      0.5475,
      1.3125,
      0.3275,
      1.0925,
      0.11,
      0.875,
      1.64,
      0.655,
      1.4225,
      0.4375,
      1.2025,
      0.2175,
      0.985,
      0,
      0.765,
      1.53,
      0.5475,
      1.3125,
      0.3275,
      1.0925,
      0.11,
      0.875,
      1.64,
      0.655,
      1.4225,
      0.4375,
      1.2025,
      0.2175,
      0.985,
      0,
      0.765,
      1.53,
      0.5475,
      1.3125,
      0.3275,
      1.0925,
      0.11,
      0.875,
      1.64,
      0.655,
      1.4225,
      0.4375,
      1.2025,
      0.2175,
      0.985,
      0,
      0.765,
      1.53,
      0.5475,
      1.3125,
      0.3275,
      1.0925,
      0.11,
      0.875,
      1.64,
      0.655,
      1.4225,
      0.4375,
      1.2025,
      0.2175,
      0.985
    ],
    "SoftwareVersions": "syngo MR XA30",
    "SpacingBetweenSlices": 2.1,
    "StationName": "LRG10884",
    "TaskName": "Breath-holding Task (BHT)",
    "TotalReadoutTime": 0.0252396,
    "TxRefAmp": 247.841,
    "WipMemBlock": "91864cd8-c7c2-46a8-a15e-a801aaf5dff5||Sequence: R017 nxva30a/master r/d34922cc2+; Jun 27 2022 13:20:16 by eja",
    "dataset": "HCPh",
    "datatype": "func",
    "direction": "AP",
    "extension": ".nii.gz",
    "modality": "bold",
    "session": "pilot012",
    "subject": "001",
    "suffix": "bold",
    "task": "bht"
  },
  "dummy_trs": 0,
  "dvars_nstd": 51.605859704152984,
  "dvars_std": 1.0442409449726777,
  "dvars_vstd": 0.9762114228961745,
  "efc": 0.5328,
  "fber": 459.4873,
  "fd_mean": 0.18289436254328056,
  "fd_num": 75,
  "fd_perc": 40.76086956521739,
  "fwhm_avg": 3.1016964098122486,
  "fwhm_x": 2.9566901563776584,
  "fwhm_y": 3.3339179837813155,
  "fwhm_z": 3.014481089277771,
  "gcor": [
    0.00920278,
    0.0142213,
    0.0149156,
    0.0126163
  ],
  "gsr_x": 0.01880212314426899,
  "gsr_y": 0.034538816660642624,
  "provenance": {
    "md5sum": "70f140512eb64e753ca33a14a901cdb4",
    "settings": {
      "fd_thres": 0.2,
      "testing": false
    },
    "software": "mriqc",
    "version": "24.1.0.dev15+g9586c867.d20240825"
  },
  "size_t": 184,
  "size_x": 94,
  "size_y": 98,
  "size_z": 64,
  "snr": 1.977028595849085,
  "spacing_tr": 1.7699999809265137,
  "spacing_x": 2.148940086364746,
  "spacing_y": 2.148940086364746,
  "spacing_z": 2.0999999046325684,
  "summary_bg_k": 32.3375,
  "summary_bg_mad": 8.251,
  "summary_bg_mean": 52.613,
  "summary_bg_median": 26.0,
  "summary_bg_n": 438909.0,
  "summary_bg_p05": 0.0,
  "summary_bg_p95": 194.0,
  "summary_bg_stdv": 85.3311,
  "summary_fg_k": 0.7426,
  "summary_fg_mad": 250.9063,
  "summary_fg_mean": 579.5711,
  "summary_fg_median": 557.0,
  "summary_fg_n": 150659.0,
  "summary_fg_p05": 103.0,
  "summary_fg_p95": 1078.0,
  "summary_fg_stdv": 281.735,
  "tsnr": 27.6845019221073
}
