{
  "aor": [
    0.0005993333333333333,
    0.0005723999999999999,
    0.0007475333333333334,
    0.0010271333333333333
  ],
  "aqi": [
    0.0062025604666666664,
    0.008775109733333335,
    0.01500867173333333,
    0.02623404533333333
  ],
  "bids_meta": {
    "AcquisitionDuration": 265.44,
    "AcquisitionMatrixPE": 108,
    "AcquisitionNumber": 1,
    "AcquisitionTime": "17:36:32.730000",
    "B0FieldSource": [
      "pilot012pepolarbold",
      "pilot012phasediff"
    ],
    "BandwidthPerPixelPhaseEncode": 34.294,
    "BaseResolution": 108,
    "BodyPartExamined": "BRAIN",
    "CoilCombinationMethod": "Sum of Squares",
    "CoilString": "HeadNeck_64",
    "ConversionSoftware": "dcm2niix",
    "ConversionSoftwareVersion": "v1.0.20220720",
    "DerivedVendorReportedEchoSpacing": 0.000539993,
    "DeviceSerialNumber": "67014",
    "DwellTime": 2e-6,
    "EchoNumber": 2,
    "EchoTime": 0.03536,
    "EchoTrainLength": 40,
    "EffectiveEchoSpacing": 0.000269996,
    "FileSize": 0.10045199748128653,
    "FileSizeUnits": "GB",
    "FlipAngle": 64,
    "HeudiconvVersion": "1.0.0",
    "ImageComments": "Unaliased MB4/PE4/LB",
    "ImageOrientationPatientDICOM": [
      0.999446,
      0.0197988,
      0.0267607,
      -0.00401204,
      0.869685,
      -0.493591
    ],
    "ImageType": [
      "ORIGINAL",
      "PRIMARY",
      "FMRI",
      "NONE"
    ],
    "ImageTypeText": [
      "ORIGINAL",
      "PRIMARY",
      "M",
      "MB",
      "TE2",
      "DIS2D"
    ],
    "ImagingFrequency": 123.248,
    "InPlanePhaseEncodingDirectionDICOM": "COL",
    "InstitutionAddress": "Rue du Bugnon 21,Lausanne,District,CH,1011",
    "InstitutionName": "CHUV",
    "MRAcquisitionType": "2D",
    "MTState": false,
    "MagneticFieldStrength": 3,
    "Manufacturer": "Siemens",
    "ManufacturersModelName": "MAGNETOM Prisma Fit",
    "MatrixCoilMode": "GRAPPA",
    "Modality": "MR",
    "MultibandAccelerationFactor": 4,
    "NonlinearGradientCorrection": true,
    "NumberOfVolumes": 150,
    "ParallelAcquisitionTechnique": "GRAPPA",
    "ParallelReductionFactorInPlane": 2,
    "PartialFourier": 0.75,
    "PartialFourierDirection": "PHASE",
    "PatientPosition": "HFS",
    "PercentPhaseFOV": 100,
    "PercentSampling": 100,
    "PhaseEncodingDirection": "j-",
    "PhaseResolution": 1,
    "PixelBandwidth": 2315,
    "ProcedureStepDescription": "https://www.axonlab.org/hcph-sops/",
    "ProtocolName": "func-bold_task-qc_dir-AP__cmrr_me4_sms4",
    "PulseSequenceDetails": "%CustomerSeq%\\cmrr_mbep2d_bold",
    "PulseSequenceName": "epfid2d4_108",
    "ReceiveCoilActiveElements": "HC1-7",
    "ReceiveCoilName": "HeadNeck_64",
    "ReconMatrixPE": 108,
    "RefLinesPE": 26,
    "RepetitionTime": 1.573,
    "ScanOptions": "PFP\\FS",
    "ScanningSequence": "EP",
    "SequenceVariant": "SK\\SS",
    "SeriesDescription": "func-bold_task-qc_dir-AP__cmrr_me4_sms4",
    "SeriesNumber": 18,
    "ShimSetting": [
      8245,
      -5627,
      -5956,
      791,
      -43,
      -145,
      106,
      40
    ],
    "SliceThickness": 2,
    "SliceTiming": [
      0,
      0.3325,
      0.665,
      0.9975,
      1.33,
      0.11,
      0.4425,
      0.775,
      1.1075,
      1.44,
      0.22,
      0.5525,
      0.8875,
      1.22,
      0,
      0.3325,
      0.665,
      0.9975,
      1.33,
      0.11,
      0.4425,
      0.775,
      1.1075,
      1.44,
      0.22,
      0.5525,
      0.8875,
      1.22,
      0,
      0.3325,
      0.665,
      0.9975,
      1.33,
      0.11,
      0.4425,
      0.775,
      1.1075,
      1.44,
      0.22,
      0.5525,
      0.8875,
      1.22,
      0,
      0.3325,
      0.665,
      0.9975,
      1.33,
      0.11,
      0.4425,
      0.775,
      1.1075,
      1.44,
      0.22,
      0.5525,
      0.8875,
      1.22
    ],
    "SoftwareVersions": "syngo MR XA30",
    "SpacingBetweenSlices": 2,
    "StationName": "LRG10884",
    "TaskName": "Quality Control Task (QCT)",
    "TotalReadoutTime": 0.0288896,
    "TxRefAmp": 247.841,
    "WipMemBlock": "47011f7d-a724-40be-ae63-a6aa86088d8d||Sequence: R017 nxva30a/master r/d34922cc2+; Jun 27 2022 13:20:16 by eja",
    "dataset": "HCPh",
    "datatype": "func",
    "direction": "AP",
    "extension": ".nii.gz",
    "modality": "bold",
    "session": "pilot012",
    "subject": "001",
    "suffix": "bold",
    "task": "qct"
  },
  "dummy_trs": 0,
  "dvars_nstd": 47.93605819805368,
  "dvars_std": 1.0117671505369126,
  "dvars_vstd": 0.994755237315436,
  "efc": 0.5347,
  "fber": 459.639,
  "fd_mean": 0.09658648465814786,
  "fd_num": 5,
  "fd_perc": 3.3333333333333335,
  "fwhm_avg": 3.1198916666666663,
  "fwhm_x": 2.912475,
  "fwhm_y": 3.373605,
  "fwhm_z": 3.073595,
  "gcor": [
    0.00467938,
    0.00577138,
    0.0052888,
    0.00414927
  ],
  "gsr_x": 0.0012988562230020761,
  "gsr_y": 0.03402973711490631,
  "provenance": {
    "md5sum": "77c625ae4db805222186eb6287c20527",
    "settings": {
      "fd_thres": 0.2,
      "testing": false
    },
    "software": "mriqc",
    "version": "24.1.0.dev15+g9586c867.d20240825"
  },
  "size_t": 150,
  "size_x": 108,
  "size_y": 108,
  "size_z": 56,
  "snr": 1.9730515684168117,
  "spacing_tr": 1.5729999542236328,
  "spacing_x": 2.0,
  "spacing_y": 2.0,
  "spacing_z": 2.0,
  "summary_bg_k": 35.3962,
  "summary_bg_mad": 6.0589,
  "summary_bg_mean": 45.4626,
  "summary_bg_median": 25.0,
  "summary_bg_n": 475950.0,
  "summary_bg_p05": 0.0,
  "summary_bg_p95": 150.0,
  "summary_bg_stdv": 68.7033,
  "summary_fg_k": 0.8459,
  "summary_fg_mad": 239.5688,
  "summary_fg_mean": 561.8926,
  "summary_fg_median": 538.0,
  "summary_fg_n": 177234.0,
  "summary_fg_p05": 107.0,
  "summary_fg_p95": 1050.0,
  "summary_fg_stdv": 272.6733,
  "tsnr": 26.978722830535844
}
