{
  "aor": [
    0.000669871794871795,
    0.0006987820512820512,
    0.0008612179487179487,
    0.0011024999999999997
  ],
  "aqi": [
    0.0050366844871794865,
    0.0075445831410256405,
    0.012923446666666668,
    0.023538932692307692
  ],
  "bids_meta": {
    "AcquisitionDuration": 275.442,
    "AcquisitionMatrixPE": 108,
    "AcquisitionNumber": 1,
    "AcquisitionTime": "15:37:17.865000",
    "B0FieldSource": [
      "pilot009pepolarbold",
      "pilot009phasediff"
    ],
    "BandwidthPerPixelPhaseEncode": 34.294,
    "BaseResolution": 108,
    "BodyPartExamined": "BRAIN",
    "CogAtlasID": "https://www.cognitiveatlas.org/id/trm_4c898a680e424/",
    "CoilCombinationMethod": "Sum of Squares",
    "CoilString": "HeadNeck_64",
    "ConversionSoftware": "dcm2niix",
    "ConversionSoftwareVersion": "v1.0.20220720",
    "DerivedVendorReportedEchoSpacing": 0.000539993,
    "DeviceSerialNumber": "67014",
    "DwellTime": 2e-6,
    "EchoNumber": 2,
    "EchoTime": 0.03536,
    "EchoTrainLength": 40,
    "EffectiveEchoSpacing": 0.000269996,
    "FileSize": 0.10438895598053932,
    "FileSizeUnits": "GB",
    "FlipAngle": 64,
    "HeudiconvVersion": "1.0.0",
    "ImageComments": "Unaliased MB4/PE4/LB",
    "ImageOrientationPatientDICOM": [
      0.996273,
      0.0612017,
      0.0607745,
      -0.059015,
      0.997566,
      -0.037147
    ],
    "ImageType": [
      "ORIGINAL",
      "PRIMARY",
      "FMRI",
      "NONE"
    ],
    "ImageTypeText": [
      "ORIGINAL",
      "PRIMARY",
      "M",
      "MB",
      "TE2",
      "DIS2D"
    ],
    "ImagingFrequency": 123.248,
    "InPlanePhaseEncodingDirectionDICOM": "COL",
    "InstitutionAddress": "Rue du Bugnon 21,Lausanne,District,CH,1011",
    "InstitutionName": "CHUV",
    "MRAcquisitionType": "2D",
    "MTState": false,
    "MagneticFieldStrength": 3,
    "Manufacturer": "Siemens",
    "ManufacturersModelName": "MAGNETOM Prisma Fit",
    "MatrixCoilMode": "GRAPPA",
    "Modality": "MR",
    "MultibandAccelerationFactor": 4,
    "NonlinearGradientCorrection": true,
    "NumberOfVolumes": 156,
    "ParallelAcquisitionTechnique": "GRAPPA",
    "ParallelReductionFactorInPlane": 2,
    "PartialFourier": 0.75,
    "PartialFourierDirection": "PHASE",
    "PatientPosition": "HFS",
    "PercentPhaseFOV": 100,
    "PercentSampling": 100,
    "PhaseEncodingDirection": "j-",
    "PhaseResolution": 1,
    "PixelBandwidth": 2315,
    "ProcedureStepDescription": "https://www.axonlab.org/hcph-sops/",
    "ProtocolName": "func-bold_task-bht_dir-AP__cmrr_me4_sms4",
    "PulseSequenceDetails": "%CustomerSeq%\\cmrr_mbep2d_bold",
    "PulseSequenceName": "epfid2d4_108",
    "ReceiveCoilActiveElements": "HC1-6",
    "ReceiveCoilName": "HeadNeck_64",
    "ReconMatrixPE": 108,
    "RefLinesPE": 26,
    "RepetitionTime": 1.573,
    "ScanOptions": "PFP\\FS",
    "ScanningSequence": "EP",
    "SequenceVariant": "SK\\SS",
    "SeriesDescription": "func-bold_task-bht_dir-AP__cmrr_me4_sms4",
    "SeriesNumber": 14,
    "ShimSetting": [
      8231,
      -5626,
      -6013,
      614,
      -64,
      -163,
      40,
      47
    ],
    "SliceThickness": 2,
    "SliceTiming": [
      0,
      0.3325,
      0.6675,
      1,
      1.3325,
      0.1125,
      0.445,
      0.7775,
      1.11,
      1.4425,
      0.2225,
      0.555,
      0.8875,
      1.22,
      0,
      0.3325,
      0.6675,
      1,
      1.3325,
      0.1125,
      0.445,
      0.7775,
      1.11,
      1.4425,
      0.2225,
      0.555,
      0.8875,
      1.22,
      0,
      0.3325,
      0.6675,
      1,
      1.3325,
      0.1125,
      0.445,
      0.7775,
      1.11,
      1.4425,
      0.2225,
      0.555,
      0.8875,
      1.22,
      0,
      0.3325,
      0.6675,
      1,
      1.3325,
      0.1125,
      0.445,
      0.7775,
      1.11,
      1.4425,
      0.2225,
      0.555,
      0.8875,
      1.22
    ],
    "SoftwareVersions": "syngo MR XA30",
    "SpacingBetweenSlices": 2,
    "StationName": "LRG10884",
    "TaskName": "Breath-holding Task (BHT)",
    "TotalReadoutTime": 0.0288896,
    "TxRefAmp": 252.895,
    "WipMemBlock": "ba9d198f-a4e8-4dd8-a09a-f223d01b88bc||Sequence: R017 nxva30a/master r/d34922cc2+; Jun 27 2022 13:20:16 by eja",
    "dataset": "HCPh",
    "datatype": "func",
    "direction": "AP",
    "extension": ".nii.gz",
    "modality": "bold",
    "session": "pilot009",
    "subject": "001",
    "suffix": "bold",
    "task": "bht"
  },
  "dummy_trs": 0,
  "dvars_nstd": 46.908136158387116,
  "dvars_std": 1.0029245572258072,
  "dvars_vstd": 0.9825639760645163,
  "efc": 0.5192,
  "fber": 515.9099,
  "fd_mean": 0.08652081375647527,
  "fd_num": 1,
  "fd_perc": 0.6410256410256411,
  "fwhm_avg": 3.277843333333333,
  "fwhm_x": 3.10981,
  "fwhm_y": 3.608935,
  "fwhm_z": 3.114785,
  "gcor": [
    0.00987567,
    0.0157983,
    0.0168714,
    0.0137384
  ],
  "gsr_x": 0.0048983958549797535,
  "gsr_y": 0.02730824053287506,
  "provenance": {
    "md5sum": "9adff6d23a27177f54a925358b32e7e7",
    "settings": {
      "fd_thres": 0.2,
      "testing": false
    },
    "software": "mriqc",
    "version": "24.1.0.dev15+g9586c867.d20240825"
  },
  "size_t": 156,
  "size_x": 108,
  "size_y": 108,
  "size_z": 56,
  "snr": 1.8931233131946452,
  "spacing_tr": 1.5729999542236328,
  "spacing_x": 2.0,
  "spacing_y": 2.0,
  "spacing_z": 2.0,
  "summary_bg_k": 42.9085,
  "summary_bg_mad": 7.5556,
  "summary_bg_mean": 45.3068,
  "summary_bg_median": 24.0,
  "summary_bg_n": 486658.0,
  "summary_bg_p05": 0.0,
  "summary_bg_p95": 158.0,
  "summary_bg_stdv": 73.0385,
  "summary_fg_k": 1.3105,
  "summary_fg_mad": 248.6733,
  "summary_fg_mean": 566.5621,
  "summary_fg_median": 538.0,
  "summary_fg_n": 166526.0,
  "summary_fg_p05": 107.0,
  "summary_fg_p95": 1072.0,
  "summary_fg_stdv": 284.1856,
  "tsnr": 27.192499108845368
}
