{
  "aor": [
    0.00046853333333333325,
    0.0006093199999999999,
    0.00076108
  ],
  "aqi": [
    0.012065784533333334,
    0.02157557733333333,
    0.03635251426666666
  ],
  "bids_meta": {
    "AcquisitionDuration": 1230.47,
    "AcquisitionMatrixPE": 96,
    "AcquisitionNumber": 1,
    "AcquisitionTime": "20:51:59.287500",
    "BandwidthPerPixelPhaseEncode": 30.193,
    "BaseResolution": 96,
    "BodyPartExamined": "BRAIN",
    "CogAtlasID": "https://www.cognitiveatlas.org/task/id/trm_4c8a834779883/",
    "CoilCombinationMethod": "Sum of Squares",
    "CoilString": "HeadNeck_64",
    "ConversionSoftware": "dcm2niix",
    "ConversionSoftwareVersion": "v1.0.20220720",
    "DerivedVendorReportedEchoSpacing": 0.000690005,
    "DeviceSerialNumber": "67014",
    "DwellTime": 2.4e-6,
    "EchoNumber": 1,
    "EchoTime": 0.0132,
    "EchoTrainLength": 35,
    "EffectiveEchoSpacing": 0.000345003,
    "FileSize": 0.4651907095685601,
    "FileSizeUnits": "GB",
    "FlipAngle": 64,
    "HeudiconvVersion": "1.1.6.post8+ga0a3635",
    "ImageComments": "Unaliased MB4/PE4/LB",
    "ImageOrientationPatientDICOM": [
      0.999972,
      0.0064122,
      0.0037873,
      -0.00383964,
      0.879672,
      -0.475565
    ],
    "ImageType": [
      "ORIGINAL",
      "PRIMARY",
      "FMRI",
      "NONE"
    ],
    "ImageTypeText": [
      "ORIGINAL",
      "PRIMARY",
      "M",
      "MB",
      "TE1",
      "DIS2D"
    ],
    "ImagingFrequency": 123.248,
    "InPlanePhaseEncodingDirectionDICOM": "ROW",
    "InstitutionAddress": "Rue du Bugnon 21,Lausanne,District,CH,1011",
    "InstitutionName": "CHUV",
    "MRAcquisitionType": "2D",
    "MTState": false,
    "MagneticFieldStrength": 3,
    "Manufacturer": "Siemens",
    "ManufacturersModelName": "MAGNETOM Prisma Fit",
    "MatrixCoilMode": "GRAPPA",
    "Modality": "MR",
    "MultibandAccelerationFactor": 4,
    "NonlinearGradientCorrection": true,
    "NumberOfVolumes": 750,
    "ParallelAcquisitionTechnique": "GRAPPA",
    "ParallelReductionFactorInPlane": 2,
    "PartialFourier": 0.75,
    "PartialFourierDirection": "PHASE",
    "PatientPosition": "HFS",
    "PercentPhaseFOV": 100,
    "PercentSampling": 100,
    "PhaseEncodingDirection": "i",
    "PhaseResolution": 1,
    "PixelBandwidth": 2170,
    "ProcedureStepDescription": "RESEARCH Oscar",
    "ProtocolName": "func-bold_task-rest_dir-RL__cmrr_me4_sms4",
    "PulseSequenceDetails": "%CustomerSeq%\\cmrr_mbep2d_bold",
    "PulseSequenceName": "epfid2d3_96",
    "ReceiveCoilActiveElements": "HC1-7;NC1",
    "ReceiveCoilName": "HeadNeck_64",
    "ReconMatrixPE": 96,
    "RefLinesPE": 22,
    "RepetitionTime": 1.6,
    "ScanOptions": "PFP\\FS",
    "ScanningSequence": "EP",
    "SequenceVariant": "SK\\SS",
    "SeriesDescription": "func-bold_task-rest_dir-RL__cmrr_me4_sms4",
    "SeriesNumber": 14,
    "ShimSetting": [
      8235,
      -5657,
      -5971,
      810,
      -65,
      -220,
      -18,
      14
    ],
    "SliceThickness": 2.2,
    "SliceTiming": [
      0,
      0.8425,
      0.105,
      0.9475,
      0.21,
      1.0525,
      0.315,
      1.1575,
      0.42,
      1.2625,
      0.525,
      1.3675,
      0.63,
      1.475,
      0.7375,
      0,
      0.8425,
      0.105,
      0.9475,
      0.21,
      1.0525,
      0.315,
      1.1575,
      0.42,
      1.2625,
      0.525,
      1.3675,
      0.63,
      1.475,
      0.7375,
      0,
      0.8425,
      0.105,
      0.9475,
      0.21,
      1.0525,
      0.315,
      1.1575,
      0.42,
      1.2625,
      0.525,
      1.3675,
      0.63,
      1.475,
      0.7375,
      0,
      0.8425,
      0.105,
      0.9475,
      0.21,
      1.0525,
      0.315,
      1.1575,
      0.42,
      1.2625,
      0.525,
      1.3675,
      0.63,
      1.475,
      0.7375
    ],
    "SoftwareVersions": "syngo MR XA30",
    "SpacingBetweenSlices": 2.2,
    "StationName": "LRG10884",
    "TaskName": "rest",
    "TotalReadoutTime": 0.0327753,
    "TxRefAmp": 243.293,
    "VendorReportedEchoSpacing": 0.00069,
    "WipMemBlock": "6be915bc-f57e-4e68-b2d2-6de623957e42||Sequence: R017 nxva30a/master r/d34922cc2+; Jun 27 2022 13:20:16 by eja",
    "dataset": "HCPh",
    "datatype": "func",
    "direction": "RL",
    "extension": ".nii.gz",
    "modality": "bold",
    "part": "mag",
    "session": "20201060",
    "subject": "001",
    "suffix": "bold",
    "task": "rest"
  },
  "dummy_trs": 0,
  "dvars_nstd": 46.40343177913219,
  "dvars_std": 1.0107699817356475,
  "dvars_vstd": 0.9935918700801067,
  "efc": 0.6147,
  "fber": 177.703,
  "fd_mean": 0.11746553444635471,
  "fd_num": 54,
  "fd_perc": 7.2,
  "fwhm_avg": 2.9957432623455174,
  "fwhm_x": 2.9008880015316616,
  "fwhm_y": 2.933810035652358,
  "fwhm_z": 3.1525317498525327,
  "gcor": [
    0.00494289,
    0.00836542,
    0.007473
  ],
  "gsr_x": -0.004327860660851002,
  "gsr_y": 0.07167523354291916,
  "provenance": {
    "md5sum": "20a89c1f70d556bdf2f4c9a4eae8bfd1",
    "settings": {
      "fd_thres": 0.2,
      "testing": false
    },
    "software": "mriqc",
    "version": "24.1.0.dev15+g9586c867.d20240825"
  },
  "size_t": 750,
  "size_x": 96,
  "size_y": 96,
  "size_z": 60,
  "snr": 2.5815882209883707,
  "spacing_tr": 1.600000023841858,
  "spacing_x": 2.197920083999634,
  "spacing_y": 2.197920083999634,
  "spacing_z": 2.200000047683716,
  "summary_bg_k": 11.0021,
  "summary_bg_mad": 24.9255,
  "summary_bg_mean": 90.8293,
  "summary_bg_median": 38.0,
  "summary_bg_n": 413398.0,
  "summary_bg_p05": 0.0,
  "summary_bg_p95": 408.0,
  "summary_bg_stdv": 139.4697,
  "summary_fg_k": 1.2757,
  "summary_fg_mad": 171.9482,
  "summary_fg_mean": 528.7093,
  "summary_fg_median": 503.0,
  "summary_fg_n": 139562.0,
  "summary_fg_p05": 257.0,
  "summary_fg_p95": 878.0,
  "summary_fg_stdv": 194.8406,
  "tsnr": 27.100195763166994
}
