{
  "NumberOfShells": 4,
  "bValues": [
    0.0,
    700.0,
    1000.0,
    2000.0,
    3000.0
  ],
  "bValuesEstimation": [
    700.0,
    1000.0,
    2000.0,
    3000.0
  ],
  "bdiffs_max": 0.2976,
  "bdiffs_mean": 0.0888,
  "bdiffs_median": 0.1016,
  "bdiffs_min": 0.0043,
  "bids_meta": {
    "AcquisitionMatrixPE": 146,
    "AcquisitionNumber": 1,
    "AcquisitionTime": "21:08:55.857500",
    "B0FieldSource": [
      "022pepolarb0",
      "022phasediff"
    ],
    "BandwidthPerPixelPhaseEncode": 19.569,
    "BaseResolution": 146,
    "BodyPartExamined": "BRAIN",
    "CoilCombinationMethod": "Adaptive Combine",
    "CoilString": "HeadNeck_64",
    "ConversionSoftware": "dcm2niix",
    "ConversionSoftwareVersion": "v1.0.20220720",
    "Deltas": [
      0.0233,
      0.0475
    ],
    "DerivedVendorReportedEchoSpacing": 0.000700017,
    "DeviceSerialNumber": "67014",
    "DiffusionScheme": "Monopolar",
    "DwellTime": 2.1e-6,
    "EchoTime": 0.098,
    "EchoTrainLength": 64,
    "EffectiveEchoSpacing": 0.000350008,
    "FileSize": 0.4455343186855316,
    "FileSizeUnits": "GB",
    "FlipAngle": 90,
    "HeudiconvVersion": "1.0.0",
    "ImageOrientationPatientDICOM": [
      0.998993,
      0.0322981,
      0.0311349,
      -0.0310456,
      0.998721,
      -0.0399068
    ],
    "ImageType": [
      "ORIGINAL",
      "PRIMARY",
      "DIFFUSION",
      "NONE",
      "ND",
      "MFSPLIT"
    ],
    "ImageTypeText": [
      "ORIGINAL",
      "PRIMARY",
      "DIFFUSION",
      "NONE"
    ],
    "ImagingFrequency": 123.248,
    "InPlanePhaseEncodingDirectionDICOM": "COL",
    "InstitutionAddress": "Rue du Bugnon 21,Lausanne,District,CH,1011",
    "InstitutionName": "CHUV",
    "MRAcquisitionType": "2D",
    "MagneticFieldStrength": 3,
    "Manufacturer": "Siemens",
    "ManufacturersModelName": "MAGNETOM Prisma Fit",
    "Modality": "MR",
    "MultibandAccelerationFactor": 3,
    "NonlinearGradientCorrection": false,
    "NumberOfVolumes": 280,
    "ParallelReductionFactorInPlane": 2,
    "PartialFourier": 0.875,
    "PatientPosition": "HFS",
    "PercentPhaseFOV": 100,
    "PercentSampling": 100,
    "PhaseEncodingDirection": "j-",
    "PhaseEncodingSteps": 146,
    "PhaseResolution": 1,
    "PixelBandwidth": 1631,
    "ProcedureStepDescription": "RESEARCH Oscar",
    "ProtocolName": "dwi-dwi_acq-highres_dir-AP__trigger_monopolar",
    "PulseSequenceDetails": "%CustomerSeq%\\ep2d_diff_trigg",
    "ReceiveCoilActiveElements": "HC1-6",
    "ReceiveCoilName": "HeadNeck_64",
    "ReconMatrixPE": 146,
    "RefLinesPE": 54,
    "RepetitionTime": 7,
    "SAR": 0.171365,
    "ScanOptions": "PFP\\FS\\PER",
    "ScanningSequence": "GR\\EP",
    "SequenceName": "ep_b0",
    "SequenceVariant": "SK",
    "SeriesDescription": "dwi-dwi_acq-highres_dir-AP__trigger_monopolar",
    "SeriesNumber": 10,
    "ShimSetting": [
      8233,
      -5639,
      -6041,
      558,
      -71,
      -321,
      36,
      23
    ],
    "SliceThickness": 1.6,
    "SliceTiming": [
      0,
      6.145,
      0.14,
      6.285,
      0.28,
      6.425,
      0.42,
      6.5625,
      0.56,
      6.7025,
      0.6975,
      6.8425,
      0.8375,
      6.9825,
      0.9775,
      7.1225,
      1.1175,
      7.2625,
      1.2575,
      7.4025,
      1.3975,
      7.54,
      1.5375,
      7.68,
      1.675,
      7.82,
      1.815,
      7.96,
      1.955,
      8.1,
      2.095,
      8.24,
      2.235,
      8.38,
      2.375,
      8.5175,
      2.515,
      8.6575,
      2.6525,
      8.7975,
      2.7925,
      8.9375,
      2.9325,
      9.0775,
      3.0725,
      9.2175,
      3.2125,
      9.3575,
      3.3525,
      9.495,
      3.4925,
      9.635,
      3.63,
      9.775,
      3.77,
      9.915,
      3.91,
      10.055,
      4.05,
      10.195,
      4.19,
      10.335,
      4.33,
      10.4725,
      4.47,
      10.6125,
      4.6075,
      10.7525,
      4.7475,
      10.8925,
      4.8875,
      11.0325,
      5.0275,
      11.1725,
      5.1675,
      11.3125,
      5.3075,
      11.45,
      5.4475,
      11.59,
      5.585,
      11.73,
      5.725,
      11.87,
      5.865,
      12.01,
      6.005
    ],
    "SoftwareVersions": "syngo MR XA30",
    "SpacingBetweenSlices": 1.6,
    "StationName": "LRG10884",
    "TotalReadoutTime": 0.0507512,
    "TxRefAmp": 247.75,
    "acquisition": "highres",
    "dataset": "HCPh",
    "datatype": "dwi",
    "direction": "AP",
    "extension": ".nii.gz",
    "modality": "dwi",
    "session": "022",
    "subject": "001",
    "suffix": "dwi"
  },
  "efc_shell01": 0.3953,
  "efc_shell02": 0.4953,
  "efc_shell03": 0.5141,
  "efc_shell04": 0.5693,
  "efc_shell05": 0.6184,
  "fa_degenerate": 0.0,
  "fa_nans": 0.0,
  "fber_shell01": 1056.6017,
  "fber_shell02": 341.4943,
  "fber_shell03": 216.0722,
  "fber_shell04": 67.2457,
  "fber_shell05": 31.1743,
  "fd_mean": 7.8044,
  "fd_num": 279,
  "fd_perc": 99.64285714285714,
  "ndc": 0.5374,
  "provenance": {
    "md5sum": "44a528d4c57ee5c783d4e5e568c6056e",
    "settings": {
      "testing": false
    },
    "software": "mriqc",
    "version": "24.1.0.dev15+g9586c867.d20240825"
  },
  "sigma_cc": 44.4781,
  "sigma_pca": 15.1349,
  "sigma_piesno": 1.6508,
  "snr_cc_shell0": 3.94,
  "snr_cc_shell1_best": 4.02,
  "snr_cc_shell1_worst": 4.02,
  "snr_cc_shell2_best": 2.52,
  "snr_cc_shell2_worst": 1.67,
  "snr_cc_shell3_best": 1.92,
  "snr_cc_shell3_worst": 1.18,
  "snr_cc_shell4_best": 0.95,
  "snr_cc_shell4_worst": 0.87,
  "spikes_global": 33.76,
  "spikes_slice_i": 204.97,
  "spikes_slice_j": 213.69,
  "spikes_slice_k": 180.78,
  "summary_bg_k": 205.711,
  "summary_bg_mad": 8.8956,
  "summary_bg_mean": 29.0891,
  "summary_bg_median": 9.0,
  "summary_bg_n": 1492415.0,
  "summary_bg_p05": 2.0,
  "summary_bg_p95": 116.0,
  "summary_bg_stdv": 79.9241,
  "summary_fg_k": 11.9032,
  "summary_fg_mad": 167.5341,
  "summary_fg_mean": 390.7201,
  "summary_fg_median": 293.0,
  "summary_fg_n": 362077.0,
  "summary_fg_p05": 93.0,
  "summary_fg_p95": 1057.0,
  "summary_fg_stdv": 334.6023,
  "summary_wm_k": 7.1557,
  "summary_wm_mad": 83.0257,
  "summary_wm_mean": 213.3449,
  "summary_wm_median": 212.0,
  "summary_wm_n": 107471.0,
  "summary_wm_p05": 77.0,
  "summary_wm_p95": 352.0,
  "summary_wm_stdv": 89.1571
}
