{
  "bids_meta": {
    "AcquisitionMatrixPE": 320,
    "AcquisitionNumber": 1,
    "AcquisitionTime": "20:55:58.202500",
    "BaseResolution": 320,
    "BodyPartExamined": "BRAIN",
    "CoilCombinationMethod": "Adaptive Combine",
    "CoilString": "HeadNeck_64",
    "ConversionSoftware": "dcm2niix",
    "ConversionSoftwareVersion": "v1.0.20220720",
    "DeviceSerialNumber": "67014",
    "DwellTime": 2.2e-6,
    "EchoTime": 0.413,
    "EchoTrainLength": 248,
    "FileSize": 0.016149897128343582,
    "FileSizeUnits": "GB",
    "FlipAngle": 120,
    "HeudiconvVersion": "1.1.6.post8+ga0a3635",
    "ImageOrientationPatientDICOM": [
      -0.0240966,
      0.992738,
      0.11786,
      0.0175693,
      0.118296,
      -0.992823
    ],
    "ImageType": [
      "ORIGINAL",
      "PRIMARY",
      "M",
      "ND",
      "NORM",
      "MFSPLIT"
    ],
    "ImageTypeText": [
      "ORIGINAL",
      "PRIMARY",
      "M",
      "NONE"
    ],
    "ImagingFrequency": 123.248,
    "InPlanePhaseEncodingDirectionDICOM": "ROW",
    "InstitutionAddress": "Rue du Bugnon 21,Lausanne,District,CH,1011",
    "InstitutionName": "CHUV",
    "MRAcquisitionType": "3D",
    "MagneticFieldStrength": 3,
    "Manufacturer": "Siemens",
    "ManufacturersModelName": "MAGNETOM Prisma Fit",
    "MatrixCoilMode": "GRAPPA",
    "Modality": "MR",
    "NonlinearGradientCorrection": false,
    "NumberOfVolumes": 1,
    "ParallelReductionFactorInPlane": 3,
    "PartialFourier": 1,
    "PatientPosition": "HFS",
    "PercentPhaseFOV": 100,
    "PercentSampling": 100,
    "PhaseEncodingDirection": "i",
    "PhaseEncodingSteps": 320,
    "PhaseResolution": 1,
    "PixelBandwidth": 710,
    "ProcedureStepDescription": "RESEARCH Oscar",
    "ProtocolName": "anat-T2w__space",
    "PulseSequenceDetails": "%SiemensSeq%\\space",
    "ReceiveCoilActiveElements": "HC1-7;NC1,2",
    "ReceiveCoilName": "HeadNeck_64",
    "ReconMatrixPE": 320,
    "RefLinesPE": 24,
    "RepetitionTime": 3.2,
    "SAR": 0.120015,
    "ScanOptions": "PFP\\PER",
    "ScanningSequence": "SE",
    "SequenceName": "*spcR_282ns",
    "SequenceVariant": "SP\\SK",
    "SeriesDescription": "anat-T2w__space_ND",
    "SeriesNumber": 27,
    "ShimSetting": [
      8228,
      -5666,
      -6274,
      307,
      -57,
      -153,
      48,
      21
    ],
    "SliceThickness": 0.8,
    "SoftwareVersions": "syngo MR XA30",
    "StationName": "LRG10884",
    "TxRefAmp": 245.678,
    "acquisition": "original",
    "dataset": "HCPh",
    "datatype": "anat",
    "extension": ".nii.gz",
    "modality": "T2w",
    "session": "20502060",
    "subject": "001",
    "suffix": "T2w"
  },
  "cjv": 1.4312455882352941,
  "cnr": 0.6560948832410087,
  "efc": 0.4974,
  "fber": -1.0,
  "fwhm_avg": 2.7179291261663665,
  "fwhm_x": 2.5903874614002187,
  "fwhm_y": 2.970799955731631,
  "fwhm_z": 2.59259996136725,
  "icvs_csf": 0.27413722789318645,
  "icvs_gm": 0.3484056845802129,
  "icvs_wm": 0.3774570875266007,
  "inu_med": 0.9913671016693115,
  "inu_range": 0.4005326986312865,
  "provenance": {
    "md5sum": "c9742fb4f9bdcebdfbb6fcae54af4584",
    "settings": {
      "testing": false
    },
    "software": "mriqc",
    "version": "24.1.0.dev15+g9586c867.d20240825",
    "warnings": {
      "large_rot_frame": true,
      "small_air_mask": false
    }
  },
  "qi_1": 0.0,
  "qi_2": 0.002479087216243474,
  "rpve_csf": 8.185362114992184,
  "rpve_gm": 8.025465197143195,
  "rpve_wm": 8.057684064583555,
  "size_x": 240,
  "size_y": 320,
  "size_z": 320,
  "snr_csf": 1.489337734392212,
  "snr_gm": 4.970541044317664,
  "snr_total": 4.39782940246324,
  "snr_wm": 6.733609428679843,
  "snrd_csf": 41.54944967073113,
  "snrd_gm": 36.572463101827935,
  "snrd_total": 36.330137913079845,
  "snrd_wm": 30.868500966680465,
  "spacing_x": 0.800000011920929,
  "spacing_y": 0.800000011920929,
  "spacing_z": 0.800000011920929,
  "summary_bg_k": 990.4924,
  "summary_bg_mad": 0.0,
  "summary_bg_mean": 3.6425,
  "summary_bg_median": 0.0,
  "summary_bg_n": 6784816.0,
  "summary_bg_p05": 0.0,
  "summary_bg_p95": 18.0,
  "summary_bg_stdv": 23.4307,
  "summary_csf_k": -1.3751,
  "summary_csf_mad": 1598.3843,
  "summary_csf_mean": 1540.2447,
  "summary_csf_median": 1486.0,
  "summary_csf_n": 812904.3309920216,
  "summary_csf_p05": 88.0,
  "summary_csf_p95": 3213.0,
  "summary_csf_stdv": 997.7583,
  "summary_gm_k": 51.1079,
  "summary_gm_mad": 163.3576,
  "summary_gm_mean": 1305.6406,
  "summary_gm_median": 1308.0,
  "summary_gm_n": 1033133.9968457258,
  "summary_gm_p05": 909.0,
  "summary_gm_p95": 1726.0,
  "summary_gm_stdv": 263.1503,
  "summary_wm_k": 95.5758,
  "summary_wm_mad": 128.6165,
  "summary_wm_mean": 1115.6586,
  "summary_wm_median": 1104.0,
  "summary_wm_n": 1119280.6740336728,
  "summary_wm_p05": 888.0,
  "summary_wm_p95": 1370.0,
  "summary_wm_stdv": 163.9536,
  "tpm_overlap_csf": 0.21168976100923506,
  "tpm_overlap_gm": 0.5132477316446113,
  "tpm_overlap_wm": 0.5283433910004908,
  "wm2max": 0.302577633147439
}
