{
  "bids_meta": {
    "AcquisitionMatrixPE": 252,
    "AcquisitionNumber": 1,
    "AcquisitionTime": "19:45:45.870000",
    "BaseResolution": 288,
    "BodyPartExamined": "BRAIN",
    "CoilCombinationMethod": "Adaptive Combine",
    "CoilString": "HeadNeck_64",
    "ConversionSoftware": "dcm2niix",
    "ConversionSoftwareVersion": "v1.0.20220720",
    "DeviceSerialNumber": "67014",
    "DwellTime": 6.7e-6,
    "EchoTime": 0.00255,
    "FileSize": 0.011655686423182487,
    "FileSizeUnits": "GB",
    "FlipAngle": 8,
    "HeudiconvVersion": "1.1.6.post8+ga0a3635",
    "ImageOrientationPatientDICOM": [
      0.999999,
      0.0000919465,
      0.00139497,
      -4.47e-13,
      0.997835,
      -0.0657701
    ],
    "ImageType": [
      "ORIGINAL",
      "PRIMARY",
      "M",
      "NORM",
      "DIS2D",
      "FM3",
      "2",
      "FIL",
      "MFSPLIT"
    ],
    "ImageTypeText": [
      "ORIGINAL",
      "PRIMARY",
      "M",
      "NONE"
    ],
    "ImagingFrequency": 123.248,
    "InPlanePhaseEncodingDirectionDICOM": "ROW",
    "InstitutionAddress": "Rue du Bugnon 21,Lausanne,District,CH,1011",
    "InstitutionName": "CHUV",
    "InversionTime": 0.9,
    "MRAcquisitionType": "3D",
    "MagneticFieldStrength": 3,
    "Manufacturer": "Siemens",
    "ManufacturersModelName": "MAGNETOM Prisma Fit",
    "MatrixCoilMode": "GRAPPA",
    "Modality": "MR",
    "NonlinearGradientCorrection": true,
    "NumberOfVolumes": 1,
    "ParallelReductionFactorInPlane": 2,
    "PartialFourier": 1,
    "PatientPosition": "HFS",
    "PercentPhaseFOV": 87.5,
    "PercentSampling": 100,
    "PhaseEncodingSteps": 252,
    "PhaseResolution": 1,
    "PixelBandwidth": 259,
    "ProcedureStepDescription": "RESEARCH Oscar",
    "ProtocolName": "anat-T1w__t1_mprage_tra_p2_iso_siemens_axial",
    "PulseSequenceDetails": "%SiemensSeq%\\tfl",
    "ReceiveCoilActiveElements": "HC1-7",
    "ReceiveCoilName": "HeadNeck_64",
    "ReconMatrixPE": 252,
    "RefLinesPE": 24,
    "RepetitionTime": 2.2,
    "SAR": 0.0383401,
    "ScanOptions": "PER",
    "ScanningSequence": "GR",
    "SequenceName": "*tfl3d1_16",
    "SequenceVariant": "SK",
    "SeriesDescription": "anat-T1w__t1_mprage_tra_p2_iso_siemens_axial",
    "SeriesNumber": 9,
    "ShimSetting": [
      8228,
      -5666,
      -6274,
      307,
      -57,
      -153,
      48,
      21
    ],
    "SliceThickness": 0.8,
    "SoftwareVersions": "syngo MR XA30",
    "StationName": "LRG10884",
    "TxRefAmp": 245.678,
    "acquisition": "undistorted",
    "dataset": "HCPh",
    "datatype": "anat",
    "extension": ".nii.gz",
    "modality": "T1w",
    "session": "20502060",
    "subject": "001",
    "suffix": "T1w"
  },
  "cjv": 0.636228735632184,
  "cnr": 1.4792954983664386,
  "efc": 0.5341,
  "fber": -1.0,
  "fwhm_avg": 4.762403791668761,
  "fwhm_x": 4.374532863180114,
  "fwhm_y": 5.336778580012388,
  "fwhm_z": 4.575899931813778,
  "icvs_csf": 0.27584570570977374,
  "icvs_gm": 0.3749832812080265,
  "icvs_wm": 0.34917101308219967,
  "inu_med": 0.6130696535110474,
  "inu_range": 0.28818292915821064,
  "provenance": {
    "md5sum": "bb58fc6e52b4c5e6f5a933f713da90c9",
    "settings": {
      "testing": false
    },
    "software": "mriqc",
    "version": "24.1.0.dev15+g9586c867.d20240825",
    "warnings": {
      "large_rot_frame": true,
      "small_air_mask": false
    }
  },
  "qi_1": 0.0,
  "qi_2": 0.0014978566074951357,
  "rpve_csf": 4.54478074039703,
  "rpve_gm": 4.434971312256366,
  "rpve_wm": 4.514492580747854,
  "size_x": 252,
  "size_y": 288,
  "size_z": 192,
  "snr_csf": 1.5064052443152796,
  "snr_gm": 4.893870404894207,
  "snr_total": 5.273307183121601,
  "snr_wm": 9.419645900155317,
  "snrd_csf": 5.965359706725036,
  "snrd_gm": 13.388054846689087,
  "snrd_total": 12.604332235924995,
  "snrd_wm": 18.45958215436086,
  "spacing_x": 0.7986109852790833,
  "spacing_y": 0.7986109852790833,
  "spacing_z": 0.800000011920929,
  "summary_bg_k": 178.1599,
  "summary_bg_mad": 0.0,
  "summary_bg_mean": 5.3925,
  "summary_bg_median": 0.0,
  "summary_bg_n": 4518514.0,
  "summary_bg_p05": 0.0,
  "summary_bg_p95": 13.0,
  "summary_bg_stdv": 33.7158,
  "summary_csf_k": -0.917,
  "summary_csf_mad": 173.3194,
  "summary_csf_mean": 324.0586,
  "summary_csf_median": 307.0,
  "summary_csf_n": 830143.0321407041,
  "summary_csf_p05": 23.0,
  "summary_csf_p95": 685.0,
  "summary_csf_stdv": 203.7963,
  "summary_gm_k": 0.6746,
  "summary_gm_mad": 91.402,
  "summary_gm_mean": 690.4981,
  "summary_gm_median": 689.0,
  "summary_gm_n": 1128492.3115374488,
  "summary_gm_p05": 458.0,
  "summary_gm_p95": 952.0,
  "summary_gm_stdv": 140.7883,
  "summary_wm_k": 0.1983,
  "summary_wm_mad": 74.6537,
  "summary_wm_mean": 925.2193,
  "summary_wm_median": 950.0,
  "summary_wm_n": 1050811.6586040743,
  "summary_wm_p05": 729.0,
  "summary_wm_p95": 1054.0,
  "summary_wm_stdv": 100.853,
  "tpm_overlap_csf": 0.185828904370916,
  "tpm_overlap_gm": 0.5405668694047663,
  "tpm_overlap_wm": 0.5449997137172058,
  "wm2max": 0.4745335833225035
}
