{
  "bids_meta": {
    "AcquisitionMatrixPE": 320,
    "AcquisitionNumber": 1,
    "AcquisitionTime": "20:55:58.202500",
    "BaseResolution": 320,
    "BodyPartExamined": "BRAIN",
    "CoilCombinationMethod": "Adaptive Combine",
    "CoilString": "HeadNeck_64",
    "ConversionSoftware": "dcm2niix",
    "ConversionSoftwareVersion": "v1.0.20220720",
    "DeviceSerialNumber": "67014",
    "DwellTime": 2.2e-6,
    "EchoTime": 0.413,
    "EchoTrainLength": 248,
    "FileSize": 0.015268399380147457,
    "FileSizeUnits": "GB",
    "FlipAngle": 120,
    "HeudiconvVersion": "1.1.6.post8+ga0a3635",
    "ImageOrientationPatientDICOM": [
      -0.0240966,
      0.992738,
      0.11786,
      0.0175693,
      0.118296,
      -0.992823
    ],
    "ImageType": [
      "ORIGINAL",
      "PRIMARY",
      "M",
      "NORM",
      "DIS3D",
      "MFSPLIT"
    ],
    "ImageTypeText": [
      "ORIGINAL",
      "PRIMARY",
      "M",
      "NONE"
    ],
    "ImagingFrequency": 123.248,
    "InPlanePhaseEncodingDirectionDICOM": "ROW",
    "InstitutionAddress": "Rue du Bugnon 21,Lausanne,District,CH,1011",
    "InstitutionName": "CHUV",
    "MRAcquisitionType": "3D",
    "MagneticFieldStrength": 3,
    "Manufacturer": "Siemens",
    "ManufacturersModelName": "MAGNETOM Prisma Fit",
    "MatrixCoilMode": "GRAPPA",
    "Modality": "MR",
    "NonlinearGradientCorrection": true,
    "NumberOfVolumes": 1,
    "ParallelReductionFactorInPlane": 3,
    "PartialFourier": 1,
    "PatientPosition": "HFS",
    "PercentPhaseFOV": 100,
    "PercentSampling": 100,
    "PhaseEncodingDirection": "i",
    "PhaseEncodingSteps": 320,
    "PhaseResolution": 1,
    "PixelBandwidth": 710,
    "ProcedureStepDescription": "RESEARCH Oscar",
    "ProtocolName": "anat-T2w__space",
    "PulseSequenceDetails": "%SiemensSeq%\\space",
    "ReceiveCoilActiveElements": "HC1-7;NC1,2",
    "ReceiveCoilName": "HeadNeck_64",
    "ReconMatrixPE": 320,
    "RefLinesPE": 24,
    "RepetitionTime": 3.2,
    "SAR": 0.120015,
    "ScanOptions": "PFP\\PER",
    "ScanningSequence": "SE",
    "SequenceName": "*spcR_282ns",
    "SequenceVariant": "SP\\SK",
    "SeriesDescription": "anat-T2w__space",
    "SeriesNumber": 28,
    "ShimSetting": [
      8228,
      -5666,
      -6274,
      307,
      -57,
      -153,
      48,
      21
    ],
    "SliceThickness": 0.8,
    "SoftwareVersions": "syngo MR XA30",
    "StationName": "LRG10884",
    "TxRefAmp": 245.678,
    "acquisition": "undistorted",
    "dataset": "HCPh",
    "datatype": "anat",
    "extension": ".nii.gz",
    "modality": "T2w",
    "session": "20502060",
    "subject": "001",
    "suffix": "T2w"
  },
  "cjv": 1.4953387096774193,
  "cnr": 0.6372514808734279,
  "efc": 0.5053,
  "fber": -1.0,
  "fwhm_avg": 2.5944582946728922,
  "fwhm_x": 2.4822874630110343,
  "fwhm_y": 2.834899957756699,
  "fwhm_z": 2.466187463250943,
  "icvs_csf": 0.2764764779915727,
  "icvs_gm": 0.34384936419213885,
  "icvs_wm": 0.37967415781628844,
  "inu_med": 1.0279480814933777,
  "inu_range": 0.38268437385559073,
  "provenance": {
    "md5sum": "d1f72be89ab01bcb1cc9bb82d9b5ca9d",
    "settings": {
      "testing": false
    },
    "software": "mriqc",
    "version": "24.1.0.dev15+g9586c867.d20240825",
    "warnings": {
      "large_rot_frame": true,
      "small_air_mask": false
    }
  },
  "qi_1": 0.0,
  "qi_2": 0.002315367343858798,
  "rpve_csf": 8.18761363167304,
  "rpve_gm": 8.03353171575331,
  "rpve_wm": 8.067923165020442,
  "size_x": 240,
  "size_y": 320,
  "size_z": 320,
  "snr_csf": 1.4145995968540017,
  "snr_gm": 4.469565043268227,
  "snr_total": 4.141098492661819,
  "snr_wm": 6.5391308378632305,
  "snrd_csf": 34.87636960988467,
  "snrd_gm": 29.84547028994029,
  "snrd_total": 29.88323980435429,
  "snrd_wm": 24.927879513237908,
  "spacing_x": 0.800000011920929,
  "spacing_y": 0.800000011920929,
  "spacing_z": 0.800000011920929,
  "summary_bg_k": 844.5577,
  "summary_bg_mad": 0.0,
  "summary_bg_mean": 3.5258,
  "summary_bg_median": 0.0,
  "summary_bg_n": 6815528.0,
  "summary_bg_p05": 0.0,
  "summary_bg_p95": 18.0,
  "summary_bg_stdv": 28.9094,
  "summary_csf_k": -1.4084,
  "summary_csf_mad": 1759.0861,
  "summary_csf_mean": 1603.6056,
  "summary_csf_median": 1539.0,
  "summary_csf_n": 819507.7997388961,
  "summary_csf_p05": 13.0,
  "summary_csf_p95": 3429.0,
  "summary_csf_stdv": 1087.9397,
  "summary_gm_k": 38.0222,
  "summary_gm_mad": 194.4606,
  "summary_gm_mean": 1315.5545,
  "summary_gm_median": 1317.0,
  "summary_gm_n": 1019208.71510562,
  "summary_gm_p05": 879.0,
  "summary_gm_p95": 1790.0,
  "summary_gm_stdv": 294.6594,
  "summary_wm_k": 117.4483,
  "summary_wm_mad": 130.0279,
  "summary_wm_mean": 1112.3016,
  "summary_wm_median": 1100.0,
  "summary_wm_n": 1125397.4875187355,
  "summary_wm_p05": 881.0,
  "summary_wm_p95": 1374.0,
  "summary_wm_stdv": 168.218,
  "tpm_overlap_csf": 0.20923504690566475,
  "tpm_overlap_gm": 0.5039432697113938,
  "tpm_overlap_wm": 0.5210695631308833,
  "wm2max": 0.29119758741311225
}
