{
  "bids_meta": {
    "AcquisitionMatrixPE": 320,
    "AcquisitionNumber": 1,
    "AcquisitionTime": "14:55:46.972500",
    "BaseResolution": 320,
    "BodyPartExamined": "BRAIN",
    "CoilCombinationMethod": "Adaptive Combine",
    "CoilString": "HeadNeck_64_CS",
    "ConversionSoftware": "dcm2niix",
    "ConversionSoftwareVersion": "v1.0.20220720",
    "DeviceSerialNumber": "176240",
    "DwellTime": 2.2e-6,
    "EchoTime": 0.413,
    "EchoTrainLength": 248,
    "FileSize": 0.01569085754454136,
    "FileSizeUnits": "GB",
    "FlipAngle": 120,
    "HeudiconvVersion": "1.1.6.post8+ga0a3635",
    "ImageOrientationPatientDICOM": [
      -0.0158547,
      0.991377,
      0.130077,
      0.0380642,
      0.130597,
      -0.990705
    ],
    "ImageType": [
      "ORIGINAL",
      "PRIMARY",
      "M",
      "NORM",
      "DIS3D",
      "MFSPLIT"
    ],
    "ImageTypeText": [
      "ORIGINAL",
      "PRIMARY",
      "M",
      "NONE"
    ],
    "ImagingFrequency": 123.261,
    "InPlanePhaseEncodingDirectionDICOM": "ROW",
    "InstitutionAddress": "Rue de Bugnon 46,Lausanne,,CH,1011",
    "InstitutionName": "Radiologie-CHUV",
    "MRAcquisitionType": "3D",
    "MagneticFieldStrength": 3,
    "Manufacturer": "Siemens",
    "ManufacturersModelName": "MAGNETOM Vida",
    "MatrixCoilMode": "GRAPPA",
    "Modality": "MR",
    "NonlinearGradientCorrection": true,
    "NumberOfVolumes": 1,
    "ParallelReductionFactorInPlane": 3,
    "PartialFourier": 1,
    "PatientPosition": "HFS",
    "PercentPhaseFOV": 100,
    "PercentSampling": 100,
    "PhaseEncodingDirection": "i",
    "PhaseEncodingSteps": 320,
    "PhaseResolution": 1,
    "PixelBandwidth": 710,
    "ProcedureStepDescription": "RESEARCH Oscar",
    "ProtocolName": "anat-T2w__space",
    "PulseSequenceDetails": "%SiemensSeq%\\space",
    "ReceiveCoilActiveElements": "HC1-7;NC1,2",
    "ReceiveCoilName": "HeadNeck_64_CS",
    "ReconMatrixPE": 320,
    "RefLinesPE": 24,
    "RepetitionTime": 3.2,
    "SAR": 0.150392,
    "ScanOptions": "PFP\\PER",
    "ScanningSequence": "SE",
    "SequenceName": "*spcR_282ns",
    "SequenceVariant": "SP\\SK",
    "SeriesDescription": "anat-T2w__space",
    "SeriesNumber": 24,
    "ShimSetting": [
      -8778,
      8428,
      9145,
      105,
      -256,
      11,
      89,
      62
    ],
    "SliceThickness": 0.8,
    "SoftwareVersions": "syngo MR XA50",
    "StationName": "LRG08892",
    "TxRefAmp": 321.119,
    "acquisition": "undistorted",
    "dataset": "HCPh",
    "datatype": "anat",
    "extension": ".nii.gz",
    "modality": "T2w",
    "session": "pilot20102034",
    "subject": "001",
    "suffix": "T2w"
  },
  "cjv": 1.905749019607843,
  "cnr": 0.5441922156105806,
  "efc": 0.455,
  "fber": -1.0,
  "fwhm_avg": 2.6399582939948893,
  "fwhm_x": 2.508049962627143,
  "fwhm_y": 2.879012457099371,
  "fwhm_z": 2.5328124622581534,
  "icvs_csf": 0.2775340614007214,
  "icvs_gm": 0.3384194807763298,
  "icvs_wm": 0.3840464578229489,
  "inu_med": 1.0211792588233948,
  "inu_range": 0.31279284358024606,
  "provenance": {
    "md5sum": "76d8243f5b8e504b2c80881d6b8fbbf6",
    "settings": {
      "testing": false
    },
    "software": "mriqc",
    "version": "24.1.0.dev15+g9586c867.d20240825",
    "warnings": {
      "large_rot_frame": true,
      "small_air_mask": false
    }
  },
  "qi_1": 0.0,
  "qi_2": 0.0015054591858521846,
  "rpve_csf": 8.247010585530905,
  "rpve_gm": 8.085889040659755,
  "rpve_wm": 8.12138789559559,
  "size_x": 240,
  "size_y": 320,
  "size_z": 320,
  "snr_csf": 1.4138690302075612,
  "snr_gm": 4.132367852181309,
  "snr_total": 4.017826886466004,
  "snr_wm": 6.507243777009143,
  "snrd_csf": 28.373224317859375,
  "snrd_gm": 22.874014372780806,
  "snrd_total": 23.56000988740206,
  "snrd_wm": 19.432790971565993,
  "spacing_x": 0.800000011920929,
  "spacing_y": 0.800000011920929,
  "spacing_z": 0.800000011920929,
  "summary_bg_k": 462.6963,
  "summary_bg_mad": 0.0,
  "summary_bg_mean": 4.5672,
  "summary_bg_median": 0.0,
  "summary_bg_n": 8710986.0,
  "summary_bg_p05": 0.0,
  "summary_bg_p95": 18.0,
  "summary_bg_stdv": 38.8373,
  "summary_csf_k": -1.3935,
  "summary_csf_mad": 1921.9403,
  "summary_csf_mean": 1760.3583,
  "summary_csf_median": 1682.0,
  "summary_csf_n": 816935.387124517,
  "summary_csf_p05": 14.0,
  "summary_csf_p95": 3761.0,
  "summary_csf_stdv": 1189.6427,
  "summary_gm_k": 27.0833,
  "summary_gm_mad": 249.1693,
  "summary_gm_mean": 1356.2684,
  "summary_gm_median": 1356.0,
  "summary_gm_n": 996154.6634786155,
  "summary_gm_p05": 873.0,
  "summary_gm_p95": 1888.0,
  "summary_gm_stdv": 328.141,
  "summary_wm_k": 102.7918,
  "summary_wm_mad": 139.6035,
  "summary_wm_mean": 1163.4185,
  "summary_wm_median": 1152.0,
  "summary_wm_n": 1130459.9518773688,
  "summary_wm_p05": 914.0,
  "summary_wm_p95": 1438.0,
  "summary_wm_stdv": 177.0334,
  "tpm_overlap_csf": 0.20715496708067824,
  "tpm_overlap_gm": 0.4925364786295059,
  "tpm_overlap_wm": 0.5139672092732219,
  "wm2max": 0.2877312363516166
}
