{
  "bids_meta": {
    "AcquisitionMatrixPE": 216,
    "AcquisitionNumber": 1,
    "AcquisitionTime": "13:42:10.902500",
    "BaseResolution": 256,
    "BodyPartExamined": "BRAIN",
    "CoilCombinationMethod": "Adaptive Combine",
    "CoilString": "HeadNeck_64_CS",
    "ConversionSoftware": "dcm2niix",
    "ConversionSoftwareVersion": "v1.0.20220720",
    "DeviceSerialNumber": "176240",
    "DwellTime": 7.5e-06,
    "EchoTime": 0.00246,
    "FileSize": 0.00949999038130045,
    "FileSizeUnits": "GB",
    "FlipAngle": 8,
    "HeudiconvVersion": "1.1.6.post8+ga0a3635",
    "ImageOrientationPatientDICOM": [
      0.999149,
      0.0107771,
      0.0398103,
      -0.00906824,
      0.99904,
      -0.0428595
    ],
    "ImageType": [
      "ORIGINAL",
      "PRIMARY",
      "M",
      "NORM",
      "DIS2D",
      "FM3",
      "2",
      "FIL",
      "MFSPLIT"
    ],
    "ImageTypeText": [
      "ORIGINAL",
      "PRIMARY",
      "M",
      "NONE"
    ],
    "ImagingFrequency": 123.261,
    "InPlanePhaseEncodingDirectionDICOM": "ROW",
    "InstitutionAddress": "Rue de Bugnon 46,Lausanne,,CH,1011",
    "InstitutionName": "Radiologie-CHUV",
    "InversionTime": 0.9,
    "MRAcquisitionType": "3D",
    "MagneticFieldStrength": 3,
    "Manufacturer": "Siemens",
    "ManufacturersModelName": "MAGNETOM Vida",
    "MatrixCoilMode": "GRAPPA",
    "Modality": "MR",
    "NonlinearGradientCorrection": true,
    "NumberOfVolumes": 1,
    "ParallelReductionFactorInPlane": 2,
    "PartialFourier": 1,
    "PatientPosition": "HFS",
    "PercentPhaseFOV": 84.375,
    "PercentSampling": 100,
    "PhaseEncodingSteps": 216,
    "PhaseResolution": 1,
    "PixelBandwidth": 260,
    "ProcedureStepDescription": "RESEARCH Oscar",
    "ProtocolName": "anat-T1w__t1_mprage_tra_p2_iso_siemens_axial",
    "PulseSequenceDetails": "%SiemensSeq%\\tfl",
    "ReceiveCoilActiveElements": "HC1-7;NC1",
    "ReceiveCoilName": "HeadNeck_64_CS",
    "ReconMatrixPE": 216,
    "RefLinesPE": 24,
    "RepetitionTime": 2.2,
    "SAR": 0.0487709,
    "ScanOptions": "PER",
    "ScanningSequence": "GR",
    "SequenceName": "*tfl3d1_240",
    "SequenceVariant": "SK",
    "SeriesDescription": "anat-T1w__t1_mprage_tra_p2_iso_siemens_axial",
    "SeriesNumber": 5,
    "ShimSetting": [
      -8778,
      8428,
      9145,
      105,
      -256,
      11,
      89,
      62
    ],
    "SliceThickness": 0.9,
    "SoftwareVersions": "syngo MR XA50",
    "StationName": "LRG08892",
    "TxRefAmp": 321.119,
    "acquisition": "undistorted",
    "dataset": "HCPh",
    "datatype": "anat",
    "extension": ".nii.gz",
    "modality": "T1w",
    "session": "pilot20102034",
    "subject": "001",
    "suffix": "T1w"
  },
  "cjv": 0.6092690082644627,
  "cnr": 1.5672628855401993,
  "efc": 0.523,
  "fber": -1.0,
  "fwhm_avg": 4.6595705209615685,
  "fwhm_x": 4.3112046683908645,
  "fwhm_y": 5.183084553474995,
  "fwhm_z": 4.4844223410188455,
  "icvs_csf": 0.2725857983903714,
  "icvs_gm": 0.376637345840203,
  "icvs_wm": 0.3507768557694255,
  "inu_med": 0.4927932471036911,
  "inu_range": 0.20521694421768177,
  "provenance": {
    "md5sum": "8aa5f7bdbd3773ddee83b48269c234f5",
    "settings": {
      "testing": false
    },
    "software": "mriqc",
    "version": "24.0.1",
    "warnings": {
      "large_rot_frame": true,
      "small_air_mask": false
    }
  },
  "qi_1": 0.0,
  "qi_2": 0.0013255252324011202,
  "rpve_csf": 5.358721457437257,
  "rpve_gm": 5.253639510298733,
  "rpve_wm": 5.331179705921505,
  "size_x": 216,
  "size_y": 256,
  "size_z": 208,
  "snr_csf": 1.660799400599192,
  "snr_gm": 5.751446733473997,
  "snr_total": 6.036865930244115,
  "snr_wm": 10.698351656659156,
  "snrd_csf": 11.01596322540308,
  "snrd_gm": 22.156049980106474,
  "snrd_total": 20.94584556942839,
  "snrd_wm": 29.665523502775617,
  "spacing_x": 0.8984379768371582,
  "spacing_y": 0.8984379768371582,
  "spacing_z": 0.8999999761581421,
  "summary_bg_k": 1193.5115,
  "summary_bg_mad": 0.0,
  "summary_bg_mean": 2.7189,
  "summary_bg_median": 0.0,
  "summary_bg_n": 3669420.0,
  "summary_bg_p05": 0.0,
  "summary_bg_p95": 11.0,
  "summary_bg_stdv": 21.1124,
  "summary_csf_k": 0.3162,
  "summary_csf_mad": 173.746,
  "summary_csf_mean": 370.1482,
  "summary_csf_median": 355.0,
  "summary_csf_n": 575769.3533421572,
  "summary_csf_p05": 38.0,
  "summary_csf_p95": 729.0,
  "summary_csf_stdv": 213.7523,
  "summary_gm_k": -0.4631,
  "summary_gm_mad": 82.2087,
  "summary_gm_mean": 718.2537,
  "summary_gm_median": 714.0,
  "summary_gm_n": 795552.2347072507,
  "summary_gm_p05": 515.0,
  "summary_gm_p95": 953.0,
  "summary_gm_stdv": 124.1426,
  "summary_wm_k": 0.0531,
  "summary_wm_mad": 65.2344,
  "summary_wm_mean": 932.8267,
  "summary_wm_median": 956.0,
  "summary_wm_n": 740928.4144895914,
  "summary_wm_p05": 756.0,
  "summary_wm_p95": 1043.0,
  "summary_wm_stdv": 89.3595,
  "tpm_overlap_csf": 0.1977834375744181,
  "tpm_overlap_gm": 0.545640166713162,
  "tpm_overlap_wm": 0.5580942577100371,
  "wm2max": 0.5019481305190868
}