{
  "bids_meta": {
    "AcquisitionMatrixPE": 320,
    "AcquisitionNumber": 1,
    "AcquisitionTime": "14:55:46.972500",
    "BaseResolution": 320,
    "BodyPartExamined": "BRAIN",
    "CoilCombinationMethod": "Adaptive Combine",
    "CoilString": "HeadNeck_64_CS",
    "ConversionSoftware": "dcm2niix",
    "ConversionSoftwareVersion": "v1.0.20220720",
    "DeviceSerialNumber": "176240",
    "DwellTime": 2.2e-6,
    "EchoTime": 0.413,
    "EchoTrainLength": 248,
    "FileSize": 0.01676097046583891,
    "FileSizeUnits": "GB",
    "FlipAngle": 120,
    "HeudiconvVersion": "1.1.6.post8+ga0a3635",
    "ImageOrientationPatientDICOM": [
      -0.0158547,
      0.991377,
      0.130077,
      0.0380642,
      0.130597,
      -0.990705
    ],
    "ImageType": [
      "ORIGINAL",
      "PRIMARY",
      "M",
      "ND",
      "NORM",
      "MFSPLIT"
    ],
    "ImageTypeText": [
      "ORIGINAL",
      "PRIMARY",
      "M",
      "NONE"
    ],
    "ImagingFrequency": 123.261,
    "InPlanePhaseEncodingDirectionDICOM": "ROW",
    "InstitutionAddress": "Rue de Bugnon 46,Lausanne,,CH,1011",
    "InstitutionName": "Radiologie-CHUV",
    "MRAcquisitionType": "3D",
    "MagneticFieldStrength": 3,
    "Manufacturer": "Siemens",
    "ManufacturersModelName": "MAGNETOM Vida",
    "MatrixCoilMode": "GRAPPA",
    "Modality": "MR",
    "NonlinearGradientCorrection": false,
    "NumberOfVolumes": 1,
    "ParallelReductionFactorInPlane": 3,
    "PartialFourier": 1,
    "PatientPosition": "HFS",
    "PercentPhaseFOV": 100,
    "PercentSampling": 100,
    "PhaseEncodingDirection": "i",
    "PhaseEncodingSteps": 320,
    "PhaseResolution": 1,
    "PixelBandwidth": 710,
    "ProcedureStepDescription": "RESEARCH Oscar",
    "ProtocolName": "anat-T2w__space",
    "PulseSequenceDetails": "%SiemensSeq%\\space",
    "ReceiveCoilActiveElements": "HC1-7;NC1,2",
    "ReceiveCoilName": "HeadNeck_64_CS",
    "ReconMatrixPE": 320,
    "RefLinesPE": 24,
    "RepetitionTime": 3.2,
    "SAR": 0.150392,
    "ScanOptions": "PFP\\PER",
    "ScanningSequence": "SE",
    "SequenceName": "*spcR_282ns",
    "SequenceVariant": "SP\\SK",
    "SeriesDescription": "anat-T2w__space_ND",
    "SeriesNumber": 23,
    "ShimSetting": [
      -8778,
      8428,
      9145,
      105,
      -256,
      11,
      89,
      62
    ],
    "SliceThickness": 0.8,
    "SoftwareVersions": "syngo MR XA50",
    "StationName": "LRG08892",
    "TxRefAmp": 321.119,
    "acquisition": "original",
    "dataset": "HCPh",
    "datatype": "anat",
    "extension": ".nii.gz",
    "modality": "T2w",
    "session": "pilot20102034",
    "subject": "001",
    "suffix": "T2w"
  },
  "cjv": 1.8396659574468086,
  "cnr": 0.5521389600781492,
  "efc": 0.4534,
  "fber": -1.0,
  "fwhm_avg": 2.6251374608824034,
  "fwhm_x": 2.4774249630834912,
  "fwhm_y": 2.8868374569827697,
  "fwhm_z": 2.5111499625809492,
  "icvs_csf": 0.2761138084833773,
  "icvs_gm": 0.3431827220793335,
  "icvs_wm": 0.3807034694372892,
  "inu_med": 0.9865709543228149,
  "inu_range": 0.3073632597923279,
  "provenance": {
    "md5sum": "ac57be5727c42b34d4902d177aa429cc",
    "settings": {
      "testing": false
    },
    "software": "mriqc",
    "version": "24.1.0.dev15+g9586c867.d20240825",
    "warnings": {
      "large_rot_frame": true,
      "small_air_mask": false
    }
  },
  "qi_1": 0.0,
  "qi_2": 0.0029846427983012394,
  "rpve_csf": 8.12287179058698,
  "rpve_gm": 7.953482310928661,
  "rpve_wm": 7.9852331901903355,
  "size_x": 240,
  "size_y": 320,
  "size_z": 320,
  "snr_csf": 1.4625103786980347,
  "snr_gm": 4.606208168383308,
  "snr_total": 4.206117670702192,
  "snr_wm": 6.5496344650252345,
  "snrd_csf": 29.541388821347642,
  "snrd_gm": 24.55650938760841,
  "snrd_total": 25.065420818113154,
  "snrd_wm": 21.098364245383404,
  "spacing_x": 0.800000011920929,
  "spacing_y": 0.800000011920929,
  "spacing_z": 0.800000011920929,
  "summary_bg_k": 493.5484,
  "summary_bg_mad": 0.0,
  "summary_bg_mean": 4.8772,
  "summary_bg_median": 0.0,
  "summary_bg_n": 8600513.0,
  "summary_bg_p05": 0.0,
  "summary_bg_p95": 18.0,
  "summary_bg_stdv": 35.6161,
  "summary_csf_k": -1.3849,
  "summary_csf_mad": 1769.8597,
  "summary_csf_mean": 1681.9522,
  "summary_csf_median": 1606.0,
  "summary_csf_n": 825252.8168689078,
  "summary_csf_p05": 96.0,
  "summary_csf_p95": 3541.0,
  "summary_csf_stdv": 1098.1112,
  "summary_gm_k": 41.0596,
  "summary_gm_mad": 208.6151,
  "summary_gm_mean": 1333.2764,
  "summary_gm_median": 1335.0,
  "summary_gm_n": 1025709.3249059997,
  "summary_gm_p05": 903.0,
  "summary_gm_p95": 1798.0,
  "summary_gm_stdv": 289.8261,
  "summary_wm_k": 105.2754,
  "summary_wm_mad": 137.2421,
  "summary_wm_mean": 1156.3538,
  "summary_wm_median": 1147.0,
  "summary_wm_n": 1137851.8599652115,
  "summary_wm_p05": 910.0,
  "summary_wm_p95": 1424.0,
  "summary_wm_stdv": 175.1242,
  "tpm_overlap_csf": 0.20723746617879374,
  "tpm_overlap_gm": 0.5032550496047551,
  "tpm_overlap_wm": 0.5182092780970685,
  "wm2max": 0.2979604261755686
}
