{
  "bids_meta": {
    "AcquisitionMatrixPE": 320,
    "AcquisitionNumber": 1,
    "AcquisitionTime": "19:02:6.897500",
    "BaseResolution": 320,
    "BodyPartExamined": "BRAIN",
    "CoilCombinationMethod": "Adaptive Combine",
    "CoilString": "HeadNeck_64_CS",
    "ConversionSoftware": "dcm2niix",
    "ConversionSoftwareVersion": "v1.0.20220720",
    "DeviceSerialNumber": "202009",
    "DwellTime": 2.2e-6,
    "EchoTime": 0.414,
    "EchoTrainLength": 250,
    "FileSize": 0.014256403781473637,
    "FileSizeUnits": "GB",
    "FlipAngle": 120,
    "HeudiconvVersion": "1.1.6.post8+ga0a3635",
    "ImageOrientationPatientDICOM": [
      0.00646419,
      0.991674,
      0.128614,
      0.0122061,
      0.128529,
      -0.991631
    ],
    "ImageType": [
      "ORIGINAL",
      "PRIMARY",
      "M",
      "NORM",
      "DIS3D",
      "MFSPLIT"
    ],
    "ImageTypeText": [
      "ORIGINAL",
      "PRIMARY",
      "M",
      "NONE"
    ],
    "ImagingFrequency": 123.198,
    "InPlanePhaseEncodingDirectionDICOM": "ROW",
    "InstitutionAddress": "Rue du Bugnon 46,Lausanne,,CH,1011",
    "InstitutionName": "CHUV Lausanne",
    "MRAcquisitionType": "3D",
    "MagneticFieldStrength": 3,
    "Manufacturer": "Siemens",
    "ManufacturersModelName": "MAGNETOM Vida Fit",
    "MatrixCoilMode": "GRAPPA",
    "Modality": "MR",
    "NonlinearGradientCorrection": true,
    "NumberOfVolumes": 1,
    "ParallelReductionFactorInPlane": 3,
    "PartialFourier": 1,
    "PatientPosition": "HFS",
    "PercentPhaseFOV": 100,
    "PercentSampling": 100,
    "PhaseEncodingDirection": "i",
    "PhaseEncodingSteps": 320,
    "PhaseResolution": 1,
    "PixelBandwidth": 710,
    "ProcedureStepDescription": "RESEARCH Oscar",
    "ProtocolName": "anat-T2w__space",
    "PulseSequenceDetails": "%SiemensSeq%\\space",
    "ReceiveCoilActiveElements": "HC1-7;NC1,2",
    "ReceiveCoilName": "HeadNeck_64_CS",
    "ReconMatrixPE": 320,
    "RefLinesPE": 24,
    "RepetitionTime": 3.2,
    "SAR": 0.13625,
    "ScanOptions": "PFP\\PER",
    "ScanningSequence": "SE",
    "SequenceName": "*spcR_282ns",
    "SequenceVariant": "SP\\SK",
    "SeriesDescription": "anat-T2w__space",
    "SeriesNumber": 6,
    "ShimSetting": [
      232,
      -1112,
      2213,
      61,
      390,
      -73,
      60,
      -60
    ],
    "SliceThickness": 0.8,
    "SoftwareVersions": "syngo MR XA50",
    "StationName": "AWP202009",
    "TxRefAmp": 309.256,
    "acquisition": "undistorted",
    "dataset": "HCPh",
    "datatype": "anat",
    "extension": ".nii.gz",
    "modality": "T2w",
    "session": "21301030",
    "subject": "001",
    "suffix": "T2w"
  },
  "cjv": 1.5602858407079645,
  "cnr": 0.6208673109389823,
  "efc": 0.4513,
  "fber": -1.0,
  "fwhm_avg": 2.7093401966803365,
  "fwhm_x": 2.616649961008877,
  "fwhm_y": 2.9316673319593756,
  "fwhm_z": 2.5797032970727556,
  "icvs_csf": 0.2762381192264934,
  "icvs_gm": 0.34272508544089375,
  "icvs_wm": 0.3810367953326128,
  "inu_med": 1.0330705642700195,
  "inu_range": 0.37443432211875916,
  "provenance": {
    "md5sum": "b7dcf738729f4bfce14e47c2a7b89e4f",
    "settings": {
      "testing": false
    },
    "software": "mriqc",
    "version": "24.1.0.dev15+g9586c867.d20240825",
    "warnings": {
      "large_rot_frame": true,
      "small_air_mask": false
    }
  },
  "qi_1": 0.0,
  "qi_2": 0.0019064595306478914,
  "rpve_csf": 8.96785823243821,
  "rpve_gm": 8.814838742810235,
  "rpve_wm": 8.852086985250967,
  "size_x": 240,
  "size_y": 320,
  "size_z": 320,
  "snr_csf": 1.4086880991084358,
  "snr_gm": 4.234166995925084,
  "snr_total": 4.063019187929918,
  "snr_wm": 6.546202468756233,
  "snrd_csf": 38.177833786175796,
  "snrd_gm": 32.28413069543491,
  "snrd_total": 32.451158718249424,
  "snrd_wm": 26.891511673137575,
  "spacing_x": 0.800000011920929,
  "spacing_y": 0.8343750238418579,
  "spacing_z": 0.8343750238418579,
  "summary_bg_k": 796.3891,
  "summary_bg_mad": 0.0,
  "summary_bg_mean": 2.0477,
  "summary_bg_median": 0.0,
  "summary_bg_n": 7732272.0,
  "summary_bg_p05": 0.0,
  "summary_bg_p95": 0.0,
  "summary_bg_stdv": 27.4562,
  "summary_csf_k": -1.3804,
  "summary_csf_mad": 1822.2275,
  "summary_csf_mean": 1674.1627,
  "summary_csf_median": 1600.0,
  "summary_csf_n": 748177.4108479656,
  "summary_csf_p05": 14.0,
  "summary_csf_p95": 3605.0,
  "summary_csf_stdv": 1135.8078,
  "summary_gm_k": 31.9782,
  "summary_gm_mad": 216.4701,
  "summary_gm_mean": 1351.3187,
  "summary_gm_median": 1353.0,
  "summary_gm_n": 928254.1011205346,
  "summary_gm_p05": 877.0,
  "summary_gm_p95": 1871.0,
  "summary_gm_stdv": 319.5432,
  "summary_wm_k": 96.2311,
  "summary_wm_mad": 136.1545,
  "summary_wm_mean": 1139.2586,
  "summary_wm_median": 1127.0,
  "summary_wm_n": 1032019.4901704165,
  "summary_wm_p05": 898.0,
  "summary_wm_p95": 1412.0,
  "summary_wm_stdv": 172.1608,
  "tpm_overlap_csf": 0.21081343080980353,
  "tpm_overlap_gm": 0.5005740474080144,
  "tpm_overlap_wm": 0.5208996346486862,
  "wm2max": 0.2837750205020024
}
