{
  "bids_meta": {
    "AcquisitionMatrixPE": 320,
    "AcquisitionNumber": 1,
    "AcquisitionTime": "19:02:6.897500",
    "BaseResolution": 320,
    "BodyPartExamined": "BRAIN",
    "CoilCombinationMethod": "Adaptive Combine",
    "CoilString": "HeadNeck_64_CS",
    "ConversionSoftware": "dcm2niix",
    "ConversionSoftwareVersion": "v1.0.20220720",
    "DeviceSerialNumber": "202009",
    "DwellTime": 2.2e-6,
    "EchoTime": 0.414,
    "EchoTrainLength": 250,
    "FileSize": 0.015192939899861813,
    "FileSizeUnits": "GB",
    "FlipAngle": 120,
    "HeudiconvVersion": "1.1.6.post8+ga0a3635",
    "ImageOrientationPatientDICOM": [
      0.00646419,
      0.991674,
      0.128614,
      0.0122061,
      0.128529,
      -0.991631
    ],
    "ImageType": [
      "ORIGINAL",
      "PRIMARY",
      "M",
      "ND",
      "NORM",
      "MFSPLIT"
    ],
    "ImageTypeText": [
      "ORIGINAL",
      "PRIMARY",
      "M",
      "NONE"
    ],
    "ImagingFrequency": 123.198,
    "InPlanePhaseEncodingDirectionDICOM": "ROW",
    "InstitutionAddress": "Rue du Bugnon 46,Lausanne,,CH,1011",
    "InstitutionName": "CHUV Lausanne",
    "MRAcquisitionType": "3D",
    "MagneticFieldStrength": 3,
    "Manufacturer": "Siemens",
    "ManufacturersModelName": "MAGNETOM Vida Fit",
    "MatrixCoilMode": "GRAPPA",
    "Modality": "MR",
    "NonlinearGradientCorrection": false,
    "NumberOfVolumes": 1,
    "ParallelReductionFactorInPlane": 3,
    "PartialFourier": 1,
    "PatientPosition": "HFS",
    "PercentPhaseFOV": 100,
    "PercentSampling": 100,
    "PhaseEncodingDirection": "i",
    "PhaseEncodingSteps": 320,
    "PhaseResolution": 1,
    "PixelBandwidth": 710,
    "ProcedureStepDescription": "RESEARCH Oscar",
    "ProtocolName": "anat-T2w__space",
    "PulseSequenceDetails": "%SiemensSeq%\\space",
    "ReceiveCoilActiveElements": "HC1-7;NC1,2",
    "ReceiveCoilName": "HeadNeck_64_CS",
    "ReconMatrixPE": 320,
    "RefLinesPE": 24,
    "RepetitionTime": 3.2,
    "SAR": 0.13625,
    "ScanOptions": "PFP\\PER",
    "ScanningSequence": "SE",
    "SequenceName": "*spcR_282ns",
    "SequenceVariant": "SP\\SK",
    "SeriesDescription": "anat-T2w__space_ND",
    "SeriesNumber": 5,
    "ShimSetting": [
      232,
      -1112,
      2213,
      61,
      390,
      -73,
      60,
      -60
    ],
    "SliceThickness": 0.8,
    "SoftwareVersions": "syngo MR XA50",
    "StationName": "AWP202009",
    "TxRefAmp": 309.256,
    "acquisition": "original",
    "dataset": "HCPh",
    "datatype": "anat",
    "extension": ".nii.gz",
    "modality": "T2w",
    "session": "21301030",
    "subject": "001",
    "suffix": "T2w"
  },
  "cjv": 1.5199842105263157,
  "cnr": 0.6359088430543726,
  "efc": 0.4458,
  "fber": -1.0,
  "fwhm_avg": 2.6912329717265178,
  "fwhm_x": 2.5885874614270414,
  "fwhm_y": 2.923505534439786,
  "fwhm_z": 2.561605919312726,
  "icvs_csf": 0.27462890401283063,
  "icvs_gm": 0.3475545445476358,
  "icvs_wm": 0.3778165514395336,
  "inu_med": 0.9884912967681885,
  "inu_range": 0.327329996228218,
  "provenance": {
    "md5sum": "4643381814cdf046477b030d962eced6",
    "settings": {
      "testing": false
    },
    "software": "mriqc",
    "version": "24.1.0.dev15+g9586c867.d20240825",
    "warnings": {
      "large_rot_frame": true,
      "small_air_mask": false
    }
  },
  "qi_1": 0.0,
  "qi_2": 0.0020904178162806366,
  "rpve_csf": 8.90595359040054,
  "rpve_gm": 8.746270730879713,
  "rpve_wm": 8.779581923799833,
  "size_x": 240,
  "size_y": 320,
  "size_z": 320,
  "snr_csf": 1.45768003548071,
  "snr_gm": 4.736560886618233,
  "snr_total": 4.274662770769009,
  "snr_wm": 6.629747390208084,
  "snrd_csf": 41.53021304909132,
  "snrd_gm": 36.05429722930252,
  "snrd_total": 35.99104407626866,
  "snrd_wm": 30.388621950412123,
  "spacing_x": 0.800000011920929,
  "spacing_y": 0.8343750238418579,
  "spacing_z": 0.8343750238418579,
  "summary_bg_k": 760.2397,
  "summary_bg_mad": 0.0,
  "summary_bg_mean": 2.1233,
  "summary_bg_median": 0.0,
  "summary_bg_n": 7707258.0,
  "summary_bg_p05": 0.0,
  "summary_bg_p95": 14.0,
  "summary_bg_stdv": 24.1672,
  "summary_csf_k": -1.3278,
  "summary_csf_mad": 1662.8809,
  "summary_csf_mean": 1598.3887,
  "summary_csf_median": 1532.0,
  "summary_csf_n": 749131.0770711917,
  "summary_csf_p05": 90.0,
  "summary_csf_p95": 3416.0,
  "summary_csf_stdv": 1050.9844,
  "summary_gm_k": 43.3719,
  "summary_gm_mad": 184.3684,
  "summary_gm_mean": 1328.657,
  "summary_gm_median": 1330.0,
  "summary_gm_n": 948057.2018952299,
  "summary_gm_p05": 908.0,
  "summary_gm_p95": 1780.0,
  "summary_gm_stdv": 280.7943,
  "summary_wm_k": 97.4391,
  "summary_wm_mad": 133.3083,
  "summary_wm_mean": 1132.0224,
  "summary_wm_median": 1121.0,
  "summary_wm_n": 1030605.7227756252,
  "summary_wm_p05": 895.0,
  "summary_wm_p95": 1397.0,
  "summary_wm_stdv": 169.0863,
  "tpm_overlap_csf": 0.21064409211051802,
  "tpm_overlap_gm": 0.5101860564877727,
  "tpm_overlap_wm": 0.5225271756821985,
  "wm2max": 0.2898488136352909
}
