{
  "NumberOfShells": 4,
  "bValues": [
    0.0,
    700.0,
    1000.0,
    2000.0,
    3000.0
  ],
  "bValuesEstimation": [
    700.0,
    1000.0,
    2000.0,
    3000.0
  ],
  "bdiffs_max": 0.4072,
  "bdiffs_mean": 0.1802,
  "bdiffs_median": 0.1757,
  "bdiffs_min": 0.0082,
  "bids_meta": {
    "AcquisitionMatrixPE": 148,
    "AcquisitionNumber": 1,
    "AcquisitionTime": "21:54:37.422500",
    "BandwidthPerPixelPhaseEncode": 14.077,
    "BaseResolution": 146,
    "BodyPartExamined": "BRAIN",
    "CoilCombinationMethod": "Adaptive Combine",
    "CoilString": "HeadNeck_64_CS",
    "ConversionSoftware": "dcm2niix",
    "ConversionSoftwareVersion": "v1.0.20220720",
    "Deltas": [
      0.0233,
      0.0475
    ],
    "DerivedVendorReportedEchoSpacing": 0.000959971,
    "DeviceSerialNumber": "176240",
    "DiffusionScheme": "Monopolar",
    "DwellTime": 2.1e-6,
    "EchoTime": 0.121,
    "EchoTrainLength": 64,
    "EffectiveEchoSpacing": 0.000479986,
    "FileSize": 0.33841377031058073,
    "FileSizeUnits": "GB",
    "FlipAngle": 90,
    "HeudiconvVersion": "1.1.6.post8+ga0a3635",
    "ImageOrientationPatientDICOM": [
      0.999426,
      0.0321853,
      0.0105869,
      -0.0240764,
      0.894483,
      -0.446454
    ],
    "ImageType": [
      "ORIGINAL",
      "PRIMARY",
      "DIFFUSION",
      "NONE",
      "ND",
      "NORM",
      "MFSPLIT"
    ],
    "ImageTypeText": [
      "ORIGINAL",
      "PRIMARY",
      "DIFFUSION",
      "NONE"
    ],
    "ImagingFrequency": 123.261,
    "InPlanePhaseEncodingDirectionDICOM": "COL",
    "InstitutionAddress": "Rue de Bugnon 46,Lausanne,,CH,1011",
    "InstitutionName": "Radiologie-CHUV",
    "MRAcquisitionType": "2D",
    "MagneticFieldStrength": 3,
    "Manufacturer": "Siemens",
    "ManufacturersModelName": "MAGNETOM Vida",
    "Modality": "MR",
    "MultibandAccelerationFactor": 3,
    "NonlinearGradientCorrection": false,
    "NumberOfVolumes": 280,
    "ParallelReductionFactorInPlane": 2,
    "PartialFourier": 0.875,
    "PatientPosition": "HFS",
    "PercentPhaseFOV": 101.37,
    "PercentSampling": 100,
    "PhaseEncodingDirection": "j-",
    "PhaseEncodingSteps": 148,
    "PhaseResolution": 1,
    "PixelBandwidth": 1631,
    "ProcedureStepDescription": "Research Oscar",
    "ProtocolName": "dwi-dwi_acq-highres_dir-AP",
    "PulseSequenceDetails": "%SiemensSeq%\\ep2d_diff",
    "ReceiveCoilActiveElements": "HC1-7;NC1",
    "ReceiveCoilName": "HeadNeck_64_CS",
    "ReconMatrixPE": 148,
    "RefLinesPE": 54,
    "RepetitionTime": 7,
    "SAR": 0.162864,
    "ScanOptions": "PFP\\FS\\PER",
    "ScanningSequence": "GR\\EP",
    "SequenceName": "*ep_b0",
    "SequenceVariant": "SK",
    "SeriesDescription": "dwi-dwi_acq-highres_dir-AP",
    "SeriesNumber": 18,
    "ShimSetting": [
      -8755,
      8466,
      9521,
      650,
      -139,
      -97,
      163,
      188
    ],
    "SliceThickness": 1.6,
    "SliceTiming": [
      0,
      -0.001,
      -0.001,
      -0.001,
      -0.001,
      -0.001,
      -0.001,
      -0.001,
      -0.001,
      -0.001,
      -0.001,
      -0.001,
      -0.001,
      -0.001,
      -0.001,
      -0.001,
      -0.001,
      -0.001,
      -0.001,
      -0.001,
      -0.001,
      -0.001,
      -0.001,
      -0.001,
      -0.001,
      -0.001,
      -0.001,
      -0.001,
      -0.001,
      -0.001,
      -0.001,
      -0.001,
      -0.001,
      -0.001,
      -0.001,
      -0.001,
      -0.001,
      -0.001,
      -0.001,
      -0.001,
      -0.001,
      -0.001,
      -0.001,
      -0.001,
      -0.001,
      -0.001,
      -0.001,
      -0.001,
      -0.001,
      -0.001,
      -0.001,
      -0.001,
      -0.001,
      -0.001,
      -0.001,
      -0.001,
      -0.001,
      -0.001,
      -0.001,
      -0.001,
      -0.001,
      -0.001,
      -0.001,
      -0.001,
      -0.001,
      -0.001,
      -0.001,
      -0.001,
      -0.001,
      -0.001,
      -0.001,
      -0.001,
      -0.001,
      -0.001,
      -0.001,
      -0.001,
      -0.001,
      -0.001,
      -0.001,
      -0.001,
      -0.001,
      -0.001,
      -0.001,
      -0.001,
      -0.001,
      -0.001,
      -0.001
    ],
    "SoftwareVersions": "syngo MR XA50",
    "SpacingBetweenSlices": 1.6,
    "StationName": "LRG08892",
    "TotalReadoutTime": 0.0705579,
    "TxRefAmp": 315.02,
    "VendorReportedEchoSpacing": 0.00096,
    "acquisition": "highres",
    "dataset": "HCPh",
    "datatype": "dwi",
    "direction": "AP",
    "extension": ".nii.gz",
    "modality": "dwi",
    "session": "20903034",
    "subject": "001",
    "suffix": "dwi"
  },
  "efc_shell01": 0.3402,
  "efc_shell02": 0.4352,
  "efc_shell03": 0.4366,
  "efc_shell04": 0.4521,
  "efc_shell05": 0.4591,
  "fa_degenerate": 0.0,
  "fa_nans": 0.0,
  "fber_shell01": 16165.3701,
  "fber_shell02": 6210.9688,
  "fber_shell03": 4535.3218,
  "fber_shell04": 1528.7533,
  "fber_shell05": 847.6252,
  "fd_mean": 35.6785,
  "fd_num": 279,
  "fd_perc": 99.64285714285714,
  "ndc": 0.4769,
  "provenance": {
    "md5sum": "a753d029024e5df33ed0aa215c78be44",
    "settings": {
      "testing": false
    },
    "software": "mriqc",
    "version": "24.1.0.dev15+g9586c867.d20240825"
  },
  "sigma_cc": 47.4433,
  "sigma_pca": 14.6199,
  "sigma_piesno": 0.3301,
  "snr_cc_shell0": 4.43,
  "snr_cc_shell1_best": 4.41,
  "snr_cc_shell1_worst": 4.41,
  "snr_cc_shell2_best": 3.01,
  "snr_cc_shell2_worst": 2.05,
  "snr_cc_shell3_best": 1.99,
  "snr_cc_shell3_worst": 1.93,
  "snr_cc_shell4_best": 1.28,
  "snr_cc_shell4_worst": 1.29,
  "spikes_global": 30.92,
  "spikes_slice_i": 177.24,
  "spikes_slice_j": 172.36,
  "spikes_slice_k": 203.13,
  "summary_bg_k": 312.884,
  "summary_bg_mad": 1.4826,
  "summary_bg_mean": 8.364,
  "summary_bg_median": 1.0,
  "summary_bg_n": 1516907.0,
  "summary_bg_p05": 0.0,
  "summary_bg_p95": 33.0,
  "summary_bg_stdv": 33.4316,
  "summary_fg_k": 15.4278,
  "summary_fg_mad": 96.3691,
  "summary_fg_mean": 312.1531,
  "summary_fg_median": 227.0,
  "summary_fg_n": 362989.0,
  "summary_fg_p05": 89.0,
  "summary_fg_p95": 853.0,
  "summary_fg_stdv": 268.1171,
  "summary_wm_k": 39.0655,
  "summary_wm_mad": 51.8911,
  "summary_wm_mean": 211.1776,
  "summary_wm_median": 198.0,
  "summary_wm_n": 119986.0,
  "summary_wm_p05": 104.0,
  "summary_wm_p95": 340.0,
  "summary_wm_stdv": 99.2076
}
