{
  "bids_meta": {
    "AcquisitionMatrixPE": 320,
    "AcquisitionNumber": 1,
    "AcquisitionTime": "01:03:41.052500",
    "BaseResolution": 320,
    "BodyPartExamined": "BRAIN",
    "CoilCombinationMethod": "Adaptive Combine",
    "CoilString": "HeadNeck_64",
    "ConversionSoftware": "dcm2niix",
    "ConversionSoftwareVersion": "v1.0.20220720",
    "DeviceSerialNumber": "67014",
    "DwellTime": 2.2e-6,
    "EchoTime": 0.413,
    "EchoTrainLength": 248,
    "FileSize": 0.015937553718686104,
    "FileSizeUnits": "GB",
    "FlipAngle": 120,
    "HeudiconvVersion": "1.1.6.post8+ga0a3635",
    "ImageOrientationPatientDICOM": [
      -0.019037,
      0.993351,
      0.113536,
      0.0555274,
      0.114432,
      -0.991878
    ],
    "ImageType": [
      "ORIGINAL",
      "PRIMARY",
      "M",
      "ND",
      "NORM",
      "MFSPLIT"
    ],
    "ImageTypeText": [
      "ORIGINAL",
      "PRIMARY",
      "M",
      "NONE"
    ],
    "ImagingFrequency": 123.248,
    "InPlanePhaseEncodingDirectionDICOM": "ROW",
    "InstitutionAddress": "Rue du Bugnon 21,Lausanne,District,CH,1011",
    "InstitutionName": "CHUV",
    "MRAcquisitionType": "3D",
    "MagneticFieldStrength": 3,
    "Manufacturer": "Siemens",
    "ManufacturersModelName": "MAGNETOM Prisma Fit",
    "MatrixCoilMode": "GRAPPA",
    "Modality": "MR",
    "NonlinearGradientCorrection": false,
    "NumberOfVolumes": 1,
    "ParallelReductionFactorInPlane": 3,
    "PartialFourier": 1,
    "PatientPosition": "HFS",
    "PercentPhaseFOV": 100,
    "PercentSampling": 100,
    "PhaseEncodingDirection": "i",
    "PhaseEncodingSteps": 320,
    "PhaseResolution": 1,
    "PixelBandwidth": 710,
    "ProcedureStepDescription": "RESEARCH Oscar",
    "ProtocolName": "anat-T2w__space",
    "PulseSequenceDetails": "%SiemensSeq%\\space",
    "ReceiveCoilActiveElements": "HC1-7;NC1,2",
    "ReceiveCoilName": "HeadNeck_64",
    "ReconMatrixPE": 320,
    "RefLinesPE": 24,
    "RepetitionTime": 3.2,
    "SAR": 0.122,
    "ScanOptions": "PFP\\PER",
    "ScanningSequence": "SE",
    "SequenceName": "*spcR_282ns",
    "SequenceVariant": "SP\\SK",
    "SeriesDescription": "anat-T2w__space_ND",
    "SeriesNumber": 27,
    "ShimSetting": [
      8228,
      -5666,
      -6274,
      307,
      -57,
      -153,
      48,
      21
    ],
    "SliceThickness": 0.8,
    "SoftwareVersions": "syngo MR XA30",
    "StationName": "LRG10884",
    "TxRefAmp": 247.254,
    "acquisition": "original",
    "dataset": "HCPh",
    "datatype": "anat",
    "extension": ".nii.gz",
    "modality": "T2w",
    "session": "20802060",
    "subject": "001",
    "suffix": "T2w"
  },
  "cjv": 1.490836018957346,
  "cnr": 0.6340761161397744,
  "efc": 0.4955,
  "fber": -1.0,
  "fwhm_avg": 2.7217207927765332,
  "fwhm_x": 2.588524961427972,
  "fwhm_y": 2.9648624558201067,
  "fwhm_z": 2.61177496108152,
  "icvs_csf": 0.2739938924269996,
  "icvs_gm": 0.34720023179301407,
  "icvs_wm": 0.3788058757799862,
  "inu_med": 1.0047051906585693,
  "inu_range": 0.3427276998758316,
  "provenance": {
    "md5sum": "551b3a5364a036624572b7a03ca8da91",
    "settings": {
      "testing": false
    },
    "software": "mriqc",
    "version": "24.1.0.dev15+g9586c867.d20240825",
    "warnings": {
      "large_rot_frame": true,
      "small_air_mask": false
    }
  },
  "qi_1": 0.0,
  "qi_2": 0.0024437133746416113,
  "rpve_csf": 8.170480750654953,
  "rpve_gm": 8.008975385049432,
  "rpve_wm": 8.041728505306187,
  "size_x": 240,
  "size_y": 320,
  "size_z": 320,
  "snr_csf": 1.4793122918767079,
  "snr_gm": 4.824657950116981,
  "snr_total": 4.298747514181707,
  "snr_wm": 6.592272300551429,
  "snrd_csf": 38.64523591520557,
  "snrd_gm": 33.07934973622313,
  "snrd_total": 33.225180815148434,
  "snrd_wm": 27.950956794016605,
  "spacing_x": 0.800000011920929,
  "spacing_y": 0.800000011920929,
  "spacing_z": 0.800000011920929,
  "summary_bg_k": 909.2934,
  "summary_bg_mad": 0.0,
  "summary_bg_mean": 3.7279,
  "summary_bg_median": 0.0,
  "summary_bg_n": 6763407.0,
  "summary_bg_p05": 0.0,
  "summary_bg_p95": 18.0,
  "summary_bg_stdv": 26.9546,
  "summary_csf_k": -1.3133,
  "summary_csf_mad": 1699.7716,
  "summary_csf_mean": 1655.7639,
  "summary_csf_median": 1590.0,
  "summary_csf_n": 814068.1861929139,
  "summary_csf_p05": 96.0,
  "summary_csf_p95": 3469.0,
  "summary_csf_stdv": 1074.8231,
  "summary_gm_k": 53.0091,
  "summary_gm_mad": 177.3832,
  "summary_gm_mean": 1359.9284,
  "summary_gm_median": 1361.0,
  "summary_gm_n": 1031572.8589344503,
  "summary_gm_p05": 938.0,
  "summary_gm_p95": 1812.0,
  "summary_gm_stdv": 282.0924,
  "summary_wm_k": 105.9842,
  "summary_wm_mad": 137.1832,
  "summary_wm_mean": 1161.0481,
  "summary_wm_median": 1150.0,
  "summary_wm_n": 1125476.9567449095,
  "summary_wm_p05": 919.0,
  "summary_wm_p95": 1428.0,
  "summary_wm_stdv": 174.4466,
  "tpm_overlap_csf": 0.21085102730653124,
  "tpm_overlap_gm": 0.5119964105149171,
  "tpm_overlap_wm": 0.529723209314226,
  "wm2max": 0.28865513762173367
}
