{
  "bids_meta": {
    "AcquisitionMatrixPE": 320,
    "AcquisitionNumber": 1,
    "AcquisitionTime": "01:03:41.052500",
    "BaseResolution": 320,
    "BodyPartExamined": "BRAIN",
    "CoilCombinationMethod": "Adaptive Combine",
    "CoilString": "HeadNeck_64",
    "ConversionSoftware": "dcm2niix",
    "ConversionSoftwareVersion": "v1.0.20220720",
    "DeviceSerialNumber": "67014",
    "DwellTime": 2.2e-6,
    "EchoTime": 0.413,
    "EchoTrainLength": 248,
    "FileSize": 0.015087259002029896,
    "FileSizeUnits": "GB",
    "FlipAngle": 120,
    "HeudiconvVersion": "1.1.6.post8+ga0a3635",
    "ImageOrientationPatientDICOM": [
      -0.019037,
      0.993351,
      0.113536,
      0.0555274,
      0.114432,
      -0.991878
    ],
    "ImageType": [
      "ORIGINAL",
      "PRIMARY",
      "M",
      "NORM",
      "DIS3D",
      "MFSPLIT"
    ],
    "ImageTypeText": [
      "ORIGINAL",
      "PRIMARY",
      "M",
      "NONE"
    ],
    "ImagingFrequency": 123.248,
    "InPlanePhaseEncodingDirectionDICOM": "ROW",
    "InstitutionAddress": "Rue du Bugnon 21,Lausanne,District,CH,1011",
    "InstitutionName": "CHUV",
    "MRAcquisitionType": "3D",
    "MagneticFieldStrength": 3,
    "Manufacturer": "Siemens",
    "ManufacturersModelName": "MAGNETOM Prisma Fit",
    "MatrixCoilMode": "GRAPPA",
    "Modality": "MR",
    "NonlinearGradientCorrection": true,
    "NumberOfVolumes": 1,
    "ParallelReductionFactorInPlane": 3,
    "PartialFourier": 1,
    "PatientPosition": "HFS",
    "PercentPhaseFOV": 100,
    "PercentSampling": 100,
    "PhaseEncodingDirection": "i",
    "PhaseEncodingSteps": 320,
    "PhaseResolution": 1,
    "PixelBandwidth": 710,
    "ProcedureStepDescription": "RESEARCH Oscar",
    "ProtocolName": "anat-T2w__space",
    "PulseSequenceDetails": "%SiemensSeq%\\space",
    "ReceiveCoilActiveElements": "HC1-7;NC1,2",
    "ReceiveCoilName": "HeadNeck_64",
    "ReconMatrixPE": 320,
    "RefLinesPE": 24,
    "RepetitionTime": 3.2,
    "SAR": 0.122,
    "ScanOptions": "PFP\\PER",
    "ScanningSequence": "SE",
    "SequenceName": "*spcR_282ns",
    "SequenceVariant": "SP\\SK",
    "SeriesDescription": "anat-T2w__space",
    "SeriesNumber": 28,
    "ShimSetting": [
      8228,
      -5666,
      -6274,
      307,
      -57,
      -153,
      48,
      21
    ],
    "SliceThickness": 0.8,
    "SoftwareVersions": "syngo MR XA30",
    "StationName": "LRG10884",
    "TxRefAmp": 247.254,
    "acquisition": "undistorted",
    "dataset": "HCPh",
    "datatype": "anat",
    "extension": ".nii.gz",
    "modality": "T2w",
    "session": "20802060",
    "subject": "001",
    "suffix": "T2w"
  },
  "cjv": 1.544611210762332,
  "cnr": 0.6269810209541341,
  "efc": 0.4964,
  "fber": -1.0,
  "fwhm_avg": 2.5995416279304777,
  "fwhm_x": 2.482387463009544,
  "fwhm_y": 2.8296124578354886,
  "fwhm_z": 2.486624962946401,
  "icvs_csf": 0.2765073065614049,
  "icvs_gm": 0.342533024728559,
  "icvs_wm": 0.3809596687100361,
  "inu_med": 1.0348089337348938,
  "inu_range": 0.32396470606327044,
  "provenance": {
    "md5sum": "23d4b1a2d6e072aa437bbcb8903563bb",
    "settings": {
      "testing": false
    },
    "software": "mriqc",
    "version": "24.1.0.dev15+g9586c867.d20240825",
    "warnings": {
      "large_rot_frame": true,
      "small_air_mask": false
    }
  },
  "qi_1": 0.0,
  "qi_2": 0.0017936120996536835,
  "rpve_csf": 8.17829975200705,
  "rpve_gm": 8.021322536604549,
  "rpve_wm": 8.055720982428644,
  "size_x": 240,
  "size_y": 320,
  "size_z": 320,
  "snr_csf": 1.409612636878717,
  "snr_gm": 4.4239973080579125,
  "snr_total": 4.120277254701303,
  "snr_wm": 6.52722181916728,
  "snrd_csf": 36.27991206782417,
  "snrd_gm": 30.027791298854474,
  "snrd_total": 30.475419663768974,
  "snrd_wm": 25.118555624628268,
  "spacing_x": 0.800000011920929,
  "spacing_y": 0.800000011920929,
  "spacing_z": 0.800000011920929,
  "summary_bg_k": 987.9674,
  "summary_bg_mad": 0.0,
  "summary_bg_mean": 1.8808,
  "summary_bg_median": 0.0,
  "summary_bg_n": 6767697.0,
  "summary_bg_p05": 0.0,
  "summary_bg_p95": 0.0,
  "summary_bg_stdv": 29.7593,
  "summary_csf_k": -1.3493,
  "summary_csf_mad": 1862.5006,
  "summary_csf_mean": 1721.2009,
  "summary_csf_median": 1648.0,
  "summary_csf_n": 820751.6615867661,
  "summary_csf_p05": 0.0,
  "summary_csf_p95": 3697.0,
  "summary_csf_stdv": 1169.1148,
  "summary_gm_k": 39.3856,
  "summary_gm_mad": 206.5497,
  "summary_gm_mean": 1363.2992,
  "summary_gm_median": 1364.0,
  "summary_gm_n": 1016734.6125151061,
  "summary_gm_p05": 905.0,
  "summary_gm_p95": 1865.0,
  "summary_gm_stdv": 308.3183,
  "summary_wm_k": 105.2955,
  "summary_wm_mad": 137.8986,
  "summary_wm_mean": 1153.8848,
  "summary_wm_median": 1141.0,
  "summary_wm_n": 1130795.7282563515,
  "summary_wm_p05": 909.0,
  "summary_wm_p95": 1429.0,
  "summary_wm_stdv": 174.8063,
  "tpm_overlap_csf": 0.2067896028033801,
  "tpm_overlap_gm": 0.5010728287702655,
  "tpm_overlap_wm": 0.5227269319112959,
  "wm2max": 0.2790760647613998
}
