{
  "bids_meta": {
    "AcquisitionMatrixPE": 252,
    "AcquisitionNumber": 1,
    "AcquisitionTime": "23:52:17.865000",
    "BaseResolution": 288,
    "BodyPartExamined": "BRAIN",
    "CoilCombinationMethod": "Adaptive Combine",
    "CoilString": "HeadNeck_64",
    "ConversionSoftware": "dcm2niix",
    "ConversionSoftwareVersion": "v1.0.20220720",
    "DeviceSerialNumber": "67014",
    "DwellTime": 6.7e-6,
    "EchoTime": 0.00255,
    "FileSize": 0.011589277535676956,
    "FileSizeUnits": "GB",
    "FlipAngle": 8,
    "HeudiconvVersion": "1.1.6.post8+ga0a3635",
    "ImageOrientationPatientDICOM": [
      1,
      2.65265e-7,
      3.99119e-6,
      -4.877e-12,
      0.997799,
      -0.066315
    ],
    "ImageType": [
      "ORIGINAL",
      "PRIMARY",
      "M",
      "NORM",
      "DIS2D",
      "FM3",
      "2",
      "FIL",
      "MFSPLIT"
    ],
    "ImageTypeText": [
      "ORIGINAL",
      "PRIMARY",
      "M",
      "NONE"
    ],
    "ImagingFrequency": 123.248,
    "InPlanePhaseEncodingDirectionDICOM": "ROW",
    "InstitutionAddress": "Rue du Bugnon 21,Lausanne,District,CH,1011",
    "InstitutionName": "CHUV",
    "InversionTime": 0.9,
    "MRAcquisitionType": "3D",
    "MagneticFieldStrength": 3,
    "Manufacturer": "Siemens",
    "ManufacturersModelName": "MAGNETOM Prisma Fit",
    "MatrixCoilMode": "GRAPPA",
    "Modality": "MR",
    "NonlinearGradientCorrection": true,
    "NumberOfVolumes": 1,
    "ParallelReductionFactorInPlane": 2,
    "PartialFourier": 1,
    "PatientPosition": "HFS",
    "PercentPhaseFOV": 87.5,
    "PercentSampling": 100,
    "PhaseEncodingSteps": 252,
    "PhaseResolution": 1,
    "PixelBandwidth": 259,
    "ProcedureStepDescription": "RESEARCH Oscar",
    "ProtocolName": "anat-T1w__t1_mprage_tra_p2_iso_siemens_axial",
    "PulseSequenceDetails": "%SiemensSeq%\\tfl",
    "ReceiveCoilActiveElements": "HC1-7",
    "ReceiveCoilName": "HeadNeck_64",
    "ReconMatrixPE": 252,
    "RefLinesPE": 24,
    "RepetitionTime": 2.2,
    "SAR": 0.0389743,
    "ScanOptions": "PER",
    "ScanningSequence": "GR",
    "SequenceName": "*tfl3d1_16",
    "SequenceVariant": "SK",
    "SeriesDescription": "anat-T1w__t1_mprage_tra_p2_iso_siemens_axial",
    "SeriesNumber": 9,
    "ShimSetting": [
      8228,
      -5666,
      -6274,
      307,
      -57,
      -153,
      48,
      21
    ],
    "SliceThickness": 0.8,
    "SoftwareVersions": "syngo MR XA30",
    "StationName": "LRG10884",
    "TxRefAmp": 247.254,
    "acquisition": "undistorted",
    "dataset": "HCPh",
    "datatype": "anat",
    "extension": ".nii.gz",
    "modality": "T1w",
    "session": "20802060",
    "subject": "001",
    "suffix": "T1w"
  },
  "cjv": 0.6263096525096525,
  "cnr": 1.5123990021427842,
  "efc": 0.5316,
  "fber": -1.0,
  "fwhm_avg": 4.783027315851133,
  "fwhm_x": 4.413412869306187,
  "fwhm_y": 5.345744146642426,
  "fwhm_z": 4.589924931604789,
  "icvs_csf": 0.27676481199449604,
  "icvs_gm": 0.375835608475568,
  "icvs_wm": 0.3473995795299359,
  "inu_med": 0.5997626185417175,
  "inu_range": 0.28379032015800476,
  "provenance": {
    "md5sum": "b10b7d6bb3b69801806d8cc48ee9eb5e",
    "settings": {
      "testing": false
    },
    "software": "mriqc",
    "version": "24.1.0.dev15+g9586c867.d20240825",
    "warnings": {
      "large_rot_frame": true,
      "small_air_mask": false
    }
  },
  "qi_1": 0.0,
  "qi_2": 0.0015460260716300528,
  "rpve_csf": 4.546395308674859,
  "rpve_gm": 4.439477066463788,
  "rpve_wm": 4.517210930977218,
  "size_x": 252,
  "size_y": 288,
  "size_z": 192,
  "snr_csf": 1.5228158758361483,
  "snr_gm": 5.093865719034473,
  "snr_total": 5.39733537659156,
  "snr_wm": 9.575324534904057,
  "snrd_csf": 6.194549955307466,
  "snrd_gm": 13.763453437676718,
  "snrd_total": 12.960087366302437,
  "snrd_wm": 18.922258705923127,
  "spacing_x": 0.7986109852790833,
  "spacing_y": 0.7986109852790833,
  "spacing_z": 0.800000011920929,
  "summary_bg_k": 176.9139,
  "summary_bg_mad": 0.0,
  "summary_bg_mean": 5.4625,
  "summary_bg_median": 0.0,
  "summary_bg_n": 4525637.0,
  "summary_bg_p05": 0.0,
  "summary_bg_p95": 13.0,
  "summary_bg_stdv": 32.8914,
  "summary_csf_k": -0.8515,
  "summary_csf_mad": 173.7954,
  "summary_csf_mean": 327.5711,
  "summary_csf_median": 311.0,
  "summary_csf_n": 832937.263880642,
  "summary_csf_p05": 23.0,
  "summary_csf_p95": 688.0,
  "summary_csf_stdv": 204.2268,
  "summary_gm_k": -0.1407,
  "summary_gm_mad": 89.2038,
  "summary_gm_mean": 692.7087,
  "summary_gm_median": 691.0,
  "summary_gm_n": 1131095.6806126833,
  "summary_gm_p05": 468.0,
  "summary_gm_p95": 946.0,
  "summary_gm_stdv": 135.6533,
  "summary_wm_k": 0.2699,
  "summary_wm_mad": 73.0104,
  "summary_wm_mean": 925.4747,
  "summary_wm_median": 950.0,
  "summary_wm_n": 1045516.0580627018,
  "summary_wm_p05": 731.0,
  "summary_wm_p95": 1051.0,
  "summary_wm_stdv": 99.2133,
  "tpm_overlap_csf": 0.18335664631109738,
  "tpm_overlap_gm": 0.539616057427446,
  "tpm_overlap_wm": 0.5461124210455405,
  "wm2max": 0.4707421400404843
}
