{
  "bids_meta": {
    "AcquisitionMatrixPE": 320,
    "AcquisitionNumber": 1,
    "AcquisitionTime": "23:25:35.890000",
    "BaseResolution": 320,
    "BodyPartExamined": "BRAIN",
    "CoilCombinationMethod": "Adaptive Combine",
    "CoilString": "HeadNeck_64_CS",
    "ConversionSoftware": "dcm2niix",
    "ConversionSoftwareVersion": "v1.0.20220720",
    "DeviceSerialNumber": "176240",
    "DwellTime": 2.2e-6,
    "EchoTime": 0.413,
    "EchoTrainLength": 248,
    "FileSize": 0.015717857517302036,
    "FileSizeUnits": "GB",
    "FlipAngle": 120,
    "HeudiconvVersion": "1.1.6.post8+ga0a3635",
    "ImageOrientationPatientDICOM": [
      -0.0263553,
      0.98433,
      0.174354,
      0.0378896,
      0.175273,
      -0.983791
    ],
    "ImageType": [
      "ORIGINAL",
      "PRIMARY",
      "M",
      "ND",
      "NORM",
      "MFSPLIT"
    ],
    "ImageTypeText": [
      "ORIGINAL",
      "PRIMARY",
      "M",
      "NONE"
    ],
    "ImagingFrequency": 123.261,
    "InPlanePhaseEncodingDirectionDICOM": "ROW",
    "InstitutionAddress": "Rue de Bugnon 46,Lausanne,,CH,1011",
    "InstitutionName": "Radiologie-CHUV",
    "MRAcquisitionType": "3D",
    "MagneticFieldStrength": 3,
    "Manufacturer": "Siemens",
    "ManufacturersModelName": "MAGNETOM Vida",
    "MatrixCoilMode": "GRAPPA",
    "Modality": "MR",
    "NonlinearGradientCorrection": false,
    "NumberOfVolumes": 1,
    "ParallelReductionFactorInPlane": 3,
    "PartialFourier": 1,
    "PatientPosition": "HFS",
    "PercentPhaseFOV": 100,
    "PercentSampling": 100,
    "PhaseEncodingDirection": "i",
    "PhaseEncodingSteps": 320,
    "PhaseResolution": 1,
    "PixelBandwidth": 710,
    "ProcedureStepDescription": "Research Oscar",
    "ProtocolName": "anat-T2w__space",
    "PulseSequenceDetails": "%SiemensSeq%\\space",
    "ReceiveCoilActiveElements": "HC1-7;NC1,2",
    "ReceiveCoilName": "HeadNeck_64_CS",
    "ReconMatrixPE": 320,
    "RefLinesPE": 24,
    "RepetitionTime": 3.2,
    "SAR": 0.151889,
    "ScanOptions": "PFP\\PER",
    "ScanningSequence": "SE",
    "SequenceName": "*spcR_282ns",
    "SequenceVariant": "SP\\SK",
    "SeriesDescription": "anat-T2w__space_ND",
    "SeriesNumber": 23,
    "ShimSetting": [
      -8778,
      8428,
      9145,
      105,
      -256,
      11,
      89,
      62
    ],
    "SliceThickness": 0.8,
    "SoftwareVersions": "syngo MR XA50",
    "StationName": "LRG08892",
    "TxRefAmp": 325.6,
    "acquisition": "original",
    "dataset": "HCPh",
    "datatype": "anat",
    "extension": ".nii.gz",
    "modality": "T2w",
    "session": "20401034",
    "subject": "001",
    "suffix": "T2w"
  },
  "cjv": 1.4900844221105527,
  "cnr": 0.6430846966388706,
  "efc": 0.4681,
  "fber": -1.0,
  "fwhm_avg": 2.655187460434624,
  "fwhm_x": 2.512549962560088,
  "fwhm_y": 2.9170124565331275,
  "fwhm_z": 2.5359999622106555,
  "icvs_csf": 0.27571569450926064,
  "icvs_gm": 0.348295423575843,
  "icvs_wm": 0.37598888191489643,
  "inu_med": 0.959057092666626,
  "inu_range": 0.2944088459014892,
  "provenance": {
    "md5sum": "dcc2ec8cc047c1036b2295d83e0dafef",
    "settings": {
      "testing": false
    },
    "software": "mriqc",
    "version": "24.1.0.dev15+g9586c867.d20240825",
    "warnings": {
      "large_rot_frame": true,
      "small_air_mask": false
    }
  },
  "qi_1": 0.0,
  "qi_2": 0.002639420381113431,
  "rpve_csf": 8.131769700048997,
  "rpve_gm": 7.968414787897022,
  "rpve_wm": 7.9988270159540455,
  "size_x": 240,
  "size_y": 320,
  "size_z": 320,
  "snr_csf": 1.4530839990596165,
  "snr_gm": 5.076126016327709,
  "snr_total": 4.418559743569813,
  "snr_wm": 6.726469215322113,
  "snrd_csf": 43.240464945137845,
  "snrd_gm": 38.12444736807274,
  "snrd_total": 37.91248430461618,
  "snrd_wm": 32.37254060063796,
  "spacing_x": 0.800000011920929,
  "spacing_y": 0.800000011920929,
  "spacing_z": 0.800000011920929,
  "summary_bg_k": 1376.342,
  "summary_bg_mad": 0.0,
  "summary_bg_mean": 1.5913,
  "summary_bg_median": 0.0,
  "summary_bg_n": 8510519.0,
  "summary_bg_p05": 0.0,
  "summary_bg_p95": 0.0,
  "summary_bg_stdv": 22.6659,
  "summary_csf_k": -1.3838,
  "summary_csf_mad": 1643.5504,
  "summary_csf_mean": 1563.9219,
  "summary_csf_median": 1496.0,
  "summary_csf_n": 823127.9763233848,
  "summary_csf_p05": 85.0,
  "summary_csf_p95": 3343.0,
  "summary_csf_stdv": 1029.5338,
  "summary_gm_k": 43.9233,
  "summary_gm_mad": 166.7475,
  "summary_gm_mean": 1316.169,
  "summary_gm_median": 1319.0,
  "summary_gm_n": 1039809.1689374266,
  "summary_gm_p05": 920.0,
  "summary_gm_p95": 1733.0,
  "summary_gm_stdv": 259.8437,
  "summary_wm_k": 100.5404,
  "summary_wm_mad": 129.7793,
  "summary_wm_mean": 1130.5703,
  "summary_wm_median": 1120.0,
  "summary_wm_n": 1122485.8564600348,
  "summary_wm_p05": 896.0,
  "summary_wm_p95": 1391.0,
  "summary_wm_stdv": 166.5063,
  "tpm_overlap_csf": 0.2053561482132976,
  "tpm_overlap_gm": 0.5115612996575474,
  "tpm_overlap_wm": 0.5207639202991131,
  "wm2max": 0.30226202189759427
}
