{
  "bids_meta": {
    "AcquisitionMatrixPE": 216,
    "AcquisitionNumber": 1,
    "AcquisitionTime": "22:14:25.882500",
    "BaseResolution": 256,
    "BodyPartExamined": "BRAIN",
    "CoilCombinationMethod": "Adaptive Combine",
    "CoilString": "HeadNeck_64_CS",
    "ConversionSoftware": "dcm2niix",
    "ConversionSoftwareVersion": "v1.0.20220720",
    "DeviceSerialNumber": "176240",
    "DwellTime": 7.5e-6,
    "EchoTime": 0.00246,
    "FileSize": 0.009375715628266335,
    "FileSizeUnits": "GB",
    "FlipAngle": 8,
    "HeudiconvVersion": "1.1.6.post8+ga0a3635",
    "ImageOrientationPatientDICOM": [
      0.998933,
      0.0193824,
      0.041919,
      -0.0197037,
      0.999779,
      0.00726479
    ],
    "ImageType": [
      "ORIGINAL",
      "PRIMARY",
      "M",
      "NORM",
      "DIS2D",
      "FM3",
      "2",
      "FIL",
      "MFSPLIT"
    ],
    "ImageTypeText": [
      "ORIGINAL",
      "PRIMARY",
      "M",
      "NONE"
    ],
    "ImagingFrequency": 123.261,
    "InPlanePhaseEncodingDirectionDICOM": "ROW",
    "InstitutionAddress": "Rue de Bugnon 46,Lausanne,,CH,1011",
    "InstitutionName": "Radiologie-CHUV",
    "InversionTime": 0.9,
    "MRAcquisitionType": "3D",
    "MagneticFieldStrength": 3,
    "Manufacturer": "Siemens",
    "ManufacturersModelName": "MAGNETOM Vida",
    "MatrixCoilMode": "GRAPPA",
    "Modality": "MR",
    "NonlinearGradientCorrection": true,
    "NumberOfVolumes": 1,
    "ParallelReductionFactorInPlane": 2,
    "PartialFourier": 1,
    "PatientPosition": "HFS",
    "PercentPhaseFOV": 84.375,
    "PercentSampling": 100,
    "PhaseEncodingSteps": 216,
    "PhaseResolution": 1,
    "PixelBandwidth": 260,
    "ProcedureStepDescription": "Research Oscar",
    "ProtocolName": "anat-T1w__t1_mprage_tra_p2_iso_siemens_axial",
    "PulseSequenceDetails": "%SiemensSeq%\\tfl",
    "ReceiveCoilActiveElements": "HC1-7;NC1",
    "ReceiveCoilName": "HeadNeck_64_CS",
    "ReconMatrixPE": 216,
    "RefLinesPE": 24,
    "RepetitionTime": 2.2,
    "SAR": 0.0515853,
    "ScanOptions": "PER",
    "ScanningSequence": "GR",
    "SequenceName": "*tfl3d1_240",
    "SequenceVariant": "SK",
    "SeriesDescription": "anat-T1w__t1_mprage_tra_p2_iso_siemens_axial",
    "SeriesNumber": 5,
    "ShimSetting": [
      -8778,
      8428,
      9145,
      105,
      -256,
      11,
      89,
      62
    ],
    "SliceThickness": 0.9,
    "SoftwareVersions": "syngo MR XA50",
    "StationName": "LRG08892",
    "TxRefAmp": 325.6,
    "acquisition": "undistorted",
    "dataset": "HCPh",
    "datatype": "anat",
    "extension": ".nii.gz",
    "modality": "T1w",
    "session": "20401034",
    "subject": "001",
    "suffix": "T1w"
  },
  "cjv": 0.5831396887159532,
  "cnr": 1.6595666054280351,
  "efc": 0.5212,
  "fber": -1.0,
  "fwhm_avg": 4.647177845520408,
  "fwhm_x": 4.321144141376454,
  "fwhm_y": 5.166600388310766,
  "fwhm_z": 4.453789006874005,
  "icvs_csf": 0.2757911365535448,
  "icvs_gm": 0.37736989127650206,
  "icvs_wm": 0.34683897216995313,
  "inu_med": 0.5282250046730042,
  "inu_range": 0.2458417773246765,
  "provenance": {
    "md5sum": "ad25d090e7c78e86d6caf30bffb445e8",
    "settings": {
      "testing": false
    },
    "software": "mriqc",
    "version": "24.1.0.dev15+g9586c867.d20240825",
    "warnings": {
      "large_rot_frame": true,
      "small_air_mask": false
    }
  },
  "qi_1": 0.0,
  "qi_2": 0.0007904955898108265,
  "rpve_csf": 5.35103534881533,
  "rpve_gm": 5.25364803508501,
  "rpve_wm": 5.335095279158601,
  "size_x": 216,
  "size_y": 256,
  "size_z": 208,
  "snr_csf": 1.6634973460011342,
  "snr_gm": 5.5944110045283955,
  "snr_total": 5.949449654640717,
  "snr_wm": 10.590440613392623,
  "snrd_csf": 38.53035250873001,
  "snrd_gm": 76.84178256002406,
  "snrd_total": 73.44848446976658,
  "snrd_wm": 104.97331834054569,
  "spacing_x": 0.8984379768371582,
  "spacing_y": 0.8984379768371582,
  "spacing_z": 0.8999999761581421,
  "summary_bg_k": 5991.8495,
  "summary_bg_mad": 0.0,
  "summary_bg_mean": 1.361,
  "summary_bg_median": 0.0,
  "summary_bg_n": 3669856.0,
  "summary_bg_p05": 0.0,
  "summary_bg_p95": 7.0,
  "summary_bg_stdv": 5.9851,
  "summary_csf_k": 0.249,
  "summary_csf_mad": 171.0406,
  "summary_csf_mean": 366.6278,
  "summary_csf_median": 352.0,
  "summary_csf_n": 582990.1957933076,
  "summary_csf_p05": 36.0,
  "summary_csf_p95": 720.0,
  "summary_csf_stdv": 211.6022,
  "summary_gm_k": -0.2615,
  "summary_gm_mad": 84.4789,
  "summary_gm_mean": 706.7289,
  "summary_gm_median": 702.0,
  "summary_gm_n": 797715.7988145627,
  "summary_gm_p05": 502.0,
  "summary_gm_p95": 945.0,
  "summary_gm_stdv": 125.4823,
  "summary_wm_k": 0.1392,
  "summary_wm_mad": 65.388,
  "summary_wm_mean": 935.4737,
  "summary_wm_median": 959.0,
  "summary_wm_n": 733177.0078653443,
  "summary_wm_p05": 754.0,
  "summary_wm_p95": 1046.0,
  "summary_wm_stdv": 90.5533,
  "tpm_overlap_csf": 0.19525283143196365,
  "tpm_overlap_gm": 0.5439004266313958,
  "tpm_overlap_wm": 0.5535798583712461,
  "wm2max": 0.49273292925153894
}
