{
  "bids_meta": {
    "AcquisitionMatrixPE": 320,
    "AcquisitionNumber": 1,
    "AcquisitionTime": "23:25:35.890000",
    "BaseResolution": 320,
    "BodyPartExamined": "BRAIN",
    "CoilCombinationMethod": "Adaptive Combine",
    "CoilString": "HeadNeck_64_CS",
    "ConversionSoftware": "dcm2niix",
    "ConversionSoftwareVersion": "v1.0.20220720",
    "DeviceSerialNumber": "176240",
    "DwellTime": 2.2e-6,
    "EchoTime": 0.413,
    "EchoTrainLength": 248,
    "FileSize": 0.014730541966855526,
    "FileSizeUnits": "GB",
    "FlipAngle": 120,
    "HeudiconvVersion": "1.1.6.post8+ga0a3635",
    "ImageOrientationPatientDICOM": [
      -0.0263553,
      0.98433,
      0.174354,
      0.0378896,
      0.175273,
      -0.983791
    ],
    "ImageType": [
      "ORIGINAL",
      "PRIMARY",
      "M",
      "NORM",
      "DIS3D",
      "MFSPLIT"
    ],
    "ImageTypeText": [
      "ORIGINAL",
      "PRIMARY",
      "M",
      "NONE"
    ],
    "ImagingFrequency": 123.261,
    "InPlanePhaseEncodingDirectionDICOM": "ROW",
    "InstitutionAddress": "Rue de Bugnon 46,Lausanne,,CH,1011",
    "InstitutionName": "Radiologie-CHUV",
    "MRAcquisitionType": "3D",
    "MagneticFieldStrength": 3,
    "Manufacturer": "Siemens",
    "ManufacturersModelName": "MAGNETOM Vida",
    "MatrixCoilMode": "GRAPPA",
    "Modality": "MR",
    "NonlinearGradientCorrection": true,
    "NumberOfVolumes": 1,
    "ParallelReductionFactorInPlane": 3,
    "PartialFourier": 1,
    "PatientPosition": "HFS",
    "PercentPhaseFOV": 100,
    "PercentSampling": 100,
    "PhaseEncodingDirection": "i",
    "PhaseEncodingSteps": 320,
    "PhaseResolution": 1,
    "PixelBandwidth": 710,
    "ProcedureStepDescription": "Research Oscar",
    "ProtocolName": "anat-T2w__space",
    "PulseSequenceDetails": "%SiemensSeq%\\space",
    "ReceiveCoilActiveElements": "HC1-7;NC1,2",
    "ReceiveCoilName": "HeadNeck_64_CS",
    "ReconMatrixPE": 320,
    "RefLinesPE": 24,
    "RepetitionTime": 3.2,
    "SAR": 0.151889,
    "ScanOptions": "PFP\\PER",
    "ScanningSequence": "SE",
    "SequenceName": "*spcR_282ns",
    "SequenceVariant": "SP\\SK",
    "SeriesDescription": "anat-T2w__space",
    "SeriesNumber": 24,
    "ShimSetting": [
      -8778,
      8428,
      9145,
      105,
      -256,
      11,
      89,
      62
    ],
    "SliceThickness": 0.8,
    "SoftwareVersions": "syngo MR XA50",
    "StationName": "LRG08892",
    "TxRefAmp": 325.6,
    "acquisition": "undistorted",
    "dataset": "HCPh",
    "datatype": "anat",
    "extension": ".nii.gz",
    "modality": "T2w",
    "session": "20401034",
    "subject": "001",
    "suffix": "T2w"
  },
  "cjv": 1.5293845794392522,
  "cnr": 0.6333041144340076,
  "efc": 0.4741,
  "fber": -1.0,
  "fwhm_avg": 2.669566626887024,
  "fwhm_x": 2.538112462179177,
  "fwhm_y": 2.9125624565994372,
  "fwhm_z": 2.5580249618824578,
  "icvs_csf": 0.276398670948178,
  "icvs_gm": 0.3433239772635064,
  "icvs_wm": 0.38027735178831557,
  "inu_med": 1.0034009218215942,
  "inu_range": 0.3073507577180863,
  "provenance": {
    "md5sum": "ee560e2c248e7a88607f9d8b629736ee",
    "settings": {
      "testing": false
    },
    "software": "mriqc",
    "version": "24.1.0.dev15+g9586c867.d20240825",
    "warnings": {
      "large_rot_frame": true,
      "small_air_mask": false
    }
  },
  "qi_1": 0.0,
  "qi_2": 0.0023715681635825825,
  "rpve_csf": 8.232177316440003,
  "rpve_gm": 8.076585058137507,
  "rpve_wm": 8.110268860036005,
  "size_x": 240,
  "size_y": 320,
  "size_z": 320,
  "snr_csf": 1.3951314008224474,
  "snr_gm": 4.5308545001247,
  "snr_total": 4.217899416600223,
  "snr_wm": 6.7277123488535215,
  "snrd_csf": 34.46260716298611,
  "snrd_gm": 29.718404098990618,
  "snrd_total": 29.703485221430885,
  "snrd_wm": 24.929444402315927,
  "spacing_x": 0.800000011920929,
  "spacing_y": 0.800000011920929,
  "spacing_z": 0.800000011920929,
  "summary_bg_k": 841.0101,
  "summary_bg_mad": 0.0,
  "summary_bg_mean": 1.7203,
  "summary_bg_median": 0.0,
  "summary_bg_n": 8581825.0,
  "summary_bg_p05": 0.0,
  "summary_bg_p95": 0.0,
  "summary_bg_stdv": 29.2755,
  "summary_csf_k": -1.4131,
  "summary_csf_mad": 1767.6576,
  "summary_csf_mean": 1612.2224,
  "summary_csf_median": 1540.0,
  "summary_csf_n": 815005.7057019658,
  "summary_csf_p05": 0.0,
  "summary_csf_p95": 3497.0,
  "summary_csf_stdv": 1103.838,
  "summary_gm_k": 34.3385,
  "summary_gm_mad": 197.8664,
  "summary_gm_mean": 1326.6886,
  "summary_gm_median": 1328.0,
  "summary_gm_n": 1012345.6795727917,
  "summary_gm_p05": 886.0,
  "summary_gm_p95": 1803.0,
  "summary_gm_stdv": 293.1013,
  "summary_wm_k": 99.3309,
  "summary_wm_mad": 129.4219,
  "summary_wm_mean": 1125.93,
  "summary_wm_median": 1114.0,
  "summary_wm_n": 1121308.6169825299,
  "summary_wm_p05": 891.0,
  "summary_wm_p95": 1389.0,
  "summary_wm_stdv": 165.5837,
  "tpm_overlap_csf": 0.2074528056420307,
  "tpm_overlap_gm": 0.5023161118911681,
  "tpm_overlap_wm": 0.5179365444730271,
  "wm2max": 0.2913368329782843
}
