{
  "NumberOfShells": 4,
  "bValues": [
    0.0,
    700.0,
    1000.0,
    2000.0,
    3000.0
  ],
  "bValuesEstimation": [
    700.0,
    1000.0,
    2000.0,
    3000.0
  ],
  "bdiffs_max": 0.1349,
  "bdiffs_mean": 0.0154,
  "bdiffs_median": 0.01,
  "bdiffs_min": 0.0006,
  "bids_meta": {
    "AcquisitionMatrixPE": 146,
    "AcquisitionNumber": 1,
    "AcquisitionTime": "21:00:51.192500",
    "BandwidthPerPixelPhaseEncode": 14.573,
    "BaseResolution": 146,
    "BodyPartExamined": "BRAIN",
    "CoilCombinationMethod": "Adaptive Combine",
    "CoilString": "HeadNeck_64",
    "ConversionSoftware": "dcm2niix",
    "ConversionSoftwareVersion": "v1.0.20220720",
    "Deltas": [
      0.0272,
      0.0469
    ],
    "DerivedVendorReportedEchoSpacing": 0.000940001,
    "DeviceSerialNumber": "67014",
    "DiffusionScheme": "Monopolar",
    "DwellTime": 2.1e-06,
    "EchoTime": 0.121,
    "EchoTrainLength": 64,
    "EffectiveEchoSpacing": 0.00047,
    "FileSize": 0.4103056602180004,
    "FileSizeUnits": "GB",
    "FlipAngle": 90,
    "HeudiconvVersion": "1.1.6.post8+ga0a3635",
    "ImageOrientationPatientDICOM": [
      0.999953,
      0.000548272,
      -0.00967991,
      -0.00453767,
      0.908768,
      -0.417278
    ],
    "ImageType": [
      "ORIGINAL",
      "PRIMARY",
      "DIFFUSION",
      "NONE",
      "ND",
      "MFSPLIT"
    ],
    "ImageTypeText": [
      "ORIGINAL",
      "PRIMARY",
      "DIFFUSION",
      "NONE"
    ],
    "ImagingFrequency": 123.248,
    "InPlanePhaseEncodingDirectionDICOM": "ROW",
    "InstitutionAddress": "Rue du Bugnon 21,Lausanne,District,CH,1011",
    "InstitutionName": "CHUV",
    "MRAcquisitionType": "2D",
    "MagneticFieldStrength": 3,
    "Manufacturer": "Siemens",
    "ManufacturersModelName": "MAGNETOM Prisma Fit",
    "Modality": "MR",
    "MultibandAccelerationFactor": 3,
    "NonlinearGradientCorrection": false,
    "NumberOfVolumes": 280,
    "ParallelReductionFactorInPlane": 2,
    "PartialFourier": 0.875,
    "PatientPosition": "HFS",
    "PercentPhaseFOV": 100,
    "PercentSampling": 100,
    "PhaseEncodingDirection": "i-",
    "PhaseEncodingSteps": 146,
    "PhaseResolution": 1,
    "PixelBandwidth": 1631,
    "ProcedureStepDescription": "RESEARCH Oscar",
    "ProtocolName": "dwi-dwi_acq-highres_dir-LR__trigger_monopolar",
    "PulseSequenceDetails": "%CustomerSeq%\\ep2d_diff_trigg",
    "ReceiveCoilActiveElements": "HC1-7;NC1",
    "ReceiveCoilName": "HeadNeck_64",
    "ReconMatrixPE": 146,
    "RefLinesPE": 54,
    "RepetitionTime": 7,
    "SAR": 0.142104,
    "ScanOptions": "PFP\\FS\\PER",
    "ScanningSequence": "GR\\EP",
    "SequenceName": "ep_b0",
    "SequenceVariant": "SK",
    "SeriesDescription": "dwi-dwi_acq-highres_dir-LR__trigger_monopolar",
    "SeriesNumber": 18,
    "ShimSetting": [
      8228,
      -5652,
      -6006,
      716,
      -50,
      -299,
      -57,
      11
    ],
    "SliceThickness": 1.6,
    "SliceTiming": [
      0,
      7.56,
      0.17,
      7.7325,
      0.3425,
      7.905,
      0.515,
      8.075,
      0.6875,
      8.2475,
      0.8575,
      8.42,
      1.03,
      8.59,
      1.2025,
      8.7625,
      1.375,
      8.935,
      1.545,
      9.1075,
      1.7175,
      9.2775,
      1.89,
      9.45,
      2.0625,
      9.6225,
      2.2325,
      9.795,
      2.405,
      9.965,
      2.5775,
      10.1375,
      2.7475,
      10.31,
      2.92,
      10.4825,
      3.0925,
      10.6525,
      3.265,
      10.825,
      3.435,
      10.9975,
      3.6075,
      11.17,
      3.78,
      11.34,
      3.9525,
      11.5125,
      4.1225,
      11.685,
      4.295,
      11.855,
      4.4675,
      12.0275,
      4.64,
      12.2,
      4.81,
      12.3725,
      4.9825,
      12.5425,
      5.155,
      12.715,
      5.325,
      12.8875,
      5.4975,
      13.06,
      5.67,
      13.23,
      5.8425,
      13.4025,
      6.0125,
      13.575,
      6.185,
      13.7475,
      6.3575,
      13.9175,
      6.53,
      14.09,
      6.7,
      14.2625,
      6.8725,
      14.4325,
      7.045,
      14.605,
      7.2175,
      14.7775,
      7.3875
    ],
    "SoftwareVersions": "syngo MR XA30",
    "SpacingBetweenSlices": 1.6,
    "StationName": "LRG10884",
    "TotalReadoutTime": 0.0681501,
    "TxRefAmp": 242.674,
    "VendorReportedEchoSpacing": 0.00094,
    "acquisition": "highres",
    "dataset": "HCPh",
    "datatype": "dwi",
    "direction": "LR",
    "extension": ".nii.gz",
    "modality": "dwi",
    "session": "20301060",
    "subject": "001",
    "suffix": "dwi"
  },
  "efc_shell01": 0.354,
  "efc_shell02": 0.4922,
  "efc_shell03": 0.5186,
  "efc_shell04": 0.5856,
  "efc_shell05": 0.622,
  "fa_degenerate": 0.0,
  "fa_nans": 0.0,
  "fber_shell01": 927.6425,
  "fber_shell02": 326.8566,
  "fber_shell03": 205.9751,
  "fber_shell04": 66.8391,
  "fber_shell05": 34.3892,
  "fd_mean": 7.6486,
  "fd_num": 279,
  "fd_perc": 99.64285714285714,
  "ndc": 0.4413,
  "provenance": {
    "md5sum": "e44a3c6ed453e5484feaaedf106d58b7",
    "settings": {
      "testing": false
    },
    "software": "mriqc",
    "version": "24.0.1"
  },
  "sigma_cc": 29.652,
  "sigma_pca": 14.5081,
  "sigma_piesno": 1.3206,
  "snr_cc_shell0": 4.03,
  "snr_cc_shell1_best": 3.97,
  "snr_cc_shell1_worst": 3.97,
  "snr_cc_shell2_best": 2.77,
  "snr_cc_shell2_worst": 1.84,
  "snr_cc_shell3_best": 2.37,
  "snr_cc_shell3_worst": 1.51,
  "snr_cc_shell4_best": 1.67,
  "snr_cc_shell4_worst": 1.13,
  "spikes_global": 37.53,
  "spikes_slice_i": 210.88,
  "spikes_slice_j": 228.87,
  "spikes_slice_k": 237.92,
  "summary_bg_k": 799.0468,
  "summary_bg_mad": 5.9304,
  "summary_bg_mean": 18.6688,
  "summary_bg_median": 7.0,
  "summary_bg_n": 1486687.0,
  "summary_bg_p05": 2.0,
  "summary_bg_p95": 60.0,
  "summary_bg_stdv": 72.5161,
  "summary_fg_k": 11.7874,
  "summary_fg_mad": 131.9516,
  "summary_fg_mean": 313.3689,
  "summary_fg_median": 213.0,
  "summary_fg_n": 367805.0,
  "summary_fg_p05": 62.0,
  "summary_fg_p95": 949.0,
  "summary_fg_stdv": 309.4715,
  "summary_wm_k": 27.3311,
  "summary_wm_mad": 65.2345,
  "summary_wm_mean": 161.262,
  "summary_wm_median": 153.0,
  "summary_wm_n": 124371.0,
  "summary_wm_p05": 45.0,
  "summary_wm_p95": 297.0,
  "summary_wm_stdv": 87.98
}