{
  "aor": [
    0.001048237650200267,
    0.000863324432576769,
    0.0007752202937249665,
    0.0008086915887850467
  ],
  "aqi": [
    0.005467000694259012,
    0.006843067316421896,
    0.010489560600801067,
    0.01742447636849132
  ],
  "bids_meta": {
    "AcquisitionDuration": 1230.47,
    "AcquisitionMatrixPE": 96,
    "AcquisitionNumber": 1,
    "AcquisitionTime": "20:07:25.187500",
    "B0FieldSource": [
      "excl029pepolarbold",
      "excl029phasediff"
    ],
    "BandwidthPerPixelPhaseEncode": 37.879,
    "BaseResolution": 96,
    "BodyPartExamined": "BRAIN",
    "CogAtlasID": "https://www.cognitiveatlas.org/task/id/trm_4c8a834779883/",
    "CoilCombinationMethod": "Sum of Squares",
    "CoilString": "HeadNeck_64",
    "ConversionSoftware": "dcm2niix",
    "ConversionSoftwareVersion": "v1.0.20220720",
    "DerivedVendorReportedEchoSpacing": 0.000549997,
    "DeviceSerialNumber": "67014",
    "DwellTime": 2.3e-6,
    "EchoNumber": 1,
    "EchoTime": 0.0126,
    "EchoTrainLength": 35,
    "EffectiveEchoSpacing": 0.000274998,
    "FileSize": 0.482887745834887,
    "FileSizeUnits": "GB",
    "FlipAngle": 64,
    "HeudiconvVersion": "1.0.0",
    "ImageComments": "Unaliased MB4/PE4/LB",
    "ImageOrientationPatientDICOM": [
      0.999756,
      0.0215097,
      -0.00508235,
      -0.0219893,
      0.944813,
      -0.326871
    ],
    "ImageType": [
      "ORIGINAL",
      "PRIMARY",
      "FMRI",
      "NONE"
    ],
    "ImageTypeText": [
      "ORIGINAL",
      "PRIMARY",
      "M",
      "MB",
      "TE1",
      "DIS2D"
    ],
    "ImagingFrequency": 123.248,
    "InPlanePhaseEncodingDirectionDICOM": "COL",
    "InstitutionAddress": "Rue du Bugnon 21,Lausanne,District,CH,1011",
    "InstitutionName": "CHUV",
    "MRAcquisitionType": "2D",
    "MTState": false,
    "MagneticFieldStrength": 3,
    "Manufacturer": "Siemens",
    "ManufacturersModelName": "MAGNETOM Prisma Fit",
    "MatrixCoilMode": "GRAPPA",
    "Modality": "MR",
    "MultibandAccelerationFactor": 4,
    "NonlinearGradientCorrection": true,
    "NumberOfVolumes": 750,
    "ParallelAcquisitionTechnique": "GRAPPA",
    "ParallelReductionFactorInPlane": 2,
    "PartialFourier": 0.75,
    "PartialFourierDirection": "PHASE",
    "PatientPosition": "HFS",
    "PercentPhaseFOV": 100,
    "PercentSampling": 100,
    "PhaseEchoTime1": 0.0126,
    "PhaseEchoTime2": 0.03304,
    "PhaseEncodingDirection": "j",
    "PhaseResolution": 1,
    "PixelBandwidth": 2264,
    "ProcedureStepDescription": "https://www.axonlab.org/hcph-sops/",
    "ProtocolName": "func-bold_task-rest_dir-PA__cmrr_me4_sms4",
    "PulseSequenceDetails": "%CustomerSeq%\\cmrr_mbep2d_bold",
    "PulseSequenceName": "epfid2d4_96",
    "ReceiveCoilActiveElements": "HC1-7",
    "ReceiveCoilName": "HeadNeck_64",
    "ReconMatrixPE": 96,
    "RefLinesPE": 22,
    "RepetitionTime": 1.6,
    "ScanOptions": "PFP\\FS",
    "ScanningSequence": "EP",
    "SequenceVariant": "SK\\SS",
    "SeriesDescription": "func-bold_task-rest_dir-PA__cmrr_me4_sms4",
    "SeriesNumber": 23,
    "ShimSetting": [
      8225,
      -5626,
      -6025,
      671,
      -38,
      -210,
      21,
      13
    ],
    "SliceThickness": 2.2,
    "SliceTiming": [
      0,
      0.8425,
      0.105,
      0.9475,
      0.21,
      1.0525,
      0.315,
      1.1575,
      0.42,
      1.2625,
      0.525,
      1.3675,
      0.63,
      1.4725,
      0.735,
      0,
      0.8425,
      0.105,
      0.9475,
      0.21,
      1.0525,
      0.315,
      1.1575,
      0.42,
      1.2625,
      0.525,
      1.3675,
      0.63,
      1.4725,
      0.735,
      0,
      0.8425,
      0.105,
      0.9475,
      0.21,
      1.0525,
      0.315,
      1.1575,
      0.42,
      1.2625,
      0.525,
      1.3675,
      0.63,
      1.4725,
      0.735,
      0,
      0.8425,
      0.105,
      0.9475,
      0.21,
      1.0525,
      0.315,
      1.1575,
      0.42,
      1.2625,
      0.525,
      1.3675,
      0.63,
      1.4725,
      0.735
    ],
    "SoftwareVersions": "syngo MR XA30",
    "SpacingBetweenSlices": 2.2,
    "StationName": "LRG10884",
    "TaskName": "Naturalistic Scenes Watching Resting State",
    "TotalReadoutTime": 0.0261249,
    "TxRefAmp": 243.011,
    "WipMemBlock": "f6c96697-60ce-4036-b66f-e459ba289ddd||Sequence: R017 nxva30a/master r/d34922cc2+; Jun 27 2022 13:20:16 by eja",
    "dataset": "HCPh",
    "datatype": "func",
    "direction": "PA",
    "extension": ".nii.gz",
    "modality": "bold",
    "part": "mag",
    "session": "excl029",
    "subject": "001",
    "suffix": "bold",
    "task": "rest"
  },
  "dummy_trs": 1,
  "dvars_nstd": 27.79963613727275,
  "dvars_std": 1.0571191593048137,
  "dvars_vstd": 1.0150785486898386,
  "efc": 0.5875,
  "fber": 615.3054,
  "fd_mean": 0.0779965146296334,
  "fd_num": 24,
  "fd_perc": 3.2042723631508676,
  "fwhm_avg": 3.457414794133914,
  "fwhm_x": 3.1258142868861216,
  "fwhm_y": 3.5897529020446926,
  "fwhm_z": 3.656677193470929,
  "gcor": [
    0.00798844,
    0.0109177,
    0.00951553,
    0.00769704
  ],
  "gsr_x": -0.010099486447870731,
  "gsr_y": 0.10728694498538971,
  "provenance": {
    "md5sum": "bef6211b1ade785980c7b4dca214b50f",
    "settings": {
      "fd_thres": 0.2,
      "testing": false
    },
    "software": "mriqc",
    "version": "24.1.0.dev15+g9586c867.d20240825"
  },
  "size_t": 749,
  "size_x": 96,
  "size_y": 96,
  "size_z": 60,
  "snr": 2.520597503170866,
  "spacing_tr": 1.600000023841858,
  "spacing_x": 2.197920083999634,
  "spacing_y": 2.197920083999634,
  "spacing_z": 2.200000047683716,
  "summary_bg_k": 9.5669,
  "summary_bg_mad": 21.5977,
  "summary_bg_mean": 133.9665,
  "summary_bg_median": 32.0,
  "summary_bg_n": 415411.0,
  "summary_bg_p05": 0.0,
  "summary_bg_p95": 666.0,
  "summary_bg_stdv": 235.3827,
  "summary_fg_k": 0.8332,
  "summary_fg_mad": 311.9779,
  "summary_fg_mean": 827.9538,
  "summary_fg_median": 803.0,
  "summary_fg_n": 137549.0,
  "summary_fg_p05": 365.0,
  "summary_fg_p95": 1362.0,
  "summary_fg_stdv": 318.5741,
  "tsnr": 48.34912094450556
}
