{
  "NumberOfShells": 4,
  "bValues": [
    0.0,
    700.0,
    1000.0,
    2000.0,
    3000.0
  ],
  "bValuesEstimation": [
    700.0,
    1000.0,
    2000.0,
    3000.0
  ],
  "bdiffs_max": 0.4264,
  "bdiffs_mean": 0.1798,
  "bdiffs_median": 0.1535,
  "bdiffs_min": 0.0004,
  "bids_meta": {
    "AcquisitionMatrixPE": 148,
    "AcquisitionNumber": 1,
    "AcquisitionTime": "20:39:58.445000",
    "BandwidthPerPixelPhaseEncode": 14.077,
    "BaseResolution": 146,
    "BodyPartExamined": "BRAIN",
    "CoilCombinationMethod": "Adaptive Combine",
    "CoilString": "HeadNeck_64_CS",
    "ConversionSoftware": "dcm2niix",
    "ConversionSoftwareVersion": "v1.0.20220720",
    "Deltas": [
      0.0272,
      0.0469
    ],
    "DerivedVendorReportedEchoSpacing": 0.000959971,
    "DeviceSerialNumber": "176240",
    "DiffusionScheme": "Monopolar",
    "DwellTime": 2.1e-6,
    "EchoTime": 0.121,
    "EchoTrainLength": 64,
    "EffectiveEchoSpacing": 0.000479986,
    "FileSize": 0.3272106684744358,
    "FileSizeUnits": "GB",
    "FlipAngle": 90,
    "HeudiconvVersion": "1.1.6.post8+ga0a3635",
    "ImageOrientationPatientDICOM": [
      0.998359,
      0.0425554,
      0.0383145,
      -0.0193438,
      0.88041,
      -0.473819
    ],
    "ImageType": [
      "ORIGINAL",
      "PRIMARY",
      "DIFFUSION",
      "NONE",
      "ND",
      "NORM",
      "MFSPLIT"
    ],
    "ImageTypeText": [
      "ORIGINAL",
      "PRIMARY",
      "DIFFUSION",
      "NONE"
    ],
    "ImagingFrequency": 123.261,
    "InPlanePhaseEncodingDirectionDICOM": "ROW",
    "InstitutionAddress": "Rue de Bugnon 46,Lausanne,,CH,1011",
    "InstitutionName": "Radiologie-CHUV",
    "MRAcquisitionType": "2D",
    "MagneticFieldStrength": 3,
    "Manufacturer": "Siemens",
    "ManufacturersModelName": "MAGNETOM Vida",
    "Modality": "MR",
    "MultibandAccelerationFactor": 3,
    "NonlinearGradientCorrection": false,
    "NumberOfVolumes": 280,
    "ParallelReductionFactorInPlane": 2,
    "PartialFourier": 0.875,
    "PatientPosition": "HFS",
    "PercentPhaseFOV": 101.37,
    "PercentSampling": 100,
    "PhaseEncodingDirection": "i-",
    "PhaseEncodingSteps": 148,
    "PhaseResolution": 1,
    "PixelBandwidth": 1631,
    "ProcedureStepDescription": "Research Oscar",
    "ProtocolName": "dwi-dwi_acq-highres_dir-LR",
    "PulseSequenceDetails": "%SiemensSeq%\\ep2d_diff",
    "ReceiveCoilActiveElements": "HC1-7;NC1",
    "ReceiveCoilName": "HeadNeck_64_CS",
    "ReconMatrixPE": 148,
    "RefLinesPE": 54,
    "RepetitionTime": 7,
    "SAR": 0.168714,
    "ScanOptions": "PFP\\FS\\PER",
    "ScanningSequence": "GR\\EP",
    "SequenceName": "*ep_b0",
    "SequenceVariant": "SK",
    "SeriesDescription": "dwi-dwi_acq-highres_dir-LR",
    "SeriesNumber": 18,
    "ShimSetting": [
      -8764,
      8473,
      9539,
      637,
      -209,
      -24,
      76,
      146
    ],
    "SliceThickness": 1.6,
    "SliceTiming": [
      0,
      -0.001,
      -0.001,
      -0.001,
      -0.001,
      -0.001,
      -0.001,
      -0.001,
      -0.001,
      -0.001,
      -0.001,
      -0.001,
      -0.001,
      -0.001,
      -0.001,
      -0.001,
      -0.001,
      -0.001,
      -0.001,
      -0.001,
      -0.001,
      -0.001,
      -0.001,
      -0.001,
      -0.001,
      -0.001,
      -0.001,
      -0.001,
      -0.001,
      -0.001,
      -0.001,
      -0.001,
      -0.001,
      -0.001,
      -0.001,
      -0.001,
      -0.001,
      -0.001,
      -0.001,
      -0.001,
      -0.001,
      -0.001,
      -0.001,
      -0.001,
      -0.001,
      -0.001,
      -0.001,
      -0.001,
      -0.001,
      -0.001,
      -0.001,
      -0.001,
      -0.001,
      -0.001,
      -0.001,
      -0.001,
      -0.001,
      -0.001,
      -0.001,
      -0.001,
      -0.001,
      -0.001,
      -0.001,
      -0.001,
      -0.001,
      -0.001,
      -0.001,
      -0.001,
      -0.001,
      -0.001,
      -0.001,
      -0.001,
      -0.001,
      -0.001,
      -0.001,
      -0.001,
      -0.001,
      -0.001,
      -0.001,
      -0.001,
      -0.001,
      -0.001,
      -0.001,
      -0.001,
      -0.001,
      -0.001,
      -0.001
    ],
    "SoftwareVersions": "syngo MR XA50",
    "SpacingBetweenSlices": 1.6,
    "StationName": "LRG08892",
    "TotalReadoutTime": 0.0705579,
    "TxRefAmp": 322.525,
    "VendorReportedEchoSpacing": 0.00096,
    "acquisition": "highres",
    "dataset": "HCPh",
    "datatype": "dwi",
    "direction": "LR",
    "extension": ".nii.gz",
    "modality": "dwi",
    "session": "20802034",
    "subject": "001",
    "suffix": "dwi"
  },
  "efc_shell01": 0.3369,
  "efc_shell02": 0.4335,
  "efc_shell03": 0.4284,
  "efc_shell04": 0.4486,
  "efc_shell05": 0.4618,
  "fa_degenerate": 0.0,
  "fa_nans": 0.0,
  "fber_shell01": 20390.9336,
  "fber_shell02": 7403.5693,
  "fber_shell03": 7646.3906,
  "fber_shell04": 2087.7998,
  "fber_shell05": 1116.4314,
  "fd_mean": 28.8684,
  "fd_num": 278,
  "fd_perc": 99.28571428571429,
  "ndc": 0.5244,
  "provenance": {
    "md5sum": "5b6c0473d8b83e241eadeb62e22e8d02",
    "settings": {
      "testing": false
    },
    "software": "mriqc",
    "version": "24.1.0.dev15+g9586c867.d20240825"
  },
  "sigma_cc": 56.3389,
  "sigma_pca": 14.1085,
  "sigma_piesno": 0.3301,
  "snr_cc_shell0": 3.47,
  "snr_cc_shell1_best": 3.5,
  "snr_cc_shell1_worst": 3.5,
  "snr_cc_shell2_best": 2.5,
  "snr_cc_shell2_worst": 1.6,
  "snr_cc_shell3_best": 1.8,
  "snr_cc_shell3_worst": 1.59,
  "snr_cc_shell4_best": 1.12,
  "snr_cc_shell4_worst": 1.03,
  "spikes_global": 37.03,
  "spikes_slice_i": 204.97,
  "spikes_slice_j": 217.46,
  "spikes_slice_k": 249.91,
  "summary_bg_k": 998.7551,
  "summary_bg_mad": 1.4826,
  "summary_bg_mean": 8.8615,
  "summary_bg_median": 1.0,
  "summary_bg_n": 1513402.0,
  "summary_bg_p05": 0.0,
  "summary_bg_p95": 33.0,
  "summary_bg_stdv": 52.0164,
  "summary_fg_k": 9.8832,
  "summary_fg_mad": 94.8865,
  "summary_fg_mean": 301.8902,
  "summary_fg_median": 214.0,
  "summary_fg_n": 366494.0,
  "summary_fg_p05": 82.0,
  "summary_fg_p95": 860.0,
  "summary_fg_stdv": 259.088,
  "summary_wm_k": 36.9182,
  "summary_wm_mad": 48.9259,
  "summary_wm_mean": 194.7112,
  "summary_wm_median": 185.0,
  "summary_wm_n": 131371.0,
  "summary_wm_p05": 72.0,
  "summary_wm_p95": 318.0,
  "summary_wm_stdv": 97.0173
}
