{
  "NumberOfShells": 4,
  "bValues": [
    0.0,
    700.0,
    1000.0,
    2000.0,
    3000.0
  ],
  "bValuesEstimation": [
    700.0,
    1000.0,
    2000.0,
    3000.0
  ],
  "bdiffs_max": 0.2471,
  "bdiffs_mean": 0.1503,
  "bdiffs_median": 0.1764,
  "bdiffs_min": 0.0114,
  "bids_meta": {
    "AcquisitionMatrixPE": 108,
    "AcquisitionNumber": 1,
    "AcquisitionTime": "17:49:15.320000",
    "B0FieldSource": [
      "pilot016pepolarb0",
      "pilot016phasediff"
    ],
    "BandwidthPerPixelPhaseEncode": 19.73,
    "BaseResolution": 146,
    "BodyPartExamined": "BRAIN",
    "CoilCombinationMethod": "Adaptive Combine",
    "CoilString": "HeadNeck_64",
    "ConversionSoftware": "dcm2niix",
    "ConversionSoftwareVersion": "v1.0.20220720",
    "Deltas": [
      0.0272,
      0.0469
    ],
    "DerivedVendorReportedEchoSpacing": 0.000938597,
    "DeviceSerialNumber": "67014",
    "DiffusionScheme": "Monopolar",
    "DwellTime": 2.1e-6,
    "EchoTime": 0.09,
    "EchoTrainLength": 48,
    "EffectiveEchoSpacing": 0.000469298,
    "FileSize": 0.1300476100295782,
    "FileSizeUnits": "GB",
    "FlipAngle": 90,
    "HeudiconvVersion": "1.0.0",
    "ImageOrientationPatientDICOM": [
      0.99786,
      0.00412124,
      0.065256,
      0.012366,
      0.968106,
      -0.250234
    ],
    "ImageType": [
      "ORIGINAL",
      "PRIMARY",
      "DIFFUSION",
      "NONE",
      "ND",
      "MFSPLIT"
    ],
    "ImageTypeText": [
      "ORIGINAL",
      "PRIMARY",
      "DIFFUSION",
      "NONE"
    ],
    "ImagingFrequency": 123.248,
    "InPlanePhaseEncodingDirectionDICOM": "ROW",
    "InstitutionAddress": "Rue du Bugnon 21,Lausanne,District,CH,1011",
    "InstitutionName": "CHUV",
    "MRAcquisitionType": "2D",
    "MagneticFieldStrength": 3,
    "Manufacturer": "Siemens",
    "ManufacturersModelName": "MAGNETOM Prisma Fit",
    "Modality": "MR",
    "MultibandAccelerationFactor": 3,
    "NonlinearGradientCorrection": false,
    "NumberOfVolumes": 103,
    "ParallelReductionFactorInPlane": 2,
    "PartialFourier": 0.875,
    "PatientPosition": "HFS",
    "PercentPhaseFOV": 73.9726,
    "PercentSampling": 100,
    "PhaseEncodingDirection": "i",
    "PhaseEncodingSteps": 108,
    "PhaseResolution": 1,
    "PixelBandwidth": 1631,
    "ProcedureStepDescription": "RESEARCH Oscar",
    "ProtocolName": "dwi-dwi_acq-highres_dir-RL__279dir_monopolar",
    "PulseSequenceDetails": "%SiemensSeq%\\ep2d_diff",
    "ReceiveCoilActiveElements": "HC1-7",
    "ReceiveCoilName": "HeadNeck_64",
    "ReconMatrixPE": 108,
    "RefLinesPE": 40,
    "RepetitionTime": 5.3,
    "SAR": 0.237434,
    "ScanOptions": "PFP\\FS\\PER",
    "ScanningSequence": "GR\\EP",
    "SequenceName": "*ep_b0",
    "SequenceVariant": "SK",
    "SeriesDescription": "dwi-dwi_acq-highres_dir-RL__279dir_monopolar",
    "SeriesNumber": 7,
    "ShimSetting": [
      8246,
      -5627,
      -6028,
      667,
      -22,
      -212,
      26,
      16
    ],
    "SliceThickness": 1.6,
    "SliceTiming": [
      0,
      5.9225,
      0.135,
      6.0575,
      0.27,
      6.19,
      0.4025,
      6.325,
      0.5375,
      6.46,
      0.6725,
      6.595,
      0.8075,
      6.73,
      0.9425,
      6.865,
      1.0775,
      6.9975,
      1.21,
      7.1325,
      1.345,
      7.2675,
      1.48,
      7.4025,
      1.615,
      7.5375,
      1.75,
      7.6725,
      1.885,
      7.805,
      2.0175,
      7.94,
      2.1525,
      8.075,
      2.2875,
      8.21,
      2.4225,
      8.345,
      2.5575,
      8.48,
      2.6925,
      8.6125,
      2.825,
      8.7475,
      2.96,
      8.8825,
      3.095,
      9.0175,
      3.23,
      9.1525,
      3.365,
      9.2875,
      3.5,
      9.42,
      3.635,
      9.555,
      3.7675,
      9.69,
      3.9025,
      9.825,
      4.0375,
      9.96,
      4.1725,
      10.095,
      4.3075,
      10.2275,
      4.4425,
      10.3625,
      4.575,
      10.4975,
      4.71,
      10.6325,
      4.845,
      10.7675,
      4.98,
      10.9025,
      5.115,
      11.035,
      5.25,
      11.17,
      5.3825,
      11.305,
      5.5175,
      11.44,
      5.6525,
      11.575,
      5.7875
    ],
    "SoftwareVersions": "syngo MR XA30",
    "SpacingBetweenSlices": 1.6,
    "StationName": "LRG10884",
    "TotalReadoutTime": 0.0502149,
    "TxRefAmp": 248.2,
    "VendorReportedEchoSpacing": 0.00093,
    "acquisition": "highres",
    "dataset": "HCPh",
    "datatype": "dwi",
    "direction": "RL",
    "extension": ".nii.gz",
    "modality": "dwi",
    "session": "pilot016",
    "subject": "001",
    "suffix": "dwi"
  },
  "efc_shell01": 0.4696,
  "efc_shell02": 0.5636,
  "efc_shell03": 0.5784,
  "efc_shell04": 0.6169,
  "efc_shell05": 0.6559,
  "fa_degenerate": 0.0,
  "fa_nans": 0.0,
  "fber_shell01": 438.3475,
  "fber_shell02": 158.5246,
  "fber_shell03": 102.7954,
  "fber_shell04": 36.8532,
  "fber_shell05": 19.8637,
  "fd_mean": 13.4985,
  "fd_num": 102,
  "fd_perc": 99.02912621359224,
  "ndc": 0.3579,
  "provenance": {
    "md5sum": "65142534c41e4c6f808c22b87a336152",
    "settings": {
      "testing": false
    },
    "software": "mriqc",
    "version": "24.1.0.dev15+g9586c867.d20240825"
  },
  "sigma_cc": 44.4781,
  "sigma_pca": 18.8904,
  "sigma_piesno": 7.2633,
  "snr_cc_shell0": 4.04,
  "snr_cc_shell1_best": 4.02,
  "snr_cc_shell1_worst": 4.02,
  "snr_cc_shell2_best": 2.57,
  "snr_cc_shell2_worst": 2.38,
  "snr_cc_shell3_best": 2.08,
  "snr_cc_shell3_worst": 1.45,
  "snr_cc_shell4_best": 1.15,
  "snr_cc_shell4_worst": 1.0,
  "spikes_global": 119.64,
  "spikes_slice_i": 776.58,
  "spikes_slice_j": 691.27,
  "spikes_slice_k": 658.82,
  "summary_bg_k": 236.0246,
  "summary_bg_mad": 16.3086,
  "summary_bg_mean": 38.138,
  "summary_bg_median": 16.0,
  "summary_bg_n": 1002996.0,
  "summary_bg_p05": 3.0,
  "summary_bg_p95": 135.0,
  "summary_bg_stdv": 93.5974,
  "summary_fg_k": 9.2345,
  "summary_fg_mad": 180.8775,
  "summary_fg_mean": 395.8885,
  "summary_fg_median": 313.0,
  "summary_fg_n": 368820.0,
  "summary_fg_p05": 95.0,
  "summary_fg_p95": 1014.0,
  "summary_fg_stdv": 306.8191,
  "summary_wm_k": 11.3387,
  "summary_wm_mad": 91.9213,
  "summary_wm_mean": 228.102,
  "summary_wm_median": 220.0,
  "summary_wm_n": 135069.0,
  "summary_wm_p05": 76.0,
  "summary_wm_p95": 393.0,
  "summary_wm_stdv": 105.8596
}
