{
  "bids_meta": {
    "AcquisitionMatrixPE": 216,
    "AcquisitionNumber": 1,
    "AcquisitionTime": "23:27:49.790000",
    "BaseResolution": 256,
    "BodyPartExamined": "BRAIN",
    "CoilCombinationMethod": "Adaptive Combine",
    "CoilString": "HeadNeck_64_CS",
    "ConversionSoftware": "dcm2niix",
    "ConversionSoftwareVersion": "v1.0.20220720",
    "DeviceSerialNumber": "202009",
    "DwellTime": 7.5e-6,
    "EchoTime": 0.00246,
    "FileSize": 0.0093714389950037,
    "FileSizeUnits": "GB",
    "FlipAngle": 8,
    "HeudiconvVersion": "1.1.6.post8+ga0a3635",
    "ImageOrientationPatientDICOM": [
      0.999723,
      0.00602367,
      0.0227594,
      -0.00575805,
      0.999915,
      -0.0117183
    ],
    "ImageType": [
      "ORIGINAL",
      "PRIMARY",
      "M",
      "NORM",
      "DIS2D",
      "FM3",
      "2",
      "FIL",
      "MFSPLIT"
    ],
    "ImageTypeText": [
      "ORIGINAL",
      "PRIMARY",
      "M",
      "NONE"
    ],
    "ImagingFrequency": 123.198,
    "InPlanePhaseEncodingDirectionDICOM": "ROW",
    "InstitutionAddress": "Rue du Bugnon 46,Lausanne,,CH,1011",
    "InstitutionName": "CHUV Lausanne",
    "InversionTime": 0.9,
    "MRAcquisitionType": "3D",
    "MagneticFieldStrength": 3,
    "Manufacturer": "Siemens",
    "ManufacturersModelName": "MAGNETOM Vida Fit",
    "MatrixCoilMode": "GRAPPA",
    "Modality": "MR",
    "NonlinearGradientCorrection": true,
    "NumberOfVolumes": 1,
    "ParallelReductionFactorInPlane": 2,
    "PartialFourier": 1,
    "PatientPosition": "HFS",
    "PercentPhaseFOV": 84.375,
    "PercentSampling": 100,
    "PhaseEncodingSteps": 216,
    "PhaseResolution": 1,
    "PixelBandwidth": 260,
    "ProcedureStepDescription": "RESEARCH Oscar",
    "ProtocolName": "anat-T1w__t1_mprage_tra_p2_iso_siemens_axial",
    "PulseSequenceDetails": "%SiemensSeq%\\tfl",
    "ReceiveCoilActiveElements": "HC1-7;NC1",
    "ReceiveCoilName": "HeadNeck_64_CS",
    "ReconMatrixPE": 216,
    "RefLinesPE": 24,
    "RepetitionTime": 2.2,
    "SAR": 0.0481876,
    "ScanOptions": "PER",
    "ScanningSequence": "GR",
    "SequenceName": "*tfl3d1_240",
    "SequenceVariant": "SK",
    "SeriesDescription": "anat-T1w__t1_mprage_tra_p2_iso_siemens_axial",
    "SeriesNumber": 5,
    "ShimSetting": [
      232,
      -1112,
      2213,
      61,
      390,
      -73,
      60,
      -60
    ],
    "SliceThickness": 0.9,
    "SoftwareVersions": "syngo MR XA50",
    "StationName": "AWP202009",
    "TxRefAmp": 315.922,
    "acquisition": "undistorted",
    "dataset": "HCPh",
    "datatype": "anat",
    "extension": ".nii.gz",
    "modality": "T1w",
    "session": "20702030",
    "subject": "001",
    "suffix": "T1w"
  },
  "cjv": 0.5929303149606299,
  "cnr": 1.6429524380986822,
  "efc": 0.5266,
  "fber": 15949.3611,
  "fwhm_avg": 4.741632072456152,
  "fwhm_x": 4.433784081593877,
  "fwhm_y": 5.250123126590562,
  "fwhm_z": 4.540989009184017,
  "icvs_csf": 0.2747713530380767,
  "icvs_gm": 0.3777636472136221,
  "icvs_wm": 0.34746499974830125,
  "inu_med": 0.5226218104362488,
  "inu_range": 0.24433967322111128,
  "provenance": {
    "md5sum": "f37972600ab85a1dde1a8117baeb1b06",
    "settings": {
      "testing": false
    },
    "software": "mriqc",
    "version": "24.1.0.dev15+g9586c867.d20240825",
    "warnings": {
      "large_rot_frame": true,
      "small_air_mask": false
    }
  },
  "qi_1": 0.0,
  "qi_2": 0.000723109736089111,
  "rpve_csf": 5.340511205108204,
  "rpve_gm": 5.242876196273145,
  "rpve_wm": 5.325665232246947,
  "size_x": 216,
  "size_y": 256,
  "size_z": 208,
  "snr_csf": 1.6892650526215105,
  "snr_gm": 5.601109719867619,
  "snr_total": 5.985567218558007,
  "snr_wm": 10.666326883184892,
  "snrd_csf": 38.82771810280606,
  "snrd_gm": 76.35394844797617,
  "snrd_total": 73.02792417846204,
  "snrd_wm": 103.90210598460392,
  "spacing_x": 0.8984379768371582,
  "spacing_y": 0.8984379768371582,
  "spacing_z": 0.8999999761581421,
  "summary_bg_k": 2996.3906,
  "summary_bg_mad": 0.0,
  "summary_bg_mean": 2.6137,
  "summary_bg_median": 0.0,
  "summary_bg_n": 3688815.0,
  "summary_bg_p05": 0.0,
  "summary_bg_p95": 12.0,
  "summary_bg_stdv": 6.0405,
  "summary_csf_k": 2.0363,
  "summary_csf_mad": 168.7055,
  "summary_csf_mean": 372.8127,
  "summary_csf_median": 358.0,
  "summary_csf_n": 581776.1341464026,
  "summary_csf_p05": 44.0,
  "summary_csf_p95": 725.0,
  "summary_csf_stdv": 211.9263,
  "summary_gm_k": -0.4015,
  "summary_gm_mad": 85.0075,
  "summary_gm_mean": 707.538,
  "summary_gm_median": 704.0,
  "summary_gm_n": 799842.7487691235,
  "summary_gm_p05": 502.0,
  "summary_gm_p95": 945.0,
  "summary_gm_stdv": 125.6893,
  "summary_wm_k": 0.19,
  "summary_wm_mad": 65.5968,
  "summary_wm_mean": 934.8213,
  "summary_wm_median": 958.0,
  "summary_wm_n": 735691.1194331629,
  "summary_wm_p05": 756.0,
  "summary_wm_p95": 1045.0,
  "summary_wm_stdv": 89.8153,
  "tpm_overlap_csf": 0.19914551206474468,
  "tpm_overlap_gm": 0.5502162465947685,
  "tpm_overlap_wm": 0.5569624455223562,
  "wm2max": 0.4998805052368004
}
