{
  "bids_meta": {
    "AcquisitionMatrixPE": 320,
    "AcquisitionNumber": 1,
    "AcquisitionTime": "00:38:19.882500",
    "BaseResolution": 320,
    "BodyPartExamined": "BRAIN",
    "CoilCombinationMethod": "Adaptive Combine",
    "CoilString": "HeadNeck_64_CS",
    "ConversionSoftware": "dcm2niix",
    "ConversionSoftwareVersion": "v1.0.20220720",
    "DeviceSerialNumber": "202009",
    "DwellTime": 2.2e-6,
    "EchoTime": 0.414,
    "EchoTrainLength": 250,
    "FileSize": 0.014456850476562977,
    "FileSizeUnits": "GB",
    "FlipAngle": 120,
    "HeudiconvVersion": "1.1.6.post8+ga0a3635",
    "ImageOrientationPatientDICOM": [
      -0.00946648,
      0.987622,
      0.156566,
      0.021539,
      0.156738,
      -0.987405
    ],
    "ImageType": [
      "ORIGINAL",
      "PRIMARY",
      "M",
      "NORM",
      "DIS3D",
      "MFSPLIT"
    ],
    "ImageTypeText": [
      "ORIGINAL",
      "PRIMARY",
      "M",
      "NONE"
    ],
    "ImagingFrequency": 123.198,
    "InPlanePhaseEncodingDirectionDICOM": "ROW",
    "InstitutionAddress": "Rue du Bugnon 46,Lausanne,,CH,1011",
    "InstitutionName": "CHUV Lausanne",
    "MRAcquisitionType": "3D",
    "MagneticFieldStrength": 3,
    "Manufacturer": "Siemens",
    "ManufacturersModelName": "MAGNETOM Vida Fit",
    "MatrixCoilMode": "GRAPPA",
    "Modality": "MR",
    "NonlinearGradientCorrection": true,
    "NumberOfVolumes": 1,
    "ParallelReductionFactorInPlane": 3,
    "PartialFourier": 1,
    "PatientPosition": "HFS",
    "PercentPhaseFOV": 100,
    "PercentSampling": 100,
    "PhaseEncodingDirection": "i",
    "PhaseEncodingSteps": 320,
    "PhaseResolution": 1,
    "PixelBandwidth": 710,
    "ProcedureStepDescription": "RESEARCH Oscar",
    "ProtocolName": "anat-T2w__space",
    "PulseSequenceDetails": "%SiemensSeq%\\space",
    "ReceiveCoilActiveElements": "HC1-7;NC1,2",
    "ReceiveCoilName": "HeadNeck_64_CS",
    "ReconMatrixPE": 320,
    "RefLinesPE": 24,
    "RepetitionTime": 3.2,
    "SAR": 0.13844,
    "ScanOptions": "PFP\\PER",
    "ScanningSequence": "SE",
    "SequenceName": "*spcR_282ns",
    "SequenceVariant": "SP\\SK",
    "SeriesDescription": "anat-T2w__space",
    "SeriesNumber": 24,
    "ShimSetting": [
      232,
      -1112,
      2213,
      61,
      390,
      -73,
      60,
      -60
    ],
    "SliceThickness": 0.8,
    "SoftwareVersions": "syngo MR XA50",
    "StationName": "AWP202009",
    "TxRefAmp": 315.922,
    "acquisition": "undistorted",
    "dataset": "HCPh",
    "datatype": "anat",
    "extension": ".nii.gz",
    "modality": "T2w",
    "session": "20702030",
    "subject": "001",
    "suffix": "T2w"
  },
  "cjv": 1.5092401826484019,
  "cnr": 0.6347300112917315,
  "efc": 0.4563,
  "fber": -1.0,
  "fwhm_avg": 2.710565337165925,
  "fwhm_x": 2.6322624607762326,
  "fwhm_y": 2.934387931132572,
  "fwhm_z": 2.5650456195889704,
  "icvs_csf": 0.27695084654521496,
  "icvs_gm": 0.34023142051006566,
  "icvs_wm": 0.38281773294471944,
  "inu_med": 1.001151442527771,
  "inu_range": 0.3651540279388428,
  "provenance": {
    "md5sum": "d90956abc2928e38a907739d634b613b",
    "settings": {
      "testing": false
    },
    "software": "mriqc",
    "version": "24.1.0.dev15+g9586c867.d20240825",
    "warnings": {
      "large_rot_frame": true,
      "small_air_mask": false
    }
  },
  "qi_1": 0.0,
  "qi_2": 0.0022744447271533974,
  "rpve_csf": 8.947321251864935,
  "rpve_gm": 8.799110230023356,
  "rpve_wm": 8.835753034159053,
  "size_x": 240,
  "size_y": 320,
  "size_z": 320,
  "snr_csf": 1.4150665161698772,
  "snr_gm": 4.287136950188095,
  "snr_total": 4.17116898616898,
  "snr_wm": 6.81130349214897,
  "snrd_csf": 41.43300479278729,
  "snrd_gm": 35.34787027687531,
  "snrd_total": 35.4019603614612,
  "snrd_wm": 29.425006014720996,
  "spacing_x": 0.800000011920929,
  "spacing_y": 0.8343750238418579,
  "spacing_z": 0.8343750238418579,
  "summary_bg_k": 924.2377,
  "summary_bg_mad": 0.0,
  "summary_bg_mean": 1.8644,
  "summary_bg_median": 0.0,
  "summary_bg_n": 7839322.0,
  "summary_bg_p05": 0.0,
  "summary_bg_p95": 0.0,
  "summary_bg_stdv": 24.2239,
  "summary_csf_k": -1.3944,
  "summary_csf_mad": 1739.9729,
  "summary_csf_mean": 1602.1245,
  "summary_csf_median": 1532.0,
  "summary_csf_n": 751835.9712890415,
  "summary_csf_p05": 14.0,
  "summary_csf_p95": 3387.0,
  "summary_csf_stdv": 1082.6339,
  "summary_gm_k": 38.2639,
  "summary_gm_mad": 203.8456,
  "summary_gm_mean": 1307.7447,
  "summary_gm_median": 1307.0,
  "summary_gm_n": 923623.1760731374,
  "summary_gm_p05": 861.0,
  "summary_gm_p95": 1804.0,
  "summary_gm_stdv": 304.8653,
  "summary_wm_k": 104.8022,
  "summary_wm_mad": 126.678,
  "summary_wm_mean": 1099.6411,
  "summary_wm_median": 1088.0,
  "summary_wm_n": 1039231.8552749873,
  "summary_wm_p05": 878.0,
  "summary_wm_p95": 1352.0,
  "summary_wm_stdv": 159.7344,
  "tpm_overlap_csf": 0.2093799424893035,
  "tpm_overlap_gm": 0.4993193186438283,
  "tpm_overlap_wm": 0.5191134649745147,
  "wm2max": 0.28452462550250446
}
