{
  "bids_meta": {
    "AcquisitionMatrixPE": 320,
    "AcquisitionNumber": 1,
    "AcquisitionTime": "00:38:19.882500",
    "BaseResolution": 320,
    "BodyPartExamined": "BRAIN",
    "CoilCombinationMethod": "Adaptive Combine",
    "CoilString": "HeadNeck_64_CS",
    "ConversionSoftware": "dcm2niix",
    "ConversionSoftwareVersion": "v1.0.20220720",
    "DeviceSerialNumber": "202009",
    "DwellTime": 2.2e-6,
    "EchoTime": 0.414,
    "EchoTrainLength": 250,
    "FileSize": 0.015431620180606842,
    "FileSizeUnits": "GB",
    "FlipAngle": 120,
    "HeudiconvVersion": "1.1.6.post8+ga0a3635",
    "ImageOrientationPatientDICOM": [
      -0.00946648,
      0.987622,
      0.156566,
      0.021539,
      0.156738,
      -0.987405
    ],
    "ImageType": [
      "ORIGINAL",
      "PRIMARY",
      "M",
      "ND",
      "NORM",
      "MFSPLIT"
    ],
    "ImageTypeText": [
      "ORIGINAL",
      "PRIMARY",
      "M",
      "NONE"
    ],
    "ImagingFrequency": 123.198,
    "InPlanePhaseEncodingDirectionDICOM": "ROW",
    "InstitutionAddress": "Rue du Bugnon 46,Lausanne,,CH,1011",
    "InstitutionName": "CHUV Lausanne",
    "MRAcquisitionType": "3D",
    "MagneticFieldStrength": 3,
    "Manufacturer": "Siemens",
    "ManufacturersModelName": "MAGNETOM Vida Fit",
    "MatrixCoilMode": "GRAPPA",
    "Modality": "MR",
    "NonlinearGradientCorrection": false,
    "NumberOfVolumes": 1,
    "ParallelReductionFactorInPlane": 3,
    "PartialFourier": 1,
    "PatientPosition": "HFS",
    "PercentPhaseFOV": 100,
    "PercentSampling": 100,
    "PhaseEncodingDirection": "i",
    "PhaseEncodingSteps": 320,
    "PhaseResolution": 1,
    "PixelBandwidth": 710,
    "ProcedureStepDescription": "RESEARCH Oscar",
    "ProtocolName": "anat-T2w__space",
    "PulseSequenceDetails": "%SiemensSeq%\\space",
    "ReceiveCoilActiveElements": "HC1-7;NC1,2",
    "ReceiveCoilName": "HeadNeck_64_CS",
    "ReconMatrixPE": 320,
    "RefLinesPE": 24,
    "RepetitionTime": 3.2,
    "SAR": 0.13844,
    "ScanOptions": "PFP\\PER",
    "ScanningSequence": "SE",
    "SequenceName": "*spcR_282ns",
    "SequenceVariant": "SP\\SK",
    "SeriesDescription": "anat-T2w__space_ND",
    "SeriesNumber": 23,
    "ShimSetting": [
      232,
      -1112,
      2213,
      61,
      390,
      -73,
      60,
      -60
    ],
    "SliceThickness": 0.8,
    "SoftwareVersions": "syngo MR XA50",
    "StationName": "AWP202009",
    "TxRefAmp": 315.922,
    "acquisition": "original",
    "dataset": "HCPh",
    "datatype": "anat",
    "extension": ".nii.gz",
    "modality": "T2w",
    "session": "20702030",
    "subject": "001",
    "suffix": "T2w"
  },
  "cjv": 1.4460536231884058,
  "cnr": 0.6577123488636484,
  "efc": 0.4515,
  "fber": -1.0,
  "fwhm_avg": 2.693600964870317,
  "fwhm_x": 2.6056749611724173,
  "fwhm_y": 2.9290306279148677,
  "fwhm_z": 2.5460973055236673,
  "icvs_csf": 0.2766931758648505,
  "icvs_gm": 0.3447914193630658,
  "icvs_wm": 0.3785154047720836,
  "inu_med": 0.9597257375717163,
  "inu_range": 0.3325139015913008,
  "provenance": {
    "md5sum": "591da1c213e785788710f2ce60f768e4",
    "settings": {
      "testing": false
    },
    "software": "mriqc",
    "version": "24.1.0.dev15+g9586c867.d20240825",
    "warnings": {
      "large_rot_frame": true,
      "small_air_mask": false
    }
  },
  "qi_1": 0.0,
  "qi_2": 0.002410490242082679,
  "rpve_csf": 8.863304734331038,
  "rpve_gm": 8.708343528873595,
  "rpve_wm": 8.741459764136888,
  "size_x": 240,
  "size_y": 320,
  "size_z": 320,
  "snr_csf": 1.4652780270865515,
  "snr_gm": 4.793393229602764,
  "snr_total": 4.360160076003002,
  "snr_wm": 6.8218089713196886,
  "snrd_csf": 44.65622019128194,
  "snrd_gm": 39.21033968014999,
  "snrd_total": 38.938045654593395,
  "snrd_wm": 32.947577092348254,
  "spacing_x": 0.800000011920929,
  "spacing_y": 0.8343750238418579,
  "spacing_z": 0.8343750238418579,
  "summary_bg_k": 1132.4386,
  "summary_bg_mad": 0.0,
  "summary_bg_mean": 1.9351,
  "summary_bg_median": 0.0,
  "summary_bg_n": 7808585.0,
  "summary_bg_p05": 0.0,
  "summary_bg_p95": 14.0,
  "summary_bg_stdv": 21.6539,
  "summary_csf_k": -1.3781,
  "summary_csf_mad": 1606.9921,
  "summary_csf_mean": 1542.4626,
  "summary_csf_median": 1476.0,
  "summary_csf_n": 758344.6086940486,
  "summary_csf_p05": 91.0,
  "summary_csf_p95": 3239.0,
  "summary_csf_stdv": 1007.3167,
  "summary_gm_k": 47.6641,
  "summary_gm_mad": 173.4127,
  "summary_gm_mean": 1295.4479,
  "summary_gm_median": 1296.0,
  "summary_gm_n": 944984.3248959053,
  "summary_gm_p05": 895.0,
  "summary_gm_p95": 1731.0,
  "summary_gm_stdv": 270.372,
  "summary_wm_k": 110.7413,
  "summary_wm_mad": 125.9204,
  "summary_wm_mean": 1101.3335,
  "summary_wm_median": 1089.0,
  "summary_wm_n": 1037413.06817325,
  "summary_wm_p05": 881.0,
  "summary_wm_p95": 1352.0,
  "summary_wm_stdv": 159.635,
  "tpm_overlap_csf": 0.20849668164452156,
  "tpm_overlap_gm": 0.509586250192287,
  "tpm_overlap_wm": 0.5230543831054604,
  "wm2max": 0.2979472303050913
}
