{
  "bids_meta": {
    "AcquisitionMatrixPE": 252,
    "AcquisitionNumber": 1,
    "AcquisitionTime": "20:42:24.902500",
    "BaseResolution": 288,
    "BodyPartExamined": "BRAIN",
    "CoilCombinationMethod": "Adaptive Combine",
    "CoilString": "HeadNeck_64",
    "ConversionSoftware": "dcm2niix",
    "ConversionSoftwareVersion": "v1.0.20220720",
    "DeviceSerialNumber": "67014",
    "DwellTime": 6.7e-06,
    "EchoTime": 0.00255,
    "FileSize": 0.0119055500254035,
    "FileSizeUnits": "GB",
    "FlipAngle": 8,
    "HeudiconvVersion": "1.1.6.post8+ga0a3635",
    "ImageOrientationPatientDICOM": [
      1,
      -1.1103e-11,
      4e-06,
      -4.897e-12,
      1,
      4e-06
    ],
    "ImageType": [
      "ORIGINAL",
      "PRIMARY",
      "M",
      "NORM",
      "DIS2D",
      "FM3",
      "2",
      "FIL",
      "MFSPLIT"
    ],
    "ImageTypeText": [
      "ORIGINAL",
      "PRIMARY",
      "M",
      "NONE"
    ],
    "ImagingFrequency": 123.248,
    "InPlanePhaseEncodingDirectionDICOM": "ROW",
    "InstitutionAddress": "Rue du Bugnon 21,Lausanne,District,CH,1011",
    "InstitutionName": "CHUV",
    "InversionTime": 0.9,
    "MRAcquisitionType": "3D",
    "MagneticFieldStrength": 3,
    "Manufacturer": "Siemens",
    "ManufacturersModelName": "MAGNETOM Prisma Fit",
    "MatrixCoilMode": "GRAPPA",
    "Modality": "MR",
    "NonlinearGradientCorrection": true,
    "NumberOfVolumes": 1,
    "ParallelReductionFactorInPlane": 2,
    "PartialFourier": 1,
    "PatientPosition": "HFS",
    "PercentPhaseFOV": 87.5,
    "PercentSampling": 100,
    "PhaseEncodingSteps": 252,
    "PhaseResolution": 1,
    "PixelBandwidth": 259,
    "ProcedureStepDescription": "RESEARCH Oscar",
    "ProtocolName": "anat-T1w__t1_mprage_tra_p2_iso_siemens_axial",
    "PulseSequenceDetails": "%SiemensSeq%\\tfl",
    "ReceiveCoilActiveElements": "HC1-7",
    "ReceiveCoilName": "HeadNeck_64",
    "ReconMatrixPE": 252,
    "RefLinesPE": 24,
    "RepetitionTime": 2.2,
    "SAR": 0.0367588,
    "ScanOptions": "PER",
    "ScanningSequence": "GR",
    "SequenceName": "*tfl3d1_16",
    "SequenceVariant": "SK",
    "SeriesDescription": "anat-T1w__t1_mprage_tra_p2_iso_siemens_axial",
    "SeriesNumber": 5,
    "ShimSetting": [
      8228,
      -5666,
      -6274,
      307,
      -57,
      -153,
      48,
      21
    ],
    "SliceThickness": 0.8,
    "SoftwareVersions": "syngo MR XA30",
    "StationName": "LRG10884",
    "TxRefAmp": 243.293,
    "acquisition": "undistorted",
    "dataset": "HCPh",
    "datatype": "anat",
    "extension": ".nii.gz",
    "modality": "T1w",
    "session": "20201060",
    "subject": "001",
    "suffix": "T1w"
  },
  "cjv": 0.63175,
  "cnr": 1.5059283325545243,
  "efc": 0.5341,
  "fber": 12335.8044,
  "fwhm_avg": 4.727096889647526,
  "fwhm_x": 4.331157551997919,
  "fwhm_y": 5.310633184588478,
  "fwhm_z": 4.53949993235618,
  "icvs_csf": 0.276823064842503,
  "icvs_gm": 0.37589203301655405,
  "icvs_wm": 0.347284902140943,
  "inu_med": 0.6076716780662537,
  "inu_range": 0.28301912546157837,
  "provenance": {
    "md5sum": "cd071be3ab4c9c7d3730d3192e12dbe6",
    "settings": {
      "testing": false
    },
    "software": "mriqc",
    "version": "24.0.1",
    "warnings": {
      "large_rot_frame": true,
      "small_air_mask": false
    }
  },
  "qi_1": 0.0,
  "qi_2": 0.0015959043406993977,
  "rpve_csf": 4.543089227229647,
  "rpve_gm": 4.4361628834583415,
  "rpve_wm": 4.514606622441347,
  "size_x": 252,
  "size_y": 288,
  "size_z": 192,
  "snr_csf": 1.5239886043923436,
  "snr_gm": 5.053348499751578,
  "snr_total": 5.341889184887691,
  "snr_wm": 9.448330450519153,
  "snrd_csf": 5.657829726103968,
  "snrd_gm": 12.57905832308552,
  "snrd_total": 11.858859932923417,
  "snrd_wm": 17.33969174958077,
  "spacing_x": 0.7986109852790833,
  "spacing_y": 0.7986109852790833,
  "spacing_z": 0.800000011920929,
  "summary_bg_k": 186.0664,
  "summary_bg_mad": 0.0,
  "summary_bg_mean": 6.9312,
  "summary_bg_median": 0.0,
  "summary_bg_n": 4509188.0,
  "summary_bg_p05": 0.0,
  "summary_bg_p95": 15.0,
  "summary_bg_stdv": 35.78,
  "summary_csf_k": -0.9172,
  "summary_csf_mad": 172.5124,
  "summary_csf_mean": 326.1068,
  "summary_csf_median": 309.0,
  "summary_csf_n": 833591.4825864667,
  "summary_csf_p05": 25.0,
  "summary_csf_p95": 684.0,
  "summary_csf_stdv": 202.7573,
  "summary_gm_k": -0.1977,
  "summary_gm_mad": 90.2598,
  "summary_gm_mean": 688.6785,
  "summary_gm_median": 687.0,
  "summary_gm_n": 1131915.786254963,
  "summary_gm_p05": 463.0,
  "summary_gm_p95": 942.0,
  "summary_gm_stdv": 135.9494,
  "summary_wm_k": 0.2877,
  "summary_wm_mad": 73.9952,
  "summary_wm_mean": 922.7839,
  "summary_wm_median": 947.0,
  "summary_wm_n": 1045771.7337255498,
  "summary_wm_p05": 728.0,
  "summary_wm_p95": 1051.0,
  "summary_wm_stdv": 100.2293,
  "tpm_overlap_csf": 0.18283746152786942,
  "tpm_overlap_gm": 0.5404738929101509,
  "tpm_overlap_wm": 0.5476562730799991,
  "wm2max": 0.4680523127764144
}