{
  "bids_meta": {
    "AcquisitionMatrixPE": 320,
    "AcquisitionNumber": 1,
    "AcquisitionTime": "21:53:33.050000",
    "BaseResolution": 320,
    "BodyPartExamined": "BRAIN",
    "CoilCombinationMethod": "Adaptive Combine",
    "CoilString": "HeadNeck_64",
    "ConversionSoftware": "dcm2niix",
    "ConversionSoftwareVersion": "v1.0.20220720",
    "DeviceSerialNumber": "67014",
    "DwellTime": 2.2e-06,
    "EchoTime": 0.413,
    "EchoTrainLength": 248,
    "FileSize": 0.015318792313337326,
    "FileSizeUnits": "GB",
    "FlipAngle": 120,
    "HeudiconvVersion": "1.1.6.post8+ga0a3635",
    "ImageOrientationPatientDICOM": [
      -0.0149917,
      0.986314,
      0.164193,
      0.04307,
      0.164696,
      -0.985404
    ],
    "ImageType": [
      "ORIGINAL",
      "PRIMARY",
      "M",
      "NORM",
      "DIS3D",
      "MFSPLIT"
    ],
    "ImageTypeText": [
      "ORIGINAL",
      "PRIMARY",
      "M",
      "NONE"
    ],
    "ImagingFrequency": 123.248,
    "InPlanePhaseEncodingDirectionDICOM": "ROW",
    "InstitutionAddress": "Rue du Bugnon 21,Lausanne,District,CH,1011",
    "InstitutionName": "CHUV",
    "MRAcquisitionType": "3D",
    "MagneticFieldStrength": 3,
    "Manufacturer": "Siemens",
    "ManufacturersModelName": "MAGNETOM Prisma Fit",
    "MatrixCoilMode": "GRAPPA",
    "Modality": "MR",
    "NonlinearGradientCorrection": true,
    "NumberOfVolumes": 1,
    "ParallelReductionFactorInPlane": 3,
    "PartialFourier": 1,
    "PatientPosition": "HFS",
    "PercentPhaseFOV": 100,
    "PercentSampling": 100,
    "PhaseEncodingDirection": "i",
    "PhaseEncodingSteps": 320,
    "PhaseResolution": 1,
    "PixelBandwidth": 710,
    "ProcedureStepDescription": "RESEARCH Oscar",
    "ProtocolName": "anat-T2w__space",
    "PulseSequenceDetails": "%SiemensSeq%\\space",
    "ReceiveCoilActiveElements": "HC1-7;NC1,2",
    "ReceiveCoilName": "HeadNeck_64",
    "ReconMatrixPE": 320,
    "RefLinesPE": 24,
    "RepetitionTime": 3.2,
    "SAR": 0.115065,
    "ScanOptions": "PFP\\PER",
    "ScanningSequence": "SE",
    "SequenceName": "*spcR_282ns",
    "SequenceVariant": "SP\\SK",
    "SeriesDescription": "anat-T2w__space",
    "SeriesNumber": 24,
    "ShimSetting": [
      8228,
      -5666,
      -6274,
      307,
      -57,
      -153,
      48,
      21
    ],
    "SliceThickness": 0.8,
    "SoftwareVersions": "syngo MR XA30",
    "StationName": "LRG10884",
    "TxRefAmp": 243.293,
    "acquisition": "undistorted",
    "dataset": "HCPh",
    "datatype": "anat",
    "extension": ".nii.gz",
    "modality": "T2w",
    "session": "20201060",
    "subject": "001",
    "suffix": "T2w"
  },
  "cjv": 1.480938990825688,
  "cnr": 0.6454385209551327,
  "efc": 0.4877,
  "fber": -1.0,
  "fwhm_avg": 2.5795207948954784,
  "fwhm_x": 2.4583249633681037,
  "fwhm_y": 2.82954995783642,
  "fwhm_z": 2.450687463481911,
  "icvs_csf": 0.2780363705563596,
  "icvs_gm": 0.34412114112998954,
  "icvs_wm": 0.37784248831365086,
  "inu_med": 1.0330984592437744,
  "inu_range": 0.32283305525779726,
  "provenance": {
    "md5sum": "80f6216783c43f4b4c97d29228f809f6",
    "settings": {
      "testing": false
    },
    "software": "mriqc",
    "version": "24.0.1",
    "warnings": {
      "large_rot_frame": true,
      "small_air_mask": false
    }
  },
  "qi_1": 0.0,
  "qi_2": 0.002556908239248742,
  "rpve_csf": 8.16253946938617,
  "rpve_gm": 8.005853702413951,
  "rpve_wm": 8.038169137194213,
  "size_x": 240,
  "size_y": 320,
  "size_z": 320,
  "snr_csf": 1.3760386389688863,
  "snr_gm": 4.618761462659168,
  "snr_total": 4.19378333613757,
  "snr_wm": 6.586549906784654,
  "snrd_csf": 26.950692160794418,
  "snrd_gm": 23.232156943250896,
  "snrd_total": 23.20898849952788,
  "snrd_wm": 19.444116394538334,
  "spacing_x": 0.800000011920929,
  "spacing_y": 0.800000011920929,
  "spacing_z": 0.800000011920929,
  "summary_bg_k": 621.3973,
  "summary_bg_mad": 0.0,
  "summary_bg_mean": 2.9312,
  "summary_bg_median": 0.0,
  "summary_bg_n": 6683539.0,
  "summary_bg_p05": 0.0,
  "summary_bg_p95": 14.0,
  "summary_bg_stdv": 37.7028,
  "summary_csf_k": -1.4129,
  "summary_csf_mad": 1805.7113,
  "summary_csf_mean": 1625.9982,
  "summary_csf_median": 1551.0,
  "summary_csf_n": 826964.411662179,
  "summary_csf_p05": 0.0,
  "summary_csf_p95": 3553.0,
  "summary_csf_stdv": 1127.1479,
  "summary_gm_k": 42.0781,
  "summary_gm_mad": 190.9794,
  "summary_gm_mean": 1333.9679,
  "summary_gm_median": 1337.0,
  "summary_gm_n": 1023520.5431779806,
  "summary_gm_p05": 901.0,
  "summary_gm_p95": 1797.0,
  "summary_gm_stdv": 289.4714,
  "summary_wm_k": 112.8852,
  "summary_wm_mad": 131.8653,
  "summary_wm_mean": 1131.8768,
  "summary_wm_median": 1119.0,
  "summary_wm_n": 1123818.0473440401,
  "summary_wm_p05": 896.0,
  "summary_wm_p95": 1400.0,
  "summary_wm_stdv": 169.8916,
  "tpm_overlap_csf": 0.2053261140356086,
  "tpm_overlap_gm": 0.5053711074724834,
  "tpm_overlap_wm": 0.5219107035250202,
  "wm2max": 0.2887705347313403
}