{
  "bids_meta": {
    "AcquisitionMatrixPE": 320,
    "AcquisitionNumber": 1,
    "AcquisitionTime": "21:53:33.050000",
    "BaseResolution": 320,
    "BodyPartExamined": "BRAIN",
    "CoilCombinationMethod": "Adaptive Combine",
    "CoilString": "HeadNeck_64",
    "ConversionSoftware": "dcm2niix",
    "ConversionSoftwareVersion": "v1.0.20220720",
    "DeviceSerialNumber": "67014",
    "DwellTime": 2.2e-6,
    "EchoTime": 0.413,
    "EchoTrainLength": 248,
    "FileSize": 0.01618957333266735,
    "FileSizeUnits": "GB",
    "FlipAngle": 120,
    "HeudiconvVersion": "1.1.6.post8+ga0a3635",
    "ImageOrientationPatientDICOM": [
      -0.0149917,
      0.986314,
      0.164193,
      0.04307,
      0.164696,
      -0.985404
    ],
    "ImageType": [
      "ORIGINAL",
      "PRIMARY",
      "M",
      "ND",
      "NORM",
      "MFSPLIT"
    ],
    "ImageTypeText": [
      "ORIGINAL",
      "PRIMARY",
      "M",
      "NONE"
    ],
    "ImagingFrequency": 123.248,
    "InPlanePhaseEncodingDirectionDICOM": "ROW",
    "InstitutionAddress": "Rue du Bugnon 21,Lausanne,District,CH,1011",
    "InstitutionName": "CHUV",
    "MRAcquisitionType": "3D",
    "MagneticFieldStrength": 3,
    "Manufacturer": "Siemens",
    "ManufacturersModelName": "MAGNETOM Prisma Fit",
    "MatrixCoilMode": "GRAPPA",
    "Modality": "MR",
    "NonlinearGradientCorrection": false,
    "NumberOfVolumes": 1,
    "ParallelReductionFactorInPlane": 3,
    "PartialFourier": 1,
    "PatientPosition": "HFS",
    "PercentPhaseFOV": 100,
    "PercentSampling": 100,
    "PhaseEncodingDirection": "i",
    "PhaseEncodingSteps": 320,
    "PhaseResolution": 1,
    "PixelBandwidth": 710,
    "ProcedureStepDescription": "RESEARCH Oscar",
    "ProtocolName": "anat-T2w__space",
    "PulseSequenceDetails": "%SiemensSeq%\\space",
    "ReceiveCoilActiveElements": "HC1-7;NC1,2",
    "ReceiveCoilName": "HeadNeck_64",
    "ReconMatrixPE": 320,
    "RefLinesPE": 24,
    "RepetitionTime": 3.2,
    "SAR": 0.115065,
    "ScanOptions": "PFP\\PER",
    "ScanningSequence": "SE",
    "SequenceName": "*spcR_282ns",
    "SequenceVariant": "SP\\SK",
    "SeriesDescription": "anat-T2w__space_ND",
    "SeriesNumber": 23,
    "ShimSetting": [
      8228,
      -5666,
      -6274,
      307,
      -57,
      -153,
      48,
      21
    ],
    "SliceThickness": 0.8,
    "SoftwareVersions": "syngo MR XA30",
    "StationName": "LRG10884",
    "TxRefAmp": 243.293,
    "acquisition": "original",
    "dataset": "HCPh",
    "datatype": "anat",
    "extension": ".nii.gz",
    "modality": "T2w",
    "session": "20201060",
    "subject": "001",
    "suffix": "T2w"
  },
  "cjv": 1.4579427135678389,
  "cnr": 0.6403579173576935,
  "efc": 0.4895,
  "fber": -1.0,
  "fwhm_avg": 2.7001457930980255,
  "fwhm_x": 2.561487461830862,
  "fwhm_y": 2.9661499558009217,
  "fwhm_z": 2.572799961662293,
  "icvs_csf": 0.2755666774677956,
  "icvs_gm": 0.3490967373652712,
  "icvs_wm": 0.3753365851669332,
  "inu_med": 0.9968259930610657,
  "inu_range": 0.3419169813394546,
  "provenance": {
    "md5sum": "962d5da7dacae1736e26aaa7f42d802f",
    "settings": {
      "testing": false
    },
    "software": "mriqc",
    "version": "24.1.0.dev15+g9586c867.d20240825",
    "warnings": {
      "large_rot_frame": true,
      "small_air_mask": false
    }
  },
  "qi_1": 0.0,
  "qi_2": 0.0027161887211462005,
  "rpve_csf": 8.158234897784038,
  "rpve_gm": 7.993977888813173,
  "rpve_wm": 8.024489910877303,
  "size_x": 240,
  "size_y": 320,
  "size_z": 320,
  "snr_csf": 1.4550555703382335,
  "snr_gm": 5.115684820420975,
  "snr_total": 4.403219388721847,
  "snr_wm": 6.63891777540633,
  "snrd_csf": 28.53502823852073,
  "snrd_gm": 25.21611452628637,
  "snrd_total": 25.057162720144873,
  "snrd_wm": 21.420345395627525,
  "spacing_x": 0.800000011920929,
  "spacing_y": 0.800000011920929,
  "spacing_z": 0.800000011920929,
  "summary_bg_k": 587.6271,
  "summary_bg_mad": 0.0,
  "summary_bg_mean": 5.4955,
  "summary_bg_median": 0.0,
  "summary_bg_n": 6684800.0,
  "summary_bg_p05": 0.0,
  "summary_bg_p95": 18.0,
  "summary_bg_stdv": 34.3467,
  "summary_csf_k": -1.3846,
  "summary_csf_mad": 1636.0188,
  "summary_csf_mean": 1558.9208,
  "summary_csf_median": 1496.0,
  "summary_csf_n": 820194.4547990719,
  "summary_csf_p05": 83.0,
  "summary_csf_p95": 3319.0,
  "summary_csf_stdv": 1028.1388,
  "summary_gm_k": 55.0364,
  "summary_gm_mad": 159.8884,
  "summary_gm_mean": 1319.4617,
  "summary_gm_median": 1322.0,
  "summary_gm_n": 1039048.7369754831,
  "summary_gm_p05": 929.0,
  "summary_gm_p95": 1727.0,
  "summary_gm_stdv": 258.4208,
  "summary_wm_k": 115.379,
  "summary_wm_mad": 130.2422,
  "summary_wm_mean": 1134.8923,
  "summary_wm_median": 1123.0,
  "summary_wm_n": 1117148.8101028297,
  "summary_wm_p05": 904.0,
  "summary_wm_p95": 1393.0,
  "summary_wm_stdv": 169.154,
  "tpm_overlap_csf": 0.20765635010532268,
  "tpm_overlap_gm": 0.5157060196257255,
  "tpm_overlap_wm": 0.5279877154951945,
  "wm2max": 0.3021885801080267
}
