{
  "NumberOfShells": 4,
  "bValues": [
    0.0,
    700.0,
    1000.0,
    2000.0,
    3000.0
  ],
  "bValuesEstimation": [
    700.0,
    1000.0,
    2000.0,
    3000.0
  ],
  "bdiffs_max": 0.3022,
  "bdiffs_mean": 0.0916,
  "bdiffs_median": 0.1048,
  "bdiffs_min": 0.0055,
  "bids_meta": {
    "AcquisitionMatrixPE": 146,
    "AcquisitionNumber": 1,
    "AcquisitionTime": "19:25:44.610000",
    "B0FieldSource": [
      "015pepolarb0",
      "015phasediff"
    ],
    "BandwidthPerPixelPhaseEncode": 19.569,
    "BaseResolution": 146,
    "BodyPartExamined": "BRAIN",
    "CoilCombinationMethod": "Adaptive Combine",
    "CoilString": "HeadNeck_64",
    "ConversionSoftware": "dcm2niix",
    "ConversionSoftwareVersion": "v1.0.20220720",
    "Deltas": [
      0.0233,
      0.0475
    ],
    "DerivedVendorReportedEchoSpacing": 0.000700017,
    "DeviceSerialNumber": "67014",
    "DiffusionScheme": "Monopolar",
    "DwellTime": 2.1e-6,
    "EchoTime": 0.098,
    "EchoTrainLength": 64,
    "EffectiveEchoSpacing": 0.000350008,
    "FileSize": 0.4464004887267947,
    "FileSizeUnits": "GB",
    "FlipAngle": 90,
    "HeudiconvVersion": "1.0.0",
    "ImageOrientationPatientDICOM": [
      0.998004,
      -0.0439808,
      0.0453262,
      0.0479375,
      0.994764,
      -0.0902634
    ],
    "ImageType": [
      "ORIGINAL",
      "PRIMARY",
      "DIFFUSION",
      "NONE",
      "ND",
      "MFSPLIT"
    ],
    "ImageTypeText": [
      "ORIGINAL",
      "PRIMARY",
      "DIFFUSION",
      "NONE"
    ],
    "ImagingFrequency": 123.248,
    "InPlanePhaseEncodingDirectionDICOM": "COL",
    "InstitutionAddress": "Rue du Bugnon 21,Lausanne,District,CH,1011",
    "InstitutionName": "CHUV",
    "MRAcquisitionType": "2D",
    "MagneticFieldStrength": 3,
    "Manufacturer": "Siemens",
    "ManufacturersModelName": "MAGNETOM Prisma Fit",
    "Modality": "MR",
    "MultibandAccelerationFactor": 3,
    "NonlinearGradientCorrection": false,
    "NumberOfVolumes": 280,
    "ParallelReductionFactorInPlane": 2,
    "PartialFourier": 0.875,
    "PatientPosition": "HFS",
    "PercentPhaseFOV": 100,
    "PercentSampling": 100,
    "PhaseEncodingDirection": "j-",
    "PhaseEncodingSteps": 146,
    "PhaseResolution": 1,
    "PixelBandwidth": 1631,
    "ProcedureStepDescription": "RESEARCH Oscar",
    "ProtocolName": "dwi-dwi_acq-highres_dir-AP__trigger_monopolar",
    "PulseSequenceDetails": "%CustomerSeq%\\ep2d_diff_trigg",
    "ReceiveCoilActiveElements": "HC1-7",
    "ReceiveCoilName": "HeadNeck_64",
    "ReconMatrixPE": 146,
    "RefLinesPE": 54,
    "RepetitionTime": 7,
    "SAR": 0.163734,
    "ScanOptions": "PFP\\FS\\PER",
    "ScanningSequence": "GR\\EP",
    "SequenceName": "ep_b0",
    "SequenceVariant": "SK",
    "SeriesDescription": "dwi-dwi_acq-highres_dir-AP__trigger_monopolar",
    "SeriesNumber": 10,
    "ShimSetting": [
      8232,
      -5623,
      -6048,
      614,
      -21,
      -328,
      37,
      2
    ],
    "SliceThickness": 1.6,
    "SliceTiming": [
      0,
      6.145,
      0.14,
      6.2825,
      0.28,
      6.4225,
      0.42,
      6.5625,
      0.5575,
      6.7025,
      0.6975,
      6.8425,
      0.8375,
      6.9825,
      0.9775,
      7.1225,
      1.1175,
      7.26,
      1.2575,
      7.4,
      1.3975,
      7.54,
      1.535,
      7.68,
      1.675,
      7.82,
      1.815,
      7.96,
      1.955,
      8.1,
      2.095,
      8.2375,
      2.235,
      8.3775,
      2.375,
      8.5175,
      2.5125,
      8.6575,
      2.6525,
      8.7975,
      2.7925,
      8.9375,
      2.9325,
      9.0775,
      3.0725,
      9.215,
      3.2125,
      9.355,
      3.3525,
      9.495,
      3.49,
      9.635,
      3.63,
      9.775,
      3.77,
      9.915,
      3.91,
      10.055,
      4.05,
      10.1925,
      4.19,
      10.3325,
      4.3275,
      10.4725,
      4.4675,
      10.6125,
      4.6075,
      10.7525,
      4.7475,
      10.8925,
      4.8875,
      11.0325,
      5.0275,
      11.17,
      5.1675,
      11.31,
      5.305,
      11.45,
      5.445,
      11.59,
      5.585,
      11.73,
      5.725,
      11.87,
      5.865,
      12.01,
      6.005
    ],
    "SoftwareVersions": "syngo MR XA30",
    "SpacingBetweenSlices": 1.6,
    "StationName": "LRG10884",
    "TotalReadoutTime": 0.0507512,
    "TxRefAmp": 242.728,
    "acquisition": "highres",
    "dataset": "HCPh",
    "datatype": "dwi",
    "direction": "AP",
    "extension": ".nii.gz",
    "modality": "dwi",
    "session": "015",
    "subject": "001",
    "suffix": "dwi"
  },
  "efc_shell01": 0.394,
  "efc_shell02": 0.4951,
  "efc_shell03": 0.5137,
  "efc_shell04": 0.5681,
  "efc_shell05": 0.6157,
  "fa_degenerate": 0.0,
  "fa_nans": 0.0,
  "fber_shell01": 1203.5336,
  "fber_shell02": 378.9358,
  "fber_shell03": 239.2433,
  "fber_shell04": 73.0983,
  "fber_shell05": 33.1408,
  "fd_mean": 8.0993,
  "fd_num": 278,
  "fd_perc": 99.28571428571429,
  "ndc": 0.5687,
  "provenance": {
    "md5sum": "65e409f0a1fd9c8ff00375f8017b795c",
    "settings": {
      "testing": false
    },
    "software": "mriqc",
    "version": "24.1.0.dev15+g9586c867.d20240825"
  },
  "sigma_cc": 42.9955,
  "sigma_pca": 15.653,
  "sigma_piesno": 1.6508,
  "snr_cc_shell0": 3.97,
  "snr_cc_shell1_best": 3.86,
  "snr_cc_shell1_worst": 3.86,
  "snr_cc_shell2_best": 2.52,
  "snr_cc_shell2_worst": 1.54,
  "snr_cc_shell3_best": 2.07,
  "snr_cc_shell3_worst": 1.11,
  "snr_cc_shell4_best": 1.18,
  "snr_cc_shell4_worst": 0.8,
  "spikes_global": 33.54,
  "spikes_slice_i": 204.97,
  "spikes_slice_j": 214.81,
  "spikes_slice_k": 181.62,
  "summary_bg_k": 171.4964,
  "summary_bg_mad": 8.8956,
  "summary_bg_mean": 28.2253,
  "summary_bg_median": 9.0,
  "summary_bg_n": 1492853.0,
  "summary_bg_p05": 2.0,
  "summary_bg_p95": 105.0,
  "summary_bg_stdv": 77.2339,
  "summary_fg_k": 8.8417,
  "summary_fg_mad": 177.9123,
  "summary_fg_mean": 414.1522,
  "summary_fg_median": 314.0,
  "summary_fg_n": 361639.0,
  "summary_fg_p05": 100.0,
  "summary_fg_p95": 1107.0,
  "summary_fg_stdv": 338.7356,
  "summary_wm_k": 12.5622,
  "summary_wm_mad": 84.5083,
  "summary_wm_mean": 226.0621,
  "summary_wm_median": 224.0,
  "summary_wm_n": 104926.0,
  "summary_wm_p05": 83.0,
  "summary_wm_p95": 371.0,
  "summary_wm_stdv": 94.48
}
