{
  "bids_meta": {
    "AcquisitionMatrixPE": 320,
    "AcquisitionNumber": 1,
    "AcquisitionTime": "19:37:37.012500",
    "BaseResolution": 320,
    "BodyPartExamined": "BRAIN",
    "CoilCombinationMethod": "Adaptive Combine",
    "CoilString": "HeadNeck_64",
    "ConversionSoftware": "dcm2niix",
    "ConversionSoftwareVersion": "v1.0.20220720",
    "DeviceSerialNumber": "67014",
    "DwellTime": 2.2e-6,
    "EchoTime": 0.413,
    "EchoTrainLength": 248,
    "FileSize": 0.015804524533450603,
    "FileSizeUnits": "GB",
    "FlipAngle": 120,
    "HeudiconvVersion": "1.1.6.post8+ga0a3635",
    "ImageOrientationPatientDICOM": [
      -0.0363678,
      0.988073,
      0.149629,
      0.0273671,
      0.150656,
      -0.988207
    ],
    "ImageType": [
      "ORIGINAL",
      "PRIMARY",
      "M",
      "ND",
      "NORM",
      "MFSPLIT"
    ],
    "ImageTypeText": [
      "ORIGINAL",
      "PRIMARY",
      "M",
      "NONE"
    ],
    "ImagingFrequency": 123.248,
    "InPlanePhaseEncodingDirectionDICOM": "ROW",
    "InstitutionAddress": "Rue du Bugnon 21,Lausanne,District,CH,1011",
    "InstitutionName": "CHUV",
    "MRAcquisitionType": "3D",
    "MagneticFieldStrength": 3,
    "Manufacturer": "Siemens",
    "ManufacturersModelName": "MAGNETOM Prisma Fit",
    "MatrixCoilMode": "GRAPPA",
    "Modality": "MR",
    "NonlinearGradientCorrection": false,
    "NumberOfVolumes": 1,
    "ParallelReductionFactorInPlane": 3,
    "PartialFourier": 1,
    "PatientPosition": "HFS",
    "PercentPhaseFOV": 100,
    "PercentSampling": 100,
    "PhaseEncodingDirection": "i",
    "PhaseEncodingSteps": 320,
    "PhaseResolution": 1,
    "PixelBandwidth": 710,
    "ProcedureStepDescription": "RESEARCH Oscar",
    "ProtocolName": "anat-T2w__space",
    "PulseSequenceDetails": "%SiemensSeq%\\space",
    "ReceiveCoilActiveElements": "HC1-7;NC1,2",
    "ReceiveCoilName": "HeadNeck_64",
    "ReconMatrixPE": 320,
    "RefLinesPE": 24,
    "RepetitionTime": 3.2,
    "SAR": 0.13691,
    "ScanOptions": "PFP\\PER",
    "ScanningSequence": "SE",
    "SequenceName": "*spcR_282ns",
    "SequenceVariant": "SP\\SK",
    "SeriesDescription": "anat-T2w__space_ND",
    "SeriesNumber": 23,
    "ShimSetting": [
      8228,
      -5666,
      -6274,
      307,
      -57,
      -153,
      48,
      21
    ],
    "SliceThickness": 0.8,
    "SoftwareVersions": "syngo MR XA30",
    "StationName": "LRG10884",
    "TxRefAmp": 255.364,
    "acquisition": "original",
    "dataset": "HCPh",
    "datatype": "anat",
    "extension": ".nii.gz",
    "modality": "T2w",
    "session": "20601060",
    "subject": "001",
    "suffix": "T2w"
  },
  "cjv": 1.611292156862745,
  "cnr": 0.6032838838475615,
  "efc": 0.4949,
  "fber": -1.0,
  "fwhm_avg": 2.7186332928225405,
  "fwhm_x": 2.5938124613491826,
  "fwhm_y": 2.943999956130982,
  "fwhm_z": 2.6180874609874567,
  "icvs_csf": 0.2752989320104147,
  "icvs_gm": 0.3467657693507337,
  "icvs_wm": 0.3779352986388514,
  "inu_med": 1.0063725709915161,
  "inu_range": 0.31812247335910804,
  "provenance": {
    "md5sum": "1b5e380824af8824a2f1bfced48e5889",
    "settings": {
      "testing": false
    },
    "software": "mriqc",
    "version": "24.1.0.dev15+g9586c867.d20240825",
    "warnings": {
      "large_rot_frame": true,
      "small_air_mask": false
    }
  },
  "qi_1": 0.0,
  "qi_2": 0.0021186892628525175,
  "rpve_csf": 8.1474744595212,
  "rpve_gm": 7.983662277096006,
  "rpve_wm": 8.016617823887941,
  "size_x": 240,
  "size_y": 320,
  "size_z": 320,
  "snr_csf": 1.4401372855467676,
  "snr_gm": 4.687119298418763,
  "snr_total": 4.212159378975507,
  "snr_wm": 6.509221552960991,
  "snrd_csf": 28.298360139948286,
  "snrd_gm": 24.683070290681222,
  "snrd_total": 24.640249598727127,
  "snrd_wm": 20.939318365551877,
  "spacing_x": 0.800000011920929,
  "spacing_y": 0.800000011920929,
  "spacing_z": 0.800000011920929,
  "summary_bg_k": 704.7367,
  "summary_bg_mad": 0.0,
  "summary_bg_mean": 4.1458,
  "summary_bg_median": 0.0,
  "summary_bg_n": 6817435.0,
  "summary_bg_p05": 0.0,
  "summary_bg_p95": 18.0,
  "summary_bg_stdv": 35.6989,
  "summary_csf_k": -1.3513,
  "summary_csf_mad": 1693.4432,
  "summary_csf_mean": 1618.4723,
  "summary_csf_median": 1542.0,
  "summary_csf_n": 820069.8192852428,
  "summary_csf_p05": 90.0,
  "summary_csf_p95": 3477.0,
  "summary_csf_stdv": 1070.7306,
  "summary_gm_k": 47.4676,
  "summary_gm_mad": 189.4263,
  "summary_gm_mean": 1342.468,
  "summary_gm_median": 1345.0,
  "summary_gm_n": 1032957.6643435959,
  "summary_gm_p05": 913.0,
  "summary_gm_p95": 1800.0,
  "summary_gm_stdv": 286.9565,
  "summary_wm_k": 88.4304,
  "summary_wm_mad": 139.2773,
  "summary_wm_mean": 1151.1781,
  "summary_wm_median": 1141.0,
  "summary_wm_n": 1125806.518001865,
  "summary_wm_p05": 905.0,
  "summary_wm_p95": 1421.0,
  "summary_wm_stdv": 175.2897,
  "tpm_overlap_csf": 0.2093068689754729,
  "tpm_overlap_gm": 0.5114503684843382,
  "tpm_overlap_wm": 0.5269057183394646,
  "wm2max": 0.29136080776712514
}
