{
  "bids_meta": {
    "AcquisitionMatrixPE": 320,
    "AcquisitionNumber": 1,
    "AcquisitionTime": "19:37:37.012500",
    "BaseResolution": 320,
    "BodyPartExamined": "BRAIN",
    "CoilCombinationMethod": "Adaptive Combine",
    "CoilString": "HeadNeck_64",
    "ConversionSoftware": "dcm2niix",
    "ConversionSoftwareVersion": "v1.0.20220720",
    "DeviceSerialNumber": "67014",
    "DwellTime": 2.2e-6,
    "EchoTime": 0.413,
    "EchoTrainLength": 248,
    "FileSize": 0.014970837160944939,
    "FileSizeUnits": "GB",
    "FlipAngle": 120,
    "HeudiconvVersion": "1.1.6.post8+ga0a3635",
    "ImageOrientationPatientDICOM": [
      -0.0363678,
      0.988073,
      0.149629,
      0.0273671,
      0.150656,
      -0.988207
    ],
    "ImageType": [
      "ORIGINAL",
      "PRIMARY",
      "M",
      "NORM",
      "DIS3D",
      "MFSPLIT"
    ],
    "ImageTypeText": [
      "ORIGINAL",
      "PRIMARY",
      "M",
      "NONE"
    ],
    "ImagingFrequency": 123.248,
    "InPlanePhaseEncodingDirectionDICOM": "ROW",
    "InstitutionAddress": "Rue du Bugnon 21,Lausanne,District,CH,1011",
    "InstitutionName": "CHUV",
    "MRAcquisitionType": "3D",
    "MagneticFieldStrength": 3,
    "Manufacturer": "Siemens",
    "ManufacturersModelName": "MAGNETOM Prisma Fit",
    "MatrixCoilMode": "GRAPPA",
    "Modality": "MR",
    "NonlinearGradientCorrection": true,
    "NumberOfVolumes": 1,
    "ParallelReductionFactorInPlane": 3,
    "PartialFourier": 1,
    "PatientPosition": "HFS",
    "PercentPhaseFOV": 100,
    "PercentSampling": 100,
    "PhaseEncodingDirection": "i",
    "PhaseEncodingSteps": 320,
    "PhaseResolution": 1,
    "PixelBandwidth": 710,
    "ProcedureStepDescription": "RESEARCH Oscar",
    "ProtocolName": "anat-T2w__space",
    "PulseSequenceDetails": "%SiemensSeq%\\space",
    "ReceiveCoilActiveElements": "HC1-7;NC1,2",
    "ReceiveCoilName": "HeadNeck_64",
    "ReconMatrixPE": 320,
    "RefLinesPE": 24,
    "RepetitionTime": 3.2,
    "SAR": 0.13691,
    "ScanOptions": "PFP\\PER",
    "ScanningSequence": "SE",
    "SequenceName": "*spcR_282ns",
    "SequenceVariant": "SP\\SK",
    "SeriesDescription": "anat-T2w__space",
    "SeriesNumber": 24,
    "ShimSetting": [
      8228,
      -5666,
      -6274,
      307,
      -57,
      -153,
      48,
      21
    ],
    "SliceThickness": 0.8,
    "SoftwareVersions": "syngo MR XA30",
    "StationName": "LRG10884",
    "TxRefAmp": 255.364,
    "acquisition": "undistorted",
    "dataset": "HCPh",
    "datatype": "anat",
    "extension": ".nii.gz",
    "modality": "T2w",
    "session": "20601060",
    "subject": "001",
    "suffix": "T2w"
  },
  "cjv": 1.6237144144144144,
  "cnr": 0.6028851846778827,
  "efc": 0.4994,
  "fber": -1.0,
  "fwhm_avg": 2.603612461203151,
  "fwhm_x": 2.494974962821976,
  "fwhm_y": 2.8162499580346054,
  "fwhm_z": 2.4996124627528715,
  "icvs_csf": 0.27671361736332195,
  "icvs_gm": 0.342366686633624,
  "icvs_wm": 0.380919696003054,
  "inu_med": 1.0241835117340088,
  "inu_range": 0.2943888545036317,
  "provenance": {
    "md5sum": "a5557ab0e059a43ceb948c46669c4aa9",
    "settings": {
      "testing": false
    },
    "software": "mriqc",
    "version": "24.1.0.dev15+g9586c867.d20240825",
    "warnings": {
      "large_rot_frame": true,
      "small_air_mask": false
    }
  },
  "qi_1": 0.0,
  "qi_2": 0.0018898927431814044,
  "rpve_csf": 8.15137081101586,
  "rpve_gm": 7.995160344073404,
  "rpve_wm": 8.031419777231168,
  "size_x": 240,
  "size_y": 320,
  "size_z": 320,
  "snr_csf": 1.3679900012206505,
  "snr_gm": 4.191548364693291,
  "snr_total": 3.962706894021499,
  "snr_wm": 6.328582316150555,
  "snrd_csf": 26.253812167635775,
  "snrd_gm": 22.301625389712108,
  "snrd_total": 22.390189799301435,
  "snrd_wm": 18.61513184055642,
  "spacing_x": 0.800000011920929,
  "spacing_y": 0.800000011920929,
  "spacing_z": 0.800000011920929,
  "summary_bg_k": 660.8263,
  "summary_bg_mad": 0.0,
  "summary_bg_mean": 4.0102,
  "summary_bg_median": 0.0,
  "summary_bg_n": 6846347.0,
  "summary_bg_p05": 0.0,
  "summary_bg_p95": 17.0,
  "summary_bg_stdv": 39.4522,
  "summary_csf_k": -1.3979,
  "summary_csf_mad": 1854.1035,
  "summary_csf_mean": 1668.1763,
  "summary_csf_median": 1581.0,
  "summary_csf_n": 823708.6446417533,
  "summary_csf_p05": 14.0,
  "summary_csf_p95": 3679.0,
  "summary_csf_stdv": 1155.7095,
  "summary_gm_k": 31.8392,
  "summary_gm_mad": 221.4279,
  "summary_gm_mean": 1339.4739,
  "summary_gm_median": 1343.0,
  "summary_gm_n": 1019141.7469968373,
  "summary_gm_p05": 866.0,
  "summary_gm_p95": 1855.0,
  "summary_gm_stdv": 320.4065,
  "summary_wm_k": 103.9631,
  "summary_wm_mad": 139.0367,
  "summary_wm_mean": 1133.0707,
  "summary_wm_median": 1121.0,
  "summary_wm_n": 1133904.6104841738,
  "summary_wm_p05": 887.0,
  "summary_wm_p95": 1410.0,
  "summary_wm_stdv": 177.1328,
  "tpm_overlap_csf": 0.2094009455416711,
  "tpm_overlap_gm": 0.5012051445494824,
  "tpm_overlap_wm": 0.5223039972137943,
  "wm2max": 0.2806228615059203
}
