{
  "bids_meta": {
    "AcquisitionMatrixPE": 252,
    "AcquisitionNumber": 1,
    "AcquisitionTime": "18:25:44.855000",
    "BaseResolution": 288,
    "BodyPartExamined": "BRAIN",
    "CoilCombinationMethod": "Adaptive Combine",
    "CoilString": "HeadNeck_64",
    "ConversionSoftware": "dcm2niix",
    "ConversionSoftwareVersion": "v1.0.20220720",
    "DeviceSerialNumber": "67014",
    "DwellTime": 6.7e-6,
    "EchoTime": 0.00255,
    "FileSize": 0.011733178049325943,
    "FileSizeUnits": "GB",
    "FlipAngle": 8,
    "HeudiconvVersion": "1.1.6.post8+ga0a3635",
    "ImageOrientationPatientDICOM": [
      1,
      8.05144e-7,
      0.000161998,
      -4.801e-12,
      0.999988,
      -0.00497
    ],
    "ImageType": [
      "ORIGINAL",
      "PRIMARY",
      "M",
      "NORM",
      "DIS2D",
      "FM3",
      "2",
      "FIL",
      "MFSPLIT"
    ],
    "ImageTypeText": [
      "ORIGINAL",
      "PRIMARY",
      "M",
      "NONE"
    ],
    "ImagingFrequency": 123.248,
    "InPlanePhaseEncodingDirectionDICOM": "ROW",
    "InstitutionAddress": "Rue du Bugnon 21,Lausanne,District,CH,1011",
    "InstitutionName": "CHUV",
    "InversionTime": 0.9,
    "MRAcquisitionType": "3D",
    "MagneticFieldStrength": 3,
    "Manufacturer": "Siemens",
    "ManufacturersModelName": "MAGNETOM Prisma Fit",
    "MatrixCoilMode": "GRAPPA",
    "Modality": "MR",
    "NonlinearGradientCorrection": true,
    "NumberOfVolumes": 1,
    "ParallelReductionFactorInPlane": 2,
    "PartialFourier": 1,
    "PatientPosition": "HFS",
    "PercentPhaseFOV": 87.5,
    "PercentSampling": 100,
    "PhaseEncodingSteps": 252,
    "PhaseResolution": 1,
    "PixelBandwidth": 259,
    "ProcedureStepDescription": "RESEARCH Oscar",
    "ProtocolName": "anat-T1w__t1_mprage_tra_p2_iso_siemens_axial",
    "PulseSequenceDetails": "%SiemensSeq%\\tfl",
    "ReceiveCoilActiveElements": "HC1-7",
    "ReceiveCoilName": "HeadNeck_64",
    "ReconMatrixPE": 252,
    "RefLinesPE": 24,
    "RepetitionTime": 2.2,
    "SAR": 0.0437377,
    "ScanOptions": "PER",
    "ScanningSequence": "GR",
    "SequenceName": "*tfl3d1_16",
    "SequenceVariant": "SK",
    "SeriesDescription": "anat-T1w__t1_mprage_tra_p2_iso_siemens_axial",
    "SeriesNumber": 5,
    "ShimSetting": [
      8228,
      -5666,
      -6274,
      307,
      -57,
      -153,
      48,
      21
    ],
    "SliceThickness": 0.8,
    "SoftwareVersions": "syngo MR XA30",
    "StationName": "LRG10884",
    "TxRefAmp": 255.364,
    "acquisition": "undistorted",
    "dataset": "HCPh",
    "datatype": "anat",
    "extension": ".nii.gz",
    "modality": "T1w",
    "session": "20601060",
    "subject": "001",
    "suffix": "T1w"
  },
  "cjv": 0.6516539682539683,
  "cnr": 1.4430176243717971,
  "efc": 0.5343,
  "fber": -1.0,
  "fwhm_avg": 4.780238576225244,
  "fwhm_x": 4.384086951642012,
  "fwhm_y": 5.36572884544346,
  "fwhm_z": 4.59089993159026,
  "icvs_csf": 0.27955696851211487,
  "icvs_gm": 0.3729226506605804,
  "icvs_wm": 0.3475203808273048,
  "inu_med": 0.6029905080795288,
  "inu_range": 0.27597047090530397,
  "provenance": {
    "md5sum": "a7f5763d2e9cf7434a4fd967f21e2ab5",
    "settings": {
      "testing": false
    },
    "software": "mriqc",
    "version": "24.1.0.dev15+g9586c867.d20240825",
    "warnings": {
      "large_rot_frame": true,
      "small_air_mask": false
    }
  },
  "qi_1": 0.0,
  "qi_2": 0.0014891395337259489,
  "rpve_csf": 4.5440732249527755,
  "rpve_gm": 4.431949835147716,
  "rpve_wm": 4.509158140410233,
  "size_x": 252,
  "size_y": 288,
  "size_z": 192,
  "snr_csf": 1.5157834840066189,
  "snr_gm": 5.036753044918213,
  "snr_total": 5.353663601038264,
  "snr_wm": 9.50845427418996,
  "snrd_csf": 5.328763930807576,
  "snrd_gm": 11.925465259942357,
  "snrd_total": 11.165845106890472,
  "snrd_wm": 16.243306129921486,
  "spacing_x": 0.7986109852790833,
  "spacing_y": 0.7986109852790833,
  "spacing_z": 0.800000011920929,
  "summary_bg_k": 166.625,
  "summary_bg_mad": 0.0,
  "summary_bg_mean": 6.1287,
  "summary_bg_median": 0.0,
  "summary_bg_n": 4379571.0,
  "summary_bg_p05": 0.0,
  "summary_bg_p95": 14.0,
  "summary_bg_stdv": 38.2354,
  "summary_csf_k": -0.8811,
  "summary_csf_mad": 176.5096,
  "summary_csf_mean": 327.3141,
  "summary_csf_median": 311.0,
  "summary_csf_n": 841826.8248724844,
  "summary_csf_p05": 23.0,
  "summary_csf_p95": 690.0,
  "summary_csf_stdv": 205.1743,
  "summary_gm_k": 0.6556,
  "summary_gm_mad": 89.977,
  "summary_gm_mean": 697.5752,
  "summary_gm_median": 696.0,
  "summary_gm_n": 1122977.8767436533,
  "summary_gm_p05": 469.0,
  "summary_gm_p95": 954.0,
  "summary_gm_stdv": 138.1842,
  "summary_wm_k": 0.0996,
  "summary_wm_mad": 74.2398,
  "summary_wm_mean": 924.1912,
  "summary_wm_median": 948.0,
  "summary_wm_n": 1046484.3009543817,
  "summary_wm_p05": 732.0,
  "summary_wm_p95": 1052.0,
  "summary_wm_stdv": 99.7007,
  "tpm_overlap_csf": 0.17890017000720254,
  "tpm_overlap_gm": 0.5353790524440558,
  "tpm_overlap_wm": 0.5429012123925354,
  "wm2max": 0.46087316581736143
}
