{
  "NumberOfShells": 4,
  "bValues": [
    0.0,
    700.0,
    1000.0,
    2000.0,
    3000.0
  ],
  "bValuesEstimation": [
    700.0,
    1000.0,
    2000.0,
    3000.0
  ],
  "bdiffs_max": 0.4088,
  "bdiffs_mean": 0.1846,
  "bdiffs_median": 0.1633,
  "bdiffs_min": 0.0086,
  "bids_meta": {
    "AcquisitionMatrixPE": 148,
    "AcquisitionNumber": 1,
    "AcquisitionTime": "00:18:22.455000",
    "BandwidthPerPixelPhaseEncode": 14.077,
    "BaseResolution": 146,
    "BodyPartExamined": "BRAIN",
    "CoilCombinationMethod": "Adaptive Combine",
    "CoilString": "HeadNeck_64_CS",
    "ConversionSoftware": "dcm2niix",
    "ConversionSoftwareVersion": "v1.0.20220720",
    "Deltas": [
      0.0272,
      0.0469
    ],
    "DerivedVendorReportedEchoSpacing": 0.000959971,
    "DeviceSerialNumber": "176240",
    "DiffusionScheme": "Monopolar",
    "DwellTime": 2.1e-6,
    "EchoTime": 0.121,
    "EchoTrainLength": 64,
    "EffectiveEchoSpacing": 0.000479986,
    "FileSize": 0.32896036468446255,
    "FileSizeUnits": "GB",
    "FlipAngle": 90,
    "HeudiconvVersion": "1.1.6.post8+ga0a3635",
    "ImageOrientationPatientDICOM": [
      0.999443,
      0.016255,
      0.0291593,
      -0.00401204,
      0.925605,
      -0.378469
    ],
    "ImageType": [
      "ORIGINAL",
      "PRIMARY",
      "DIFFUSION",
      "NONE",
      "ND",
      "NORM",
      "MFSPLIT"
    ],
    "ImageTypeText": [
      "ORIGINAL",
      "PRIMARY",
      "DIFFUSION",
      "NONE"
    ],
    "ImagingFrequency": 123.261,
    "InPlanePhaseEncodingDirectionDICOM": "ROW",
    "InstitutionAddress": "Rue de Bugnon 46,Lausanne,,CH,1011",
    "InstitutionName": "Radiologie-CHUV",
    "MRAcquisitionType": "2D",
    "MagneticFieldStrength": 3,
    "Manufacturer": "Siemens",
    "ManufacturersModelName": "MAGNETOM Vida",
    "Modality": "MR",
    "MultibandAccelerationFactor": 3,
    "NonlinearGradientCorrection": false,
    "NumberOfVolumes": 280,
    "ParallelReductionFactorInPlane": 2,
    "PartialFourier": 0.875,
    "PatientPosition": "HFS",
    "PercentPhaseFOV": 101.37,
    "PercentSampling": 100,
    "PhaseEncodingDirection": "i-",
    "PhaseEncodingSteps": 148,
    "PhaseResolution": 1,
    "PixelBandwidth": 1631,
    "ProcedureStepDescription": "Research Oscar",
    "ProtocolName": "dwi-dwi_acq-highres_dir-LR",
    "PulseSequenceDetails": "%SiemensSeq%\\ep2d_diff",
    "ReceiveCoilActiveElements": "HC1-7;NC1",
    "ReceiveCoilName": "HeadNeck_64_CS",
    "ReconMatrixPE": 148,
    "RefLinesPE": 54,
    "RepetitionTime": 7,
    "SAR": 0.170284,
    "ScanOptions": "PFP\\FS\\PER",
    "ScanningSequence": "GR\\EP",
    "SequenceName": "*ep_b0",
    "SequenceVariant": "SK",
    "SeriesDescription": "dwi-dwi_acq-highres_dir-LR",
    "SeriesNumber": 18,
    "ShimSetting": [
      -8781,
      8484,
      9494,
      590,
      -260,
      -183,
      37,
      41
    ],
    "SliceThickness": 1.6,
    "SliceTiming": [
      0,
      -0.001,
      -0.001,
      -0.001,
      -0.001,
      -0.001,
      -0.001,
      -0.001,
      -0.001,
      -0.001,
      -0.001,
      -0.001,
      -0.001,
      -0.001,
      -0.001,
      -0.001,
      -0.001,
      -0.001,
      -0.001,
      -0.001,
      -0.001,
      -0.001,
      -0.001,
      -0.001,
      -0.001,
      -0.001,
      -0.001,
      -0.001,
      -0.001,
      -0.001,
      -0.001,
      -0.001,
      -0.001,
      -0.001,
      -0.001,
      -0.001,
      -0.001,
      -0.001,
      -0.001,
      -0.001,
      -0.001,
      -0.001,
      -0.001,
      -0.001,
      -0.001,
      -0.001,
      -0.001,
      -0.001,
      -0.001,
      -0.001,
      -0.001,
      -0.001,
      -0.001,
      -0.001,
      -0.001,
      -0.001,
      -0.001,
      -0.001,
      -0.001,
      -0.001,
      -0.001,
      -0.001,
      -0.001,
      -0.001,
      -0.001,
      -0.001,
      -0.001,
      -0.001,
      -0.001,
      -0.001,
      -0.001,
      -0.001,
      -0.001,
      -0.001,
      -0.001,
      -0.001,
      -0.001,
      -0.001,
      -0.001,
      -0.001,
      -0.001,
      -0.001,
      -0.001,
      -0.001,
      -0.001,
      -0.001,
      -0.001
    ],
    "SoftwareVersions": "syngo MR XA50",
    "SpacingBetweenSlices": 1.6,
    "StationName": "LRG08892",
    "TotalReadoutTime": 0.0705579,
    "TxRefAmp": 319.556,
    "VendorReportedEchoSpacing": 0.00096,
    "acquisition": "highres",
    "dataset": "HCPh",
    "datatype": "dwi",
    "direction": "LR",
    "extension": ".nii.gz",
    "modality": "dwi",
    "session": "21202034",
    "subject": "001",
    "suffix": "dwi"
  },
  "efc_shell01": 0.3402,
  "efc_shell02": 0.4347,
  "efc_shell03": 0.4303,
  "efc_shell04": 0.448,
  "efc_shell05": 0.4613,
  "fa_degenerate": 0.0,
  "fa_nans": 0.0,
  "fber_shell01": 18889.0742,
  "fber_shell02": 7505.9404,
  "fber_shell03": 7528.8159,
  "fber_shell04": 2230.9485,
  "fber_shell05": 1168.8408,
  "fd_mean": 37.1017,
  "fd_num": 279,
  "fd_perc": 99.64285714285714,
  "ndc": 0.532,
  "provenance": {
    "md5sum": "7a3e6de6852c84bb462312b3dd4f9fc5",
    "settings": {
      "testing": false
    },
    "software": "mriqc",
    "version": "24.1.0.dev15+g9586c867.d20240825"
  },
  "sigma_cc": 60.7867,
  "sigma_pca": 14.0618,
  "sigma_piesno": 0.3301,
  "snr_cc_shell0": 3.25,
  "snr_cc_shell1_best": 3.26,
  "snr_cc_shell1_worst": 3.26,
  "snr_cc_shell2_best": 2.2,
  "snr_cc_shell2_worst": 1.51,
  "snr_cc_shell3_best": 1.67,
  "snr_cc_shell3_worst": 1.47,
  "snr_cc_shell4_best": 1.03,
  "snr_cc_shell4_worst": 0.92,
  "spikes_global": 36.0,
  "spikes_slice_i": 195.69,
  "spikes_slice_j": 218.85,
  "spikes_slice_k": 240.16,
  "summary_bg_k": 980.081,
  "summary_bg_mad": 1.4826,
  "summary_bg_mean": 8.7388,
  "summary_bg_median": 1.0,
  "summary_bg_n": 1510843.0,
  "summary_bg_p05": 0.0,
  "summary_bg_p95": 33.0,
  "summary_bg_stdv": 47.784,
  "summary_fg_k": 10.9043,
  "summary_fg_mad": 93.4039,
  "summary_fg_mean": 298.1215,
  "summary_fg_median": 215.0,
  "summary_fg_n": 369053.0,
  "summary_fg_p05": 76.0,
  "summary_fg_p95": 840.0,
  "summary_fg_stdv": 255.572,
  "summary_wm_k": 34.0745,
  "summary_wm_mad": 50.4085,
  "summary_wm_mean": 195.3371,
  "summary_wm_median": 188.0,
  "summary_wm_n": 128556.0,
  "summary_wm_p05": 59.0,
  "summary_wm_p95": 318.0,
  "summary_wm_stdv": 95.3563
}
