{
  "bids_meta": {
    "AcquisitionMatrixPE": 320,
    "AcquisitionNumber": 1,
    "AcquisitionTime": "21:17:45.882500",
    "BaseResolution": 320,
    "BodyPartExamined": "BRAIN",
    "CoilCombinationMethod": "Adaptive Combine",
    "CoilString": "HeadNeck_64_CS",
    "ConversionSoftware": "dcm2niix",
    "ConversionSoftwareVersion": "v1.0.20220720",
    "DeviceSerialNumber": "176240",
    "DwellTime": 2.2e-6,
    "EchoTime": 0.413,
    "EchoTrainLength": 248,
    "FileSize": 0.01629955694079399,
    "FileSizeUnits": "GB",
    "FlipAngle": 120,
    "HeudiconvVersion": "1.1.6.post8+ga0a3635",
    "ImageOrientationPatientDICOM": [
      -0.0277881,
      0.988132,
      0.151073,
      0.0461773,
      0.152239,
      -0.987264
    ],
    "ImageType": [
      "ORIGINAL",
      "PRIMARY",
      "M",
      "ND",
      "NORM",
      "MFSPLIT"
    ],
    "ImageTypeText": [
      "ORIGINAL",
      "PRIMARY",
      "M",
      "NONE"
    ],
    "ImagingFrequency": 123.261,
    "InPlanePhaseEncodingDirectionDICOM": "ROW",
    "InstitutionAddress": "Rue de Bugnon 46,Lausanne,,CH,1011",
    "InstitutionName": "Radiologie-CHUV",
    "MRAcquisitionType": "3D",
    "MagneticFieldStrength": 3,
    "Manufacturer": "Siemens",
    "ManufacturersModelName": "MAGNETOM Vida",
    "MatrixCoilMode": "GRAPPA",
    "Modality": "MR",
    "NonlinearGradientCorrection": false,
    "NumberOfVolumes": 1,
    "ParallelReductionFactorInPlane": 3,
    "PartialFourier": 1,
    "PatientPosition": "HFS",
    "PercentPhaseFOV": 100,
    "PercentSampling": 100,
    "PhaseEncodingDirection": "i",
    "PhaseEncodingSteps": 320,
    "PhaseResolution": 1,
    "PixelBandwidth": 710,
    "ProcedureStepDescription": "Research Oscar",
    "ProtocolName": "anat-T2w__space",
    "PulseSequenceDetails": "%SiemensSeq%\\space",
    "ReceiveCoilActiveElements": "HC1-7;NC1,2",
    "ReceiveCoilName": "HeadNeck_64_CS",
    "ReconMatrixPE": 320,
    "RefLinesPE": 24,
    "RepetitionTime": 3.2,
    "SAR": 0.140561,
    "ScanOptions": "PFP\\PER",
    "ScanningSequence": "SE",
    "SequenceName": "*spcR_282ns",
    "SequenceVariant": "SP\\SK",
    "SeriesDescription": "anat-T2w__space_ND",
    "SeriesNumber": 23,
    "ShimSetting": [
      -8778,
      8428,
      9145,
      105,
      -256,
      11,
      89,
      62
    ],
    "SliceThickness": 0.8,
    "SoftwareVersions": "syngo MR XA50",
    "StationName": "LRG08892",
    "TxRefAmp": 322.525,
    "acquisition": "original",
    "dataset": "HCPh",
    "datatype": "anat",
    "extension": ".nii.gz",
    "modality": "T2w",
    "session": "20802034",
    "subject": "001",
    "suffix": "T2w"
  },
  "cjv": 1.5623950980392158,
  "cnr": 0.6231119525254678,
  "efc": 0.4675,
  "fber": -1.0,
  "fwhm_avg": 2.6443082939300693,
  "fwhm_x": 2.4964499627999968,
  "fwhm_y": 2.9143749565724293,
  "fwhm_z": 2.522099962417782,
  "icvs_csf": 0.2790543524144973,
  "icvs_gm": 0.3427191510054494,
  "icvs_wm": 0.3782264965800533,
  "inu_med": 0.977567195892334,
  "inu_range": 0.31363679170608516,
  "provenance": {
    "md5sum": "6e7ed398e8286909090e60a3b662945a",
    "settings": {
      "testing": false
    },
    "software": "mriqc",
    "version": "24.1.0.dev15+g9586c867.d20240825",
    "warnings": {
      "large_rot_frame": true,
      "small_air_mask": false
    }
  },
  "qi_1": 0.0,
  "qi_2": 0.0026154496190779124,
  "rpve_csf": 8.136630646959915,
  "rpve_gm": 7.977265364873873,
  "rpve_wm": 8.008530835908067,
  "size_x": 240,
  "size_y": 320,
  "size_z": 320,
  "snr_csf": 1.431954301807716,
  "snr_gm": 4.739453200683434,
  "snr_total": 4.261802634195802,
  "snr_wm": 6.614000400096257,
  "snrd_csf": 31.64524914636412,
  "snrd_gm": 27.72107037290915,
  "snrd_total": 27.602155864622635,
  "snrd_wm": 23.440148074594642,
  "spacing_x": 0.800000011920929,
  "spacing_y": 0.800000011920929,
  "spacing_z": 0.800000011920929,
  "summary_bg_k": 614.7504,
  "summary_bg_mad": 0.0,
  "summary_bg_mean": 2.9021,
  "summary_bg_median": 0.0,
  "summary_bg_n": 6844234.0,
  "summary_bg_p05": 0.0,
  "summary_bg_p95": 15.0,
  "summary_bg_stdv": 31.2194,
  "summary_csf_k": -1.3782,
  "summary_csf_mad": 1682.7605,
  "summary_csf_mean": 1577.4528,
  "summary_csf_median": 1508.0,
  "summary_csf_n": 832393.1817377508,
  "summary_csf_p05": 81.0,
  "summary_csf_p95": 3373.0,
  "summary_csf_stdv": 1053.1056,
  "summary_gm_k": 44.7214,
  "summary_gm_mad": 183.9398,
  "summary_gm_mean": 1320.5165,
  "summary_gm_median": 1321.0,
  "summary_gm_n": 1022299.3552315085,
  "summary_gm_p05": 905.0,
  "summary_gm_p95": 1773.0,
  "summary_gm_stdv": 278.724,
  "summary_wm_k": 101.5429,
  "summary_wm_mad": 134.7888,
  "summary_wm_mean": 1127.5286,
  "summary_wm_median": 1117.0,
  "summary_wm_n": 1128214.4649661342,
  "summary_wm_p05": 891.0,
  "summary_wm_p95": 1390.0,
  "summary_wm_stdv": 168.8841,
  "tpm_overlap_csf": 0.20562675899394714,
  "tpm_overlap_gm": 0.5075053467343111,
  "tpm_overlap_wm": 0.5220548746064883,
  "wm2max": 0.29258749909673953
}
