{
  "bids_meta": {
    "AcquisitionMatrixPE": 320,
    "AcquisitionNumber": 1,
    "AcquisitionTime": "21:17:45.882500",
    "BaseResolution": 320,
    "BodyPartExamined": "BRAIN",
    "CoilCombinationMethod": "Adaptive Combine",
    "CoilString": "HeadNeck_64_CS",
    "ConversionSoftware": "dcm2niix",
    "ConversionSoftwareVersion": "v1.0.20220720",
    "DeviceSerialNumber": "176240",
    "DwellTime": 2.2e-6,
    "EchoTime": 0.413,
    "EchoTrainLength": 248,
    "FileSize": 0.015304631553590298,
    "FileSizeUnits": "GB",
    "FlipAngle": 120,
    "HeudiconvVersion": "1.1.6.post8+ga0a3635",
    "ImageOrientationPatientDICOM": [
      -0.0277881,
      0.988132,
      0.151073,
      0.0461773,
      0.152239,
      -0.987264
    ],
    "ImageType": [
      "ORIGINAL",
      "PRIMARY",
      "M",
      "NORM",
      "DIS3D",
      "MFSPLIT"
    ],
    "ImageTypeText": [
      "ORIGINAL",
      "PRIMARY",
      "M",
      "NONE"
    ],
    "ImagingFrequency": 123.261,
    "InPlanePhaseEncodingDirectionDICOM": "ROW",
    "InstitutionAddress": "Rue de Bugnon 46,Lausanne,,CH,1011",
    "InstitutionName": "Radiologie-CHUV",
    "MRAcquisitionType": "3D",
    "MagneticFieldStrength": 3,
    "Manufacturer": "Siemens",
    "ManufacturersModelName": "MAGNETOM Vida",
    "MatrixCoilMode": "GRAPPA",
    "Modality": "MR",
    "NonlinearGradientCorrection": true,
    "NumberOfVolumes": 1,
    "ParallelReductionFactorInPlane": 3,
    "PartialFourier": 1,
    "PatientPosition": "HFS",
    "PercentPhaseFOV": 100,
    "PercentSampling": 100,
    "PhaseEncodingDirection": "i",
    "PhaseEncodingSteps": 320,
    "PhaseResolution": 1,
    "PixelBandwidth": 710,
    "ProcedureStepDescription": "Research Oscar",
    "ProtocolName": "anat-T2w__space",
    "PulseSequenceDetails": "%SiemensSeq%\\space",
    "ReceiveCoilActiveElements": "HC1-7;NC1,2",
    "ReceiveCoilName": "HeadNeck_64_CS",
    "ReconMatrixPE": 320,
    "RefLinesPE": 24,
    "RepetitionTime": 3.2,
    "SAR": 0.140561,
    "ScanOptions": "PFP\\PER",
    "ScanningSequence": "SE",
    "SequenceName": "*spcR_282ns",
    "SequenceVariant": "SP\\SK",
    "SeriesDescription": "anat-T2w__space",
    "SeriesNumber": 24,
    "ShimSetting": [
      -8778,
      8428,
      9145,
      105,
      -256,
      11,
      89,
      62
    ],
    "SliceThickness": 0.8,
    "SoftwareVersions": "syngo MR XA50",
    "StationName": "LRG08892",
    "TxRefAmp": 322.525,
    "acquisition": "undistorted",
    "dataset": "HCPh",
    "datatype": "anat",
    "extension": ".nii.gz",
    "modality": "T2w",
    "session": "20802034",
    "subject": "001",
    "suffix": "T2w"
  },
  "cjv": 1.6401249999999998,
  "cnr": 0.6029763443659375,
  "efc": 0.4725,
  "fber": -1.0,
  "fwhm_avg": 2.6621957936635243,
  "fwhm_x": 2.527624962335453,
  "fwhm_y": 2.9106124566284945,
  "fwhm_z": 2.5483499620266263,
  "icvs_csf": 0.2772036300180681,
  "icvs_gm": 0.33747689312441886,
  "icvs_wm": 0.38531947685751305,
  "inu_med": 1.0312553644180298,
  "inu_range": 0.34822145104408264,
  "provenance": {
    "md5sum": "24bfa8dd45ed939d30f65c90635f9986",
    "settings": {
      "testing": false
    },
    "software": "mriqc",
    "version": "24.1.0.dev15+g9586c867.d20240825",
    "warnings": {
      "large_rot_frame": true,
      "small_air_mask": false
    }
  },
  "qi_1": 0.0,
  "qi_2": 0.002185811265284432,
  "rpve_csf": 8.247043382838164,
  "rpve_gm": 8.096509410690942,
  "rpve_wm": 8.13325282395341,
  "size_x": 240,
  "size_y": 320,
  "size_z": 320,
  "snr_csf": 1.3815953028914494,
  "snr_gm": 4.134439426181403,
  "snr_total": 4.0699888238437625,
  "snr_wm": 6.693931742458437,
  "snrd_csf": 30.71755903179581,
  "snrd_gm": 26.219911321897314,
  "snrd_total": 26.27883247093529,
  "snrd_wm": 21.89902705911274,
  "spacing_x": 0.800000011920929,
  "spacing_y": 0.800000011920929,
  "spacing_z": 0.800000011920929,
  "summary_bg_k": 565.6215,
  "summary_bg_mad": 0.0,
  "summary_bg_mean": 2.7069,
  "summary_bg_median": 0.0,
  "summary_bg_n": 6923517.0,
  "summary_bg_p05": 0.0,
  "summary_bg_p95": 14.0,
  "summary_bg_stdv": 33.3566,
  "summary_csf_k": -1.4282,
  "summary_csf_mad": 1830.8222,
  "summary_csf_mean": 1640.2377,
  "summary_csf_median": 1564.0,
  "summary_csf_n": 815569.3939395947,
  "summary_csf_p05": 0.0,
  "summary_csf_p95": 3539.0,
  "summary_csf_stdv": 1132.024,
  "summary_gm_k": 28.5669,
  "summary_gm_mad": 225.0783,
  "summary_gm_mean": 1336.0804,
  "summary_gm_median": 1335.0,
  "summary_gm_n": 992901.2299592175,
  "summary_gm_p05": 864.0,
  "summary_gm_p95": 1869.0,
  "summary_gm_stdv": 322.8973,
  "summary_wm_k": 92.123,
  "summary_wm_mad": 135.7492,
  "summary_wm_mean": 1126.4188,
  "summary_wm_median": 1115.0,
  "summary_wm_n": 1133660.3788100486,
  "summary_wm_p05": 892.0,
  "summary_wm_p95": 1390.0,
  "summary_wm_stdv": 166.5687,
  "tpm_overlap_csf": 0.2115267994783117,
  "tpm_overlap_gm": 0.4978550717329448,
  "tpm_overlap_wm": 0.522206101918316,
  "wm2max": 0.28386280553925336
}
