{
  "bids_meta": {
    "AcquisitionMatrixPE": 216,
    "AcquisitionNumber": 1,
    "AcquisitionTime": "20:07:34.740000",
    "BaseResolution": 256,
    "BodyPartExamined": "BRAIN",
    "CoilCombinationMethod": "Adaptive Combine",
    "CoilString": "HeadNeck_64_CS",
    "ConversionSoftware": "dcm2niix",
    "ConversionSoftwareVersion": "v1.0.20220720",
    "DeviceSerialNumber": "176240",
    "DwellTime": 7.5e-6,
    "EchoTime": 0.00246,
    "FileSize": 0.00927711185067892,
    "FileSizeUnits": "GB",
    "FlipAngle": 8,
    "HeudiconvVersion": "1.1.6.post8+ga0a3635",
    "ImageOrientationPatientDICOM": [
      0.998546,
      0.0204818,
      0.049863,
      -0.0193474,
      0.999545,
      -0.0231273
    ],
    "ImageType": [
      "ORIGINAL",
      "PRIMARY",
      "M",
      "NORM",
      "DIS2D",
      "FM3",
      "2",
      "FIL",
      "MFSPLIT"
    ],
    "ImageTypeText": [
      "ORIGINAL",
      "PRIMARY",
      "M",
      "NONE"
    ],
    "ImagingFrequency": 123.261,
    "InPlanePhaseEncodingDirectionDICOM": "ROW",
    "InstitutionAddress": "Rue de Bugnon 46,Lausanne,,CH,1011",
    "InstitutionName": "Radiologie-CHUV",
    "InversionTime": 0.9,
    "MRAcquisitionType": "3D",
    "MagneticFieldStrength": 3,
    "Manufacturer": "Siemens",
    "ManufacturersModelName": "MAGNETOM Vida",
    "MatrixCoilMode": "GRAPPA",
    "Modality": "MR",
    "NonlinearGradientCorrection": true,
    "NumberOfVolumes": 1,
    "ParallelReductionFactorInPlane": 2,
    "PartialFourier": 1,
    "PatientPosition": "HFS",
    "PercentPhaseFOV": 84.375,
    "PercentSampling": 100,
    "PhaseEncodingSteps": 216,
    "PhaseResolution": 1,
    "PixelBandwidth": 260,
    "ProcedureStepDescription": "Research Oscar",
    "ProtocolName": "anat-T1w__t1_mprage_tra_p2_iso_siemens_axial",
    "PulseSequenceDetails": "%SiemensSeq%\\tfl",
    "ReceiveCoilActiveElements": "HC1-7;NC1",
    "ReceiveCoilName": "HeadNeck_64_CS",
    "ReconMatrixPE": 216,
    "RefLinesPE": 24,
    "RepetitionTime": 2.2,
    "SAR": 0.0455827,
    "ScanOptions": "PER",
    "ScanningSequence": "GR",
    "SequenceName": "*tfl3d1_240",
    "SequenceVariant": "SK",
    "SeriesDescription": "anat-T1w__t1_mprage_tra_p2_iso_siemens_axial",
    "SeriesNumber": 5,
    "ShimSetting": [
      -8778,
      8428,
      9145,
      105,
      -256,
      11,
      89,
      62
    ],
    "SliceThickness": 0.9,
    "SoftwareVersions": "syngo MR XA50",
    "StationName": "LRG08892",
    "TxRefAmp": 322.525,
    "acquisition": "undistorted",
    "dataset": "HCPh",
    "datatype": "anat",
    "extension": ".nii.gz",
    "modality": "T1w",
    "session": "20802034",
    "subject": "001",
    "suffix": "T1w"
  },
  "cjv": 0.58552140077821,
  "cnr": 1.6660024224676715,
  "efc": 0.5256,
  "fber": 18802.4806,
  "fwhm_avg": 4.684854657036013,
  "fwhm_x": 4.35886516483464,
  "fwhm_y": 5.204032020618196,
  "fwhm_z": 4.491666785655202,
  "icvs_csf": 0.27408911354311566,
  "icvs_gm": 0.37755341177452506,
  "icvs_wm": 0.3483574746823594,
  "inu_med": 0.519471287727356,
  "inu_range": 0.2393530011177063,
  "provenance": {
    "md5sum": "5931c356aec35e8162ecc0019bdebb8d",
    "settings": {
      "testing": false
    },
    "software": "mriqc",
    "version": "24.1.0.dev15+g9586c867.d20240825",
    "warnings": {
      "large_rot_frame": true,
      "small_air_mask": false
    }
  },
  "qi_1": 0.0,
  "qi_2": 0.001182923726537566,
  "rpve_csf": 5.362687489662468,
  "rpve_gm": 5.266027468496553,
  "rpve_wm": 5.347397620327019,
  "size_x": 216,
  "size_y": 256,
  "size_z": 208,
  "snr_csf": 1.6847480285045726,
  "snr_gm": 5.60999630288021,
  "snr_total": 6.022425741721154,
  "snr_wm": 10.77253289377868,
  "snrd_csf": 24.283929856247305,
  "snrd_gm": 48.43027370764335,
  "snrd_total": 46.27475963164028,
  "snrd_wm": 66.11007533103019,
  "spacing_x": 0.8984379768371582,
  "spacing_y": 0.8984379768371582,
  "spacing_z": 0.8999999761581421,
  "summary_bg_k": 3752.7504,
  "summary_bg_mad": 0.0,
  "summary_bg_mean": 2.4155,
  "summary_bg_median": 0.0,
  "summary_bg_n": 3679783.0,
  "summary_bg_p05": 0.0,
  "summary_bg_p95": 11.0,
  "summary_bg_stdv": 9.5233,
  "summary_csf_k": -0.059,
  "summary_csf_mad": 169.3471,
  "summary_csf_mean": 368.3893,
  "summary_csf_median": 353.0,
  "summary_csf_n": 578203.5938248725,
  "summary_csf_p05": 43.0,
  "summary_csf_p95": 720.0,
  "summary_csf_stdv": 209.5267,
  "summary_gm_k": -0.508,
  "summary_gm_mad": 85.3899,
  "summary_gm_mean": 708.2748,
  "summary_gm_median": 704.0,
  "summary_gm_n": 796466.2905684218,
  "summary_gm_p05": 503.0,
  "summary_gm_p95": 946.0,
  "summary_gm_stdv": 125.4902,
  "summary_wm_k": 0.0132,
  "summary_wm_mad": 65.0891,
  "summary_wm_mean": 937.511,
  "summary_wm_median": 961.0,
  "summary_wm_n": 734876.1181841415,
  "summary_wm_p05": 759.0,
  "summary_wm_p95": 1046.0,
  "summary_wm_stdv": 89.2083,
  "tpm_overlap_csf": 0.1990323993752259,
  "tpm_overlap_gm": 0.5443910513434506,
  "tpm_overlap_wm": 0.5562089365508,
  "wm2max": 0.5076366039393435
}
