{
  "NumberOfShells": 4,
  "bValues": [
    0.0,
    700.0,
    1000.0,
    1950.0,
    2000.0,
    2950.0,
    3000.0
  ],
  "bValuesEstimation": [
    700.0,
    1000.0,
    2000.0,
    3000.0
  ],
  "bdiffs_max": 0.2881,
  "bdiffs_mean": 0.1438,
  "bdiffs_median": 0.1372,
  "bdiffs_min": 0.0055,
  "bids_meta": {
    "AcquisitionMatrixPE": 120,
    "AcquisitionNumber": 1,
    "AcquisitionTime": "16:17:1.140000",
    "B0FieldSource": [
      "pilot001pepolarb0",
      "pilot001phasediff"
    ],
    "BandwidthPerPixelPhaseEncode": 35.714,
    "BaseResolution": 120,
    "BodyPartExamined": "BRAIN",
    "CoilCombinationMethod": "Adaptive Combine",
    "CoilString": "HeadNeck_64",
    "ConversionSoftware": "dcm2niix",
    "ConversionSoftwareVersion": "v1.0.20220720",
    "Deltas": [
      0.0233,
      0.0475
    ],
    "DerivedVendorReportedEchoSpacing": 0.000700006,
    "DeviceSerialNumber": "67014",
    "DiffusionScheme": "Bipolar",
    "DwellTime": 2.4e-6,
    "EchoTime": 0.087,
    "EchoTrainLength": 35,
    "EffectiveEchoSpacing": 0.000233335,
    "FileSize": 0.09299698006361723,
    "FileSizeUnits": "GB",
    "FlipAngle": 90,
    "HeudiconvVersion": "1.0.0",
    "ImageOrientationPatientDICOM": [
      0.99604,
      0.0560113,
      0.0690431,
      -0.0598735,
      0.996679,
      0.0551988
    ],
    "ImageType": [
      "ORIGINAL",
      "PRIMARY",
      "DIFFUSION",
      "NONE",
      "ND",
      "NORM",
      "MFSPLIT"
    ],
    "ImageTypeText": [
      "ORIGINAL",
      "PRIMARY",
      "DIFFUSION",
      "NONE"
    ],
    "ImagingFrequency": 123.248,
    "InPlanePhaseEncodingDirectionDICOM": "COL",
    "InstitutionAddress": "Rue du Bugnon 21,Lausanne,District,CH,1011",
    "InstitutionName": "CHUV",
    "MRAcquisitionType": "2D",
    "MagneticFieldStrength": 3,
    "Manufacturer": "Siemens",
    "ManufacturersModelName": "MAGNETOM Prisma Fit",
    "Modality": "MR",
    "MultibandAccelerationFactor": 2,
    "NonlinearGradientCorrection": false,
    "NumberOfVolumes": 147,
    "ParallelReductionFactorInPlane": 3,
    "PartialFourier": 0.875,
    "PatientPosition": "HFS",
    "PercentPhaseFOV": 100,
    "PercentSampling": 100,
    "PhaseEncodingDirection": "j-",
    "PhaseEncodingSteps": 120,
    "PhaseResolution": 1,
    "PixelBandwidth": 1736,
    "ProcedureStepDescription": "RESEARCH Oscar",
    "ProtocolName": "micro_struct_137dir_BIPOLAR_b3000_2mm-iso",
    "PulseSequenceDetails": "%SiemensSeq%\\ep2d_diff",
    "ReceiveCoilActiveElements": "HC1-7",
    "ReceiveCoilName": "HeadNeck_64",
    "ReconMatrixPE": 120,
    "RefLinesPE": 90,
    "RepetitionTime": 7.8,
    "SAR": 0.226048,
    "ScanOptions": "PFP\\FS\\PER",
    "ScanningSequence": "GR\\EP",
    "SequenceName": "*ep_b0",
    "SequenceVariant": "SK",
    "SeriesDescription": "micro_struct_137dir_BIPOLAR_b3000_2mm-iso",
    "SeriesNumber": 14,
    "ShimSetting": [
      8242,
      -5652,
      -6028,
      581,
      -53,
      -355,
      21,
      19
    ],
    "SliceThickness": 2,
    "SliceTiming": [
      5.8825,
      0,
      6.05,
      0.1675,
      6.22,
      0.335,
      6.3875,
      0.505,
      6.555,
      0.6725,
      6.7225,
      0.84,
      6.8925,
      1.0075,
      7.06,
      1.1775,
      7.2275,
      1.345,
      7.395,
      1.5125,
      7.565,
      1.68,
      7.7325,
      1.8475,
      7.9,
      2.0175,
      8.0675,
      2.185,
      8.235,
      2.3525,
      8.405,
      2.52,
      8.5725,
      2.69,
      8.74,
      2.8575,
      8.9075,
      3.025,
      9.0775,
      3.1925,
      9.245,
      3.3625,
      9.4125,
      3.53,
      9.58,
      3.6975,
      9.75,
      3.865,
      9.9175,
      4.035,
      10.085,
      4.2025,
      10.2525,
      4.37,
      10.4225,
      4.5375,
      10.59,
      4.7075,
      10.7575,
      4.875,
      10.925,
      5.0425,
      11.0925,
      5.21,
      11.2625,
      5.3775,
      11.43,
      5.5475,
      11.5975,
      5.715
    ],
    "SoftwareVersions": "syngo MR XA30",
    "SpacingBetweenSlices": 2,
    "StationName": "LRG10884",
    "TotalReadoutTime": 0.0277669,
    "TxRefAmp": 245.506,
    "VendorReportedEchoSpacing": 0.0007,
    "acquisition": "lowres",
    "dataset": "HCPh",
    "datatype": "dwi",
    "direction": "AP",
    "extension": ".nii.gz",
    "modality": "dwi",
    "session": "pilot001",
    "subject": "001",
    "suffix": "dwi"
  },
  "efc_shell01": 0.3999,
  "efc_shell02": 0.4366,
  "efc_shell03": 0.437,
  "efc_shell04": 0.4505,
  "efc_shell05": 0.4692,
  "fa_degenerate": 0.0,
  "fa_nans": 0.0,
  "fber_shell01": 19614.5781,
  "fber_shell02": 7943.6909,
  "fber_shell03": 5832.8447,
  "fber_shell04": 1973.3079,
  "fber_shell05": 757.5906,
  "fd_mean": 12.4422,
  "fd_num": 138,
  "fd_perc": 93.87755102040816,
  "ndc": 0.8684,
  "provenance": {
    "md5sum": "92e185fb349f783aa4bf1367d6161e46",
    "settings": {
      "testing": false
    },
    "software": "mriqc",
    "version": "24.1.0.dev15+g9586c867.d20240825"
  },
  "sigma_cc": 35.5825,
  "sigma_pca": 9.3928,
  "sigma_piesno": 0.9905,
  "snr_cc_shell0": 6.62,
  "snr_cc_shell1_best": 6.63,
  "snr_cc_shell1_worst": 6.63,
  "snr_cc_shell2_best": 4.58,
  "snr_cc_shell2_worst": 2.94,
  "snr_cc_shell3_best": 3.48,
  "snr_cc_shell3_worst": 2.15,
  "snr_cc_shell4_best": 2.24,
  "snr_cc_shell4_worst": 1.19,
  "spikes_global": 51.01,
  "spikes_slice_i": 236.48,
  "spikes_slice_j": 243.76,
  "spikes_slice_k": 342.97,
  "summary_bg_k": 126.9741,
  "summary_bg_mad": 2.9652,
  "summary_bg_mean": 13.1366,
  "summary_bg_median": 2.0,
  "summary_bg_n": 821492.0,
  "summary_bg_p05": 0.0,
  "summary_bg_p95": 66.0,
  "summary_bg_stdv": 39.5945,
  "summary_fg_k": 6.1169,
  "summary_fg_mad": 97.8517,
  "summary_fg_mean": 324.8565,
  "summary_fg_median": 275.0,
  "summary_fg_n": 186508.0,
  "summary_fg_p05": 111.0,
  "summary_fg_p95": 699.0,
  "summary_fg_stdv": 186.4417,
  "summary_wm_k": 26.8344,
  "summary_wm_mad": 48.9259,
  "summary_wm_mean": 248.2829,
  "summary_wm_median": 239.0,
  "summary_wm_n": 60787.0,
  "summary_wm_p05": 124.0,
  "summary_wm_p95": 375.0,
  "summary_wm_stdv": 104.2071
}
