{
  "aor": [
    0.001775612244897959,
    0.0021963265306122453,
    0.0021870408163265306,
    0.0023252040816326533
  ],
  "aqi": [
    0.0036032900000000003,
    0.0051871979591836745,
    0.00808810836734694,
    0.013931032653061223
  ],
  "bids_meta": {
    "AcquisitionDuration": 188.475,
    "AcquisitionMatrixPE": 96,
    "AcquisitionNumber": 1,
    "AcquisitionTime": "22:30:49.150000",
    "B0FieldSource": [
      "024pepolarbold",
      "024phasediff"
    ],
    "BandwidthPerPixelPhaseEncode": 37.879,
    "BaseResolution": 96,
    "BodyPartExamined": "BRAIN",
    "CoilCombinationMethod": "Sum of Squares",
    "CoilString": "HeadNeck_64",
    "ConversionSoftware": "dcm2niix",
    "ConversionSoftwareVersion": "v1.0.20220720",
    "DerivedVendorReportedEchoSpacing": 0.000549997,
    "DeviceSerialNumber": "67014",
    "DwellTime": 2.3e-6,
    "EchoNumber": 4,
    "EchoTime": 0.07392,
    "EchoTrainLength": 35,
    "EffectiveEchoSpacing": 0.000274998,
    "FileSize": 0.04546745214611292,
    "FileSizeUnits": "GB",
    "FlipAngle": 64,
    "HeudiconvVersion": "1.0.0",
    "ImageComments": "Unaliased MB4/PE4/LB",
    "ImageOrientationPatientDICOM": [
      0.999753,
      -0.00937819,
      0.020149,
      0.0165781,
      0.918505,
      -0.395063
    ],
    "ImageType": [
      "ORIGINAL",
      "PRIMARY",
      "FMRI",
      "NONE"
    ],
    "ImageTypeText": [
      "ORIGINAL",
      "PRIMARY",
      "M",
      "MB",
      "TE4",
      "DIS2D"
    ],
    "ImagingFrequency": 123.248,
    "InPlanePhaseEncodingDirectionDICOM": "COL",
    "InstitutionAddress": "Rue du Bugnon 21,Lausanne,District,CH,1011",
    "InstitutionName": "CHUV",
    "MRAcquisitionType": "2D",
    "MTState": false,
    "MagneticFieldStrength": 3,
    "Manufacturer": "Siemens",
    "ManufacturersModelName": "MAGNETOM Prisma Fit",
    "MatrixCoilMode": "GRAPPA",
    "Modality": "MR",
    "MultibandAccelerationFactor": 4,
    "NonlinearGradientCorrection": true,
    "NumberOfVolumes": 99,
    "ParallelAcquisitionTechnique": "GRAPPA",
    "ParallelReductionFactorInPlane": 2,
    "PartialFourier": 0.75,
    "PartialFourierDirection": "PHASE",
    "PatientPosition": "HFS",
    "PercentPhaseFOV": 100,
    "PercentSampling": 100,
    "PhaseEchoTime1": 0.0126,
    "PhaseEchoTime2": 0.03304,
    "PhaseEncodingDirection": "j-",
    "PhaseResolution": 1,
    "PixelBandwidth": 2264,
    "ProcedureStepDescription": "https://www.axonlab.org/hcph-sops/",
    "ProtocolName": "func-bold_task-qct_dir-AP__cmrr_me4_sms4",
    "PulseSequenceDetails": "%CustomerSeq%\\cmrr_mbep2d_bold",
    "PulseSequenceName": "epfid2d4_96",
    "ReceiveCoilActiveElements": "HC1-7",
    "ReceiveCoilName": "HeadNeck_64",
    "ReconMatrixPE": 96,
    "RefLinesPE": 22,
    "RepetitionTime": 1.6,
    "ScanOptions": "PFP\\FS",
    "ScanningSequence": "EP",
    "SequenceVariant": "SK\\SS",
    "SeriesDescription": "func-bold_task-qct_dir-AP__cmrr_me4_sms4",
    "SeriesNumber": 13,
    "ShimSetting": [
      8241,
      -5621,
      -6002,
      670,
      -25,
      -256,
      5,
      39
    ],
    "SliceThickness": 2.2,
    "SliceTiming": [
      0,
      0.8425,
      0.105,
      0.95,
      0.2125,
      1.055,
      0.3175,
      1.16,
      0.4225,
      1.265,
      0.5275,
      1.37,
      0.6325,
      1.475,
      0.7375,
      0,
      0.8425,
      0.105,
      0.95,
      0.2125,
      1.055,
      0.3175,
      1.16,
      0.4225,
      1.265,
      0.5275,
      1.37,
      0.6325,
      1.475,
      0.7375,
      0,
      0.8425,
      0.105,
      0.95,
      0.2125,
      1.055,
      0.3175,
      1.16,
      0.4225,
      1.265,
      0.5275,
      1.37,
      0.6325,
      1.475,
      0.7375,
      0,
      0.8425,
      0.105,
      0.95,
      0.2125,
      1.055,
      0.3175,
      1.16,
      0.4225,
      1.265,
      0.5275,
      1.37,
      0.6325,
      1.475,
      0.7375
    ],
    "SoftwareVersions": "syngo MR XA30",
    "SpacingBetweenSlices": 2.2,
    "StationName": "LRG10884",
    "TaskName": "Quality Control Task (QCT)",
    "TotalReadoutTime": 0.0261249,
    "TxRefAmp": 245.933,
    "WipMemBlock": "30d81d99-0e93-49d2-8a57-0f61782e2818||Sequence: R017 nxva30a/master r/d34922cc2+; Jun 27 2022 13:20:16 by eja",
    "dataset": "HCPh",
    "datatype": "func",
    "direction": "AP",
    "extension": ".nii.gz",
    "modality": "bold",
    "part": "mag",
    "session": "024",
    "subject": "001",
    "suffix": "bold",
    "task": "qct"
  },
  "dummy_trs": 1,
  "dvars_nstd": 86.53859073639174,
  "dvars_std": 1.0955167152577319,
  "dvars_vstd": 1.0416860439175264,
  "efc": 0.5053,
  "fber": 131.8893,
  "fd_mean": 0.12543745105820153,
  "fd_num": 11,
  "fd_perc": 11.224489795918368,
  "fwhm_avg": 2.571233066555107,
  "fwhm_x": 2.4334460742845145,
  "fwhm_y": 2.815975906065305,
  "fwhm_z": 2.4642772193155023,
  "gcor": [
    0.0193581,
    0.0292712,
    0.0268441,
    0.0213373
  ],
  "gsr_x": 0.002602230291813612,
  "gsr_y": 0.021662011742591858,
  "provenance": {
    "md5sum": "c18bbaf08120464800535869e6096cf1",
    "settings": {
      "fd_thres": 0.2,
      "testing": false
    },
    "software": "mriqc",
    "version": "24.1.0.dev15+g9586c867.d20240825"
  },
  "size_t": 98,
  "size_x": 96,
  "size_y": 96,
  "size_z": 60,
  "snr": 1.3916878939686534,
  "spacing_tr": 1.600000023841858,
  "spacing_x": 2.197920083999634,
  "spacing_y": 2.197920083999634,
  "spacing_z": 2.200000047683716,
  "summary_bg_k": 131.9347,
  "summary_bg_mad": 1.9516,
  "summary_bg_mean": 20.2654,
  "summary_bg_median": 18.0,
  "summary_bg_n": 416445.0,
  "summary_bg_p05": 0.0,
  "summary_bg_p95": 34.0,
  "summary_bg_stdv": 12.7088,
  "summary_fg_k": 4.4067,
  "summary_fg_mad": 132.2995,
  "summary_fg_mean": 220.9718,
  "summary_fg_median": 209.0,
  "summary_fg_n": 136515.0,
  "summary_fg_p05": 26.0,
  "summary_fg_p95": 486.0,
  "summary_fg_stdv": 150.1768,
  "tsnr": 15.500665637198836
}
