{
  "aor": [
    0.0006376354679802956,
    0.0007399014778325124,
    0.0008898522167487685,
    0.0010717241379310345
  ],
  "aqi": [
    0.007190798275862068,
    0.009501548817733992,
    0.01453789157635468,
    0.02311918669950739
  ],
  "bids_meta": {
    "AcquisitionDuration": 361.475,
    "AcquisitionMatrixPE": 96,
    "AcquisitionNumber": 1,
    "AcquisitionTime": "22:59:7.342500",
    "B0FieldSource": [
      "024pepolarbold",
      "024phasediff"
    ],
    "BandwidthPerPixelPhaseEncode": 37.879,
    "BaseResolution": 96,
    "BodyPartExamined": "BRAIN",
    "CogAtlasID": "https://www.cognitiveatlas.org/id/trm_4c898a680e424/",
    "CoilCombinationMethod": "Sum of Squares",
    "CoilString": "HeadNeck_64",
    "ConversionSoftware": "dcm2niix",
    "ConversionSoftwareVersion": "v1.0.20220720",
    "DerivedVendorReportedEchoSpacing": 0.000549997,
    "DeviceSerialNumber": "67014",
    "DwellTime": 2.3e-6,
    "EchoNumber": 3,
    "EchoTime": 0.05348,
    "EchoTrainLength": 35,
    "EffectiveEchoSpacing": 0.000274998,
    "FileSize": 0.10245782788842916,
    "FileSizeUnits": "GB",
    "FlipAngle": 64,
    "HeudiconvVersion": "1.0.0",
    "ImageComments": "Unaliased MB4/PE4/LB",
    "ImageOrientationPatientDICOM": [
      0.99975,
      -0.00953843,
      0.0202179,
      0.0167525,
      0.918503,
      -0.395059
    ],
    "ImageType": [
      "ORIGINAL",
      "PRIMARY",
      "FMRI",
      "NONE"
    ],
    "ImageTypeText": [
      "ORIGINAL",
      "PRIMARY",
      "M",
      "MB",
      "TE3",
      "DIS2D"
    ],
    "ImagingFrequency": 123.248,
    "InPlanePhaseEncodingDirectionDICOM": "COL",
    "InstitutionAddress": "Rue du Bugnon 21,Lausanne,District,CH,1011",
    "InstitutionName": "CHUV",
    "MRAcquisitionType": "2D",
    "MTState": false,
    "MagneticFieldStrength": 3,
    "Manufacturer": "Siemens",
    "ManufacturersModelName": "MAGNETOM Prisma Fit",
    "MatrixCoilMode": "GRAPPA",
    "Modality": "MR",
    "MultibandAccelerationFactor": 4,
    "NonlinearGradientCorrection": true,
    "NumberOfVolumes": 207,
    "ParallelAcquisitionTechnique": "GRAPPA",
    "ParallelReductionFactorInPlane": 2,
    "PartialFourier": 0.75,
    "PartialFourierDirection": "PHASE",
    "PatientPosition": "HFS",
    "PercentPhaseFOV": 100,
    "PercentSampling": 100,
    "PhaseEchoTime1": 0.0126,
    "PhaseEchoTime2": 0.03304,
    "PhaseEncodingDirection": "j-",
    "PhaseResolution": 1,
    "PixelBandwidth": 2264,
    "ProcedureStepDescription": "https://www.axonlab.org/hcph-sops/",
    "ProtocolName": "func-bold_task-bht_dir-AP__cmrr_me4_sms4",
    "PulseSequenceDetails": "%CustomerSeq%\\cmrr_mbep2d_bold",
    "PulseSequenceName": "epfid2d4_96",
    "ReceiveCoilActiveElements": "HC1-7",
    "ReceiveCoilName": "HeadNeck_64",
    "ReconMatrixPE": 96,
    "RefLinesPE": 22,
    "RepetitionTime": 1.6,
    "ScanOptions": "PFP\\FS",
    "ScanningSequence": "EP",
    "SequenceVariant": "SK\\SS",
    "SeriesDescription": "func-bold_task-bht_dir-AP__cmrr_me4_sms4",
    "SeriesNumber": 25,
    "ShimSetting": [
      8242,
      -5621,
      -6001,
      673,
      -22,
      -253,
      6,
      40
    ],
    "SliceThickness": 2.2,
    "SliceTiming": [
      0,
      0.8425,
      0.105,
      0.9475,
      0.21,
      1.0525,
      0.315,
      1.1575,
      0.42,
      1.2625,
      0.525,
      1.3675,
      0.63,
      1.4725,
      0.735,
      0,
      0.8425,
      0.105,
      0.9475,
      0.21,
      1.0525,
      0.315,
      1.1575,
      0.42,
      1.2625,
      0.525,
      1.3675,
      0.63,
      1.4725,
      0.735,
      0,
      0.8425,
      0.105,
      0.9475,
      0.21,
      1.0525,
      0.315,
      1.1575,
      0.42,
      1.2625,
      0.525,
      1.3675,
      0.63,
      1.4725,
      0.735,
      0,
      0.8425,
      0.105,
      0.9475,
      0.21,
      1.0525,
      0.315,
      1.1575,
      0.42,
      1.2625,
      0.525,
      1.3675,
      0.63,
      1.4725,
      0.735
    ],
    "SoftwareVersions": "syngo MR XA30",
    "SpacingBetweenSlices": 2.2,
    "StationName": "LRG10884",
    "TaskName": "Breath-holding Task (BHT)",
    "TotalReadoutTime": 0.0261249,
    "TxRefAmp": 245.933,
    "WipMemBlock": "93c89b1f-514c-4126-b127-e7b7ca3b4487||Sequence: R017 nxva30a/master r/d34922cc2+; Jun 27 2022 13:20:16 by eja",
    "dataset": "HCPh",
    "datatype": "func",
    "direction": "AP",
    "extension": ".nii.gz",
    "modality": "bold",
    "part": "mag",
    "session": "024",
    "subject": "001",
    "suffix": "bold",
    "task": "bht"
  },
  "dummy_trs": 4,
  "dvars_nstd": 72.43478956326732,
  "dvars_std": 1.100388228415842,
  "dvars_vstd": 0.9923152604455445,
  "efc": 0.5022,
  "fber": 300.0849,
  "fd_mean": 0.20142577655222674,
  "fd_num": 110,
  "fd_perc": 54.1871921182266,
  "fwhm_avg": 2.8729984589696813,
  "fwhm_x": 2.744107960933945,
  "fwhm_y": 3.097455657992492,
  "fwhm_z": 2.7774317579826064,
  "gcor": [
    0.0194643,
    0.0283989,
    0.0295297,
    0.024503
  ],
  "gsr_x": 0.010019226931035519,
  "gsr_y": 0.019148683175444603,
  "provenance": {
    "md5sum": "52a835f8cd540e00364a363a3768e34a",
    "settings": {
      "fd_thres": 0.2,
      "testing": false
    },
    "software": "mriqc",
    "version": "24.1.0.dev15+g9586c867.d20240825"
  },
  "size_t": 203,
  "size_x": 96,
  "size_y": 96,
  "size_z": 60,
  "snr": 1.6951593472824333,
  "spacing_tr": 1.600000023841858,
  "spacing_x": 2.197920083999634,
  "spacing_y": 2.197920083999634,
  "spacing_z": 2.200000047683716,
  "summary_bg_k": 64.7355,
  "summary_bg_mad": 3.104,
  "summary_bg_mean": 25.209,
  "summary_bg_median": 19.0,
  "summary_bg_n": 416406.0,
  "summary_bg_p05": 0.0,
  "summary_bg_p95": 60.0,
  "summary_bg_stdv": 27.0552,
  "summary_fg_k": 1.834,
  "summary_fg_mad": 169.7105,
  "summary_fg_mean": 334.7303,
  "summary_fg_median": 326.0,
  "summary_fg_n": 136554.0,
  "summary_fg_p05": 38.0,
  "summary_fg_p95": 662.0,
  "summary_fg_stdv": 192.3116,
  "tsnr": 19.513782316818833
}
