{
  "NumberOfShells": 4,
  "bValues": [
    0.0,
    700.0,
    1000.0,
    2000.0,
    3000.0
  ],
  "bValuesEstimation": [
    700.0,
    1000.0,
    2000.0,
    3000.0
  ],
  "bdiffs_max": 0.3324,
  "bdiffs_mean": 0.115,
  "bdiffs_median": 0.1292,
  "bdiffs_min": 0.0039,
  "bids_meta": {
    "AcquisitionMatrixPE": 146,
    "AcquisitionNumber": 1,
    "AcquisitionTime": "21:48:46.202500",
    "BandwidthPerPixelPhaseEncode": 14.573,
    "BaseResolution": 146,
    "BodyPartExamined": "BRAIN",
    "CoilCombinationMethod": "Adaptive Combine",
    "CoilString": "HeadNeck_64",
    "ConversionSoftware": "dcm2niix",
    "ConversionSoftwareVersion": "v1.0.20220720",
    "Deltas": [
      0.0272,
      0.0469
    ],
    "DerivedVendorReportedEchoSpacing": 0.000940001,
    "DeviceSerialNumber": "67014",
    "DiffusionScheme": "Monopolar",
    "DwellTime": 2.1e-6,
    "EchoTime": 0.121,
    "EchoTrainLength": 64,
    "EffectiveEchoSpacing": 0.00047,
    "FileSize": 0.41266923677176237,
    "FileSizeUnits": "GB",
    "FlipAngle": 90,
    "HeudiconvVersion": "1.1.6.post8+ga0a3635",
    "ImageOrientationPatientDICOM": [
      0.999994,
      0.000494589,
      0.00340527,
      -5.8088e-11,
      0.989616,
      -0.143734
    ],
    "ImageType": [
      "ORIGINAL",
      "PRIMARY",
      "DIFFUSION",
      "NONE",
      "ND",
      "MFSPLIT"
    ],
    "ImageTypeText": [
      "ORIGINAL",
      "PRIMARY",
      "DIFFUSION",
      "NONE"
    ],
    "ImagingFrequency": 123.248,
    "InPlanePhaseEncodingDirectionDICOM": "ROW",
    "InstitutionAddress": "Rue du Bugnon 21,Lausanne,District,CH,1011",
    "InstitutionName": "CHUV",
    "MRAcquisitionType": "2D",
    "MagneticFieldStrength": 3,
    "Manufacturer": "Siemens",
    "ManufacturersModelName": "MAGNETOM Prisma Fit",
    "Modality": "MR",
    "MultibandAccelerationFactor": 3,
    "NonlinearGradientCorrection": false,
    "NumberOfVolumes": 280,
    "ParallelReductionFactorInPlane": 2,
    "PartialFourier": 0.875,
    "PatientPosition": "HFS",
    "PercentPhaseFOV": 100,
    "PercentSampling": 100,
    "PhaseEncodingDirection": "i-",
    "PhaseEncodingSteps": 146,
    "PhaseResolution": 1,
    "PixelBandwidth": 1631,
    "ProcedureStepDescription": "RESEARCH Oscar",
    "ProtocolName": "dwi-dwi_acq-highres_dir-LR__trigger_monopolar",
    "PulseSequenceDetails": "%CustomerSeq%\\ep2d_diff_trigg",
    "ReceiveCoilActiveElements": "HC1-7",
    "ReceiveCoilName": "HeadNeck_64",
    "ReconMatrixPE": 146,
    "RefLinesPE": 54,
    "RepetitionTime": 7,
    "SAR": 0.163477,
    "ScanOptions": "PFP\\FS\\PER",
    "ScanningSequence": "GR\\EP",
    "SequenceName": "ep_b0",
    "SequenceVariant": "SK",
    "SeriesDescription": "dwi-dwi_acq-highres_dir-LR__trigger_monopolar",
    "SeriesNumber": 18,
    "ShimSetting": [
      8223,
      -5651,
      -6011,
      691,
      -70,
      -232,
      -4,
      54
    ],
    "SliceThickness": 1.6,
    "SliceTiming": [
      0,
      7.5625,
      0.1725,
      7.735,
      0.345,
      7.905,
      0.5175,
      8.0775,
      0.6875,
      8.25,
      0.86,
      8.42,
      1.0325,
      8.5925,
      1.205,
      8.765,
      1.375,
      8.9375,
      1.5475,
      9.1075,
      1.72,
      9.28,
      1.89,
      9.4525,
      2.0625,
      9.625,
      2.235,
      9.795,
      2.4075,
      9.9675,
      2.5775,
      10.14,
      2.75,
      10.3125,
      2.9225,
      10.4825,
      3.095,
      10.655,
      3.265,
      10.8275,
      3.4375,
      11,
      3.61,
      11.17,
      3.7825,
      11.3425,
      3.9525,
      11.515,
      4.125,
      11.685,
      4.2975,
      11.8575,
      4.47,
      12.03,
      4.64,
      12.2025,
      4.8125,
      12.3725,
      4.985,
      12.545,
      5.155,
      12.7175,
      5.3275,
      12.89,
      5.5,
      13.06,
      5.6725,
      13.2325,
      5.8425,
      13.405,
      6.015,
      13.5775,
      6.1875,
      13.7475,
      6.36,
      13.92,
      6.53,
      14.0925,
      6.7025,
      14.2625,
      6.875,
      14.435,
      7.0475,
      14.6075,
      7.2175,
      14.78,
      7.39
    ],
    "SoftwareVersions": "syngo MR XA30",
    "SpacingBetweenSlices": 1.6,
    "StationName": "LRG10884",
    "TotalReadoutTime": 0.0681501,
    "TxRefAmp": 253.228,
    "VendorReportedEchoSpacing": 0.00094,
    "acquisition": "highres",
    "dataset": "HCPh",
    "datatype": "dwi",
    "direction": "LR",
    "extension": ".nii.gz",
    "modality": "dwi",
    "session": "pilot20103060",
    "subject": "001",
    "suffix": "dwi"
  },
  "efc_shell01": 0.3593,
  "efc_shell02": 0.4942,
  "efc_shell03": 0.5195,
  "efc_shell04": 0.5804,
  "efc_shell05": 0.6204,
  "fa_degenerate": 0.0,
  "fa_nans": 0.0,
  "fber_shell01": 956.7966,
  "fber_shell02": 354.6964,
  "fber_shell03": 227.2695,
  "fber_shell04": 77.9343,
  "fber_shell05": 41.1991,
  "fd_mean": 12.5118,
  "fd_num": 279,
  "fd_perc": 99.64285714285714,
  "ndc": 0.762,
  "provenance": {
    "md5sum": "2222fce8a0ba30f6d540b28421e5b5ae",
    "settings": {
      "testing": false
    },
    "software": "mriqc",
    "version": "24.1.0.dev15+g9586c867.d20240825"
  },
  "sigma_cc": 28.1694,
  "sigma_pca": 14.8976,
  "sigma_piesno": 1.6508,
  "snr_cc_shell0": 4.54,
  "snr_cc_shell1_best": 4.51,
  "snr_cc_shell1_worst": 4.51,
  "snr_cc_shell2_best": 3.01,
  "snr_cc_shell2_worst": 2.01,
  "snr_cc_shell3_best": 2.54,
  "snr_cc_shell3_worst": 1.63,
  "snr_cc_shell4_best": 1.83,
  "snr_cc_shell4_worst": 1.07,
  "spikes_global": 37.92,
  "spikes_slice_i": 205.54,
  "spikes_slice_j": 246.59,
  "spikes_slice_k": 237.41,
  "summary_bg_k": 663.589,
  "summary_bg_mad": 5.9304,
  "summary_bg_mean": 19.3947,
  "summary_bg_median": 7.0,
  "summary_bg_n": 1489314.0,
  "summary_bg_p05": 2.0,
  "summary_bg_p95": 61.0,
  "summary_bg_stdv": 72.6247,
  "summary_fg_k": 11.2976,
  "summary_fg_mad": 131.9516,
  "summary_fg_mean": 326.5426,
  "summary_fg_median": 223.0,
  "summary_fg_n": 365178.0,
  "summary_fg_p05": 67.0,
  "summary_fg_p95": 978.0,
  "summary_fg_stdv": 313.3453,
  "summary_wm_k": 21.8482,
  "summary_wm_mad": 63.7519,
  "summary_wm_mean": 172.6227,
  "summary_wm_median": 162.0,
  "summary_wm_n": 129024.0,
  "summary_wm_p05": 48.0,
  "summary_wm_p95": 317.0,
  "summary_wm_stdv": 94.5941
}
