{
  "aor": [
    0.00044914666666666673,
    0.00045446666666666664,
    0.0005498933333333333
  ],
  "aqi": [
    0.00848362304,
    0.01342571392,
    0.024883856933333334
  ],
  "bids_meta": {
    "AcquisitionDuration": 1230.47,
    "AcquisitionMatrixPE": 96,
    "AcquisitionNumber": 1,
    "AcquisitionTime": "19:45:21.260000",
    "BandwidthPerPixelPhaseEncode": 32.051,
    "BaseResolution": 96,
    "BodyPartExamined": "BRAIN",
    "CogAtlasID": "https://www.cognitiveatlas.org/task/id/trm_4c8a834779883/",
    "CoilCombinationMethod": "Sum of Squares",
    "CoilString": "HeadNeck_64_CS",
    "ConversionSoftware": "dcm2niix",
    "ConversionSoftwareVersion": "v1.0.20220720",
    "DerivedVendorReportedEchoSpacing": 0.000650006,
    "DeviceSerialNumber": "176240",
    "DwellTime": 2.4e-6,
    "EchoNumber": 1,
    "EchoTime": 0.0132,
    "EchoTrainLength": 35,
    "EffectiveEchoSpacing": 0.000325003,
    "FileSize": 0.4443659270182252,
    "FileSizeUnits": "GB",
    "FlipAngle": 64,
    "HeudiconvVersion": "1.1.6.post8+ga0a3635",
    "ImageComments": "Unaliased MB4/PE4/LB",
    "ImageOrientationPatientDICOM": [
      0.999029,
      0.0350963,
      0.0266437,
      -0.0200545,
      0.900551,
      -0.434287
    ],
    "ImageType": [
      "ORIGINAL",
      "PRIMARY",
      "FMRI",
      "NONE"
    ],
    "ImageTypeText": [
      "ORIGINAL",
      "PRIMARY",
      "M",
      "MB",
      "TE1",
      "DIS2D"
    ],
    "ImagingFrequency": 123.261,
    "InPlanePhaseEncodingDirectionDICOM": "COL",
    "InstitutionAddress": "Rue de Bugnon 46,Lausanne,,CH,1011",
    "InstitutionName": "Radiologie-CHUV",
    "MRAcquisitionType": "2D",
    "MTState": false,
    "MagneticFieldStrength": 3,
    "Manufacturer": "Siemens",
    "ManufacturersModelName": "MAGNETOM Vida",
    "MatrixCoilMode": "GRAPPA",
    "Modality": "MR",
    "MultibandAccelerationFactor": 4,
    "NonlinearGradientCorrection": true,
    "NumberOfVolumes": 750,
    "ParallelAcquisitionTechnique": "GRAPPA",
    "ParallelReductionFactorInPlane": 2,
    "PartialFourier": 0.75,
    "PartialFourierDirection": "PHASE",
    "PatientPosition": "HFS",
    "PercentPhaseFOV": 100,
    "PercentSampling": 100,
    "PhaseEncodingDirection": "j-",
    "PhaseResolution": 1,
    "PixelBandwidth": 2170,
    "ProcedureStepDescription": "Research Oscar",
    "ProtocolName": "func-bold_task-rest_dir-AP__cmrr_me4_s",
    "PulseSequenceDetails": "%CustomerSeq%\\cmrr_mbep2d_bold",
    "PulseSequenceName": "epfid2d3_96",
    "ReceiveCoilActiveElements": "HC1-7;NC1",
    "ReceiveCoilName": "HeadNeck_64_CS",
    "ReconMatrixPE": 96,
    "RefLinesPE": 22,
    "RepetitionTime": 1.6,
    "ScanOptions": "PFP\\FS",
    "ScanningSequence": "EP",
    "SequenceVariant": "SK\\SS",
    "SeriesDescription": "func-bold_task-rest_dir-AP__cmrr_me4_s",
    "SeriesNumber": 14,
    "ShimSetting": [
      -8771,
      8493,
      9509,
      606,
      -178,
      -53,
      159,
      56
    ],
    "SliceThickness": 2.2,
    "SliceTiming": [
      0,
      0.8425,
      0.105,
      0.9475,
      0.21,
      1.0525,
      0.3175,
      1.16,
      0.4225,
      1.265,
      0.5275,
      1.37,
      0.6325,
      1.475,
      0.7375,
      0,
      0.8425,
      0.105,
      0.9475,
      0.21,
      1.0525,
      0.3175,
      1.16,
      0.4225,
      1.265,
      0.5275,
      1.37,
      0.6325,
      1.475,
      0.7375,
      0,
      0.8425,
      0.105,
      0.9475,
      0.21,
      1.0525,
      0.3175,
      1.16,
      0.4225,
      1.265,
      0.5275,
      1.37,
      0.6325,
      1.475,
      0.7375,
      0,
      0.8425,
      0.105,
      0.9475,
      0.21,
      1.0525,
      0.3175,
      1.16,
      0.4225,
      1.265,
      0.5275,
      1.37,
      0.6325,
      1.475,
      0.7375
    ],
    "SoftwareVersions": "syngo MR XA50",
    "SpacingBetweenSlices": 2.2,
    "StationName": "LRG08892",
    "TaskName": "rest",
    "TotalReadoutTime": 0.0308753,
    "TxRefAmp": 321.043,
    "WipMemBlock": "67f312e7-3375-409c-81fc-26e79669495c||Sequence: R017 nxva50a/main r/da4fca61d; Oct  3 2023 08:23:56 by eja",
    "dataset": "HCPh",
    "datatype": "func",
    "direction": "AP",
    "extension": ".nii.gz",
    "modality": "bold",
    "part": "mag",
    "session": "21002034",
    "subject": "001",
    "suffix": "bold",
    "task": "rest"
  },
  "dummy_trs": 0,
  "dvars_nstd": 38.81036663192255,
  "dvars_std": 1.0100016047129496,
  "dvars_vstd": 0.9909111915887846,
  "efc": 0.6001,
  "fber": 246.7388,
  "fd_mean": 0.09437737148424884,
  "fd_num": 13,
  "fd_perc": 1.7333333333333334,
  "fwhm_avg": 3.088862405704378,
  "fwhm_x": 2.8376418439429663,
  "fwhm_y": 3.216463624617017,
  "fwhm_z": 3.2124817485531514,
  "gcor": [
    0.0192051,
    0.0135083,
    0.00926108
  ],
  "gsr_x": -0.01481018029153347,
  "gsr_y": 0.0980437770485878,
  "provenance": {
    "md5sum": "eadb731d7048020b08e132593ba49539",
    "settings": {
      "fd_thres": 0.2,
      "testing": false
    },
    "software": "mriqc",
    "version": "24.1.0.dev15+g9586c867.d20240825"
  },
  "size_t": 750,
  "size_x": 96,
  "size_y": 96,
  "size_z": 60,
  "snr": 2.5617144319119394,
  "spacing_tr": 1.600000023841858,
  "spacing_x": 2.197920083999634,
  "spacing_y": 2.197920083999634,
  "spacing_z": 2.200000047683716,
  "summary_bg_k": 10.6965,
  "summary_bg_mad": 11.8134,
  "summary_bg_mean": 77.1382,
  "summary_bg_median": 30.0,
  "summary_bg_n": 417967.0,
  "summary_bg_p05": 0.0,
  "summary_bg_p95": 350.0,
  "summary_bg_stdv": 119.8326,
  "summary_fg_k": 1.0774,
  "summary_fg_mad": 158.1758,
  "summary_fg_mean": 495.4948,
  "summary_fg_median": 470.0,
  "summary_fg_n": 134993.0,
  "summary_fg_p05": 234.0,
  "summary_fg_p95": 833.0,
  "summary_fg_stdv": 183.4702,
  "tsnr": 31.193834323436022
}
