{
  "NumberOfShells": 4,
  "bValues": [
    0.0,
    700.0,
    1000.0,
    2000.0,
    3000.0
  ],
  "bValuesEstimation": [
    700.0,
    1000.0,
    2000.0,
    3000.0
  ],
  "bdiffs_max": 0.3265,
  "bdiffs_mean": 0.0639,
  "bdiffs_median": 0.0277,
  "bdiffs_min": 0.001,
  "bids_meta": {
    "AcquisitionMatrixPE": 146,
    "AcquisitionNumber": 1,
    "AcquisitionTime": "20:13:2.185000",
    "BandwidthPerPixelPhaseEncode": 14.573,
    "BaseResolution": 146,
    "BodyPartExamined": "BRAIN",
    "CoilCombinationMethod": "Adaptive Combine",
    "CoilString": "HeadNeck_64",
    "ConversionSoftware": "dcm2niix",
    "ConversionSoftwareVersion": "v1.0.20220720",
    "Deltas": [
      0.0233,
      0.0475
    ],
    "DerivedVendorReportedEchoSpacing": 0.000940001,
    "DeviceSerialNumber": "67014",
    "DiffusionScheme": "Monopolar",
    "DwellTime": 2.1e-6,
    "EchoTime": 0.121,
    "EchoTrainLength": 64,
    "EffectiveEchoSpacing": 0.00047,
    "FileSize": 0.4165558535605669,
    "FileSizeUnits": "GB",
    "FlipAngle": 90,
    "HeudiconvVersion": "1.1.6.post8+ga0a3635",
    "ImageOrientationPatientDICOM": [
      0.999999,
      -0.000454587,
      -0.00140209,
      1.29591e-8,
      0.951254,
      -0.308407
    ],
    "ImageType": [
      "ORIGINAL",
      "PRIMARY",
      "DIFFUSION",
      "NONE",
      "ND",
      "MFSPLIT"
    ],
    "ImageTypeText": [
      "ORIGINAL",
      "PRIMARY",
      "DIFFUSION",
      "NONE"
    ],
    "ImagingFrequency": 123.248,
    "InPlanePhaseEncodingDirectionDICOM": "COL",
    "InstitutionAddress": "Rue du Bugnon 21,Lausanne,District,CH,1011",
    "InstitutionName": "CHUV",
    "MRAcquisitionType": "2D",
    "MagneticFieldStrength": 3,
    "Manufacturer": "Siemens",
    "ManufacturersModelName": "MAGNETOM Prisma Fit",
    "Modality": "MR",
    "MultibandAccelerationFactor": 3,
    "NonlinearGradientCorrection": false,
    "NumberOfVolumes": 280,
    "ParallelReductionFactorInPlane": 2,
    "PartialFourier": 0.875,
    "PatientPosition": "HFS",
    "PercentPhaseFOV": 100,
    "PercentSampling": 100,
    "PhaseEncodingDirection": "j",
    "PhaseEncodingSteps": 146,
    "PhaseResolution": 1,
    "PixelBandwidth": 1631,
    "ProcedureStepDescription": "RESEARCH Oscar",
    "ProtocolName": "dwi-dwi_acq-highres_dir-PA__trigger_monopolar",
    "PulseSequenceDetails": "%CustomerSeq%\\ep2d_diff_trigg",
    "ReceiveCoilActiveElements": "HC1-7",
    "ReceiveCoilName": "HeadNeck_64",
    "ReconMatrixPE": 146,
    "RefLinesPE": 54,
    "RepetitionTime": 7,
    "SAR": 0.160495,
    "ScanOptions": "PFP\\FS\\PER",
    "ScanningSequence": "GR\\EP",
    "SequenceName": "ep_b0",
    "SequenceVariant": "SK",
    "SeriesDescription": "dwi-dwi_acq-highres_dir-PA__trigger_monopolar",
    "SeriesNumber": 18,
    "ShimSetting": [
      8237,
      -5663,
      -6002,
      712,
      -13,
      -248,
      -11,
      16
    ],
    "SliceThickness": 1.6,
    "SliceTiming": [
      0,
      7.56,
      0.1725,
      7.7325,
      0.345,
      7.905,
      0.515,
      8.0775,
      0.6875,
      8.2475,
      0.86,
      8.42,
      1.0325,
      8.5925,
      1.2025,
      8.765,
      1.375,
      8.935,
      1.5475,
      9.1075,
      1.7175,
      9.28,
      1.89,
      9.4525,
      2.0625,
      9.6225,
      2.235,
      9.795,
      2.405,
      9.9675,
      2.5775,
      10.14,
      2.75,
      10.31,
      2.9225,
      10.4825,
      3.0925,
      10.655,
      3.265,
      10.825,
      3.4375,
      10.9975,
      3.61,
      11.17,
      3.78,
      11.3425,
      3.9525,
      11.5125,
      4.125,
      11.685,
      4.2975,
      11.8575,
      4.4675,
      12.03,
      4.64,
      12.2,
      4.8125,
      12.3725,
      4.9825,
      12.545,
      5.155,
      12.7175,
      5.3275,
      12.8875,
      5.5,
      13.06,
      5.67,
      13.2325,
      5.8425,
      13.405,
      6.015,
      13.575,
      6.1875,
      13.7475,
      6.3575,
      13.92,
      6.53,
      14.09,
      6.7025,
      14.2625,
      6.875,
      14.435,
      7.045,
      14.6075,
      7.2175,
      14.7775,
      7.39
    ],
    "SoftwareVersions": "syngo MR XA30",
    "SpacingBetweenSlices": 1.6,
    "StationName": "LRG10884",
    "TotalReadoutTime": 0.0681501,
    "TxRefAmp": 250.694,
    "VendorReportedEchoSpacing": 0.00094,
    "acquisition": "highres",
    "dataset": "HCPh",
    "datatype": "dwi",
    "direction": "PA",
    "extension": ".nii.gz",
    "modality": "dwi",
    "session": "20402060",
    "subject": "001",
    "suffix": "dwi"
  },
  "efc_shell01": 0.3487,
  "efc_shell02": 0.4959,
  "efc_shell03": 0.5244,
  "efc_shell04": 0.5888,
  "efc_shell05": 0.624,
  "fa_degenerate": 0.0,
  "fa_nans": 0.0,
  "fber_shell01": 997.6641,
  "fber_shell02": 312.1545,
  "fber_shell03": 195.5552,
  "fber_shell04": 62.589,
  "fber_shell05": 32.6731,
  "fd_mean": 12.4593,
  "fd_num": 278,
  "fd_perc": 99.28571428571429,
  "ndc": 0.504,
  "provenance": {
    "md5sum": "fe1a30917674d306b665bd001592cf74",
    "settings": {
      "testing": false
    },
    "software": "mriqc",
    "version": "24.1.0.dev15+g9586c867.d20240825"
  },
  "sigma_cc": 25.2042,
  "sigma_pca": 14.9095,
  "sigma_piesno": 1.3206,
  "snr_cc_shell0": 4.61,
  "snr_cc_shell1_best": 4.66,
  "snr_cc_shell1_worst": 4.66,
  "snr_cc_shell2_best": 3.19,
  "snr_cc_shell2_worst": 1.86,
  "snr_cc_shell3_best": 2.67,
  "snr_cc_shell3_worst": 1.56,
  "snr_cc_shell4_best": 1.52,
  "snr_cc_shell4_worst": 1.23,
  "spikes_global": 37.57,
  "spikes_slice_i": 205.54,
  "spikes_slice_j": 198.23,
  "spikes_slice_k": 242.78,
  "summary_bg_k": 1046.7346,
  "summary_bg_mad": 5.9304,
  "summary_bg_mean": 19.3816,
  "summary_bg_median": 7.0,
  "summary_bg_n": 1488687.0,
  "summary_bg_p05": 2.0,
  "summary_bg_p95": 64.0,
  "summary_bg_stdv": 89.3176,
  "summary_fg_k": 9.5585,
  "summary_fg_mad": 128.9864,
  "summary_fg_mean": 322.0117,
  "summary_fg_median": 218.0,
  "summary_fg_n": 365805.0,
  "summary_fg_p05": 70.0,
  "summary_fg_p95": 970.0,
  "summary_fg_stdv": 307.5785,
  "summary_wm_k": 33.1763,
  "summary_wm_mad": 56.3389,
  "summary_wm_mean": 160.8244,
  "summary_wm_median": 155.0,
  "summary_wm_n": 118684.0,
  "summary_wm_p05": 53.0,
  "summary_wm_p95": 278.0,
  "summary_wm_stdv": 78.8915
}
