{
  "bids_meta": {
    "AcquisitionMatrixPE": 320,
    "AcquisitionNumber": 1,
    "AcquisitionTime": "19:12:50.905000",
    "BaseResolution": 320,
    "BodyPartExamined": "BRAIN",
    "CoilCombinationMethod": "Adaptive Combine",
    "CoilString": "HeadNeck_64_CS",
    "ConversionSoftware": "dcm2niix",
    "ConversionSoftwareVersion": "v1.0.20220720",
    "DeviceSerialNumber": "202009",
    "DwellTime": 2.2e-6,
    "EchoTime": 0.414,
    "EchoTrainLength": 250,
    "FileSize": 0.014454439282417297,
    "FileSizeUnits": "GB",
    "FlipAngle": 120,
    "HeudiconvVersion": "1.1.6.post8+ga0a3635",
    "ImageOrientationPatientDICOM": [
      -0.00475861,
      0.987653,
      0.156583,
      -0.0183783,
      0.156472,
      -0.987511
    ],
    "ImageType": [
      "ORIGINAL",
      "PRIMARY",
      "M",
      "NORM",
      "DIS3D",
      "MFSPLIT"
    ],
    "ImageTypeText": [
      "ORIGINAL",
      "PRIMARY",
      "M",
      "NONE"
    ],
    "ImagingFrequency": 123.198,
    "InPlanePhaseEncodingDirectionDICOM": "ROW",
    "InstitutionAddress": "Rue du Bugnon 46,Lausanne,,CH,1011",
    "InstitutionName": "CHUV Lausanne",
    "MRAcquisitionType": "3D",
    "MagneticFieldStrength": 3,
    "Manufacturer": "Siemens",
    "ManufacturersModelName": "MAGNETOM Vida Fit",
    "MatrixCoilMode": "GRAPPA",
    "Modality": "MR",
    "NonlinearGradientCorrection": true,
    "NumberOfVolumes": 1,
    "ParallelReductionFactorInPlane": 3,
    "PartialFourier": 1,
    "PatientPosition": "HFS",
    "PercentPhaseFOV": 100,
    "PercentSampling": 100,
    "PhaseEncodingDirection": "i",
    "PhaseEncodingSteps": 320,
    "PhaseResolution": 1,
    "PixelBandwidth": 710,
    "ProcedureStepDescription": "RESEARCH Oscar",
    "ProtocolName": "anat-T2w__space",
    "PulseSequenceDetails": "%SiemensSeq%\\space",
    "ReceiveCoilActiveElements": "HC1-7;NC1,2",
    "ReceiveCoilName": "HeadNeck_64_CS",
    "ReconMatrixPE": 320,
    "RefLinesPE": 24,
    "RepetitionTime": 3.2,
    "SAR": 0.153211,
    "ScanOptions": "PFP\\PER",
    "ScanningSequence": "SE",
    "SequenceName": "*spcR_282ns",
    "SequenceVariant": "SP\\SK",
    "SeriesDescription": "anat-T2w__space",
    "SeriesNumber": 24,
    "ShimSetting": [
      232,
      -1112,
      2213,
      61,
      390,
      -73,
      60,
      -60
    ],
    "SliceThickness": 0.8,
    "SoftwareVersions": "syngo MR XA50",
    "StationName": "AWP202009",
    "TxRefAmp": 319.238,
    "acquisition": "undistorted",
    "dataset": "HCPh",
    "datatype": "anat",
    "extension": ".nii.gz",
    "modality": "T2w",
    "session": "21001030",
    "subject": "001",
    "suffix": "T2w"
  },
  "cjv": 1.5893721461187214,
  "cnr": 0.6128708444240321,
  "efc": 0.4621,
  "fber": -1.0,
  "fwhm_avg": 2.6791585182341167,
  "fwhm_x": 2.5820749615240848,
  "fwhm_y": 2.912695047857305,
  "fwhm_z": 2.5427055453209597,
  "icvs_csf": 0.27778470672168537,
  "icvs_gm": 0.3380169120342486,
  "icvs_wm": 0.3841983812440662,
  "inu_med": 1.015371024608612,
  "inu_range": 0.37196064591407774,
  "provenance": {
    "md5sum": "9ace812c39d29e78a2c6cfc45ad53f2b",
    "settings": {
      "testing": false
    },
    "software": "mriqc",
    "version": "24.1.0.dev15+g9586c867.d20240825",
    "warnings": {
      "large_rot_frame": true,
      "small_air_mask": false
    }
  },
  "qi_1": 0.0,
  "qi_2": 0.002242887145542176,
  "rpve_csf": 8.950919255823386,
  "rpve_gm": 8.800055334406839,
  "rpve_wm": 8.836613442175087,
  "size_x": 240,
  "size_y": 320,
  "size_z": 320,
  "snr_csf": 1.4299832523518543,
  "snr_gm": 4.232932961947054,
  "snr_total": 4.168294319027534,
  "snr_wm": 6.84196674278369,
  "snrd_csf": 42.42594286397036,
  "snrd_gm": 34.96356914988948,
  "snrd_total": 35.546295302387634,
  "snrd_wm": 29.249373893303062,
  "spacing_x": 0.800000011920929,
  "spacing_y": 0.8343750238418579,
  "spacing_z": 0.8343750238418579,
  "summary_bg_k": 1110.3725,
  "summary_bg_mad": 0.0,
  "summary_bg_mean": 1.3943,
  "summary_bg_median": 0.0,
  "summary_bg_n": 7564880.0,
  "summary_bg_p05": 0.0,
  "summary_bg_p95": 0.0,
  "summary_bg_stdv": 25.1085,
  "summary_csf_k": -1.3577,
  "summary_csf_mad": 1807.7837,
  "summary_csf_mean": 1692.0672,
  "summary_csf_median": 1626.0,
  "summary_csf_n": 753936.5843352582,
  "summary_csf_p05": 0.0,
  "summary_csf_p95": 3574.0,
  "summary_csf_stdv": 1137.0755,
  "summary_gm_k": 31.3393,
  "summary_gm_mad": 217.8312,
  "summary_gm_mean": 1341.4474,
  "summary_gm_median": 1340.0,
  "summary_gm_n": 917413.0538510254,
  "summary_gm_p05": 879.0,
  "summary_gm_p95": 1864.0,
  "summary_gm_stdv": 316.5652,
  "summary_wm_k": 107.2721,
  "summary_wm_mad": 130.2413,
  "summary_wm_mean": 1133.6898,
  "summary_wm_median": 1121.0,
  "summary_wm_n": 1042754.3642728338,
  "summary_wm_p05": 905.0,
  "summary_wm_p95": 1393.0,
  "summary_wm_stdv": 163.8417,
  "tpm_overlap_csf": 0.2073628158073888,
  "tpm_overlap_gm": 0.49324393438311515,
  "tpm_overlap_wm": 0.5158417986763241,
  "wm2max": 0.2816202346417378
}
