{
  "bids_meta": {
    "AcquisitionMatrixPE": 216,
    "AcquisitionNumber": 1,
    "AcquisitionTime": "17:55:6.842500",
    "BaseResolution": 256,
    "BodyPartExamined": "BRAIN",
    "CoilCombinationMethod": "Adaptive Combine",
    "CoilString": "HeadNeck_64_CS",
    "ConversionSoftware": "dcm2niix",
    "ConversionSoftwareVersion": "v1.0.20220720",
    "DeviceSerialNumber": "202009",
    "DwellTime": 7.5e-6,
    "EchoTime": 0.00246,
    "FileSize": 0.009333525784313679,
    "FileSizeUnits": "GB",
    "FlipAngle": 8,
    "HeudiconvVersion": "1.1.6.post8+ga0a3635",
    "ImageOrientationPatientDICOM": [
      0.99982,
      0.00750828,
      -0.0174023,
      -0.00767822,
      0.999923,
      -0.00971913
    ],
    "ImageType": [
      "ORIGINAL",
      "PRIMARY",
      "M",
      "NORM",
      "DIS2D",
      "FM3",
      "2",
      "FIL",
      "MFSPLIT"
    ],
    "ImageTypeText": [
      "ORIGINAL",
      "PRIMARY",
      "M",
      "NONE"
    ],
    "ImagingFrequency": 123.198,
    "InPlanePhaseEncodingDirectionDICOM": "ROW",
    "InstitutionAddress": "Rue du Bugnon 46,Lausanne,,CH,1011",
    "InstitutionName": "CHUV Lausanne",
    "InversionTime": 0.9,
    "MRAcquisitionType": "3D",
    "MagneticFieldStrength": 3,
    "Manufacturer": "Siemens",
    "ManufacturersModelName": "MAGNETOM Vida Fit",
    "MatrixCoilMode": "GRAPPA",
    "Modality": "MR",
    "NonlinearGradientCorrection": true,
    "NumberOfVolumes": 1,
    "ParallelReductionFactorInPlane": 2,
    "PartialFourier": 1,
    "PatientPosition": "HFS",
    "PercentPhaseFOV": 84.375,
    "PercentSampling": 100,
    "PhaseEncodingSteps": 216,
    "PhaseResolution": 1,
    "PixelBandwidth": 260,
    "ProcedureStepDescription": "RESEARCH Oscar",
    "ProtocolName": "anat-T1w__t1_mprage_tra_p2_iso_siemens_axial",
    "PulseSequenceDetails": "%SiemensSeq%\\tfl",
    "ReceiveCoilActiveElements": "HC1-7;NC1",
    "ReceiveCoilName": "HeadNeck_64_CS",
    "ReconMatrixPE": 216,
    "RefLinesPE": 24,
    "RepetitionTime": 2.2,
    "SAR": 0.0501422,
    "ScanOptions": "PER",
    "ScanningSequence": "GR",
    "SequenceName": "*tfl3d1_240",
    "SequenceVariant": "SK",
    "SeriesDescription": "anat-T1w__t1_mprage_tra_p2_iso_siemens_axial",
    "SeriesNumber": 5,
    "ShimSetting": [
      232,
      -1112,
      2213,
      61,
      390,
      -73,
      60,
      -60
    ],
    "SliceThickness": 0.9,
    "SoftwareVersions": "syngo MR XA50",
    "StationName": "AWP202009",
    "TxRefAmp": 319.238,
    "acquisition": "undistorted",
    "dataset": "HCPh",
    "datatype": "anat",
    "extension": ".nii.gz",
    "modality": "T1w",
    "session": "21001030",
    "subject": "001",
    "suffix": "T1w"
  },
  "cjv": 0.590023622047244,
  "cnr": 1.6117914600954124,
  "efc": 0.5244,
  "fber": 17716.2388,
  "fwhm_avg": 4.708913549207296,
  "fwhm_x": 4.363027945233979,
  "fwhm_y": 5.237645915821419,
  "fwhm_z": 4.52606678656649,
  "icvs_csf": 0.27561435548675733,
  "icvs_gm": 0.37654893337109996,
  "icvs_wm": 0.34783671114214276,
  "inu_med": 0.5144568681716919,
  "inu_range": 0.242092227935791,
  "provenance": {
    "md5sum": "a33d2fe465cd8dd827739b25ad4ab697",
    "settings": {
      "testing": false
    },
    "software": "mriqc",
    "version": "24.1.0.dev15+g9586c867.d20240825",
    "warnings": {
      "large_rot_frame": true,
      "small_air_mask": false
    }
  },
  "qi_1": 0.0,
  "qi_2": 0.0010015687267322286,
  "rpve_csf": 5.348735066671323,
  "rpve_gm": 5.248428948930512,
  "rpve_wm": 5.332388751302997,
  "size_x": 216,
  "size_y": 256,
  "size_z": 208,
  "snr_csf": 1.6586353714412367,
  "snr_gm": 5.455344511096513,
  "snr_total": 5.947446859628495,
  "snr_wm": 10.728360696347732,
  "snrd_csf": 60.86542565007525,
  "snrd_gm": 120.20071490112626,
  "snrd_total": 114.81690164530023,
  "snrd_wm": 163.3845643846992,
  "spacing_x": 0.8984379768371582,
  "spacing_y": 0.8984379768371582,
  "spacing_z": 0.8999999761581421,
  "summary_bg_k": 4.6802,
  "summary_bg_mad": 0.0,
  "summary_bg_mean": 2.2716,
  "summary_bg_median": 0.0,
  "summary_bg_n": 3676409.0,
  "summary_bg_p05": 0.0,
  "summary_bg_p95": 11.0,
  "summary_bg_stdv": 3.8534,
  "summary_csf_k": 2.9362,
  "summary_csf_mad": 170.3568,
  "summary_csf_mean": 373.3331,
  "summary_csf_median": 358.0,
  "summary_csf_n": 582508.7360948005,
  "summary_csf_p05": 38.0,
  "summary_csf_p95": 729.0,
  "summary_csf_stdv": 215.8399,
  "summary_gm_k": -0.4259,
  "summary_gm_mad": 85.3753,
  "summary_gm_mean": 711.474,
  "summary_gm_median": 707.0,
  "summary_gm_n": 795833.1592288328,
  "summary_gm_p05": 500.0,
  "summary_gm_p95": 957.0,
  "summary_gm_stdv": 129.5976,
  "summary_wm_k": 0.2507,
  "summary_wm_mad": 64.4907,
  "summary_wm_mean": 937.4609,
  "summary_wm_median": 961.0,
  "summary_wm_n": 735150.1071739971,
  "summary_wm_p05": 759.0,
  "summary_wm_p95": 1047.0,
  "summary_wm_stdv": 89.5756,
  "tpm_overlap_csf": 0.19732819711673116,
  "tpm_overlap_gm": 0.5470213355057173,
  "tpm_overlap_wm": 0.5525850128513974,
  "wm2max": 0.488472646233225
}
