{
  "bids_meta": {
    "AcquisitionMatrixPE": 320,
    "AcquisitionNumber": 1,
    "AcquisitionTime": "19:12:50.905000",
    "BaseResolution": 320,
    "BodyPartExamined": "BRAIN",
    "CoilCombinationMethod": "Adaptive Combine",
    "CoilString": "HeadNeck_64_CS",
    "ConversionSoftware": "dcm2niix",
    "ConversionSoftwareVersion": "v1.0.20220720",
    "DeviceSerialNumber": "202009",
    "DwellTime": 2.2e-6,
    "EchoTime": 0.414,
    "EchoTrainLength": 250,
    "FileSize": 0.015377048403024673,
    "FileSizeUnits": "GB",
    "FlipAngle": 120,
    "HeudiconvVersion": "1.1.6.post8+ga0a3635",
    "ImageOrientationPatientDICOM": [
      -0.00475861,
      0.987653,
      0.156583,
      -0.0183783,
      0.156472,
      -0.987511
    ],
    "ImageType": [
      "ORIGINAL",
      "PRIMARY",
      "M",
      "ND",
      "NORM",
      "MFSPLIT"
    ],
    "ImageTypeText": [
      "ORIGINAL",
      "PRIMARY",
      "M",
      "NONE"
    ],
    "ImagingFrequency": 123.198,
    "InPlanePhaseEncodingDirectionDICOM": "ROW",
    "InstitutionAddress": "Rue du Bugnon 46,Lausanne,,CH,1011",
    "InstitutionName": "CHUV Lausanne",
    "MRAcquisitionType": "3D",
    "MagneticFieldStrength": 3,
    "Manufacturer": "Siemens",
    "ManufacturersModelName": "MAGNETOM Vida Fit",
    "MatrixCoilMode": "GRAPPA",
    "Modality": "MR",
    "NonlinearGradientCorrection": false,
    "NumberOfVolumes": 1,
    "ParallelReductionFactorInPlane": 3,
    "PartialFourier": 1,
    "PatientPosition": "HFS",
    "PercentPhaseFOV": 100,
    "PercentSampling": 100,
    "PhaseEncodingDirection": "i",
    "PhaseEncodingSteps": 320,
    "PhaseResolution": 1,
    "PixelBandwidth": 710,
    "ProcedureStepDescription": "RESEARCH Oscar",
    "ProtocolName": "anat-T2w__space",
    "PulseSequenceDetails": "%SiemensSeq%\\space",
    "ReceiveCoilActiveElements": "HC1-7;NC1,2",
    "ReceiveCoilName": "HeadNeck_64_CS",
    "ReconMatrixPE": 320,
    "RefLinesPE": 24,
    "RepetitionTime": 3.2,
    "SAR": 0.153211,
    "ScanOptions": "PFP\\PER",
    "ScanningSequence": "SE",
    "SequenceName": "*spcR_282ns",
    "SequenceVariant": "SP\\SK",
    "SeriesDescription": "anat-T2w__space_ND",
    "SeriesNumber": 23,
    "ShimSetting": [
      232,
      -1112,
      2213,
      61,
      390,
      -73,
      60,
      -60
    ],
    "SliceThickness": 0.8,
    "SoftwareVersions": "syngo MR XA50",
    "StationName": "AWP202009",
    "TxRefAmp": 319.238,
    "acquisition": "original",
    "dataset": "HCPh",
    "datatype": "anat",
    "extension": ".nii.gz",
    "modality": "T2w",
    "session": "21001030",
    "subject": "001",
    "suffix": "T2w"
  },
  "cjv": 1.5797460784313724,
  "cnr": 0.6182074525261021,
  "efc": 0.4564,
  "fber": -1.0,
  "fwhm_avg": 2.665729226980591,
  "fwhm_x": 2.554287461938151,
  "fwhm_y": 2.91645834362992,
  "fwhm_z": 2.5264418753737012,
  "icvs_csf": 0.27678289363540115,
  "icvs_gm": 0.34291727769268443,
  "icvs_wm": 0.3802998286719143,
  "inu_med": 0.9641638398170471,
  "inu_range": 0.3399297297000886,
  "provenance": {
    "md5sum": "4110312ba0c40881262a0f81b0c0330c",
    "settings": {
      "testing": false
    },
    "software": "mriqc",
    "version": "24.1.0.dev15+g9586c867.d20240825",
    "warnings": {
      "large_rot_frame": true,
      "small_air_mask": false
    }
  },
  "qi_1": 0.0,
  "qi_2": 0.00259405353047075,
  "rpve_csf": 8.890819228332697,
  "rpve_gm": 8.729967253562958,
  "rpve_wm": 8.762518499054243,
  "size_x": 240,
  "size_y": 320,
  "size_z": 320,
  "snr_csf": 1.4713703846638269,
  "snr_gm": 4.725907049071975,
  "snr_total": 4.344720699722914,
  "snr_wm": 6.836884665432939,
  "snrd_csf": 44.23005783634671,
  "snrd_gm": 37.54379355874591,
  "snrd_total": 37.87018023896352,
  "snrd_wm": 31.836689321797945,
  "spacing_x": 0.800000011920929,
  "spacing_y": 0.8343750238418579,
  "spacing_z": 0.8343750238418579,
  "summary_bg_k": 1251.09,
  "summary_bg_mad": 0.0,
  "summary_bg_mean": 1.5122,
  "summary_bg_median": 0.0,
  "summary_bg_n": 7528937.0,
  "summary_bg_p05": 0.0,
  "summary_bg_p95": 0.0,
  "summary_bg_stdv": 23.4178,
  "summary_csf_k": -1.3371,
  "summary_csf_mad": 1696.3959,
  "summary_csf_mean": 1646.5829,
  "summary_csf_median": 1581.0,
  "summary_csf_n": 756467.0236527547,
  "summary_csf_p05": 90.0,
  "summary_csf_p95": 3458.0,
  "summary_csf_stdv": 1074.5078,
  "summary_gm_k": 42.8947,
  "summary_gm_mad": 188.8381,
  "summary_gm_mean": 1341.3933,
  "summary_gm_median": 1342.0,
  "summary_gm_n": 937216.9248183322,
  "summary_gm_p05": 922.0,
  "summary_gm_p95": 1804.0,
  "summary_gm_stdv": 283.9665,
  "summary_wm_k": 93.2296,
  "summary_wm_mad": 133.4301,
  "summary_wm_mean": 1149.3775,
  "summary_wm_median": 1138.0,
  "summary_wm_n": 1039386.0534966968,
  "summary_wm_p05": 917.0,
  "summary_wm_p95": 1410.0,
  "summary_wm_stdv": 166.45,
  "tpm_overlap_csf": 0.20883789736102293,
  "tpm_overlap_gm": 0.5052972640591019,
  "tpm_overlap_wm": 0.5221492945179426,
  "wm2max": 0.291375487742187
}
