{
  "NumberOfShells": 4,
  "bValues": [
    0.0,
    700.0,
    1000.0,
    2000.0,
    3000.0
  ],
  "bValuesEstimation": [
    700.0,
    1000.0,
    2000.0,
    3000.0
  ],
  "bdiffs_max": 0.3214,
  "bdiffs_mean": 0.2314,
  "bdiffs_median": 0.2645,
  "bdiffs_min": 0.0059,
  "bids_meta": {
    "AcquisitionMatrixPE": 146,
    "AcquisitionNumber": 1,
    "AcquisitionTime": "21:21:53.775000",
    "B0FieldSource": [
      "026pepolarb0",
      "026phasediff"
    ],
    "BandwidthPerPixelPhaseEncode": 19.569,
    "BaseResolution": 146,
    "BodyPartExamined": "BRAIN",
    "CoilCombinationMethod": "Adaptive Combine",
    "CoilString": "HeadNeck_64",
    "ConversionSoftware": "dcm2niix",
    "ConversionSoftwareVersion": "v1.0.20220720",
    "Deltas": [
      0.0233,
      0.0475
    ],
    "DerivedVendorReportedEchoSpacing": 0.000700017,
    "DeviceSerialNumber": "67014",
    "DiffusionScheme": "Monopolar",
    "DwellTime": 2.1e-6,
    "EchoTime": 0.098,
    "EchoTrainLength": 64,
    "EffectiveEchoSpacing": 0.000350008,
    "FileSize": 0.437965271063149,
    "FileSizeUnits": "GB",
    "FlipAngle": 90,
    "HeudiconvVersion": "1.0.0",
    "ImageOrientationPatientDICOM": [
      0.999659,
      -0.00559582,
      0.0255021,
      0.00575769,
      0.999964,
      -0.00627831
    ],
    "ImageType": [
      "ORIGINAL",
      "PRIMARY",
      "DIFFUSION",
      "NONE",
      "ND",
      "MFSPLIT"
    ],
    "ImageTypeText": [
      "ORIGINAL",
      "PRIMARY",
      "DIFFUSION",
      "NONE"
    ],
    "ImagingFrequency": 123.248,
    "InPlanePhaseEncodingDirectionDICOM": "COL",
    "InstitutionAddress": "Rue du Bugnon 21,Lausanne,District,CH,1011",
    "InstitutionName": "CHUV",
    "MRAcquisitionType": "2D",
    "MagneticFieldStrength": 3,
    "Manufacturer": "Siemens",
    "ManufacturersModelName": "MAGNETOM Prisma Fit",
    "Modality": "MR",
    "MultibandAccelerationFactor": 3,
    "NonlinearGradientCorrection": false,
    "NumberOfVolumes": 280,
    "ParallelReductionFactorInPlane": 2,
    "PartialFourier": 0.875,
    "PatientPosition": "HFS",
    "PercentPhaseFOV": 100,
    "PercentSampling": 100,
    "PhaseEncodingDirection": "j",
    "PhaseEncodingSteps": 146,
    "PhaseResolution": 1,
    "PixelBandwidth": 1631,
    "ProcedureStepDescription": "RESEARCH Oscar",
    "ProtocolName": "dwi-dwi_acq-highres_dir-PA__trigger_monopolar",
    "PulseSequenceDetails": "%CustomerSeq%\\ep2d_diff_trigg",
    "ReceiveCoilActiveElements": "HC1-6",
    "ReceiveCoilName": "HeadNeck_64",
    "ReconMatrixPE": 146,
    "RefLinesPE": 54,
    "RepetitionTime": 7,
    "SAR": 0.150751,
    "ScanOptions": "PFP\\FS\\PER",
    "ScanningSequence": "GR\\EP",
    "SequenceName": "ep_b0",
    "SequenceVariant": "SK",
    "SeriesDescription": "dwi-dwi_acq-highres_dir-PA__trigger_monopolar",
    "SeriesNumber": 10,
    "ShimSetting": [
      8219,
      -5636,
      -6054,
      608,
      -81,
      -266,
      67,
      59
    ],
    "SliceThickness": 1.6,
    "SliceTiming": [
      0,
      6.1425,
      0.1375,
      6.2825,
      0.2775,
      6.4225,
      0.4175,
      6.5625,
      0.5575,
      6.7025,
      0.6975,
      6.8425,
      0.8375,
      6.98,
      0.9775,
      7.12,
      1.115,
      7.26,
      1.255,
      7.4,
      1.395,
      7.54,
      1.535,
      7.68,
      1.675,
      7.82,
      1.815,
      7.9575,
      1.955,
      8.0975,
      2.0925,
      8.2375,
      2.2325,
      8.3775,
      2.3725,
      8.5175,
      2.5125,
      8.6575,
      2.6525,
      8.7975,
      2.7925,
      8.935,
      2.9325,
      9.075,
      3.07,
      9.215,
      3.21,
      9.355,
      3.35,
      9.495,
      3.49,
      9.635,
      3.63,
      9.775,
      3.77,
      9.9125,
      3.91,
      10.0525,
      4.0475,
      10.1925,
      4.1875,
      10.3325,
      4.3275,
      10.4725,
      4.4675,
      10.6125,
      4.6075,
      10.7525,
      4.7475,
      10.89,
      4.8875,
      11.03,
      5.025,
      11.17,
      5.165,
      11.31,
      5.305,
      11.45,
      5.445,
      11.59,
      5.585,
      11.73,
      5.725,
      11.8675,
      5.865,
      12.0075,
      6.0025
    ],
    "SoftwareVersions": "syngo MR XA30",
    "SpacingBetweenSlices": 1.6,
    "StationName": "LRG10884",
    "TotalReadoutTime": 0.0507512,
    "TxRefAmp": 238.965,
    "acquisition": "highres",
    "dataset": "HCPh",
    "datatype": "dwi",
    "direction": "PA",
    "extension": ".nii.gz",
    "modality": "dwi",
    "session": "026",
    "subject": "001",
    "suffix": "dwi"
  },
  "efc_shell01": 0.3857,
  "efc_shell02": 0.4922,
  "efc_shell03": 0.5014,
  "efc_shell04": 0.5501,
  "efc_shell05": 0.5997,
  "fa_degenerate": 0.0,
  "fa_nans": 0.0,
  "fber_shell01": 1265.0614,
  "fber_shell02": 418.4157,
  "fber_shell03": 291.6016,
  "fber_shell04": 102.3562,
  "fber_shell05": 48.0806,
  "fd_mean": 6.0914,
  "fd_num": 279,
  "fd_perc": 99.64285714285714,
  "ndc": 0.5984,
  "provenance": {
    "md5sum": "139a4f941328605a8f29e9a485b49d87",
    "settings": {
      "testing": false
    },
    "software": "mriqc",
    "version": "24.1.0.dev15+g9586c867.d20240825"
  },
  "sigma_cc": 32.6172,
  "sigma_pca": 15.4476,
  "sigma_piesno": 1.6508,
  "snr_cc_shell0": 4.77,
  "snr_cc_shell1_best": 4.83,
  "snr_cc_shell1_worst": 4.83,
  "snr_cc_shell2_best": 3.04,
  "snr_cc_shell2_worst": 1.83,
  "snr_cc_shell3_best": 2.48,
  "snr_cc_shell3_worst": 1.58,
  "snr_cc_shell4_best": 1.95,
  "snr_cc_shell4_worst": 1.06,
  "spikes_global": 34.87,
  "spikes_slice_i": 188.95,
  "spikes_slice_j": 194.85,
  "spikes_slice_k": 197.87,
  "summary_bg_k": 804.3161,
  "summary_bg_mad": 7.413,
  "summary_bg_mean": 25.9889,
  "summary_bg_median": 8.0,
  "summary_bg_n": 1490371.0,
  "summary_bg_p05": 2.0,
  "summary_bg_p95": 97.0,
  "summary_bg_stdv": 96.5482,
  "summary_fg_k": 8.4419,
  "summary_fg_mad": 166.0514,
  "summary_fg_mean": 390.7822,
  "summary_fg_median": 298.0,
  "summary_fg_n": 364121.0,
  "summary_fg_p05": 94.0,
  "summary_fg_p95": 1050.0,
  "summary_fg_stdv": 317.7371,
  "summary_wm_k": 9.548,
  "summary_wm_mad": 75.6127,
  "summary_wm_mean": 213.57,
  "summary_wm_median": 211.0,
  "summary_wm_n": 103510.0,
  "summary_wm_p05": 85.0,
  "summary_wm_p95": 347.0,
  "summary_wm_stdv": 84.9653
}
