{
  "NumberOfShells": 4,
  "bValues": [
    0.0,
    700.0,
    1000.0,
    2000.0,
    3000.0
  ],
  "bValuesEstimation": [
    700.0,
    1000.0,
    2000.0,
    3000.0
  ],
  "bdiffs_max": 0.1864,
  "bdiffs_mean": 0.0313,
  "bdiffs_median": 0.0129,
  "bdiffs_min": 0.001,
  "bids_meta": {
    "AcquisitionMatrixPE": 146,
    "AcquisitionNumber": 1,
    "AcquisitionTime": "00:25:16.210000",
    "BandwidthPerPixelPhaseEncode": 14.573,
    "BaseResolution": 146,
    "BodyPartExamined": "BRAIN",
    "CoilCombinationMethod": "Adaptive Combine",
    "CoilString": "HeadNeck_64",
    "ConversionSoftware": "dcm2niix",
    "ConversionSoftwareVersion": "v1.0.20220720",
    "Deltas": [
      0.0233,
      0.0475
    ],
    "DerivedVendorReportedEchoSpacing": 0.000940001,
    "DeviceSerialNumber": "67014",
    "DiffusionScheme": "Monopolar",
    "DwellTime": 2.1e-6,
    "EchoTime": 0.121,
    "EchoTrainLength": 64,
    "EffectiveEchoSpacing": 0.00047,
    "FileSize": 0.42390338238328695,
    "FileSizeUnits": "GB",
    "FlipAngle": 90,
    "HeudiconvVersion": "1.1.6.post8+ga0a3635",
    "ImageOrientationPatientDICOM": [
      0.999804,
      0.0112491,
      -0.0162998,
      -0.0174516,
      0.889517,
      -0.456569
    ],
    "ImageType": [
      "ORIGINAL",
      "PRIMARY",
      "DIFFUSION",
      "NONE",
      "ND",
      "MFSPLIT"
    ],
    "ImageTypeText": [
      "ORIGINAL",
      "PRIMARY",
      "DIFFUSION",
      "NONE"
    ],
    "ImagingFrequency": 123.248,
    "InPlanePhaseEncodingDirectionDICOM": "COL",
    "InstitutionAddress": "Rue du Bugnon 21,Lausanne,District,CH,1011",
    "InstitutionName": "CHUV",
    "MRAcquisitionType": "2D",
    "MagneticFieldStrength": 3,
    "Manufacturer": "Siemens",
    "ManufacturersModelName": "MAGNETOM Prisma Fit",
    "Modality": "MR",
    "MultibandAccelerationFactor": 3,
    "NonlinearGradientCorrection": false,
    "NumberOfVolumes": 280,
    "ParallelReductionFactorInPlane": 2,
    "PartialFourier": 0.875,
    "PatientPosition": "HFS",
    "PercentPhaseFOV": 100,
    "PercentSampling": 100,
    "PhaseEncodingDirection": "j-",
    "PhaseEncodingSteps": 146,
    "PhaseResolution": 1,
    "PixelBandwidth": 1631,
    "ProcedureStepDescription": "RESEARCH Oscar",
    "ProtocolName": "dwi-dwi_acq-highres_dir-AP__trigger_monopolar",
    "PulseSequenceDetails": "%CustomerSeq%\\ep2d_diff_trigg",
    "ReceiveCoilActiveElements": "HC1-7;NC1",
    "ReceiveCoilName": "HeadNeck_64",
    "ReconMatrixPE": 146,
    "RefLinesPE": 54,
    "RepetitionTime": 7,
    "SAR": 0.154109,
    "ScanOptions": "PFP\\FS\\PER",
    "ScanningSequence": "GR\\EP",
    "SequenceName": "ep_b0",
    "SequenceVariant": "SK",
    "SeriesDescription": "dwi-dwi_acq-highres_dir-AP__trigger_monopolar",
    "SeriesNumber": 18,
    "ShimSetting": [
      8230,
      -5663,
      -5977,
      720,
      -53,
      -241,
      1,
      33
    ],
    "SliceThickness": 1.6,
    "SliceTiming": [
      0,
      7.56,
      0.1725,
      7.7325,
      0.3425,
      7.905,
      0.515,
      8.075,
      0.6875,
      8.2475,
      0.86,
      8.42,
      1.03,
      8.5925,
      1.2025,
      8.7625,
      1.375,
      8.935,
      1.545,
      9.1075,
      1.7175,
      9.28,
      1.89,
      9.45,
      2.0625,
      9.6225,
      2.2325,
      9.795,
      2.405,
      9.9675,
      2.5775,
      10.1375,
      2.75,
      10.31,
      2.92,
      10.4825,
      3.0925,
      10.6525,
      3.265,
      10.825,
      3.4375,
      10.9975,
      3.6075,
      11.17,
      3.78,
      11.34,
      3.9525,
      11.5125,
      4.1225,
      11.685,
      4.295,
      11.8575,
      4.4675,
      12.0275,
      4.64,
      12.2,
      4.81,
      12.3725,
      4.9825,
      12.545,
      5.155,
      12.715,
      5.3275,
      12.8875,
      5.4975,
      13.06,
      5.67,
      13.23,
      5.8425,
      13.4025,
      6.015,
      13.575,
      6.185,
      13.7475,
      6.3575,
      13.9175,
      6.53,
      14.09,
      6.7025,
      14.2625,
      6.8725,
      14.435,
      7.045,
      14.605,
      7.2175,
      14.7775,
      7.3875
    ],
    "SoftwareVersions": "syngo MR XA30",
    "SpacingBetweenSlices": 1.6,
    "StationName": "LRG10884",
    "TotalReadoutTime": 0.0681501,
    "TxRefAmp": 245.34,
    "VendorReportedEchoSpacing": 0.00094,
    "acquisition": "highres",
    "dataset": "HCPh",
    "datatype": "dwi",
    "direction": "AP",
    "extension": ".nii.gz",
    "modality": "dwi",
    "session": "20702060",
    "subject": "001",
    "suffix": "dwi"
  },
  "efc_shell01": 0.3728,
  "efc_shell02": 0.5082,
  "efc_shell03": 0.5321,
  "efc_shell04": 0.5892,
  "efc_shell05": 0.6314,
  "fa_degenerate": 0.0,
  "fa_nans": 0.0,
  "fber_shell01": 962.2138,
  "fber_shell02": 302.2123,
  "fber_shell03": 190.6154,
  "fber_shell04": 57.5441,
  "fber_shell05": 30.3466,
  "fd_mean": 8.1671,
  "fd_num": 279,
  "fd_perc": 99.64285714285714,
  "ndc": 0.3452,
  "provenance": {
    "md5sum": "50fe2070b72a6490d6d43815d6cf6a48",
    "settings": {
      "testing": false
    },
    "software": "mriqc",
    "version": "24.1.0.dev15+g9586c867.d20240825"
  },
  "sigma_cc": 25.2042,
  "sigma_pca": 14.9669,
  "sigma_piesno": 1.6508,
  "snr_cc_shell0": 5.01,
  "snr_cc_shell1_best": 4.96,
  "snr_cc_shell1_worst": 4.96,
  "snr_cc_shell2_best": 3.51,
  "snr_cc_shell2_worst": 2.21,
  "snr_cc_shell3_best": 2.62,
  "snr_cc_shell3_worst": 1.86,
  "snr_cc_shell4_best": 1.28,
  "snr_cc_shell4_worst": 1.3,
  "spikes_global": 35.17,
  "spikes_slice_i": 190.07,
  "spikes_slice_j": 199.07,
  "spikes_slice_k": 209.94,
  "summary_bg_k": 250.3987,
  "summary_bg_mad": 5.9304,
  "summary_bg_mean": 19.628,
  "summary_bg_median": 7.0,
  "summary_bg_n": 1481367.0,
  "summary_bg_p05": 2.0,
  "summary_bg_p95": 64.0,
  "summary_bg_stdv": 57.0427,
  "summary_fg_k": 12.5892,
  "summary_fg_mad": 126.0212,
  "summary_fg_mean": 323.4164,
  "summary_fg_median": 228.0,
  "summary_fg_n": 373125.0,
  "summary_fg_p05": 76.0,
  "summary_fg_p95": 944.0,
  "summary_fg_stdv": 302.7107,
  "summary_wm_k": 34.7621,
  "summary_wm_mad": 57.8215,
  "summary_wm_mean": 176.3596,
  "summary_wm_median": 166.0,
  "summary_wm_n": 117414.0,
  "summary_wm_p05": 73.0,
  "summary_wm_p95": 305.0,
  "summary_wm_stdv": 84.2227
}
