{
  "aor": [
    0.0006965048543689321,
    0.0009777669902912621,
    0.0011558252427184468,
    0.001346844660194175
  ],
  "aqi": [
    0.009579808834951457,
    0.012826658446601942,
    0.019631065048543683,
    0.03055051213592233
  ],
  "bids_meta": {
    "AcquisitionDuration": 361.475,
    "AcquisitionMatrixPE": 76,
    "AcquisitionNumber": 1,
    "AcquisitionTime": "12:29:16.240000",
    "B0FieldSource": [
      "044pepolarbold",
      "044phasediff"
    ],
    "BandwidthPerPixelPhaseEncode": 40.486,
    "BaseResolution": 102,
    "BodyPartExamined": "BRAIN",
    "CogAtlasID": "https://www.cognitiveatlas.org/id/trm_4c898a680e424/",
    "CoilCombinationMethod": "Sum of Squares",
    "CoilString": "HeadNeck_64",
    "ConversionSoftware": "dcm2niix",
    "ConversionSoftwareVersion": "v1.0.20220720",
    "DerivedVendorReportedEchoSpacing": 0.000649997,
    "DeviceSerialNumber": "67014",
    "DwellTime": 2.5e-6,
    "EchoNumber": 1,
    "EchoTime": 0.0126,
    "EchoTrainLength": 28,
    "EffectiveEchoSpacing": 0.000324999,
    "FileSize": 0.11897567845880985,
    "FileSizeUnits": "GB",
    "FlipAngle": 64,
    "HeudiconvVersion": "1.0.0",
    "ImageComments": "Unaliased MB4/PE4/LB",
    "ImageOrientationPatientDICOM": [
      0.99968,
      -0.00917212,
      0.0235891,
      0.0155297,
      0.958241,
      -0.28554
    ],
    "ImageType": [
      "ORIGINAL",
      "PRIMARY",
      "FMRI",
      "NONE"
    ],
    "ImageTypeText": [
      "ORIGINAL",
      "PRIMARY",
      "M",
      "MB",
      "TE1",
      "DIS2D"
    ],
    "ImagingFrequency": 123.248,
    "InPlanePhaseEncodingDirectionDICOM": "ROW",
    "InstitutionAddress": "Rue du Bugnon 21,Lausanne,District,CH,1011",
    "InstitutionName": "CHUV",
    "MRAcquisitionType": "2D",
    "MTState": false,
    "MagneticFieldStrength": 3,
    "Manufacturer": "Siemens",
    "ManufacturersModelName": "MAGNETOM Prisma Fit",
    "MatrixCoilMode": "GRAPPA",
    "Modality": "MR",
    "MultibandAccelerationFactor": 4,
    "NonlinearGradientCorrection": true,
    "NumberOfVolumes": 207,
    "ParallelAcquisitionTechnique": "GRAPPA",
    "ParallelReductionFactorInPlane": 2,
    "PartialFourier": 0.75,
    "PartialFourierDirection": "PHASE",
    "PatientPosition": "HFS",
    "PercentPhaseFOV": 74.5098,
    "PercentSampling": 100,
    "PhaseEchoTime1": 0.0126,
    "PhaseEchoTime2": 0.0322,
    "PhaseEncodingDirection": "i-",
    "PhaseResolution": 1,
    "PixelBandwidth": 1961,
    "ProcedureStepDescription": "https://www.axonlab.org/hcph-sops/",
    "ProtocolName": "func-bold_task-bht_dir-LR__cmrr_me4_sms4",
    "PulseSequenceDetails": "%CustomerSeq%\\cmrr_mbep2d_bold",
    "PulseSequenceName": "epfid2d4_76",
    "ReceiveCoilActiveElements": "HC1-7",
    "ReceiveCoilName": "HeadNeck_64",
    "ReconMatrixPE": 76,
    "RefLinesPE": 18,
    "RepetitionTime": 1.6,
    "ScanOptions": "PFP\\FS",
    "ScanningSequence": "EP",
    "SequenceVariant": "SK\\SS\\OSP",
    "SeriesDescription": "func-bold_task-bht_dir-LR__cmrr_me4_sms4",
    "SeriesNumber": 25,
    "ShimSetting": [
      8226,
      -5628,
      -6024,
      679,
      -40,
      -139,
      75,
      28
    ],
    "SliceThickness": 2.2,
    "SliceTiming": [
      0,
      0.8425,
      0.105,
      0.9475,
      0.21,
      1.0525,
      0.315,
      1.1575,
      0.42,
      1.2625,
      0.5275,
      1.37,
      0.6325,
      1.475,
      0.7375,
      0,
      0.8425,
      0.105,
      0.9475,
      0.21,
      1.0525,
      0.315,
      1.1575,
      0.42,
      1.2625,
      0.5275,
      1.37,
      0.6325,
      1.475,
      0.7375,
      0,
      0.8425,
      0.105,
      0.9475,
      0.21,
      1.0525,
      0.315,
      1.1575,
      0.42,
      1.2625,
      0.5275,
      1.37,
      0.6325,
      1.475,
      0.7375,
      0,
      0.8425,
      0.105,
      0.9475,
      0.21,
      1.0525,
      0.315,
      1.1575,
      0.42,
      1.2625,
      0.5275,
      1.37,
      0.6325,
      1.475,
      0.7375
    ],
    "SoftwareVersions": "syngo MR XA30",
    "SpacingBetweenSlices": 2.2,
    "StationName": "LRG10884",
    "TaskName": "Breath-holding Task (BHT)",
    "TotalReadoutTime": 0.0243749,
    "TxRefAmp": 244.324,
    "WipMemBlock": "4f08889a-ee7c-4505-ac76-582cc447040e||Sequence: R017 nxva30a/master r/d34922cc2+; Jun 27 2022 13:20:16 by eja",
    "dataset": "HCPh",
    "datatype": "func",
    "direction": "LR",
    "extension": ".nii.gz",
    "modality": "bold",
    "part": "mag",
    "session": "044",
    "subject": "001",
    "suffix": "bold",
    "task": "bht"
  },
  "dummy_trs": 1,
  "dvars_nstd": 42.488044627073194,
  "dvars_std": 1.0373777733658536,
  "dvars_vstd": 1.0088276791219506,
  "efc": 0.6561,
  "fber": 154.0159,
  "fd_mean": 0.1532468180046455,
  "fd_num": 60,
  "fd_perc": 29.12621359223301,
  "fwhm_avg": 3.317401848983966,
  "fwhm_x": 3.1567930569826794,
  "fwhm_y": 3.325903474259711,
  "fwhm_z": 3.4695090157095083,
  "gcor": [
    0.00684474,
    0.0110822,
    0.012083,
    0.0106963
  ],
  "gsr_x": 0.14322994649410248,
  "gsr_y": 0.014572389423847198,
  "provenance": {
    "md5sum": "9d834d7a68fe3df31610efcc2c3bdc14",
    "settings": {
      "fd_thres": 0.2,
      "testing": false
    },
    "software": "mriqc",
    "version": "24.1.0.dev15+g9586c867.d20240825"
  },
  "size_t": 206,
  "size_x": 76,
  "size_y": 102,
  "size_z": 60,
  "snr": 2.637651953423933,
  "spacing_tr": 1.600000023841858,
  "spacing_x": 2.196079969406128,
  "spacing_y": 2.196079969406128,
  "spacing_z": 2.200000047683716,
  "summary_bg_k": 5.4374,
  "summary_bg_mad": 55.54,
  "summary_bg_mean": 168.8636,
  "summary_bg_median": 62.0,
  "summary_bg_n": 328184.0,
  "summary_bg_p05": 0.0,
  "summary_bg_p95": 734.0,
  "summary_bg_stdv": 242.6523,
  "summary_fg_k": 0.5395,
  "summary_fg_mad": 280.5321,
  "summary_fg_mean": 797.3106,
  "summary_fg_median": 774.5,
  "summary_fg_n": 136936.0,
  "summary_fg_p05": 357.0,
  "summary_fg_p95": 1305.0,
  "summary_fg_stdv": 293.6313,
  "tsnr": 31.962138930801302
}
