{
  "NumberOfShells": 4,
  "bValues": [
    0.0,
    700.0,
    1000.0,
    2000.0,
    3000.0
  ],
  "bValuesEstimation": [
    700.0,
    1000.0,
    2000.0,
    3000.0
  ],
  "bdiffs_max": 0.1485,
  "bdiffs_mean": 0.0906,
  "bdiffs_median": 0.1058,
  "bdiffs_min": 0.0046,
  "bids_meta": {
    "AcquisitionMatrixPE": 146,
    "AcquisitionNumber": 1,
    "AcquisitionTime": "21:51:14.815000",
    "B0FieldSource": [
      "024pepolarb0",
      "024phasediff"
    ],
    "BandwidthPerPixelPhaseEncode": 19.569,
    "BaseResolution": 146,
    "BodyPartExamined": "BRAIN",
    "CoilCombinationMethod": "Adaptive Combine",
    "CoilString": "HeadNeck_64",
    "ConversionSoftware": "dcm2niix",
    "ConversionSoftwareVersion": "v1.0.20220720",
    "Deltas": [
      0.0233,
      0.0475
    ],
    "DerivedVendorReportedEchoSpacing": 0.000700017,
    "DeviceSerialNumber": "67014",
    "DiffusionScheme": "Monopolar",
    "DwellTime": 2.1e-6,
    "EchoTime": 0.098,
    "EchoTrainLength": 64,
    "EffectiveEchoSpacing": 0.000350008,
    "FileSize": 0.44745484460145235,
    "FileSizeUnits": "GB",
    "FlipAngle": 90,
    "HeudiconvVersion": "1.0.0",
    "ImageOrientationPatientDICOM": [
      0.999719,
      -0.0101699,
      0.0214212,
      0.0125635,
      0.993315,
      -0.114749
    ],
    "ImageType": [
      "ORIGINAL",
      "PRIMARY",
      "DIFFUSION",
      "NONE",
      "ND",
      "MFSPLIT"
    ],
    "ImageTypeText": [
      "ORIGINAL",
      "PRIMARY",
      "DIFFUSION",
      "NONE"
    ],
    "ImagingFrequency": 123.248,
    "InPlanePhaseEncodingDirectionDICOM": "COL",
    "InstitutionAddress": "Rue du Bugnon 21,Lausanne,District,CH,1011",
    "InstitutionName": "CHUV",
    "MRAcquisitionType": "2D",
    "MagneticFieldStrength": 3,
    "Manufacturer": "Siemens",
    "ManufacturersModelName": "MAGNETOM Prisma Fit",
    "Modality": "MR",
    "MultibandAccelerationFactor": 3,
    "NonlinearGradientCorrection": false,
    "NumberOfVolumes": 280,
    "ParallelReductionFactorInPlane": 2,
    "PartialFourier": 0.875,
    "PatientPosition": "HFS",
    "PercentPhaseFOV": 100,
    "PercentSampling": 100,
    "PhaseEncodingDirection": "j-",
    "PhaseEncodingSteps": 146,
    "PhaseResolution": 1,
    "PixelBandwidth": 1631,
    "ProcedureStepDescription": "RESEARCH Oscar",
    "ProtocolName": "dwi-dwi_acq-highres_dir-AP__trigger_monopolar",
    "PulseSequenceDetails": "%CustomerSeq%\\ep2d_diff_trigg",
    "ReceiveCoilActiveElements": "HC1-7",
    "ReceiveCoilName": "HeadNeck_64",
    "ReconMatrixPE": 146,
    "RefLinesPE": 54,
    "RepetitionTime": 7,
    "SAR": 0.169765,
    "ScanOptions": "PFP\\FS\\PER",
    "ScanningSequence": "GR\\EP",
    "SequenceName": "ep_b0",
    "SequenceVariant": "SK",
    "SeriesDescription": "dwi-dwi_acq-highres_dir-AP__trigger_monopolar",
    "SeriesNumber": 10,
    "ShimSetting": [
      8244,
      -5635,
      -6036,
      580,
      -6,
      -343,
      15,
      10
    ],
    "SliceThickness": 1.6,
    "SliceTiming": [
      0,
      6.145,
      0.14,
      6.285,
      0.28,
      6.425,
      0.42,
      6.565,
      0.56,
      6.705,
      0.7,
      6.8425,
      0.84,
      6.9825,
      0.9775,
      7.1225,
      1.1175,
      7.2625,
      1.2575,
      7.4025,
      1.3975,
      7.5425,
      1.5375,
      7.6825,
      1.6775,
      7.82,
      1.8175,
      7.96,
      1.955,
      8.1,
      2.095,
      8.24,
      2.235,
      8.38,
      2.375,
      8.52,
      2.515,
      8.66,
      2.655,
      8.7975,
      2.795,
      8.9375,
      2.9325,
      9.0775,
      3.0725,
      9.2175,
      3.2125,
      9.3575,
      3.3525,
      9.4975,
      3.4925,
      9.6375,
      3.6325,
      9.775,
      3.7725,
      9.915,
      3.91,
      10.055,
      4.05,
      10.195,
      4.19,
      10.335,
      4.33,
      10.475,
      4.47,
      10.615,
      4.61,
      10.7525,
      4.75,
      10.8925,
      4.8875,
      11.0325,
      5.0275,
      11.1725,
      5.1675,
      11.3125,
      5.3075,
      11.4525,
      5.4475,
      11.5925,
      5.5875,
      11.73,
      5.7275,
      11.87,
      5.865,
      12.01,
      6.005
    ],
    "SoftwareVersions": "syngo MR XA30",
    "SpacingBetweenSlices": 1.6,
    "StationName": "LRG10884",
    "TotalReadoutTime": 0.0507512,
    "TxRefAmp": 245.933,
    "acquisition": "highres",
    "dataset": "HCPh",
    "datatype": "dwi",
    "direction": "AP",
    "extension": ".nii.gz",
    "modality": "dwi",
    "session": "024",
    "subject": "001",
    "suffix": "dwi"
  },
  "efc_shell01": 0.398,
  "efc_shell02": 0.4973,
  "efc_shell03": 0.5158,
  "efc_shell04": 0.5698,
  "efc_shell05": 0.6184,
  "fa_degenerate": 0.0,
  "fa_nans": 0.0,
  "fber_shell01": 1091.1654,
  "fber_shell02": 351.9641,
  "fber_shell03": 223.2191,
  "fber_shell04": 68.7386,
  "fber_shell05": 31.6672,
  "fd_mean": 7.9319,
  "fd_num": 279,
  "fd_perc": 99.64285714285714,
  "ndc": 0.4867,
  "provenance": {
    "md5sum": "3d28ab38bea5405dfae79b5d9438d2b4",
    "settings": {
      "testing": false
    },
    "software": "mriqc",
    "version": "24.1.0.dev15+g9586c867.d20240825"
  },
  "sigma_cc": 40.0303,
  "sigma_pca": 15.4099,
  "sigma_piesno": 1.6508,
  "snr_cc_shell0": 4.43,
  "snr_cc_shell1_best": 4.44,
  "snr_cc_shell1_worst": 4.44,
  "snr_cc_shell2_best": 2.86,
  "snr_cc_shell2_worst": 1.82,
  "snr_cc_shell3_best": 2.19,
  "snr_cc_shell3_worst": 1.36,
  "snr_cc_shell4_best": 1.03,
  "snr_cc_shell4_worst": 0.91,
  "spikes_global": 34.31,
  "spikes_slice_i": 202.72,
  "spikes_slice_j": 213.69,
  "spikes_slice_k": 188.32,
  "summary_bg_k": 187.2292,
  "summary_bg_mad": 8.8956,
  "summary_bg_mean": 28.8418,
  "summary_bg_median": 9.0,
  "summary_bg_n": 1491217.0,
  "summary_bg_p05": 2.0,
  "summary_bg_p95": 112.0,
  "summary_bg_stdv": 79.1863,
  "summary_fg_k": 10.9763,
  "summary_fg_mad": 169.0167,
  "summary_fg_mean": 397.6886,
  "summary_fg_median": 300.0,
  "summary_fg_n": 363275.0,
  "summary_fg_p05": 94.0,
  "summary_fg_p95": 1069.0,
  "summary_fg_stdv": 332.9457,
  "summary_wm_k": 6.5891,
  "summary_wm_mad": 83.0257,
  "summary_wm_mean": 220.9654,
  "summary_wm_median": 220.0,
  "summary_wm_n": 106496.0,
  "summary_wm_p05": 83.0,
  "summary_wm_p95": 361.0,
  "summary_wm_stdv": 90.5401
}
