{
  "NumberOfShells": 4,
  "bValues": [
    0.0,
    700.0,
    1000.0,
    2000.0,
    3000.0
  ],
  "bValuesEstimation": [
    700.0,
    1000.0,
    2000.0,
    3000.0
  ],
  "bdiffs_max": 0.1433,
  "bdiffs_mean": 0.0495,
  "bdiffs_median": 0.0319,
  "bdiffs_min": 0.0028,
  "bids_meta": {
    "AcquisitionMatrixPE": 146,
    "AcquisitionNumber": 1,
    "AcquisitionTime": "16:59:55.372500",
    "B0FieldSource": [
      "pilot012pepolarb0",
      "pilot012phasediff"
    ],
    "BandwidthPerPixelPhaseEncode": 19.569,
    "BaseResolution": 146,
    "BodyPartExamined": "BRAIN",
    "CoilCombinationMethod": "Adaptive Combine",
    "CoilString": "HeadNeck_64",
    "ConversionSoftware": "dcm2niix",
    "ConversionSoftwareVersion": "v1.0.20220720",
    "Deltas": [
      0.0233,
      0.0475
    ],
    "DerivedVendorReportedEchoSpacing": 0.000700017,
    "DeviceSerialNumber": "67014",
    "DiffusionScheme": "Monopolar",
    "DwellTime": 2.1e-6,
    "EchoTime": 0.098,
    "EchoTrainLength": 64,
    "EffectiveEchoSpacing": 0.000350008,
    "FileSize": 0.22037765383720398,
    "FileSizeUnits": "GB",
    "FlipAngle": 90,
    "HeudiconvVersion": "1.0.0",
    "ImageOrientationPatientDICOM": [
      0.999998,
      -0.00176222,
      -0.000885782,
      0.00139625,
      0.949713,
      -0.313118
    ],
    "ImageType": [
      "ORIGINAL",
      "PRIMARY",
      "DIFFUSION",
      "NONE",
      "ND",
      "MFSPLIT"
    ],
    "ImageTypeText": [
      "ORIGINAL",
      "PRIMARY",
      "DIFFUSION",
      "NONE"
    ],
    "ImagingFrequency": 123.248,
    "InPlanePhaseEncodingDirectionDICOM": "COL",
    "InstitutionAddress": "Rue du Bugnon 21,Lausanne,District,CH,1011",
    "InstitutionName": "CHUV",
    "MRAcquisitionType": "2D",
    "MagneticFieldStrength": 3,
    "Manufacturer": "Siemens",
    "ManufacturersModelName": "MAGNETOM Prisma Fit",
    "Modality": "MR",
    "MultibandAccelerationFactor": 3,
    "NonlinearGradientCorrection": false,
    "NumberOfVolumes": 141,
    "ParallelReductionFactorInPlane": 2,
    "PartialFourier": 0.875,
    "PatientPosition": "HFS",
    "PercentPhaseFOV": 100,
    "PercentSampling": 100,
    "PhaseEncodingDirection": "j",
    "PhaseEncodingSteps": 146,
    "PhaseResolution": 1,
    "PixelBandwidth": 1631,
    "ProcedureStepDescription": "RESEARCH Oscar",
    "ProtocolName": "dwi-dwi_acq-highres_dir-PA__140dir_monopolar",
    "PulseSequenceDetails": "%SiemensSeq%\\ep2d_diff",
    "ReceiveCoilActiveElements": "HC1-7",
    "ReceiveCoilName": "HeadNeck_64",
    "ReconMatrixPE": 146,
    "RefLinesPE": 54,
    "RepetitionTime": 7.8,
    "SAR": 0.159963,
    "ScanOptions": "PFP\\FS\\PER",
    "ScanningSequence": "GR\\EP",
    "SequenceName": "*ep_b0",
    "SequenceVariant": "SK",
    "SeriesDescription": "dwi-dwi_acq-highres_dir-PA__140dir_monopolar",
    "SeriesNumber": 7,
    "ShimSetting": [
      8244,
      -5620,
      -5991,
      685,
      -54,
      -193,
      20,
      19
    ],
    "SliceThickness": 1.6,
    "SliceTiming": [
      0,
      6.145,
      0.14,
      6.2825,
      0.28,
      6.4225,
      0.42,
      6.5625,
      0.5575,
      6.7025,
      0.6975,
      6.8425,
      0.8375,
      6.9825,
      0.9775,
      7.1225,
      1.1175,
      7.26,
      1.2575,
      7.4,
      1.3975,
      7.54,
      1.535,
      7.68,
      1.675,
      7.82,
      1.815,
      7.96,
      1.955,
      8.1,
      2.095,
      8.2375,
      2.235,
      8.3775,
      2.375,
      8.5175,
      2.5125,
      8.6575,
      2.6525,
      8.7975,
      2.7925,
      8.9375,
      2.9325,
      9.0775,
      3.0725,
      9.215,
      3.2125,
      9.355,
      3.3525,
      9.495,
      3.49,
      9.635,
      3.63,
      9.775,
      3.77,
      9.915,
      3.91,
      10.055,
      4.05,
      10.1925,
      4.19,
      10.3325,
      4.33,
      10.4725,
      4.4675,
      10.6125,
      4.6075,
      10.7525,
      4.7475,
      10.8925,
      4.8875,
      11.0325,
      5.0275,
      11.17,
      5.1675,
      11.31,
      5.3075,
      11.45,
      5.445,
      11.59,
      5.585,
      11.73,
      5.725,
      11.87,
      5.865,
      12.01,
      6.005
    ],
    "SoftwareVersions": "syngo MR XA30",
    "SpacingBetweenSlices": 1.6,
    "StationName": "LRG10884",
    "TotalReadoutTime": 0.0507512,
    "TxRefAmp": 247.841,
    "VendorReportedEchoSpacing": 0.0007,
    "acquisition": "highres",
    "dataset": "HCPh",
    "datatype": "dwi",
    "direction": "PA",
    "extension": ".nii.gz",
    "modality": "dwi",
    "session": "pilot012",
    "subject": "001",
    "suffix": "dwi"
  },
  "efc_shell01": 0.3689,
  "efc_shell02": 0.4715,
  "efc_shell03": 0.4906,
  "efc_shell04": 0.5488,
  "efc_shell05": 0.5947,
  "fa_degenerate": 0.0,
  "fa_nans": 0.0,
  "fber_shell01": 1737.4076,
  "fber_shell02": 548.5421,
  "fber_shell03": 345.4683,
  "fber_shell04": 110.3384,
  "fber_shell05": 47.6917,
  "fd_mean": 9.4261,
  "fd_num": 140,
  "fd_perc": 99.29078014184397,
  "ndc": 0.3769,
  "provenance": {
    "md5sum": "d6f74341d9311e125bee799e24caa03b",
    "settings": {
      "testing": false
    },
    "software": "mriqc",
    "version": "24.1.0.dev15+g9586c867.d20240825"
  },
  "sigma_cc": 42.9955,
  "sigma_pca": 15.734,
  "sigma_piesno": 1.3206,
  "snr_cc_shell0": 4.15,
  "snr_cc_shell1_best": 3.98,
  "snr_cc_shell1_worst": 3.98,
  "snr_cc_shell2_best": 2.68,
  "snr_cc_shell2_worst": 2.45,
  "snr_cc_shell3_best": 2.28,
  "snr_cc_shell3_worst": 1.36,
  "snr_cc_shell4_best": 1.42,
  "snr_cc_shell4_worst": 0.86,
  "spikes_global": 67.04,
  "spikes_slice_i": 424.91,
  "spikes_slice_j": 398.11,
  "spikes_slice_k": 393.27,
  "summary_bg_k": 702.9224,
  "summary_bg_mad": 7.413,
  "summary_bg_mean": 28.0184,
  "summary_bg_median": 8.0,
  "summary_bg_n": 1503243.0,
  "summary_bg_p05": 2.0,
  "summary_bg_p95": 113.0,
  "summary_bg_stdv": 100.1227,
  "summary_fg_k": 9.0056,
  "summary_fg_mad": 201.6339,
  "summary_fg_mean": 450.9479,
  "summary_fg_median": 338.0,
  "summary_fg_n": 351249.0,
  "summary_fg_p05": 103.0,
  "summary_fg_p95": 1235.0,
  "summary_fg_stdv": 385.7272,
  "summary_wm_k": 24.672,
  "summary_wm_mad": 97.8517,
  "summary_wm_mean": 241.4706,
  "summary_wm_median": 231.0,
  "summary_wm_n": 115306.0,
  "summary_wm_p05": 80.0,
  "summary_wm_p95": 427.0,
  "summary_wm_stdv": 120.3994
}
