{
  "NumberOfShells": 4,
  "bValues": [
    0.0,
    700.0,
    1000.0,
    2000.0,
    3000.0
  ],
  "bValuesEstimation": [
    700.0,
    1000.0,
    2000.0,
    3000.0
  ],
  "bdiffs_max": 0.3391,
  "bdiffs_mean": 0.1688,
  "bdiffs_median": 0.1443,
  "bdiffs_min": 0.0084,
  "bids_meta": {
    "AcquisitionMatrixPE": 148,
    "AcquisitionNumber": 1,
    "AcquisitionTime": "19:59:38.540000",
    "BandwidthPerPixelPhaseEncode": 14.077,
    "BaseResolution": 146,
    "BodyPartExamined": "BRAIN",
    "CoilCombinationMethod": "Adaptive Combine",
    "CoilString": "HeadNeck_64_CS",
    "ConversionSoftware": "dcm2niix",
    "ConversionSoftwareVersion": "v1.0.20220720",
    "Deltas": [
      0.0233,
      0.0475
    ],
    "DerivedVendorReportedEchoSpacing": 0.000959971,
    "DeviceSerialNumber": "176240",
    "DiffusionScheme": "Monopolar",
    "DwellTime": 2.1e-06,
    "EchoTime": 0.121,
    "EchoTrainLength": 64,
    "EffectiveEchoSpacing": 0.000479986,
    "FileSize": 0.018074979074299335,
    "FileSizeUnits": "GB",
    "FlipAngle": 90,
    "HeudiconvVersion": "1.1.6.post8+ga0a3635",
    "ImageOrientationPatientDICOM": [
      0.99882,
      -0.0353292,
      0.0333165,
      0.0472779,
      0.864128,
      -0.501047
    ],
    "ImageType": [
      "ORIGINAL",
      "PRIMARY",
      "DIFFUSION",
      "NONE",
      "ND",
      "NORM",
      "MFSPLIT"
    ],
    "ImageTypeText": [
      "ORIGINAL",
      "PRIMARY",
      "DIFFUSION",
      "NONE"
    ],
    "ImagingFrequency": 123.259,
    "InPlanePhaseEncodingDirectionDICOM": "COL",
    "InstitutionAddress": "Rue de Bugnon 46,Lausanne,,CH,1011",
    "InstitutionName": "Radiologie-CHUV",
    "MRAcquisitionType": "2D",
    "MagneticFieldStrength": 3,
    "Manufacturer": "Siemens",
    "ManufacturersModelName": "MAGNETOM Vida",
    "Modality": "MR",
    "MultibandAccelerationFactor": 3,
    "NonlinearGradientCorrection": false,
    "NumberOfVolumes": 15,
    "ParallelReductionFactorInPlane": 2,
    "PartialFourier": 0.875,
    "PatientPosition": "HFS",
    "PercentPhaseFOV": 101.37,
    "PercentSampling": 100,
    "PhaseEncodingDirection": "j-",
    "PhaseEncodingSteps": 148,
    "PhaseResolution": 1,
    "PixelBandwidth": 1631,
    "ProcedureStepDescription": "Research Oscar",
    "ProtocolName": "dwi-dwi_acq-highres_dir_AP",
    "PulseSequenceDetails": "%SiemensSeq%\\ep2d_diff",
    "ReceiveCoilActiveElements": "HC1-7;NC1",
    "ReceiveCoilName": "HeadNeck_64_CS",
    "ReconMatrixPE": 148,
    "RefLinesPE": 54,
    "RepetitionTime": 7,
    "SAR": 0.161092,
    "ScanOptions": "PFP\\CG\\RG\\FS\\PER",
    "ScanningSequence": "GR\\EP",
    "SequenceName": "*ep_b0",
    "SequenceVariant": "SK",
    "SeriesDescription": "dwi-dwi_acq-highres_dir_AP",
    "SeriesNumber": 12,
    "ShimSetting": [
      -8794,
      8492,
      9400,
      674,
      46,
      -296,
      84,
      -38
    ],
    "SliceThickness": 1.6,
    "SliceTiming": [
      0,
      -0.001,
      -0.001,
      -0.001,
      -0.001,
      -0.001,
      -0.001,
      -0.001,
      -0.001,
      -0.001,
      -0.001,
      -0.001,
      -0.001,
      -0.001,
      -0.001,
      -0.001,
      -0.001,
      -0.001,
      -0.001,
      -0.001,
      -0.001,
      -0.001,
      -0.001,
      -0.001,
      -0.001,
      -0.001,
      -0.001,
      -0.001,
      -0.001,
      -0.001,
      -0.001,
      -0.001,
      -0.001,
      -0.001,
      -0.001,
      -0.001,
      -0.001,
      -0.001,
      -0.001,
      -0.001,
      -0.001,
      -0.001,
      -0.001,
      -0.001,
      -0.001,
      -0.001,
      -0.001,
      -0.001,
      -0.001,
      -0.001,
      -0.001,
      -0.001,
      -0.001,
      -0.001,
      -0.001,
      -0.001,
      -0.001,
      -0.001,
      -0.001,
      -0.001,
      -0.001,
      -0.001,
      -0.001,
      -0.001,
      -0.001,
      -0.001,
      -0.001,
      -0.001,
      -0.001,
      -0.001,
      -0.001,
      -0.001,
      -0.001,
      -0.001,
      -0.001,
      -0.001,
      -0.001,
      -0.001,
      -0.001,
      -0.001,
      -0.001,
      -0.001,
      -0.001,
      -0.001,
      -0.001,
      -0.001,
      -0.001
    ],
    "SoftwareVersions": "syngo MR XA31",
    "SpacingBetweenSlices": 1.6,
    "StationName": "LRG08892",
    "TotalReadoutTime": 0.0705579,
    "TxRefAmp": 316.948,
    "VendorReportedEchoSpacing": 0.00096,
    "acquisition": "highres",
    "dataset": "HCPh",
    "datatype": "dwi",
    "direction": "AP",
    "extension": ".nii.gz",
    "modality": "dwi",
    "session": "pilot20003034",
    "subject": "001",
    "suffix": "dwi"
  },
  "efc_shell01": 1.8024,
  "efc_shell02": 0.4997,
  "efc_shell03": 0.4579,
  "efc_shell04": 0.4556,
  "efc_shell05": 0.455,
  "fa_degenerate": 0.0,
  "fa_nans": 0.0,
  "fber_shell01": 972.25,
  "fber_shell02": 11236.0,
  "fber_shell03": 6241.0,
  "fber_shell04": 2025.0,
  "fber_shell05": 961.0,
  "fd_mean": 28.9403,
  "fd_num": 14,
  "fd_perc": 93.33333333333333,
  "ndc": 0.4531,
  "provenance": {
    "md5sum": "861ebf5f96843978cfbebb81b97a4038",
    "settings": {
      "testing": false
    },
    "software": "mriqc",
    "version": "24.0.1"
  },
  "sigma_cc": 0.0,
  "sigma_pca": 14.8211,
  "sigma_piesno": 0.3301,
  "snr_cc_shell0": 0,
  "snr_cc_shell1_best": 0,
  "snr_cc_shell1_worst": 0,
  "snr_cc_shell2_best": 0,
  "snr_cc_shell2_worst": 0,
  "snr_cc_shell3_best": 0,
  "snr_cc_shell3_worst": 0,
  "snr_cc_shell4_best": 0,
  "snr_cc_shell4_worst": 0,
  "spikes_global": 558.86,
  "spikes_slice_i": 2889.1,
  "spikes_slice_j": 3201.6,
  "spikes_slice_k": 3628.29,
  "summary_bg_k": 1062.7329,
  "summary_bg_mad": 2.9652,
  "summary_bg_mean": 8.4367,
  "summary_bg_median": 2.0,
  "summary_bg_n": 1517962.0,
  "summary_bg_p05": 0.0,
  "summary_bg_p95": 32.0,
  "summary_bg_stdv": 37.0116,
  "summary_fg_k": 11.3556,
  "summary_fg_mad": 105.2648,
  "summary_fg_mean": 313.7946,
  "summary_fg_median": 214.0,
  "summary_fg_n": 361934.0,
  "summary_fg_p05": 75.0,
  "summary_fg_p95": 928.0,
  "summary_fg_stdv": 286.9299,
  "summary_wm_k": 11.3668,
  "summary_wm_mad": 105.2648,
  "summary_wm_mean": 313.6386,
  "summary_wm_median": 214.0,
  "summary_wm_n": 362248.0,
  "summary_wm_p05": 74.0,
  "summary_wm_p95": 928.0,
  "summary_wm_stdv": 286.9933
}