{
  "aor": [
    0.0003334266666666667,
    0.0004015066666666667,
    0.0005796
  ],
  "aqi": [
    0.01085758768,
    0.01753262448,
    0.0329894772
  ],
  "bids_meta": {
    "AcquisitionDuration": 1230.47,
    "AcquisitionMatrixPE": 96,
    "AcquisitionNumber": 1,
    "AcquisitionTime": "23:53:45.680000",
    "BandwidthPerPixelPhaseEncode": 28.935,
    "BaseResolution": 96,
    "BodyPartExamined": "BRAIN",
    "CogAtlasID": "https://www.cognitiveatlas.org/task/id/trm_4c8a834779883/",
    "CoilCombinationMethod": "Sum of Squares",
    "CoilString": "HeadNeck_64_CS",
    "ConversionSoftware": "dcm2niix",
    "ConversionSoftwareVersion": "v1.0.20220720",
    "DerivedVendorReportedEchoSpacing": 0.000720005,
    "DeviceSerialNumber": "176240",
    "DwellTime": 2.4e-6,
    "EchoNumber": 3,
    "EchoTime": 0.06726,
    "EchoTrainLength": 35,
    "EffectiveEchoSpacing": 0.000360002,
    "FileSize": 0.33871023915708065,
    "FileSizeUnits": "GB",
    "FlipAngle": 64,
    "HeudiconvVersion": "1.1.6.post8+ga0a3635",
    "ImageComments": "Unaliased MB4/PE4/LB",
    "ImageOrientationPatientDICOM": [
      0.999443,
      0.016255,
      0.0291593,
      -0.00401204,
      0.925605,
      -0.378469
    ],
    "ImageType": [
      "ORIGINAL",
      "PRIMARY",
      "FMRI",
      "NONE"
    ],
    "ImageTypeText": [
      "ORIGINAL",
      "PRIMARY",
      "M",
      "MB",
      "TE3",
      "DIS2D"
    ],
    "ImagingFrequency": 123.261,
    "InPlanePhaseEncodingDirectionDICOM": "ROW",
    "InstitutionAddress": "Rue de Bugnon 46,Lausanne,,CH,1011",
    "InstitutionName": "Radiologie-CHUV",
    "MRAcquisitionType": "2D",
    "MTState": false,
    "MagneticFieldStrength": 3,
    "Manufacturer": "Siemens",
    "ManufacturersModelName": "MAGNETOM Vida",
    "MatrixCoilMode": "GRAPPA",
    "Modality": "MR",
    "MultibandAccelerationFactor": 4,
    "NonlinearGradientCorrection": true,
    "NumberOfVolumes": 750,
    "ParallelAcquisitionTechnique": "GRAPPA",
    "ParallelReductionFactorInPlane": 2,
    "PartialFourier": 0.75,
    "PartialFourierDirection": "PHASE",
    "PatientPosition": "HFS",
    "PercentPhaseFOV": 100,
    "PercentSampling": 100,
    "PhaseEncodingDirection": "i-",
    "PhaseResolution": 1,
    "PixelBandwidth": 2170,
    "ProcedureStepDescription": "Research Oscar",
    "ProtocolName": "func-bold_task-rest_dir-LR__cmrr_me4_s",
    "PulseSequenceDetails": "%CustomerSeq%\\cmrr_mbep2d_bold",
    "PulseSequenceName": "epfid2d3_96",
    "ReceiveCoilActiveElements": "HC1-7;NC1",
    "ReceiveCoilName": "HeadNeck_64_CS",
    "ReconMatrixPE": 96,
    "RefLinesPE": 22,
    "RepetitionTime": 1.6,
    "ScanOptions": "PFP\\FS",
    "ScanningSequence": "EP",
    "SequenceVariant": "SK\\SS",
    "SeriesDescription": "func-bold_task-rest_dir-LR__cmrr_me4_s",
    "SeriesNumber": 14,
    "ShimSetting": [
      -8780,
      8478,
      9504,
      584,
      -261,
      -136,
      120,
      44
    ],
    "SliceThickness": 2.2,
    "SliceTiming": [
      0,
      0.8425,
      0.105,
      0.9475,
      0.21,
      1.0525,
      0.3175,
      1.16,
      0.4225,
      1.265,
      0.5275,
      1.37,
      0.6325,
      1.475,
      0.7375,
      0,
      0.8425,
      0.105,
      0.9475,
      0.21,
      1.0525,
      0.3175,
      1.16,
      0.4225,
      1.265,
      0.5275,
      1.37,
      0.6325,
      1.475,
      0.7375,
      0,
      0.8425,
      0.105,
      0.9475,
      0.21,
      1.0525,
      0.3175,
      1.16,
      0.4225,
      1.265,
      0.5275,
      1.37,
      0.6325,
      1.475,
      0.7375,
      0,
      0.8425,
      0.105,
      0.9475,
      0.21,
      1.0525,
      0.3175,
      1.16,
      0.4225,
      1.265,
      0.5275,
      1.37,
      0.6325,
      1.475,
      0.7375
    ],
    "SoftwareVersions": "syngo MR XA50",
    "SpacingBetweenSlices": 2.2,
    "StationName": "LRG08892",
    "TaskName": "rest",
    "TotalReadoutTime": 0.0342002,
    "TxRefAmp": 319.556,
    "WipMemBlock": "cfea4e77-a123-4ebb-b421-5277ef3a3345||Sequence: R017 nxva50a/main r/da4fca61d; Oct  3 2023 08:23:56 by eja",
    "dataset": "HCPh",
    "datatype": "func",
    "direction": "LR",
    "extension": ".nii.gz",
    "modality": "bold",
    "part": "mag",
    "session": "21202034",
    "subject": "001",
    "suffix": "bold",
    "task": "rest"
  },
  "dummy_trs": 0,
  "dvars_nstd": 94.64112158301727,
  "dvars_std": 1.003607957449933,
  "dvars_vstd": 0.9867000275166885,
  "efc": 0.6012,
  "fber": 34.2213,
  "fd_mean": 0.11164628350885386,
  "fd_num": 33,
  "fd_perc": 4.4,
  "fwhm_avg": 2.5797578500258136,
  "fwhm_x": 2.719671221677137,
  "fwhm_y": 2.589161471987781,
  "fwhm_z": 2.430440856412522,
  "gcor": [
    0.00904114,
    0.00490563,
    0.00271856
  ],
  "gsr_x": 0.0018444920424371958,
  "gsr_y": 0.003245508996769786,
  "provenance": {
    "md5sum": "239caf3f9f7e2fc8ef49dac6a3671166",
    "settings": {
      "fd_thres": 0.2,
      "testing": false
    },
    "software": "mriqc",
    "version": "24.1.0.dev15+g9586c867.d20240825"
  },
  "size_t": 750,
  "size_x": 96,
  "size_y": 96,
  "size_z": 60,
  "snr": 1.4887371716631426,
  "spacing_tr": 1.600000023841858,
  "spacing_x": 2.197920083999634,
  "spacing_y": 2.197920083999634,
  "spacing_z": 2.200000047683716,
  "summary_bg_k": 161.3733,
  "summary_bg_mad": 3.0364,
  "summary_bg_mean": 24.1535,
  "summary_bg_median": 24.0,
  "summary_bg_n": 415125.0,
  "summary_bg_p05": 0.0,
  "summary_bg_p95": 35.0,
  "summary_bg_stdv": 10.9311,
  "summary_fg_k": 3.8468,
  "summary_fg_mad": 81.1063,
  "summary_fg_mean": 149.4198,
  "summary_fg_median": 141.0,
  "summary_fg_n": 137835.0,
  "summary_fg_p05": 27.0,
  "summary_fg_p95": 320.0,
  "summary_fg_stdv": 94.7108,
  "tsnr": 11.270817530341446
}
