{
  "NumberOfShells": 4,
  "bValues": [
    0.0,
    700.0,
    1000.0,
    2000.0,
    3000.0
  ],
  "bValuesEstimation": [
    700.0,
    1000.0,
    2000.0,
    3000.0
  ],
  "bdiffs_max": 0.4105,
  "bdiffs_mean": 0.1884,
  "bdiffs_median": 0.197,
  "bdiffs_min": 0.0015,
  "bids_meta": {
    "AcquisitionMatrixPE": 148,
    "AcquisitionNumber": 1,
    "AcquisitionTime": "00:30:13.430000",
    "BandwidthPerPixelPhaseEncode": 14.077,
    "BaseResolution": 146,
    "BodyPartExamined": "BRAIN",
    "CoilCombinationMethod": "Adaptive Combine",
    "CoilString": "HeadNeck_64_CS",
    "ConversionSoftware": "dcm2niix",
    "ConversionSoftwareVersion": "v1.0.20220720",
    "Deltas": [
      0.0272,
      0.0469
    ],
    "DerivedVendorReportedEchoSpacing": 0.000959971,
    "DeviceSerialNumber": "176240",
    "DiffusionScheme": "Monopolar",
    "DwellTime": 2.1e-06,
    "EchoTime": 0.121,
    "EchoTrainLength": 64,
    "EffectiveEchoSpacing": 0.000479986,
    "FileSize": 0.3361924234777689,
    "FileSizeUnits": "GB",
    "FlipAngle": 90,
    "HeudiconvVersion": "1.1.6.post8+ga0a3635",
    "ImageOrientationPatientDICOM": [
      0.98958,
      0.0901411,
      0.112279,
      -0.0378428,
      0.915199,
      -0.401221
    ],
    "ImageType": [
      "ORIGINAL",
      "PRIMARY",
      "DIFFUSION",
      "NONE",
      "ND",
      "NORM",
      "MFSPLIT"
    ],
    "ImageTypeText": [
      "ORIGINAL",
      "PRIMARY",
      "DIFFUSION",
      "NONE"
    ],
    "ImagingFrequency": 123.261,
    "InPlanePhaseEncodingDirectionDICOM": "ROW",
    "InstitutionAddress": "Rue de Bugnon 46,Lausanne,,CH,1011",
    "InstitutionName": "Radiologie-CHUV",
    "MRAcquisitionType": "2D",
    "MagneticFieldStrength": 3,
    "Manufacturer": "Siemens",
    "ManufacturersModelName": "MAGNETOM Vida",
    "Modality": "MR",
    "MultibandAccelerationFactor": 3,
    "NonlinearGradientCorrection": false,
    "NumberOfVolumes": 280,
    "ParallelReductionFactorInPlane": 2,
    "PartialFourier": 0.875,
    "PatientPosition": "HFS",
    "PercentPhaseFOV": 101.37,
    "PercentSampling": 100,
    "PhaseEncodingDirection": "i",
    "PhaseEncodingSteps": 148,
    "PhaseResolution": 1,
    "PixelBandwidth": 1631,
    "ProcedureStepDescription": "RESEARCH Oscar",
    "ProtocolName": "dwi-dwi_acq-highres_dir-RL",
    "PulseSequenceDetails": "%SiemensSeq%\\ep2d_diff",
    "ReceiveCoilActiveElements": "HC1-7;NC1",
    "ReceiveCoilName": "HeadNeck_64_CS",
    "ReconMatrixPE": 148,
    "RefLinesPE": 54,
    "RepetitionTime": 7,
    "SAR": 0.157317,
    "ScanOptions": "PFP\\FS\\PER",
    "ScanningSequence": "GR\\EP",
    "SequenceName": "*ep_b0",
    "SequenceVariant": "SK",
    "SeriesDescription": "dwi-dwi_acq-highres_dir-RL",
    "SeriesNumber": 18,
    "ShimSetting": [
      -8751,
      8493,
      9467,
      570,
      -129,
      -148,
      93,
      167
    ],
    "SliceThickness": 1.6,
    "SliceTiming": [
      0,
      -0.001,
      -0.001,
      -0.001,
      -0.001,
      -0.001,
      -0.001,
      -0.001,
      -0.001,
      -0.001,
      -0.001,
      -0.001,
      -0.001,
      -0.001,
      -0.001,
      -0.001,
      -0.001,
      -0.001,
      -0.001,
      -0.001,
      -0.001,
      -0.001,
      -0.001,
      -0.001,
      -0.001,
      -0.001,
      -0.001,
      -0.001,
      -0.001,
      -0.001,
      -0.001,
      -0.001,
      -0.001,
      -0.001,
      -0.001,
      -0.001,
      -0.001,
      -0.001,
      -0.001,
      -0.001,
      -0.001,
      -0.001,
      -0.001,
      -0.001,
      -0.001,
      -0.001,
      -0.001,
      -0.001,
      -0.001,
      -0.001,
      -0.001,
      -0.001,
      -0.001,
      -0.001,
      -0.001,
      -0.001,
      -0.001,
      -0.001,
      -0.001,
      -0.001,
      -0.001,
      -0.001,
      -0.001,
      -0.001,
      -0.001,
      -0.001,
      -0.001,
      -0.001,
      -0.001,
      -0.001,
      -0.001,
      -0.001,
      -0.001,
      -0.001,
      -0.001,
      -0.001,
      -0.001,
      -0.001,
      -0.001,
      -0.001,
      -0.001,
      -0.001,
      -0.001,
      -0.001,
      -0.001,
      -0.001,
      -0.001
    ],
    "SoftwareVersions": "syngo MR XA50",
    "SpacingBetweenSlices": 1.6,
    "StationName": "LRG08892",
    "TotalReadoutTime": 0.0705579,
    "TxRefAmp": 314.732,
    "VendorReportedEchoSpacing": 0.00096,
    "acquisition": "highres",
    "dataset": "HCPh",
    "datatype": "dwi",
    "direction": "RL",
    "extension": ".nii.gz",
    "modality": "dwi",
    "session": "20203034",
    "subject": "001",
    "suffix": "dwi"
  },
  "efc_shell01": 0.3442,
  "efc_shell02": 0.4377,
  "efc_shell03": 0.4346,
  "efc_shell04": 0.4521,
  "efc_shell05": 0.4641,
  "fa_degenerate": 0.0,
  "fa_nans": 0.0,
  "fber_shell01": 17321.541,
  "fber_shell02": 6595.2554,
  "fber_shell03": 6178.4756,
  "fber_shell04": 1869.0645,
  "fber_shell05": 1001.5455,
  "fd_mean": 32.0944,
  "fd_num": 279,
  "fd_perc": 99.64285714285714,
  "ndc": 0.4151,
  "provenance": {
    "md5sum": "1319193d6c033280649dce5af385a28b",
    "settings": {
      "testing": false
    },
    "software": "mriqc",
    "version": "24.0.1"
  },
  "sigma_cc": 56.3389,
  "sigma_pca": 14.7236,
  "sigma_piesno": 0.3301,
  "snr_cc_shell0": 3.45,
  "snr_cc_shell1_best": 3.41,
  "snr_cc_shell1_worst": 3.41,
  "snr_cc_shell2_best": 2.39,
  "snr_cc_shell2_worst": 1.58,
  "snr_cc_shell3_best": 1.85,
  "snr_cc_shell3_worst": 1.62,
  "snr_cc_shell4_best": 1.22,
  "snr_cc_shell4_worst": 1.03,
  "spikes_global": 34.56,
  "spikes_slice_i": 192.32,
  "spikes_slice_j": 214.96,
  "spikes_slice_k": 229.41,
  "summary_bg_k": 906.5719,
  "summary_bg_mad": 1.4826,
  "summary_bg_mean": 9.1782,
  "summary_bg_median": 1.0,
  "summary_bg_n": 1508973.0,
  "summary_bg_p05": 0.0,
  "summary_bg_p95": 35.0,
  "summary_bg_stdv": 43.1441,
  "summary_fg_k": 11.4515,
  "summary_fg_mad": 99.3343,
  "summary_fg_mean": 307.968,
  "summary_fg_median": 224.0,
  "summary_fg_n": 370923.0,
  "summary_fg_p05": 83.0,
  "summary_fg_p95": 857.0,
  "summary_fg_stdv": 262.4483,
  "summary_wm_k": 31.4351,
  "summary_wm_mad": 56.3389,
  "summary_wm_mean": 204.7211,
  "summary_wm_median": 197.0,
  "summary_wm_n": 124101.0,
  "summary_wm_p05": 74.0,
  "summary_wm_p95": 333.0,
  "summary_wm_stdv": 96.3175
}