{
  "NumberOfShells": 4,
  "bValues": [
    0.0,
    700.0,
    1000.0,
    2000.0,
    3000.0
  ],
  "bValuesEstimation": [
    700.0,
    1000.0,
    2000.0,
    3000.0
  ],
  "bdiffs_max": 0.1853,
  "bdiffs_mean": 0.0865,
  "bdiffs_median": 0.0887,
  "bdiffs_min": 0.0015,
  "bids_meta": {
    "AcquisitionMatrixPE": 146,
    "AcquisitionNumber": 1,
    "AcquisitionTime": "18:29:25.355000",
    "B0FieldSource": [
      "pilot011pepolarb0",
      "pilot011phasediff"
    ],
    "BandwidthPerPixelPhaseEncode": 19.569,
    "BaseResolution": 146,
    "BodyPartExamined": "BRAIN",
    "CoilCombinationMethod": "Adaptive Combine",
    "CoilString": "HeadNeck_64",
    "ConversionSoftware": "dcm2niix",
    "ConversionSoftwareVersion": "v1.0.20220720",
    "Deltas": [
      0.0233,
      0.0475
    ],
    "DerivedVendorReportedEchoSpacing": 0.000700017,
    "DeviceSerialNumber": "67014",
    "DiffusionScheme": "Monopolar",
    "DwellTime": 2.1e-6,
    "EchoTime": 0.098,
    "EchoTrainLength": 64,
    "EffectiveEchoSpacing": 0.000350008,
    "FileSize": 0.20951580628752708,
    "FileSizeUnits": "GB",
    "FlipAngle": 90,
    "HeudiconvVersion": "1.0.0",
    "ImageOrientationPatientDICOM": [
      0.999835,
      0.0179919,
      0.00268031,
      -0.016754,
      0.968217,
      -0.249548
    ],
    "ImageType": [
      "ORIGINAL",
      "PRIMARY",
      "DIFFUSION",
      "NONE",
      "ND",
      "MFSPLIT"
    ],
    "ImageTypeText": [
      "ORIGINAL",
      "PRIMARY",
      "DIFFUSION",
      "NONE"
    ],
    "ImagingFrequency": 123.248,
    "InPlanePhaseEncodingDirectionDICOM": "COL",
    "InstitutionAddress": "Rue du Bugnon 21,Lausanne,District,CH,1011",
    "InstitutionName": "CHUV",
    "MRAcquisitionType": "2D",
    "MagneticFieldStrength": 3,
    "Manufacturer": "Siemens",
    "ManufacturersModelName": "MAGNETOM Prisma Fit",
    "Modality": "MR",
    "MultibandAccelerationFactor": 3,
    "NonlinearGradientCorrection": false,
    "NumberOfVolumes": 141,
    "ParallelReductionFactorInPlane": 2,
    "PartialFourier": 0.875,
    "PatientPosition": "HFS",
    "PercentPhaseFOV": 100,
    "PercentSampling": 100,
    "PhaseEncodingDirection": "j",
    "PhaseEncodingSteps": 146,
    "PhaseResolution": 1,
    "PixelBandwidth": 1631,
    "ProcedureStepDescription": "RESEARCH Oscar",
    "ProtocolName": "dwi-dwi_acq-highres_dir-PA__140dir_monopolar",
    "PulseSequenceDetails": "%SiemensSeq%\\ep2d_diff",
    "ReceiveCoilActiveElements": "HC1-7",
    "ReceiveCoilName": "HeadNeck_64",
    "ReconMatrixPE": 146,
    "RefLinesPE": 54,
    "RepetitionTime": 7.8,
    "SAR": 0.144981,
    "ScanOptions": "PFP\\FS\\PER",
    "ScanningSequence": "GR\\EP",
    "SequenceName": "*ep_b0",
    "SequenceVariant": "SK",
    "SeriesDescription": "dwi-dwi_acq-highres_dir-PA__140dir_monopolar",
    "SeriesNumber": 7,
    "ShimSetting": [
      8228,
      -5621,
      -6043,
      665,
      -71,
      -184,
      80,
      31
    ],
    "SliceThickness": 1.6,
    "SliceTiming": [
      5.865,
      0,
      6.0025,
      0.14,
      6.1425,
      0.2775,
      6.2825,
      0.4175,
      6.4225,
      0.5575,
      6.5625,
      0.6975,
      6.7025,
      0.8375,
      6.8425,
      0.9775,
      6.98,
      1.1175,
      7.12,
      1.255,
      7.26,
      1.395,
      7.4,
      1.535,
      7.54,
      1.675,
      7.68,
      1.815,
      7.82,
      1.955,
      7.9575,
      2.095,
      8.0975,
      2.2325,
      8.2375,
      2.3725,
      8.3775,
      2.5125,
      8.5175,
      2.6525,
      8.6575,
      2.7925,
      8.7975,
      2.9325,
      8.935,
      3.07,
      9.075,
      3.21,
      9.215,
      3.35,
      9.355,
      3.49,
      9.495,
      3.63,
      9.635,
      3.77,
      9.775,
      3.91,
      9.9125,
      4.0475,
      10.0525,
      4.1875,
      10.1925,
      4.3275,
      10.3325,
      4.4675,
      10.4725,
      4.6075,
      10.6125,
      4.7475,
      10.7525,
      4.8875,
      10.89,
      5.025,
      11.03,
      5.165,
      11.17,
      5.305,
      11.31,
      5.445,
      11.45,
      5.585,
      11.59,
      5.725
    ],
    "SoftwareVersions": "syngo MR XA30",
    "SpacingBetweenSlices": 1.6,
    "StationName": "LRG10884",
    "TotalReadoutTime": 0.0507512,
    "TxRefAmp": 248.655,
    "VendorReportedEchoSpacing": 0.0007,
    "acquisition": "highres",
    "dataset": "HCPh",
    "datatype": "dwi",
    "direction": "PA",
    "extension": ".nii.gz",
    "modality": "dwi",
    "session": "pilot011",
    "subject": "001",
    "suffix": "dwi"
  },
  "efc_shell01": 0.3737,
  "efc_shell02": 0.4814,
  "efc_shell03": 0.4995,
  "efc_shell04": 0.5576,
  "efc_shell05": 0.605,
  "fa_degenerate": 0.0,
  "fa_nans": 0.0,
  "fber_shell01": 1595.9176,
  "fber_shell02": 507.3119,
  "fber_shell03": 319.3516,
  "fber_shell04": 105.7091,
  "fber_shell05": 48.0227,
  "fd_mean": 11.7266,
  "fd_num": 140,
  "fd_perc": 99.29078014184397,
  "ndc": 0.6836,
  "provenance": {
    "md5sum": "cbe35ffa710a927dcd9ee6c71ce7da55",
    "settings": {
      "testing": false
    },
    "software": "mriqc",
    "version": "24.1.0.dev15+g9586c867.d20240825"
  },
  "sigma_cc": 28.1694,
  "sigma_pca": 15.2847,
  "sigma_piesno": 1.3206,
  "snr_cc_shell0": 5.45,
  "snr_cc_shell1_best": 5.34,
  "snr_cc_shell1_worst": 5.34,
  "snr_cc_shell2_best": 3.57,
  "snr_cc_shell2_worst": 3.24,
  "snr_cc_shell3_best": 3.03,
  "snr_cc_shell3_worst": 1.78,
  "snr_cc_shell4_best": 1.97,
  "snr_cc_shell4_worst": 1.16,
  "spikes_global": 70.1,
  "spikes_slice_i": 355.65,
  "spikes_slice_j": 358.54,
  "spikes_slice_k": 393.27,
  "summary_bg_k": 834.9386,
  "summary_bg_mad": 7.413,
  "summary_bg_mean": 24.7628,
  "summary_bg_median": 8.0,
  "summary_bg_n": 1441645.0,
  "summary_bg_p05": 2.0,
  "summary_bg_p95": 94.0,
  "summary_bg_stdv": 101.2844,
  "summary_fg_k": 8.0204,
  "summary_fg_mad": 170.4993,
  "summary_fg_mean": 396.1792,
  "summary_fg_median": 300.0,
  "summary_fg_n": 348899.0,
  "summary_fg_p05": 100.0,
  "summary_fg_p95": 1063.0,
  "summary_fg_stdv": 320.3797,
  "summary_wm_k": 25.0185,
  "summary_wm_mad": 78.5779,
  "summary_wm_mean": 215.1594,
  "summary_wm_median": 208.0,
  "summary_wm_n": 117375.0,
  "summary_wm_p05": 73.0,
  "summary_wm_p95": 369.0,
  "summary_wm_stdv": 104.6986
}
