{
  "NumberOfShells": 4,
  "bValues": [
    0.0,
    700.0,
    1000.0,
    2000.0,
    3000.0
  ],
  "bValuesEstimation": [
    700.0,
    1000.0,
    2000.0,
    3000.0
  ],
  "bdiffs_max": 0.1562,
  "bdiffs_mean": 0.0637,
  "bdiffs_median": 0.0712,
  "bdiffs_min": 0.0033,
  "bids_meta": {
    "AcquisitionMatrixPE": 120,
    "AcquisitionNumber": 1,
    "AcquisitionTime": "19:13:44.825000",
    "B0FieldSource": [
      "pilot011pepolarb0",
      "pilot011phasediff"
    ],
    "BandwidthPerPixelPhaseEncode": 23.81,
    "BaseResolution": 120,
    "BodyPartExamined": "BRAIN",
    "CoilCombinationMethod": "Adaptive Combine",
    "CoilString": "HeadNeck_64",
    "ConversionSoftware": "dcm2niix",
    "ConversionSoftwareVersion": "v1.0.20220720",
    "Deltas": [
      0.0233,
      0.0475
    ],
    "DerivedVendorReportedEchoSpacing": 0.000699986,
    "DeviceSerialNumber": "67014",
    "DiffusionScheme": "Monopolar",
    "DwellTime": 2.4e-6,
    "EchoTime": 0.092,
    "EchoTrainLength": 51,
    "EffectiveEchoSpacing": 0.000349993,
    "FileSize": 0.10889249294996262,
    "FileSizeUnits": "GB",
    "FlipAngle": 90,
    "HeudiconvVersion": "1.0.0",
    "ImageOrientationPatientDICOM": [
      0.99994,
      0.0105628,
      0.00297635,
      -0.00785363,
      0.878218,
      -0.478196
    ],
    "ImageType": [
      "ORIGINAL",
      "PRIMARY",
      "DIFFUSION",
      "NONE",
      "ND",
      "MFSPLIT"
    ],
    "ImageTypeText": [
      "ORIGINAL",
      "PRIMARY",
      "DIFFUSION",
      "NONE"
    ],
    "ImagingFrequency": 123.248,
    "InPlanePhaseEncodingDirectionDICOM": "COL",
    "InstitutionAddress": "Rue du Bugnon 21,Lausanne,District,CH,1011",
    "InstitutionName": "CHUV",
    "MRAcquisitionType": "2D",
    "MagneticFieldStrength": 3,
    "Manufacturer": "Siemens",
    "ManufacturersModelName": "MAGNETOM Prisma Fit",
    "Modality": "MR",
    "MultibandAccelerationFactor": 3,
    "NonlinearGradientCorrection": false,
    "NumberOfVolumes": 141,
    "ParallelReductionFactorInPlane": 2,
    "PartialFourier": 0.875,
    "PatientPosition": "HFS",
    "PercentPhaseFOV": 100,
    "PercentSampling": 100,
    "PhaseEncodingDirection": "j",
    "PhaseEncodingSteps": 120,
    "PhaseResolution": 1,
    "PixelBandwidth": 1736,
    "ProcedureStepDescription": "RESEARCH Oscar",
    "ProtocolName": "dwi-dwi_acq-lowres_dir-PA__140dir_monopolar",
    "PulseSequenceDetails": "%SiemensSeq%\\ep2d_diff",
    "ReceiveCoilActiveElements": "HC1-7;NC1",
    "ReceiveCoilName": "HeadNeck_64",
    "ReconMatrixPE": 120,
    "RefLinesPE": 42,
    "RepetitionTime": 7.8,
    "SAR": 0.118436,
    "ScanOptions": "PFP\\FS\\PER",
    "ScanningSequence": "GR\\EP",
    "SequenceName": "*ep_b0",
    "SequenceVariant": "SK",
    "SeriesDescription": "dwi-dwi_acq-lowres_dir-PA__140dir_monopolar",
    "SeriesNumber": 20,
    "ShimSetting": [
      8225,
      -5625,
      -6025,
      728,
      -73,
      -181,
      47,
      29
    ],
    "SliceThickness": 2,
    "SliceTiming": [
      0,
      4.505,
      0.1275,
      4.6325,
      0.2575,
      4.7625,
      0.385,
      4.89,
      0.515,
      5.02,
      0.6425,
      5.1475,
      0.7725,
      5.2775,
      0.9,
      5.405,
      1.03,
      5.535,
      1.1575,
      5.6625,
      1.2875,
      5.7925,
      1.415,
      5.92,
      1.545,
      6.05,
      1.6725,
      6.1775,
      1.8025,
      6.3075,
      1.93,
      6.435,
      2.06,
      6.5625,
      2.1875,
      6.6925,
      2.3175,
      6.82,
      2.445,
      6.95,
      2.5725,
      7.0775,
      2.7025,
      7.2075,
      2.83,
      7.335,
      2.96,
      7.465,
      3.0875,
      7.5925,
      3.2175,
      7.7225,
      3.345,
      7.85,
      3.475,
      7.98,
      3.6025,
      8.1075,
      3.7325,
      8.2375,
      3.86,
      8.365,
      3.99,
      8.495,
      4.1175,
      8.6225,
      4.2475,
      8.7525,
      4.375
    ],
    "SoftwareVersions": "syngo MR XA30",
    "SpacingBetweenSlices": 2,
    "StationName": "LRG10884",
    "TotalReadoutTime": 0.0416492,
    "TxRefAmp": 248.655,
    "VendorReportedEchoSpacing": 0.0007,
    "acquisition": "lowres",
    "dataset": "HCPh",
    "datatype": "dwi",
    "direction": "PA",
    "extension": ".nii.gz",
    "modality": "dwi",
    "session": "pilot011",
    "subject": "001",
    "suffix": "dwi"
  },
  "efc_shell01": 0.3849,
  "efc_shell02": 0.4535,
  "efc_shell03": 0.4639,
  "efc_shell04": 0.5015,
  "efc_shell05": 0.5445,
  "fa_degenerate": 0.0,
  "fa_nans": 0.0,
  "fber_shell01": 3494.5906,
  "fber_shell02": 1300.6104,
  "fber_shell03": 851.8871,
  "fber_shell04": 276.7153,
  "fber_shell05": 118.3567,
  "fd_mean": 6.0259,
  "fd_num": 140,
  "fd_perc": 99.29078014184397,
  "ndc": 0.5976,
  "provenance": {
    "md5sum": "db1e82f512d6085613a438cf6fba5e3c",
    "settings": {
      "testing": false
    },
    "software": "mriqc",
    "version": "24.1.0.dev15+g9586c867.d20240825"
  },
  "sigma_cc": 29.652,
  "sigma_pca": 9.7878,
  "sigma_piesno": 0.9905,
  "snr_cc_shell0": 5.85,
  "snr_cc_shell1_best": 5.88,
  "snr_cc_shell1_worst": 5.88,
  "snr_cc_shell2_best": 4.02,
  "snr_cc_shell2_worst": 3.48,
  "snr_cc_shell3_best": 3.35,
  "snr_cc_shell3_worst": 2.0,
  "snr_cc_shell4_best": 2.09,
  "snr_cc_shell4_worst": 1.3,
  "spikes_global": 62.26,
  "spikes_slice_i": 308.36,
  "spikes_slice_j": 221.85,
  "spikes_slice_k": 394.01,
  "summary_bg_k": 756.0784,
  "summary_bg_mad": 5.9304,
  "summary_bg_mean": 26.5161,
  "summary_bg_median": 6.0,
  "summary_bg_n": 806232.0,
  "summary_bg_p05": 1.0,
  "summary_bg_p95": 119.0,
  "summary_bg_stdv": 101.8228,
  "summary_fg_k": 6.2115,
  "summary_fg_mad": 186.8079,
  "summary_fg_mean": 424.4828,
  "summary_fg_median": 334.0,
  "summary_fg_n": 187368.0,
  "summary_fg_p05": 104.0,
  "summary_fg_p95": 1066.0,
  "summary_fg_stdv": 314.4163,
  "summary_wm_k": 21.492,
  "summary_wm_mad": 81.5431,
  "summary_wm_mean": 245.6951,
  "summary_wm_median": 239.0,
  "summary_wm_n": 52947.0,
  "summary_wm_p05": 98.0,
  "summary_wm_p95": 412.0,
  "summary_wm_stdv": 110.2503
}
