{
  "aor": [
    0.0004708933333333334,
    0.00055036,
    0.0005870266666666667
  ],
  "aqi": [
    0.00770126392,
    0.01295699368,
    0.02524575946666667
  ],
  "bids_meta": {
    "AcquisitionDuration": 1230.47,
    "AcquisitionMatrixPE": 96,
    "AcquisitionNumber": 1,
    "AcquisitionTime": "22:23:23.142500",
    "BandwidthPerPixelPhaseEncode": 30.193,
    "BaseResolution": 96,
    "BodyPartExamined": "BRAIN",
    "CogAtlasID": "https://www.cognitiveatlas.org/task/id/trm_4c8a834779883/",
    "CoilCombinationMethod": "Sum of Squares",
    "CoilString": "HeadNeck_64_CS",
    "ConversionSoftware": "dcm2niix",
    "ConversionSoftwareVersion": "v1.0.20220720",
    "DerivedVendorReportedEchoSpacing": 0.000690005,
    "DeviceSerialNumber": "202009",
    "DwellTime": 2.4e-6,
    "EchoNumber": 1,
    "EchoTime": 0.0132,
    "EchoTrainLength": 35,
    "EffectiveEchoSpacing": 0.000345003,
    "FileSize": 0.6183107374235988,
    "FileSizeUnits": "GB",
    "FlipAngle": 64,
    "HeudiconvVersion": "1.1.6.post8+ga0a3635",
    "ImageComments": "Unaliased MB4/PE4/LB",
    "ImageOrientationPatientDICOM": [
      0.999551,
      0.0299464,
      0.00013831,
      -0.0275708,
      0.922043,
      -0.386104
    ],
    "ImageType": [
      "ORIGINAL",
      "PRIMARY",
      "FMRI",
      "NONE"
    ],
    "ImageTypeText": [
      "ORIGINAL",
      "PRIMARY",
      "M",
      "MB",
      "TE1",
      "DIS2D"
    ],
    "ImagingFrequency": 123.197,
    "InPlanePhaseEncodingDirectionDICOM": "COL",
    "InstitutionAddress": "Rue du Bugnon 46,Lausanne,,CH,1011",
    "InstitutionName": "CHUV Lausanne",
    "MRAcquisitionType": "2D",
    "MTState": false,
    "MagneticFieldStrength": 3,
    "Manufacturer": "Siemens",
    "ManufacturersModelName": "MAGNETOM Vida Fit",
    "MatrixCoilMode": "GRAPPA",
    "Modality": "MR",
    "MultibandAccelerationFactor": 4,
    "NonlinearGradientCorrection": true,
    "NumberOfVolumes": 750,
    "ParallelAcquisitionTechnique": "GRAPPA",
    "ParallelReductionFactorInPlane": 2,
    "PartialFourier": 0.75,
    "PartialFourierDirection": "PHASE",
    "PatientPosition": "HFS",
    "PercentPhaseFOV": 100,
    "PercentSampling": 100,
    "PhaseEncodingDirection": "j-",
    "PhaseResolution": 1,
    "PixelBandwidth": 2170,
    "ProcedureStepDescription": "RESEARCH Oscar",
    "ProtocolName": "func-bold_task-rest_dir-AP__cmrr_me4_s",
    "PulseSequenceDetails": "%CustomerSeq%\\cmrr_mbep2d_bold",
    "PulseSequenceName": "epfid2d3_96",
    "ReceiveCoilActiveElements": "HC1-7;NC1",
    "ReceiveCoilName": "HeadNeck_64_CS",
    "ReconMatrixPE": 96,
    "RefLinesPE": 22,
    "RepetitionTime": 1.6,
    "ScanOptions": "PFP\\FS",
    "ScanningSequence": "EP",
    "SequenceVariant": "SK\\SS",
    "SeriesDescription": "func-bold_task-rest_dir-AP__cmrr_me4_s",
    "SeriesNumber": 14,
    "ShimSetting": [
      235,
      -1133,
      2691,
      674,
      434,
      -49,
      -22,
      -48
    ],
    "SliceThickness": 2.2,
    "SliceTiming": [
      0,
      0.8425,
      0.105,
      0.95,
      0.2125,
      1.055,
      0.3175,
      1.16,
      0.4225,
      1.265,
      0.5275,
      1.37,
      0.6325,
      1.475,
      0.7375,
      0,
      0.8425,
      0.105,
      0.95,
      0.2125,
      1.055,
      0.3175,
      1.16,
      0.4225,
      1.265,
      0.5275,
      1.37,
      0.6325,
      1.475,
      0.7375,
      0,
      0.8425,
      0.105,
      0.95,
      0.2125,
      1.055,
      0.3175,
      1.16,
      0.4225,
      1.265,
      0.5275,
      1.37,
      0.6325,
      1.475,
      0.7375,
      0,
      0.8425,
      0.105,
      0.95,
      0.2125,
      1.055,
      0.3175,
      1.16,
      0.4225,
      1.265,
      0.5275,
      1.37,
      0.6325,
      1.475,
      0.7375
    ],
    "SoftwareVersions": "syngo MR XA50",
    "SpacingBetweenSlices": 2.2,
    "StationName": "AWP202009",
    "TaskName": "rest",
    "TotalReadoutTime": 0.0327753,
    "TxRefAmp": 315.598,
    "WipMemBlock": "3f2056fd-e13a-4053-b879-d6d13adb8358||Sequence: R017 nxva50a/main r/da4fca61d; Oct  3 2023 08:23:56 by eja",
    "dataset": "HCPh",
    "datatype": "func",
    "direction": "AP",
    "extension": ".nii.gz",
    "modality": "bold",
    "part": "mag",
    "session": "20202030",
    "subject": "001",
    "suffix": "bold",
    "task": "rest"
  },
  "dummy_trs": 0,
  "dvars_nstd": 39.04655344495324,
  "dvars_std": 1.0112370918825098,
  "dvars_vstd": 0.9977823235380514,
  "efc": 0.6068,
  "fber": 241.3584,
  "fd_mean": 0.08304322269979977,
  "fd_num": 17,
  "fd_perc": 2.2666666666666666,
  "fwhm_avg": 2.892015188777488,
  "fwhm_x": 2.633407848690901,
  "fwhm_y": 3.064124145835469,
  "fwhm_z": 2.9785135718060936,
  "gcor": [
    0.0760086,
    0.0423738,
    0.0232507
  ],
  "gsr_x": -0.015402663499116898,
  "gsr_y": 0.10214158892631531,
  "provenance": {
    "md5sum": "9652210234712c0ba7c745af2535385d",
    "settings": {
      "fd_thres": 0.2,
      "testing": false
    },
    "software": "mriqc",
    "version": "24.1.0.dev15+g9586c867.d20240825"
  },
  "size_t": 750,
  "size_x": 96,
  "size_y": 96,
  "size_z": 60,
  "snr": 2.604997768436407,
  "spacing_tr": 1.600000023841858,
  "spacing_x": 2.197920083999634,
  "spacing_y": 2.197920083999634,
  "spacing_z": 2.200000047683716,
  "summary_bg_k": 9.7612,
  "summary_bg_mad": 111.0311,
  "summary_bg_mean": 1080.8277,
  "summary_bg_median": 408.0,
  "summary_bg_n": 415709.0,
  "summary_bg_p05": 0.0,
  "summary_bg_p95": 4989.0,
  "summary_bg_stdv": 1681.2383,
  "summary_fg_k": 1.3648,
  "summary_fg_mad": 2115.6278,
  "summary_fg_mean": 6650.1265,
  "summary_fg_median": 6332.0,
  "summary_fg_n": 137251.0,
  "summary_fg_p05": 3158.0,
  "summary_fg_p95": 10977.0,
  "summary_fg_stdv": 2430.7034,
  "tsnr": 31.550781793892384
}
