{
  "aor": [
    0.0007707051282051283,
    0.0006743589743589743,
    0.000816025641025641,
    0.0010776923076923077
  ],
  "aqi": [
    0.004165409615384615,
    0.006600464487179487,
    0.010950914615384614,
    0.02061941282051282
  ],
  "bids_meta": {
    "AcquisitionDuration": 275.442,
    "AcquisitionMatrixPE": 108,
    "AcquisitionNumber": 1,
    "AcquisitionTime": "18:17:38.827500",
    "B0FieldSource": [
      "pilot008pepolarbold",
      "pilot008phasediff"
    ],
    "BandwidthPerPixelPhaseEncode": 34.294,
    "BaseResolution": 108,
    "BodyPartExamined": "BRAIN",
    "CogAtlasID": "https://www.cognitiveatlas.org/id/trm_4c898a680e424/",
    "CoilCombinationMethod": "Sum of Squares",
    "CoilString": "HeadNeck_64",
    "ConversionSoftware": "dcm2niix",
    "ConversionSoftwareVersion": "v1.0.20220720",
    "DerivedVendorReportedEchoSpacing": 0.000539993,
    "DeviceSerialNumber": "67014",
    "DwellTime": 2e-6,
    "EchoNumber": 1,
    "EchoTime": 0.0126,
    "EchoTrainLength": 40,
    "EffectiveEchoSpacing": 0.000269996,
    "FileSize": 0.11802209727466106,
    "FileSizeUnits": "GB",
    "FlipAngle": 64,
    "HeudiconvVersion": "1.0.0",
    "ImageComments": "Unaliased MB4/PE4/LB",
    "ImageOrientationPatientDICOM": [
      0.997239,
      0.0607052,
      0.0427635,
      -0.0597709,
      0.997952,
      -0.0228
    ],
    "ImageType": [
      "ORIGINAL",
      "PRIMARY",
      "FMRI",
      "NONE"
    ],
    "ImageTypeText": [
      "ORIGINAL",
      "PRIMARY",
      "M",
      "MB",
      "TE1",
      "DIS2D"
    ],
    "ImagingFrequency": 123.248,
    "InPlanePhaseEncodingDirectionDICOM": "COL",
    "InstitutionAddress": "Rue du Bugnon 21,Lausanne,District,CH,1011",
    "InstitutionName": "CHUV",
    "MRAcquisitionType": "2D",
    "MTState": false,
    "MagneticFieldStrength": 3,
    "Manufacturer": "Siemens",
    "ManufacturersModelName": "MAGNETOM Prisma Fit",
    "MatrixCoilMode": "GRAPPA",
    "Modality": "MR",
    "MultibandAccelerationFactor": 4,
    "NonlinearGradientCorrection": true,
    "NumberOfVolumes": 156,
    "ParallelAcquisitionTechnique": "GRAPPA",
    "ParallelReductionFactorInPlane": 2,
    "PartialFourier": 0.75,
    "PartialFourierDirection": "PHASE",
    "PatientPosition": "HFS",
    "PercentPhaseFOV": 100,
    "PercentSampling": 100,
    "PhaseEncodingDirection": "j-",
    "PhaseResolution": 1,
    "PixelBandwidth": 2315,
    "ProcedureStepDescription": "https://www.axonlab.org/hcph-sops/",
    "ProtocolName": "func-bold_task-bht_dir-AP__cmrr_me4_sms4",
    "PulseSequenceDetails": "%CustomerSeq%\\cmrr_mbep2d_bold",
    "PulseSequenceName": "epfid2d4_108",
    "ReceiveCoilActiveElements": "HC1-6",
    "ReceiveCoilName": "HeadNeck_64",
    "ReconMatrixPE": 108,
    "RefLinesPE": 26,
    "RepetitionTime": 1.573,
    "ScanOptions": "PFP\\FS",
    "ScanningSequence": "EP",
    "SequenceVariant": "SK\\SS",
    "SeriesDescription": "func-bold_task-bht_dir-AP__cmrr_me4_sms4",
    "SeriesNumber": 24,
    "ShimSetting": [
      8231,
      -5635,
      -6006,
      695,
      -36,
      -128,
      -25,
      63
    ],
    "SliceThickness": 2,
    "SliceTiming": [
      0,
      0.3325,
      0.6675,
      1,
      1.3325,
      0.1125,
      0.445,
      0.7775,
      1.11,
      1.4425,
      0.2225,
      0.555,
      0.8875,
      1.22,
      0,
      0.3325,
      0.6675,
      1,
      1.3325,
      0.1125,
      0.445,
      0.7775,
      1.11,
      1.4425,
      0.2225,
      0.555,
      0.8875,
      1.22,
      0,
      0.3325,
      0.6675,
      1,
      1.3325,
      0.1125,
      0.445,
      0.7775,
      1.11,
      1.4425,
      0.2225,
      0.555,
      0.8875,
      1.22,
      0,
      0.3325,
      0.6675,
      1,
      1.3325,
      0.1125,
      0.445,
      0.7775,
      1.11,
      1.4425,
      0.2225,
      0.555,
      0.8875,
      1.22
    ],
    "SoftwareVersions": "syngo MR XA30",
    "SpacingBetweenSlices": 2,
    "StationName": "LRG10884",
    "TaskName": "Breath-holding Task (BHT)",
    "TotalReadoutTime": 0.0288896,
    "TxRefAmp": 244.677,
    "WipMemBlock": "3c4cbc74-f09c-4033-9d8f-5cd41e5708f1||Sequence: R017 nxva30a/master r/d34922cc2+; Jun 27 2022 13:20:16 by eja",
    "dataset": "HCPh",
    "datatype": "func",
    "direction": "AP",
    "extension": ".nii.gz",
    "modality": "bold",
    "session": "pilot008",
    "subject": "001",
    "suffix": "bold",
    "task": "bht"
  },
  "dummy_trs": 0,
  "dvars_nstd": 36.21737050729032,
  "dvars_std": 1.0401258020645168,
  "dvars_vstd": 1.0048041020645169,
  "efc": 0.5822,
  "fber": 624.587,
  "fd_mean": 0.1046306174849197,
  "fd_num": 9,
  "fd_perc": 5.769230769230769,
  "fwhm_avg": 3.487833333333333,
  "fwhm_x": 3.094225,
  "fwhm_y": 3.58459,
  "fwhm_z": 3.784685,
  "gcor": [
    0.0100795,
    0.0171663,
    0.0152984,
    0.0120964
  ],
  "gsr_x": 0.00011474895291030407,
  "gsr_y": 0.1122279167175293,
  "provenance": {
    "md5sum": "51ca07792ace90cc88d4f40640422a0b",
    "settings": {
      "fd_thres": 0.2,
      "testing": false
    },
    "software": "mriqc",
    "version": "24.1.0.dev15+g9586c867.d20240825"
  },
  "size_t": 156,
  "size_x": 108,
  "size_y": 108,
  "size_z": 56,
  "snr": 2.4629834795171273,
  "spacing_tr": 1.5729999542236328,
  "spacing_x": 2.0,
  "spacing_y": 2.0,
  "spacing_z": 2.0,
  "summary_bg_k": 10.3323,
  "summary_bg_mad": 21.5167,
  "summary_bg_mean": 138.0231,
  "summary_bg_median": 33.0,
  "summary_bg_n": 485859.0,
  "summary_bg_p05": 16.0,
  "summary_bg_p95": 758.0,
  "summary_bg_stdv": 262.5847,
  "summary_fg_k": 0.979,
  "summary_fg_mad": 298.4687,
  "summary_fg_mean": 858.0697,
  "summary_fg_median": 814.0,
  "summary_fg_n": 167325.0,
  "summary_fg_p05": 402.0,
  "summary_fg_p95": 1463.0,
  "summary_fg_stdv": 330.4925,
  "tsnr": 40.58865959011018
}
