{
  "NumberOfShells": 4,
  "bValues": [
    0.0,
    700.0,
    1000.0,
    2000.0,
    3000.0
  ],
  "bValuesEstimation": [
    700.0,
    1000.0,
    2000.0,
    3000.0
  ],
  "bdiffs_max": 0.4006,
  "bdiffs_mean": 0.2025,
  "bdiffs_median": 0.1991,
  "bdiffs_min": 0.0124,
  "bids_meta": {
    "AcquisitionMatrixPE": 148,
    "AcquisitionNumber": 1,
    "AcquisitionTime": "00:17:0.937500",
    "BandwidthPerPixelPhaseEncode": 14.077,
    "BaseResolution": 146,
    "BodyPartExamined": "BRAIN",
    "CoilCombinationMethod": "Adaptive Combine",
    "CoilString": "HeadNeck_64_CS",
    "ConversionSoftware": "dcm2niix",
    "ConversionSoftwareVersion": "v1.0.20220720",
    "Deltas": [
      0.0233,
      0.0475
    ],
    "DerivedVendorReportedEchoSpacing": 0.000959971,
    "DeviceSerialNumber": "202009",
    "DiffusionScheme": "Monopolar",
    "DwellTime": 2.1e-6,
    "EchoTime": 0.121,
    "EchoTrainLength": 64,
    "EffectiveEchoSpacing": 0.000479986,
    "FileSize": 0.33915860019624233,
    "FileSizeUnits": "GB",
    "FlipAngle": 90,
    "HeudiconvVersion": "1.1.6.post8+ga0a3635",
    "ImageOrientationPatientDICOM": [
      0.99784,
      0.0531687,
      0.0385889,
      -0.0337991,
      0.919153,
      -0.392447
    ],
    "ImageType": [
      "ORIGINAL",
      "PRIMARY",
      "DIFFUSION",
      "NONE",
      "ND",
      "NORM",
      "MFSPLIT"
    ],
    "ImageTypeText": [
      "ORIGINAL",
      "PRIMARY",
      "DIFFUSION",
      "NONE"
    ],
    "ImagingFrequency": 123.198,
    "InPlanePhaseEncodingDirectionDICOM": "COL",
    "InstitutionAddress": "Rue du Bugnon 46,Lausanne,,CH,1011",
    "InstitutionName": "CHUV Lausanne",
    "MRAcquisitionType": "2D",
    "MagneticFieldStrength": 3,
    "Manufacturer": "Siemens",
    "ManufacturersModelName": "MAGNETOM Vida Fit",
    "Modality": "MR",
    "MultibandAccelerationFactor": 3,
    "NonlinearGradientCorrection": false,
    "NumberOfVolumes": 280,
    "ParallelReductionFactorInPlane": 2,
    "PartialFourier": 0.875,
    "PatientPosition": "HFS",
    "PercentPhaseFOV": 101.37,
    "PercentSampling": 100,
    "PhaseEncodingDirection": "j-",
    "PhaseEncodingSteps": 148,
    "PhaseResolution": 1,
    "PixelBandwidth": 1631,
    "ProcedureStepDescription": "RESEARCH Oscar",
    "ProtocolName": "dwi-dwi_acq-highres_dir-AP",
    "PulseSequenceDetails": "%SiemensSeq%\\ep2d_diff",
    "ReceiveCoilActiveElements": "HC1-7;NC1",
    "ReceiveCoilName": "HeadNeck_64_CS",
    "ReconMatrixPE": 148,
    "RefLinesPE": 54,
    "RepetitionTime": 7,
    "SAR": 0.149523,
    "ScanOptions": "PFP\\FS\\PER",
    "ScanningSequence": "GR\\EP",
    "SequenceName": "*ep_b0",
    "SequenceVariant": "SK",
    "SeriesDescription": "dwi-dwi_acq-highres_dir-AP",
    "SeriesNumber": 18,
    "ShimSetting": [
      258,
      -1083,
      2597,
      639,
      530,
      -188,
      -179,
      48
    ],
    "SliceThickness": 1.6,
    "SliceTiming": [
      0,
      -0.001,
      -0.001,
      -0.001,
      -0.001,
      -0.001,
      -0.001,
      -0.001,
      -0.001,
      -0.001,
      -0.001,
      -0.001,
      -0.001,
      -0.001,
      -0.001,
      -0.001,
      -0.001,
      -0.001,
      -0.001,
      -0.001,
      -0.001,
      -0.001,
      -0.001,
      -0.001,
      -0.001,
      -0.001,
      -0.001,
      -0.001,
      -0.001,
      -0.001,
      -0.001,
      -0.001,
      -0.001,
      -0.001,
      -0.001,
      -0.001,
      -0.001,
      -0.001,
      -0.001,
      -0.001,
      -0.001,
      -0.001,
      -0.001,
      -0.001,
      -0.001,
      -0.001,
      -0.001,
      -0.001,
      -0.001,
      -0.001,
      -0.001,
      -0.001,
      -0.001,
      -0.001,
      -0.001,
      -0.001,
      -0.001,
      -0.001,
      -0.001,
      -0.001,
      -0.001,
      -0.001,
      -0.001,
      -0.001,
      -0.001,
      -0.001,
      -0.001,
      -0.001,
      -0.001,
      -0.001,
      -0.001,
      -0.001,
      -0.001,
      -0.001,
      -0.001,
      -0.001,
      -0.001,
      -0.001,
      -0.001,
      -0.001,
      -0.001,
      -0.001,
      -0.001,
      -0.001,
      -0.001,
      -0.001,
      -0.001
    ],
    "SoftwareVersions": "syngo MR XA50",
    "SpacingBetweenSlices": 1.6,
    "StationName": "AWP202009",
    "TotalReadoutTime": 0.0705579,
    "TxRefAmp": 316.404,
    "VendorReportedEchoSpacing": 0.00096,
    "acquisition": "highres",
    "dataset": "HCPh",
    "datatype": "dwi",
    "direction": "AP",
    "extension": ".nii.gz",
    "modality": "dwi",
    "session": "20303030",
    "subject": "001",
    "suffix": "dwi"
  },
  "efc_shell01": 0.3393,
  "efc_shell02": 0.4358,
  "efc_shell03": 0.4342,
  "efc_shell04": 0.4495,
  "efc_shell05": 0.461,
  "fa_degenerate": 0.0,
  "fa_nans": 0.0,
  "fber_shell01": 16376.9336,
  "fber_shell02": 5935.084,
  "fber_shell03": 4801.9849,
  "fber_shell04": 1611.9551,
  "fber_shell05": 815.6772,
  "fd_mean": 34.6747,
  "fd_num": 279,
  "fd_perc": 99.64285714285714,
  "ndc": 0.3363,
  "provenance": {
    "md5sum": "683b1c785e40e80ec394dc087e1d8475",
    "settings": {
      "testing": false
    },
    "software": "mriqc",
    "version": "24.1.0.dev15+g9586c867.d20240825"
  },
  "sigma_cc": 52.6324,
  "sigma_pca": 15.0299,
  "sigma_piesno": 0.3301,
  "snr_cc_shell0": 3.99,
  "snr_cc_shell1_best": 3.95,
  "snr_cc_shell1_worst": 3.95,
  "snr_cc_shell2_best": 2.68,
  "snr_cc_shell2_worst": 1.83,
  "snr_cc_shell3_best": 2.06,
  "snr_cc_shell3_worst": 1.87,
  "snr_cc_shell4_best": 1.25,
  "snr_cc_shell4_worst": 1.16,
  "spikes_global": 30.7,
  "spikes_slice_i": 172.52,
  "spikes_slice_j": 164.77,
  "spikes_slice_k": 191.4,
  "summary_bg_k": 294.5857,
  "summary_bg_mad": 1.4826,
  "summary_bg_mean": 8.812,
  "summary_bg_median": 1.0,
  "summary_bg_n": 1520798.0,
  "summary_bg_p05": 0.0,
  "summary_bg_p95": 34.0,
  "summary_bg_stdv": 35.7347,
  "summary_fg_k": 15.1565,
  "summary_fg_mad": 94.8865,
  "summary_fg_mean": 309.4975,
  "summary_fg_median": 226.0,
  "summary_fg_n": 359098.0,
  "summary_fg_p05": 87.0,
  "summary_fg_p95": 845.0,
  "summary_fg_stdv": 264.7662,
  "summary_wm_k": 38.273,
  "summary_wm_mad": 53.3737,
  "summary_wm_mean": 207.8949,
  "summary_wm_median": 197.0,
  "summary_wm_n": 121138.0,
  "summary_wm_p05": 87.0,
  "summary_wm_p95": 337.0,
  "summary_wm_stdv": 99.7407
}
