{
  "NumberOfShells": 4,
  "bValues": [
    0.0,
    700.0,
    1000.0,
    2000.0,
    3000.0
  ],
  "bValuesEstimation": [
    700.0,
    1000.0,
    2000.0,
    3000.0
  ],
  "bdiffs_max": 0.3466,
  "bdiffs_mean": 0.1693,
  "bdiffs_median": 0.1581,
  "bdiffs_min": 0.0094,
  "bids_meta": {
    "AcquisitionMatrixPE": 104,
    "AcquisitionNumber": 1,
    "AcquisitionTime": "19:20:39.132500",
    "B0FieldSource": [
      "021pepolarb0",
      "021phasediff"
    ],
    "BandwidthPerPixelPhaseEncode": 24.42,
    "BaseResolution": 146,
    "BodyPartExamined": "BRAIN",
    "CoilCombinationMethod": "Adaptive Combine",
    "CoilString": "HeadNeck_64",
    "ConversionSoftware": "dcm2niix",
    "ConversionSoftwareVersion": "v1.0.20220720",
    "Deltas": [
      0.0272,
      0.0469
    ],
    "DerivedVendorReportedEchoSpacing": 0.000787501,
    "DeviceSerialNumber": "67014",
    "DiffusionScheme": "Monopolar",
    "DwellTime": 2.1e-6,
    "EchoTime": 0.098,
    "EchoTrainLength": 46,
    "EffectiveEchoSpacing": 0.00039375,
    "FileSize": 0.34104334469884634,
    "FileSizeUnits": "GB",
    "FlipAngle": 90,
    "HeudiconvVersion": "1.0.0",
    "ImageOrientationPatientDICOM": [
      0.999815,
      0.00422346,
      0.0187525,
      -0.00383903,
      0.999783,
      -0.0204888
    ],
    "ImageType": [
      "ORIGINAL",
      "PRIMARY",
      "DIFFUSION",
      "NONE",
      "ND",
      "MFSPLIT"
    ],
    "ImageTypeText": [
      "ORIGINAL",
      "PRIMARY",
      "DIFFUSION",
      "NONE"
    ],
    "ImagingFrequency": 123.248,
    "InPlanePhaseEncodingDirectionDICOM": "ROW",
    "InstitutionAddress": "Rue du Bugnon 21,Lausanne,District,CH,1011",
    "InstitutionName": "CHUV",
    "MRAcquisitionType": "2D",
    "MagneticFieldStrength": 3,
    "Manufacturer": "Siemens",
    "ManufacturersModelName": "MAGNETOM Prisma Fit",
    "Modality": "MR",
    "MultibandAccelerationFactor": 3,
    "NonlinearGradientCorrection": false,
    "NumberOfVolumes": 280,
    "ParallelReductionFactorInPlane": 2,
    "PartialFourier": 0.875,
    "PatientPosition": "HFS",
    "PercentPhaseFOV": 71.2329,
    "PercentSampling": 100,
    "PhaseEncodingDirection": "i",
    "PhaseEncodingSteps": 104,
    "PhaseResolution": 1,
    "PixelBandwidth": 1631,
    "ProcedureStepDescription": "RESEARCH Oscar",
    "ProtocolName": "dwi-dwi_acq-highres_dir-RL__trigger_monopolar_71fovphase",
    "PulseSequenceDetails": "%CustomerSeq%\\ep2d_diff_trigg",
    "ReceiveCoilActiveElements": "HC1-6",
    "ReceiveCoilName": "HeadNeck_64",
    "ReconMatrixPE": 104,
    "RefLinesPE": 38,
    "RepetitionTime": 7,
    "SAR": 0.167298,
    "ScanOptions": "PFP\\FS\\PER",
    "ScanningSequence": "GR\\EP",
    "SequenceName": "ep_b0",
    "SequenceVariant": "SK",
    "SeriesDescription": "dwi-dwi_acq-highres_dir-RL__trigger_monopolar_71fovphase",
    "SeriesNumber": 10,
    "ShimSetting": [
      8215,
      -5630,
      -6039,
      618,
      -94,
      -312,
      46,
      59
    ],
    "SliceThickness": 1.6,
    "SliceTiming": [
      0,
      5.94,
      0.135,
      6.075,
      0.27,
      6.21,
      0.405,
      6.345,
      0.54,
      6.48,
      0.675,
      6.615,
      0.81,
      6.75,
      0.945,
      6.885,
      1.08,
      7.02,
      1.215,
      7.155,
      1.35,
      7.29,
      1.485,
      7.425,
      1.62,
      7.56,
      1.755,
      7.695,
      1.89,
      7.83,
      2.025,
      7.965,
      2.16,
      8.1,
      2.295,
      8.235,
      2.43,
      8.37,
      2.565,
      8.505,
      2.7,
      8.64,
      2.835,
      8.775,
      2.97,
      8.91,
      3.105,
      9.045,
      3.24,
      9.18,
      3.375,
      9.315,
      3.51,
      9.45,
      3.645,
      9.585,
      3.78,
      9.72,
      3.915,
      9.855,
      4.05,
      9.99,
      4.185,
      10.125,
      4.32,
      10.26,
      4.455,
      10.395,
      4.59,
      10.53,
      4.725,
      10.665,
      4.86,
      10.8,
      4.995,
      10.935,
      5.13,
      11.07,
      5.265,
      11.205,
      5.4,
      11.34,
      5.535,
      11.475,
      5.67,
      11.61,
      5.805
    ],
    "SoftwareVersions": "syngo MR XA30",
    "SpacingBetweenSlices": 1.6,
    "StationName": "LRG10884",
    "TotalReadoutTime": 0.0405563,
    "TxRefAmp": 248.137,
    "acquisition": "highres",
    "dataset": "HCPh",
    "datatype": "dwi",
    "direction": "RL",
    "extension": ".nii.gz",
    "modality": "dwi",
    "session": "021",
    "subject": "001",
    "suffix": "dwi"
  },
  "efc_shell01": 0.4723,
  "efc_shell02": 0.5825,
  "efc_shell03": 0.5991,
  "efc_shell04": 0.6456,
  "efc_shell05": 0.6658,
  "fa_degenerate": 0.0,
  "fa_nans": 0.0,
  "fber_shell01": 310.901,
  "fber_shell02": 131.2854,
  "fber_shell03": 87.3599,
  "fber_shell04": 33.4138,
  "fber_shell05": 19.0591,
  "fd_mean": 19.8626,
  "fd_num": 279,
  "fd_perc": 99.64285714285714,
  "ndc": 0.3569,
  "provenance": {
    "md5sum": "0997b96a9744aaf0e6f4de2754132421",
    "settings": {
      "testing": false
    },
    "software": "mriqc",
    "version": "24.1.0.dev15+g9586c867.d20240825"
  },
  "sigma_cc": 40.0303,
  "sigma_pca": 19.1671,
  "sigma_piesno": 7.2633,
  "snr_cc_shell0": 4.75,
  "snr_cc_shell1_best": 4.59,
  "snr_cc_shell1_worst": 4.59,
  "snr_cc_shell2_best": 3.0,
  "snr_cc_shell2_worst": 2.22,
  "snr_cc_shell3_best": 2.57,
  "snr_cc_shell3_worst": 1.69,
  "snr_cc_shell4_best": 1.81,
  "snr_cc_shell4_worst": 1.22,
  "spikes_global": 50.54,
  "spikes_slice_i": 326.72,
  "spikes_slice_j": 340.25,
  "spikes_slice_k": 274.25,
  "summary_bg_k": 221.5058,
  "summary_bg_mad": 17.7912,
  "summary_bg_mean": 41.0309,
  "summary_bg_median": 18.0,
  "summary_bg_n": 954672.0,
  "summary_bg_p05": 3.0,
  "summary_bg_p95": 135.0,
  "summary_bg_stdv": 99.9403,
  "summary_fg_k": 9.3888,
  "summary_fg_mad": 169.0167,
  "summary_fg_mean": 393.5584,
  "summary_fg_median": 305.0,
  "summary_fg_n": 366336.0,
  "summary_fg_p05": 104.0,
  "summary_fg_p95": 1022.0,
  "summary_fg_stdv": 310.7321,
  "summary_wm_k": 6.414,
  "summary_wm_mad": 78.5779,
  "summary_wm_mean": 214.4144,
  "summary_wm_median": 212.0,
  "summary_wm_n": 100649.0,
  "summary_wm_p05": 83.0,
  "summary_wm_p95": 350.0,
  "summary_wm_stdv": 83.8365
}
