{
  "bids_meta": {
    "AcquisitionMatrixPE": 320,
    "AcquisitionNumber": 1,
    "AcquisitionTime": "23:11:37.920000",
    "BaseResolution": 320,
    "BodyPartExamined": "BRAIN",
    "CoilCombinationMethod": "Adaptive Combine",
    "CoilString": "HeadNeck_64_CS",
    "ConversionSoftware": "dcm2niix",
    "ConversionSoftwareVersion": "v1.0.20220720",
    "DeviceSerialNumber": "176240",
    "DwellTime": 2.2e-6,
    "EchoTime": 0.413,
    "EchoTrainLength": 248,
    "FileSize": 0.015446534380316734,
    "FileSizeUnits": "GB",
    "FlipAngle": 120,
    "HeudiconvVersion": "1.1.6.post8+ga0a3635",
    "ImageOrientationPatientDICOM": [
      0.00444547,
      0.995253,
      0.0972205,
      0.0180447,
      0.0971258,
      -0.995109
    ],
    "ImageType": [
      "ORIGINAL",
      "PRIMARY",
      "M",
      "NORM",
      "DIS3D",
      "MFSPLIT"
    ],
    "ImageTypeText": [
      "ORIGINAL",
      "PRIMARY",
      "M",
      "NONE"
    ],
    "ImagingFrequency": 123.261,
    "InPlanePhaseEncodingDirectionDICOM": "ROW",
    "InstitutionAddress": "Rue de Bugnon 46,Lausanne,,CH,1011",
    "InstitutionName": "Radiologie-CHUV",
    "MRAcquisitionType": "3D",
    "MagneticFieldStrength": 3,
    "Manufacturer": "Siemens",
    "ManufacturersModelName": "MAGNETOM Vida",
    "MatrixCoilMode": "GRAPPA",
    "Modality": "MR",
    "NonlinearGradientCorrection": true,
    "NumberOfVolumes": 1,
    "ParallelReductionFactorInPlane": 3,
    "PartialFourier": 1,
    "PatientPosition": "HFS",
    "PercentPhaseFOV": 100,
    "PercentSampling": 100,
    "PhaseEncodingDirection": "i",
    "PhaseEncodingSteps": 320,
    "PhaseResolution": 1,
    "PixelBandwidth": 710,
    "ProcedureStepDescription": "Research Oscar",
    "ProtocolName": "anat-T2w__space",
    "PulseSequenceDetails": "%SiemensSeq%\\space",
    "ReceiveCoilActiveElements": "HC1-7;NC1,2",
    "ReceiveCoilName": "HeadNeck_64_CS",
    "ReconMatrixPE": 320,
    "RefLinesPE": 24,
    "RepetitionTime": 3.2,
    "SAR": 0.170553,
    "ScanOptions": "PFP\\PER",
    "ScanningSequence": "SE",
    "SequenceName": "*spcR_282ns",
    "SequenceVariant": "SP\\SK",
    "SeriesDescription": "anat-T2w__space",
    "SeriesNumber": 24,
    "ShimSetting": [
      -8778,
      8428,
      9145,
      105,
      -256,
      11,
      89,
      62
    ],
    "SliceThickness": 0.8,
    "SoftwareVersions": "syngo MR XA50",
    "StationName": "LRG08892",
    "TxRefAmp": 336.036,
    "acquisition": "undistorted",
    "dataset": "HCPh",
    "datatype": "anat",
    "extension": ".nii.gz",
    "modality": "T2w",
    "session": "20601034",
    "subject": "001",
    "suffix": "T2w"
  },
  "cjv": 1.5251169642857145,
  "cnr": 0.6312020907861295,
  "efc": 0.482,
  "fber": -1.0,
  "fwhm_avg": 2.64038528806048,
  "fwhm_x": 2.5118184447868495,
  "fwhm_y": 2.8825374570468445,
  "fwhm_z": 2.5267999623477464,
  "icvs_csf": 0.2771567766744439,
  "icvs_gm": 0.343729986104588,
  "icvs_wm": 0.3791132372209682,
  "inu_med": 1.0424549579620361,
  "inu_range": 0.35205296277999876,
  "provenance": {
    "md5sum": "a75d713efca8f0c8eaa0ff28d9dd28ec",
    "settings": {
      "testing": false
    },
    "software": "mriqc",
    "version": "24.1.0.dev15+g9586c867.d20240825",
    "warnings": {
      "large_rot_frame": true,
      "small_air_mask": false
    }
  },
  "qi_1": 0.0,
  "qi_2": 0.0019735500614964006,
  "rpve_csf": 8.261684101684363,
  "rpve_gm": 8.106120263515617,
  "rpve_wm": 8.141046300496612,
  "size_x": 240,
  "size_y": 320,
  "size_z": 320,
  "snr_csf": 1.3802966078973036,
  "snr_gm": 4.437739791460764,
  "snr_total": 4.12955359650802,
  "snr_wm": 6.570624390165993,
  "snrd_csf": 33.27285245399263,
  "snrd_gm": 28.567389347676883,
  "snrd_total": 28.574360404130687,
  "snrd_wm": 23.88283941072255,
  "spacing_x": 0.800133466720581,
  "spacing_y": 0.800000011920929,
  "spacing_z": 0.800000011920929,
  "summary_bg_k": 785.1159,
  "summary_bg_mad": 0.0,
  "summary_bg_mean": 2.0654,
  "summary_bg_median": 0.0,
  "summary_bg_n": 6907558.0,
  "summary_bg_p05": 0.0,
  "summary_bg_p95": 0.0,
  "summary_bg_stdv": 31.3265,
  "summary_csf_k": -1.3961,
  "summary_csf_mad": 1846.0796,
  "summary_csf_mean": 1671.9097,
  "summary_csf_median": 1591.0,
  "summary_csf_n": 814329.5698024239,
  "summary_csf_p05": 0.0,
  "summary_csf_p95": 3641.0,
  "summary_csf_stdv": 1152.6501,
  "summary_gm_k": 36.2791,
  "summary_gm_mad": 205.0781,
  "summary_gm_mean": 1363.6513,
  "summary_gm_median": 1366.0,
  "summary_gm_n": 1009931.9781075815,
  "summary_gm_p05": 903.0,
  "summary_gm_p95": 1861.0,
  "summary_gm_stdv": 307.8142,
  "summary_wm_k": 105.1647,
  "summary_wm_mad": 136.5481,
  "summary_wm_mean": 1154.4792,
  "summary_wm_median": 1142.0,
  "summary_wm_n": 1113893.4543721806,
  "summary_wm_p05": 910.0,
  "summary_wm_p95": 1429.0,
  "summary_wm_stdv": 173.8038,
  "tpm_overlap_csf": 0.20697705313180623,
  "tpm_overlap_gm": 0.5042153178512326,
  "tpm_overlap_wm": 0.5225661940090818,
  "wm2max": 0.2828267232902535
}
