{
  "bids_meta": {
    "AcquisitionMatrixPE": 216,
    "AcquisitionNumber": 1,
    "AcquisitionTime": "23:18:12.305000",
    "BaseResolution": 256,
    "BodyPartExamined": "BRAIN",
    "CoilCombinationMethod": "Adaptive Combine",
    "CoilString": "HeadNeck_64_CS",
    "ConversionSoftware": "dcm2niix",
    "ConversionSoftwareVersion": "v1.0.20220720",
    "DeviceSerialNumber": "176240",
    "DwellTime": 7.5e-6,
    "EchoTime": 0.00246,
    "FileSize": 0.009346259757876396,
    "FileSizeUnits": "GB",
    "FlipAngle": 8,
    "HeudiconvVersion": "1.1.6.post8+ga0a3635",
    "ImageOrientationPatientDICOM": [
      0.999827,
      -0.00626148,
      0.0175375,
      0.00750375,
      0.997399,
      -0.0716898
    ],
    "ImageType": [
      "ORIGINAL",
      "PRIMARY",
      "M",
      "NORM",
      "DIS2D",
      "FM3",
      "2",
      "FIL",
      "MFSPLIT"
    ],
    "ImageTypeText": [
      "ORIGINAL",
      "PRIMARY",
      "M",
      "NONE"
    ],
    "ImagingFrequency": 123.261,
    "InPlanePhaseEncodingDirectionDICOM": "ROW",
    "InstitutionAddress": "Rue de Bugnon 46,Lausanne,,CH,1011",
    "InstitutionName": "Radiologie-CHUV",
    "InversionTime": 0.9,
    "MRAcquisitionType": "3D",
    "MagneticFieldStrength": 3,
    "Manufacturer": "Siemens",
    "ManufacturersModelName": "MAGNETOM Vida",
    "MatrixCoilMode": "GRAPPA",
    "Modality": "MR",
    "NonlinearGradientCorrection": true,
    "NumberOfVolumes": 1,
    "ParallelReductionFactorInPlane": 2,
    "PartialFourier": 1,
    "PatientPosition": "HFS",
    "PercentPhaseFOV": 84.375,
    "PercentSampling": 100,
    "PhaseEncodingSteps": 216,
    "PhaseResolution": 1,
    "PixelBandwidth": 260,
    "ProcedureStepDescription": "Research Oscar",
    "ProtocolName": "anat-T1w__t1_mprage_tra_p2_iso_siemens_axial",
    "PulseSequenceDetails": "%SiemensSeq%\\tfl",
    "ReceiveCoilActiveElements": "HC1-7;NC1",
    "ReceiveCoilName": "HeadNeck_64_CS",
    "ReconMatrixPE": 216,
    "RefLinesPE": 24,
    "RepetitionTime": 2.2,
    "SAR": 0.0447391,
    "ScanOptions": "PER",
    "ScanningSequence": "GR",
    "SequenceName": "*tfl3d1_240",
    "SequenceVariant": "SK",
    "SeriesDescription": "anat-T1w__t1_mprage_tra_p2_iso_siemens_axial",
    "SeriesNumber": 25,
    "ShimSetting": [
      -8778,
      8428,
      9145,
      105,
      -256,
      11,
      89,
      62
    ],
    "SliceThickness": 0.9,
    "SoftwareVersions": "syngo MR XA50",
    "StationName": "LRG08892",
    "TxRefAmp": 315.984,
    "acquisition": "undistorted",
    "dataset": "HCPh",
    "datatype": "anat",
    "extension": ".nii.gz",
    "modality": "T1w",
    "run": 2,
    "session": "20601034",
    "subject": "001",
    "suffix": "T1w"
  },
  "cjv": 0.5836846153846155,
  "cnr": 1.6658189011971487,
  "efc": 0.5289,
  "fber": 16147.5455,
  "fwhm_avg": 4.695758647224333,
  "fwhm_x": 4.3562829053355845,
  "fwhm_y": 5.226315139226425,
  "fwhm_z": 4.50467789711099,
  "icvs_csf": 0.27511794696691333,
  "icvs_gm": 0.3777433908004519,
  "icvs_wm": 0.3471386622326348,
  "inu_med": 0.5296605229377747,
  "inu_range": 0.24888973832130434,
  "provenance": {
    "md5sum": "123d084a7fdcafd2f9ded43c423a2cd0",
    "settings": {
      "testing": false
    },
    "software": "mriqc",
    "version": "24.1.0.dev15+g9586c867.d20240825",
    "warnings": {
      "large_rot_frame": true,
      "small_air_mask": false
    }
  },
  "qi_1": 0.0,
  "qi_2": 0.000658865235744062,
  "rpve_csf": 5.359402977197854,
  "rpve_gm": 5.262297819385052,
  "rpve_wm": 5.345391812190024,
  "size_x": 216,
  "size_y": 256,
  "size_z": 208,
  "snr_csf": 1.6757651724792537,
  "snr_gm": 5.533742099526948,
  "snr_total": 5.906675682248358,
  "snr_wm": 10.510519774738873,
  "snrd_csf": 56.34965755521539,
  "snrd_gm": 111.42587652161234,
  "snrd_total": 106.86272157834632,
  "snrd_wm": 152.81263065821122,
  "spacing_x": 0.8984379768371582,
  "spacing_y": 0.8984379768371582,
  "spacing_z": 0.8999999761581421,
  "summary_bg_k": 26.3206,
  "summary_bg_mad": 0.0,
  "summary_bg_mean": 2.5782,
  "summary_bg_median": 0.0,
  "summary_bg_n": 3593680.0,
  "summary_bg_p05": 0.0,
  "summary_bg_p95": 11.0,
  "summary_bg_stdv": 4.1157,
  "summary_csf_k": 0.4835,
  "summary_csf_mad": 170.4218,
  "summary_csf_mean": 368.4278,
  "summary_csf_median": 354.0,
  "summary_csf_n": 580489.2396162876,
  "summary_csf_p05": 42.0,
  "summary_csf_p95": 720.0,
  "summary_csf_stdv": 211.2466,
  "summary_gm_k": -0.3497,
  "summary_gm_mad": 85.528,
  "summary_gm_mean": 705.0053,
  "summary_gm_median": 700.0,
  "summary_gm_n": 797025.3344548382,
  "summary_gm_p05": 499.0,
  "summary_gm_p95": 945.0,
  "summary_gm_stdv": 126.4966,
  "summary_wm_k": 0.2409,
  "summary_wm_mad": 66.23,
  "summary_wm_mean": 936.1444,
  "summary_wm_median": 960.0,
  "summary_wm_n": 732450.4282705768,
  "summary_wm_p05": 754.0,
  "summary_wm_p95": 1048.0,
  "summary_wm_stdv": 91.337,
  "tpm_overlap_csf": 0.1964615455037513,
  "tpm_overlap_gm": 0.5436966166885259,
  "tpm_overlap_wm": 0.5522723913682352,
  "wm2max": 0.49551049872712766
}
