{
  "bids_meta": {
    "AcquisitionMatrixPE": 320,
    "AcquisitionNumber": 1,
    "AcquisitionTime": "23:11:37.920000",
    "BaseResolution": 320,
    "BodyPartExamined": "BRAIN",
    "CoilCombinationMethod": "Adaptive Combine",
    "CoilString": "HeadNeck_64_CS",
    "ConversionSoftware": "dcm2niix",
    "ConversionSoftwareVersion": "v1.0.20220720",
    "DeviceSerialNumber": "176240",
    "DwellTime": 2.2e-6,
    "EchoTime": 0.413,
    "EchoTrainLength": 248,
    "FileSize": 0.016388654708862305,
    "FileSizeUnits": "GB",
    "FlipAngle": 120,
    "HeudiconvVersion": "1.1.6.post8+ga0a3635",
    "ImageOrientationPatientDICOM": [
      0.00444547,
      0.995253,
      0.0972205,
      0.0180447,
      0.0971258,
      -0.995109
    ],
    "ImageType": [
      "ORIGINAL",
      "PRIMARY",
      "M",
      "ND",
      "NORM",
      "MFSPLIT"
    ],
    "ImageTypeText": [
      "ORIGINAL",
      "PRIMARY",
      "M",
      "NONE"
    ],
    "ImagingFrequency": 123.261,
    "InPlanePhaseEncodingDirectionDICOM": "ROW",
    "InstitutionAddress": "Rue de Bugnon 46,Lausanne,,CH,1011",
    "InstitutionName": "Radiologie-CHUV",
    "MRAcquisitionType": "3D",
    "MagneticFieldStrength": 3,
    "Manufacturer": "Siemens",
    "ManufacturersModelName": "MAGNETOM Vida",
    "MatrixCoilMode": "GRAPPA",
    "Modality": "MR",
    "NonlinearGradientCorrection": false,
    "NumberOfVolumes": 1,
    "ParallelReductionFactorInPlane": 3,
    "PartialFourier": 1,
    "PatientPosition": "HFS",
    "PercentPhaseFOV": 100,
    "PercentSampling": 100,
    "PhaseEncodingDirection": "i",
    "PhaseEncodingSteps": 320,
    "PhaseResolution": 1,
    "PixelBandwidth": 710,
    "ProcedureStepDescription": "Research Oscar",
    "ProtocolName": "anat-T2w__space",
    "PulseSequenceDetails": "%SiemensSeq%\\space",
    "ReceiveCoilActiveElements": "HC1-7;NC1,2",
    "ReceiveCoilName": "HeadNeck_64_CS",
    "ReconMatrixPE": 320,
    "RefLinesPE": 24,
    "RepetitionTime": 3.2,
    "SAR": 0.170553,
    "ScanOptions": "PFP\\PER",
    "ScanningSequence": "SE",
    "SequenceName": "*spcR_282ns",
    "SequenceVariant": "SP\\SK",
    "SeriesDescription": "anat-T2w__space_ND",
    "SeriesNumber": 23,
    "ShimSetting": [
      -8778,
      8428,
      9145,
      105,
      -256,
      11,
      89,
      62
    ],
    "SliceThickness": 0.8,
    "SoftwareVersions": "syngo MR XA50",
    "StationName": "LRG08892",
    "TxRefAmp": 336.036,
    "acquisition": "original",
    "dataset": "HCPh",
    "datatype": "anat",
    "extension": ".nii.gz",
    "modality": "T2w",
    "session": "20601034",
    "subject": "001",
    "suffix": "T2w"
  },
  "cjv": 1.4938775119617227,
  "cnr": 0.6413852080627355,
  "efc": 0.4766,
  "fber": -1.0,
  "fwhm_avg": 2.6091506920735497,
  "fwhm_x": 2.459602156207846,
  "fwhm_y": 2.8771999571263795,
  "fwhm_z": 2.4906499628864234,
  "icvs_csf": 0.2761902674083151,
  "icvs_gm": 0.34918222573512997,
  "icvs_wm": 0.374627506856555,
  "inu_med": 0.9887049198150635,
  "inu_range": 0.26726644039154057,
  "provenance": {
    "md5sum": "275af15f288ccc7c3e4a9172f46b7fe7",
    "settings": {
      "testing": false
    },
    "software": "mriqc",
    "version": "24.1.0.dev15+g9586c867.d20240825",
    "warnings": {
      "large_rot_frame": true,
      "small_air_mask": false
    }
  },
  "qi_1": 0.0,
  "qi_2": 0.00254788981251494,
  "rpve_csf": 8.261620705645887,
  "rpve_gm": 8.096170490289675,
  "rpve_wm": 8.127659607640418,
  "size_x": 240,
  "size_y": 320,
  "size_z": 320,
  "snr_csf": 1.4249424736382659,
  "snr_gm": 4.976207478527026,
  "snr_total": 4.309817664861236,
  "snr_wm": 6.528303042418418,
  "snrd_csf": 33.7287373137021,
  "snrd_gm": 29.70142539564812,
  "snrd_total": 29.519029022547844,
  "snrd_wm": 25.126924358293323,
  "spacing_x": 0.800133466720581,
  "spacing_y": 0.800000011920929,
  "spacing_z": 0.800000011920929,
  "summary_bg_k": 799.5571,
  "summary_bg_mad": 0.0,
  "summary_bg_mean": 2.3189,
  "summary_bg_median": 0.0,
  "summary_bg_n": 6945982.0,
  "summary_bg_p05": 0.0,
  "summary_bg_p95": 14.0,
  "summary_bg_stdv": 29.9319,
  "summary_csf_k": -1.3867,
  "summary_csf_mad": 1723.1262,
  "summary_csf_mean": 1620.8919,
  "summary_csf_median": 1541.0,
  "summary_csf_n": 811751.367725498,
  "summary_csf_p05": 89.0,
  "summary_csf_p95": 3538.0,
  "summary_csf_stdv": 1081.4465,
  "summary_gm_k": 42.9443,
  "summary_gm_mad": 174.1746,
  "summary_gm_mean": 1353.0132,
  "summary_gm_median": 1357.0,
  "summary_gm_n": 1026282.178534839,
  "summary_gm_p05": 938.0,
  "summary_gm_p95": 1789.0,
  "summary_gm_stdv": 272.6975,
  "summary_wm_k": 91.3515,
  "summary_wm_mad": 138.0458,
  "summary_wm_mean": 1160.5915,
  "summary_wm_median": 1148.0,
  "summary_wm_n": 1101068.4552067108,
  "summary_wm_p05": 913.0,
  "summary_wm_p95": 1437.0,
  "summary_wm_stdv": 175.8496,
  "tpm_overlap_csf": 0.20542064473438634,
  "tpm_overlap_gm": 0.5146657799539615,
  "tpm_overlap_wm": 0.5256292568110725,
  "wm2max": 0.2999270300218587
}
