{
  "bids_meta": {
    "AcquisitionMatrixPE": 216,
    "AcquisitionNumber": 1,
    "AcquisitionTime": "21:59:46.632500",
    "BaseResolution": 256,
    "BodyPartExamined": "BRAIN",
    "CoilCombinationMethod": "Adaptive Combine",
    "CoilString": "HeadNeck_64_CS",
    "ConversionSoftware": "dcm2niix",
    "ConversionSoftwareVersion": "v1.0.20220720",
    "DeviceSerialNumber": "176240",
    "DwellTime": 7.5e-6,
    "EchoTime": 0.00246,
    "FileSize": 0.00936228595674038,
    "FileSizeUnits": "GB",
    "FlipAngle": 8,
    "HeudiconvVersion": "1.1.6.post8+ga0a3635",
    "ImageOrientationPatientDICOM": [
      0.999827,
      -0.00626148,
      0.0175375,
      0.00750375,
      0.997399,
      -0.0716898
    ],
    "ImageType": [
      "ORIGINAL",
      "PRIMARY",
      "M",
      "NORM",
      "DIS2D",
      "FM3",
      "2",
      "FIL",
      "MFSPLIT"
    ],
    "ImageTypeText": [
      "ORIGINAL",
      "PRIMARY",
      "M",
      "NONE"
    ],
    "ImagingFrequency": 123.261,
    "InPlanePhaseEncodingDirectionDICOM": "ROW",
    "InstitutionAddress": "Rue de Bugnon 46,Lausanne,,CH,1011",
    "InstitutionName": "Radiologie-CHUV",
    "InversionTime": 0.9,
    "MRAcquisitionType": "3D",
    "MagneticFieldStrength": 3,
    "Manufacturer": "Siemens",
    "ManufacturersModelName": "MAGNETOM Vida",
    "MatrixCoilMode": "GRAPPA",
    "Modality": "MR",
    "NonlinearGradientCorrection": true,
    "NumberOfVolumes": 1,
    "ParallelReductionFactorInPlane": 2,
    "PartialFourier": 1,
    "PatientPosition": "HFS",
    "PercentPhaseFOV": 84.375,
    "PercentSampling": 100,
    "PhaseEncodingSteps": 216,
    "PhaseResolution": 1,
    "PixelBandwidth": 260,
    "ProcedureStepDescription": "Research Oscar",
    "ProtocolName": "anat-T1w__t1_mprage_tra_p2_iso_siemens_axial",
    "PulseSequenceDetails": "%SiemensSeq%\\tfl",
    "ReceiveCoilActiveElements": "HC1-7;NC1",
    "ReceiveCoilName": "HeadNeck_64_CS",
    "ReconMatrixPE": 216,
    "RefLinesPE": 24,
    "RepetitionTime": 2.2,
    "SAR": 0.0447391,
    "ScanOptions": "PER",
    "ScanningSequence": "GR",
    "SequenceName": "*tfl3d1_240",
    "SequenceVariant": "SK",
    "SeriesDescription": "anat-T1w__t1_mprage_tra_p2_iso_siemens_axial",
    "SeriesNumber": 5,
    "ShimSetting": [
      -8778,
      8428,
      9145,
      105,
      -256,
      11,
      89,
      62
    ],
    "SliceThickness": 0.9,
    "SoftwareVersions": "syngo MR XA50",
    "StationName": "LRG08892",
    "TxRefAmp": 315.984,
    "acquisition": "undistorted",
    "dataset": "HCPh",
    "datatype": "anat",
    "extension": ".nii.gz",
    "modality": "T1w",
    "run": 1,
    "session": "20601034",
    "subject": "001",
    "suffix": "T1w"
  },
  "cjv": 0.58663671875,
  "cnr": 1.66650168259096,
  "efc": 0.5259,
  "fber": 16652.2193,
  "fwhm_avg": 4.688692542954606,
  "fwhm_x": 4.3387079581415815,
  "fwhm_y": 5.232058440526049,
  "fwhm_z": 4.49531123019619,
  "icvs_csf": 0.27320790920073845,
  "icvs_gm": 0.37844002374086266,
  "icvs_wm": 0.34835206705839894,
  "inu_med": 0.5236321687698364,
  "inu_range": 0.2505843997001648,
  "provenance": {
    "md5sum": "d37f4dcf6f3ed2f1609a1704f20530c1",
    "settings": {
      "testing": false
    },
    "software": "mriqc",
    "version": "24.1.0.dev15+g9586c867.d20240825",
    "warnings": {
      "large_rot_frame": true,
      "small_air_mask": false
    }
  },
  "qi_1": 0.0,
  "qi_2": 0.001056424898396787,
  "rpve_csf": 5.363410340987131,
  "rpve_gm": 5.267090310415153,
  "rpve_wm": 5.349110383643106,
  "size_x": 216,
  "size_y": 256,
  "size_z": 208,
  "snr_csf": 1.675864429200576,
  "snr_gm": 5.658231037342171,
  "snr_total": 6.012802619662435,
  "snr_wm": 10.704312392444557,
  "snrd_csf": 20.090495947075087,
  "snrd_gm": 39.67308609773536,
  "snrd_total": 37.961255450559484,
  "snrd_wm": 54.120184306868005,
  "spacing_x": 0.8984379768371582,
  "spacing_y": 0.8984379768371582,
  "spacing_z": 0.8999999761581421,
  "summary_bg_k": 2801.0194,
  "summary_bg_mad": 0.0,
  "summary_bg_mean": 2.7882,
  "summary_bg_median": 0.0,
  "summary_bg_n": 3653027.0,
  "summary_bg_p05": 0.0,
  "summary_bg_p95": 11.0,
  "summary_bg_stdv": 11.6089,
  "summary_csf_k": 0.4953,
  "summary_csf_mad": 170.9493,
  "summary_csf_mean": 371.418,
  "summary_csf_median": 356.0,
  "summary_csf_n": 576115.431229728,
  "summary_csf_p05": 41.0,
  "summary_csf_p95": 724.0,
  "summary_csf_stdv": 212.4275,
  "summary_gm_k": -0.578,
  "summary_gm_mad": 84.9032,
  "summary_gm_mean": 707.4436,
  "summary_gm_median": 703.0,
  "summary_gm_n": 798019.1280328656,
  "summary_gm_p05": 505.0,
  "summary_gm_p95": 943.0,
  "summary_gm_stdv": 124.2437,
  "summary_wm_k": 0.1106,
  "summary_wm_mad": 65.2758,
  "summary_wm_mean": 936.1191,
  "summary_wm_median": 959.0,
  "summary_wm_n": 734572.4430900707,
  "summary_wm_p05": 757.0,
  "summary_wm_p95": 1046.0,
  "summary_wm_stdv": 89.59,
  "tpm_overlap_csf": 0.20071427563834307,
  "tpm_overlap_gm": 0.5456747451454016,
  "tpm_overlap_wm": 0.5552729091535383,
  "wm2max": 0.5002177368171687
}
