{
  "NumberOfShells": 4,
  "bValues": [
    0.0,
    700.0,
    1000.0,
    2000.0,
    3000.0
  ],
  "bValuesEstimation": [
    700.0,
    1000.0,
    2000.0,
    3000.0
  ],
  "bdiffs_max": 0.0951,
  "bdiffs_mean": 0.0117,
  "bdiffs_median": 0.0106,
  "bdiffs_min": 0.002,
  "bids_meta": {
    "AcquisitionMatrixPE": 146,
    "AcquisitionNumber": 1,
    "AcquisitionTime": "00:26:5.447500",
    "BandwidthPerPixelPhaseEncode": 14.573,
    "BaseResolution": 146,
    "BodyPartExamined": "BRAIN",
    "CoilCombinationMethod": "Adaptive Combine",
    "CoilString": "HeadNeck_64",
    "ConversionSoftware": "dcm2niix",
    "ConversionSoftwareVersion": "v1.0.20220720",
    "Deltas": [
      0.0272,
      0.0469
    ],
    "DerivedVendorReportedEchoSpacing": 0.000940001,
    "DeviceSerialNumber": "67014",
    "DiffusionScheme": "Monopolar",
    "DwellTime": 2.1e-6,
    "EchoTime": 0.121,
    "EchoTrainLength": 64,
    "EffectiveEchoSpacing": 0.00047,
    "FileSize": 0.41162293776869774,
    "FileSizeUnits": "GB",
    "FlipAngle": 90,
    "HeudiconvVersion": "1.1.6.post8+ga0a3635",
    "ImageOrientationPatientDICOM": [
      0.999728,
      0.0186043,
      0.0140898,
      -0.0101205,
      0.889626,
      -0.456578
    ],
    "ImageType": [
      "ORIGINAL",
      "PRIMARY",
      "DIFFUSION",
      "NONE",
      "ND",
      "MFSPLIT"
    ],
    "ImageTypeText": [
      "ORIGINAL",
      "PRIMARY",
      "DIFFUSION",
      "NONE"
    ],
    "ImagingFrequency": 123.248,
    "InPlanePhaseEncodingDirectionDICOM": "ROW",
    "InstitutionAddress": "Rue du Bugnon 21,Lausanne,District,CH,1011",
    "InstitutionName": "CHUV",
    "MRAcquisitionType": "2D",
    "MagneticFieldStrength": 3,
    "Manufacturer": "Siemens",
    "ManufacturersModelName": "MAGNETOM Prisma Fit",
    "Modality": "MR",
    "MultibandAccelerationFactor": 3,
    "NonlinearGradientCorrection": false,
    "NumberOfVolumes": 280,
    "ParallelReductionFactorInPlane": 2,
    "PartialFourier": 0.875,
    "PatientPosition": "HFS",
    "PercentPhaseFOV": 100,
    "PercentSampling": 100,
    "PhaseEncodingDirection": "i-",
    "PhaseEncodingSteps": 146,
    "PhaseResolution": 1,
    "PixelBandwidth": 1631,
    "ProcedureStepDescription": "RESEARCH Oscar",
    "ProtocolName": "dwi-dwi_acq-highres_dir-LR__trigger_monopolar",
    "PulseSequenceDetails": "%CustomerSeq%\\ep2d_diff_trigg",
    "ReceiveCoilActiveElements": "HC1-7;NC1",
    "ReceiveCoilName": "HeadNeck_64",
    "ReconMatrixPE": 146,
    "RefLinesPE": 54,
    "RepetitionTime": 7,
    "SAR": 0.151769,
    "ScanOptions": "PFP\\FS\\PER",
    "ScanningSequence": "GR\\EP",
    "SequenceName": "ep_b0",
    "SequenceVariant": "SK",
    "SeriesDescription": "dwi-dwi_acq-highres_dir-LR__trigger_monopolar",
    "SeriesNumber": 22,
    "ShimSetting": [
      8242,
      -5647,
      -5988,
      688,
      -31,
      -244,
      -2,
      35
    ],
    "SliceThickness": 1.6,
    "SliceTiming": [
      0,
      7.56,
      0.1725,
      7.7325,
      0.3425,
      7.905,
      0.515,
      8.075,
      0.6875,
      8.2475,
      0.86,
      8.42,
      1.03,
      8.5925,
      1.2025,
      8.7625,
      1.375,
      8.935,
      1.5475,
      9.1075,
      1.7175,
      9.28,
      1.89,
      9.45,
      2.0625,
      9.6225,
      2.2325,
      9.795,
      2.405,
      9.9675,
      2.5775,
      10.1375,
      2.75,
      10.31,
      2.92,
      10.4825,
      3.0925,
      10.655,
      3.265,
      10.825,
      3.4375,
      10.9975,
      3.6075,
      11.17,
      3.78,
      11.34,
      3.9525,
      11.5125,
      4.125,
      11.685,
      4.295,
      11.8575,
      4.4675,
      12.0275,
      4.64,
      12.2,
      4.81,
      12.3725,
      4.9825,
      12.545,
      5.155,
      12.715,
      5.3275,
      12.8875,
      5.4975,
      13.06,
      5.67,
      13.2325,
      5.8425,
      13.4025,
      6.015,
      13.575,
      6.185,
      13.7475,
      6.3575,
      13.9175,
      6.53,
      14.09,
      6.7025,
      14.2625,
      6.8725,
      14.435,
      7.045,
      14.605,
      7.2175,
      14.7775,
      7.39
    ],
    "SoftwareVersions": "syngo MR XA30",
    "SpacingBetweenSlices": 1.6,
    "StationName": "LRG10884",
    "TotalReadoutTime": 0.0681501,
    "TxRefAmp": 247.254,
    "VendorReportedEchoSpacing": 0.00094,
    "acquisition": "highres",
    "dataset": "HCPh",
    "datatype": "dwi",
    "direction": "LR",
    "extension": ".nii.gz",
    "modality": "dwi",
    "session": "20802060",
    "subject": "001",
    "suffix": "dwi"
  },
  "efc_shell01": 0.3605,
  "efc_shell02": 0.4905,
  "efc_shell03": 0.5141,
  "efc_shell04": 0.5703,
  "efc_shell05": 0.6138,
  "fa_degenerate": 0.0,
  "fa_nans": 0.0,
  "fber_shell01": 1081.8022,
  "fber_shell02": 379.6279,
  "fber_shell03": 239.9719,
  "fber_shell04": 73.3655,
  "fber_shell05": 38.094,
  "fd_mean": 6.1111,
  "fd_num": 279,
  "fd_perc": 99.64285714285714,
  "ndc": 0.4076,
  "provenance": {
    "md5sum": "07623917288359c346ecd5cb4718ff49",
    "settings": {
      "testing": false
    },
    "software": "mriqc",
    "version": "24.1.0.dev15+g9586c867.d20240825"
  },
  "sigma_cc": 29.652,
  "sigma_pca": 14.8171,
  "sigma_piesno": 1.3206,
  "snr_cc_shell0": 4.46,
  "snr_cc_shell1_best": 4.5,
  "snr_cc_shell1_worst": 4.5,
  "snr_cc_shell2_best": 3.25,
  "snr_cc_shell2_worst": 1.98,
  "snr_cc_shell3_best": 2.41,
  "snr_cc_shell3_worst": 1.73,
  "snr_cc_shell4_best": 1.1,
  "snr_cc_shell4_worst": 1.14,
  "spikes_global": 36.25,
  "spikes_slice_i": 201.32,
  "spikes_slice_j": 213.69,
  "spikes_slice_k": 227.7,
  "summary_bg_k": 766.5196,
  "summary_bg_mad": 5.9304,
  "summary_bg_mean": 18.4268,
  "summary_bg_median": 7.0,
  "summary_bg_n": 1487793.0,
  "summary_bg_p05": 2.0,
  "summary_bg_p95": 58.0,
  "summary_bg_stdv": 68.6168,
  "summary_fg_k": 10.9985,
  "summary_fg_mad": 130.469,
  "summary_fg_mean": 327.0791,
  "summary_fg_median": 229.0,
  "summary_fg_n": 366699.0,
  "summary_fg_p05": 74.0,
  "summary_fg_p95": 952.0,
  "summary_fg_stdv": 303.346,
  "summary_wm_k": 22.4326,
  "summary_wm_mad": 62.2693,
  "summary_wm_mean": 173.5909,
  "summary_wm_median": 166.0,
  "summary_wm_n": 118608.0,
  "summary_wm_p05": 57.0,
  "summary_wm_p95": 303.0,
  "summary_wm_stdv": 84.6919
}
