{
  "NumberOfShells": 4,
  "bValues": [
    0.0,
    700.0,
    1000.0,
    2000.0,
    3000.0
  ],
  "bValuesEstimation": [
    700.0,
    1000.0,
    2000.0,
    3000.0
  ],
  "bdiffs_max": 0.3458,
  "bdiffs_mean": 0.25,
  "bdiffs_median": 0.2797,
  "bdiffs_min": 0.0023,
  "bids_meta": {
    "AcquisitionMatrixPE": 146,
    "AcquisitionNumber": 1,
    "AcquisitionTime": "16:31:50.357500",
    "B0FieldSource": [
      "pilot010pepolarb0",
      "pilot010phasediff"
    ],
    "BandwidthPerPixelPhaseEncode": 19.569,
    "BaseResolution": 146,
    "BodyPartExamined": "BRAIN",
    "CoilCombinationMethod": "Adaptive Combine",
    "CoilString": "HeadNeck_64",
    "ConversionSoftware": "dcm2niix",
    "ConversionSoftwareVersion": "v1.0.20220720",
    "Deltas": [
      0.0233,
      0.0475
    ],
    "DerivedVendorReportedEchoSpacing": 0.000700017,
    "DeviceSerialNumber": "67014",
    "DiffusionScheme": "Monopolar",
    "DwellTime": 2.1e-6,
    "EchoTime": 0.098,
    "EchoTrainLength": 64,
    "EffectiveEchoSpacing": 0.000350008,
    "FileSize": 0.4368545124307275,
    "FileSizeUnits": "GB",
    "FlipAngle": 90,
    "HeudiconvVersion": "1.0.0",
    "ImageOrientationPatientDICOM": [
      0.998527,
      0.0236985,
      0.0487988,
      -0.0249266,
      0.999384,
      0.024714
    ],
    "ImageType": [
      "ORIGINAL",
      "PRIMARY",
      "DIFFUSION",
      "NONE",
      "ND",
      "MFSPLIT"
    ],
    "ImageTypeText": [
      "ORIGINAL",
      "PRIMARY",
      "DIFFUSION",
      "NONE"
    ],
    "ImagingFrequency": 123.248,
    "InPlanePhaseEncodingDirectionDICOM": "COL",
    "InstitutionAddress": "Rue du Bugnon 21,Lausanne,District,CH,1011",
    "InstitutionName": "CHUV",
    "MRAcquisitionType": "2D",
    "MagneticFieldStrength": 3,
    "Manufacturer": "Siemens",
    "ManufacturersModelName": "MAGNETOM Prisma Fit",
    "Modality": "MR",
    "MultibandAccelerationFactor": 3,
    "NonlinearGradientCorrection": false,
    "NumberOfVolumes": 280,
    "ParallelReductionFactorInPlane": 2,
    "PartialFourier": 0.875,
    "PatientPosition": "HFS",
    "PercentPhaseFOV": 100,
    "PercentSampling": 100,
    "PhaseEncodingDirection": "j",
    "PhaseEncodingSteps": 146,
    "PhaseResolution": 1,
    "PixelBandwidth": 1631,
    "ProcedureStepDescription": "RESEARCH Oscar",
    "ProtocolName": "dwi-dwi_acq-highres_dir-PA__279dir_monopolar",
    "PulseSequenceDetails": "%SiemensSeq%\\ep2d_diff",
    "ReceiveCoilActiveElements": "HC1-6",
    "ReceiveCoilName": "HeadNeck_64",
    "ReconMatrixPE": 146,
    "RefLinesPE": 54,
    "RepetitionTime": 7.8,
    "SAR": 0.144391,
    "ScanOptions": "PFP\\FS\\PER",
    "ScanningSequence": "GR\\EP",
    "SequenceName": "*ep_b0",
    "SequenceVariant": "SK",
    "SeriesDescription": "dwi-dwi_acq-highres_dir-PA__279dir_monopolar",
    "SeriesNumber": 7,
    "ShimSetting": [
      8231,
      -5645,
      -6056,
      522,
      -45,
      -352,
      0,
      33
    ],
    "SliceThickness": 1.6,
    "SliceTiming": [
      0,
      6.145,
      0.14,
      6.285,
      0.28,
      6.425,
      0.42,
      6.565,
      0.56,
      6.7025,
      0.7,
      6.8425,
      0.8375,
      6.9825,
      0.9775,
      7.1225,
      1.1175,
      7.2625,
      1.2575,
      7.4025,
      1.3975,
      7.5425,
      1.5375,
      7.68,
      1.6775,
      7.82,
      1.815,
      7.96,
      1.955,
      8.1,
      2.095,
      8.24,
      2.235,
      8.38,
      2.375,
      8.52,
      2.515,
      8.6575,
      2.655,
      8.7975,
      2.7925,
      8.9375,
      2.9325,
      9.0775,
      3.0725,
      9.2175,
      3.2125,
      9.3575,
      3.3525,
      9.4975,
      3.4925,
      9.635,
      3.6325,
      9.775,
      3.77,
      9.915,
      3.91,
      10.055,
      4.05,
      10.195,
      4.19,
      10.335,
      4.33,
      10.475,
      4.47,
      10.6125,
      4.61,
      10.7525,
      4.7475,
      10.8925,
      4.8875,
      11.0325,
      5.0275,
      11.1725,
      5.1675,
      11.3125,
      5.3075,
      11.4525,
      5.4475,
      11.59,
      5.5875,
      11.73,
      5.725,
      11.87,
      5.865,
      12.01,
      6.005
    ],
    "SoftwareVersions": "syngo MR XA30",
    "SpacingBetweenSlices": 1.6,
    "StationName": "LRG10884",
    "TotalReadoutTime": 0.0507512,
    "TxRefAmp": 243.103,
    "VendorReportedEchoSpacing": 0.0007,
    "acquisition": "highres",
    "dataset": "HCPh",
    "datatype": "dwi",
    "direction": "PA",
    "extension": ".nii.gz",
    "modality": "dwi",
    "session": "pilot010",
    "subject": "001",
    "suffix": "dwi"
  },
  "efc_shell01": 0.3718,
  "efc_shell02": 0.4737,
  "efc_shell03": 0.4751,
  "efc_shell04": 0.5276,
  "efc_shell05": 0.5754,
  "fa_degenerate": 0.0,
  "fa_nans": 0.0,
  "fber_shell01": 1522.3016,
  "fber_shell02": 512.4467,
  "fber_shell03": 436.6192,
  "fber_shell04": 133.8584,
  "fber_shell05": 59.7803,
  "fd_mean": 6.5543,
  "fd_num": 278,
  "fd_perc": 99.28571428571429,
  "ndc": 0.5191,
  "provenance": {
    "md5sum": "a22ad141d90bd882e2a7705c8d12d92b",
    "settings": {
      "testing": false
    },
    "software": "mriqc",
    "version": "24.1.0.dev15+g9586c867.d20240825"
  },
  "sigma_cc": 40.0303,
  "sigma_pca": 15.138,
  "sigma_piesno": 1.3206,
  "snr_cc_shell0": 4.43,
  "snr_cc_shell1_best": 4.35,
  "snr_cc_shell1_worst": 4.35,
  "snr_cc_shell2_best": 2.84,
  "snr_cc_shell2_worst": 1.8,
  "snr_cc_shell3_best": 2.65,
  "snr_cc_shell3_worst": 2.45,
  "snr_cc_shell4_best": 1.76,
  "snr_cc_shell4_worst": 1.47,
  "spikes_global": 33.58,
  "spikes_slice_i": 198.79,
  "spikes_slice_j": 175.73,
  "spikes_slice_k": 201.73,
  "summary_bg_k": 760.8953,
  "summary_bg_mad": 8.8956,
  "summary_bg_mean": 27.7737,
  "summary_bg_median": 9.0,
  "summary_bg_n": 1510700.0,
  "summary_bg_p05": 2.0,
  "summary_bg_p95": 109.0,
  "summary_bg_stdv": 102.2282,
  "summary_fg_k": 8.3617,
  "summary_fg_mad": 192.7383,
  "summary_fg_mean": 435.433,
  "summary_fg_median": 331.0,
  "summary_fg_n": 343792.0,
  "summary_fg_p05": 109.0,
  "summary_fg_p95": 1177.0,
  "summary_fg_stdv": 358.2557,
  "summary_wm_k": 10.4752,
  "summary_wm_mad": 83.0257,
  "summary_wm_mean": 233.4972,
  "summary_wm_median": 226.0,
  "summary_wm_n": 91603.0,
  "summary_wm_p05": 105.0,
  "summary_wm_p95": 391.0,
  "summary_wm_stdv": 93.1607
}
