{
  "NumberOfShells": 4,
  "bValues": [
    0.0,
    700.0,
    1000.0,
    2000.0,
    3000.0
  ],
  "bValuesEstimation": [
    700.0,
    1000.0,
    2000.0,
    3000.0
  ],
  "bdiffs_max": 0.3205,
  "bdiffs_mean": 0.2362,
  "bdiffs_median": 0.258,
  "bdiffs_min": 0.0029,
  "bids_meta": {
    "AcquisitionMatrixPE": 120,
    "AcquisitionNumber": 1,
    "AcquisitionTime": "17:10:48.425000",
    "B0FieldSource": [
      "pilot010pepolarb0",
      "pilot010phasediff"
    ],
    "BandwidthPerPixelPhaseEncode": 23.81,
    "BaseResolution": 120,
    "BodyPartExamined": "BRAIN",
    "CoilCombinationMethod": "Adaptive Combine",
    "CoilString": "HeadNeck_64",
    "ConversionSoftware": "dcm2niix",
    "ConversionSoftwareVersion": "v1.0.20220720",
    "Deltas": [
      0.0233,
      0.0475
    ],
    "DerivedVendorReportedEchoSpacing": 0.000699986,
    "DeviceSerialNumber": "67014",
    "DiffusionScheme": "Monopolar",
    "DwellTime": 2.4e-6,
    "EchoTime": 0.092,
    "EchoTrainLength": 51,
    "EffectiveEchoSpacing": 0.000349993,
    "FileSize": 0.2324132090434432,
    "FileSizeUnits": "GB",
    "FlipAngle": 90,
    "HeudiconvVersion": "1.0.0",
    "ImageOrientationPatientDICOM": [
      0.998527,
      0.0236985,
      0.0487988,
      -0.0249266,
      0.999384,
      0.024714
    ],
    "ImageType": [
      "ORIGINAL",
      "PRIMARY",
      "DIFFUSION",
      "NONE",
      "ND",
      "MFSPLIT"
    ],
    "ImageTypeText": [
      "ORIGINAL",
      "PRIMARY",
      "DIFFUSION",
      "NONE"
    ],
    "ImagingFrequency": 123.248,
    "InPlanePhaseEncodingDirectionDICOM": "COL",
    "InstitutionAddress": "Rue du Bugnon 21,Lausanne,District,CH,1011",
    "InstitutionName": "CHUV",
    "MRAcquisitionType": "2D",
    "MagneticFieldStrength": 3,
    "Manufacturer": "Siemens",
    "ManufacturersModelName": "MAGNETOM Prisma Fit",
    "Modality": "MR",
    "MultibandAccelerationFactor": 3,
    "NonlinearGradientCorrection": false,
    "NumberOfVolumes": 280,
    "ParallelReductionFactorInPlane": 2,
    "PartialFourier": 0.875,
    "PatientPosition": "HFS",
    "PercentPhaseFOV": 100,
    "PercentSampling": 100,
    "PhaseEncodingDirection": "j",
    "PhaseEncodingSteps": 120,
    "PhaseResolution": 1,
    "PixelBandwidth": 1736,
    "ProcedureStepDescription": "RESEARCH Oscar",
    "ProtocolName": "dwi-dwi_acq-lowres_dir-PA__279dir_monopolar",
    "PulseSequenceDetails": "%SiemensSeq%\\ep2d_diff",
    "ReceiveCoilActiveElements": "HC1-7",
    "ReceiveCoilName": "HeadNeck_64",
    "ReconMatrixPE": 120,
    "RefLinesPE": 42,
    "RepetitionTime": 7.8,
    "SAR": 0.1188,
    "ScanOptions": "PFP\\FS\\PER",
    "ScanningSequence": "GR\\EP",
    "SequenceName": "*ep_b0",
    "SequenceVariant": "SK",
    "SeriesDescription": "dwi-dwi_acq-lowres_dir-PA__279dir_monopolar",
    "SeriesNumber": 15,
    "ShimSetting": [
      8232,
      -5647,
      -6058,
      512,
      -27,
      -383,
      11,
      30
    ],
    "SliceThickness": 2,
    "SliceTiming": [
      4.635,
      0,
      4.7625,
      0.13,
      4.8925,
      0.2575,
      5.02,
      0.3875,
      5.15,
      0.515,
      5.2775,
      0.645,
      5.4075,
      0.7725,
      5.535,
      0.9025,
      5.665,
      1.03,
      5.7925,
      1.16,
      5.92,
      1.2875,
      6.05,
      1.4175,
      6.1775,
      1.545,
      6.3075,
      1.675,
      6.435,
      1.8025,
      6.565,
      1.93,
      6.6925,
      2.06,
      6.8225,
      2.1875,
      6.95,
      2.3175,
      7.08,
      2.445,
      7.2075,
      2.575,
      7.3375,
      2.7025,
      7.465,
      2.8325,
      7.595,
      2.96,
      7.7225,
      3.09,
      7.8525,
      3.2175,
      7.98,
      3.3475,
      8.11,
      3.475,
      8.2375,
      3.605,
      8.3675,
      3.7325,
      8.495,
      3.8625,
      8.625,
      3.99,
      8.7525,
      4.12,
      8.8825,
      4.2475,
      9.01,
      4.3775,
      9.14,
      4.505
    ],
    "SoftwareVersions": "syngo MR XA30",
    "SpacingBetweenSlices": 2,
    "StationName": "LRG10884",
    "TotalReadoutTime": 0.0416492,
    "TxRefAmp": 243.103,
    "VendorReportedEchoSpacing": 0.0007,
    "acquisition": "lowres",
    "dataset": "HCPh",
    "datatype": "dwi",
    "direction": "PA",
    "extension": ".nii.gz",
    "modality": "dwi",
    "session": "pilot010",
    "subject": "001",
    "suffix": "dwi"
  },
  "efc_shell01": 0.3892,
  "efc_shell02": 0.4497,
  "efc_shell03": 0.4514,
  "efc_shell04": 0.4814,
  "efc_shell05": 0.5188,
  "fa_degenerate": 0.0,
  "fa_nans": 0.0,
  "fber_shell01": 3123.4294,
  "fber_shell02": 1397.5851,
  "fber_shell03": 1117.9924,
  "fber_shell04": 381.9356,
  "fber_shell05": 159.0755,
  "fd_mean": 5.9299,
  "fd_num": 278,
  "fd_perc": 99.28571428571429,
  "ndc": 0.6533,
  "provenance": {
    "md5sum": "71637fbc61be99f1c27c7d00f3fff25d",
    "settings": {
      "testing": false
    },
    "software": "mriqc",
    "version": "24.1.0.dev15+g9586c867.d20240825"
  },
  "sigma_cc": 35.5825,
  "sigma_pca": 9.6845,
  "sigma_piesno": 0.9905,
  "snr_cc_shell0": 5.01,
  "snr_cc_shell1_best": 5.05,
  "snr_cc_shell1_worst": 5.05,
  "snr_cc_shell2_best": 3.16,
  "snr_cc_shell2_worst": 2.0,
  "snr_cc_shell3_best": 2.86,
  "snr_cc_shell3_worst": 2.13,
  "snr_cc_shell4_best": 1.96,
  "snr_cc_shell4_worst": 1.34,
  "spikes_global": 29.64,
  "spikes_slice_i": 153.77,
  "spikes_slice_j": 128.14,
  "spikes_slice_k": 193.45,
  "summary_bg_k": 487.5508,
  "summary_bg_mad": 7.413,
  "summary_bg_mean": 33.63,
  "summary_bg_median": 7.0,
  "summary_bg_n": 851853.0,
  "summary_bg_p05": 1.0,
  "summary_bg_p95": 156.0,
  "summary_bg_stdv": 108.9354,
  "summary_fg_k": 7.2393,
  "summary_fg_mad": 213.4947,
  "summary_fg_mean": 478.1442,
  "summary_fg_median": 378.0,
  "summary_fg_n": 184947.0,
  "summary_fg_p05": 125.0,
  "summary_fg_p95": 1206.0,
  "summary_fg_stdv": 358.2574,
  "summary_wm_k": 19.9247,
  "summary_wm_mad": 88.9561,
  "summary_wm_mean": 274.2735,
  "summary_wm_median": 264.0,
  "summary_wm_n": 45205.0,
  "summary_wm_p05": 131.0,
  "summary_wm_p95": 457.0,
  "summary_wm_stdv": 111.774
}
