{
  "aor": [
    0.003394259012016021,
    0.005087570093457944,
    0.00560291054739653,
    0.005531481975967956
  ],
  "aqi": [
    0.015867618357810417,
    0.018465540173564752,
    0.026298246328437917,
    0.03874622883845127
  ],
  "bids_meta": {
    "AcquisitionDuration": 1230.47,
    "AcquisitionMatrixPE": 76,
    "AcquisitionNumber": 1,
    "AcquisitionTime": "18:39:23.372500",
    "B0FieldSource": [
      "pilot016pepolarbold",
      "pilot016phasediff"
    ],
    "BandwidthPerPixelPhaseEncode": 40.486,
    "BaseResolution": 102,
    "BodyPartExamined": "BRAIN",
    "CogAtlasID": "https://www.cognitiveatlas.org/task/id/trm_4c8a834779883/",
    "CoilCombinationMethod": "Sum of Squares",
    "CoilString": "HeadNeck_64",
    "ConversionSoftware": "dcm2niix",
    "ConversionSoftwareVersion": "v1.0.20220720",
    "DerivedVendorReportedEchoSpacing": 0.000649997,
    "DeviceSerialNumber": "67014",
    "DwellTime": 2.5e-6,
    "EchoNumber": 1,
    "EchoTime": 0.0126,
    "EchoTrainLength": 28,
    "EffectiveEchoSpacing": 0.000324999,
    "FileSize": 0.43696792144328356,
    "FileSizeUnits": "GB",
    "FlipAngle": 64,
    "HeudiconvVersion": "1.0.0",
    "ImageComments": "Unaliased MB4/PE4/LB",
    "ImageOrientationPatientDICOM": [
      0.994786,
      0.0100614,
      0.101482,
      0.0194483,
      0.95814,
      -0.285637
    ],
    "ImageType": [
      "ORIGINAL",
      "PRIMARY",
      "FMRI",
      "NONE"
    ],
    "ImageTypeText": [
      "ORIGINAL",
      "PRIMARY",
      "M",
      "MB",
      "TE1",
      "DIS2D"
    ],
    "ImagingFrequency": 123.248,
    "InPlanePhaseEncodingDirectionDICOM": "ROW",
    "InstitutionAddress": "Rue du Bugnon 21,Lausanne,District,CH,1011",
    "InstitutionName": "CHUV",
    "MRAcquisitionType": "2D",
    "MTState": false,
    "MagneticFieldStrength": 3,
    "Manufacturer": "Siemens",
    "ManufacturersModelName": "MAGNETOM Prisma Fit",
    "MatrixCoilMode": "GRAPPA",
    "Modality": "MR",
    "MultibandAccelerationFactor": 4,
    "NonlinearGradientCorrection": true,
    "NumberOfVolumes": 750,
    "ParallelAcquisitionTechnique": "GRAPPA",
    "ParallelReductionFactorInPlane": 2,
    "PartialFourier": 0.75,
    "PartialFourierDirection": "PHASE",
    "PatientPosition": "HFS",
    "PercentPhaseFOV": 74.5098,
    "PercentSampling": 100,
    "PhaseEchoTime1": 0.0126,
    "PhaseEchoTime2": 0.0322,
    "PhaseEncodingDirection": "i",
    "PhaseResolution": 1,
    "PixelBandwidth": 1961,
    "ProcedureStepDescription": "https://www.axonlab.org/hcph-sops/",
    "ProtocolName": "func-bold_task-pilotrest_dir-RL__cmrr_me4_sms4",
    "PulseSequenceDetails": "%CustomerSeq%\\cmrr_mbep2d_bold",
    "PulseSequenceName": "epfid2d4_76",
    "ReceiveCoilActiveElements": "HC1-7",
    "ReceiveCoilName": "HeadNeck_64",
    "ReconMatrixPE": 76,
    "RefLinesPE": 18,
    "RepetitionTime": 1.6,
    "ScanOptions": "PFP\\FS",
    "ScanningSequence": "EP",
    "SequenceVariant": "SK\\SS\\OSP",
    "SeriesDescription": "func-bold_task-pilotrest_dir-RL__cmrr_me4_sms4",
    "SeriesNumber": 26,
    "ShimSetting": [
      8249,
      -5623,
      -6026,
      663,
      -13,
      -188,
      48,
      28
    ],
    "SliceThickness": 2.2,
    "SliceTiming": [
      0,
      0.8425,
      0.105,
      0.9475,
      0.21,
      1.0525,
      0.315,
      1.16,
      0.4225,
      1.265,
      0.5275,
      1.37,
      0.6325,
      1.475,
      0.7375,
      0,
      0.8425,
      0.105,
      0.9475,
      0.21,
      1.0525,
      0.315,
      1.16,
      0.4225,
      1.265,
      0.5275,
      1.37,
      0.6325,
      1.475,
      0.7375,
      0,
      0.8425,
      0.105,
      0.9475,
      0.21,
      1.0525,
      0.315,
      1.16,
      0.4225,
      1.265,
      0.5275,
      1.37,
      0.6325,
      1.475,
      0.7375,
      0,
      0.8425,
      0.105,
      0.9475,
      0.21,
      1.0525,
      0.315,
      1.16,
      0.4225,
      1.265,
      0.5275,
      1.37,
      0.6325,
      1.475,
      0.7375
    ],
    "SoftwareVersions": "syngo MR XA30",
    "SpacingBetweenSlices": 2.2,
    "StationName": "LRG10884",
    "TaskName": "Naturalistic Scenes Watching Resting State",
    "TotalReadoutTime": 0.0243749,
    "TxRefAmp": 248.2,
    "WipMemBlock": "6d40421e-28f8-4415-8e2e-87a515bf8090||Sequence: R017 nxva30a/master r/d34922cc2+; Jun 27 2022 13:20:16 by eja",
    "dataset": "HCPh",
    "datatype": "func",
    "direction": "RL",
    "extension": ".nii.gz",
    "modality": "bold",
    "part": "mag",
    "session": "pilot016",
    "subject": "001",
    "suffix": "bold",
    "task": "rest"
  },
  "dummy_trs": 1,
  "dvars_nstd": 41.63195286213902,
  "dvars_std": 1.0630568163903753,
  "dvars_vstd": 1.0410274956951877,
  "efc": 0.6566,
  "fber": 121.7205,
  "fd_mean": 0.13822788277388728,
  "fd_num": 135,
  "fd_perc": 18.024032042723633,
  "fwhm_avg": 3.675365952759854,
  "fwhm_x": 3.5002277271709223,
  "fwhm_y": 3.6567247604246518,
  "fwhm_z": 3.8691453706839867,
  "gcor": [
    0.0121772,
    0.0155675,
    0.0143861,
    0.0126273
  ],
  "gsr_x": 0.1393481194972992,
  "gsr_y": 0.01187358982861042,
  "provenance": {
    "md5sum": "d2bb9b942e5be3c9667975a172ab52ab",
    "settings": {
      "fd_thres": 0.2,
      "testing": false
    },
    "software": "mriqc",
    "version": "24.1.0.dev15+g9586c867.d20240825"
  },
  "size_t": 749,
  "size_x": 76,
  "size_y": 102,
  "size_z": 60,
  "snr": 2.487764214345174,
  "spacing_tr": 1.600000023841858,
  "spacing_x": 2.196079969406128,
  "spacing_y": 2.196079969406128,
  "spacing_z": 2.200000047683716,
  "summary_bg_k": 5.9376,
  "summary_bg_mad": 67.8375,
  "summary_bg_mean": 177.9971,
  "summary_bg_median": 73.0,
  "summary_bg_n": 328736.0,
  "summary_bg_p05": 0.0,
  "summary_bg_p95": 743.0,
  "summary_bg_stdv": 248.233,
  "summary_fg_k": 1.1519,
  "summary_fg_mad": 302.1282,
  "summary_fg_mean": 840.8971,
  "summary_fg_median": 806.0,
  "summary_fg_n": 136384.0,
  "summary_fg_p05": 383.0,
  "summary_fg_p95": 1406.0,
  "summary_fg_stdv": 323.9845,
  "tsnr": 29.350380031974055
}
