{
  "NumberOfShells": 4,
  "bValues": [
    0.0,
    700.0,
    1000.0,
    2000.0,
    3000.0
  ],
  "bValuesEstimation": [
    700.0,
    1000.0,
    2000.0,
    3000.0
  ],
  "bdiffs_max": 0.4414,
  "bdiffs_mean": 0.174,
  "bdiffs_median": 0.1502,
  "bdiffs_min": 0.0002,
  "bids_meta": {
    "AcquisitionMatrixPE": 148,
    "AcquisitionNumber": 1,
    "AcquisitionTime": "22:47:31.435000",
    "BandwidthPerPixelPhaseEncode": 14.077,
    "BaseResolution": 146,
    "BodyPartExamined": "BRAIN",
    "CoilCombinationMethod": "Adaptive Combine",
    "CoilString": "HeadNeck_64_CS",
    "ConversionSoftware": "dcm2niix",
    "ConversionSoftwareVersion": "v1.0.20220720",
    "Deltas": [
      0.0272,
      0.0469
    ],
    "DerivedVendorReportedEchoSpacing": 0.000959971,
    "DeviceSerialNumber": "176240",
    "DiffusionScheme": "Monopolar",
    "DwellTime": 2.1e-6,
    "EchoTime": 0.121,
    "EchoTrainLength": 64,
    "EffectiveEchoSpacing": 0.000479986,
    "FileSize": 0.3281230675056577,
    "FileSizeUnits": "GB",
    "FlipAngle": 90,
    "HeudiconvVersion": "1.1.6.post8+ga0a3635",
    "ImageOrientationPatientDICOM": [
      0.999374,
      0.0289303,
      0.0203686,
      -0.018491,
      0.917874,
      -0.396442
    ],
    "ImageType": [
      "ORIGINAL",
      "PRIMARY",
      "DIFFUSION",
      "NONE",
      "ND",
      "NORM",
      "MFSPLIT"
    ],
    "ImageTypeText": [
      "ORIGINAL",
      "PRIMARY",
      "DIFFUSION",
      "NONE"
    ],
    "ImagingFrequency": 123.261,
    "InPlanePhaseEncodingDirectionDICOM": "ROW",
    "InstitutionAddress": "Rue de Bugnon 46,Lausanne,,CH,1011",
    "InstitutionName": "Radiologie-CHUV",
    "MRAcquisitionType": "2D",
    "MagneticFieldStrength": 3,
    "Manufacturer": "Siemens",
    "ManufacturersModelName": "MAGNETOM Vida",
    "Modality": "MR",
    "MultibandAccelerationFactor": 3,
    "NonlinearGradientCorrection": false,
    "NumberOfVolumes": 280,
    "ParallelReductionFactorInPlane": 2,
    "PartialFourier": 0.875,
    "PatientPosition": "HFS",
    "PercentPhaseFOV": 101.37,
    "PercentSampling": 100,
    "PhaseEncodingDirection": "i",
    "PhaseEncodingSteps": 148,
    "PhaseResolution": 1,
    "PixelBandwidth": 1631,
    "ProcedureStepDescription": "Research Oscar",
    "ProtocolName": "dwi-dwi_acq-highres_dir-RL",
    "PulseSequenceDetails": "%SiemensSeq%\\ep2d_diff",
    "ReceiveCoilActiveElements": "HC1-7;NC1",
    "ReceiveCoilName": "HeadNeck_64_CS",
    "ReconMatrixPE": 148,
    "RefLinesPE": 54,
    "RepetitionTime": 7,
    "SAR": 0.177361,
    "ScanOptions": "PFP\\FS\\PER",
    "ScanningSequence": "GR\\EP",
    "SequenceName": "*ep_b0",
    "SequenceVariant": "SK",
    "SeriesDescription": "dwi-dwi_acq-highres_dir-RL",
    "SeriesNumber": 18,
    "ShimSetting": [
      -8780,
      8470,
      9521,
      653,
      -254,
      -58,
      79,
      139
    ],
    "SliceThickness": 1.6,
    "SliceTiming": [
      0,
      -0.001,
      -0.001,
      -0.001,
      -0.001,
      -0.001,
      -0.001,
      -0.001,
      -0.001,
      -0.001,
      -0.001,
      -0.001,
      -0.001,
      -0.001,
      -0.001,
      -0.001,
      -0.001,
      -0.001,
      -0.001,
      -0.001,
      -0.001,
      -0.001,
      -0.001,
      -0.001,
      -0.001,
      -0.001,
      -0.001,
      -0.001,
      -0.001,
      -0.001,
      -0.001,
      -0.001,
      -0.001,
      -0.001,
      -0.001,
      -0.001,
      -0.001,
      -0.001,
      -0.001,
      -0.001,
      -0.001,
      -0.001,
      -0.001,
      -0.001,
      -0.001,
      -0.001,
      -0.001,
      -0.001,
      -0.001,
      -0.001,
      -0.001,
      -0.001,
      -0.001,
      -0.001,
      -0.001,
      -0.001,
      -0.001,
      -0.001,
      -0.001,
      -0.001,
      -0.001,
      -0.001,
      -0.001,
      -0.001,
      -0.001,
      -0.001,
      -0.001,
      -0.001,
      -0.001,
      -0.001,
      -0.001,
      -0.001,
      -0.001,
      -0.001,
      -0.001,
      -0.001,
      -0.001,
      -0.001,
      -0.001,
      -0.001,
      -0.001,
      -0.001,
      -0.001,
      -0.001,
      -0.001,
      -0.001,
      -0.001
    ],
    "SoftwareVersions": "syngo MR XA50",
    "SpacingBetweenSlices": 1.6,
    "StationName": "LRG08892",
    "TotalReadoutTime": 0.0705579,
    "TxRefAmp": 325.6,
    "VendorReportedEchoSpacing": 0.00096,
    "acquisition": "highres",
    "dataset": "HCPh",
    "datatype": "dwi",
    "direction": "RL",
    "extension": ".nii.gz",
    "modality": "dwi",
    "session": "20401034",
    "subject": "001",
    "suffix": "dwi"
  },
  "efc_shell01": 0.3384,
  "efc_shell02": 0.4342,
  "efc_shell03": 0.4321,
  "efc_shell04": 0.4511,
  "efc_shell05": 0.4657,
  "fa_degenerate": 0.0,
  "fa_nans": 0.0,
  "fber_shell01": 19554.8105,
  "fber_shell02": 7159.6729,
  "fber_shell03": 6554.5337,
  "fber_shell04": 2006.7186,
  "fber_shell05": 1069.7565,
  "fd_mean": 28.7746,
  "fd_num": 267,
  "fd_perc": 95.35714285714286,
  "ndc": 0.534,
  "provenance": {
    "md5sum": "f1d869e04a63ccc3337ea9147fc8bedf",
    "settings": {
      "testing": false
    },
    "software": "mriqc",
    "version": "24.1.0.dev15+g9586c867.d20240825"
  },
  "sigma_cc": 45.9607,
  "sigma_pca": 13.9799,
  "sigma_piesno": 0.3301,
  "snr_cc_shell0": 3.94,
  "snr_cc_shell1_best": 4.0,
  "snr_cc_shell1_worst": 4.0,
  "snr_cc_shell2_best": 2.7,
  "snr_cc_shell2_worst": 1.85,
  "snr_cc_shell3_best": 2.01,
  "snr_cc_shell3_worst": 1.8,
  "snr_cc_shell4_best": 1.17,
  "snr_cc_shell4_worst": 1.19,
  "spikes_global": 36.17,
  "spikes_slice_i": 190.63,
  "spikes_slice_j": 233.82,
  "spikes_slice_k": 249.41,
  "summary_bg_k": 869.7027,
  "summary_bg_mad": 1.4826,
  "summary_bg_mean": 8.2519,
  "summary_bg_median": 1.0,
  "summary_bg_n": 1509834.0,
  "summary_bg_p05": 0.0,
  "summary_bg_p95": 31.0,
  "summary_bg_stdv": 43.8707,
  "summary_fg_k": 10.8966,
  "summary_fg_mad": 94.8865,
  "summary_fg_mean": 292.4448,
  "summary_fg_median": 210.0,
  "summary_fg_n": 370062.0,
  "summary_fg_p05": 75.0,
  "summary_fg_p95": 835.0,
  "summary_fg_stdv": 252.9156,
  "summary_wm_k": 27.1928,
  "summary_wm_mad": 50.4085,
  "summary_wm_mean": 185.5629,
  "summary_wm_median": 180.0,
  "summary_wm_n": 124350.0,
  "summary_wm_p05": 65.0,
  "summary_wm_p95": 299.0,
  "summary_wm_stdv": 83.8199
}
