{
  "NumberOfShells": 4,
  "bValues": [
    0.0,
    700.0,
    1000.0,
    2000.0,
    3000.0
  ],
  "bValuesEstimation": [
    700.0,
    1000.0,
    2000.0,
    3000.0
  ],
  "bdiffs_max": 0.2319,
  "bdiffs_mean": 0.0856,
  "bdiffs_median": 0.0803,
  "bdiffs_min": 0.0011,
  "bids_meta": {
    "AcquisitionMatrixPE": 146,
    "AcquisitionNumber": 1,
    "AcquisitionTime": "21:43:6.195000",
    "BandwidthPerPixelPhaseEncode": 14.573,
    "BaseResolution": 146,
    "BodyPartExamined": "BRAIN",
    "CoilCombinationMethod": "Adaptive Combine",
    "CoilString": "HeadNeck_64",
    "ConversionSoftware": "dcm2niix",
    "ConversionSoftwareVersion": "v1.0.20220720",
    "Deltas": [
      0.0233,
      0.0475
    ],
    "DerivedVendorReportedEchoSpacing": 0.000940001,
    "DeviceSerialNumber": "67014",
    "DiffusionScheme": "Monopolar",
    "DwellTime": 2.1e-06,
    "EchoTime": 0.121,
    "EchoTrainLength": 64,
    "EffectiveEchoSpacing": 0.00047,
    "FileSize": 0.42177695501595736,
    "FileSizeUnits": "GB",
    "FlipAngle": 90,
    "HeudiconvVersion": "1.1.6.post8+ga0a3635",
    "ImageOrientationPatientDICOM": [
      0.999426,
      0.0329802,
      0.00778177,
      -0.0324559,
      0.997675,
      -0.0599249
    ],
    "ImageType": [
      "ORIGINAL",
      "PRIMARY",
      "DIFFUSION",
      "NONE",
      "ND",
      "MFSPLIT"
    ],
    "ImageTypeText": [
      "ORIGINAL",
      "PRIMARY",
      "DIFFUSION",
      "NONE"
    ],
    "ImagingFrequency": 123.248,
    "InPlanePhaseEncodingDirectionDICOM": "COL",
    "InstitutionAddress": "Rue du Bugnon 21,Lausanne,District,CH,1011",
    "InstitutionName": "CHUV",
    "MRAcquisitionType": "2D",
    "MagneticFieldStrength": 3,
    "Manufacturer": "Siemens",
    "ManufacturersModelName": "MAGNETOM Prisma Fit",
    "Modality": "MR",
    "MultibandAccelerationFactor": 3,
    "NonlinearGradientCorrection": false,
    "NumberOfVolumes": 280,
    "ParallelReductionFactorInPlane": 2,
    "PartialFourier": 0.875,
    "PatientPosition": "HFS",
    "PercentPhaseFOV": 100,
    "PercentSampling": 100,
    "PhaseEncodingDirection": "j-",
    "PhaseEncodingSteps": 146,
    "PhaseResolution": 1,
    "PixelBandwidth": 1631,
    "ProcedureStepDescription": "RESEARCH Oscar",
    "ProtocolName": "dwi-dwi_acq-highres_dir-AP__trigger_monopolar",
    "PulseSequenceDetails": "%CustomerSeq%\\ep2d_diff_trigg",
    "ReceiveCoilActiveElements": "HC1-7",
    "ReceiveCoilName": "HeadNeck_64",
    "ReconMatrixPE": 146,
    "RefLinesPE": 54,
    "RepetitionTime": 7,
    "SAR": 0.156315,
    "ScanOptions": "PFP\\FS\\PER",
    "ScanningSequence": "GR\\EP",
    "SequenceName": "ep_b0",
    "SequenceVariant": "SK",
    "SeriesDescription": "dwi-dwi_acq-highres_dir-AP__trigger_monopolar",
    "SeriesNumber": 18,
    "ShimSetting": [
      8237,
      -5643,
      -6059,
      634,
      -23,
      -313,
      -33,
      8
    ],
    "SliceThickness": 1.6,
    "SliceTiming": [
      0,
      7.5625,
      0.1725,
      7.7325,
      0.345,
      7.905,
      0.515,
      8.0775,
      0.6875,
      8.25,
      0.86,
      8.42,
      1.0325,
      8.5925,
      1.2025,
      8.765,
      1.375,
      8.9375,
      1.5475,
      9.1075,
      1.72,
      9.28,
      1.89,
      9.4525,
      2.0625,
      9.6225,
      2.235,
      9.795,
      2.4075,
      9.9675,
      2.5775,
      10.14,
      2.75,
      10.31,
      2.9225,
      10.4825,
      3.0925,
      10.655,
      3.265,
      10.8275,
      3.4375,
      10.9975,
      3.61,
      11.17,
      3.78,
      11.3425,
      3.9525,
      11.515,
      4.125,
      11.685,
      4.2975,
      11.8575,
      4.4675,
      12.03,
      4.64,
      12.2,
      4.8125,
      12.3725,
      4.985,
      12.545,
      5.155,
      12.7175,
      5.3275,
      12.8875,
      5.5,
      13.06,
      5.6725,
      13.2325,
      5.8425,
      13.405,
      6.015,
      13.575,
      6.1875,
      13.7475,
      6.3575,
      13.92,
      6.53,
      14.0925,
      6.7025,
      14.2625,
      6.875,
      14.435,
      7.045,
      14.6075,
      7.2175,
      14.78,
      7.39
    ],
    "SoftwareVersions": "syngo MR XA30",
    "SpacingBetweenSlices": 1.6,
    "StationName": "LRG10884",
    "TotalReadoutTime": 0.0681501,
    "TxRefAmp": 247.393,
    "VendorReportedEchoSpacing": 0.00094,
    "acquisition": "highres",
    "dataset": "HCPh",
    "datatype": "dwi",
    "direction": "AP",
    "extension": ".nii.gz",
    "modality": "dwi",
    "session": "20101060",
    "subject": "001",
    "suffix": "dwi"
  },
  "efc_shell01": 0.3735,
  "efc_shell02": 0.5059,
  "efc_shell03": 0.5304,
  "efc_shell04": 0.5952,
  "efc_shell05": 0.6313,
  "fa_degenerate": 0.0,
  "fa_nans": 0.0,
  "fber_shell01": 934.5242,
  "fber_shell02": 304.1544,
  "fber_shell03": 193.4967,
  "fber_shell04": 65.0801,
  "fber_shell05": 33.2599,
  "fd_mean": 13.7132,
  "fd_num": 279,
  "fd_perc": 99.64285714285714,
  "ndc": 0.473,
  "provenance": {
    "md5sum": "21b25863c2b0651c01216e4355374849",
    "settings": {
      "testing": false
    },
    "software": "mriqc",
    "version": "24.0.1"
  },
  "sigma_cc": 25.2042,
  "sigma_pca": 14.9739,
  "sigma_piesno": 1.6508,
  "snr_cc_shell0": 4.67,
  "snr_cc_shell1_best": 4.63,
  "snr_cc_shell1_worst": 4.63,
  "snr_cc_shell2_best": 3.17,
  "snr_cc_shell2_worst": 1.94,
  "snr_cc_shell3_best": 2.7,
  "snr_cc_shell3_worst": 1.62,
  "snr_cc_shell4_best": 2.15,
  "snr_cc_shell4_worst": 1.07,
  "spikes_global": 35.82,
  "spikes_slice_i": 187.26,
  "spikes_slice_j": 204.69,
  "spikes_slice_k": 234.23,
  "summary_bg_k": 201.6961,
  "summary_bg_mad": 5.9304,
  "summary_bg_mean": 19.3086,
  "summary_bg_median": 7.0,
  "summary_bg_n": 1488619.0,
  "summary_bg_p05": 2.0,
  "summary_bg_p95": 64.0,
  "summary_bg_stdv": 54.9081,
  "summary_fg_k": 11.001,
  "summary_fg_mad": 124.5386,
  "summary_fg_mean": 311.1279,
  "summary_fg_median": 218.0,
  "summary_fg_n": 365873.0,
  "summary_fg_p05": 68.0,
  "summary_fg_p95": 911.0,
  "summary_fg_stdv": 287.5293,
  "summary_wm_k": 35.1901,
  "summary_wm_mad": 57.8215,
  "summary_wm_mean": 168.555,
  "summary_wm_median": 158.0,
  "summary_wm_n": 119207.0,
  "summary_wm_p05": 55.0,
  "summary_wm_p95": 305.0,
  "summary_wm_stdv": 87.9097
}