{
  "NumberOfShells": 3,
  "bValues": [
    0.0,
    700.0,
    2000.0,
    3000.0
  ],
  "bValuesEstimation": [
    700.0,
    2000.0,
    3000.0
  ],
  "bdiffs_max": 0.2812,
  "bdiffs_mean": 0.1682,
  "bdiffs_median": 0.1812,
  "bdiffs_min": 0.0063,
  "bids_meta": {
    "AcquisitionMatrixPE": 146,
    "AcquisitionNumber": 1,
    "AcquisitionTime": "18:24:27.842500",
    "BandwidthPerPixelPhaseEncode": 14.573,
    "BaseResolution": 146,
    "BodyPartExamined": "BRAIN",
    "CoilCombinationMethod": "Adaptive Combine",
    "CoilString": "HeadNeck_64_CS",
    "ConversionSoftware": "dcm2niix",
    "ConversionSoftwareVersion": "v1.0.20220720",
    "Deltas": [
      0.0233,
      0.0475
    ],
    "DerivedVendorReportedEchoSpacing": 0.000940001,
    "DeviceSerialNumber": "202009",
    "DiffusionScheme": "Monopolar",
    "DwellTime": 2.1e-06,
    "EchoTime": 0.121,
    "EchoTrainLength": 64,
    "EffectiveEchoSpacing": 0.00047,
    "FileSize": 0.010857763700187206,
    "FileSizeUnits": "GB",
    "FlipAngle": 90,
    "HeudiconvVersion": "1.1.6.post8+ga0a3635",
    "ImageOrientationPatientDICOM": [
      0.998815,
      -0.0486369,
      0.00158397,
      0.0416881,
      0.838416,
      -0.543435
    ],
    "ImageType": [
      "ORIGINAL",
      "PRIMARY",
      "DIFFUSION",
      "NONE",
      "ND",
      "NORM",
      "MFSPLIT"
    ],
    "ImageTypeText": [
      "ORIGINAL",
      "PRIMARY",
      "DIFFUSION",
      "NONE"
    ],
    "ImagingFrequency": 123.198,
    "InPlanePhaseEncodingDirectionDICOM": "COL",
    "InstitutionAddress": "Rue du Bugnon 46,Lausanne,,CH,1011",
    "InstitutionName": "CHUV Lausanne",
    "MRAcquisitionType": "2D",
    "MagneticFieldStrength": 3,
    "Manufacturer": "Siemens",
    "ManufacturersModelName": "MAGNETOM Vida Fit",
    "Modality": "MR",
    "MultibandAccelerationFactor": 3,
    "NonlinearGradientCorrection": false,
    "NumberOfVolumes": 9,
    "ParallelReductionFactorInPlane": 2,
    "PartialFourier": 0.875,
    "PatientPosition": "HFS",
    "PercentPhaseFOV": 100,
    "PercentSampling": 100,
    "PhaseEncodingDirection": "j-",
    "PhaseEncodingSteps": 146,
    "PhaseResolution": 1,
    "PixelBandwidth": 1631,
    "ProcedureStepDescription": "RESEARCH Oscar",
    "ProtocolName": "dwi-dwi_acq-highres_dir_AP",
    "PulseSequenceDetails": "%SiemensSeq%\\ep2d_diff",
    "ReceiveCoilActiveElements": "HC1-7;NC1",
    "ReceiveCoilName": "HeadNeck_64_CS",
    "ReconMatrixPE": 146,
    "RefLinesPE": 54,
    "RepetitionTime": 7,
    "SAR": 0.155987,
    "ScanOptions": "PFP\\FS\\PER",
    "ScanningSequence": "GR\\EP",
    "SequenceName": "*ep_b0",
    "SequenceVariant": "SK",
    "SeriesDescription": "dwi-dwi_acq-highres_dir_AP",
    "SeriesNumber": 12,
    "ShimSetting": [
      214,
      -1146,
      2614,
      726,
      480,
      -90,
      -155,
      -88
    ],
    "SliceThickness": 1.6,
    "SliceTiming": [
      0,
      -0.001,
      -0.001,
      -0.001,
      -0.001,
      -0.001,
      -0.001,
      -0.001,
      -0.001,
      -0.001,
      -0.001,
      -0.001,
      -0.001,
      -0.001,
      -0.001,
      -0.001,
      -0.001,
      -0.001,
      -0.001,
      -0.001,
      -0.001,
      -0.001,
      -0.001,
      -0.001,
      -0.001,
      -0.001,
      -0.001,
      -0.001,
      -0.001,
      -0.001,
      -0.001,
      -0.001,
      -0.001,
      -0.001,
      -0.001,
      -0.001,
      -0.001,
      -0.001,
      -0.001,
      -0.001,
      -0.001,
      -0.001,
      -0.001,
      -0.001,
      -0.001,
      -0.001,
      -0.001,
      -0.001,
      -0.001,
      -0.001,
      -0.001,
      -0.001,
      -0.001,
      -0.001,
      -0.001,
      -0.001,
      -0.001,
      -0.001,
      -0.001,
      -0.001,
      -0.001,
      -0.001,
      -0.001,
      -0.001,
      -0.001,
      -0.001,
      -0.001,
      -0.001,
      -0.001,
      -0.001,
      -0.001,
      -0.001,
      -0.001,
      -0.001,
      -0.001,
      -0.001,
      -0.001,
      -0.001,
      -0.001,
      -0.001,
      -0.001,
      -0.001,
      -0.001,
      -0.001,
      -0.001,
      -0.001,
      -0.001
    ],
    "SoftwareVersions": "syngo MR XA50",
    "SpacingBetweenSlices": 1.6,
    "StationName": "AWP202009",
    "TotalReadoutTime": 0.0681501,
    "TxRefAmp": 319.327,
    "acquisition": "highres",
    "dataset": "HCPh",
    "datatype": "dwi",
    "direction": "AP",
    "extension": ".nii.gz",
    "modality": "dwi",
    "session": "pilot20002030",
    "subject": "001",
    "suffix": "dwi"
  },
  "efc_shell01": 1.695,
  "efc_shell02": 0.4948,
  "efc_shell03": 0.4642,
  "efc_shell04": 0.4694,
  "fa_degenerate": 0.0,
  "fa_nans": 0.0,
  "fber_shell01": 1185.0,
  "fber_shell02": 2704.0,
  "fber_shell03": 2025.0,
  "fber_shell04": 1024.0,
  "fd_mean": 34.5661,
  "fd_num": 8,
  "fd_perc": 88.88888888888889,
  "ndc": 0.9394,
  "provenance": {
    "md5sum": "5a506ed658e763396f549bb6eeb9211f",
    "settings": {
      "testing": false
    },
    "software": "mriqc",
    "version": "24.0.1"
  },
  "sigma_cc": 0.0,
  "sigma_pca": 15.0829,
  "sigma_piesno": 0.3301,
  "snr_cc_shell0": 0,
  "snr_cc_shell1_best": 0,
  "snr_cc_shell1_worst": 0,
  "snr_cc_shell2_best": 0,
  "snr_cc_shell2_worst": 0,
  "snr_cc_shell3_best": 0,
  "snr_cc_shell3_worst": 0,
  "spikes_global": 1027.83,
  "spikes_slice_i": 5720.88,
  "spikes_slice_j": 6167.01,
  "spikes_slice_k": 6625.17,
  "summary_bg_k": 976.9315,
  "summary_bg_mad": 2.9652,
  "summary_bg_mean": 8.4738,
  "summary_bg_median": 2.0,
  "summary_bg_n": 1488109.0,
  "summary_bg_p05": 0.0,
  "summary_bg_p95": 33.0,
  "summary_bg_stdv": 37.8362,
  "summary_fg_k": 11.1936,
  "summary_fg_mad": 102.2996,
  "summary_fg_mean": 301.5136,
  "summary_fg_median": 209.0,
  "summary_fg_n": 366383.0,
  "summary_fg_p05": 71.0,
  "summary_fg_p95": 878.0,
  "summary_fg_stdv": 271.6384,
  "summary_wm_k": 11.174,
  "summary_wm_mad": 102.2996,
  "summary_wm_mean": 301.2673,
  "summary_wm_median": 209.0,
  "summary_wm_n": 366679.0,
  "summary_wm_p05": 71.0,
  "summary_wm_p95": 878.0,
  "summary_wm_stdv": 271.5638
}