{
  "NumberOfShells": 4,
  "bValues": [
    0.0,
    700.0,
    1000.0,
    2000.0,
    3000.0
  ],
  "bValuesEstimation": [
    700.0,
    1000.0,
    2000.0,
    3000.0
  ],
  "bdiffs_max": 0.3892,
  "bdiffs_mean": 0.1869,
  "bdiffs_median": 0.1719,
  "bdiffs_min": 0.021,
  "bids_meta": {
    "AcquisitionMatrixPE": 146,
    "AcquisitionNumber": 1,
    "AcquisitionTime": "18:27:39.842500",
    "BandwidthPerPixelPhaseEncode": 14.573,
    "BaseResolution": 146,
    "BodyPartExamined": "BRAIN",
    "CoilCombinationMethod": "Adaptive Combine",
    "CoilString": "HeadNeck_64_CS",
    "ConversionSoftware": "dcm2niix",
    "ConversionSoftwareVersion": "v1.0.20220720",
    "Deltas": [
      0.0272,
      0.0469
    ],
    "DerivedVendorReportedEchoSpacing": 0.000940001,
    "DeviceSerialNumber": "202009",
    "DiffusionScheme": "Monopolar",
    "DwellTime": 2.1e-6,
    "EchoTime": 0.121,
    "EchoTrainLength": 64,
    "EffectiveEchoSpacing": 0.00047,
    "FileSize": 0.015337962657213211,
    "FileSizeUnits": "GB",
    "FlipAngle": 90,
    "HeudiconvVersion": "1.1.6.post8+ga0a3635",
    "ImageOrientationPatientDICOM": [
      0.998994,
      -0.0448318,
      -0.000882091,
      0.0371552,
      0.838628,
      -0.543436
    ],
    "ImageType": [
      "ORIGINAL",
      "PRIMARY",
      "DIFFUSION",
      "NONE",
      "ND",
      "NORM",
      "MFSPLIT"
    ],
    "ImageTypeText": [
      "ORIGINAL",
      "PRIMARY",
      "DIFFUSION",
      "NONE"
    ],
    "ImagingFrequency": 123.198,
    "InPlanePhaseEncodingDirectionDICOM": "ROW",
    "InstitutionAddress": "Rue du Bugnon 46,Lausanne,,CH,1011",
    "InstitutionName": "CHUV Lausanne",
    "MRAcquisitionType": "2D",
    "MagneticFieldStrength": 3,
    "Manufacturer": "Siemens",
    "ManufacturersModelName": "MAGNETOM Vida Fit",
    "Modality": "MR",
    "MultibandAccelerationFactor": 3,
    "NonlinearGradientCorrection": false,
    "NumberOfVolumes": 13,
    "ParallelReductionFactorInPlane": 2,
    "PartialFourier": 0.875,
    "PatientPosition": "HFS",
    "PercentPhaseFOV": 100,
    "PercentSampling": 100,
    "PhaseEncodingDirection": "i",
    "PhaseEncodingSteps": 146,
    "PhaseResolution": 1,
    "PixelBandwidth": 1631,
    "ProcedureStepDescription": "RESEARCH Oscar",
    "ProtocolName": "dwi-dwi_acq-highres_dir_RL",
    "PulseSequenceDetails": "%SiemensSeq%\\ep2d_diff",
    "ReceiveCoilActiveElements": "HC1-7;NC1",
    "ReceiveCoilName": "HeadNeck_64_CS",
    "ReconMatrixPE": 146,
    "RefLinesPE": 54,
    "RepetitionTime": 7,
    "SAR": 0.155987,
    "ScanOptions": "PFP\\FS\\PER",
    "ScanningSequence": "GR\\EP",
    "SequenceName": "*ep_b0",
    "SequenceVariant": "SK",
    "SeriesDescription": "dwi-dwi_acq-highres_dir_RL",
    "SeriesNumber": 14,
    "ShimSetting": [
      215,
      -1134,
      2607,
      716,
      497,
      -109,
      -217,
      -73
    ],
    "SliceThickness": 1.6,
    "SliceTiming": [
      0,
      -0.001,
      -0.001,
      -0.001,
      -0.001,
      -0.001,
      -0.001,
      -0.001,
      -0.001,
      -0.001,
      -0.001,
      -0.001,
      -0.001,
      -0.001,
      -0.001,
      -0.001,
      -0.001,
      -0.001,
      -0.001,
      -0.001,
      -0.001,
      -0.001,
      -0.001,
      -0.001,
      -0.001,
      -0.001,
      -0.001,
      -0.001,
      -0.001,
      -0.001,
      -0.001,
      -0.001,
      -0.001,
      -0.001,
      -0.001,
      -0.001,
      -0.001,
      -0.001,
      -0.001,
      -0.001,
      -0.001,
      -0.001,
      -0.001,
      -0.001,
      -0.001,
      -0.001,
      -0.001,
      -0.001,
      -0.001,
      -0.001,
      -0.001,
      -0.001,
      -0.001,
      -0.001,
      -0.001,
      -0.001,
      -0.001,
      -0.001,
      -0.001,
      -0.001,
      -0.001,
      -0.001,
      -0.001,
      -0.001,
      -0.001,
      -0.001,
      -0.001,
      -0.001,
      -0.001,
      -0.001,
      -0.001,
      -0.001,
      -0.001,
      -0.001,
      -0.001,
      -0.001,
      -0.001,
      -0.001,
      -0.001,
      -0.001,
      -0.001,
      -0.001,
      -0.001,
      -0.001,
      -0.001,
      -0.001,
      -0.001
    ],
    "SoftwareVersions": "syngo MR XA50",
    "SpacingBetweenSlices": 1.6,
    "StationName": "AWP202009",
    "TotalReadoutTime": 0.0681501,
    "TxRefAmp": 319.327,
    "acquisition": "highres",
    "dataset": "HCPh",
    "datatype": "dwi",
    "direction": "RL",
    "extension": ".nii.gz",
    "modality": "dwi",
    "session": "pilot20002030",
    "subject": "001",
    "suffix": "dwi"
  },
  "efc_shell01": 1.5606,
  "efc_shell02": 0.5055,
  "efc_shell03": 0.4518,
  "efc_shell04": 0.4571,
  "efc_shell05": 0.4659,
  "fa_degenerate": 0.0,
  "fa_nans": 0.0,
  "fber_shell01": 1560.25,
  "fber_shell02": 9801.0,
  "fber_shell03": 5184.0,
  "fber_shell04": 1764.0,
  "fber_shell05": 961.0,
  "fd_mean": 31.4477,
  "fd_num": 12,
  "fd_perc": 92.3076923076923,
  "ndc": 0.9742,
  "provenance": {
    "md5sum": "f7dae974559fcb6dfe8d8c937187c714",
    "settings": {
      "testing": false
    },
    "software": "mriqc",
    "version": "24.1.0.dev15+g9586c867.d20240825"
  },
  "sigma_cc": 0.0,
  "sigma_pca": 14.6178,
  "sigma_piesno": 0.3301,
  "snr_cc_shell0": 0,
  "snr_cc_shell1_best": 0,
  "snr_cc_shell1_worst": 0,
  "snr_cc_shell2_best": 0,
  "snr_cc_shell2_worst": 0,
  "snr_cc_shell3_best": 0,
  "snr_cc_shell3_worst": 0,
  "snr_cc_shell4_best": 0,
  "snr_cc_shell4_worst": 0,
  "spikes_global": 688.76,
  "spikes_slice_i": 3470.08,
  "spikes_slice_j": 4057.51,
  "spikes_slice_k": 4604.7,
  "summary_bg_k": 657.7205,
  "summary_bg_mad": 2.9652,
  "summary_bg_mean": 8.8655,
  "summary_bg_median": 2.0,
  "summary_bg_n": 1484302.0,
  "summary_bg_p05": 0.0,
  "summary_bg_p95": 32.0,
  "summary_bg_stdv": 44.6578,
  "summary_fg_k": 9.4036,
  "summary_fg_mad": 105.2648,
  "summary_fg_mean": 294.3231,
  "summary_fg_median": 204.0,
  "summary_fg_n": 370190.0,
  "summary_fg_p05": 65.0,
  "summary_fg_p95": 863.0,
  "summary_fg_stdv": 263.5949,
  "summary_wm_k": 9.4002,
  "summary_wm_mad": 105.2648,
  "summary_wm_mean": 294.0282,
  "summary_wm_median": 204.0,
  "summary_wm_n": 370569.0,
  "summary_wm_p05": 64.0,
  "summary_wm_p95": 863.0,
  "summary_wm_stdv": 263.6156
}
