{
  "NumberOfShells": 4,
  "bValues": [
    0.0,
    700.0,
    1000.0,
    2000.0,
    3000.0
  ],
  "bValuesEstimation": [
    700.0,
    1000.0,
    2000.0,
    3000.0
  ],
  "bdiffs_max": 0.1353,
  "bdiffs_mean": 0.0487,
  "bdiffs_median": 0.0445,
  "bdiffs_min": 0.005,
  "bids_meta": {
    "AcquisitionMatrixPE": 120,
    "AcquisitionNumber": 1,
    "AcquisitionTime": "20:08:12.622500",
    "B0FieldSource": [
      "pilot013pepolarb0",
      "pilot013phasediff"
    ],
    "BandwidthPerPixelPhaseEncode": 23.81,
    "BaseResolution": 120,
    "BodyPartExamined": "BRAIN",
    "CoilCombinationMethod": "Adaptive Combine",
    "CoilString": "HeadNeck_64",
    "ConversionSoftware": "dcm2niix",
    "ConversionSoftwareVersion": "v1.0.20220720",
    "Deltas": [
      0.0233,
      0.0475
    ],
    "DerivedVendorReportedEchoSpacing": 0.000699986,
    "DeviceSerialNumber": "67014",
    "DiffusionScheme": "Monopolar",
    "DwellTime": 2.4e-6,
    "EchoTime": 0.092,
    "EchoTrainLength": 51,
    "EffectiveEchoSpacing": 0.000349993,
    "FileSize": 0.11317322682589293,
    "FileSizeUnits": "GB",
    "FlipAngle": 90,
    "HeudiconvVersion": "1.0.0",
    "ImageOrientationPatientDICOM": [
      0.999619,
      0.0221961,
      0.0164095,
      -0.0139583,
      0.919334,
      -0.39323
    ],
    "ImageType": [
      "ORIGINAL",
      "PRIMARY",
      "DIFFUSION",
      "NONE",
      "ND",
      "MFSPLIT"
    ],
    "ImageTypeText": [
      "ORIGINAL",
      "PRIMARY",
      "DIFFUSION",
      "NONE"
    ],
    "ImagingFrequency": 123.248,
    "InPlanePhaseEncodingDirectionDICOM": "COL",
    "InstitutionAddress": "Rue du Bugnon 21,Lausanne,District,CH,1011",
    "InstitutionName": "CHUV",
    "MRAcquisitionType": "2D",
    "MagneticFieldStrength": 3,
    "Manufacturer": "Siemens",
    "ManufacturersModelName": "MAGNETOM Prisma Fit",
    "Modality": "MR",
    "MultibandAccelerationFactor": 3,
    "NonlinearGradientCorrection": false,
    "NumberOfVolumes": 141,
    "ParallelReductionFactorInPlane": 2,
    "PartialFourier": 0.875,
    "PatientPosition": "HFS",
    "PercentPhaseFOV": 100,
    "PercentSampling": 100,
    "PhaseEncodingDirection": "j",
    "PhaseEncodingSteps": 120,
    "PhaseResolution": 1,
    "PixelBandwidth": 1736,
    "ProcedureStepDescription": "RESEARCH Oscar",
    "ProtocolName": "dwi-dwi_acq-lowres_dir-PA__140dir_monopolar",
    "PulseSequenceDetails": "%SiemensSeq%\\ep2d_diff",
    "ReceiveCoilActiveElements": "HC1-7;NC1",
    "ReceiveCoilName": "HeadNeck_64",
    "ReconMatrixPE": 120,
    "RefLinesPE": 42,
    "RepetitionTime": 7.8,
    "SAR": 0.132833,
    "ScanOptions": "PFP\\FS\\PER",
    "ScanningSequence": "GR\\EP",
    "SequenceName": "*ep_b0",
    "SequenceVariant": "SK",
    "SeriesDescription": "dwi-dwi_acq-lowres_dir-PA__140dir_monopolar",
    "SeriesNumber": 11,
    "ShimSetting": [
      8234,
      -5626,
      -6037,
      624,
      0,
      -320,
      -64,
      26
    ],
    "SliceThickness": 2,
    "SliceTiming": [
      4.6325,
      0,
      4.7625,
      0.1275,
      4.89,
      0.2575,
      5.02,
      0.385,
      5.1475,
      0.515,
      5.2775,
      0.6425,
      5.405,
      0.7725,
      5.535,
      0.9,
      5.6625,
      1.03,
      5.7925,
      1.1575,
      5.92,
      1.2875,
      6.05,
      1.415,
      6.1775,
      1.545,
      6.3075,
      1.6725,
      6.435,
      1.8025,
      6.565,
      1.93,
      6.6925,
      2.06,
      6.8225,
      2.1875,
      6.95,
      2.3175,
      7.08,
      2.445,
      7.2075,
      2.575,
      7.3375,
      2.7025,
      7.465,
      2.8325,
      7.595,
      2.96,
      7.7225,
      3.09,
      7.85,
      3.2175,
      7.98,
      3.3475,
      8.1075,
      3.475,
      8.2375,
      3.605,
      8.365,
      3.7325,
      8.495,
      3.86,
      8.6225,
      3.99,
      8.7525,
      4.1175,
      8.88,
      4.2475,
      9.01,
      4.375,
      9.1375,
      4.505
    ],
    "SoftwareVersions": "syngo MR XA30",
    "SpacingBetweenSlices": 2,
    "StationName": "LRG10884",
    "TotalReadoutTime": 0.0416492,
    "TxRefAmp": 249.087,
    "VendorReportedEchoSpacing": 0.0007,
    "acquisition": "lowres",
    "dataset": "HCPh",
    "datatype": "dwi",
    "direction": "PA",
    "extension": ".nii.gz",
    "modality": "dwi",
    "session": "pilot013",
    "subject": "001",
    "suffix": "dwi"
  },
  "efc_shell01": 0.3811,
  "efc_shell02": 0.4528,
  "efc_shell03": 0.4637,
  "efc_shell04": 0.5023,
  "efc_shell05": 0.5472,
  "fa_degenerate": 0.0,
  "fa_nans": 0.0,
  "fber_shell01": 3366.7515,
  "fber_shell02": 1249.4467,
  "fber_shell03": 802.5605,
  "fber_shell04": 263.1361,
  "fber_shell05": 110.7759,
  "fd_mean": 4.1173,
  "fd_num": 140,
  "fd_perc": 99.29078014184397,
  "ndc": 0.719,
  "provenance": {
    "md5sum": "50dbda298fd5a852d02e93a99582484b",
    "settings": {
      "testing": false
    },
    "software": "mriqc",
    "version": "24.1.0.dev15+g9586c867.d20240825"
  },
  "sigma_cc": 22.239,
  "sigma_pca": 9.8876,
  "sigma_piesno": 0.9905,
  "snr_cc_shell0": 7.15,
  "snr_cc_shell1_best": 7.22,
  "snr_cc_shell1_worst": 7.22,
  "snr_cc_shell2_best": 4.61,
  "snr_cc_shell2_worst": 4.19,
  "snr_cc_shell3_best": 4.07,
  "snr_cc_shell3_worst": 2.01,
  "snr_cc_shell4_best": 2.55,
  "snr_cc_shell4_worst": 1.05,
  "spikes_global": 61.49,
  "spikes_slice_i": 274.17,
  "spikes_slice_j": 256.93,
  "spikes_slice_k": 394.01,
  "summary_bg_k": 546.3491,
  "summary_bg_mad": 5.9304,
  "summary_bg_mean": 29.3297,
  "summary_bg_median": 5.0,
  "summary_bg_n": 850939.0,
  "summary_bg_p05": 1.0,
  "summary_bg_p95": 134.0,
  "summary_bg_stdv": 111.4956,
  "summary_fg_k": 6.8096,
  "summary_fg_mad": 183.8427,
  "summary_fg_mean": 416.3188,
  "summary_fg_median": 326.0,
  "summary_fg_n": 185861.0,
  "summary_fg_p05": 109.0,
  "summary_fg_p95": 1058.0,
  "summary_fg_stdv": 312.6661,
  "summary_wm_k": 20.5424,
  "summary_wm_mad": 83.0257,
  "summary_wm_mean": 241.8562,
  "summary_wm_median": 232.0,
  "summary_wm_n": 54060.0,
  "summary_wm_p05": 104.0,
  "summary_wm_p95": 412.0,
  "summary_wm_stdv": 109.5197
}
