{
  "NumberOfShells": 4,
  "bValues": [
    0.0,
    700.0,
    1000.0,
    2000.0,
    3000.0
  ],
  "bValuesEstimation": [
    700.0,
    1000.0,
    2000.0,
    3000.0
  ],
  "bdiffs_max": 0.4095,
  "bdiffs_mean": 0.2067,
  "bdiffs_median": 0.197,
  "bdiffs_min": 0.0002,
  "bids_meta": {
    "AcquisitionMatrixPE": 148,
    "AcquisitionNumber": 1,
    "AcquisitionTime": "20:20:15.960000",
    "BandwidthPerPixelPhaseEncode": 14.077,
    "BaseResolution": 146,
    "BodyPartExamined": "BRAIN",
    "CoilCombinationMethod": "Adaptive Combine",
    "CoilString": "HeadNeck_64_CS",
    "ConversionSoftware": "dcm2niix",
    "ConversionSoftwareVersion": "v1.0.20220720",
    "Deltas": [
      0.0272,
      0.0469
    ],
    "DerivedVendorReportedEchoSpacing": 0.000959971,
    "DeviceSerialNumber": "202009",
    "DiffusionScheme": "Monopolar",
    "DwellTime": 2.1e-6,
    "EchoTime": 0.121,
    "EchoTrainLength": 64,
    "EffectiveEchoSpacing": 0.000479986,
    "FileSize": 0.329372875392437,
    "FileSizeUnits": "GB",
    "FlipAngle": 90,
    "HeudiconvVersion": "1.1.6.post8+ga0a3635",
    "ImageOrientationPatientDICOM": [
      0.999938,
      0.0109891,
      -0.00162415,
      -0.0104717,
      0.883698,
      -0.467941
    ],
    "ImageType": [
      "ORIGINAL",
      "PRIMARY",
      "DIFFUSION",
      "NONE",
      "ND",
      "NORM",
      "MFSPLIT"
    ],
    "ImageTypeText": [
      "ORIGINAL",
      "PRIMARY",
      "DIFFUSION",
      "NONE"
    ],
    "ImagingFrequency": 123.198,
    "InPlanePhaseEncodingDirectionDICOM": "ROW",
    "InstitutionAddress": "Rue du Bugnon 46,Lausanne,,CH,1011",
    "InstitutionName": "CHUV Lausanne",
    "MRAcquisitionType": "2D",
    "MagneticFieldStrength": 3,
    "Manufacturer": "Siemens",
    "ManufacturersModelName": "MAGNETOM Vida Fit",
    "Modality": "MR",
    "MultibandAccelerationFactor": 3,
    "NonlinearGradientCorrection": false,
    "NumberOfVolumes": 280,
    "ParallelReductionFactorInPlane": 2,
    "PartialFourier": 0.875,
    "PatientPosition": "HFS",
    "PercentPhaseFOV": 101.37,
    "PercentSampling": 100,
    "PhaseEncodingDirection": "i-",
    "PhaseEncodingSteps": 148,
    "PhaseResolution": 1,
    "PixelBandwidth": 1631,
    "ProcedureStepDescription": "RESEARCH Oscar",
    "ProtocolName": "dwi-dwi_acq-highres_dir-LR",
    "PulseSequenceDetails": "%SiemensSeq%\\ep2d_diff",
    "ReceiveCoilActiveElements": "HC1-7;NC1",
    "ReceiveCoilName": "HeadNeck_64_CS",
    "ReconMatrixPE": 148,
    "RefLinesPE": 54,
    "RepetitionTime": 7,
    "SAR": 0.148201,
    "ScanOptions": "PFP\\FS\\PER",
    "ScanningSequence": "GR\\EP",
    "SequenceName": "*ep_b0",
    "SequenceVariant": "SK",
    "SeriesDescription": "dwi-dwi_acq-highres_dir-LR",
    "SeriesNumber": 18,
    "ShimSetting": [
      239,
      -1156,
      2711,
      662,
      495,
      -127,
      -48,
      -63
    ],
    "SliceThickness": 1.6,
    "SliceTiming": [
      0,
      -0.001,
      -0.001,
      -0.001,
      -0.001,
      -0.001,
      -0.001,
      -0.001,
      -0.001,
      -0.001,
      -0.001,
      -0.001,
      -0.001,
      -0.001,
      -0.001,
      -0.001,
      -0.001,
      -0.001,
      -0.001,
      -0.001,
      -0.001,
      -0.001,
      -0.001,
      -0.001,
      -0.001,
      -0.001,
      -0.001,
      -0.001,
      -0.001,
      -0.001,
      -0.001,
      -0.001,
      -0.001,
      -0.001,
      -0.001,
      -0.001,
      -0.001,
      -0.001,
      -0.001,
      -0.001,
      -0.001,
      -0.001,
      -0.001,
      -0.001,
      -0.001,
      -0.001,
      -0.001,
      -0.001,
      -0.001,
      -0.001,
      -0.001,
      -0.001,
      -0.001,
      -0.001,
      -0.001,
      -0.001,
      -0.001,
      -0.001,
      -0.001,
      -0.001,
      -0.001,
      -0.001,
      -0.001,
      -0.001,
      -0.001,
      -0.001,
      -0.001,
      -0.001,
      -0.001,
      -0.001,
      -0.001,
      -0.001,
      -0.001,
      -0.001,
      -0.001,
      -0.001,
      -0.001,
      -0.001,
      -0.001,
      -0.001,
      -0.001,
      -0.001,
      -0.001,
      -0.001,
      -0.001,
      -0.001,
      -0.001
    ],
    "SoftwareVersions": "syngo MR XA50",
    "SpacingBetweenSlices": 1.6,
    "StationName": "AWP202009",
    "TotalReadoutTime": 0.0705579,
    "TxRefAmp": 309.086,
    "VendorReportedEchoSpacing": 0.00096,
    "acquisition": "highres",
    "dataset": "HCPh",
    "datatype": "dwi",
    "direction": "LR",
    "extension": ".nii.gz",
    "modality": "dwi",
    "session": "20902030",
    "subject": "001",
    "suffix": "dwi"
  },
  "efc_shell01": 0.3401,
  "efc_shell02": 0.4344,
  "efc_shell03": 0.4295,
  "efc_shell04": 0.4462,
  "efc_shell05": 0.4584,
  "fa_degenerate": 0.0,
  "fa_nans": 0.0,
  "fber_shell01": 18976.5508,
  "fber_shell02": 7283.3491,
  "fber_shell03": 7415.0815,
  "fber_shell04": 2213.5178,
  "fber_shell05": 1157.5214,
  "fd_mean": 36.8026,
  "fd_num": 277,
  "fd_perc": 98.92857142857143,
  "ndc": 0.5913,
  "provenance": {
    "md5sum": "939c73663f43ff822131daf3cb9eaaec",
    "settings": {
      "testing": false
    },
    "software": "mriqc",
    "version": "24.1.0.dev15+g9586c867.d20240825"
  },
  "sigma_cc": 75.6127,
  "sigma_pca": 14.1333,
  "sigma_piesno": 0.3301,
  "snr_cc_shell0": 2.74,
  "snr_cc_shell1_best": 2.73,
  "snr_cc_shell1_worst": 2.73,
  "snr_cc_shell2_best": 1.95,
  "snr_cc_shell2_worst": 1.15,
  "snr_cc_shell3_best": 1.39,
  "snr_cc_shell3_worst": 1.2,
  "snr_cc_shell4_best": 0.87,
  "snr_cc_shell4_worst": 0.79,
  "spikes_global": 34.4,
  "spikes_slice_i": 195.13,
  "spikes_slice_j": 195.27,
  "spikes_slice_k": 224.78,
  "summary_bg_k": 818.5549,
  "summary_bg_mad": 1.4826,
  "summary_bg_mean": 8.8296,
  "summary_bg_median": 1.0,
  "summary_bg_n": 1513532.0,
  "summary_bg_p05": 0.0,
  "summary_bg_p95": 33.0,
  "summary_bg_stdv": 47.2289,
  "summary_fg_k": 11.4878,
  "summary_fg_mad": 96.3691,
  "summary_fg_mean": 300.3516,
  "summary_fg_median": 217.0,
  "summary_fg_n": 366364.0,
  "summary_fg_p05": 83.0,
  "summary_fg_p95": 826.0,
  "summary_fg_stdv": 254.8478,
  "summary_wm_k": 35.1929,
  "summary_wm_mad": 53.3737,
  "summary_wm_mean": 199.5523,
  "summary_wm_median": 190.0,
  "summary_wm_n": 130923.0,
  "summary_wm_p05": 66.0,
  "summary_wm_p95": 331.0,
  "summary_wm_stdv": 98.0788
}
