{
  "bids_meta": {
    "AcquisitionMatrixPE": 320,
    "AcquisitionNumber": 1,
    "AcquisitionTime": "22:12:40.182500",
    "BaseResolution": 320,
    "BodyPartExamined": "BRAIN",
    "CoilCombinationMethod": "Adaptive Combine",
    "CoilString": "HeadNeck_64",
    "ConversionSoftware": "dcm2niix",
    "ConversionSoftwareVersion": "v1.0.20220720",
    "DeviceSerialNumber": "67014",
    "DwellTime": 2.2e-6,
    "EchoTime": 0.413,
    "EchoTrainLength": 248,
    "FileSize": 0.01629096083343029,
    "FileSizeUnits": "GB",
    "FlipAngle": 120,
    "HeudiconvVersion": "1.1.6.post8+ga0a3635",
    "ImageOrientationPatientDICOM": [
      0.00552729,
      0.985849,
      0.167547,
      0.0566964,
      0.166972,
      -0.98433
    ],
    "ImageType": [
      "ORIGINAL",
      "PRIMARY",
      "M",
      "ND",
      "NORM",
      "MFSPLIT"
    ],
    "ImageTypeText": [
      "ORIGINAL",
      "PRIMARY",
      "M",
      "NONE"
    ],
    "ImagingFrequency": 123.248,
    "InPlanePhaseEncodingDirectionDICOM": "ROW",
    "InstitutionAddress": "Rue du Bugnon 21,Lausanne,District,CH,1011",
    "InstitutionName": "CHUV",
    "MRAcquisitionType": "3D",
    "MagneticFieldStrength": 3,
    "Manufacturer": "Siemens",
    "ManufacturersModelName": "MAGNETOM Prisma Fit",
    "MatrixCoilMode": "GRAPPA",
    "Modality": "MR",
    "NonlinearGradientCorrection": false,
    "NumberOfVolumes": 1,
    "ParallelReductionFactorInPlane": 3,
    "PartialFourier": 1,
    "PatientPosition": "HFS",
    "PercentPhaseFOV": 100,
    "PercentSampling": 100,
    "PhaseEncodingDirection": "i",
    "PhaseEncodingSteps": 320,
    "PhaseResolution": 1,
    "PixelBandwidth": 710,
    "ProcedureStepDescription": "RESEARCH Oscar",
    "ProtocolName": "anat-T2w__space",
    "PulseSequenceDetails": "%SiemensSeq%\\space",
    "ReceiveCoilActiveElements": "HC1-7;NC1,2",
    "ReceiveCoilName": "HeadNeck_64",
    "ReconMatrixPE": 320,
    "RefLinesPE": 24,
    "RepetitionTime": 3.2,
    "SAR": 0.121639,
    "ScanOptions": "PFP\\PER",
    "ScanningSequence": "SE",
    "SequenceName": "*spcR_282ns",
    "SequenceVariant": "SP\\SK",
    "SeriesDescription": "anat-T2w__space_ND",
    "SeriesNumber": 27,
    "ShimSetting": [
      8228,
      -5666,
      -6274,
      307,
      -57,
      -153,
      48,
      21
    ],
    "SliceThickness": 0.8,
    "SoftwareVersions": "syngo MR XA30",
    "StationName": "LRG10884",
    "TxRefAmp": 248.165,
    "acquisition": "original",
    "dataset": "HCPh",
    "datatype": "anat",
    "extension": ".nii.gz",
    "modality": "T2w",
    "session": "21101060",
    "subject": "001",
    "suffix": "T2w"
  },
  "cjv": 1.4879349056603772,
  "cnr": 0.6376021683515519,
  "efc": 0.5007,
  "fber": -1.0,
  "fwhm_avg": 2.747841151953588,
  "fwhm_x": 2.6406610393499212,
  "fwhm_y": 2.9545999559730296,
  "fwhm_z": 2.648262460537814,
  "icvs_csf": 0.2760807242714934,
  "icvs_gm": 0.34480554305721955,
  "icvs_wm": 0.37911373267128706,
  "inu_med": 1.003481924533844,
  "inu_range": 0.3235172390937804,
  "provenance": {
    "md5sum": "a9b81c0e2be7abe9955691709ce1b20d",
    "settings": {
      "testing": false
    },
    "software": "mriqc",
    "version": "24.1.0.dev15+g9586c867.d20240825",
    "warnings": {
      "large_rot_frame": true,
      "small_air_mask": false
    }
  },
  "qi_1": 0.0,
  "qi_2": 0.002639545126187558,
  "rpve_csf": 8.159375330514669,
  "rpve_gm": 8.001225271107039,
  "rpve_wm": 8.03433948092515,
  "size_x": 240,
  "size_y": 320,
  "size_z": 320,
  "snr_csf": 1.4627862310260475,
  "snr_gm": 4.754466830329472,
  "snr_total": 4.2947286749380655,
  "snr_wm": 6.666932963458677,
  "snrd_csf": 40.56141353829384,
  "snrd_gm": 35.46826517167313,
  "snrd_total": 35.31074511909723,
  "snrd_wm": 29.90255664732472,
  "spacing_x": 0.8001973628997803,
  "spacing_y": 0.800000011920929,
  "spacing_z": 0.800000011920929,
  "summary_bg_k": 993.4484,
  "summary_bg_mad": 0.0,
  "summary_bg_mean": 3.2384,
  "summary_bg_median": 0.0,
  "summary_bg_n": 6134030.0,
  "summary_bg_p05": 0.0,
  "summary_bg_p95": 17.0,
  "summary_bg_stdv": 24.9544,
  "summary_csf_k": -1.3818,
  "summary_csf_mad": 1682.861,
  "summary_csf_mean": 1614.4806,
  "summary_csf_median": 1545.0,
  "summary_csf_n": 821188.3108211821,
  "summary_csf_p05": 92.0,
  "summary_csf_p95": 3452.0,
  "summary_csf_stdv": 1056.2029,
  "summary_gm_k": 45.6845,
  "summary_gm_mad": 180.1282,
  "summary_gm_mean": 1349.8492,
  "summary_gm_median": 1351.0,
  "summary_gm_n": 1025606.8481857975,
  "summary_gm_p05": 927.0,
  "summary_gm_p95": 1808.0,
  "summary_gm_stdv": 284.1537,
  "summary_wm_k": 100.6949,
  "summary_wm_mad": 135.314,
  "summary_wm_mean": 1150.8972,
  "summary_wm_median": 1139.0,
  "summary_wm_n": 1127654.842846966,
  "summary_wm_p05": 915.0,
  "summary_wm_p95": 1415.0,
  "summary_wm_stdv": 170.8431,
  "tpm_overlap_csf": 0.20877012489456556,
  "tpm_overlap_gm": 0.5090775975673439,
  "tpm_overlap_wm": 0.5264096573499523,
  "wm2max": 0.29848493360511524
}
