{
  "bids_meta": {
    "AcquisitionMatrixPE": 320,
    "AcquisitionNumber": 1,
    "AcquisitionTime": "22:12:40.182500",
    "BaseResolution": 320,
    "BodyPartExamined": "BRAIN",
    "CoilCombinationMethod": "Adaptive Combine",
    "CoilString": "HeadNeck_64",
    "ConversionSoftware": "dcm2niix",
    "ConversionSoftwareVersion": "v1.0.20220720",
    "DeviceSerialNumber": "67014",
    "DwellTime": 2.2e-6,
    "EchoTime": 0.413,
    "EchoTrainLength": 248,
    "FileSize": 0.015351765789091587,
    "FileSizeUnits": "GB",
    "FlipAngle": 120,
    "HeudiconvVersion": "1.1.6.post8+ga0a3635",
    "ImageOrientationPatientDICOM": [
      0.00552729,
      0.985849,
      0.167547,
      0.0566964,
      0.166972,
      -0.98433
    ],
    "ImageType": [
      "ORIGINAL",
      "PRIMARY",
      "M",
      "NORM",
      "DIS3D",
      "MFSPLIT"
    ],
    "ImageTypeText": [
      "ORIGINAL",
      "PRIMARY",
      "M",
      "NONE"
    ],
    "ImagingFrequency": 123.248,
    "InPlanePhaseEncodingDirectionDICOM": "ROW",
    "InstitutionAddress": "Rue du Bugnon 21,Lausanne,District,CH,1011",
    "InstitutionName": "CHUV",
    "MRAcquisitionType": "3D",
    "MagneticFieldStrength": 3,
    "Manufacturer": "Siemens",
    "ManufacturersModelName": "MAGNETOM Prisma Fit",
    "MatrixCoilMode": "GRAPPA",
    "Modality": "MR",
    "NonlinearGradientCorrection": true,
    "NumberOfVolumes": 1,
    "ParallelReductionFactorInPlane": 3,
    "PartialFourier": 1,
    "PatientPosition": "HFS",
    "PercentPhaseFOV": 100,
    "PercentSampling": 100,
    "PhaseEncodingDirection": "i",
    "PhaseEncodingSteps": 320,
    "PhaseResolution": 1,
    "PixelBandwidth": 710,
    "ProcedureStepDescription": "RESEARCH Oscar",
    "ProtocolName": "anat-T2w__space",
    "PulseSequenceDetails": "%SiemensSeq%\\space",
    "ReceiveCoilActiveElements": "HC1-7;NC1,2",
    "ReceiveCoilName": "HeadNeck_64",
    "ReconMatrixPE": 320,
    "RefLinesPE": 24,
    "RepetitionTime": 3.2,
    "SAR": 0.121639,
    "ScanOptions": "PFP\\PER",
    "ScanningSequence": "SE",
    "SequenceName": "*spcR_282ns",
    "SequenceVariant": "SP\\SK",
    "SeriesDescription": "anat-T2w__space",
    "SeriesNumber": 28,
    "ShimSetting": [
      8228,
      -5666,
      -6274,
      307,
      -57,
      -153,
      48,
      21
    ],
    "SliceThickness": 0.8,
    "SoftwareVersions": "syngo MR XA30",
    "StationName": "LRG10884",
    "TxRefAmp": 248.165,
    "acquisition": "undistorted",
    "dataset": "HCPh",
    "datatype": "anat",
    "extension": ".nii.gz",
    "modality": "T2w",
    "session": "21101060",
    "subject": "001",
    "suffix": "T2w"
  },
  "cjv": 1.486334482758621,
  "cnr": 0.6384540267706549,
  "efc": 0.5066,
  "fber": -1.0,
  "fwhm_avg": 2.633024207092379,
  "fwhm_x": 2.542722701092969,
  "fwhm_y": 2.8280124578593306,
  "fwhm_z": 2.5283374623248362,
  "icvs_csf": 0.27767497792839546,
  "icvs_gm": 0.34011277810707014,
  "icvs_wm": 0.3822122439645344,
  "inu_med": 1.0189874172210693,
  "inu_range": 0.2998334765434265,
  "provenance": {
    "md5sum": "4ba695f3dec07160044df8e74ab60c18",
    "settings": {
      "testing": false
    },
    "software": "mriqc",
    "version": "24.1.0.dev15+g9586c867.d20240825",
    "warnings": {
      "large_rot_frame": true,
      "small_air_mask": false
    }
  },
  "qi_1": 0.0,
  "qi_2": 0.002265057570417785,
  "rpve_csf": 8.15709908423124,
  "rpve_gm": 8.007248556539036,
  "rpve_wm": 8.042996628749746,
  "size_x": 240,
  "size_y": 320,
  "size_z": 320,
  "snr_csf": 1.3876138869765304,
  "snr_gm": 4.262514872010379,
  "snr_total": 4.0465552840483205,
  "snr_wm": 6.489537093158051,
  "snrd_csf": 35.87698991541068,
  "snrd_gm": 30.59698007880307,
  "snrd_total": 30.612022841870328,
  "snrd_wm": 25.362098531397237,
  "spacing_x": 0.8001973628997803,
  "spacing_y": 0.800000011920929,
  "spacing_z": 0.800000011920929,
  "summary_bg_k": 883.8674,
  "summary_bg_mad": 0.0,
  "summary_bg_mean": 3.047,
  "summary_bg_median": 0.0,
  "summary_bg_n": 6166988.0,
  "summary_bg_p05": 0.0,
  "summary_bg_p95": 16.0,
  "summary_bg_stdv": 29.0344,
  "summary_csf_k": -1.4049,
  "summary_csf_mad": 1840.0473,
  "summary_csf_mean": 1668.2932,
  "summary_csf_median": 1590.0,
  "summary_csf_n": 825998.9245300945,
  "summary_csf_p05": 15.0,
  "summary_csf_p95": 3665.0,
  "summary_csf_stdv": 1145.8512,
  "summary_gm_k": 35.2711,
  "summary_gm_mad": 209.1521,
  "summary_gm_mean": 1355.7827,
  "summary_gm_median": 1356.0,
  "summary_gm_n": 1011732.4615681693,
  "summary_gm_p05": 890.0,
  "summary_gm_p95": 1874.0,
  "summary_gm_stdv": 318.1219,
  "summary_wm_k": 111.6814,
  "summary_wm_mad": 135.6775,
  "summary_wm_mean": 1137.4499,
  "summary_wm_median": 1124.0,
  "summary_wm_n": 1136965.6164638335,
  "summary_wm_p05": 900.0,
  "summary_wm_p95": 1409.0,
  "summary_wm_stdv": 173.2018,
  "tpm_overlap_csf": 0.2080357596189588,
  "tpm_overlap_gm": 0.49936085735311536,
  "tpm_overlap_wm": 0.521885825965351,
  "wm2max": 0.2842130918362015
}
