{
  "bids_meta": {
    "AcquisitionMatrixPE": 252,
    "AcquisitionNumber": 1,
    "AcquisitionTime": "21:00:31.860000",
    "BaseResolution": 288,
    "BodyPartExamined": "BRAIN",
    "CoilCombinationMethod": "Adaptive Combine",
    "CoilString": "HeadNeck_64",
    "ConversionSoftware": "dcm2niix",
    "ConversionSoftwareVersion": "v1.0.20220720",
    "DeviceSerialNumber": "67014",
    "DwellTime": 6.7e-6,
    "EchoTime": 0.00255,
    "FileSize": 0.011594594456255436,
    "FileSizeUnits": "GB",
    "FlipAngle": 8,
    "HeudiconvVersion": "1.1.6.post8+ga0a3635",
    "ImageOrientationPatientDICOM": [
      1,
      -1.1103e-11,
      4e-6,
      -4.897e-12,
      1,
      4e-6
    ],
    "ImageType": [
      "ORIGINAL",
      "PRIMARY",
      "M",
      "NORM",
      "DIS2D",
      "FM3",
      "2",
      "FIL",
      "MFSPLIT"
    ],
    "ImageTypeText": [
      "ORIGINAL",
      "PRIMARY",
      "M",
      "NONE"
    ],
    "ImagingFrequency": 123.248,
    "InPlanePhaseEncodingDirectionDICOM": "ROW",
    "InstitutionAddress": "Rue du Bugnon 21,Lausanne,District,CH,1011",
    "InstitutionName": "CHUV",
    "InversionTime": 0.9,
    "MRAcquisitionType": "3D",
    "MagneticFieldStrength": 3,
    "Manufacturer": "Siemens",
    "ManufacturersModelName": "MAGNETOM Prisma Fit",
    "MatrixCoilMode": "GRAPPA",
    "Modality": "MR",
    "NonlinearGradientCorrection": true,
    "NumberOfVolumes": 1,
    "ParallelReductionFactorInPlane": 2,
    "PartialFourier": 1,
    "PatientPosition": "HFS",
    "PercentPhaseFOV": 87.5,
    "PercentSampling": 100,
    "PhaseEncodingSteps": 252,
    "PhaseResolution": 1,
    "PixelBandwidth": 259,
    "ProcedureStepDescription": "RESEARCH Oscar",
    "ProtocolName": "anat-T1w__t1_mprage_tra_p2_iso_siemens_axial",
    "PulseSequenceDetails": "%SiemensSeq%\\tfl",
    "ReceiveCoilActiveElements": "HC1-6",
    "ReceiveCoilName": "HeadNeck_64",
    "ReconMatrixPE": 252,
    "RefLinesPE": 24,
    "RepetitionTime": 2.2,
    "SAR": 0.0388591,
    "ScanOptions": "PER",
    "ScanningSequence": "GR",
    "SequenceName": "*tfl3d1_16",
    "SequenceVariant": "SK",
    "SeriesDescription": "anat-T1w__t1_mprage_tra_p2_iso_siemens_axial",
    "SeriesNumber": 9,
    "ShimSetting": [
      8228,
      -5666,
      -6274,
      307,
      -57,
      -153,
      48,
      21
    ],
    "SliceThickness": 0.8,
    "SoftwareVersions": "syngo MR XA30",
    "StationName": "LRG10884",
    "TxRefAmp": 248.165,
    "acquisition": "undistorted",
    "dataset": "HCPh",
    "datatype": "anat",
    "extension": ".nii.gz",
    "modality": "T1w",
    "session": "21101060",
    "subject": "001",
    "suffix": "T1w"
  },
  "cjv": 0.636917175572519,
  "cnr": 1.486951786926513,
  "efc": 0.5291,
  "fber": -1.0,
  "fwhm_avg": 4.726511889490676,
  "fwhm_x": 4.33958468376051,
  "fwhm_y": 5.299326052372103,
  "fwhm_z": 4.540624932339416,
  "icvs_csf": 0.2798731589965432,
  "icvs_gm": 0.3734834777868776,
  "icvs_wm": 0.3466433632165792,
  "inu_med": 0.5954880714416504,
  "inu_range": 0.2641776204109192,
  "provenance": {
    "md5sum": "bc628f8b6ac347a92cc43395ccbd604c",
    "settings": {
      "testing": false
    },
    "software": "mriqc",
    "version": "24.1.0.dev15+g9586c867.d20240825",
    "warnings": {
      "large_rot_frame": true,
      "small_air_mask": false
    }
  },
  "qi_1": 0.0,
  "qi_2": 0.0016046067362883501,
  "rpve_csf": 4.544240723136869,
  "rpve_gm": 4.436743478021569,
  "rpve_wm": 4.514774790213567,
  "size_x": 252,
  "size_y": 288,
  "size_z": 192,
  "snr_csf": 1.511944222932663,
  "snr_gm": 4.871707132460274,
  "snr_total": 5.308486395849022,
  "snr_wm": 9.541807832154129,
  "snrd_csf": 5.9170059231253935,
  "snrd_gm": 13.544242794130884,
  "snrd_total": 12.718614060671527,
  "snrd_wm": 18.694593464758306,
  "spacing_x": 0.7986109852790833,
  "spacing_y": 0.7986109852790833,
  "spacing_z": 0.800000011920929,
  "summary_bg_k": 196.2821,
  "summary_bg_mad": 0.0,
  "summary_bg_mean": 5.0148,
  "summary_bg_median": 0.0,
  "summary_bg_n": 4552678.0,
  "summary_bg_p05": 0.0,
  "summary_bg_p95": 13.0,
  "summary_bg_stdv": 33.327,
  "summary_csf_k": -0.7632,
  "summary_csf_mad": 170.6787,
  "summary_csf_mean": 318.2425,
  "summary_csf_median": 301.0,
  "summary_csf_n": 842801.9153978868,
  "summary_csf_p05": 23.0,
  "summary_csf_p95": 675.0,
  "summary_csf_stdv": 199.0813,
  "summary_gm_k": 0.7878,
  "summary_gm_mad": 92.1376,
  "summary_gm_mean": 689.0338,
  "summary_gm_median": 689.0,
  "summary_gm_n": 1124697.3149437758,
  "summary_gm_p05": 453.0,
  "summary_gm_p95": 951.0,
  "summary_gm_stdv": 141.4288,
  "summary_wm_k": 0.0493,
  "summary_wm_mad": 74.7347,
  "summary_wm_mean": 926.5004,
  "summary_wm_median": 951.0,
  "summary_wm_n": 1043871.772221311,
  "summary_wm_p05": 732.0,
  "summary_wm_p95": 1053.0,
  "summary_wm_stdv": 99.6666,
  "tpm_overlap_csf": 0.17742913620025375,
  "tpm_overlap_gm": 0.5354900623713513,
  "tpm_overlap_wm": 0.5436825436437561,
  "wm2max": 0.47851579124886234
}
