{
  "NumberOfShells": 4,
  "bValues": [
    0.0,
    700.0,
    1000.0,
    2000.0,
    3000.0
  ],
  "bValuesEstimation": [
    700.0,
    1000.0,
    2000.0,
    3000.0
  ],
  "bdiffs_max": 0.1273,
  "bdiffs_mean": 0.0805,
  "bdiffs_median": 0.0861,
  "bdiffs_min": 0.0128,
  "bids_meta": {
    "AcquisitionMatrixPE": 146,
    "AcquisitionNumber": 1,
    "AcquisitionTime": "20:34:37.907500",
    "B0FieldSource": [
      "011pepolarb0",
      "011phasediff"
    ],
    "BandwidthPerPixelPhaseEncode": 19.569,
    "BaseResolution": 146,
    "BodyPartExamined": "BRAIN",
    "CoilCombinationMethod": "Adaptive Combine",
    "CoilString": "HeadNeck_64",
    "ConversionSoftware": "dcm2niix",
    "ConversionSoftwareVersion": "v1.0.20220720",
    "Deltas": [
      0.0233,
      0.0475
    ],
    "DerivedVendorReportedEchoSpacing": 0.000700017,
    "DeviceSerialNumber": "67014",
    "DiffusionScheme": "Monopolar",
    "DwellTime": 2.1e-6,
    "EchoTime": 0.098,
    "EchoTrainLength": 64,
    "EffectiveEchoSpacing": 0.000350008,
    "FileSize": 0.01619775965809822,
    "FileSizeUnits": "GB",
    "FlipAngle": 90,
    "HeudiconvVersion": "1.0.0",
    "ImageOrientationPatientDICOM": [
      0.998386,
      0.0262204,
      0.0503772,
      -0.0217848,
      0.995999,
      -0.0866633
    ],
    "ImageType": [
      "ORIGINAL",
      "PRIMARY",
      "DIFFUSION",
      "NONE",
      "ND",
      "MFSPLIT"
    ],
    "ImageTypeText": [
      "ORIGINAL",
      "PRIMARY",
      "DIFFUSION",
      "NONE"
    ],
    "ImagingFrequency": 123.248,
    "InPlanePhaseEncodingDirectionDICOM": "COL",
    "InstitutionAddress": "Rue du Bugnon 21,Lausanne,District,CH,1011",
    "InstitutionName": "CHUV",
    "MRAcquisitionType": "2D",
    "MagneticFieldStrength": 3,
    "Manufacturer": "Siemens",
    "ManufacturersModelName": "MAGNETOM Prisma Fit",
    "Modality": "MR",
    "MultibandAccelerationFactor": 3,
    "NonlinearGradientCorrection": false,
    "NumberOfVolumes": 10,
    "ParallelReductionFactorInPlane": 2,
    "PartialFourier": 0.875,
    "PatientPosition": "HFS",
    "PercentPhaseFOV": 100,
    "PercentSampling": 100,
    "PhaseEncodingDirection": "j-",
    "PhaseEncodingSteps": 146,
    "PhaseResolution": 1,
    "PixelBandwidth": 1631,
    "ProcedureStepDescription": "RESEARCH Oscar",
    "ProtocolName": "dwi-dwi_acq-highres_dir-AP__trigger_monopolar",
    "PulseSequenceDetails": "%CustomerSeq%\\ep2d_diff_trigg",
    "ReceiveCoilActiveElements": "HC1-7",
    "ReceiveCoilName": "HeadNeck_64",
    "ReconMatrixPE": 146,
    "RefLinesPE": 54,
    "RepetitionTime": 7,
    "SAR": 0.164647,
    "ScanOptions": "PFP\\FS\\PER",
    "ScanningSequence": "GR\\EP",
    "SequenceName": "ep_b0",
    "SequenceVariant": "SK",
    "SeriesDescription": "dwi-dwi_acq-highres_dir-AP__trigger_monopolar",
    "SeriesNumber": 10,
    "ShimSetting": [
      8242,
      -5623,
      -6049,
      597,
      -61,
      -280,
      14,
      23
    ],
    "SliceThickness": 1.6,
    "SliceTiming": [
      0,
      6.145,
      0.14,
      6.285,
      0.28,
      6.425,
      0.42,
      6.5625,
      0.56,
      6.7025,
      0.7,
      6.8425,
      0.8375,
      6.9825,
      0.9775,
      7.1225,
      1.1175,
      7.2625,
      1.2575,
      7.4025,
      1.3975,
      7.54,
      1.5375,
      7.68,
      1.6775,
      7.82,
      1.815,
      7.96,
      1.955,
      8.1,
      2.095,
      8.24,
      2.235,
      8.38,
      2.375,
      8.5175,
      2.515,
      8.6575,
      2.655,
      8.7975,
      2.7925,
      8.9375,
      2.9325,
      9.0775,
      3.0725,
      9.2175,
      3.2125,
      9.3575,
      3.3525,
      9.495,
      3.4925,
      9.635,
      3.6325,
      9.775,
      3.77,
      9.915,
      3.91,
      10.055,
      4.05,
      10.195,
      4.19,
      10.335,
      4.33,
      10.4725,
      4.47,
      10.6125,
      4.61,
      10.7525,
      4.7475,
      10.8925,
      4.8875,
      11.0325,
      5.0275,
      11.1725,
      5.1675,
      11.3125,
      5.3075,
      11.45,
      5.4475,
      11.59,
      5.585,
      11.73,
      5.725,
      11.87,
      5.865,
      12.01,
      6.005
    ],
    "SoftwareVersions": "syngo MR XA30",
    "SpacingBetweenSlices": 1.6,
    "StationName": "LRG10884",
    "TotalReadoutTime": 0.0507512,
    "TxRefAmp": 242.543,
    "acquisition": "highres",
    "dataset": "HCPh",
    "datatype": "dwi",
    "direction": "AP",
    "extension": ".nii.gz",
    "modality": "dwi",
    "run": 1,
    "session": "011",
    "subject": "001",
    "suffix": "dwi"
  },
  "efc_shell01": 2.2002,
  "efc_shell02": 1.022,
  "efc_shell03": 0.8172,
  "efc_shell04": 0.5942,
  "efc_shell05": 0.6179,
  "fa_degenerate": 0.0,
  "fa_nans": 0.0,
  "fber_shell01": 19.0741,
  "fber_shell02": 110.25,
  "fber_shell03": 107.6406,
  "fber_shell04": 75.9388,
  "fber_shell05": 32.6531,
  "fd_mean": 10.5267,
  "fd_num": 9,
  "fd_perc": 90.0,
  "ndc": 0.5062,
  "provenance": {
    "md5sum": "7fabc8a78f089e9caf92cb1ad64a75fa",
    "settings": {
      "testing": false
    },
    "software": "mriqc",
    "version": "24.1.0.dev15+g9586c867.d20240825"
  },
  "sigma_cc": 0.0,
  "sigma_pca": 17.2125,
  "sigma_piesno": 1.9809,
  "snr_cc_shell0": 0,
  "snr_cc_shell1_best": 0,
  "snr_cc_shell1_worst": 0,
  "snr_cc_shell2_best": 0,
  "snr_cc_shell2_worst": 0,
  "snr_cc_shell3_best": 0,
  "snr_cc_shell3_worst": 0,
  "snr_cc_shell4_best": 0,
  "snr_cc_shell4_worst": 0,
  "spikes_global": 819.04,
  "spikes_slice_i": 4597.7,
  "spikes_slice_j": 4873.25,
  "spikes_slice_k": 3912.55,
  "summary_bg_k": 230.0008,
  "summary_bg_mad": 8.8956,
  "summary_bg_mean": 27.9603,
  "summary_bg_median": 9.0,
  "summary_bg_n": 1492723.0,
  "summary_bg_p05": 1.0,
  "summary_bg_p95": 104.0,
  "summary_bg_stdv": 79.7871,
  "summary_fg_k": 10.4506,
  "summary_fg_mad": 171.9819,
  "summary_fg_mean": 406.0655,
  "summary_fg_median": 306.0,
  "summary_fg_n": 361769.0,
  "summary_fg_p05": 93.0,
  "summary_fg_p95": 1102.0,
  "summary_fg_stdv": 342.265,
  "summary_wm_k": 10.4376,
  "summary_wm_mad": 171.9819,
  "summary_wm_mean": 405.6534,
  "summary_wm_median": 306.0,
  "summary_wm_n": 362298.0,
  "summary_wm_p05": 92.0,
  "summary_wm_p95": 1101.0,
  "summary_wm_stdv": 342.3885
}
