{
  "aor": [
    0.0002844459279038718,
    0.00041267022696929234,
    0.0005249532710280373,
    0.0006803471295060079
  ],
  "aqi": [
    0.012471864058744992,
    0.015014796328437916,
    0.0221009726835781,
    0.03398344392523364
  ],
  "bids_meta": {
    "AcquisitionDuration": 1230.47,
    "AcquisitionMatrixPE": 96,
    "AcquisitionNumber": 1,
    "AcquisitionTime": "20:24:27.245000",
    "B0FieldSource": [
      "023pepolarbold",
      "023phasediff"
    ],
    "BandwidthPerPixelPhaseEncode": 37.879,
    "BaseResolution": 96,
    "BodyPartExamined": "BRAIN",
    "CogAtlasID": "https://www.cognitiveatlas.org/task/id/trm_4c8a834779883/",
    "CoilCombinationMethod": "Sum of Squares",
    "CoilString": "HeadNeck_64",
    "ConversionSoftware": "dcm2niix",
    "ConversionSoftwareVersion": "v1.0.20220720",
    "DerivedVendorReportedEchoSpacing": 0.000549997,
    "DeviceSerialNumber": "67014",
    "DwellTime": 2.3e-6,
    "EchoNumber": 3,
    "EchoTime": 0.05348,
    "EchoTrainLength": 35,
    "EffectiveEchoSpacing": 0.000274998,
    "FileSize": 0.37135442439466715,
    "FileSizeUnits": "GB",
    "FlipAngle": 64,
    "HeudiconvVersion": "1.0.0",
    "ImageComments": "Unaliased MB4/PE4/LB",
    "ImageOrientationPatientDICOM": [
      0.998852,
      -0.00202927,
      0.0478582,
      0.0212718,
      0.913976,
      -0.40521
    ],
    "ImageType": [
      "ORIGINAL",
      "PRIMARY",
      "FMRI",
      "NONE"
    ],
    "ImageTypeText": [
      "ORIGINAL",
      "PRIMARY",
      "M",
      "MB",
      "TE3",
      "DIS2D"
    ],
    "ImagingFrequency": 123.248,
    "InPlanePhaseEncodingDirectionDICOM": "COL",
    "InstitutionAddress": "Rue du Bugnon 21,Lausanne,District,CH,1011",
    "InstitutionName": "CHUV",
    "MRAcquisitionType": "2D",
    "MTState": false,
    "MagneticFieldStrength": 3,
    "Manufacturer": "Siemens",
    "ManufacturersModelName": "MAGNETOM Prisma Fit",
    "MatrixCoilMode": "GRAPPA",
    "Modality": "MR",
    "MultibandAccelerationFactor": 4,
    "NonlinearGradientCorrection": true,
    "NumberOfVolumes": 750,
    "ParallelAcquisitionTechnique": "GRAPPA",
    "ParallelReductionFactorInPlane": 2,
    "PartialFourier": 0.75,
    "PartialFourierDirection": "PHASE",
    "PatientPosition": "HFS",
    "PercentPhaseFOV": 100,
    "PercentSampling": 100,
    "PhaseEchoTime1": 0.0126,
    "PhaseEchoTime2": 0.03304,
    "PhaseEncodingDirection": "j-",
    "PhaseResolution": 1,
    "PixelBandwidth": 2264,
    "ProcedureStepDescription": "https://www.axonlab.org/hcph-sops/",
    "ProtocolName": "func-bold_task-rest_dir-AP__cmrr_me4_sms4",
    "PulseSequenceDetails": "%CustomerSeq%\\cmrr_mbep2d_bold",
    "PulseSequenceName": "epfid2d4_96",
    "ReceiveCoilActiveElements": "HC1-7;NC1",
    "ReceiveCoilName": "HeadNeck_64",
    "ReconMatrixPE": 96,
    "RefLinesPE": 22,
    "RepetitionTime": 1.6,
    "ScanOptions": "PFP\\FS",
    "ScanningSequence": "EP",
    "SequenceVariant": "SK\\SS",
    "SeriesDescription": "func-bold_task-rest_dir-AP__cmrr_me4_sms4",
    "SeriesNumber": 23,
    "ShimSetting": [
      8238,
      -5618,
      -6012,
      705,
      -21,
      -224,
      -25,
      56
    ],
    "SliceThickness": 2.2,
    "SliceTiming": [
      0,
      0.8425,
      0.105,
      0.9475,
      0.21,
      1.0525,
      0.315,
      1.1575,
      0.4225,
      1.265,
      0.5275,
      1.37,
      0.6325,
      1.475,
      0.7375,
      0,
      0.8425,
      0.105,
      0.9475,
      0.21,
      1.0525,
      0.315,
      1.1575,
      0.4225,
      1.265,
      0.5275,
      1.37,
      0.6325,
      1.475,
      0.7375,
      0,
      0.8425,
      0.105,
      0.9475,
      0.21,
      1.0525,
      0.315,
      1.1575,
      0.4225,
      1.265,
      0.5275,
      1.37,
      0.6325,
      1.475,
      0.7375,
      0,
      0.8425,
      0.105,
      0.9475,
      0.21,
      1.0525,
      0.315,
      1.1575,
      0.4225,
      1.265,
      0.5275,
      1.37,
      0.6325,
      1.475,
      0.7375
    ],
    "SoftwareVersions": "syngo MR XA30",
    "SpacingBetweenSlices": 2.2,
    "StationName": "LRG10884",
    "TaskName": "Naturalistic Scenes Watching Resting State",
    "TotalReadoutTime": 0.0261249,
    "TxRefAmp": 247.278,
    "WipMemBlock": "9f2332a7-97df-4f02-b438-e8505d20ff5f||Sequence: R017 nxva30a/master r/d34922cc2+; Jun 27 2022 13:20:16 by eja",
    "dataset": "HCPh",
    "datatype": "func",
    "direction": "AP",
    "extension": ".nii.gz",
    "modality": "bold",
    "part": "mag",
    "session": "023",
    "subject": "001",
    "suffix": "bold",
    "task": "rest"
  },
  "dummy_trs": 1,
  "dvars_nstd": 63.519311160267456,
  "dvars_std": 1.0101495570454544,
  "dvars_vstd": 0.9610259537967917,
  "efc": 0.5125,
  "fber": 243.2787,
  "fd_mean": 0.15294189945966755,
  "fd_num": 103,
  "fd_perc": 13.751668891855807,
  "fwhm_avg": 2.8809071496667076,
  "fwhm_x": 2.7360321441063835,
  "fwhm_y": 3.1042620929074403,
  "fwhm_z": 2.8024272119862985,
  "gcor": [
    0.0148464,
    0.0109054,
    0.00931744,
    0.00692159
  ],
  "gsr_x": 0.007601835299283266,
  "gsr_y": 0.01804777793586254,
  "provenance": {
    "md5sum": "bf232dd9b00f08a82831e15528334dee",
    "settings": {
      "fd_thres": 0.2,
      "testing": false
    },
    "software": "mriqc",
    "version": "24.1.0.dev15+g9586c867.d20240825"
  },
  "size_t": 749,
  "size_x": 96,
  "size_y": 96,
  "size_z": 60,
  "snr": 1.739809155287508,
  "spacing_tr": 1.600000023841858,
  "spacing_x": 2.197920083999634,
  "spacing_y": 2.197920083999634,
  "spacing_z": 2.200000047683716,
  "summary_bg_k": 59.8383,
  "summary_bg_mad": 2.8603,
  "summary_bg_mean": 26.0278,
  "summary_bg_median": 20.0,
  "summary_bg_n": 416152.0,
  "summary_bg_p05": 0.0,
  "summary_bg_p95": 58.0,
  "summary_bg_stdv": 24.9167,
  "summary_fg_k": 1.4667,
  "summary_fg_mad": 162.2668,
  "summary_fg_mean": 324.8771,
  "summary_fg_median": 318.0,
  "summary_fg_n": 136808.0,
  "summary_fg_p05": 39.0,
  "summary_fg_p95": 635.0,
  "summary_fg_stdv": 182.778,
  "tsnr": 17.140440107730683
}
