{
  "bids_meta": {
    "AcquisitionMatrixPE": 320,
    "AcquisitionNumber": 1,
    "AcquisitionTime": "19:22:39.975000",
    "BaseResolution": 320,
    "BodyPartExamined": "BRAIN",
    "CoilCombinationMethod": "Adaptive Combine",
    "CoilString": "HeadNeck_64",
    "ConversionSoftware": "dcm2niix",
    "ConversionSoftwareVersion": "v1.0.20220720",
    "DeviceSerialNumber": "67014",
    "DwellTime": 2.2e-6,
    "EchoTime": 0.413,
    "EchoTrainLength": 248,
    "FileSize": 0.015675406903028488,
    "FileSizeUnits": "GB",
    "FlipAngle": 120,
    "HeudiconvVersion": "1.1.6.post8+ga0a3635",
    "ImageOrientationPatientDICOM": [
      -0.0209486,
      0.992331,
      0.121823,
      0.0251071,
      0.122334,
      -0.992171
    ],
    "ImageType": [
      "ORIGINAL",
      "PRIMARY",
      "M",
      "ND",
      "NORM",
      "MFSPLIT"
    ],
    "ImageTypeText": [
      "ORIGINAL",
      "PRIMARY",
      "M",
      "NONE"
    ],
    "ImagingFrequency": 123.248,
    "InPlanePhaseEncodingDirectionDICOM": "ROW",
    "InstitutionAddress": "Rue du Bugnon 21,Lausanne,District,CH,1011",
    "InstitutionName": "CHUV",
    "MRAcquisitionType": "3D",
    "MagneticFieldStrength": 3,
    "Manufacturer": "Siemens",
    "ManufacturersModelName": "MAGNETOM Prisma Fit",
    "MatrixCoilMode": "GRAPPA",
    "Modality": "MR",
    "NonlinearGradientCorrection": false,
    "NumberOfVolumes": 1,
    "ParallelReductionFactorInPlane": 3,
    "PartialFourier": 1,
    "PatientPosition": "HFS",
    "PercentPhaseFOV": 100,
    "PercentSampling": 100,
    "PhaseEncodingDirection": "i",
    "PhaseEncodingSteps": 320,
    "PhaseResolution": 1,
    "PixelBandwidth": 710,
    "ProcedureStepDescription": "RESEARCH Oscar",
    "ProtocolName": "anat-T2w__space",
    "PulseSequenceDetails": "%SiemensSeq%\\space",
    "ReceiveCoilActiveElements": "HC1-7;NC1,2",
    "ReceiveCoilName": "HeadNeck_64",
    "ReconMatrixPE": 320,
    "RefLinesPE": 24,
    "RepetitionTime": 3.2,
    "SAR": 0.124178,
    "ScanOptions": "PFP\\PER",
    "ScanningSequence": "SE",
    "SequenceName": "*spcR_282ns",
    "SequenceVariant": "SP\\SK",
    "SeriesDescription": "anat-T2w__space_ND",
    "SeriesNumber": 23,
    "ShimSetting": [
      8228,
      -5666,
      -6274,
      307,
      -57,
      -153,
      48,
      21
    ],
    "SliceThickness": 0.8,
    "SoftwareVersions": "syngo MR XA30",
    "StationName": "LRG10884",
    "TxRefAmp": 247.855,
    "acquisition": "original",
    "dataset": "HCPh",
    "datatype": "anat",
    "extension": ".nii.gz",
    "modality": "T2w",
    "session": "21001060",
    "subject": "001",
    "suffix": "T2w"
  },
  "cjv": 1.4237900943396224,
  "cnr": 0.6574581305778767,
  "efc": 0.4946,
  "fber": -1.0,
  "fwhm_avg": 2.655508293763176,
  "fwhm_x": 2.5180624624779453,
  "fwhm_y": 2.9159999565482146,
  "fwhm_z": 2.5324624622633687,
  "icvs_csf": 0.2769466538615797,
  "icvs_gm": 0.3453982094332255,
  "icvs_wm": 0.37765513670519485,
  "inu_med": 0.9788098931312561,
  "inu_range": 0.3230198621749878,
  "provenance": {
    "md5sum": "7362e20cd0a6bf70fcf6ec3c1e8ab517",
    "settings": {
      "testing": false
    },
    "software": "mriqc",
    "version": "24.1.0.dev15+g9586c867.d20240825",
    "warnings": {
      "large_rot_frame": true,
      "small_air_mask": false
    }
  },
  "qi_1": 0.0,
  "qi_2": 0.004500237105853503,
  "rpve_csf": 8.170346725914541,
  "rpve_gm": 8.012173002117772,
  "rpve_wm": 8.044688783841424,
  "size_x": 240,
  "size_y": 320,
  "size_z": 320,
  "snr_csf": 1.4558763299154498,
  "snr_gm": 4.824787448457863,
  "snr_total": 4.311583112618099,
  "snr_wm": 6.654085559480982,
  "snrd_csf": 36.72706358250189,
  "snrd_gm": 31.782112538060463,
  "snrd_total": 31.734103304619282,
  "snrd_wm": 26.69313379329549,
  "spacing_x": 0.800000011920929,
  "spacing_y": 0.800000011920929,
  "spacing_z": 0.800000011920929,
  "summary_bg_k": 849.7797,
  "summary_bg_mad": 0.0,
  "summary_bg_mean": 3.1704,
  "summary_bg_median": 0.0,
  "summary_bg_n": 6922776.0,
  "summary_bg_p05": 0.0,
  "summary_bg_p95": 17.0,
  "summary_bg_stdv": 27.2921,
  "summary_csf_k": -1.3629,
  "summary_csf_mad": 1670.613,
  "summary_csf_mean": 1597.6935,
  "summary_csf_median": 1530.0,
  "summary_csf_n": 822868.606564343,
  "summary_csf_p05": 87.0,
  "summary_csf_p95": 3412.0,
  "summary_csf_stdv": 1050.9128,
  "summary_gm_k": 49.369,
  "summary_gm_mad": 169.9278,
  "summary_gm_mean": 1321.9536,
  "summary_gm_median": 1324.0,
  "summary_gm_n": 1026253.0322832196,
  "summary_gm_p05": 913.0,
  "summary_gm_p95": 1763.0,
  "summary_gm_stdv": 274.4161,
  "summary_wm_k": 103.1752,
  "summary_wm_mad": 131.9157,
  "summary_wm_mean": 1124.6042,
  "summary_wm_median": 1112.0,
  "summary_wm_n": 1122095.363021757,
  "summary_wm_p05": 894.0,
  "summary_wm_p95": 1385.0,
  "summary_wm_stdv": 167.1153,
  "tpm_overlap_csf": 0.20740316184252874,
  "tpm_overlap_gm": 0.5098939491887986,
  "tpm_overlap_wm": 0.528208190060423,
  "wm2max": 0.29385759370827363
}
