{
  "bids_meta": {
    "AcquisitionMatrixPE": 252,
    "AcquisitionNumber": 1,
    "AcquisitionTime": "18:11:52.822500",
    "BaseResolution": 288,
    "BodyPartExamined": "BRAIN",
    "CoilCombinationMethod": "Adaptive Combine",
    "CoilString": "HeadNeck_64",
    "ConversionSoftware": "dcm2niix",
    "ConversionSoftwareVersion": "v1.0.20220720",
    "DeviceSerialNumber": "67014",
    "DwellTime": 6.7e-6,
    "EchoTime": 0.00255,
    "FileSize": 0.011589134112000465,
    "FileSizeUnits": "GB",
    "FlipAngle": 8,
    "HeudiconvVersion": "1.1.6.post8+ga0a3635",
    "ImageOrientationPatientDICOM": [
      0.999999,
      0.0000628912,
      0.00103108,
      -1.4979e-11,
      0.998145,
      -0.060882
    ],
    "ImageType": [
      "ORIGINAL",
      "PRIMARY",
      "M",
      "NORM",
      "DIS2D",
      "FM3",
      "2",
      "FIL",
      "MFSPLIT"
    ],
    "ImageTypeText": [
      "ORIGINAL",
      "PRIMARY",
      "M",
      "NONE"
    ],
    "ImagingFrequency": 123.248,
    "InPlanePhaseEncodingDirectionDICOM": "ROW",
    "InstitutionAddress": "Rue du Bugnon 21,Lausanne,District,CH,1011",
    "InstitutionName": "CHUV",
    "InversionTime": 0.9,
    "MRAcquisitionType": "3D",
    "MagneticFieldStrength": 3,
    "Manufacturer": "Siemens",
    "ManufacturersModelName": "MAGNETOM Prisma Fit",
    "MatrixCoilMode": "GRAPPA",
    "Modality": "MR",
    "NonlinearGradientCorrection": true,
    "NumberOfVolumes": 1,
    "ParallelReductionFactorInPlane": 2,
    "PartialFourier": 1,
    "PatientPosition": "HFS",
    "PercentPhaseFOV": 87.5,
    "PercentSampling": 100,
    "PhaseEncodingSteps": 252,
    "PhaseResolution": 1,
    "PixelBandwidth": 259,
    "ProcedureStepDescription": "RESEARCH Oscar",
    "ProtocolName": "anat-T1w__t1_mprage_tra_p2_iso_siemens_axial",
    "PulseSequenceDetails": "%SiemensSeq%\\tfl",
    "ReceiveCoilActiveElements": "HC1-7",
    "ReceiveCoilName": "HeadNeck_64",
    "ReconMatrixPE": 252,
    "RefLinesPE": 24,
    "RepetitionTime": 2.2,
    "SAR": 0.0396701,
    "ScanOptions": "PER",
    "ScanningSequence": "GR",
    "SequenceName": "*tfl3d1_16",
    "SequenceVariant": "SK",
    "SeriesDescription": "anat-T1w__t1_mprage_tra_p2_iso_siemens_axial",
    "SeriesNumber": 5,
    "ShimSetting": [
      8228,
      -5666,
      -6274,
      307,
      -57,
      -153,
      48,
      21
    ],
    "SliceThickness": 0.8,
    "SoftwareVersions": "syngo MR XA30",
    "StationName": "LRG10884",
    "TxRefAmp": 247.855,
    "acquisition": "undistorted",
    "dataset": "HCPh",
    "datatype": "anat",
    "extension": ".nii.gz",
    "modality": "T1w",
    "session": "21001060",
    "subject": "001",
    "suffix": "T1w"
  },
  "cjv": 0.6396761538461538,
  "cnr": 1.4801878631061998,
  "efc": 0.531,
  "fber": -1.0,
  "fwhm_avg": 4.728661846389975,
  "fwhm_x": 4.345820510830006,
  "fwhm_y": 5.300215095990445,
  "fwhm_z": 4.539949932349474,
  "icvs_csf": 0.27858648562193444,
  "icvs_gm": 0.37413250711513285,
  "icvs_wm": 0.3472810072629327,
  "inu_med": 0.6228713095188141,
  "inu_range": 0.2939961105585098,
  "provenance": {
    "md5sum": "0ed72e6f46d3e72d4dde07f9afcb0dfb",
    "settings": {
      "testing": false
    },
    "software": "mriqc",
    "version": "24.1.0.dev15+g9586c867.d20240825",
    "warnings": {
      "large_rot_frame": true,
      "small_air_mask": false
    }
  },
  "qi_1": 0.0,
  "qi_2": 0.0015301446631203967,
  "rpve_csf": 4.551144202790661,
  "rpve_gm": 4.442136691579174,
  "rpve_wm": 4.5206970841290826,
  "size_x": 252,
  "size_y": 288,
  "size_z": 192,
  "snr_csf": 1.4952951139668853,
  "snr_gm": 4.916541985399846,
  "snr_total": 5.265590620121553,
  "snr_wm": 9.384934760997925,
  "snrd_csf": 5.652439027734923,
  "snrd_gm": 12.839646268298536,
  "snrd_total": 12.06602326671009,
  "snrd_wm": 17.70598450409681,
  "spacing_x": 0.7986109852790833,
  "spacing_y": 0.7986109852790833,
  "spacing_z": 0.800000011920929,
  "summary_bg_k": 170.366,
  "summary_bg_mad": 0.0,
  "summary_bg_mean": 5.4671,
  "summary_bg_median": 0.0,
  "summary_bg_n": 4497142.0,
  "summary_bg_p05": 0.0,
  "summary_bg_p95": 13.0,
  "summary_bg_stdv": 35.0028,
  "summary_csf_k": -0.9276,
  "summary_csf_mad": 173.3821,
  "summary_csf_mean": 319.5977,
  "summary_csf_median": 302.0,
  "summary_csf_n": 837465.5211210293,
  "summary_csf_p05": 23.0,
  "summary_csf_p95": 678.0,
  "summary_csf_stdv": 201.9667,
  "summary_gm_k": 0.3766,
  "summary_gm_mad": 91.2482,
  "summary_gm_mean": 687.0983,
  "summary_gm_median": 686.0,
  "summary_gm_n": 1124688.7096479547,
  "summary_gm_p05": 456.0,
  "summary_gm_p95": 947.0,
  "summary_gm_stdv": 139.5289,
  "summary_wm_k": 0.2265,
  "summary_wm_mad": 75.0676,
  "summary_wm_mean": 921.6727,
  "summary_wm_median": 946.0,
  "summary_wm_n": 1043969.7714467633,
  "summary_wm_p05": 726.0,
  "summary_wm_p95": 1050.0,
  "summary_wm_stdv": 100.7998,
  "tpm_overlap_csf": 0.1810558925306693,
  "tpm_overlap_gm": 0.5378715213010997,
  "tpm_overlap_wm": 0.5449604645431582,
  "wm2max": 0.473212993549622
}
