{
  "bids_meta": {
    "AcquisitionMatrixPE": 320,
    "AcquisitionNumber": 1,
    "AcquisitionTime": "19:22:39.975000",
    "BaseResolution": 320,
    "BodyPartExamined": "BRAIN",
    "CoilCombinationMethod": "Adaptive Combine",
    "CoilString": "HeadNeck_64",
    "ConversionSoftware": "dcm2niix",
    "ConversionSoftwareVersion": "v1.0.20220720",
    "DeviceSerialNumber": "67014",
    "DwellTime": 2.2e-6,
    "EchoTime": 0.413,
    "EchoTrainLength": 248,
    "FileSize": 0.01485199760645628,
    "FileSizeUnits": "GB",
    "FlipAngle": 120,
    "HeudiconvVersion": "1.1.6.post8+ga0a3635",
    "ImageOrientationPatientDICOM": [
      -0.0209486,
      0.992331,
      0.121823,
      0.0251071,
      0.122334,
      -0.992171
    ],
    "ImageType": [
      "ORIGINAL",
      "PRIMARY",
      "M",
      "NORM",
      "DIS3D",
      "MFSPLIT"
    ],
    "ImageTypeText": [
      "ORIGINAL",
      "PRIMARY",
      "M",
      "NONE"
    ],
    "ImagingFrequency": 123.248,
    "InPlanePhaseEncodingDirectionDICOM": "ROW",
    "InstitutionAddress": "Rue du Bugnon 21,Lausanne,District,CH,1011",
    "InstitutionName": "CHUV",
    "MRAcquisitionType": "3D",
    "MagneticFieldStrength": 3,
    "Manufacturer": "Siemens",
    "ManufacturersModelName": "MAGNETOM Prisma Fit",
    "MatrixCoilMode": "GRAPPA",
    "Modality": "MR",
    "NonlinearGradientCorrection": true,
    "NumberOfVolumes": 1,
    "ParallelReductionFactorInPlane": 3,
    "PartialFourier": 1,
    "PatientPosition": "HFS",
    "PercentPhaseFOV": 100,
    "PercentSampling": 100,
    "PhaseEncodingDirection": "i",
    "PhaseEncodingSteps": 320,
    "PhaseResolution": 1,
    "PixelBandwidth": 710,
    "ProcedureStepDescription": "RESEARCH Oscar",
    "ProtocolName": "anat-T2w__space",
    "PulseSequenceDetails": "%SiemensSeq%\\space",
    "ReceiveCoilActiveElements": "HC1-7;NC1,2",
    "ReceiveCoilName": "HeadNeck_64",
    "ReconMatrixPE": 320,
    "RefLinesPE": 24,
    "RepetitionTime": 3.2,
    "SAR": 0.124178,
    "ScanOptions": "PFP\\PER",
    "ScanningSequence": "SE",
    "SequenceName": "*spcR_282ns",
    "SequenceVariant": "SP\\SK",
    "SeriesDescription": "anat-T2w__space",
    "SeriesNumber": 24,
    "ShimSetting": [
      8228,
      -5666,
      -6274,
      307,
      -57,
      -153,
      48,
      21
    ],
    "SliceThickness": 0.8,
    "SoftwareVersions": "syngo MR XA30",
    "StationName": "LRG10884",
    "TxRefAmp": 247.855,
    "acquisition": "undistorted",
    "dataset": "HCPh",
    "datatype": "anat",
    "extension": ".nii.gz",
    "modality": "T2w",
    "session": "21001060",
    "subject": "001",
    "suffix": "T2w"
  },
  "cjv": 1.5058155555555555,
  "cnr": 0.635568890080441,
  "efc": 0.5001,
  "fber": -1.0,
  "fwhm_avg": 2.5423207954498017,
  "fwhm_x": 2.4200874639378864,
  "fwhm_y": 2.7897124584300452,
  "fwhm_z": 2.4171624639814726,
  "icvs_csf": 0.277215537091211,
  "icvs_gm": 0.34085430814062034,
  "icvs_wm": 0.3819301547681688,
  "inu_med": 1.0017871856689453,
  "inu_range": 0.2992432594299316,
  "provenance": {
    "md5sum": "6e0a576736167c1044c3dffb4211e66e",
    "settings": {
      "testing": false
    },
    "software": "mriqc",
    "version": "24.1.0.dev15+g9586c867.d20240825",
    "warnings": {
      "large_rot_frame": true,
      "small_air_mask": false
    }
  },
  "qi_1": 0.0,
  "qi_2": 0.0019309729696449062,
  "rpve_csf": 8.172920697233772,
  "rpve_gm": 8.020879742122,
  "rpve_wm": 8.056725977228998,
  "size_x": 240,
  "size_y": 320,
  "size_z": 320,
  "snr_csf": 1.380325692452714,
  "snr_gm": 4.23965852604161,
  "snr_total": 4.025646445800814,
  "snr_wm": 6.45695511890812,
  "snrd_csf": 31.941382524393294,
  "snrd_gm": 26.90124134350763,
  "snrd_total": 27.04465999499625,
  "snrd_wm": 22.291356117087815,
  "spacing_x": 0.800000011920929,
  "spacing_y": 0.800000011920929,
  "spacing_z": 0.800000011920929,
  "summary_bg_k": 758.6324,
  "summary_bg_mad": 0.0,
  "summary_bg_mean": 3.0746,
  "summary_bg_median": 0.0,
  "summary_bg_n": 6948241.0,
  "summary_bg_p05": 0.0,
  "summary_bg_p95": 16.0,
  "summary_bg_stdv": 31.976,
  "summary_csf_k": -1.3993,
  "summary_csf_mad": 1817.2109,
  "summary_csf_mean": 1639.4652,
  "summary_csf_median": 1559.0,
  "summary_csf_n": 823150.5101632047,
  "summary_csf_p05": 0.0,
  "summary_csf_p95": 3582.0,
  "summary_csf_stdv": 1129.4429,
  "summary_gm_k": 34.0216,
  "summary_gm_mad": 206.8007,
  "summary_gm_mean": 1311.472,
  "summary_gm_median": 1313.0,
  "summary_gm_n": 1012116.4224101972,
  "summary_gm_p05": 859.0,
  "summary_gm_p95": 1816.0,
  "summary_gm_stdv": 309.6946,
  "summary_wm_k": 119.8866,
  "summary_wm_mad": 132.0078,
  "summary_wm_mean": 1102.4327,
  "summary_wm_median": 1088.0,
  "summary_wm_n": 1134085.069844728,
  "summary_wm_p05": 873.0,
  "summary_wm_p95": 1368.0,
  "summary_wm_stdv": 168.5004,
  "tpm_overlap_csf": 0.20809833849945059,
  "tpm_overlap_gm": 0.49814788145036837,
  "tpm_overlap_wm": 0.5201990499984164,
  "wm2max": 0.28134788322725734
}
