{
  "NumberOfShells": 4,
  "bValues": [
    0.0,
    700.0,
    1000.0,
    1950.0,
    2000.0,
    2950.0,
    3000.0
  ],
  "bValuesEstimation": [
    700.0,
    1000.0,
    2000.0,
    3000.0
  ],
  "bdiffs_max": 0.255,
  "bdiffs_mean": 0.1516,
  "bdiffs_median": 0.1615,
  "bdiffs_min": 0.009,
  "bids_meta": {
    "AcquisitionMatrixPE": 146,
    "AcquisitionNumber": 1,
    "AcquisitionTime": "14:07:13.222500",
    "B0FieldSource": [
      "pilot004pepolarb0",
      "pilot004phasediff"
    ],
    "BandwidthPerPixelPhaseEncode": 29.354,
    "BaseResolution": 146,
    "BodyPartExamined": "BRAIN",
    "CoilCombinationMethod": "Adaptive Combine",
    "CoilString": "HeadNeck_64",
    "ConversionSoftware": "dcm2niix",
    "ConversionSoftwareVersion": "v1.0.20220720",
    "Deltas": [
      0.0233,
      0.0475
    ],
    "DerivedVendorReportedEchoSpacing": 0.000700005,
    "DeviceSerialNumber": "67014",
    "DiffusionScheme": "Bipolar",
    "DwellTime": 2.1e-6,
    "EchoTime": 0.091,
    "EchoTrainLength": 43,
    "EffectiveEchoSpacing": 0.000233335,
    "FileSize": 0.18395568616688251,
    "FileSizeUnits": "GB",
    "FlipAngle": 90,
    "HeudiconvVersion": "1.0.0",
    "ImageOrientationPatientDICOM": [
      0.998749,
      0.0229419,
      0.0444266,
      -0.0249322,
      0.998686,
      0.0447753
    ],
    "ImageType": [
      "ORIGINAL",
      "PRIMARY",
      "DIFFUSION",
      "NONE",
      "ND",
      "NORM",
      "MFSPLIT"
    ],
    "ImageTypeText": [
      "ORIGINAL",
      "PRIMARY",
      "DIFFUSION",
      "NONE"
    ],
    "ImagingFrequency": 123.248,
    "InPlanePhaseEncodingDirectionDICOM": "COL",
    "InstitutionAddress": "Rue du Bugnon 21,Lausanne,District,CH,1011",
    "InstitutionName": "CHUV",
    "MRAcquisitionType": "2D",
    "MagneticFieldStrength": 3,
    "Manufacturer": "Siemens",
    "ManufacturersModelName": "MAGNETOM Prisma Fit",
    "Modality": "MR",
    "MultibandAccelerationFactor": 3,
    "NonlinearGradientCorrection": false,
    "NumberOfVolumes": 147,
    "ParallelReductionFactorInPlane": 3,
    "PartialFourier": 0.875,
    "PatientPosition": "HFS",
    "PercentPhaseFOV": 100,
    "PercentSampling": 100,
    "PhaseEncodingDirection": "j-",
    "PhaseEncodingSteps": 146,
    "PhaseResolution": 1,
    "PixelBandwidth": 1631,
    "ProcedureStepDescription": "RESEARCH Oscar",
    "ProtocolName": "micro_struct_137dir_BIPOLAR_b3000_1.6mm-iso",
    "PulseSequenceDetails": "%SiemensSeq%\\ep2d_diff",
    "ReceiveCoilActiveElements": "HC1-7",
    "ReceiveCoilName": "HeadNeck_64",
    "ReconMatrixPE": 146,
    "RefLinesPE": 108,
    "RepetitionTime": 7.8,
    "SAR": 0.270097,
    "ScanOptions": "PFP\\FS\\PER",
    "ScanningSequence": "GR\\EP",
    "SequenceName": "*ep_b0",
    "SequenceVariant": "SK",
    "SeriesDescription": "micro_struct_137dir_BIPOLAR_b3000_1.6mm-iso",
    "SeriesNumber": 18,
    "ShimSetting": [
      8230,
      -5647,
      -6054,
      577,
      -63,
      -316,
      24,
      38
    ],
    "SliceThickness": 1.6,
    "SliceTiming": [
      0,
      7.965,
      0.18,
      8.145,
      0.3625,
      8.325,
      0.5425,
      8.5075,
      0.725,
      8.6875,
      0.905,
      8.87,
      1.085,
      9.05,
      1.2675,
      9.23,
      1.4475,
      9.4125,
      1.63,
      9.5925,
      1.81,
      9.775,
      1.99,
      9.955,
      2.1725,
      10.135,
      2.3525,
      10.3175,
      2.535,
      10.4975,
      2.715,
      10.68,
      2.895,
      10.86,
      3.0775,
      11.04,
      3.2575,
      11.2225,
      3.44,
      11.4025,
      3.62,
      11.585,
      3.8,
      11.765,
      3.9825,
      11.945,
      4.1625,
      12.1275,
      4.345,
      12.3075,
      4.525,
      12.49,
      4.705,
      12.67,
      4.8875,
      12.85,
      5.0675,
      13.0325,
      5.25,
      13.2125,
      5.43,
      13.395,
      5.61,
      13.575,
      5.7925,
      13.755,
      5.9725,
      13.9375,
      6.155,
      14.1175,
      6.335,
      14.3,
      6.515,
      14.48,
      6.6975,
      14.66,
      6.8775,
      14.8425,
      7.06,
      15.0225,
      7.24,
      15.205,
      7.42,
      15.385,
      7.6025,
      15.565,
      7.7825
    ],
    "SoftwareVersions": "syngo MR XA30",
    "SpacingBetweenSlices": 1.6,
    "StationName": "LRG10884",
    "TotalReadoutTime": 0.0338336,
    "TxRefAmp": 255.713,
    "VendorReportedEchoSpacing": 0.0007,
    "acquisition": "highres",
    "dataset": "HCPh",
    "datatype": "dwi",
    "direction": "AP",
    "extension": ".nii.gz",
    "modality": "dwi",
    "session": "pilot004",
    "subject": "001",
    "suffix": "dwi"
  },
  "efc_shell01": 0.4022,
  "efc_shell02": 0.4483,
  "efc_shell03": 0.4521,
  "efc_shell04": 0.4713,
  "efc_shell05": 0.4845,
  "fa_degenerate": 0.0,
  "fa_nans": 0.0,
  "fber_shell01": 17058.3418,
  "fber_shell02": 5767.397,
  "fber_shell03": 4183.2451,
  "fber_shell04": 1499.9337,
  "fber_shell05": 795.937,
  "fd_mean": 10.893,
  "fd_num": 138,
  "fd_perc": 93.87755102040816,
  "ndc": 0.4238,
  "provenance": {
    "md5sum": "bc97e6bc21f38651da27ae8f55814b6a",
    "settings": {
      "testing": false
    },
    "software": "mriqc",
    "version": "24.1.0.dev15+g9586c867.d20240825"
  },
  "sigma_cc": 56.3389,
  "sigma_pca": 18.1021,
  "sigma_piesno": 0.3301,
  "snr_cc_shell0": 4.73,
  "snr_cc_shell1_best": 4.61,
  "snr_cc_shell1_worst": 4.61,
  "snr_cc_shell2_best": 2.82,
  "snr_cc_shell2_worst": 1.79,
  "snr_cc_shell3_best": 2.03,
  "snr_cc_shell3_worst": 1.56,
  "snr_cc_shell4_best": 1.63,
  "snr_cc_shell4_worst": 1.15,
  "spikes_global": 53.09,
  "spikes_slice_i": 277.96,
  "spikes_slice_j": 255.46,
  "spikes_slice_k": 339.88,
  "summary_bg_k": 121.6279,
  "summary_bg_mad": 2.9652,
  "summary_bg_mean": 12.0604,
  "summary_bg_median": 2.0,
  "summary_bg_n": 1505625.0,
  "summary_bg_p05": 0.0,
  "summary_bg_p95": 56.0,
  "summary_bg_stdv": 31.4532,
  "summary_fg_k": 6.6282,
  "summary_fg_mad": 90.4387,
  "summary_fg_mean": 313.5095,
  "summary_fg_median": 268.0,
  "summary_fg_n": 348867.0,
  "summary_fg_p05": 109.0,
  "summary_fg_p95": 674.0,
  "summary_fg_stdv": 177.1643,
  "summary_wm_k": 17.7678,
  "summary_wm_mad": 56.3389,
  "summary_wm_mean": 248.9021,
  "summary_wm_median": 239.0,
  "summary_wm_n": 162575.0,
  "summary_wm_p05": 103.0,
  "summary_wm_p95": 393.0,
  "summary_wm_stdv": 101.4225
}
