{
  "NumberOfShells": 4,
  "bValues": [
    0.0,
    700.0,
    1000.0,
    1950.0,
    2000.0,
    2950.0,
    3000.0
  ],
  "bValuesEstimation": [
    700.0,
    1000.0,
    2000.0,
    3000.0
  ],
  "bdiffs_max": 0.2409,
  "bdiffs_mean": 0.1429,
  "bdiffs_median": 0.1486,
  "bdiffs_min": 0.0182,
  "bids_meta": {
    "AcquisitionMatrixPE": 120,
    "AcquisitionNumber": 1,
    "AcquisitionTime": "14:44:24.662500",
    "B0FieldSource": [
      "pilot004pepolarb0",
      "pilot004phasediff"
    ],
    "BandwidthPerPixelPhaseEncode": 35.714,
    "BaseResolution": 120,
    "BodyPartExamined": "BRAIN",
    "CoilCombinationMethod": "Adaptive Combine",
    "CoilString": "HeadNeck_64",
    "ConversionSoftware": "dcm2niix",
    "ConversionSoftwareVersion": "v1.0.20220720",
    "Deltas": [
      0.0233,
      0.0475
    ],
    "DerivedVendorReportedEchoSpacing": 0.000700006,
    "DeviceSerialNumber": "67014",
    "DiffusionScheme": "Bipolar",
    "DwellTime": 2.4e-6,
    "EchoTime": 0.087,
    "EchoTrainLength": 35,
    "EffectiveEchoSpacing": 0.000233335,
    "FileSize": 0.090164958499372,
    "FileSizeUnits": "GB",
    "FlipAngle": 90,
    "HeudiconvVersion": "1.0.0",
    "ImageOrientationPatientDICOM": [
      0.998577,
      0.0133867,
      0.0516175,
      -0.0172559,
      0.997015,
      0.0752564
    ],
    "ImageType": [
      "ORIGINAL",
      "PRIMARY",
      "DIFFUSION",
      "NONE",
      "ND",
      "NORM",
      "MFSPLIT"
    ],
    "ImageTypeText": [
      "ORIGINAL",
      "PRIMARY",
      "DIFFUSION",
      "NONE"
    ],
    "ImagingFrequency": 123.248,
    "InPlanePhaseEncodingDirectionDICOM": "COL",
    "InstitutionAddress": "Rue du Bugnon 21,Lausanne,District,CH,1011",
    "InstitutionName": "CHUV",
    "MRAcquisitionType": "2D",
    "MagneticFieldStrength": 3,
    "Manufacturer": "Siemens",
    "ManufacturersModelName": "MAGNETOM Prisma Fit",
    "Modality": "MR",
    "MultibandAccelerationFactor": 3,
    "NonlinearGradientCorrection": false,
    "NumberOfVolumes": 147,
    "ParallelReductionFactorInPlane": 3,
    "PartialFourier": 0.875,
    "PatientPosition": "HFS",
    "PercentPhaseFOV": 100,
    "PercentSampling": 100,
    "PhaseEncodingDirection": "j-",
    "PhaseEncodingSteps": 120,
    "PhaseResolution": 1,
    "PixelBandwidth": 1736,
    "ProcedureStepDescription": "RESEARCH Oscar",
    "ProtocolName": "micro_struct_137dir_BIPOLAR_b3000_2mm-iso",
    "PulseSequenceDetails": "%SiemensSeq%\\ep2d_diff",
    "ReceiveCoilActiveElements": "HC1-7",
    "ReceiveCoilName": "HeadNeck_64",
    "ReconMatrixPE": 120,
    "RefLinesPE": 90,
    "RepetitionTime": 7.8,
    "SAR": 0.224365,
    "ScanOptions": "PFP\\FS\\PER",
    "ScanningSequence": "GR\\EP",
    "SequenceName": "*ep_b0",
    "SequenceVariant": "SK",
    "SeriesDescription": "micro_struct_137dir_BIPOLAR_b3000_2mm-iso",
    "SeriesNumber": 29,
    "ShimSetting": [
      8229,
      -5660,
      -6073,
      562,
      -69,
      -351,
      10,
      15
    ],
    "SliceThickness": 2,
    "SliceTiming": [
      6.0975,
      0,
      6.2675,
      0.17,
      6.435,
      0.34,
      6.605,
      0.51,
      6.775,
      0.6775,
      6.945,
      0.8475,
      7.1125,
      1.0175,
      7.2825,
      1.1875,
      7.4525,
      1.355,
      7.6225,
      1.525,
      7.79,
      1.695,
      7.96,
      1.865,
      8.13,
      2.0325,
      8.3,
      2.2025,
      8.4675,
      2.3725,
      8.6375,
      2.5425,
      8.8075,
      2.71,
      8.975,
      2.88,
      9.145,
      3.05,
      9.315,
      3.2175,
      9.485,
      3.3875,
      9.6525,
      3.5575,
      9.8225,
      3.7275,
      9.9925,
      3.895,
      10.1625,
      4.065,
      10.33,
      4.235,
      10.5,
      4.405,
      10.67,
      4.5725,
      10.84,
      4.7425,
      11.0075,
      4.9125,
      11.1775,
      5.0825,
      11.3475,
      5.25,
      11.5175,
      5.42,
      11.685,
      5.59,
      11.855,
      5.76,
      12.025,
      5.9275
    ],
    "SoftwareVersions": "syngo MR XA30",
    "SpacingBetweenSlices": 2,
    "StationName": "LRG10884",
    "TotalReadoutTime": 0.0277669,
    "TxRefAmp": 251.192,
    "VendorReportedEchoSpacing": 0.0007,
    "acquisition": "lowres",
    "dataset": "HCPh",
    "datatype": "dwi",
    "direction": "AP",
    "extension": ".nii.gz",
    "modality": "dwi",
    "session": "pilot004",
    "subject": "001",
    "suffix": "dwi"
  },
  "efc_shell01": 0.399,
  "efc_shell02": 0.4285,
  "efc_shell03": 0.4301,
  "efc_shell04": 0.4436,
  "efc_shell05": 0.4584,
  "fa_degenerate": 0.0,
  "fa_nans": 0.0,
  "fber_shell01": 62315.0859,
  "fber_shell02": 18544.4512,
  "fber_shell03": 13131.7197,
  "fber_shell04": 4830.3335,
  "fber_shell05": 2131.4104,
  "fd_mean": 8.8037,
  "fd_num": 139,
  "fd_perc": 94.5578231292517,
  "ndc": 0.7718,
  "provenance": {
    "md5sum": "9353ff50a0f4aabdd627d8257ea7851f",
    "settings": {
      "testing": false
    },
    "software": "mriqc",
    "version": "24.1.0.dev15+g9586c867.d20240825"
  },
  "sigma_cc": 40.7716,
  "sigma_pca": 11.206,
  "sigma_piesno": 1.3206,
  "snr_cc_shell0": 6.11,
  "snr_cc_shell1_best": 6.11,
  "snr_cc_shell1_worst": 6.11,
  "snr_cc_shell2_best": 3.78,
  "snr_cc_shell2_worst": 2.27,
  "snr_cc_shell3_best": 2.68,
  "snr_cc_shell3_worst": 1.84,
  "snr_cc_shell4_best": 2.08,
  "snr_cc_shell4_worst": 1.28,
  "spikes_global": 47.14,
  "spikes_slice_i": 211.01,
  "spikes_slice_j": 207.07,
  "spikes_slice_k": 321.71,
  "summary_bg_k": 109.4327,
  "summary_bg_mad": 1.4826,
  "summary_bg_mean": 12.0891,
  "summary_bg_median": 1.0,
  "summary_bg_n": 848092.0,
  "summary_bg_p05": 0.0,
  "summary_bg_p95": 62.0,
  "summary_bg_stdv": 33.5221,
  "summary_fg_k": 5.7728,
  "summary_fg_mad": 94.8865,
  "summary_fg_mean": 328.1621,
  "summary_fg_median": 284.0,
  "summary_fg_n": 188708.0,
  "summary_fg_p05": 98.0,
  "summary_fg_p95": 687.0,
  "summary_fg_stdv": 179.5102,
  "summary_wm_k": 24.9742,
  "summary_wm_mad": 47.4433,
  "summary_wm_mean": 257.9895,
  "summary_wm_median": 251.0,
  "summary_wm_n": 58743.0,
  "summary_wm_p05": 142.0,
  "summary_wm_p95": 375.0,
  "summary_wm_stdv": 94.9932
}
