{
  "NumberOfShells": 4,
  "bValues": [
    0.0,
    700.0,
    1000.0,
    2000.0,
    3000.0
  ],
  "bValuesEstimation": [
    700.0,
    1000.0,
    2000.0,
    3000.0
  ],
  "bdiffs_max": 0.4531,
  "bdiffs_mean": 0.1922,
  "bdiffs_median": 0.1742,
  "bdiffs_min": 0.0007,
  "bids_meta": {
    "AcquisitionMatrixPE": 148,
    "AcquisitionNumber": 1,
    "AcquisitionTime": "22:33:29.432500",
    "BandwidthPerPixelPhaseEncode": 14.077,
    "BaseResolution": 146,
    "BodyPartExamined": "BRAIN",
    "CoilCombinationMethod": "Adaptive Combine",
    "CoilString": "HeadNeck_64_CS",
    "ConversionSoftware": "dcm2niix",
    "ConversionSoftwareVersion": "v1.0.20220720",
    "Deltas": [
      0.0272,
      0.0469
    ],
    "DerivedVendorReportedEchoSpacing": 0.000959971,
    "DeviceSerialNumber": "176240",
    "DiffusionScheme": "Monopolar",
    "DwellTime": 2.1e-6,
    "EchoTime": 0.121,
    "EchoTrainLength": 64,
    "EffectiveEchoSpacing": 0.000479986,
    "FileSize": 0.32375159300863743,
    "FileSizeUnits": "GB",
    "FlipAngle": 90,
    "HeudiconvVersion": "1.1.6.post8+ga0a3635",
    "ImageOrientationPatientDICOM": [
      0.999899,
      -0.0135186,
      0.00446093,
      0.0139621,
      0.870166,
      -0.492562
    ],
    "ImageType": [
      "ORIGINAL",
      "PRIMARY",
      "DIFFUSION",
      "NONE",
      "ND",
      "NORM",
      "MFSPLIT"
    ],
    "ImageTypeText": [
      "ORIGINAL",
      "PRIMARY",
      "DIFFUSION",
      "NONE"
    ],
    "ImagingFrequency": 123.261,
    "InPlanePhaseEncodingDirectionDICOM": "ROW",
    "InstitutionAddress": "Rue de Bugnon 46,Lausanne,,CH,1011",
    "InstitutionName": "Radiologie-CHUV",
    "MRAcquisitionType": "2D",
    "MagneticFieldStrength": 3,
    "Manufacturer": "Siemens",
    "ManufacturersModelName": "MAGNETOM Vida",
    "Modality": "MR",
    "MultibandAccelerationFactor": 3,
    "NonlinearGradientCorrection": false,
    "NumberOfVolumes": 280,
    "ParallelReductionFactorInPlane": 2,
    "PartialFourier": 0.875,
    "PatientPosition": "HFS",
    "PercentPhaseFOV": 101.37,
    "PercentSampling": 100,
    "PhaseEncodingDirection": "i",
    "PhaseEncodingSteps": 148,
    "PhaseResolution": 1,
    "PixelBandwidth": 1631,
    "ProcedureStepDescription": "Research Oscar",
    "ProtocolName": "dwi-dwi_acq-highres_dir-RL",
    "PulseSequenceDetails": "%SiemensSeq%\\ep2d_diff",
    "ReceiveCoilActiveElements": "HC1-7;NC1",
    "ReceiveCoilName": "HeadNeck_64_CS",
    "ReconMatrixPE": 148,
    "RefLinesPE": 54,
    "RepetitionTime": 7,
    "SAR": 0.161089,
    "ScanOptions": "PFP\\FS\\PER",
    "ScanningSequence": "GR\\EP",
    "SequenceName": "*ep_b0",
    "SequenceVariant": "SK",
    "SeriesDescription": "dwi-dwi_acq-highres_dir-RL",
    "SeriesNumber": 18,
    "ShimSetting": [
      -8790,
      8489,
      9441,
      643,
      -231,
      -188,
      -10,
      156
    ],
    "SliceThickness": 1.6,
    "SliceTiming": [
      0,
      -0.001,
      -0.001,
      -0.001,
      -0.001,
      -0.001,
      -0.001,
      -0.001,
      -0.001,
      -0.001,
      -0.001,
      -0.001,
      -0.001,
      -0.001,
      -0.001,
      -0.001,
      -0.001,
      -0.001,
      -0.001,
      -0.001,
      -0.001,
      -0.001,
      -0.001,
      -0.001,
      -0.001,
      -0.001,
      -0.001,
      -0.001,
      -0.001,
      -0.001,
      -0.001,
      -0.001,
      -0.001,
      -0.001,
      -0.001,
      -0.001,
      -0.001,
      -0.001,
      -0.001,
      -0.001,
      -0.001,
      -0.001,
      -0.001,
      -0.001,
      -0.001,
      -0.001,
      -0.001,
      -0.001,
      -0.001,
      -0.001,
      -0.001,
      -0.001,
      -0.001,
      -0.001,
      -0.001,
      -0.001,
      -0.001,
      -0.001,
      -0.001,
      -0.001,
      -0.001,
      -0.001,
      -0.001,
      -0.001,
      -0.001,
      -0.001,
      -0.001,
      -0.001,
      -0.001,
      -0.001,
      -0.001,
      -0.001,
      -0.001,
      -0.001,
      -0.001,
      -0.001,
      -0.001,
      -0.001,
      -0.001,
      -0.001,
      -0.001,
      -0.001,
      -0.001,
      -0.001,
      -0.001,
      -0.001,
      -0.001
    ],
    "SoftwareVersions": "syngo MR XA50",
    "SpacingBetweenSlices": 1.6,
    "StationName": "LRG08892",
    "TotalReadoutTime": 0.0705579,
    "TxRefAmp": 315.984,
    "VendorReportedEchoSpacing": 0.00096,
    "acquisition": "highres",
    "dataset": "HCPh",
    "datatype": "dwi",
    "direction": "RL",
    "extension": ".nii.gz",
    "modality": "dwi",
    "session": "20601034",
    "subject": "001",
    "suffix": "dwi"
  },
  "efc_shell01": 0.3384,
  "efc_shell02": 0.4304,
  "efc_shell03": 0.4266,
  "efc_shell04": 0.4432,
  "efc_shell05": 0.4553,
  "fa_degenerate": 0.0,
  "fa_nans": 0.0,
  "fber_shell01": 22256.9492,
  "fber_shell02": 7921.1572,
  "fber_shell03": 7830.7998,
  "fber_shell04": 2255.3137,
  "fber_shell05": 1201.7275,
  "fd_mean": 34.0732,
  "fd_num": 268,
  "fd_perc": 95.71428571428571,
  "ndc": 0.6062,
  "provenance": {
    "md5sum": "c0ec3eb3fa487d7636e89cf01f0a5cca",
    "settings": {
      "testing": false
    },
    "software": "mriqc",
    "version": "24.1.0.dev15+g9586c867.d20240825"
  },
  "sigma_cc": 56.3389,
  "sigma_pca": 13.7038,
  "sigma_piesno": 0.3301,
  "snr_cc_shell0": 3.27,
  "snr_cc_shell1_best": 3.29,
  "snr_cc_shell1_worst": 3.29,
  "snr_cc_shell2_best": 2.36,
  "snr_cc_shell2_worst": 1.5,
  "snr_cc_shell3_best": 1.69,
  "snr_cc_shell3_worst": 1.44,
  "snr_cc_shell4_best": 1.07,
  "snr_cc_shell4_worst": 1.02,
  "spikes_global": 34.29,
  "spikes_slice_i": 187.26,
  "spikes_slice_j": 214.69,
  "spikes_slice_k": 229.74,
  "summary_bg_k": 981.6299,
  "summary_bg_mad": 1.4826,
  "summary_bg_mean": 7.8944,
  "summary_bg_median": 1.0,
  "summary_bg_n": 1511659.0,
  "summary_bg_p05": 0.0,
  "summary_bg_p95": 30.0,
  "summary_bg_stdv": 42.3055,
  "summary_fg_k": 11.9112,
  "summary_fg_mad": 96.3691,
  "summary_fg_mean": 292.4011,
  "summary_fg_median": 212.0,
  "summary_fg_n": 368237.0,
  "summary_fg_p05": 78.0,
  "summary_fg_p95": 816.0,
  "summary_fg_stdv": 251.4885,
  "summary_wm_k": 30.8881,
  "summary_wm_mad": 54.8563,
  "summary_wm_mean": 195.319,
  "summary_wm_median": 185.0,
  "summary_wm_n": 122613.0,
  "summary_wm_p05": 78.0,
  "summary_wm_p95": 325.0,
  "summary_wm_stdv": 94.0683
}
