{
  "NumberOfShells": 4,
  "bValues": [
    0.0,
    700.0,
    1000.0,
    2000.0,
    3000.0
  ],
  "bValuesEstimation": [
    700.0,
    1000.0,
    2000.0,
    3000.0
  ],
  "bdiffs_max": 0.2615,
  "bdiffs_mean": 0.1155,
  "bdiffs_median": 0.1067,
  "bdiffs_min": 0.0126,
  "bids_meta": {
    "AcquisitionMatrixPE": 146,
    "AcquisitionNumber": 1,
    "AcquisitionTime": "18:49:22.365000",
    "B0FieldSource": [
      "pilot014pepolarb0",
      "pilot014phasediff"
    ],
    "BandwidthPerPixelPhaseEncode": 19.569,
    "BaseResolution": 146,
    "BodyPartExamined": "BRAIN",
    "CoilCombinationMethod": "Adaptive Combine",
    "CoilString": "HeadNeck_64",
    "ConversionSoftware": "dcm2niix",
    "ConversionSoftwareVersion": "v1.0.20220720",
    "Deltas": [
      0.0233,
      0.0475
    ],
    "DerivedVendorReportedEchoSpacing": 0.000700017,
    "DeviceSerialNumber": "67014",
    "DiffusionScheme": "Monopolar",
    "DwellTime": 2.1e-6,
    "EchoTime": 0.098,
    "EchoTrainLength": 64,
    "EffectiveEchoSpacing": 0.000350008,
    "FileSize": 0.21572232898324728,
    "FileSizeUnits": "GB",
    "FlipAngle": 90,
    "HeudiconvVersion": "1.0.0",
    "ImageOrientationPatientDICOM": [
      0.998727,
      0.0493281,
      0.0105807,
      -0.0451772,
      0.967801,
      -0.247628
    ],
    "ImageType": [
      "ORIGINAL",
      "PRIMARY",
      "DIFFUSION",
      "NONE",
      "ND",
      "MFSPLIT"
    ],
    "ImageTypeText": [
      "ORIGINAL",
      "PRIMARY",
      "DIFFUSION",
      "NONE"
    ],
    "ImagingFrequency": 123.248,
    "InPlanePhaseEncodingDirectionDICOM": "COL",
    "InstitutionAddress": "Rue du Bugnon 21,Lausanne,District,CH,1011",
    "InstitutionName": "CHUV",
    "MRAcquisitionType": "2D",
    "MagneticFieldStrength": 3,
    "Manufacturer": "Siemens",
    "ManufacturersModelName": "MAGNETOM Prisma Fit",
    "Modality": "MR",
    "MultibandAccelerationFactor": 3,
    "NonlinearGradientCorrection": false,
    "NumberOfVolumes": 141,
    "ParallelReductionFactorInPlane": 2,
    "PartialFourier": 0.875,
    "PatientPosition": "HFS",
    "PercentPhaseFOV": 100,
    "PercentSampling": 100,
    "PhaseEncodingDirection": "j",
    "PhaseEncodingSteps": 146,
    "PhaseResolution": 1,
    "PixelBandwidth": 1631,
    "ProcedureStepDescription": "RESEARCH Oscar",
    "ProtocolName": "dwi-dwi_acq-highres_dir-PA__140dir_monopolar",
    "PulseSequenceDetails": "%SiemensSeq%\\ep2d_diff",
    "ReceiveCoilActiveElements": "HC1-7",
    "ReceiveCoilName": "HeadNeck_64",
    "ReconMatrixPE": 146,
    "RefLinesPE": 54,
    "RepetitionTime": 7.8,
    "SAR": 0.152393,
    "ScanOptions": "PFP\\FS\\PER",
    "ScanningSequence": "GR\\EP",
    "SequenceName": "*ep_b0",
    "SequenceVariant": "SK",
    "SeriesDescription": "dwi-dwi_acq-highres_dir-PA__140dir_monopolar",
    "SeriesNumber": 7,
    "ShimSetting": [
      8245,
      -5633,
      -6033,
      663,
      -21,
      -270,
      39,
      2
    ],
    "SliceThickness": 1.6,
    "SliceTiming": [
      0,
      6.1425,
      0.14,
      6.2825,
      0.2775,
      6.4225,
      0.4175,
      6.5625,
      0.5575,
      6.7025,
      0.6975,
      6.8425,
      0.8375,
      6.9825,
      0.9775,
      7.12,
      1.1175,
      7.26,
      1.255,
      7.4,
      1.395,
      7.54,
      1.535,
      7.68,
      1.675,
      7.82,
      1.815,
      7.96,
      1.955,
      8.0975,
      2.095,
      8.2375,
      2.2325,
      8.3775,
      2.3725,
      8.5175,
      2.5125,
      8.6575,
      2.6525,
      8.7975,
      2.7925,
      8.9375,
      2.9325,
      9.075,
      3.0725,
      9.215,
      3.21,
      9.355,
      3.35,
      9.495,
      3.49,
      9.635,
      3.63,
      9.775,
      3.77,
      9.915,
      3.91,
      10.0525,
      4.05,
      10.1925,
      4.1875,
      10.3325,
      4.3275,
      10.4725,
      4.4675,
      10.6125,
      4.6075,
      10.7525,
      4.7475,
      10.8925,
      4.8875,
      11.03,
      5.0275,
      11.17,
      5.165,
      11.31,
      5.305,
      11.45,
      5.445,
      11.59,
      5.585,
      11.73,
      5.725,
      11.87,
      5.865,
      12.0075,
      6.005
    ],
    "SoftwareVersions": "syngo MR XA30",
    "SpacingBetweenSlices": 1.6,
    "StationName": "LRG10884",
    "TotalReadoutTime": 0.0507512,
    "TxRefAmp": 246.09,
    "VendorReportedEchoSpacing": 0.0007,
    "acquisition": "highres",
    "dataset": "HCPh",
    "datatype": "dwi",
    "direction": "PA",
    "extension": ".nii.gz",
    "modality": "dwi",
    "session": "pilot014",
    "subject": "001",
    "suffix": "dwi"
  },
  "efc_shell01": 0.3653,
  "efc_shell02": 0.4713,
  "efc_shell03": 0.4905,
  "efc_shell04": 0.5499,
  "efc_shell05": 0.5906,
  "fa_degenerate": 0.0,
  "fa_nans": 0.0,
  "fber_shell01": 1755.2631,
  "fber_shell02": 557.2994,
  "fber_shell03": 348.9809,
  "fber_shell04": 114.4609,
  "fber_shell05": 51.0785,
  "fd_mean": 17.1354,
  "fd_num": 140,
  "fd_perc": 99.29078014184397,
  "ndc": 0.6543,
  "provenance": {
    "md5sum": "f0279ab889b6bfc432deed9747604628",
    "settings": {
      "testing": false
    },
    "software": "mriqc",
    "version": "24.1.0.dev15+g9586c867.d20240825"
  },
  "sigma_cc": 48.9259,
  "sigma_pca": 15.4472,
  "sigma_piesno": 1.3206,
  "snr_cc_shell0": 3.58,
  "snr_cc_shell1_best": 3.43,
  "snr_cc_shell1_worst": 3.43,
  "snr_cc_shell2_best": 2.3,
  "snr_cc_shell2_worst": 2.13,
  "snr_cc_shell3_best": 1.9,
  "snr_cc_shell3_worst": 1.15,
  "snr_cc_shell4_best": 1.19,
  "snr_cc_shell4_worst": 0.78,
  "spikes_global": 66.57,
  "spikes_slice_i": 359.02,
  "spikes_slice_j": 321.61,
  "spikes_slice_k": 409.24,
  "summary_bg_k": 839.4269,
  "summary_bg_mad": 5.9304,
  "summary_bg_mean": 24.3861,
  "summary_bg_median": 7.0,
  "summary_bg_n": 1503950.0,
  "summary_bg_p05": 2.0,
  "summary_bg_p95": 92.0,
  "summary_bg_stdv": 102.6909,
  "summary_fg_k": 10.5856,
  "summary_fg_mad": 171.9819,
  "summary_fg_mean": 407.8884,
  "summary_fg_median": 309.0,
  "summary_fg_n": 350542.0,
  "summary_fg_p05": 103.0,
  "summary_fg_p95": 1090.0,
  "summary_fg_stdv": 335.3366,
  "summary_wm_k": 19.7375,
  "summary_wm_mad": 83.0257,
  "summary_wm_mean": 223.9037,
  "summary_wm_median": 219.0,
  "summary_wm_n": 116269.0,
  "summary_wm_p05": 83.0,
  "summary_wm_p95": 371.0,
  "summary_wm_stdv": 98.6213
}
