{
  "bids_meta": {
    "AcquisitionMatrixPE": 216,
    "AcquisitionNumber": 1,
    "AcquisitionTime": "22:17:29.870000",
    "BaseResolution": 256,
    "BodyPartExamined": "BRAIN",
    "CoilCombinationMethod": "Adaptive Combine",
    "CoilString": "HeadNeck_64_CS",
    "ConversionSoftware": "dcm2niix",
    "ConversionSoftwareVersion": "v1.0.20220720",
    "DeviceSerialNumber": "176240",
    "DwellTime": 7.5e-6,
    "EchoTime": 0.00246,
    "FileSize": 0.009356193244457245,
    "FileSizeUnits": "GB",
    "FlipAngle": 8,
    "HeudiconvVersion": "1.1.6.post8+ga0a3635",
    "ImageOrientationPatientDICOM": [
      0.999266,
      0.0193288,
      0.0330617,
      -0.01657,
      0.996513,
      -0.0817738
    ],
    "ImageType": [
      "ORIGINAL",
      "PRIMARY",
      "M",
      "NORM",
      "DIS2D",
      "FM3",
      "2",
      "FIL",
      "MFSPLIT"
    ],
    "ImageTypeText": [
      "ORIGINAL",
      "PRIMARY",
      "M",
      "NONE"
    ],
    "ImagingFrequency": 123.261,
    "InPlanePhaseEncodingDirectionDICOM": "ROW",
    "InstitutionAddress": "Rue de Bugnon 46,Lausanne,,CH,1011",
    "InstitutionName": "Radiologie-CHUV",
    "InversionTime": 0.9,
    "MRAcquisitionType": "3D",
    "MagneticFieldStrength": 3,
    "Manufacturer": "Siemens",
    "ManufacturersModelName": "MAGNETOM Vida",
    "MatrixCoilMode": "GRAPPA",
    "Modality": "MR",
    "NonlinearGradientCorrection": true,
    "NumberOfVolumes": 1,
    "ParallelReductionFactorInPlane": 2,
    "PartialFourier": 1,
    "PatientPosition": "HFS",
    "PercentPhaseFOV": 84.375,
    "PercentSampling": 100,
    "PhaseEncodingSteps": 216,
    "PhaseResolution": 1,
    "PixelBandwidth": 260,
    "ProcedureStepDescription": "Research Oscar",
    "ProtocolName": "anat-T1w__t1_mprage_tra_p2_iso_siemens_axial",
    "PulseSequenceDetails": "%SiemensSeq%\\tfl",
    "ReceiveCoilActiveElements": "HC1-7;NC1",
    "ReceiveCoilName": "HeadNeck_64_CS",
    "ReconMatrixPE": 216,
    "RefLinesPE": 24,
    "RepetitionTime": 2.2,
    "SAR": 0.047954,
    "ScanOptions": "PER",
    "ScanningSequence": "GR",
    "SequenceName": "*tfl3d1_240",
    "SequenceVariant": "SK",
    "SeriesDescription": "anat-T1w__t1_mprage_tra_p2_iso_siemens_axial",
    "SeriesNumber": 5,
    "ShimSetting": [
      -8778,
      8428,
      9145,
      105,
      -256,
      11,
      89,
      62
    ],
    "SliceThickness": 0.9,
    "SoftwareVersions": "syngo MR XA50",
    "StationName": "LRG08892",
    "TxRefAmp": 319.737,
    "acquisition": "undistorted",
    "dataset": "HCPh",
    "datatype": "anat",
    "extension": ".nii.gz",
    "modality": "T1w",
    "session": "21101034",
    "subject": "001",
    "suffix": "T1w"
  },
  "cjv": 0.6047737254901961,
  "cnr": 1.613047694972761,
  "efc": 0.5278,
  "fber": 16716.9689,
  "fwhm_avg": 4.675232113789818,
  "fwhm_x": 4.373045331221695,
  "fwhm_y": 5.1828953361841155,
  "fwhm_z": 4.469755673963644,
  "icvs_csf": 0.27355844403222057,
  "icvs_gm": 0.3769284282529689,
  "icvs_wm": 0.3495131277148105,
  "inu_med": 0.5334172248840332,
  "inu_range": 0.2528685927391052,
  "provenance": {
    "md5sum": "7be6dae5d864f7e2b59b2690515485d1",
    "settings": {
      "testing": false
    },
    "software": "mriqc",
    "version": "24.1.0.dev15+g9586c867.d20240825",
    "warnings": {
      "large_rot_frame": true,
      "small_air_mask": false
    }
  },
  "qi_1": 0.0,
  "qi_2": 0.0006551297460870649,
  "rpve_csf": 5.380802507611652,
  "rpve_gm": 5.27968771556692,
  "rpve_wm": 5.363721275170128,
  "size_x": 216,
  "size_y": 256,
  "size_z": 208,
  "snr_csf": 1.6913304527310613,
  "snr_gm": 5.444312364407072,
  "snr_total": 5.883442929992164,
  "snr_wm": 10.51468597283836,
  "snrd_csf": 57.249455902206726,
  "snrd_gm": 113.05159409902058,
  "snrd_total": 108.11999302879303,
  "snrd_wm": 154.05892908515182,
  "spacing_x": 0.8984379768371582,
  "spacing_y": 0.8984379768371582,
  "spacing_z": 0.8999999761581421,
  "summary_bg_k": 30.7658,
  "summary_bg_mad": 0.0,
  "summary_bg_mean": 2.5056,
  "summary_bg_median": 0.0,
  "summary_bg_n": 3672864.0,
  "summary_bg_p05": 0.0,
  "summary_bg_p95": 11.0,
  "summary_bg_stdv": 4.0739,
  "summary_csf_k": 0.8122,
  "summary_csf_mad": 168.8044,
  "summary_csf_mean": 370.9914,
  "summary_csf_median": 356.0,
  "summary_csf_n": 574830.0004323507,
  "summary_csf_p05": 44.0,
  "summary_csf_p95": 722.0,
  "summary_csf_stdv": 210.485,
  "summary_gm_k": -0.4599,
  "summary_gm_mad": 86.9316,
  "summary_gm_mean": 707.086,
  "summary_gm_median": 703.0,
  "summary_gm_n": 792041.9687359361,
  "summary_gm_p05": 497.0,
  "summary_gm_p95": 951.0,
  "summary_gm_stdv": 129.1255,
  "summary_wm_k": 0.1368,
  "summary_wm_mad": 67.2857,
  "summary_wm_mean": 934.5584,
  "summary_wm_median": 958.0,
  "summary_wm_n": 734434.0331594842,
  "summary_wm_p05": 754.0,
  "summary_wm_p95": 1047.0,
  "summary_wm_stdv": 91.1106,
  "tpm_overlap_csf": 0.201053393633392,
  "tpm_overlap_gm": 0.5471139276546749,
  "tpm_overlap_wm": 0.5552715624799597,
  "wm2max": 0.5014843358300981
}
