{
  "bids_meta": {
    "AcquisitionMatrixPE": 320,
    "AcquisitionNumber": 1,
    "AcquisitionTime": "23:28:29.880000",
    "BaseResolution": 320,
    "BodyPartExamined": "BRAIN",
    "CoilCombinationMethod": "Adaptive Combine",
    "CoilString": "HeadNeck_64_CS",
    "ConversionSoftware": "dcm2niix",
    "ConversionSoftwareVersion": "v1.0.20220720",
    "DeviceSerialNumber": "176240",
    "DwellTime": 2.2e-6,
    "EchoTime": 0.413,
    "EchoTrainLength": 248,
    "FileSize": 0.016547149047255516,
    "FileSizeUnits": "GB",
    "FlipAngle": 120,
    "HeudiconvVersion": "1.1.6.post8+ga0a3635",
    "ImageOrientationPatientDICOM": [
      -0.0221319,
      0.995892,
      0.0878031,
      0.0312315,
      0.0884705,
      -0.995589
    ],
    "ImageType": [
      "ORIGINAL",
      "PRIMARY",
      "M",
      "ND",
      "NORM",
      "MFSPLIT"
    ],
    "ImageTypeText": [
      "ORIGINAL",
      "PRIMARY",
      "M",
      "NONE"
    ],
    "ImagingFrequency": 123.261,
    "InPlanePhaseEncodingDirectionDICOM": "ROW",
    "InstitutionAddress": "Rue de Bugnon 46,Lausanne,,CH,1011",
    "InstitutionName": "Radiologie-CHUV",
    "MRAcquisitionType": "3D",
    "MagneticFieldStrength": 3,
    "Manufacturer": "Siemens",
    "ManufacturersModelName": "MAGNETOM Vida",
    "MatrixCoilMode": "GRAPPA",
    "Modality": "MR",
    "NonlinearGradientCorrection": false,
    "NumberOfVolumes": 1,
    "ParallelReductionFactorInPlane": 3,
    "PartialFourier": 1,
    "PatientPosition": "HFS",
    "PercentPhaseFOV": 100,
    "PercentSampling": 100,
    "PhaseEncodingDirection": "i",
    "PhaseEncodingSteps": 320,
    "PhaseResolution": 1,
    "PixelBandwidth": 710,
    "ProcedureStepDescription": "Research Oscar",
    "ProtocolName": "anat-T2w__space",
    "PulseSequenceDetails": "%SiemensSeq%\\space",
    "ReceiveCoilActiveElements": "HC1-7;NC1,2",
    "ReceiveCoilName": "HeadNeck_64_CS",
    "ReconMatrixPE": 320,
    "RefLinesPE": 24,
    "RepetitionTime": 3.2,
    "SAR": 0.147873,
    "ScanOptions": "PFP\\PER",
    "ScanningSequence": "SE",
    "SequenceName": "*spcR_282ns",
    "SequenceVariant": "SP\\SK",
    "SeriesDescription": "anat-T2w__space_ND",
    "SeriesNumber": 23,
    "ShimSetting": [
      -8778,
      8428,
      9145,
      105,
      -256,
      11,
      89,
      62
    ],
    "SliceThickness": 0.8,
    "SoftwareVersions": "syngo MR XA50",
    "StationName": "LRG08892",
    "TxRefAmp": 319.737,
    "acquisition": "original",
    "dataset": "HCPh",
    "datatype": "anat",
    "extension": ".nii.gz",
    "modality": "T2w",
    "session": "21101034",
    "subject": "001",
    "suffix": "T2w"
  },
  "cjv": 1.427198104265403,
  "cnr": 0.6626074921954989,
  "efc": 0.464,
  "fber": -1.0,
  "fwhm_avg": 2.6699832935474817,
  "fwhm_x": 2.5358874622123317,
  "fwhm_y": 2.9006374567771336,
  "fwhm_z": 2.5734249616529796,
  "icvs_csf": 0.27588482874936393,
  "icvs_gm": 0.3460271093542752,
  "icvs_wm": 0.3780880618963609,
  "inu_med": 0.9690991044044495,
  "inu_range": 0.2882035851478577,
  "provenance": {
    "md5sum": "9eaf3759c645da447be5cbb8fdbd7581",
    "settings": {
      "testing": false
    },
    "software": "mriqc",
    "version": "24.1.0.dev15+g9586c867.d20240825",
    "warnings": {
      "large_rot_frame": true,
      "small_air_mask": false
    }
  },
  "qi_1": 0.0,
  "qi_2": 0.001868306946037965,
  "rpve_csf": 8.15153482642584,
  "rpve_gm": 7.996472868062457,
  "rpve_wm": 8.030168005271388,
  "size_x": 240,
  "size_y": 320,
  "size_z": 320,
  "snr_csf": 1.499879809654655,
  "snr_gm": 4.802420909912473,
  "snr_total": 4.3567824453835655,
  "snr_wm": 6.76804661658357,
  "snrd_csf": 32.17359391999066,
  "snrd_gm": 27.79594507750844,
  "snrd_total": 27.76052720661457,
  "snrd_wm": 23.312042622344617,
  "spacing_x": 0.800000011920929,
  "spacing_y": 0.800000011920929,
  "spacing_z": 0.800000011920929,
  "summary_bg_k": 689.9163,
  "summary_bg_mad": 0.0,
  "summary_bg_mean": 2.7794,
  "summary_bg_median": 0.0,
  "summary_bg_n": 7339680.0,
  "summary_bg_p05": 0.0,
  "summary_bg_p95": 15.0,
  "summary_bg_stdv": 30.8289,
  "summary_csf_k": -1.3554,
  "summary_csf_mad": 1601.7503,
  "summary_csf_mean": 1574.7983,
  "summary_csf_median": 1514.0,
  "summary_csf_n": 821247.0616149781,
  "summary_csf_p05": 95.0,
  "summary_csf_p95": 3321.0,
  "summary_csf_stdv": 1009.4136,
  "summary_gm_k": 38.2968,
  "summary_gm_mad": 173.7814,
  "summary_gm_mean": 1306.2115,
  "summary_gm_median": 1308.0,
  "summary_gm_n": 1030044.8490934948,
  "summary_gm_p05": 898.0,
  "summary_gm_p95": 1747.0,
  "summary_gm_stdv": 272.3625,
  "summary_wm_k": 92.9001,
  "summary_wm_mad": 127.3574,
  "summary_wm_mean": 1109.2715,
  "summary_wm_median": 1097.0,
  "summary_wm_n": 1125483.0911567633,
  "summary_wm_p05": 883.0,
  "summary_wm_p95": 1365.0,
  "summary_wm_stdv": 162.0851,
  "tpm_overlap_csf": 0.20983333014694366,
  "tpm_overlap_gm": 0.5070293152305843,
  "tpm_overlap_wm": 0.5210891052529709,
  "wm2max": 0.3006019873940788
}
