{
  "bids_meta": {
    "AcquisitionMatrixPE": 320,
    "AcquisitionNumber": 1,
    "AcquisitionTime": "23:28:29.880000",
    "BaseResolution": 320,
    "BodyPartExamined": "BRAIN",
    "CoilCombinationMethod": "Adaptive Combine",
    "CoilString": "HeadNeck_64_CS",
    "ConversionSoftware": "dcm2niix",
    "ConversionSoftwareVersion": "v1.0.20220720",
    "DeviceSerialNumber": "176240",
    "DwellTime": 2.2e-6,
    "EchoTime": 0.413,
    "EchoTrainLength": 248,
    "FileSize": 0.015551098622381687,
    "FileSizeUnits": "GB",
    "FlipAngle": 120,
    "HeudiconvVersion": "1.1.6.post8+ga0a3635",
    "ImageOrientationPatientDICOM": [
      -0.0221319,
      0.995892,
      0.0878031,
      0.0312315,
      0.0884705,
      -0.995589
    ],
    "ImageType": [
      "ORIGINAL",
      "PRIMARY",
      "M",
      "NORM",
      "DIS3D",
      "MFSPLIT"
    ],
    "ImageTypeText": [
      "ORIGINAL",
      "PRIMARY",
      "M",
      "NONE"
    ],
    "ImagingFrequency": 123.261,
    "InPlanePhaseEncodingDirectionDICOM": "ROW",
    "InstitutionAddress": "Rue de Bugnon 46,Lausanne,,CH,1011",
    "InstitutionName": "Radiologie-CHUV",
    "MRAcquisitionType": "3D",
    "MagneticFieldStrength": 3,
    "Manufacturer": "Siemens",
    "ManufacturersModelName": "MAGNETOM Vida",
    "MatrixCoilMode": "GRAPPA",
    "Modality": "MR",
    "NonlinearGradientCorrection": true,
    "NumberOfVolumes": 1,
    "ParallelReductionFactorInPlane": 3,
    "PartialFourier": 1,
    "PatientPosition": "HFS",
    "PercentPhaseFOV": 100,
    "PercentSampling": 100,
    "PhaseEncodingDirection": "i",
    "PhaseEncodingSteps": 320,
    "PhaseResolution": 1,
    "PixelBandwidth": 710,
    "ProcedureStepDescription": "Research Oscar",
    "ProtocolName": "anat-T2w__space",
    "PulseSequenceDetails": "%SiemensSeq%\\space",
    "ReceiveCoilActiveElements": "HC1-7;NC1,2",
    "ReceiveCoilName": "HeadNeck_64_CS",
    "ReconMatrixPE": 320,
    "RefLinesPE": 24,
    "RepetitionTime": 3.2,
    "SAR": 0.147873,
    "ScanOptions": "PFP\\PER",
    "ScanningSequence": "SE",
    "SequenceName": "*spcR_282ns",
    "SequenceVariant": "SP\\SK",
    "SeriesDescription": "anat-T2w__space",
    "SeriesNumber": 24,
    "ShimSetting": [
      -8778,
      8428,
      9145,
      105,
      -256,
      11,
      89,
      62
    ],
    "SliceThickness": 0.8,
    "SoftwareVersions": "syngo MR XA50",
    "StationName": "LRG08892",
    "TxRefAmp": 319.737,
    "acquisition": "undistorted",
    "dataset": "HCPh",
    "datatype": "anat",
    "extension": ".nii.gz",
    "modality": "T2w",
    "session": "21101034",
    "subject": "001",
    "suffix": "T2w"
  },
  "cjv": 1.4867797356828194,
  "cnr": 0.6408834899302013,
  "efc": 0.4671,
  "fber": -1.0,
  "fwhm_avg": 2.6939791265232493,
  "fwhm_x": 2.572137461672165,
  "fwhm_y": 2.9058874566989026,
  "fwhm_z": 2.603912461198681,
  "icvs_csf": 0.2756442034691704,
  "icvs_gm": 0.34173546616576644,
  "icvs_wm": 0.38262033036506304,
  "inu_med": 1.019247055053711,
  "inu_range": 0.30275873839855194,
  "provenance": {
    "md5sum": "8827f492e23abccd910e6095be4e1e20",
    "settings": {
      "testing": false
    },
    "software": "mriqc",
    "version": "24.1.0.dev15+g9586c867.d20240825",
    "warnings": {
      "large_rot_frame": true,
      "small_air_mask": false
    }
  },
  "qi_1": 0.0,
  "qi_2": 0.001929834946887114,
  "rpve_csf": 8.246202710053616,
  "rpve_gm": 8.097963617152654,
  "rpve_wm": 8.136920827528304,
  "size_x": 240,
  "size_y": 320,
  "size_z": 320,
  "snr_csf": 1.4326345140442844,
  "snr_gm": 4.214028451662421,
  "snr_total": 4.112938442333612,
  "snr_wm": 6.692152361294133,
  "snrd_csf": 31.27200428125903,
  "snrd_gm": 26.557024254316623,
  "snrd_total": 26.604039724670752,
  "snrd_wm": 21.983090638436597,
  "spacing_x": 0.800000011920929,
  "spacing_y": 0.800000011920929,
  "spacing_z": 0.800000011920929,
  "summary_bg_k": 660.5215,
  "summary_bg_mad": 0.0,
  "summary_bg_mean": 2.5271,
  "summary_bg_median": 0.0,
  "summary_bg_n": 7429568.0,
  "summary_bg_p05": 0.0,
  "summary_bg_p95": 14.0,
  "summary_bg_stdv": 32.5138,
  "summary_csf_k": -1.4107,
  "summary_csf_mad": 1741.8455,
  "summary_csf_mean": 1619.2009,
  "summary_csf_median": 1552.0,
  "summary_csf_n": 810877.9900670797,
  "summary_csf_p05": 15.0,
  "summary_csf_p95": 3479.0,
  "summary_csf_stdv": 1083.3182,
  "summary_gm_k": 26.9109,
  "summary_gm_mad": 208.7983,
  "summary_gm_mean": 1316.2275,
  "summary_gm_median": 1318.0,
  "summary_gm_n": 1005302.3588073612,
  "summary_gm_p05": 854.0,
  "summary_gm_p95": 1829.0,
  "summary_gm_stdv": 312.7647,
  "summary_wm_k": 95.9609,
  "summary_wm_mad": 128.7007,
  "summary_wm_mean": 1104.7772,
  "summary_wm_median": 1091.0,
  "summary_wm_n": 1125575.6534707083,
  "summary_wm_p05": 878.0,
  "summary_wm_p95": 1365.0,
  "summary_wm_stdv": 163.0267,
  "tpm_overlap_csf": 0.21429256346060807,
  "tpm_overlap_gm": 0.49961165202600333,
  "tpm_overlap_wm": 0.5207758317973747,
  "wm2max": 0.2932474126564912
}
